{
  "bids_meta": {
    "AcquisitionMatrixPE": 240,
    "AcquisitionNumber": 5,
    "AcquisitionTime": "08:46:23.300000",
    "CoilString": "MULTI_COIL",
    "ConversionSoftware": "dcm2niix",
    "ConversionSoftwareVersion": "v1.0.20190410  (JP2:OpenJPEG) GCC6.3.0",
    "Dcm2bidsVersion": "2.1.4",
    "DeviceSerialNumber": "42451",
    "EchoTime": 0.003501,
    "EchoTrainLength": 240,
    "FlipAngle": 8,
    "ImageOrientationPatientDICOM": [
      -0.0042116,
      0.999989,
      0.00187739,
      -0.00362181,
      0.00186214,
      -0.999992
    ],
    "ImageType": [
      "ORIGINAL",
      "PRIMARY",
      "M",
      "FFE",
      "M",
      "FFE"
    ],
    "ImagingFrequency": 127.766,
    "InPlanePhaseEncodingDirectionDICOM": "ROW",
    "InstitutionAddress": "Calzada_Mexico_Xochimilco_No.101_Tlalpan",
    "InstitutionName": "I.N._Psiquiatria",
    "InstitutionalDepartmentName": "Imagenes_Cerebrales",
    "MRAcquisitionType": "3D",
    "MagneticFieldStrength": 3,
    "Manufacturer": "Philips",
    "ManufacturersModelName": "Ingenia",
    "Modality": "MR",
    "PatientPosition": "HFS",
    "PercentPhaseFOV": 100,
    "PhaseEncodingSteps": 240,
    "PhilipsRescaleIntercept": 0,
    "PhilipsRescaleSlope": 12.0305,
    "PhilipsScaleSlope": 0.00452148,
    "PixelBandwidth": 310,
    "ProcedureStepDescription": "EDUARDO_TMS",
    "ProtocolName": "WIP_sT1W_3D_TFE_32_channel_SENSE",
    "ReconMatrixPE": 240,
    "RepetitionTime": 0.007,
    "SAR": 0.0382114,
    "ScanOptions": "OTHER",
    "ScanningSequence": "GR",
    "SequenceVariant": "MP",
    "SeriesDescription": "sT1W_3D_TFE_32_channel",
    "SeriesNumber": 501,
    "SliceThickness": 1,
    "SoftwareVersions": "5.1.7_5.1.7.2",
    "SpacingBetweenSlices": 1,
    "StationName": "INGENIA",
    "UsePhilipsFloatNotDisplayScaling": 1,
    "dataset": "<unset>",
    "modality": "T1w",
    "session_id": "t0",
    "subject_id": "005"
  },
  "cjv": 0.5739264278315422,
  "cnr": 2.2702710016745344,
  "efc": 0.8103477831703392,
  "fber": 400.1880361943714,
  "fwhm_avg": 4.2945166666666665,
  "fwhm_x": 4.03962,
  "fwhm_y": 4.63928,
  "fwhm_z": 4.20465,
  "icvs_csf": 0.22620726131296345,
  "icvs_gm": 0.3782972682132681,
  "icvs_wm": 0.3954954704737685,
  "inu_med": 1.451390266418457,
  "inu_range": 0.564722168445587,
  "provenance": {
    "md5sum": "a3e43ddef7fd1c41e5304102371b525e",
    "settings": {
      "testing": false
    },
    "software": "mriqc",
    "version": "21.0.0rc2",
    "warnings": {
      "large_rot_frame": true,
      "small_air_mask": true
    },
    "webapi_port": null,
    "webapi_url": "https://mriqc.nimh.nih.gov/api/v1"
  },
  "qi_1": 0.0,
  "qi_2": 0.00012758434027469685,
  "rpve_csf": 23.44231478908211,
  "rpve_gm": 13.60057320098925,
  "rpve_wm": 16.005281802440365,
  "size_x": 180,
  "size_y": 240,
  "size_z": 240,
  "snr_csf": 3.7112471715666366,
  "snr_gm": 9.609567775244031,
  "snr_total": 11.344042137924946,
  "snr_wm": 20.711311466964172,
  "snrd_csf": 15.918906323872346,
  "snrd_gm": 34.41758149084452,
  "snrd_total": 31.440436054537695,
  "snrd_wm": 43.984820348896214,
  "spacing_x": 1.0,
  "spacing_y": 1.0,
  "spacing_z": 1.0,
  "summary_bg_k": 5.880732737344763,
  "summary_bg_mad": 14.89514002370163,
  "summary_bg_mean": 20.674322002745956,
  "summary_bg_median": 20.165516383945942,
  "summary_bg_n": 125265.0,
  "summary_bg_p05": 0.0,
  "summary_bg_p95": 50.48606879636645,
  "summary_bg_stdv": 14.769187355027624,
  "summary_csf_k": 1.1652304273874554,
  "summary_csf_mad": 81.81611084961291,
  "summary_csf_mean": 379.67933166284257,
  "summary_csf_median": 361.9312662817538,
  "summary_csf_n": 38786.0,
  "summary_csf_p05": 253.12601815816015,
  "summary_csf_p95": 570.0824006767944,
  "summary_csf_stdv": 97.52155644019594,
  "summary_gm_k": 0.033955714673914894,
  "summary_gm_mad": 79.40502703282668,
  "summary_gm_mean": 787.2744532465285,
  "summary_gm_median": 782.5159968845546,
  "summary_gm_n": 13469.0,
  "summary_gm_p05": 660.5760589227081,
  "summary_gm_p95": 930.9385341405869,
  "summary_gm_stdv": 81.42790246847746,
  "summary_wm_k": 0.5304193922635903,
  "summary_wm_mad": 45.43553503632728,
  "summary_wm_mean": 1000.2571747412406,
  "summary_wm_median": 1000.0361458361149,
  "summary_wm_n": 233326.0,
  "summary_wm_p05": 921.4430333701894,
  "summary_wm_p95": 1079.8941204408184,
  "summary_wm_stdv": 48.28443647457986,
  "tpm_overlap_csf": 0.1691914051771164,
  "tpm_overlap_gm": 0.4227375090122223,
  "tpm_overlap_wm": 0.5059624314308167,
  "wm2max": 0.5873662698742628
}