{
  "bids_meta": {
    "AcquisitionMatrixPE": 240,
    "AcquisitionNumber": 6,
    "AcquisitionTime": "08:56:58.640000",
    "BodyPartExamined": "BRAIN",
    "CoilString": "MULTI_COIL",
    "ConversionSoftware": "dcm2niix",
    "ConversionSoftwareVersion": "v1.0.20190410  (JP2:OpenJPEG) GCC6.3.0",
    "Dcm2bidsVersion": "2.1.4",
    "DeviceSerialNumber": "42451",
    "EchoTime": 0.0035,
    "EchoTrainLength": 240,
    "FlipAngle": 8,
    "ImageOrientationPatientDICOM": [
      -0.0040319,
      0.999932,
      -0.010944,
      0.0128476,
      -0.0108914,
      -0.999858
    ],
    "ImageType": [
      "ORIGINAL",
      "PRIMARY",
      "M",
      "FFE",
      "M",
      "FFE"
    ],
    "ImagingFrequency": 127.759,
    "InPlanePhaseEncodingDirectionDICOM": "ROW",
    "InstitutionAddress": "Calzada_Mexico_Xochimilco_No.101_Tlalpan",
    "InstitutionName": "I.N._Psiquiatria",
    "InstitutionalDepartmentName": "Imagenes_Cerebrales",
    "MRAcquisitionType": "3D",
    "MagneticFieldStrength": 3,
    "Manufacturer": "Philips",
    "ManufacturersModelName": "Ingenia",
    "Modality": "MR",
    "PatientPosition": "HFS",
    "PercentPhaseFOV": 100,
    "PhaseEncodingSteps": 240,
    "PhilipsRescaleIntercept": 0,
    "PhilipsRescaleSlope": 3.24811,
    "PhilipsScaleSlope": 0.00498183,
    "PixelBandwidth": 310,
    "ProcedureStepDescription": "EDUARDO_TMS",
    "ProtocolName": "WIP_sT1W_3D_TFE_32_channel",
    "ReconMatrixPE": 240,
    "RepetitionTime": 0.007,
    "SAR": 0.0382114,
    "ScanOptions": "OTHER",
    "ScanningSequence": "GR",
    "SequenceVariant": "MP",
    "SeriesDescription": "sT1W_3D_TFE_32_channel",
    "SeriesNumber": 601,
    "SliceThickness": 1,
    "SoftwareVersions": "5.3.1_5.3.1.1",
    "SpacingBetweenSlices": 1,
    "StationName": "PHILIPS-CTMFQSD",
    "UsePhilipsFloatNotDisplayScaling": 1,
    "dataset": "<unset>",
    "modality": "T1w",
    "session_id": "t0",
    "subject_id": "021"
  },
  "cjv": 0.4669778174106628,
  "cnr": 2.6669741009251404,
  "efc": 0.7305233341582169,
  "fber": 15171.571258974504,
  "fwhm_avg": 4.391723333333334,
  "fwhm_x": 4.21067,
  "fwhm_y": 4.7598,
  "fwhm_z": 4.2047,
  "icvs_csf": 0.23242658952026668,
  "icvs_gm": 0.37960372631793227,
  "icvs_wm": 0.38796968416180105,
  "inu_med": 1.7585480213165283,
  "inu_range": 0.7251364886760712,
  "provenance": {
    "md5sum": "d700493f5c73f35f3246fe8591252400",
    "settings": {
      "testing": false
    },
    "software": "mriqc",
    "version": "21.0.0rc2",
    "warnings": {
      "large_rot_frame": true,
      "small_air_mask": false
    },
    "webapi_port": null,
    "webapi_url": "https://mriqc.nimh.nih.gov/api/v1"
  },
  "qi_1": 0.0003083238729836381,
  "qi_2": 3.781319794124124e-05,
  "rpve_csf": 18.40641861682015,
  "rpve_gm": 10.930101667763621,
  "rpve_wm": 13.15203682699964,
  "size_x": 180,
  "size_y": 240,
  "size_z": 240,
  "snr_csf": 4.138194873197034,
  "snr_gm": 10.786101392323367,
  "snr_total": 13.81322568459622,
  "snr_wm": 26.515380788268264,
  "snrd_csf": 57.662499650756835,
  "snrd_gm": 129.4460356997721,
  "snrd_total": 117.60912763804225,
  "snrd_wm": 165.71884756359782,
  "spacing_x": 1.0,
  "spacing_y": 1.0,
  "spacing_z": 1.0,
  "summary_bg_k": 9.634365167811211,
  "summary_bg_mad": 3.9533002240075863,
  "summary_bg_mean": 6.776805507747913,
  "summary_bg_median": 2.666460480540991,
  "summary_bg_n": 545947.0,
  "summary_bg_p05": 0.0,
  "summary_bg_p95": 23.95949997007847,
  "summary_bg_stdv": 8.310332150320043,
  "summary_csf_k": 2.520152609917952,
  "summary_csf_mad": 67.5498690449992,
  "summary_csf_mean": 364.69963810481477,
  "summary_csf_median": 347.9537705332041,
  "summary_csf_n": 64063.0,
  "summary_csf_p05": 261.4677045121789,
  "summary_csf_p95": 530.8575017563999,
  "summary_csf_stdv": 84.08281037239814,
  "summary_gm_k": 0.2988155742712828,
  "summary_gm_mad": 68.12281110644957,
  "summary_gm_mean": 786.1527887222418,
  "summary_gm_median": 781.1183433793485,
  "summary_gm_n": 22508.0,
  "summary_gm_p05": 675.7738322205842,
  "summary_gm_p95": 916.2190077267587,
  "summary_gm_stdv": 72.41736033806723,
  "summary_wm_k": 0.9045879722170231,
  "summary_wm_mad": 34.0900526562973,
  "summary_wm_mean": 1000.0307113320877,
  "summary_wm_median": 999.9999689124525,
  "summary_wm_n": 280905.0,
  "summary_wm_p05": 938.0530681833625,
  "summary_wm_p95": 1061.560426093638,
  "summary_wm_stdv": 37.71389130463388,
  "tpm_overlap_csf": 0.1787043809890747,
  "tpm_overlap_gm": 0.43240422010421753,
  "tpm_overlap_wm": 0.5112639665603638,
  "wm2max": 0.6419339634342983
}