{
  "bids_meta": {
    "AcquisitionMatrixPE": 240,
    "AcquisitionTime": "11:33:24.040000",
    "CoilString": "MULTI_COIL",
    "ConversionSoftware": "dcm2niix",
    "ConversionSoftwareVersion": "v1.0.20190410  (JP2:OpenJPEG) GCC6.3.0",
    "Dcm2bidsVersion": "2.1.4",
    "DeviceSerialNumber": "42451",
    "EchoTime": 0.003501,
    "EchoTrainLength": 240,
    "FlipAngle": 8,
    "ImageOrientationPatientDICOM": [
      -3.8595e-05,
      0.999999,
      0.00149766,
      -0.036765,
      0.00149523,
      -0.999323
    ],
    "ImageType": [
      "ORIGINAL",
      "PRIMARY",
      "M",
      "FFE",
      "M",
      "FFE"
    ],
    "ImagingFrequency": 127.766,
    "InPlanePhaseEncodingDirectionDICOM": "ROW",
    "InstitutionAddress": "Calzada_Mexico_Xochimilco_No.101_Tlalpan",
    "InstitutionName": "I.N._Psiquiatria",
    "InstitutionalDepartmentName": "Imagenes_Cerebrales",
    "MRAcquisitionType": "3D",
    "MagneticFieldStrength": 3,
    "Manufacturer": "Philips",
    "ManufacturersModelName": "Ingenia",
    "Modality": "MR",
    "PatientPosition": "HFS",
    "PercentPhaseFOV": 100,
    "PhaseEncodingSteps": 240,
    "PhilipsRescaleIntercept": 0,
    "PhilipsRescaleSlope": 11.0928,
    "PhilipsScaleSlope": 0.00543742,
    "PixelBandwidth": 310,
    "ProcedureStepDescription": "EDUARDO_TMS",
    "ProtocolName": "WIP_sT1W_3D_TFE_32_channel_SENSE",
    "ReconMatrixPE": 240,
    "RepetitionTime": 0.007,
    "SAR": 0.0382114,
    "ScanOptions": "OTHER",
    "ScanningSequence": "GR",
    "SequenceVariant": "MP",
    "SeriesDescription": "sT1W_3D_TFE_32_channel",
    "SeriesNumber": 701,
    "SliceThickness": 1,
    "SoftwareVersions": "2.6.3_5.1.7.2",
    "SpacingBetweenSlices": 1,
    "StationName": "INGENIA",
    "UsePhilipsFloatNotDisplayScaling": 1,
    "dataset": "<unset>",
    "modality": "T1w",
    "session_id": "t0",
    "subject_id": "003"
  },
  "cjv": 0.40528204584149347,
  "cnr": 3.218545414134088,
  "efc": 0.8144470879086769,
  "fber": 540.6041674695855,
  "fwhm_avg": 4.260046666666667,
  "fwhm_x": 4.16796,
  "fwhm_y": 4.52798,
  "fwhm_z": 4.0842,
  "icvs_csf": 0.20987278098568105,
  "icvs_gm": 0.3875237911543,
  "icvs_wm": 0.4026034278600189,
  "inu_med": 1.1882778406143188,
  "inu_range": 0.45366511344909677,
  "provenance": {
    "md5sum": "fa4a76f3821f65ad4fab99333dd703e6",
    "settings": {
      "testing": false
    },
    "software": "mriqc",
    "version": "21.0.0rc2",
    "warnings": {
      "large_rot_frame": true,
      "small_air_mask": true
    },
    "webapi_port": null,
    "webapi_url": "https://mriqc.nimh.nih.gov/api/v1"
  },
  "qi_1": 0.0,
  "qi_2": 0.0001312260201993191,
  "rpve_csf": 19.688591715613356,
  "rpve_gm": 10.733931191774998,
  "rpve_wm": 12.721700087939855,
  "size_x": 180,
  "size_y": 240,
  "size_z": 240,
  "snr_csf": 3.283133912791169,
  "snr_gm": 12.472891741395436,
  "snr_total": 14.510683106806859,
  "snr_wm": 27.77602366623397,
  "snrd_csf": 18.146012079122556,
  "snrd_gm": 37.836212322204325,
  "snrd_total": 35.07684653621811,
  "snrd_wm": 49.24831520732745,
  "spacing_x": 1.0,
  "spacing_y": 1.0,
  "spacing_z": 1.0,
  "summary_bg_k": 2.0105168755044014,
  "summary_bg_mad": 13.303365169135555,
  "summary_bg_mean": 12.158839956641794,
  "summary_bg_median": 9.168048307299614,
  "summary_bg_n": 32858.0,
  "summary_bg_p05": 0.0,
  "summary_bg_p95": 27.69920977950096,
  "summary_bg_stdv": 9.672017537195863,
  "summary_csf_k": 1.418329832231107,
  "summary_csf_mad": 93.99116695584902,
  "summary_csf_mean": 390.63358342765946,
  "summary_csf_median": 368.47751601040363,
  "summary_csf_n": 36251.0,
  "summary_csf_p05": 245.68418814986944,
  "summary_csf_p95": 600.4583979137242,
  "summary_csf_stdv": 112.23192335575501,
  "summary_gm_k": 0.20914264286370576,
  "summary_gm_mad": 59.93744415876834,
  "summary_gm_mean": 769.4681795762607,
  "summary_gm_median": 768.311707880348,
  "summary_gm_n": 28743.0,
  "summary_gm_p05": 669.7064223624766,
  "summary_gm_p95": 872.422699004039,
  "summary_gm_stdv": 61.59745137668152,
  "summary_wm_k": 0.6589856335903441,
  "summary_wm_mad": 33.981421899422344,
  "summary_wm_mean": 1000.1369404898153,
  "summary_wm_median": 1000.0487587116659,
  "summary_wm_n": 297860.0,
  "summary_wm_p05": 941.6756000742316,
  "summary_wm_p95": 1058.958345707506,
  "summary_wm_stdv": 36.00396845870877,
  "tpm_overlap_csf": 0.1695002019405365,
  "tpm_overlap_gm": 0.43237513303756714,
  "tpm_overlap_wm": 0.5037546157836914,
  "wm2max": 0.6384098125895025
}