{
  "bids_meta": {
    "AcquisitionMatrixPE": 240,
    "AcquisitionNumber": 4,
    "AcquisitionTime": "09:50:6.300000",
    "BodyPartExamined": "BRAIN",
    "CoilString": "MULTI_COIL",
    "ConversionSoftware": "dcm2niix",
    "ConversionSoftwareVersion": "v1.0.20190410  (JP2:OpenJPEG) GCC6.3.0",
    "Dcm2bidsVersion": "2.1.4",
    "DeviceSerialNumber": "42451",
    "EchoTime": 0.0035,
    "EchoTrainLength": 240,
    "FlipAngle": 8,
    "ImageOrientationPatientDICOM": [
      -0.00420245,
      0.99999,
      0.00170259,
      0.000597461,
      0.00170512,
      -0.999998
    ],
    "ImageType": [
      "ORIGINAL",
      "PRIMARY",
      "M",
      "FFE",
      "M",
      "FFE"
    ],
    "ImagingFrequency": 127.759,
    "InPlanePhaseEncodingDirectionDICOM": "ROW",
    "InstitutionAddress": "Calzada_Mexico_Xochimilco_No.101_Tlalpan",
    "InstitutionName": "I.N._Psiquiatria",
    "InstitutionalDepartmentName": "Imagenes_Cerebrales",
    "MRAcquisitionType": "3D",
    "MagneticFieldStrength": 3,
    "Manufacturer": "Philips",
    "ManufacturersModelName": "Ingenia",
    "Modality": "MR",
    "PatientPosition": "HFS",
    "PercentPhaseFOV": 100,
    "PhaseEncodingSteps": 240,
    "PhilipsRescaleIntercept": 0,
    "PhilipsRescaleSlope": 3.45324,
    "PhilipsScaleSlope": 0.00598526,
    "PixelBandwidth": 310,
    "ProcedureStepDescription": "PROTOCOLO_EDUARDO_TMS",
    "ProtocolName": "WIP_sT1W_3D_TFE_32_channel",
    "ReconMatrixPE": 240,
    "RepetitionTime": 0.007,
    "SAR": 0.0382114,
    "ScanOptions": "OTHER",
    "ScanningSequence": "GR",
    "SequenceVariant": "MP",
    "SeriesDescription": "sT1W_3D_TFE_32_channel",
    "SeriesNumber": 401,
    "SliceThickness": 1,
    "SoftwareVersions": "5.3.1_5.3.1.0",
    "SpacingBetweenSlices": 1,
    "StationName": "PHILIPS-CTMFQSD",
    "UsePhilipsFloatNotDisplayScaling": 1,
    "dataset": "<unset>",
    "modality": "T1w",
    "session_id": "t0",
    "subject_id": "040"
  },
  "cjv": 0.5269452000150097,
  "cnr": 2.3793508503129766,
  "efc": 0.7412282505075118,
  "fber": 5303.760724852072,
  "fwhm_avg": 4.168676666666666,
  "fwhm_x": 3.97516,
  "fwhm_y": 4.52581,
  "fwhm_z": 4.00506,
  "icvs_csf": 0.22130132180622525,
  "icvs_gm": 0.38668537938048086,
  "icvs_wm": 0.3920132988132939,
  "inu_med": 1.625283122062683,
  "inu_range": 0.6369554758071898,
  "provenance": {
    "md5sum": "3b0b5db0b6a0a04e4c9ae2af6d28a012",
    "settings": {
      "testing": false
    },
    "software": "mriqc",
    "version": "21.0.0rc2",
    "warnings": {
      "large_rot_frame": true,
      "small_air_mask": false
    },
    "webapi_port": null,
    "webapi_url": "https://mriqc.nimh.nih.gov/api/v1"
  },
  "qi_1": 0.0,
  "qi_2": 0.00011419895629744488,
  "rpve_csf": 22.176046938375055,
  "rpve_gm": 12.547792914995192,
  "rpve_wm": 15.272256058630857,
  "size_x": 180,
  "size_y": 240,
  "size_z": 240,
  "snr_csf": 3.4492049734257537,
  "snr_gm": 10.896708535678053,
  "snr_total": 12.700989380341689,
  "snr_wm": 23.75705463192126,
  "snrd_csf": 28.66432256656656,
  "snrd_gm": 60.02187224499123,
  "snrd_total": 54.6483197080384,
  "snrd_wm": 75.25876431255739,
  "spacing_x": 1.0,
  "spacing_y": 1.0,
  "spacing_z": 1.0,
  "summary_bg_k": 453.44718245826976,
  "summary_bg_mad": 8.705117357149518,
  "summary_bg_mean": 9.561628391036635,
  "summary_bg_median": 5.914370186626911,
  "summary_bg_n": 470476.0,
  "summary_bg_p05": 0.0,
  "summary_bg_p95": 27.043243389576674,
  "summary_bg_stdv": 10.584593317380618,
  "summary_csf_k": 0.8008378440803261,
  "summary_csf_mad": 93.91360185304372,
  "summary_csf_mean": 403.3896221394262,
  "summary_csf_median": 380.87686846777797,
  "summary_csf_n": 36231.0,
  "summary_csf_p05": 265.4395054411143,
  "summary_csf_p95": 619.9802834764123,
  "summary_csf_stdv": 110.42301490832818,
  "summary_gm_k": 0.35423941969577744,
  "summary_gm_mad": 67.35346276334664,
  "summary_gm_mean": 798.2294189115352,
  "summary_gm_median": 797.5399623401463,
  "summary_gm_n": 15283.0,
  "summary_gm_p05": 677.9668259583414,
  "summary_gm_p95": 923.1517563980073,
  "summary_gm_stdv": 73.1885107244158,
  "summary_wm_k": 0.5142204235541001,
  "summary_wm_mad": 39.33188061369016,
  "summary_wm_mean": 1000.3332732405096,
  "summary_wm_median": 999.9999968446791,
  "summary_wm_n": 236947.0,
  "summary_wm_p05": 931.4275888837874,
  "summary_wm_p95": 1070.200999494642,
  "summary_wm_stdv": 42.092671089044465,
  "tpm_overlap_csf": 0.15690024197101593,
  "tpm_overlap_gm": 0.4273611009120941,
  "tpm_overlap_wm": 0.49863892793655396,
  "wm2max": 0.6272311743651553
}