{
  "bids_meta": {
    "AcquisitionMatrixPE": 240,
    "AcquisitionNumber": 4,
    "AcquisitionTime": "09:43:53.440000",
    "BodyPartExamined": "BRAIN",
    "CoilString": "MULTI_COIL",
    "ConversionSoftware": "dcm2niix",
    "ConversionSoftwareVersion": "v1.0.20190410  (JP2:OpenJPEG) GCC6.3.0",
    "Dcm2bidsVersion": "2.1.4",
    "DeviceSerialNumber": "42451",
    "EchoTime": 0.0035,
    "EchoTrainLength": 240,
    "FlipAngle": 8,
    "ImageOrientationPatientDICOM": [
      -0.00557306,
      0.999613,
      -0.0272525,
      -0.0533028,
      -0.0275111,
      -0.998199
    ],
    "ImageType": [
      "ORIGINAL",
      "PRIMARY",
      "M",
      "FFE",
      "M",
      "FFE"
    ],
    "ImagingFrequency": 127.759,
    "InPlanePhaseEncodingDirectionDICOM": "ROW",
    "InstitutionAddress": "Calzada_Mexico_Xochimilco_No.101_Tlalpan",
    "InstitutionName": "I.N._Psiquiatria",
    "InstitutionalDepartmentName": "Imagenes_Cerebrales",
    "MRAcquisitionType": "3D",
    "MagneticFieldStrength": 3,
    "Manufacturer": "Philips",
    "ManufacturersModelName": "Ingenia",
    "Modality": "MR",
    "PatientPosition": "HFS",
    "PercentPhaseFOV": 100,
    "PhaseEncodingSteps": 240,
    "PhilipsRescaleIntercept": 0,
    "PhilipsRescaleSlope": 8.61831,
    "PhilipsScaleSlope": 0.00574157,
    "PixelBandwidth": 310,
    "ProcedureStepDescription": "PROTOCOLO_EDUARDO_TMS",
    "ProtocolName": "WIP_sT1W_3D_TFE_32_channel",
    "ReconMatrixPE": 240,
    "RepetitionTime": 0.007,
    "SAR": 0.0382114,
    "ScanOptions": "OTHER",
    "ScanningSequence": "GR",
    "SequenceVariant": "MP",
    "SeriesDescription": "sT1W_3D_TFE_32_channel",
    "SeriesNumber": 401,
    "SliceThickness": 1,
    "SoftwareVersions": "5.3.1_5.3.1.0",
    "SpacingBetweenSlices": 1,
    "StationName": "PHILIPS-CTMFQSD",
    "UsePhilipsFloatNotDisplayScaling": 1,
    "dataset": "<unset>",
    "modality": "T1w",
    "session_id": "t3",
    "subject_id": "032"
  },
  "cjv": 0.7282442484692745,
  "cnr": 1.7961563323787213,
  "efc": 0.7495021253124247,
  "fber": 4433.390491595176,
  "fwhm_avg": 4.21077,
  "fwhm_x": 4.03405,
  "fwhm_y": 4.54637,
  "fwhm_z": 4.05189,
  "icvs_csf": 0.22861824588930013,
  "icvs_gm": 0.3771046502897619,
  "icvs_wm": 0.39427710382093795,
  "inu_med": 1.964920163154602,
  "inu_range": 0.9081523418426516,
  "provenance": {
    "md5sum": "4030c9082158fb545ebbce1e520d7e41",
    "settings": {
      "testing": false
    },
    "software": "mriqc",
    "version": "21.0.0rc2",
    "warnings": {
      "large_rot_frame": true,
      "small_air_mask": false
    },
    "webapi_port": null,
    "webapi_url": "https://mriqc.nimh.nih.gov/api/v1"
  },
  "qi_1": 0.0004753412965457038,
  "qi_2": 8.590427616223987e-05,
  "rpve_csf": 22.22827453878366,
  "rpve_gm": 12.98153736975242,
  "rpve_wm": 15.315294604610582,
  "size_x": 180,
  "size_y": 240,
  "size_z": 240,
  "snr_csf": 3.6106982825611422,
  "snr_gm": 8.885317320794123,
  "snr_total": 10.667518002398358,
  "snr_wm": 19.50653840383981,
  "snrd_csf": 25.181137805207946,
  "snrd_gm": 56.766485709973324,
  "snrd_total": 50.6532590206491,
  "snrd_wm": 70.01215354676604,
  "spacing_x": 1.0,
  "spacing_y": 1.0,
  "spacing_z": 1.0,
  "summary_bg_k": 17.88443442618287,
  "summary_bg_mad": 9.35787916542301,
  "summary_bg_mean": 10.585024335394632,
  "summary_bg_median": 6.355931997299194,
  "summary_bg_n": 382328.0,
  "summary_bg_p05": 0.0,
  "summary_bg_p95": 35.00176440179348,
  "summary_bg_stdv": 11.843246657177895,
  "summary_csf_k": 1.4322309014430212,
  "summary_csf_mad": 81.9959621977275,
  "summary_csf_mean": 380.5908987992396,
  "summary_csf_median": 359.6839572638273,
  "summary_csf_n": 42974.0,
  "summary_csf_p05": 256.7531696408987,
  "summary_csf_p95": 579.8176895327865,
  "summary_csf_stdv": 99.6150174260341,
  "summary_gm_k": -0.08321258395265918,
  "summary_gm_mad": 89.48880950151025,
  "summary_gm_mean": 818.4626572533973,
  "summary_gm_median": 810.8447830304503,
  "summary_gm_n": 11064.0,
  "summary_gm_p05": 679.0452639989555,
  "summary_gm_p95": 979.7779519878328,
  "summary_gm_stdv": 91.25258103295059,
  "summary_wm_k": 0.8282404586271084,
  "summary_wm_mad": 48.29450925931595,
  "summary_wm_mean": 1001.6862776149765,
  "summary_wm_median": 1000.0441059917212,
  "summary_wm_n": 228900.0,
  "summary_wm_p05": 920.6390944421291,
  "summary_wm_p95": 1087.3498941212893,
  "summary_wm_stdv": 51.26701113387468,
  "tpm_overlap_csf": 0.17852520942687988,
  "tpm_overlap_gm": 0.42852333188056946,
  "tpm_overlap_wm": 0.5060611367225647,
  "wm2max": 0.6298334862257804
}