{
  "bids_meta": {
    "AcquisitionMatrixPE": 240,
    "AcquisitionNumber": 4,
    "AcquisitionTime": "09:57:18.070000",
    "CoilString": "MULTI_COIL",
    "ConversionSoftware": "dcm2niix",
    "ConversionSoftwareVersion": "v1.0.20190410  (JP2:OpenJPEG) GCC6.3.0",
    "Dcm2bidsVersion": "2.1.4",
    "DeviceSerialNumber": "42451",
    "EchoTime": 0.003501,
    "EchoTrainLength": 240,
    "FlipAngle": 8,
    "ImageOrientationPatientDICOM": [
      0.00108627,
      0.999997,
      -0.00227673,
      -0.0036339,
      -0.00227277,
      -0.999991
    ],
    "ImageType": [
      "ORIGINAL",
      "PRIMARY",
      "M",
      "FFE",
      "M",
      "FFE"
    ],
    "ImagingFrequency": 127.766,
    "InPlanePhaseEncodingDirectionDICOM": "ROW",
    "InstitutionAddress": "Calzada_Mexico_Xochimilco_No.101_Tlalpan",
    "InstitutionName": "I.N._Psiquiatria",
    "InstitutionalDepartmentName": "Imagenes_Cerebrales",
    "MRAcquisitionType": "3D",
    "MagneticFieldStrength": 3,
    "Manufacturer": "Philips",
    "ManufacturersModelName": "Ingenia",
    "Modality": "MR",
    "PatientPosition": "HFS",
    "PercentPhaseFOV": 100,
    "PhaseEncodingSteps": 240,
    "PhilipsRescaleIntercept": 0,
    "PhilipsRescaleSlope": 12.3304,
    "PhilipsScaleSlope": 0.0053783,
    "PixelBandwidth": 310,
    "ProcedureStepDescription": "EDUARDO_TMS",
    "ProtocolName": "WIP_sT1W_3D_TFE_32_channel_SENSE",
    "ReconMatrixPE": 240,
    "RepetitionTime": 0.007,
    "SAR": 0.0382114,
    "ScanOptions": "OTHER",
    "ScanningSequence": "GR",
    "SequenceVariant": "MP",
    "SeriesDescription": "sT1W_3D_TFE_32_channel",
    "SeriesNumber": 401,
    "SliceThickness": 1,
    "SoftwareVersions": "5.1.7_5.1.7.2",
    "SpacingBetweenSlices": 1,
    "StationName": "INGENIA",
    "UsePhilipsFloatNotDisplayScaling": 1,
    "dataset": "<unset>",
    "modality": "T1w",
    "session_id": "t0",
    "subject_id": "012"
  },
  "cjv": 0.4970183035811254,
  "cnr": 2.739841051140633,
  "efc": 0.8175714615851183,
  "fber": 414.1040839151533,
  "fwhm_avg": 4.39677,
  "fwhm_x": 4.24287,
  "fwhm_y": 4.74342,
  "fwhm_z": 4.20402,
  "icvs_csf": 0.21647813278975161,
  "icvs_gm": 0.39915893635987004,
  "icvs_wm": 0.3843629308503783,
  "inu_med": 1.2764085531234741,
  "inu_range": 0.49523359537124634,
  "provenance": {
    "md5sum": "e217fd38fe8fd34dfa68380990d5d6fb",
    "settings": {
      "testing": false
    },
    "software": "mriqc",
    "version": "21.0.0rc2",
    "warnings": {
      "large_rot_frame": true,
      "small_air_mask": true
    },
    "webapi_port": null,
    "webapi_url": "https://mriqc.nimh.nih.gov/api/v1"
  },
  "qi_1": 0.0,
  "qi_2": 0.0002435928612633568,
  "rpve_csf": 21.776714638558555,
  "rpve_gm": 11.97315984064793,
  "rpve_wm": 14.931394121072957,
  "size_x": 180,
  "size_y": 240,
  "size_z": 240,
  "snr_csf": 3.3696836237265777,
  "snr_gm": 11.61360951192693,
  "snr_total": 12.549520381194649,
  "snr_wm": 22.66526800793044,
  "snrd_csf": 15.724931735822748,
  "snrd_gm": 32.784654188756036,
  "snrd_total": 30.21614708965863,
  "snrd_wm": 42.1388553443971,
  "spacing_x": 1.0,
  "spacing_y": 1.0,
  "spacing_z": 1.0,
  "summary_bg_k": 1.436123787221538,
  "summary_bg_mad": 15.54764668023135,
  "summary_bg_mean": 17.293360395936237,
  "summary_bg_median": 10.776017382740974,
  "summary_bg_n": 114677.0,
  "summary_bg_p05": 0.0,
  "summary_bg_p95": 42.09155783057213,
  "summary_bg_stdv": 11.408008995113233,
  "summary_csf_k": 0.788880707894398,
  "summary_csf_mad": 92.26724116095916,
  "summary_csf_mean": 397.83426308804496,
  "summary_csf_median": 373.1828838586807,
  "summary_csf_n": 36502.0,
  "summary_csf_p05": 262.312852665782,
  "summary_csf_p95": 618.9682910721748,
  "summary_csf_stdv": 110.74564074260701,
  "summary_gm_k": 0.0002703966500052779,
  "summary_gm_mad": 68.14158251922085,
  "summary_gm_mean": 780.6860362733407,
  "summary_gm_median": 778.0429194867611,
  "summary_gm_n": 24915.0,
  "summary_gm_p05": 675.9491950683296,
  "summary_gm_p95": 894.373281635344,
  "summary_gm_stdv": 66.99272130557368,
  "summary_wm_k": 0.5045351207928439,
  "summary_wm_mad": 42.193096335662325,
  "summary_wm_mean": 1000.7601489820009,
  "summary_wm_median": 1000.0361097976565,
  "summary_wm_n": 239763.0,
  "summary_wm_p05": 929.6303854882717,
  "summary_wm_p95": 1073.9494639262557,
  "summary_wm_stdv": 44.121870695621794,
  "tpm_overlap_csf": 0.1686704307794571,
  "tpm_overlap_gm": 0.4392620921134949,
  "tpm_overlap_wm": 0.5033947825431824,
  "wm2max": 0.6107957615257525
}