{
  "bids_meta": {
    "AcquisitionMatrixPE": 240,
    "AcquisitionNumber": 4,
    "AcquisitionTime": "08:11:5.910000",
    "CoilString": "MULTI_COIL",
    "ConversionSoftware": "dcm2niix",
    "ConversionSoftwareVersion": "v1.0.20190410  (JP2:OpenJPEG) GCC6.3.0",
    "Dcm2bidsVersion": "2.1.4",
    "DeviceSerialNumber": "42451",
    "EchoTime": 0.003501,
    "EchoTrainLength": 240,
    "FlipAngle": 8,
    "ImageOrientationPatientDICOM": [
      -0.00428202,
      0.999988,
      -0.00231425,
      -0.033239,
      -0.00245533,
      -0.999444
    ],
    "ImageType": [
      "ORIGINAL",
      "PRIMARY",
      "M",
      "FFE",
      "M",
      "FFE"
    ],
    "ImagingFrequency": 127.766,
    "InPlanePhaseEncodingDirectionDICOM": "ROW",
    "InstitutionAddress": "Calzada_Mexico_Xochimilco_No.101_Tlalpan",
    "InstitutionName": "I.N._Psiquiatria",
    "InstitutionalDepartmentName": "Imagenes_Cerebrales",
    "MRAcquisitionType": "3D",
    "MagneticFieldStrength": 3,
    "Manufacturer": "Philips",
    "ManufacturersModelName": "Ingenia",
    "Modality": "MR",
    "PatientPosition": "HFS",
    "PercentPhaseFOV": 100,
    "PhaseEncodingSteps": 240,
    "PhilipsRescaleIntercept": 0,
    "PhilipsRescaleSlope": 11.0637,
    "PhilipsScaleSlope": 0.0055102,
    "PixelBandwidth": 310,
    "ProcedureStepDescription": "EDUARDO_TDM",
    "ProtocolName": "WIP_sT1W_3D_TFE_32_channel_SENSE",
    "ReconMatrixPE": 240,
    "RepetitionTime": 0.007,
    "SAR": 0.0382114,
    "ScanOptions": "OTHER",
    "ScanningSequence": "GR",
    "SequenceVariant": "MP",
    "SeriesDescription": "sT1W_3D_TFE_32_channel",
    "SeriesNumber": 401,
    "SliceThickness": 1,
    "SoftwareVersions": "5.1.7_5.1.7.2",
    "SpacingBetweenSlices": 1,
    "StationName": "INGENIA",
    "UsePhilipsFloatNotDisplayScaling": 1,
    "dataset": "<unset>",
    "modality": "T1w",
    "session_id": "t0",
    "subject_id": "015"
  },
  "cjv": 0.4527688905276105,
  "cnr": 2.8601534852147896,
  "efc": 0.7896911320093445,
  "fber": 1363.5954229696843,
  "fwhm_avg": 4.118406666666666,
  "fwhm_x": 3.97738,
  "fwhm_y": 4.43689,
  "fwhm_z": 3.94095,
  "icvs_csf": 0.20544922924756936,
  "icvs_gm": 0.39066850847346923,
  "icvs_wm": 0.4038822622789614,
  "inu_med": 1.240676760673523,
  "inu_range": 0.3381710648536682,
  "provenance": {
    "md5sum": "5f2892c25e60153a2e453f96f353793b",
    "settings": {
      "testing": false
    },
    "software": "mriqc",
    "version": "21.0.0rc2",
    "warnings": {
      "large_rot_frame": true,
      "small_air_mask": true
    },
    "webapi_port": null,
    "webapi_url": "https://mriqc.nimh.nih.gov/api/v1"
  },
  "qi_1": 0.0,
  "qi_2": 0.00017523746388458243,
  "rpve_csf": 27.67041987759282,
  "rpve_gm": 14.998784731893386,
  "rpve_wm": 18.142817151861404,
  "size_x": 180,
  "size_y": 240,
  "size_z": 240,
  "snr_csf": 3.4675901594058924,
  "snr_gm": 12.2728842255589,
  "snr_total": 15.439426940607257,
  "snr_wm": 30.577806436856978,
  "snrd_csf": 22.101265723787257,
  "snrd_gm": 43.31876590428215,
  "snrd_total": 40.05295129806557,
  "snrd_wm": 54.73882226612729,
  "spacing_x": 1.0,
  "spacing_y": 1.0,
  "spacing_z": 1.0,
  "summary_bg_k": 1.5313050571391695,
  "summary_bg_mad": 11.968404916227142,
  "summary_bg_mean": 13.984068128560418,
  "summary_bg_median": 16.231934674084187,
  "summary_bg_n": 118821.0,
  "summary_bg_p05": 0.0,
  "summary_bg_p95": 32.72427471727133,
  "summary_bg_stdv": 9.670074187158326,
  "summary_csf_k": 1.2848742049833692,
  "summary_csf_mad": 114.47200186004346,
  "summary_csf_mean": 427.3630629707504,
  "summary_csf_median": 403.7585247941315,
  "summary_csf_n": 20337.0,
  "summary_csf_p05": 275.1529931731522,
  "summary_csf_p95": 624.8860840573907,
  "summary_csf_stdv": 116.43492437497906,
  "summary_gm_k": -0.020433258251463027,
  "summary_gm_mad": 63.89583914953522,
  "summary_gm_mean": 790.763497251043,
  "summary_gm_median": 791.3719167038798,
  "summary_gm_n": 22321.0,
  "summary_gm_p05": 683.8244992643595,
  "summary_gm_p95": 896.7058885060251,
  "summary_gm_stdv": 64.47988711455449,
  "summary_wm_k": 0.6596769039303778,
  "summary_wm_mad": 30.564474920472538,
  "summary_wm_mean": 1000.1822282753562,
  "summary_wm_median": 1000.0000182501972,
  "summary_wm_n": 218496.0,
  "summary_wm_p05": 947.0509265325963,
  "summary_wm_p95": 1053.7737269699574,
  "summary_wm_stdv": 32.703383479816175,
  "tpm_overlap_csf": 0.16832712292671204,
  "tpm_overlap_gm": 0.441689670085907,
  "tpm_overlap_wm": 0.5207815766334534,
  "wm2max": 0.68721664448792
}