{
  "aor": 0.0011212666666666666,
  "aqi": 0.011036855933333332,
  "bids_meta": {
    "AcquisitionMatrixPE": 70,
    "AcquisitionNumber": 3,
    "AcquisitionTime": "08:34:29.090000",
    "BodyPartExamined": "BRAIN",
    "CoilString": "MULTI_COIL",
    "ConversionSoftware": "dcm2niix",
    "ConversionSoftwareVersion": "v1.0.20190410  (JP2:OpenJPEG) GCC6.3.0",
    "Dcm2bidsVersion": "2.1.4",
    "DeviceSerialNumber": "42451",
    "EchoTime": 0.03,
    "EchoTrainLength": 35,
    "EffectiveEchoSpacing": 0.000698,
    "FlipAngle": 75,
    "ImageOrientationPatientDICOM": [
      0.999985,
      0.00421875,
      -0.00361348,
      -0.0042116,
      0.999989,
      0.00198481
    ],
    "ImageType": [
      "ORIGINAL",
      "PRIMARY",
      "M",
      "FFE",
      "M",
      "FFE"
    ],
    "ImagingFrequency": 127.759,
    "InPlanePhaseEncodingDirectionDICOM": "COL",
    "InstitutionAddress": "Calzada_Mexico_Xochimilco_No.101_Tlalpan",
    "InstitutionName": "I.N._Psiquiatria",
    "InstitutionalDepartmentName": "Imagenes_Cerebrales",
    "MRAcquisitionType": "2D",
    "MagneticFieldStrength": 3,
    "Manufacturer": "Philips",
    "ManufacturersModelName": "Ingenia",
    "Modality": "MR",
    "PartialFourier": 0.5,
    "PatientPosition": "HFS",
    "PercentPhaseFOV": 100,
    "PhaseEncodingAxis": "j",
    "PhaseEncodingDirection": "j-",
    "PhaseEncodingSteps": 70,
    "PhilipsRescaleIntercept": 0,
    "PhilipsRescaleSlope": 0.804884,
    "PhilipsScaleSlope": 0.0262982,
    "PixelBandwidth": 1819,
    "ProcedureStepDescription": "EDUARDO_TMS",
    "ProtocolName": "WIP_FE_EPI_32chSHC_AP",
    "ReconMatrixPE": 80,
    "RepetitionTime": 2,
    "SAR": 0.119138,
    "ScanOptions": "FS",
    "ScanningSequence": "GR",
    "SequenceVariant": "SK",
    "SeriesDescription": "FE_EPI_32chSHC_AP",
    "SeriesNumber": 301,
    "SliceThickness": 3.33,
    "SliceTiming": [
      0.0,
      1.027027,
      0.054054,
      1.081081,
      0.108108,
      1.135135,
      0.162162,
      1.189189,
      0.216216,
      1.243244,
      0.27027,
      1.297298,
      0.324324,
      1.351352,
      0.378378,
      1.405406,
      0.432432,
      1.45946,
      0.486486,
      1.513514,
      0.540541,
      1.567568,
      0.594595,
      1.621622,
      0.648649,
      1.675676,
      0.702703,
      1.72973,
      0.756757,
      1.783784,
      0.810811,
      1.837838,
      0.864865,
      1.891892,
      0.918919,
      1.945947,
      0.972973
    ],
    "SoftwareVersions": "5.3.1_5.3.1.0",
    "SpacingBetweenSlices": 3.33,
    "StationName": "PHILIPS-CTMFQSD",
    "TaskName": "rest",
    "TotalReadoutTime": 0.04884,
    "UsePhilipsFloatNotDisplayScaling": 1,
    "dataset": "<unset>",
    "modality": "bold",
    "session_id": "t14",
    "subject_id": "027",
    "task_id": "rest"
  },
  "dummy_trs": 0,
  "dvars_nstd": 33.44649031040134,
  "dvars_std": 1.3777457230434793,
  "dvars_vstd": 0.947718576889632,
  "efc": 0.41103284551201835,
  "fber": 98157.4296875,
  "fd_mean": 0.16161416934852468,
  "fd_num": 8,
  "fd_perc": 2.6666666666666665,
  "fwhm_avg": 1.7707202628927259,
  "fwhm_x": 1.7703166666666668,
  "fwhm_y": 1.8864266666666667,
  "fwhm_z": 1.6554174553448435,
  "gcor": 0.110758,
  "gsr_x": -0.003186347195878625,
  "gsr_y": 0.0028535195160657167,
  "provenance": {
    "md5sum": "c07bd9fb6ddcadb36ed5b1483dc9fed3",
    "settings": {
      "fd_thres": 0.5,
      "testing": false
    },
    "software": "mriqc",
    "version": "22.0.0rc1",
    "webapi_port": null,
    "webapi_url": "https://mriqc.nimh.nih.gov/api/v1"
  },
  "size_t": 300,
  "size_x": 80,
  "size_y": 80,
  "size_z": 37,
  "snr": 5.207502188298239,
  "spacing_tr": 2.0000016689300537,
  "spacing_x": 3.0,
  "spacing_y": 3.0,
  "spacing_z": 3.3299999237060547,
  "summary_bg_k": 55.81349458391026,
  "summary_bg_mad": 232.77141007876574,
  "summary_bg_mean": 1381.2783203125,
  "summary_bg_median": 187.6782684326172,
  "summary_bg_n": 164626.0,
  "summary_bg_p05": 11.912072658538818,
  "summary_bg_p95": 6360.253662109375,
  "summary_bg_stdv": 3467.033935546875,
  "summary_fg_k": 2.733763302463153,
  "summary_fg_mad": 9207.869029061607,
  "summary_fg_mean": 60103.05078125,
  "summary_fg_median": 58560.72265625,
  "summary_fg_n": 32497.0,
  "summary_fg_p05": 45483.02734375,
  "summary_fg_p95": 80564.85156249999,
  "summary_fg_stdv": 11245.2802734375,
  "tsnr": 52.03802490234375
}