{
  "bids_meta": {
    "AcquisitionMatrixPE": 240,
    "AcquisitionNumber": 4,
    "AcquisitionTime": "09:33:29.660000",
    "BodyPartExamined": "BRAIN",
    "CoilString": "MULTI_COIL",
    "ConversionSoftware": "dcm2niix",
    "ConversionSoftwareVersion": "v1.0.20190410  (JP2:OpenJPEG) GCC6.3.0",
    "Dcm2bidsVersion": "2.1.4",
    "DeviceSerialNumber": "42451",
    "EchoTime": 0.0035,
    "EchoTrainLength": 240,
    "FlipAngle": 8,
    "ImageOrientationPatientDICOM": [
      -0.00301651,
      0.999994,
      0.00154221,
      0.0340113,
      0.00164392,
      -0.99942
    ],
    "ImageType": [
      "ORIGINAL",
      "PRIMARY",
      "M",
      "FFE",
      "M",
      "FFE"
    ],
    "ImagingFrequency": 127.759,
    "InPlanePhaseEncodingDirectionDICOM": "ROW",
    "InstitutionAddress": "Calzada_Mexico_Xochimilco_No.101_Tlalpan",
    "InstitutionName": "I.N._Psiquiatria",
    "InstitutionalDepartmentName": "Imagenes_Cerebrales",
    "MRAcquisitionType": "3D",
    "MagneticFieldStrength": 3,
    "Manufacturer": "Philips",
    "ManufacturersModelName": "Ingenia",
    "Modality": "MR",
    "PatientPosition": "HFS",
    "PercentPhaseFOV": 100,
    "PhaseEncodingSteps": 240,
    "PhilipsRescaleIntercept": 0,
    "PhilipsRescaleSlope": 13.5758,
    "PhilipsScaleSlope": 0.00583952,
    "PixelBandwidth": 310,
    "ProcedureStepDescription": "EDUARDO_TMS",
    "ProtocolName": "WIP_sT1W_3D_TFE_32_channel",
    "ReconMatrixPE": 240,
    "RepetitionTime": 0.007,
    "SAR": 0.0382114,
    "ScanOptions": "OTHER",
    "ScanningSequence": "GR",
    "SequenceVariant": "MP",
    "SeriesDescription": "sT1W_3D_TFE_32_channel",
    "SeriesNumber": 401,
    "SliceThickness": 1,
    "SoftwareVersions": "5.3.1_5.3.1.0",
    "SpacingBetweenSlices": 1,
    "StationName": "PHILIPS-CTMFQSD",
    "UsePhilipsFloatNotDisplayScaling": 1,
    "dataset": "<unset>",
    "modality": "T1w",
    "session_id": "t1",
    "subject_id": "042"
  },
  "cjv": 0.45234631698004407,
  "cnr": 2.807428082830201,
  "efc": 0.7514472514507075,
  "fber": 10217.1664,
  "fwhm_avg": 4.10099,
  "fwhm_x": 3.97588,
  "fwhm_y": 4.43899,
  "fwhm_z": 3.8881,
  "icvs_csf": 0.22491630437242294,
  "icvs_gm": 0.3964201788983429,
  "icvs_wm": 0.3786635167292342,
  "inu_med": 1.7026737928390503,
  "inu_range": 0.707671892642975,
  "provenance": {
    "md5sum": "d9c4b917e4b4c6c23ef35452b60af05c",
    "settings": {
      "testing": false
    },
    "software": "mriqc",
    "version": "21.0.0rc2",
    "warnings": {
      "large_rot_frame": true,
      "small_air_mask": false
    },
    "webapi_port": null,
    "webapi_url": "https://mriqc.nimh.nih.gov/api/v1"
  },
  "qi_1": 0.0002039703970963681,
  "qi_2": 0.00010848362744158329,
  "rpve_csf": 20.905299635173723,
  "rpve_gm": 11.687371585006286,
  "rpve_wm": 14.645150076648221,
  "size_x": 180,
  "size_y": 240,
  "size_z": 240,
  "snr_csf": 3.6799338122045158,
  "snr_gm": 11.086353039576867,
  "snr_total": 12.741049432817585,
  "snr_wm": 23.45686144667137,
  "snrd_csf": 25.856195329954325,
  "snrd_gm": 56.50651607283709,
  "snrd_total": 51.92425226275271,
  "snrd_wm": 73.41004538546672,
  "spacing_x": 1.0,
  "spacing_y": 1.0,
  "spacing_z": 1.0,
  "summary_bg_k": 3.9851735535787407,
  "summary_bg_mad": 8.924342004450414,
  "summary_bg_mean": 9.194334239695925,
  "summary_bg_median": 6.019377209246159,
  "summary_bg_n": 550442.0,
  "summary_bg_p05": 0.0,
  "summary_bg_p95": 27.66439799591899,
  "summary_bg_stdv": 9.444795497290944,
  "summary_csf_k": 2.156262655942875,
  "summary_csf_mad": 79.27994232720675,
  "summary_csf_mean": 369.88591592031685,
  "summary_csf_median": 352.21602396294475,
  "summary_csf_n": 45065.0,
  "summary_csf_p05": 253.11068878769876,
  "summary_csf_p95": 555.8688709683713,
  "summary_csf_stdv": 95.71153560057832,
  "summary_gm_k": 0.27783037793893284,
  "summary_gm_mad": 65.22104738868899,
  "summary_gm_mean": 774.065851681774,
  "summary_gm_median": 769.7381677851081,
  "summary_gm_n": 19892.0,
  "summary_gm_p05": 667.1840592978522,
  "summary_gm_p95": 897.7530050091445,
  "summary_gm_stdv": 69.42939818541846,
  "summary_wm_k": 0.7226735792878332,
  "summary_wm_mad": 38.93702641667749,
  "summary_wm_mean": 998.9629818557473,
  "summary_wm_median": 999.9999603442848,
  "summary_wm_n": 241689.0,
  "summary_wm_p05": 926.2832038365304,
  "summary_wm_p95": 1066.7490815892816,
  "summary_wm_stdv": 42.63135943576104,
  "tpm_overlap_csf": 0.156873881816864,
  "tpm_overlap_gm": 0.43345656991004944,
  "tpm_overlap_wm": 0.5075457096099854,
  "wm2max": 0.6280912551466971
}