{
  "bids_meta": {
    "AcquisitionMatrixPE": 240,
    "AcquisitionNumber": 4,
    "AcquisitionTime": "12:20:48.690000",
    "BodyPartExamined": "BRAIN",
    "CoilString": "MULTI_COIL",
    "ConversionSoftware": "dcm2niix",
    "ConversionSoftwareVersion": "v1.0.20190410  (JP2:OpenJPEG) GCC6.3.0",
    "Dcm2bidsVersion": "2.1.4",
    "DeviceSerialNumber": "42451",
    "EchoTime": 0.0035,
    "EchoTrainLength": 240,
    "FlipAngle": 8,
    "ImageOrientationPatientDICOM": [
      -8.25029e-05,
      0.999998,
      -0.00210168,
      0.000533885,
      -0.00210163,
      -0.999998
    ],
    "ImageType": [
      "ORIGINAL",
      "PRIMARY",
      "M",
      "FFE",
      "M",
      "FFE"
    ],
    "ImagingFrequency": 127.759,
    "InPlanePhaseEncodingDirectionDICOM": "ROW",
    "InstitutionAddress": "Calzada_Mexico_Xochimilco_No.101_Tlalpan",
    "InstitutionName": "I.N._Psiquiatria",
    "InstitutionalDepartmentName": "Imagenes_Cerebrales",
    "MRAcquisitionType": "3D",
    "MagneticFieldStrength": 3,
    "Manufacturer": "Philips",
    "ManufacturersModelName": "Ingenia",
    "Modality": "MR",
    "PatientPosition": "HFS",
    "PercentPhaseFOV": 100,
    "PhaseEncodingSteps": 240,
    "PhilipsRescaleIntercept": 0,
    "PhilipsRescaleSlope": 7.90159,
    "PhilipsScaleSlope": 0.00593433,
    "PixelBandwidth": 310,
    "ProcedureStepDescription": "PROTOCOLO_EDUARDO_TMS",
    "ProtocolName": "WIP_sT1W_3D_TFE_32_channel",
    "ReconMatrixPE": 240,
    "RepetitionTime": 0.007,
    "SAR": 0.0382114,
    "ScanOptions": "OTHER",
    "ScanningSequence": "GR",
    "SequenceVariant": "MP",
    "SeriesDescription": "sT1W_3D_TFE_32_channel",
    "SeriesNumber": 401,
    "SliceThickness": 1,
    "SoftwareVersions": "5.3.1_5.3.1.0",
    "SpacingBetweenSlices": 1,
    "StationName": "PHILIPS-CTMFQSD",
    "UsePhilipsFloatNotDisplayScaling": 1,
    "dataset": "<unset>",
    "modality": "T1w",
    "session_id": "t2",
    "subject_id": "041"
  },
  "cjv": 0.4103731470352023,
  "cnr": 3.1700994747911393,
  "efc": 0.7516575315708276,
  "fber": 2127.5477455947735,
  "fwhm_avg": 4.09397,
  "fwhm_x": 3.91764,
  "fwhm_y": 4.46041,
  "fwhm_z": 3.90386,
  "icvs_csf": 0.2039579785309109,
  "icvs_gm": 0.3876549452424937,
  "icvs_wm": 0.40838707622659537,
  "inu_med": 1.565598964691162,
  "inu_range": 0.6009017944335937,
  "provenance": {
    "md5sum": "a2e8084322fe481c04474e74927406a2",
    "settings": {
      "testing": false
    },
    "software": "mriqc",
    "version": "21.0.0rc2",
    "warnings": {
      "large_rot_frame": true,
      "small_air_mask": false
    },
    "webapi_port": null,
    "webapi_url": "https://mriqc.nimh.nih.gov/api/v1"
  },
  "qi_1": 0.0,
  "qi_2": 5.829006000330437e-05,
  "rpve_csf": 22.75175610349672,
  "rpve_gm": 12.175190410087408,
  "rpve_wm": 14.191090564084872,
  "size_x": 180,
  "size_y": 240,
  "size_z": 240,
  "snr_csf": 3.2285787113741287,
  "snr_gm": 11.901701418547677,
  "snr_total": 13.245440738596713,
  "snr_wm": 24.606042085868328,
  "snrd_csf": 25.14987029131998,
  "snrd_gm": 51.61540284624187,
  "snrd_total": 48.28339038358403,
  "snrd_wm": 68.08489801319024,
  "spacing_x": 1.0,
  "spacing_y": 1.0,
  "spacing_z": 1.0,
  "summary_bg_k": 3.024613357733765,
  "summary_bg_mad": 9.62234512702832,
  "summary_bg_mean": 9.796457820346372,
  "summary_bg_median": 6.490173161029816,
  "summary_bg_n": 469425.0,
  "summary_bg_p05": 0.0,
  "summary_bg_p95": 32.23085993528366,
  "summary_bg_stdv": 10.669059149093755,
  "summary_csf_k": 0.790305027764505,
  "summary_csf_mad": 96.60399599282104,
  "summary_csf_mean": 396.827600888321,
  "summary_csf_median": 369.38985550403595,
  "summary_csf_n": 32029.0,
  "summary_csf_p05": 255.03813787698746,
  "summary_csf_p95": 613.8530445694923,
  "summary_csf_stdv": 114.41074292755903,
  "summary_gm_k": 0.28149985666029753,
  "summary_gm_mad": 61.53951798754835,
  "summary_gm_mean": 759.678885917972,
  "summary_gm_median": 758.1035599112511,
  "summary_gm_n": 17343.0,
  "summary_gm_p05": 657.6012117922306,
  "summary_gm_p95": 867.512478995323,
  "summary_gm_stdv": 63.69523791210978,
  "summary_wm_k": 0.7105740247855659,
  "summary_wm_mad": 37.728291063037595,
  "summary_wm_mean": 1000.2618247069865,
  "summary_wm_median": 1000.0000138282776,
  "summary_wm_n": 259546.0,
  "summary_wm_p05": 933.9982528686523,
  "summary_wm_p95": 1067.175139427185,
  "summary_wm_stdv": 40.64034694795253,
  "tpm_overlap_csf": 0.1718474179506302,
  "tpm_overlap_gm": 0.43352410197257996,
  "tpm_overlap_wm": 0.5060972571372986,
  "wm2max": 0.6517852875101573
}