{
  "bids_meta": {
    "AcquisitionMatrixPE": 240,
    "AcquisitionNumber": 4,
    "AcquisitionTime": "08:53:48.880000",
    "BodyPartExamined": "BRAIN",
    "CoilString": "MULTI_COIL",
    "ConversionSoftware": "dcm2niix",
    "ConversionSoftwareVersion": "v1.0.20190410  (JP2:OpenJPEG) GCC6.3.0",
    "Dcm2bidsVersion": "2.1.4",
    "DeviceSerialNumber": "42451",
    "EchoTime": 0.0035,
    "EchoTrainLength": 240,
    "FlipAngle": 8,
    "ImageOrientationPatientDICOM": [
      -0.00123585,
      0.99999,
      0.00427007,
      -0.00362691,
      0.00426556,
      -0.999984
    ],
    "ImageType": [
      "ORIGINAL",
      "PRIMARY",
      "M",
      "FFE",
      "M",
      "FFE"
    ],
    "ImagingFrequency": 127.759,
    "InPlanePhaseEncodingDirectionDICOM": "ROW",
    "InstitutionAddress": "Calzada_Mexico_Xochimilco_No.101_Tlalpan",
    "InstitutionName": "I.N._Psiquiatria",
    "InstitutionalDepartmentName": "Imagenes_Cerebrales",
    "MRAcquisitionType": "3D",
    "MagneticFieldStrength": 3,
    "Manufacturer": "Philips",
    "ManufacturersModelName": "Ingenia",
    "Modality": "MR",
    "PatientPosition": "HFS",
    "PercentPhaseFOV": 100,
    "PhaseEncodingSteps": 240,
    "PhilipsRescaleIntercept": 0,
    "PhilipsRescaleSlope": 3.54066,
    "PhilipsScaleSlope": 0.00574091,
    "PixelBandwidth": 310,
    "ProcedureStepDescription": "PROTOCOLO_EDUARDO_MTS",
    "ProtocolName": "WIP_sT1W_3D_TFE_32_channel",
    "ReconMatrixPE": 240,
    "RepetitionTime": 0.007,
    "SAR": 0.0382114,
    "ScanOptions": "OTHER",
    "ScanningSequence": "GR",
    "SequenceVariant": "MP",
    "SeriesDescription": "sT1W_3D_TFE_32_channel",
    "SeriesNumber": 401,
    "SliceThickness": 1,
    "SoftwareVersions": "5.3.1_5.3.1.0",
    "SpacingBetweenSlices": 1,
    "StationName": "PHILIPS-CTMFQSD",
    "UsePhilipsFloatNotDisplayScaling": 1,
    "dataset": "<unset>",
    "modality": "T1w",
    "session_id": "t1",
    "subject_id": "048"
  },
  "cjv": 0.4895765406803969,
  "cnr": 2.665204412413319,
  "efc": 0.7223641513640994,
  "fber": 53899.42640625,
  "fwhm_avg": 4.246403333333333,
  "fwhm_x": 4.18769,
  "fwhm_y": 4.48066,
  "fwhm_z": 4.07086,
  "icvs_csf": 0.233370731245956,
  "icvs_gm": 0.3840560454926758,
  "icvs_wm": 0.3825732232613682,
  "inu_med": 1.7152636051177979,
  "inu_range": 0.7182262301445008,
  "provenance": {
    "md5sum": "1237d80567497aaa28a181dee34f8b5f",
    "settings": {
      "testing": false
    },
    "software": "mriqc",
    "version": "21.0.0rc2",
    "warnings": {
      "large_rot_frame": true,
      "small_air_mask": false
    },
    "webapi_port": null,
    "webapi_url": "https://mriqc.nimh.nih.gov/api/v1"
  },
  "qi_1": 0.0,
  "qi_2": 1.6355170605862257e-05,
  "rpve_csf": 20.714254923131467,
  "rpve_gm": 12.200562863451193,
  "rpve_wm": 15.005931414463605,
  "size_x": 180,
  "size_y": 240,
  "size_z": 240,
  "snr_csf": 3.8443938898762093,
  "snr_gm": 11.347956945258677,
  "snr_total": 13.113368435268717,
  "snr_wm": 24.147754470671266,
  "snrd_csf": 56.66727037401859,
  "snrd_gm": 119.34750251410864,
  "snrd_total": 109.41353033127803,
  "snrd_wm": 152.22581810570685,
  "spacing_x": 1.0,
  "spacing_y": 1.0,
  "spacing_z": 1.0,
  "summary_bg_k": 60.71610922842859,
  "summary_bg_mad": 4.30387227446332,
  "summary_bg_mean": 7.084850398914214,
  "summary_bg_median": 2.9029177352786064,
  "summary_bg_n": 747564.0,
  "summary_bg_p05": 0.0,
  "summary_bg_p95": 25.501581117510796,
  "summary_bg_stdv": 8.906097088889995,
  "summary_csf_k": 0.8856737532981018,
  "summary_csf_mad": 83.89826965409509,
  "summary_csf_mean": 390.83024516800606,
  "summary_csf_median": 372.2716402038932,
  "summary_csf_n": 46644.0,
  "summary_csf_p05": 264.53848372064533,
  "summary_csf_p95": 580.688272568956,
  "summary_csf_stdv": 96.83389899246296,
  "summary_gm_k": 0.2619853998555195,
  "summary_gm_mad": 68.04476545322387,
  "summary_gm_mean": 786.954691796987,
  "summary_gm_median": 784.0450090840459,
  "summary_gm_n": 17474.0,
  "summary_gm_p05": 680.4457544390112,
  "summary_gm_p95": 905.0011395804582,
  "summary_gm_stdv": 69.0893151893068,
  "summary_wm_k": 0.795484934357475,
  "summary_wm_mad": 37.699741948463505,
  "summary_wm_mean": 1000.5155822735834,
  "summary_wm_median": 1000.0367869064212,
  "summary_wm_n": 233861.0,
  "summary_wm_p05": 933.2329332008958,
  "summary_wm_p95": 1069.1188798472285,
  "summary_wm_stdv": 41.413152929723594,
  "tpm_overlap_csf": 0.1662772297859192,
  "tpm_overlap_gm": 0.42588093876838684,
  "tpm_overlap_wm": 0.4993862509727478,
  "wm2max": 0.6146115627822945
}