{
  "bids_meta": {
    "AcquisitionMatrixPE": 240,
    "AcquisitionNumber": 4,
    "AcquisitionTime": "10:05:48.810000",
    "BodyPartExamined": "BRAIN",
    "CoilString": "MULTI_COIL",
    "ConversionSoftware": "dcm2niix",
    "ConversionSoftwareVersion": "v1.0.20190410  (JP2:OpenJPEG) GCC6.3.0",
    "Dcm2bidsVersion": "2.1.4",
    "DeviceSerialNumber": "42451",
    "EchoTime": 0.0035,
    "EchoTrainLength": 240,
    "FlipAngle": 8,
    "ImageOrientationPatientDICOM": [
      0.000233783,
      0.999998,
      -0.00189226,
      0.0255782,
      -0.00189762,
      -0.999671
    ],
    "ImageType": [
      "ORIGINAL",
      "PRIMARY",
      "M",
      "FFE",
      "M",
      "FFE"
    ],
    "ImagingFrequency": 127.759,
    "InPlanePhaseEncodingDirectionDICOM": "ROW",
    "InstitutionAddress": "Calzada_Mexico_Xochimilco_No.101_Tlalpan",
    "InstitutionName": "I.N._Psiquiatria",
    "InstitutionalDepartmentName": "Imagenes_Cerebrales",
    "MRAcquisitionType": "3D",
    "MagneticFieldStrength": 3,
    "Manufacturer": "Philips",
    "ManufacturersModelName": "Ingenia",
    "Modality": "MR",
    "PatientPosition": "HFS",
    "PercentPhaseFOV": 100,
    "PhaseEncodingSteps": 240,
    "PhilipsRescaleIntercept": 0,
    "PhilipsRescaleSlope": 3.88083,
    "PhilipsScaleSlope": 0.00624039,
    "PixelBandwidth": 310,
    "ProcedureStepDescription": "PROTOCOLO_EDUARDO_TMS",
    "ProtocolName": "WIP_sT1W_3D_TFE_32_channel",
    "ReconMatrixPE": 240,
    "RepetitionTime": 0.007,
    "SAR": 0.0382114,
    "ScanOptions": "OTHER",
    "ScanningSequence": "GR",
    "SequenceVariant": "MP",
    "SeriesDescription": "sT1W_3D_TFE_32_channel",
    "SeriesNumber": 401,
    "SliceThickness": 1,
    "SoftwareVersions": "5.3.1_5.3.1.0",
    "SpacingBetweenSlices": 1,
    "StationName": "PHILIPS-CTMFQSD",
    "UsePhilipsFloatNotDisplayScaling": 1,
    "dataset": "<unset>",
    "modality": "T1w",
    "session_id": "t14",
    "subject_id": "045"
  },
  "cjv": 0.390851350316388,
  "cnr": 3.3099666349309507,
  "efc": 0.7085609117869585,
  "fber": 13238.336693971856,
  "fwhm_avg": 4.179626666666667,
  "fwhm_x": 4.03989,
  "fwhm_y": 4.56389,
  "fwhm_z": 3.9351,
  "icvs_csf": 0.22624689239020898,
  "icvs_gm": 0.41119276225619095,
  "icvs_wm": 0.3625603453536001,
  "inu_med": 1.802227258682251,
  "inu_range": 0.5460218191146851,
  "provenance": {
    "md5sum": "d1a4e061fb46c20ee061cbbfd791078c",
    "settings": {
      "testing": false
    },
    "software": "mriqc",
    "version": "21.0.0rc2",
    "warnings": {
      "large_rot_frame": true,
      "small_air_mask": false
    },
    "webapi_port": null,
    "webapi_url": "https://mriqc.nimh.nih.gov/api/v1"
  },
  "qi_1": 0.0,
  "qi_2": 4.5046624332766986e-05,
  "rpve_csf": 27.675640302077454,
  "rpve_gm": 15.319083670050556,
  "rpve_wm": 20.6351078491074,
  "size_x": 180,
  "size_y": 240,
  "size_z": 240,
  "snr_csf": 3.877060922563572,
  "snr_gm": 13.365711352382451,
  "snr_total": 13.555324974536902,
  "snr_wm": 23.423202648664677,
  "snrd_csf": 33.19884475672184,
  "snrd_gm": 67.03809932742365,
  "snrd_total": 62.73027597871836,
  "snrd_wm": 87.9538838520096,
  "spacing_x": 1.0,
  "spacing_y": 1.0,
  "spacing_z": 1.0,
  "summary_bg_k": 8.80169296289852,
  "summary_bg_mad": 7.448634897708289,
  "summary_bg_mean": 8.253319413530207,
  "summary_bg_median": 5.024027891457081,
  "summary_bg_n": 576457.0,
  "summary_bg_p05": 0.0,
  "summary_bg_p95": 26.103101436048746,
  "summary_bg_stdv": 9.33834885993925,
  "summary_csf_k": 1.3110616643788013,
  "summary_csf_mad": 87.22459416446809,
  "summary_csf_mean": 392.79083705989046,
  "summary_csf_median": 377.4573998451233,
  "summary_csf_n": 27681.0,
  "summary_csf_p05": 264.7444262802601,
  "summary_csf_p95": 571.7926236465573,
  "summary_csf_stdv": 97.35482349524328,
  "summary_gm_k": 0.31597182161802273,
  "summary_gm_mad": 56.02668857841453,
  "summary_gm_mean": 762.2289661983664,
  "summary_gm_median": 762.195999532938,
  "summary_gm_n": 19011.0,
  "summary_gm_p05": 668.8874235488474,
  "summary_gm_p95": 855.1041095256805,
  "summary_gm_stdv": 57.02472042011318,
  "summary_wm_k": 1.0332509956074514,
  "summary_wm_mad": 36.91932079733674,
  "summary_wm_mean": 998.0630555918966,
  "summary_wm_median": 999.9999863952398,
  "summary_wm_n": 158627.0,
  "summary_wm_p05": 921.6906820870936,
  "summary_wm_p95": 1064.4750110022724,
  "summary_wm_stdv": 42.692574936963496,
  "tpm_overlap_csf": 0.16774281859397888,
  "tpm_overlap_gm": 0.4544295072555542,
  "tpm_overlap_wm": 0.5139511227607727,
  "wm2max": 0.7015733461691004
}