{
  "bids_meta": {
    "AcquisitionMatrixPE": 240,
    "AcquisitionNumber": 9,
    "AcquisitionTime": "10:32:37.650000",
    "BodyPartExamined": "BRAIN",
    "CoilString": "MULTI_COIL",
    "ConversionSoftware": "dcm2niix",
    "ConversionSoftwareVersion": "v1.0.20190410  (JP2:OpenJPEG) GCC6.3.0",
    "Dcm2bidsVersion": "2.1.4",
    "DeviceSerialNumber": "42451",
    "EchoTime": 0.0035,
    "EchoTrainLength": 240,
    "FlipAngle": 8,
    "ImageOrientationPatientDICOM": [
      -0.00668641,
      0.999968,
      -0.00441137,
      0.0013204,
      -0.00440263,
      -0.999989
    ],
    "ImageType": [
      "ORIGINAL",
      "PRIMARY",
      "M",
      "FFE",
      "M",
      "FFE"
    ],
    "ImagingFrequency": 127.76,
    "InPlanePhaseEncodingDirectionDICOM": "ROW",
    "InstitutionAddress": "Calzada_Mexico_Xochimilco_No.101_Tlalpan",
    "InstitutionName": "I.N._Psiquiatria",
    "InstitutionalDepartmentName": "Imagenes_Cerebrales",
    "MRAcquisitionType": "3D",
    "MagneticFieldStrength": 3,
    "Manufacturer": "Philips",
    "ManufacturersModelName": "Ingenia",
    "Modality": "MR",
    "PatientPosition": "HFS",
    "PercentPhaseFOV": 100,
    "PhaseEncodingSteps": 240,
    "PhilipsRescaleIntercept": 0,
    "PhilipsRescaleSlope": 4.13236,
    "PhilipsScaleSlope": 0.00590188,
    "PixelBandwidth": 310,
    "ProcedureStepDescription": "EDUARDO_TMS",
    "ProtocolName": "WIP_sT1W_3D_TFE_32_channel",
    "ReconMatrixPE": 240,
    "RepetitionTime": 0.007,
    "SAR": 0.0382114,
    "ScanOptions": "OTHER",
    "ScanningSequence": "GR",
    "SequenceVariant": "MP",
    "SeriesDescription": "sT1W_3D_TFE_32_channel",
    "SeriesNumber": 901,
    "SliceThickness": 1,
    "SoftwareVersions": "5.3.1_5.3.1.0",
    "SpacingBetweenSlices": 1,
    "StationName": "PHILIPS-CTMFQSD",
    "UsePhilipsFloatNotDisplayScaling": 1,
    "dataset": "<unset>",
    "modality": "T1w",
    "session_id": "t1",
    "subject_id": "032"
  },
  "cjv": 0.4838460573408759,
  "cnr": 2.5631709478024245,
  "efc": 0.7560656524497731,
  "fber": 12440.977618147448,
  "fwhm_avg": 4.146516666666667,
  "fwhm_x": 4.01014,
  "fwhm_y": 4.48413,
  "fwhm_z": 3.94528,
  "icvs_csf": 0.22792216164301252,
  "icvs_gm": 0.3807946429140854,
  "icvs_wm": 0.3912831954429021,
  "inu_med": 1.9278935194015503,
  "inu_range": 0.71846284866333,
  "provenance": {
    "md5sum": "32ffcfd14995707c06a4cf8e3f3d8c63",
    "settings": {
      "testing": false
    },
    "software": "mriqc",
    "version": "21.0.0rc2",
    "warnings": {
      "large_rot_frame": true,
      "small_air_mask": false
    },
    "webapi_port": null,
    "webapi_url": "https://mriqc.nimh.nih.gov/api/v1"
  },
  "qi_1": 0.0,
  "qi_2": 3.498482714623272e-05,
  "rpve_csf": 21.816089832920778,
  "rpve_gm": 12.668390250927384,
  "rpve_wm": 15.171794678903684,
  "size_x": 180,
  "size_y": 240,
  "size_z": 240,
  "snr_csf": 3.6634351551513404,
  "snr_gm": 10.001385684470256,
  "snr_total": 12.343338226337544,
  "snr_wm": 23.365193839391033,
  "snrd_csf": 57.50788642423882,
  "snrd_gm": 126.75722935221904,
  "snrd_total": 116.10206799544117,
  "snrd_wm": 164.04108820986565,
  "spacing_x": 1.0,
  "spacing_y": 1.0,
  "spacing_z": 1.0,
  "summary_bg_k": 9.08877298038014,
  "summary_bg_mad": 3.9937332946388726,
  "summary_bg_mean": 5.9666196507045,
  "summary_bg_median": 2.6937321722507477,
  "summary_bg_n": 313005.0,
  "summary_bg_p05": 0.0,
  "summary_bg_p95": 22.608109302818775,
  "summary_bg_stdv": 7.8931492295363395,
  "summary_csf_k": 1.421902133369418,
  "summary_csf_mad": 83.44049919156217,
  "summary_csf_mean": 368.9132831861982,
  "summary_csf_median": 350.5700012743473,
  "summary_csf_n": 46706.0,
  "summary_csf_p05": 247.8233598470688,
  "summary_csf_p95": 554.2834968008101,
  "summary_csf_stdv": 95.69331336937935,
  "summary_gm_k": 0.39275357697826596,
  "summary_gm_mad": 71.60193263959694,
  "summary_gm_mean": 778.7442282960121,
  "summary_gm_median": 772.7163145542145,
  "summary_gm_n": 14906.0,
  "summary_gm_p05": 662.4657049328089,
  "summary_gm_p95": 921.6652729716152,
  "summary_gm_stdv": 77.25833388057949,
  "summary_wm_k": 1.1646218276055018,
  "summary_wm_mad": 38.368366294923455,
  "summary_wm_mean": 999.196308051296,
  "summary_wm_median": 999.9999665878713,
  "summary_wm_n": 229902.0,
  "summary_wm_p05": 927.5097097381949,
  "summary_wm_p95": 1066.6698378510773,
  "summary_wm_stdv": 42.79860884611979,
  "tpm_overlap_csf": 0.16741272807121277,
  "tpm_overlap_gm": 0.42545902729034424,
  "tpm_overlap_wm": 0.5042967796325684,
  "wm2max": 0.6361577771657639
}