{
  "bids_meta": {
    "AcquisitionMatrixPE": 240,
    "AcquisitionNumber": 4,
    "AcquisitionTime": "10:35:3.630000",
    "BodyPartExamined": "BRAIN",
    "CoilString": "MULTI_COIL",
    "ConversionSoftware": "dcm2niix",
    "ConversionSoftwareVersion": "v1.0.20190410  (JP2:OpenJPEG) GCC6.3.0",
    "Dcm2bidsVersion": "2.1.4",
    "DeviceSerialNumber": "42451",
    "EchoTime": 0.0035,
    "EchoTrainLength": 240,
    "FlipAngle": 8,
    "ImageOrientationPatientDICOM": [
      -0.0042116,
      0.999969,
      -0.00659756,
      -0.00362181,
      -0.00661283,
      -0.999972
    ],
    "ImageType": [
      "ORIGINAL",
      "PRIMARY",
      "M",
      "FFE",
      "M",
      "FFE"
    ],
    "ImagingFrequency": 127.76,
    "InPlanePhaseEncodingDirectionDICOM": "ROW",
    "InstitutionAddress": "Calzada_Mexico_Xochimilco_No.101_Tlalpan",
    "InstitutionName": "I.N._Psiquiatria",
    "InstitutionalDepartmentName": "Imagenes_Cerebrales",
    "MRAcquisitionType": "3D",
    "MagneticFieldStrength": 3,
    "Manufacturer": "Philips",
    "ManufacturersModelName": "Ingenia",
    "Modality": "MR",
    "PatientPosition": "HFS",
    "PercentPhaseFOV": 100,
    "PhaseEncodingSteps": 240,
    "PhilipsRescaleIntercept": 0,
    "PhilipsRescaleSlope": 4.17411,
    "PhilipsScaleSlope": 0.005926,
    "PixelBandwidth": 310,
    "ProcedureStepDescription": "EDUARDO_TMS",
    "ProtocolName": "WIP_sT1W_3D_TFE_32_channel",
    "ReconMatrixPE": 240,
    "RepetitionTime": 0.007,
    "SAR": 0.0382114,
    "ScanOptions": "OTHER",
    "ScanningSequence": "GR",
    "SequenceVariant": "MP",
    "SeriesDescription": "sT1W_3D_TFE_32_channel",
    "SeriesNumber": 401,
    "SliceThickness": 1,
    "SoftwareVersions": "5.3.1_5.3.1.0",
    "SpacingBetweenSlices": 1,
    "StationName": "PHILIPS-CTMFQSD",
    "UsePhilipsFloatNotDisplayScaling": 1,
    "dataset": "<unset>",
    "modality": "T1w",
    "session_id": "t0",
    "subject_id": "032"
  },
  "cjv": 0.4963567745945348,
  "cnr": 2.493408992195419,
  "efc": 0.7354198400434953,
  "fber": 11080.752123507806,
  "fwhm_avg": 4.092946666666666,
  "fwhm_x": 3.93872,
  "fwhm_y": 4.43553,
  "fwhm_z": 3.90459,
  "icvs_csf": 0.23451145707612292,
  "icvs_gm": 0.3754885863383376,
  "icvs_wm": 0.3899999565855395,
  "inu_med": 1.876343011856079,
  "inu_range": 0.7448320746421813,
  "provenance": {
    "md5sum": "321d7c8edb474c6fffeebf4a0d022c94",
    "settings": {
      "testing": false
    },
    "software": "mriqc",
    "version": "21.0.0rc2",
    "warnings": {
      "large_rot_frame": true,
      "small_air_mask": false
    },
    "webapi_port": null,
    "webapi_url": "https://mriqc.nimh.nih.gov/api/v1"
  },
  "qi_1": 0.0,
  "qi_2": 1.5912416802369077e-05,
  "rpve_csf": 21.6250998662843,
  "rpve_gm": 12.853077488841647,
  "rpve_wm": 15.311944482072336,
  "size_x": 180,
  "size_y": 240,
  "size_z": 240,
  "snr_csf": 3.658622603811838,
  "snr_gm": 9.606776455675615,
  "snr_total": 11.936944972282078,
  "snr_wm": 22.545435857358775,
  "snrd_csf": 53.81076916210744,
  "snrd_gm": 116.44600322664161,
  "snrd_total": 107.15767133507386,
  "snrd_wm": 151.2162416164725,
  "spacing_x": 1.0,
  "spacing_y": 1.0,
  "spacing_z": 1.0,
  "summary_bg_k": 188.57513504907072,
  "summary_bg_mad": 4.332447110224295,
  "summary_bg_mean": 8.195086898859252,
  "summary_bg_median": 2.9221911691129208,
  "summary_bg_n": 458207.0,
  "summary_bg_p05": 0.0,
  "summary_bg_p95": 29.570830039680004,
  "summary_bg_stdv": 10.58367725327429,
  "summary_csf_k": 1.3954390735503681,
  "summary_csf_mad": 82.51048526337613,
  "summary_csf_mean": 372.9740639795232,
  "summary_csf_median": 355.8531007282436,
  "summary_csf_n": 48503.0,
  "summary_csf_p05": 246.99057598039508,
  "summary_csf_p95": 564.0177874736489,
  "summary_csf_stdv": 97.2632246837445,
  "summary_gm_k": 0.3513963175933217,
  "summary_gm_mad": 73.58693748410818,
  "summary_gm_mean": 775.5818148312381,
  "summary_gm_median": 770.0627952516079,
  "summary_gm_n": 11626.0,
  "summary_gm_p05": 653.0224967096001,
  "summary_gm_p95": 921.5696844113991,
  "summary_gm_stdv": 80.15484485984092,
  "summary_wm_k": 0.9688811409288922,
  "summary_wm_mad": 40.54394534493482,
  "summary_wm_mean": 998.9937840369765,
  "summary_wm_median": 999.9999869465828,
  "summary_wm_n": 226415.0,
  "summary_wm_p05": 924.0666313432157,
  "summary_wm_p95": 1068.8241311982274,
  "summary_wm_stdv": 44.35477694628481,
  "tpm_overlap_csf": 0.17087434232234955,
  "tpm_overlap_gm": 0.42630767822265625,
  "tpm_overlap_wm": 0.5034552812576294,
  "wm2max": 0.659438005119503
}