{
  "bids_meta": {
    "AcquisitionMatrixPE": 240,
    "AcquisitionNumber": 4,
    "AcquisitionTime": "10:59:3.940000",
    "CoilString": "MULTI_COIL",
    "ConversionSoftware": "dcm2niix",
    "ConversionSoftwareVersion": "v1.0.20190410  (JP2:OpenJPEG) GCC6.3.0",
    "Dcm2bidsVersion": "2.1.4",
    "DeviceSerialNumber": "42451",
    "EchoTime": 0.003501,
    "EchoTrainLength": 240,
    "FlipAngle": 8,
    "ImageOrientationPatientDICOM": [
      0.025172,
      0.999682,
      -0.00161507,
      0.000556196,
      -0.00162958,
      -0.999999
    ],
    "ImageType": [
      "ORIGINAL",
      "PRIMARY",
      "M",
      "FFE",
      "M",
      "FFE"
    ],
    "ImagingFrequency": 127.766,
    "InPlanePhaseEncodingDirectionDICOM": "ROW",
    "InstitutionAddress": "Calzada_Mexico_Xochimilco_No.101_Tlalpan",
    "InstitutionName": "I.N._Psiquiatria",
    "InstitutionalDepartmentName": "Imagenes_Cerebrales",
    "MRAcquisitionType": "3D",
    "MagneticFieldStrength": 3,
    "Manufacturer": "Philips",
    "ManufacturersModelName": "Ingenia",
    "Modality": "MR",
    "PatientPosition": "HFS",
    "PercentPhaseFOV": 100,
    "PhaseEncodingSteps": 240,
    "PhilipsRescaleIntercept": 0,
    "PhilipsRescaleSlope": 11.3504,
    "PhilipsScaleSlope": 0.00487198,
    "PixelBandwidth": 310,
    "ProcedureStepDescription": "EDUARDO_TMS",
    "ProtocolName": "WIP_sT1W_3D_TFE_32_channel_SENSE",
    "ReconMatrixPE": 240,
    "RepetitionTime": 0.007,
    "SAR": 0.0382114,
    "ScanOptions": "OTHER",
    "ScanningSequence": "GR",
    "SequenceVariant": "MP",
    "SeriesDescription": "sT1W_3D_TFE_32_channel",
    "SeriesNumber": 401,
    "SliceThickness": 1,
    "SoftwareVersions": "5.1.7_5.1.7.2",
    "SpacingBetweenSlices": 1,
    "StationName": "INGENIA",
    "UsePhilipsFloatNotDisplayScaling": 1,
    "dataset": "<unset>",
    "modality": "T1w",
    "session_id": "t1",
    "subject_id": "010"
  },
  "cjv": 0.4381953316940043,
  "cnr": 3.015279226223877,
  "efc": 0.7971759888627677,
  "fber": 482.91207038031683,
  "fwhm_avg": 4.153003333333333,
  "fwhm_x": 4.00472,
  "fwhm_y": 4.4994,
  "fwhm_z": 3.95489,
  "icvs_csf": 0.21071281479837095,
  "icvs_gm": 0.39148630627199843,
  "icvs_wm": 0.3978008789296306,
  "inu_med": 1.2894532680511475,
  "inu_range": 0.43142274022102356,
  "provenance": {
    "md5sum": "0ed99b93ad6ab9422199c5b72e9ed568",
    "settings": {
      "testing": false
    },
    "software": "mriqc",
    "version": "21.0.0rc2",
    "warnings": {
      "large_rot_frame": true,
      "small_air_mask": true
    },
    "webapi_port": null,
    "webapi_url": "https://mriqc.nimh.nih.gov/api/v1"
  },
  "qi_1": 0.0,
  "qi_2": 0.00017165406385039828,
  "rpve_csf": 24.302991517578825,
  "rpve_gm": 13.105241815958351,
  "rpve_wm": 15.712033025185828,
  "size_x": 180,
  "size_y": 240,
  "size_z": 240,
  "snr_csf": 3.678474636578069,
  "snr_gm": 11.916975614512495,
  "snr_total": 14.12553399676323,
  "snr_wm": 26.781151739199125,
  "snrd_csf": 17.915695093622798,
  "snrd_gm": 39.46720163235038,
  "snrd_total": 36.15661590717719,
  "snrd_wm": 51.08695099555838,
  "spacing_x": 1.0,
  "spacing_y": 1.0,
  "spacing_z": 1.0,
  "summary_bg_k": 1.0795342570094446,
  "summary_bg_mad": 12.823947519326618,
  "summary_bg_mean": 14.009856640321233,
  "summary_bg_median": 8.85721206665039,
  "summary_bg_n": 105944.0,
  "summary_bg_p05": 0.0,
  "summary_bg_p95": 34.73168880119889,
  "summary_bg_stdv": 9.66621901194789,
  "summary_csf_k": 2.171330050791818,
  "summary_csf_mad": 75.45610720371782,
  "summary_csf_mean": 371.1134191753366,
  "summary_csf_median": 350.6902402639389,
  "summary_csf_n": 36340.0,
  "summary_csf_p05": 254.7486423701048,
  "summary_csf_p95": 562.9173450171947,
  "summary_csf_stdv": 95.3344659812133,
  "summary_gm_k": -0.00021975050226563653,
  "summary_gm_mad": 64.58139970732884,
  "summary_gm_mean": 775.24320343928,
  "summary_gm_median": 772.5495634227991,
  "summary_gm_n": 18645.0,
  "summary_gm_p05": 671.909491315484,
  "summary_gm_p95": 886.101789996028,
  "summary_gm_stdv": 64.8259147954814,
  "summary_wm_k": 0.6432305933437004,
  "summary_wm_mad": 35.086320412877626,
  "summary_wm_mean": 999.7238472001267,
  "summary_wm_median": 1000.0000014156103,
  "summary_wm_n": 221898.0,
  "summary_wm_p05": 938.1033124029636,
  "summary_wm_p95": 1059.929766576737,
  "summary_wm_stdv": 37.33960950834844,
  "tpm_overlap_csf": 0.18600469827651978,
  "tpm_overlap_gm": 0.43939074873924255,
  "tpm_overlap_wm": 0.5176895260810852,
  "wm2max": 0.6607910379515318
}