{
  "bids_meta": {
    "AcquisitionMatrixPE": 240,
    "AcquisitionNumber": 4,
    "AcquisitionTime": "09:44:8.150000",
    "BodyPartExamined": "BRAIN",
    "CoilString": "MULTI_COIL",
    "ConversionSoftware": "dcm2niix",
    "ConversionSoftwareVersion": "v1.0.20190410  (JP2:OpenJPEG) GCC6.3.0",
    "Dcm2bidsVersion": "2.1.4",
    "DeviceSerialNumber": "42451",
    "EchoTime": 0.0035,
    "EchoTrainLength": 240,
    "FlipAngle": 8,
    "ImageOrientationPatientDICOM": [
      -0.0042116,
      0.99949,
      -0.0316631,
      -0.00362181,
      -0.0316784,
      -0.999492
    ],
    "ImageType": [
      "ORIGINAL",
      "PRIMARY",
      "M",
      "FFE",
      "M",
      "FFE"
    ],
    "ImagingFrequency": 127.759,
    "InPlanePhaseEncodingDirectionDICOM": "ROW",
    "InstitutionAddress": "Calzada_Mexico_Xochimilco_No.101_Tlalpan",
    "InstitutionName": "I.N._Psiquiatria",
    "InstitutionalDepartmentName": "Imagenes_Cerebrales",
    "MRAcquisitionType": "3D",
    "MagneticFieldStrength": 3,
    "Manufacturer": "Philips",
    "ManufacturersModelName": "Ingenia",
    "Modality": "MR",
    "PatientPosition": "HFS",
    "PercentPhaseFOV": 100,
    "PhaseEncodingSteps": 240,
    "PhilipsRescaleIntercept": 0,
    "PhilipsRescaleSlope": 3.48767,
    "PhilipsScaleSlope": 0.00588686,
    "PixelBandwidth": 310,
    "ProcedureStepDescription": "EDUARDO_TMS",
    "ProtocolName": "WIP_sT1W_3D_TFE_32_channel",
    "ReconMatrixPE": 240,
    "RepetitionTime": 0.007,
    "SAR": 0.0382114,
    "ScanOptions": "OTHER",
    "ScanningSequence": "GR",
    "SequenceVariant": "MP",
    "SeriesDescription": "sT1W_3D_TFE_32_channel",
    "SeriesNumber": 401,
    "SliceThickness": 1,
    "SoftwareVersions": "5.3.1_5.3.1.0",
    "SpacingBetweenSlices": 1,
    "StationName": "PHILIPS-CTMFQSD",
    "UsePhilipsFloatNotDisplayScaling": 1,
    "dataset": "<unset>",
    "modality": "T1w",
    "session_id": "t1",
    "subject_id": "033"
  },
  "cjv": 0.504573768516899,
  "cnr": 2.6392509883813964,
  "efc": 0.7362151863055865,
  "fber": 11975.270470914127,
  "fwhm_avg": 4.0549566666666665,
  "fwhm_x": 3.96032,
  "fwhm_y": 4.34659,
  "fwhm_z": 3.85796,
  "icvs_csf": 0.24211251028035638,
  "icvs_gm": 0.3977944461349524,
  "icvs_wm": 0.36009304358469124,
  "inu_med": 1.8157024383544922,
  "inu_range": 0.7116232752799987,
  "provenance": {
    "md5sum": "b0ef40671e19b220e2a2f61b1ced83c8",
    "settings": {
      "testing": false
    },
    "software": "mriqc",
    "version": "21.0.0rc2",
    "warnings": {
      "large_rot_frame": true,
      "small_air_mask": false
    },
    "webapi_port": null,
    "webapi_url": "https://mriqc.nimh.nih.gov/api/v1"
  },
  "qi_1": 0.0,
  "qi_2": 4.695873941235904e-05,
  "rpve_csf": 20.25351699363268,
  "rpve_gm": 12.076236161313458,
  "rpve_wm": 15.829135157262321,
  "size_x": 180,
  "size_y": 240,
  "size_z": 240,
  "snr_csf": 3.5884155143726,
  "snr_gm": 10.796935574229918,
  "snr_total": 11.583546031522891,
  "snr_wm": 20.365287005966152,
  "snrd_csf": 57.481583878307504,
  "snrd_gm": 123.17482259637322,
  "snrd_total": 113.55773505235145,
  "snrd_wm": 160.01679868237363,
  "spacing_x": 1.0,
  "spacing_y": 1.0,
  "spacing_z": 1.0,
  "summary_bg_k": 7.842339846592754,
  "summary_bg_mad": 4.094172535595258,
  "summary_bg_mean": 8.24262189647463,
  "summary_bg_median": 2.7614774107933044,
  "summary_bg_n": 519358.0,
  "summary_bg_p05": 0.0,
  "summary_bg_p95": 30.606374636292458,
  "summary_bg_stdv": 10.78854788856797,
  "summary_csf_k": 1.4261179088710492,
  "summary_csf_mad": 81.28638388379753,
  "summary_csf_mean": 379.41144042918967,
  "summary_csf_median": 359.2221865206957,
  "summary_csf_n": 48472.0,
  "summary_csf_p05": 251.78633254598827,
  "summary_csf_p95": 573.696932092309,
  "summary_csf_stdv": 100.10504067939425,
  "summary_gm_k": 0.09141413237491536,
  "summary_gm_mad": 70.79506676133468,
  "summary_gm_mean": 772.5692165516944,
  "summary_gm_median": 769.7618282586336,
  "summary_gm_n": 20131.0,
  "summary_gm_p05": 661.2875437159091,
  "summary_gm_p95": 894.8049772661179,
  "summary_gm_stdv": 71.292701888577,
  "summary_wm_k": 0.6497272027589411,
  "summary_wm_mad": 45.37707893618078,
  "summary_wm_mean": 1000.8433859531209,
  "summary_wm_median": 1000.0000073835254,
  "summary_wm_n": 213300.0,
  "summary_wm_p05": 920.7801241613925,
  "summary_wm_p95": 1082.2690219134092,
  "summary_wm_stdv": 49.103047895742215,
  "tpm_overlap_csf": 0.1681567132472992,
  "tpm_overlap_gm": 0.4467761814594269,
  "tpm_overlap_wm": 0.5063107013702393,
  "wm2max": 0.6073587370739724
}