{
  "bids_meta": {
    "AcquisitionMatrixPE": 240,
    "AcquisitionNumber": 4,
    "AcquisitionTime": "09:19:18.100000",
    "CoilString": "MULTI_COIL",
    "ConversionSoftware": "dcm2niix",
    "ConversionSoftwareVersion": "v1.0.20190410  (JP2:OpenJPEG) GCC6.3.0",
    "Dcm2bidsVersion": "2.1.4",
    "DeviceSerialNumber": "42451",
    "EchoTime": 0.003501,
    "EchoTrainLength": 240,
    "FlipAngle": 8,
    "ImageOrientationPatientDICOM": [
      -0.0261515,
      0.999633,
      0.00707589,
      -0.0736668,
      0.00513196,
      -0.99727
    ],
    "ImageType": [
      "ORIGINAL",
      "PRIMARY",
      "M",
      "FFE",
      "M",
      "FFE"
    ],
    "ImagingFrequency": 127.766,
    "InPlanePhaseEncodingDirectionDICOM": "ROW",
    "InstitutionAddress": "Calzada_Mexico_Xochimilco_No.101_Tlalpan",
    "InstitutionName": "I.N._Psiquiatria",
    "InstitutionalDepartmentName": "Imagenes_Cerebrales",
    "MRAcquisitionType": "3D",
    "MagneticFieldStrength": 3,
    "Manufacturer": "Philips",
    "ManufacturersModelName": "Ingenia",
    "Modality": "MR",
    "PatientPosition": "HFS",
    "PercentPhaseFOV": 100,
    "PhaseEncodingSteps": 240,
    "PhilipsRescaleIntercept": 0,
    "PhilipsRescaleSlope": 11.5726,
    "PhilipsScaleSlope": 0.00512801,
    "PixelBandwidth": 310,
    "ProcedureStepDescription": "EDUARDO_TMS",
    "ProtocolName": "WIP_sT1W_3D_TFE_32_channel_SENSE",
    "ReconMatrixPE": 240,
    "RepetitionTime": 0.007,
    "SAR": 0.0382114,
    "ScanOptions": "OTHER",
    "ScanningSequence": "GR",
    "SequenceVariant": "MP",
    "SeriesDescription": "sT1W_3D_TFE_32_channel",
    "SeriesNumber": 401,
    "SliceThickness": 1,
    "SoftwareVersions": "5.1.7_5.1.7.2",
    "SpacingBetweenSlices": 1,
    "StationName": "INGENIA",
    "UsePhilipsFloatNotDisplayScaling": 1,
    "dataset": "<unset>",
    "modality": "T1w",
    "session_id": "t2",
    "subject_id": "002"
  },
  "cjv": 0.38696850357221685,
  "cnr": 3.3729004018865,
  "efc": 0.7843720144218388,
  "fber": 558.652443823435,
  "fwhm_avg": 4.146003333333333,
  "fwhm_x": 4.06767,
  "fwhm_y": 4.34563,
  "fwhm_z": 4.02471,
  "icvs_csf": 0.19394824943890365,
  "icvs_gm": 0.41202879812692894,
  "icvs_wm": 0.3940229524341674,
  "inu_med": 1.3090620040893555,
  "inu_range": 0.366839563846588,
  "provenance": {
    "md5sum": "5e01c6640647961874d3e08e0f8bd8d3",
    "settings": {
      "testing": false
    },
    "software": "mriqc",
    "version": "21.0.0rc2",
    "warnings": {
      "large_rot_frame": true,
      "small_air_mask": true
    },
    "webapi_port": null,
    "webapi_url": "https://mriqc.nimh.nih.gov/api/v1"
  },
  "qi_1": 0.0,
  "qi_2": 0.00022895840870231716,
  "rpve_csf": 29.71228246260693,
  "rpve_gm": 14.87868659407121,
  "rpve_wm": 18.55508573816979,
  "size_x": 180,
  "size_y": 240,
  "size_z": 240,
  "snr_csf": 3.669161118004252,
  "snr_gm": 14.04798636924083,
  "snr_total": 14.611771128566618,
  "snr_wm": 26.118165898454773,
  "snrd_csf": 19.340123588847586,
  "snrd_gm": 39.46517052206668,
  "snrd_total": 36.660119360534914,
  "snrd_wm": 51.175063970690495,
  "spacing_x": 1.0,
  "spacing_y": 1.0,
  "spacing_z": 1.0,
  "summary_bg_k": 2.5836263427989588,
  "summary_bg_mad": 12.801866910444428,
  "summary_bg_mean": 17.190483330743923,
  "summary_bg_median": 17.307327643036842,
  "summary_bg_n": 171963.0,
  "summary_bg_p05": 0.0,
  "summary_bg_p95": 34.993371427059174,
  "summary_bg_stdv": 11.090812709544332,
  "summary_csf_k": 1.1067933707257565,
  "summary_csf_mad": 89.89381106851548,
  "summary_csf_mean": 400.2260677927605,
  "summary_csf_median": 377.92083708941936,
  "summary_csf_n": 20286.0,
  "summary_csf_p05": 269.1630293019116,
  "summary_csf_p95": 590.7119688056409,
  "summary_csf_stdv": 102.99670960242896,
  "summary_gm_k": 0.1683277204496072,
  "summary_gm_mad": 53.90259751766075,
  "summary_gm_mean": 771.6606665762279,
  "summary_gm_median": 771.179677888751,
  "summary_gm_n": 21513.0,
  "summary_gm_p05": 682.9994116216898,
  "summary_gm_p95": 862.601754322648,
  "summary_gm_stdv": 54.89482505445575,
  "summary_wm_k": 0.793205091092966,
  "summary_wm_mad": 34.64364861291321,
  "summary_wm_mean": 999.0563501692299,
  "summary_wm_median": 999.9999702721834,
  "summary_wm_n": 202197.0,
  "summary_wm_p05": 934.2927198112011,
  "summary_wm_p95": 1060.2158366888762,
  "summary_wm_stdv": 38.2874318710283,
  "tpm_overlap_csf": 0.16603361070156097,
  "tpm_overlap_gm": 0.44041872024536133,
  "tpm_overlap_wm": 0.5109447836875916,
  "wm2max": 0.6815072912633888
}