{
  "bids_meta": {
    "AcquisitionMatrixPE": 240,
    "AcquisitionNumber": 4,
    "AcquisitionTime": "10:55:29.000000",
    "CoilString": "MULTI_COIL",
    "ConversionSoftware": "dcm2niix",
    "ConversionSoftwareVersion": "v1.0.20190410  (JP2:OpenJPEG) GCC6.3.0",
    "Dcm2bidsVersion": "2.1.4",
    "DeviceSerialNumber": "42451",
    "EchoTime": 0.003501,
    "EchoTrainLength": 240,
    "FlipAngle": 8,
    "ImageOrientationPatientDICOM": [
      -0.0250781,
      0.999681,
      -0.00313702,
      -0.00616576,
      -0.00329263,
      -0.999976
    ],
    "ImageType": [
      "ORIGINAL",
      "PRIMARY",
      "M",
      "FFE",
      "M",
      "FFE"
    ],
    "ImagingFrequency": 127.766,
    "InPlanePhaseEncodingDirectionDICOM": "ROW",
    "InstitutionAddress": "Calzada_Mexico_Xochimilco_No.101_Tlalpan",
    "InstitutionName": "I.N._Psiquiatria",
    "InstitutionalDepartmentName": "Imagenes_Cerebrales",
    "MRAcquisitionType": "3D",
    "MagneticFieldStrength": 3,
    "Manufacturer": "Philips",
    "ManufacturersModelName": "Ingenia",
    "Modality": "MR",
    "PatientPosition": "HFS",
    "PercentPhaseFOV": 100,
    "PhaseEncodingSteps": 240,
    "PhilipsRescaleIntercept": 0,
    "PhilipsRescaleSlope": 11.915,
    "PhilipsScaleSlope": 0.00520082,
    "PixelBandwidth": 310,
    "ProcedureStepDescription": "EDUARDO_TMS",
    "ProtocolName": "WIP_sT1W_3D_TFE_32_channel_SENSE",
    "ReconMatrixPE": 240,
    "RepetitionTime": 0.007,
    "SAR": 0.0382114,
    "ScanOptions": "OTHER",
    "ScanningSequence": "GR",
    "SequenceVariant": "MP",
    "SeriesDescription": "sT1W_3D_TFE_32_channel",
    "SeriesNumber": 401,
    "SliceThickness": 1,
    "SoftwareVersions": "5.1.7_5.1.7.2",
    "SpacingBetweenSlices": 1,
    "StationName": "INGENIA",
    "UsePhilipsFloatNotDisplayScaling": 1,
    "dataset": "<unset>",
    "modality": "T1w",
    "session_id": "t2",
    "subject_id": "003"
  },
  "cjv": 0.43213485864181356,
  "cnr": 3.006124153053579,
  "efc": 0.8070744452913714,
  "fber": 443.52130463512236,
  "fwhm_avg": 4.2429966666666665,
  "fwhm_x": 4.12469,
  "fwhm_y": 4.53742,
  "fwhm_z": 4.06688,
  "icvs_csf": 0.2051752359768232,
  "icvs_gm": 0.3918397931242931,
  "icvs_wm": 0.4029849708988837,
  "inu_med": 1.2114386558532715,
  "inu_range": 0.4478268384933468,
  "provenance": {
    "md5sum": "3f6517533dbf7af4398d49591d7154d7",
    "settings": {
      "testing": false
    },
    "software": "mriqc",
    "version": "21.0.0rc2",
    "warnings": {
      "large_rot_frame": true,
      "small_air_mask": true
    },
    "webapi_port": null,
    "webapi_url": "https://mriqc.nimh.nih.gov/api/v1"
  },
  "qi_1": 0.0,
  "qi_2": 0.00031217856122410124,
  "rpve_csf": 19.947203768829095,
  "rpve_gm": 10.708851996801751,
  "rpve_wm": 12.771997389439662,
  "size_x": 180,
  "size_y": 240,
  "size_z": 240,
  "snr_csf": 3.354212560530254,
  "snr_gm": 12.511480892795444,
  "snr_total": 14.438758660971507,
  "snr_wm": 27.450582529588825,
  "snrd_csf": 17.506796249541527,
  "snrd_gm": 35.363728424073884,
  "snrd_total": 32.72616261478467,
  "snrd_wm": 45.3079631707386,
  "spacing_x": 1.0,
  "spacing_y": 1.0,
  "spacing_z": 1.0,
  "summary_bg_k": 2.150622522826369,
  "summary_bg_mad": 14.459629848309836,
  "summary_bg_mean": 16.028420264076676,
  "summary_bg_median": 10.207455147057772,
  "summary_bg_n": 38895.0,
  "summary_bg_p05": 0.0,
  "summary_bg_p95": 30.622365441173315,
  "summary_bg_stdv": 10.578232895779204,
  "summary_csf_k": 0.5324792065420092,
  "summary_csf_mad": 103.3618455682148,
  "summary_csf_mean": 412.0897897233876,
  "summary_csf_median": 386.395569331944,
  "summary_csf_n": 34288.0,
  "summary_csf_p05": 263.6168274618685,
  "summary_csf_p95": 619.5821959940715,
  "summary_csf_stdv": 115.19542299669557,
  "summary_gm_k": 0.23591520046597303,
  "summary_gm_mad": 60.411843349294486,
  "summary_gm_mean": 781.9055506438589,
  "summary_gm_median": 780.5190500505269,
  "summary_gm_n": 32508.0,
  "summary_gm_p05": 682.5770715139806,
  "summary_gm_p95": 886.3811046151443,
  "summary_gm_stdv": 62.3832663467795,
  "summary_wm_k": 0.5835262583636012,
  "summary_wm_mad": 34.43352531673783,
  "summary_wm_mean": 1000.1466518648128,
  "summary_wm_median": 999.9999985769391,
  "summary_wm_n": 304580.0,
  "summary_wm_p05": 941.0695085376501,
  "summary_wm_p95": 1060.0049575790763,
  "summary_wm_stdv": 36.42903956201544,
  "tpm_overlap_csf": 0.17246147990226746,
  "tpm_overlap_gm": 0.4353792667388916,
  "tpm_overlap_wm": 0.50661700963974,
  "wm2max": 0.6233866604838086
}