{
  "bids_meta": {
    "AcquisitionMatrixPE": 240,
    "AcquisitionNumber": 4,
    "AcquisitionTime": "08:39:46.970000",
    "BodyPartExamined": "BRAIN",
    "CoilString": "MULTI_COIL",
    "ConversionSoftware": "dcm2niix",
    "ConversionSoftwareVersion": "v1.0.20190410  (JP2:OpenJPEG) GCC6.3.0",
    "Dcm2bidsVersion": "2.1.4",
    "DeviceSerialNumber": "42451",
    "EchoTime": 0.0035,
    "EchoTrainLength": 240,
    "FlipAngle": 8,
    "ImageOrientationPatientDICOM": [
      -9.01016e-05,
      0.999996,
      0.00264933,
      0.000626669,
      0.00264938,
      -0.999996
    ],
    "ImageType": [
      "ORIGINAL",
      "PRIMARY",
      "M",
      "FFE",
      "M",
      "FFE"
    ],
    "ImagingFrequency": 127.759,
    "InPlanePhaseEncodingDirectionDICOM": "ROW",
    "InstitutionAddress": "Calzada_Mexico_Xochimilco_No.101_Tlalpan",
    "InstitutionName": "I.N._Psiquiatria",
    "InstitutionalDepartmentName": "Imagenes_Cerebrales",
    "MRAcquisitionType": "3D",
    "MagneticFieldStrength": 3,
    "Manufacturer": "Philips",
    "ManufacturersModelName": "Ingenia",
    "Modality": "MR",
    "PatientPosition": "HFS",
    "PercentPhaseFOV": 100,
    "PhaseEncodingSteps": 240,
    "PhilipsRescaleIntercept": 0,
    "PhilipsRescaleSlope": 17.0327,
    "PhilipsScaleSlope": 0.00604645,
    "PixelBandwidth": 310,
    "ProcedureStepDescription": "EDUARDO_TMS",
    "ProtocolName": "WIP_sT1W_3D_TFE_32_channel",
    "ReconMatrixPE": 240,
    "RepetitionTime": 0.007,
    "SAR": 0.0382114,
    "ScanOptions": "OTHER",
    "ScanningSequence": "GR",
    "SequenceVariant": "MP",
    "SeriesDescription": "sT1W_3D_TFE_32_channel",
    "SeriesNumber": 401,
    "SliceThickness": 1,
    "SoftwareVersions": "5.3.1_5.3.1.0",
    "SpacingBetweenSlices": 1,
    "StationName": "PHILIPS-CTMFQSD",
    "UsePhilipsFloatNotDisplayScaling": 1,
    "dataset": "<unset>",
    "modality": "T1w",
    "session_id": "t3",
    "subject_id": "022"
  },
  "cjv": 0.5039324321461678,
  "cnr": 2.527351834448746,
  "efc": 0.7599751482031987,
  "fber": 4873.530987840513,
  "fwhm_avg": 4.181573333333334,
  "fwhm_x": 4.05434,
  "fwhm_y": 4.48221,
  "fwhm_z": 4.00817,
  "icvs_csf": 0.21788003471919434,
  "icvs_gm": 0.40231559398848427,
  "icvs_wm": 0.3798043712923214,
  "inu_med": 1.9950100183486938,
  "inu_range": 0.7884878814220428,
  "provenance": {
    "md5sum": "db643a7acd0cdeada099b0c0b9ba74b0",
    "settings": {
      "testing": false
    },
    "software": "mriqc",
    "version": "21.0.0rc2",
    "warnings": {
      "large_rot_frame": true,
      "small_air_mask": true
    },
    "webapi_port": null,
    "webapi_url": "https://mriqc.nimh.nih.gov/api/v1"
  },
  "qi_1": 0.04114480347095177,
  "qi_2": 4.6293328453741695e-05,
  "rpve_csf": 20.304923220984882,
  "rpve_gm": 11.019526636179169,
  "rpve_wm": 13.991027934573356,
  "size_x": 180,
  "size_y": 240,
  "size_z": 240,
  "snr_csf": 4.075347087322403,
  "snr_gm": 10.178856989265782,
  "snr_total": 12.588341775657137,
  "snr_wm": 23.510821250383223,
  "snrd_csf": 52.512568789305824,
  "snrd_gm": 106.43526348224725,
  "snrd_total": 98.58101382543816,
  "snrd_wm": 136.7952092047614,
  "spacing_x": 1.0,
  "spacing_y": 1.0,
  "spacing_z": 1.0,
  "summary_bg_k": 9.517611858433812,
  "summary_bg_mad": 4.789176171221555,
  "summary_bg_mean": 5.381391641765872,
  "summary_bg_median": 3.2302502393722534,
  "summary_bg_n": 171486.0,
  "summary_bg_p05": 0.0,
  "summary_bg_p95": 22.70675903558731,
  "summary_bg_stdv": 7.716144636456628,
  "summary_csf_k": 1.7142214593061835,
  "summary_csf_mad": 70.49949040283495,
  "summary_csf_mean": 402.18713833736575,
  "summary_csf_median": 383.8772380053997,
  "summary_csf_n": 53676.0,
  "summary_csf_p05": 285.81776658445597,
  "summary_csf_p95": 603.8667800426483,
  "summary_csf_stdv": 94.19410270815568,
  "summary_gm_k": 0.2887591170161037,
  "summary_gm_mad": 71.06292289356689,
  "summary_gm_mean": 787.4140718202958,
  "summary_gm_median": 778.0627745687962,
  "summary_gm_n": 22834.0,
  "summary_gm_p05": 676.3407694205641,
  "summary_gm_p95": 929.236110587418,
  "summary_gm_stdv": 76.43743672096176,
  "summary_wm_k": 0.5186552462100669,
  "summary_wm_mad": 40.77842651672471,
  "summary_wm_mean": 1000.8279761757354,
  "summary_wm_median": 999.9999674856663,
  "summary_wm_n": 245953.0,
  "summary_wm_p05": 932.354727178812,
  "summary_wm_p95": 1071.1604801118374,
  "summary_wm_stdv": 42.533517818253145,
  "tpm_overlap_csf": 0.17528171837329865,
  "tpm_overlap_gm": 0.44685494899749756,
  "tpm_overlap_wm": 0.505074143409729,
  "wm2max": 0.6285006269779662
}