{
  "aor": 0.001986033333333333,
  "aqi": 0.02160647966666667,
  "bids_meta": {
    "AcquisitionMatrixPE": 70,
    "AcquisitionNumber": 4,
    "AcquisitionTime": "10:34:23.710000",
    "BodyPartExamined": "BRAIN",
    "CoilString": "MULTI_COIL",
    "ConversionSoftware": "dcm2niix",
    "ConversionSoftwareVersion": "v1.0.20190410  (JP2:OpenJPEG) GCC6.3.0",
    "Dcm2bidsVersion": "2.1.4",
    "DeviceSerialNumber": "42451",
    "EchoTime": 0.03,
    "EchoTrainLength": 35,
    "EffectiveEchoSpacing": 0.000698,
    "FlipAngle": 75,
    "ImageOrientationPatientDICOM": [
      0.999998,
      0.00200255,
      0.000555673,
      -0.00200333,
      0.999997,
      0.00140796
    ],
    "ImageType": [
      "ORIGINAL",
      "PRIMARY",
      "M",
      "FFE",
      "M",
      "FFE"
    ],
    "ImagingFrequency": 127.759,
    "InPlanePhaseEncodingDirectionDICOM": "COL",
    "InstitutionAddress": "Calzada_Mexico_Xochimilco_No.101_Tlalpan",
    "InstitutionName": "I.N._Psiquiatria",
    "InstitutionalDepartmentName": "Imagenes_Cerebrales",
    "MRAcquisitionType": "2D",
    "MagneticFieldStrength": 3,
    "Manufacturer": "Philips",
    "ManufacturersModelName": "Ingenia",
    "Modality": "MR",
    "PartialFourier": 0.5,
    "PatientPosition": "HFS",
    "PercentPhaseFOV": 100,
    "PhaseEncodingAxis": "j",
    "PhaseEncodingDirection": "j-",
    "PhaseEncodingSteps": 70,
    "PhilipsRescaleIntercept": 0,
    "PhilipsRescaleSlope": 0.846642,
    "PhilipsScaleSlope": 0.0223698,
    "PixelBandwidth": 1819,
    "ProcedureStepDescription": "PROTOCOLO_TMS",
    "ProtocolName": "WIP_FE_EPI_32chSHC_AP",
    "ReconMatrixPE": 80,
    "RepetitionTime": 2,
    "SAR": 0.119138,
    "ScanOptions": "FS",
    "ScanningSequence": "GR",
    "SequenceVariant": "SK",
    "SeriesDescription": "FE_EPI_32chSHC_AP",
    "SeriesNumber": 401,
    "SliceThickness": 3.33,
    "SliceTiming": [
      0.0,
      1.027027,
      0.054054,
      1.081081,
      0.108108,
      1.135135,
      0.162162,
      1.189189,
      0.216216,
      1.243244,
      0.27027,
      1.297298,
      0.324324,
      1.351352,
      0.378378,
      1.405406,
      0.432432,
      1.45946,
      0.486486,
      1.513514,
      0.540541,
      1.567568,
      0.594595,
      1.621622,
      0.648649,
      1.675676,
      0.702703,
      1.72973,
      0.756757,
      1.783784,
      0.810811,
      1.837838,
      0.864865,
      1.891892,
      0.918919,
      1.945947,
      0.972973
    ],
    "SoftwareVersions": "5.3.1_5.3.1.0",
    "SpacingBetweenSlices": 3.33,
    "StationName": "PHILIPS-CTMFQSD",
    "TaskName": "rest",
    "TotalReadoutTime": 0.04884,
    "UsePhilipsFloatNotDisplayScaling": 1,
    "dataset": "<unset>",
    "modality": "bold",
    "session_id": "t4",
    "subject_id": "032",
    "task_id": "rest"
  },
  "dummy_trs": 0,
  "dvars_nstd": 43.55925110290971,
  "dvars_std": 1.0558148785618737,
  "dvars_vstd": 0.92193379361204,
  "efc": 0.43359186538037553,
  "fber": 81369.46875,
  "fd_mean": 0.3728967047480276,
  "fd_num": 72,
  "fd_perc": 24.0,
  "fwhm_avg": 2.0912413763764075,
  "fwhm_x": 2.012773333333333,
  "fwhm_y": 2.2948666666666666,
  "fwhm_z": 1.9660841291292237,
  "gcor": 0.0383333,
  "gsr_x": -0.01679222285747528,
  "gsr_y": 0.02762015163898468,
  "provenance": {
    "md5sum": "9d606915cebe9c226c494e5b266b6dc4",
    "settings": {
      "fd_thres": 0.5,
      "testing": false
    },
    "software": "mriqc",
    "version": "22.0.0rc1",
    "webapi_port": null,
    "webapi_url": "https://mriqc.nimh.nih.gov/api/v1"
  },
  "size_t": 300,
  "size_x": 80,
  "size_y": 80,
  "size_z": 37,
  "snr": 4.262663390116221,
  "spacing_tr": 2.0000016689300537,
  "spacing_x": 3.0,
  "spacing_y": 3.0,
  "spacing_z": 3.3299999237060547,
  "summary_bg_k": 73.56019065134727,
  "summary_bg_mad": 219.8509839725526,
  "summary_bg_mean": 1609.69775390625,
  "summary_bg_median": 194.52420043945312,
  "summary_bg_n": 158701.0,
  "summary_bg_p05": 19.43700408935547,
  "summary_bg_p95": 8583.3623046875,
  "summary_bg_stdv": 4438.7119140625,
  "summary_fg_k": 2.11284116278084,
  "summary_fg_mad": 11105.744654121678,
  "summary_fg_mean": 58661.1640625,
  "summary_fg_median": 57306.38671875,
  "summary_fg_n": 35957.0,
  "summary_fg_p05": 39320.38515625,
  "summary_fg_p95": 83318.78906249996,
  "summary_fg_stdv": 13443.611328125,
  "tsnr": 29.836790084838867
}