{
  "bids_meta": {
    "AcquisitionMatrixPE": 240,
    "AcquisitionNumber": 4,
    "AcquisitionTime": "09:31:11.270000",
    "BodyPartExamined": "BRAIN",
    "CoilString": "MULTI_COIL",
    "ConversionSoftware": "dcm2niix",
    "ConversionSoftwareVersion": "v1.0.20190410  (JP2:OpenJPEG) GCC6.3.0",
    "Dcm2bidsVersion": "2.1.4",
    "DeviceSerialNumber": "42451",
    "EchoTime": 0.0035,
    "EchoTrainLength": 240,
    "FlipAngle": 8,
    "ImageOrientationPatientDICOM": [
      -0.00205792,
      0.999996,
      0.00167671,
      0.000570165,
      0.00167788,
      -0.999998
    ],
    "ImageType": [
      "ORIGINAL",
      "PRIMARY",
      "M",
      "FFE",
      "M",
      "FFE"
    ],
    "ImagingFrequency": 127.759,
    "InPlanePhaseEncodingDirectionDICOM": "ROW",
    "InstitutionAddress": "Calzada_Mexico_Xochimilco_No.101_Tlalpan",
    "InstitutionName": "I.N._Psiquiatria",
    "InstitutionalDepartmentName": "Imagenes_Cerebrales",
    "MRAcquisitionType": "3D",
    "MagneticFieldStrength": 3,
    "Manufacturer": "Philips",
    "ManufacturersModelName": "Ingenia",
    "Modality": "MR",
    "PatientPosition": "HFS",
    "PercentPhaseFOV": 100,
    "PhaseEncodingSteps": 240,
    "PhilipsRescaleIntercept": 0,
    "PhilipsRescaleSlope": 5.93309,
    "PhilipsScaleSlope": 0.00602415,
    "PixelBandwidth": 310,
    "ProcedureStepDescription": "PROTOCOLO_EDUARDO_TMS",
    "ProtocolName": "WIP_sT1W_3D_TFE_32_channel",
    "ReconMatrixPE": 240,
    "RepetitionTime": 0.007,
    "SAR": 0.0382114,
    "ScanOptions": "OTHER",
    "ScanningSequence": "GR",
    "SequenceVariant": "MP",
    "SeriesDescription": "sT1W_3D_TFE_32_channel",
    "SeriesNumber": 401,
    "SliceThickness": 1,
    "SoftwareVersions": "5.3.1_5.3.1.0",
    "SpacingBetweenSlices": 1,
    "StationName": "PHILIPS-CTMFQSD",
    "UsePhilipsFloatNotDisplayScaling": 1,
    "dataset": "<unset>",
    "modality": "T1w",
    "session_id": "t1",
    "subject_id": "053"
  },
  "cjv": 0.4166549198540027,
  "cnr": 3.046974946451773,
  "efc": 0.7377368822685689,
  "fber": 5129.234901361111,
  "fwhm_avg": 4.055036666666667,
  "fwhm_x": 3.90962,
  "fwhm_y": 4.34845,
  "fwhm_z": 3.90704,
  "icvs_csf": 0.2251576808367309,
  "icvs_gm": 0.3794637861552288,
  "icvs_wm": 0.3953785330080403,
  "inu_med": 1.5781912803649902,
  "inu_range": 0.5272204160690306,
  "provenance": {
    "md5sum": "5def1fb11d712a571c107c70c3127df7",
    "settings": {
      "testing": false
    },
    "software": "mriqc",
    "version": "21.0.0rc2",
    "warnings": {
      "large_rot_frame": true,
      "small_air_mask": false
    },
    "webapi_port": null,
    "webapi_url": "https://mriqc.nimh.nih.gov/api/v1"
  },
  "qi_1": 5.296516657544888e-05,
  "qi_2": 7.61396913033084e-05,
  "rpve_csf": 22.783363381454624,
  "rpve_gm": 13.137652452165499,
  "rpve_wm": 15.731211133599526,
  "size_x": 180,
  "size_y": 240,
  "size_z": 240,
  "snr_csf": 3.6981470102788325,
  "snr_gm": 11.889973852203477,
  "snr_total": 13.792762533368647,
  "snr_wm": 25.790166737623633,
  "snrd_csf": 28.272834678332874,
  "snrd_gm": 61.32719853887183,
  "snrd_total": 56.46223099130674,
  "snrd_wm": 79.78665975671551,
  "spacing_x": 1.0,
  "spacing_y": 1.0,
  "spacing_z": 1.0,
  "summary_bg_k": 3.440661792106088,
  "summary_bg_mad": 8.211101229897064,
  "summary_bg_mean": 8.691219248426199,
  "summary_bg_median": 5.53830361738801,
  "summary_bg_n": 495885.0,
  "summary_bg_p05": 0.0,
  "summary_bg_p95": 26.122865617275238,
  "summary_bg_stdv": 9.126233419541624,
  "summary_csf_k": 1.579642727821617,
  "summary_csf_mad": 78.93099043536888,
  "summary_csf_mean": 376.04624972016626,
  "summary_csf_median": 354.3553915657103,
  "summary_csf_n": 39207.0,
  "summary_csf_p05": 260.4603365957737,
  "summary_csf_p95": 563.5624097138643,
  "summary_csf_stdv": 95.81849275320434,
  "summary_gm_k": 0.3993828584976864,
  "summary_gm_mad": 60.372952395543734,
  "summary_gm_mean": 769.0359761452744,
  "summary_gm_median": 768.6397101357579,
  "summary_gm_n": 13243.0,
  "summary_gm_p05": 663.4791693683713,
  "summary_gm_p95": 877.8627406664192,
  "summary_gm_stdv": 64.64359792025348,
  "summary_wm_k": 0.6058742944454516,
  "summary_wm_mad": 36.02442678319001,
  "summary_wm_mean": 999.876594541921,
  "summary_wm_median": 999.999942753464,
  "summary_wm_n": 231235.0,
  "summary_wm_p05": 935.8132447600365,
  "summary_wm_p95": 1063.2998719017949,
  "summary_wm_stdv": 38.774382136506205,
  "tpm_overlap_csf": 0.1678154021501541,
  "tpm_overlap_gm": 0.4166765809059143,
  "tpm_overlap_wm": 0.5001277923583984,
  "wm2max": 0.7013561374404155
}