{
  "bids_meta": {
    "AcquisitionMatrixPE": 240,
    "AcquisitionNumber": 4,
    "AcquisitionTime": "08:36:24.050000",
    "BodyPartExamined": "BRAIN",
    "CoilString": "MULTI_COIL",
    "ConversionSoftware": "dcm2niix",
    "ConversionSoftwareVersion": "v1.0.20190410  (JP2:OpenJPEG) GCC6.3.0",
    "Dcm2bidsVersion": "2.1.4",
    "DeviceSerialNumber": "42451",
    "EchoTime": 0.0035,
    "EchoTrainLength": 240,
    "FlipAngle": 8,
    "ImageOrientationPatientDICOM": [
      -0.0328947,
      0.999457,
      -0.00184826,
      -0.0543664,
      -0.00363585,
      -0.998514
    ],
    "ImageType": [
      "ORIGINAL",
      "PRIMARY",
      "M",
      "FFE",
      "M",
      "FFE"
    ],
    "ImagingFrequency": 127.759,
    "InPlanePhaseEncodingDirectionDICOM": "ROW",
    "InstitutionAddress": "Calzada_Mexico_Xochimilco_No.101_Tlalpan",
    "InstitutionName": "I.N._Psiquiatria",
    "InstitutionalDepartmentName": "Imagenes_Cerebrales",
    "MRAcquisitionType": "3D",
    "MagneticFieldStrength": 3,
    "Manufacturer": "Philips",
    "ManufacturersModelName": "Ingenia",
    "Modality": "MR",
    "PatientPosition": "HFS",
    "PercentPhaseFOV": 100,
    "PhaseEncodingSteps": 240,
    "PhilipsRescaleIntercept": 0,
    "PhilipsRescaleSlope": 16.1118,
    "PhilipsScaleSlope": 0.00583233,
    "PixelBandwidth": 310,
    "ProcedureStepDescription": "PRTOCOLO_EDUARDO_TMS",
    "ProtocolName": "WIP_sT1W_3D_TFE_32_channel",
    "ReconMatrixPE": 240,
    "RepetitionTime": 0.007,
    "SAR": 0.0382114,
    "ScanOptions": "OTHER",
    "ScanningSequence": "GR",
    "SequenceVariant": "MP",
    "SeriesDescription": "sT1W_3D_TFE_32_channel",
    "SeriesNumber": 401,
    "SliceThickness": 1,
    "SoftwareVersions": "5.3.1_5.3.1.0",
    "SpacingBetweenSlices": 1,
    "StationName": "PHILIPS-CTMFQSD",
    "UsePhilipsFloatNotDisplayScaling": 1,
    "dataset": "<unset>",
    "modality": "T1w",
    "session_id": "t1",
    "subject_id": "039"
  },
  "cjv": 0.5457513743730299,
  "cnr": 2.3370622603311886,
  "efc": 0.7542966444536846,
  "fber": 7897.427202787052,
  "fwhm_avg": 4.053023333333334,
  "fwhm_x": 3.92612,
  "fwhm_y": 4.38034,
  "fwhm_z": 3.85261,
  "icvs_csf": 0.2420512275126648,
  "icvs_gm": 0.3729155935735845,
  "icvs_wm": 0.3850331789137507,
  "inu_med": 1.839292287826538,
  "inu_range": 0.7716006875038146,
  "provenance": {
    "md5sum": "0b46fd6150b45d32cb7e7e1684e29f1b",
    "settings": {
      "testing": false
    },
    "software": "mriqc",
    "version": "21.0.0rc2",
    "warnings": {
      "large_rot_frame": true,
      "small_air_mask": false
    },
    "webapi_port": null,
    "webapi_url": "https://mriqc.nimh.nih.gov/api/v1"
  },
  "qi_1": 0.0,
  "qi_2": 9.397291052454502e-05,
  "rpve_csf": 19.12810647307925,
  "rpve_gm": 11.833200030181846,
  "rpve_wm": 14.3006570667705,
  "size_x": 180,
  "size_y": 240,
  "size_z": 240,
  "snr_csf": 3.733242821379754,
  "snr_gm": 9.557078518576223,
  "snr_total": 12.179527896017786,
  "snr_wm": 23.24826234809738,
  "snrd_csf": 48.935684377945115,
  "snrd_gm": 101.66986104292569,
  "snrd_total": 93.48747621581924,
  "snrd_wm": 129.85688322658694,
  "spacing_x": 1.0,
  "spacing_y": 1.0,
  "spacing_z": 1.0,
  "summary_bg_k": 5.006316206455281,
  "summary_bg_mad": 5.045284950814074,
  "summary_bg_mean": 6.803434217126595,
  "summary_bg_median": 3.4029929861426353,
  "summary_bg_n": 344066.0,
  "summary_bg_p05": 0.0,
  "summary_bg_p95": 24.08271959424019,
  "summary_bg_stdv": 8.084525468438835,
  "summary_csf_k": 1.1830704696535852,
  "summary_csf_mad": 86.09325986581453,
  "summary_csf_mean": 393.8160727486398,
  "summary_csf_median": 376.8596591576934,
  "summary_csf_n": 54690.0,
  "summary_csf_p05": 262.946650352329,
  "summary_csf_p95": 592.4698045104742,
  "summary_csf_stdv": 100.94607604070632,
  "summary_gm_k": 0.17465890243538107,
  "summary_gm_mad": 78.23425830781568,
  "summary_gm_mean": 788.4780720929193,
  "summary_gm_median": 782.9719695616513,
  "summary_gm_n": 15114.0,
  "summary_gm_p05": 664.0046436095611,
  "summary_gm_p95": 936.0281233306973,
  "summary_gm_stdv": 81.92315940509461,
  "summary_wm_k": 0.6295275315715054,
  "summary_wm_mad": 40.23291332572249,
  "summary_wm_mean": 1001.836179247237,
  "summary_wm_median": 1000.0436567738652,
  "summary_wm_n": 252134.0,
  "summary_wm_p05": 934.3833433873951,
  "summary_wm_p95": 1075.040386814624,
  "summary_wm_stdv": 43.01576000129204,
  "tpm_overlap_csf": 0.1803756207227707,
  "tpm_overlap_gm": 0.43550682067871094,
  "tpm_overlap_wm": 0.5003176331520081,
  "wm2max": 0.5944039623473277
}