{
  "bids_meta": {
    "AcquisitionMatrixPE": 240,
    "AcquisitionNumber": 6,
    "AcquisitionTime": "12:09:32.990000",
    "BodyPartExamined": "BRAIN",
    "CoilString": "MULTI_COIL",
    "ConversionSoftware": "dcm2niix",
    "ConversionSoftwareVersion": "v1.0.20190410  (JP2:OpenJPEG) GCC6.3.0",
    "Dcm2bidsVersion": "2.1.4",
    "DeviceSerialNumber": "42451",
    "EchoTime": 0.0035,
    "EchoTrainLength": 240,
    "FlipAngle": 8,
    "ImageOrientationPatientDICOM": [
      -0.0042116,
      0.999942,
      0.00988462,
      -0.00362181,
      0.00986939,
      -0.999945
    ],
    "ImageType": [
      "ORIGINAL",
      "PRIMARY",
      "M",
      "FFE",
      "M",
      "FFE"
    ],
    "ImagingFrequency": 127.76,
    "InPlanePhaseEncodingDirectionDICOM": "ROW",
    "InstitutionAddress": "Calzada_Mexico_Xochimilco_No.101_Tlalpan",
    "InstitutionName": "I.N._Psiquiatria",
    "InstitutionalDepartmentName": "Imagenes_Cerebrales",
    "MRAcquisitionType": "3D",
    "MagneticFieldStrength": 3,
    "Manufacturer": "Philips",
    "ManufacturersModelName": "Ingenia",
    "Modality": "MR",
    "PatientPosition": "HFS",
    "PercentPhaseFOV": 100,
    "PhaseEncodingSteps": 240,
    "PhilipsRescaleIntercept": 0,
    "PhilipsRescaleSlope": 75.7985,
    "PhilipsScaleSlope": 0.00566802,
    "PixelBandwidth": 310,
    "ProcedureStepDescription": "EDUARDO_TMS",
    "ProtocolName": "sT1W_3D_TFE_32_channel",
    "ReconMatrixPE": 240,
    "RepetitionTime": 0.007,
    "SAR": 0.0382114,
    "ScanOptions": "OTHER",
    "ScanningSequence": "GR",
    "SequenceVariant": "MP",
    "SeriesDescription": "sT1W_3D_TFE_32_channel",
    "SeriesNumber": 601,
    "SliceThickness": 1,
    "SoftwareVersions": "5.3.1_5.3.1.1",
    "SpacingBetweenSlices": 1,
    "StationName": "PHILIPS-CTMFQSD",
    "UsePhilipsFloatNotDisplayScaling": 1,
    "dataset": "<unset>",
    "modality": "T1w",
    "session_id": "t0",
    "subject_id": "018"
  },
  "cjv": 0.451001374160795,
  "cnr": 2.8934149578903035,
  "efc": 0.7630458733726279,
  "fber": 4623.364507817277,
  "fwhm_avg": 4.1564033333333334,
  "fwhm_x": 4.07367,
  "fwhm_y": 4.41467,
  "fwhm_z": 3.98087,
  "icvs_csf": 0.20959998636587482,
  "icvs_gm": 0.4068355728054591,
  "icvs_wm": 0.38356444082866603,
  "inu_med": 1.7896009683609009,
  "inu_range": 0.7906037569046018,
  "provenance": {
    "md5sum": "add38c4812c083e031d69fcf0a239fd3",
    "settings": {
      "testing": false
    },
    "software": "mriqc",
    "version": "21.0.0rc2",
    "warnings": {
      "large_rot_frame": true,
      "small_air_mask": false
    },
    "webapi_port": null,
    "webapi_url": "https://mriqc.nimh.nih.gov/api/v1"
  },
  "qi_1": 0.0,
  "qi_2": 0.00011287903985230787,
  "rpve_csf": 25.094577953351134,
  "rpve_gm": 13.279454390895076,
  "rpve_wm": 16.865982996742243,
  "size_x": 180,
  "size_y": 240,
  "size_z": 240,
  "snr_csf": 3.757299486092917,
  "snr_gm": 10.846022385504282,
  "snr_total": 12.331503283792834,
  "snr_wm": 22.391187979781304,
  "snrd_csf": 26.562755906843723,
  "snrd_gm": 55.93862466980117,
  "snrd_total": 52.07993004415845,
  "snrd_wm": 73.73840955583046,
  "spacing_x": 1.0,
  "spacing_y": 1.0,
  "spacing_z": 1.0,
  "summary_bg_k": 2.477550869081644,
  "summary_bg_mad": 8.884601019875726,
  "summary_bg_mean": 8.6608903050352,
  "summary_bg_median": 6.0769747495651245,
  "summary_bg_n": 313999.0,
  "summary_bg_p05": 0.0,
  "summary_bg_p95": 25.025319628417492,
  "summary_bg_stdv": 8.589058086081256,
  "summary_csf_k": 1.6614929522807875,
  "summary_csf_mad": 84.77911536571555,
  "summary_csf_mean": 375.58484993766336,
  "summary_csf_median": 360.2295587658882,
  "summary_csf_n": 30765.0,
  "summary_csf_p05": 254.48175788074732,
  "summary_csf_p95": 559.6302927359939,
  "summary_csf_stdv": 95.87303474644447,
  "summary_gm_k": 0.25519525137440846,
  "summary_gm_mad": 67.32275139004423,
  "summary_gm_mean": 762.4999784451197,
  "summary_gm_median": 758.609014570713,
  "summary_gm_n": 21125.0,
  "summary_gm_p05": 654.8868719354272,
  "summary_gm_p95": 885.0016491189599,
  "summary_gm_stdv": 69.94186736412503,
  "summary_wm_k": 0.707343096646702,
  "summary_wm_mad": 41.544894909841425,
  "summary_wm_mean": 998.4582808866201,
  "summary_wm_median": 999.9999560117722,
  "summary_wm_n": 201710.0,
  "summary_wm_p05": 922.4109148602932,
  "summary_wm_p95": 1068.0705134496093,
  "summary_wm_stdv": 44.66031360665524,
  "tpm_overlap_csf": 0.16507825255393982,
  "tpm_overlap_gm": 0.42851001024246216,
  "tpm_overlap_wm": 0.48873358964920044,
  "wm2max": 0.6563261597561559
}