{
  "bids_meta": {
    "AcquisitionMatrixPE": 240,
    "AcquisitionNumber": 4,
    "AcquisitionTime": "08:50:32.770000",
    "BodyPartExamined": "BRAIN",
    "CoilString": "MULTI_COIL",
    "ConversionSoftware": "dcm2niix",
    "ConversionSoftwareVersion": "v1.0.20190410  (JP2:OpenJPEG) GCC6.3.0",
    "Dcm2bidsVersion": "2.1.4",
    "DeviceSerialNumber": "42451",
    "EchoTime": 0.0035,
    "EchoTrainLength": 240,
    "FlipAngle": 8,
    "ImageOrientationPatientDICOM": [
      -0.00325651,
      0.999948,
      -0.00968243,
      0.0168348,
      -0.00962629,
      -0.999812
    ],
    "ImageType": [
      "ORIGINAL",
      "PRIMARY",
      "M",
      "FFE",
      "M",
      "FFE"
    ],
    "ImagingFrequency": 127.76,
    "InPlanePhaseEncodingDirectionDICOM": "ROW",
    "InstitutionAddress": "Calzada_Mexico_Xochimilco_No.101_Tlalpan",
    "InstitutionName": "I.N._Psiquiatria",
    "InstitutionalDepartmentName": "Imagenes_Cerebrales",
    "MRAcquisitionType": "3D",
    "MagneticFieldStrength": 3,
    "Manufacturer": "Philips",
    "ManufacturersModelName": "Ingenia",
    "Modality": "MR",
    "PatientPosition": "HFS",
    "PercentPhaseFOV": 100,
    "PhaseEncodingSteps": 240,
    "PhilipsRescaleIntercept": 0,
    "PhilipsRescaleSlope": 14.0852,
    "PhilipsScaleSlope": 0.00585435,
    "PixelBandwidth": 310,
    "ProcedureStepDescription": "EDUARDO_TMS",
    "ProtocolName": "WIP_sT1W_3D_TFE_32_channel",
    "ReconMatrixPE": 240,
    "RepetitionTime": 0.007,
    "SAR": 0.0382114,
    "ScanOptions": "OTHER",
    "ScanningSequence": "GR",
    "SequenceVariant": "MP",
    "SeriesDescription": "sT1W_3D_TFE_32_channel",
    "SeriesNumber": 401,
    "SliceThickness": 1,
    "SoftwareVersions": "5.3.1_5.3.1.0",
    "SpacingBetweenSlices": 1,
    "StationName": "PHILIPS-CTMFQSD",
    "UsePhilipsFloatNotDisplayScaling": 1,
    "dataset": "<unset>",
    "modality": "T1w",
    "session_id": "t14",
    "subject_id": "022"
  },
  "cjv": 0.6348269661893906,
  "cnr": 2.158572622164662,
  "efc": 0.7848270651381626,
  "fber": 1508.7313622400757,
  "fwhm_avg": 4.615886666666667,
  "fwhm_x": 4.52984,
  "fwhm_y": 4.90267,
  "fwhm_z": 4.41515,
  "icvs_csf": 0.23796094284032665,
  "icvs_gm": 0.3884033504924802,
  "icvs_wm": 0.37363570666719315,
  "inu_med": 1.8482191562652588,
  "inu_range": 0.8691818952560424,
  "provenance": {
    "md5sum": "9837b283fce640db8e6592a073d483e3",
    "settings": {
      "testing": false
    },
    "software": "mriqc",
    "version": "21.0.0rc2",
    "warnings": {
      "large_rot_frame": true,
      "small_air_mask": true
    },
    "webapi_port": null,
    "webapi_url": "https://mriqc.nimh.nih.gov/api/v1"
  },
  "qi_1": 0.0,
  "qi_2": 0.0001222017789373343,
  "rpve_csf": 18.655623556938593,
  "rpve_gm": 11.014151791030235,
  "rpve_wm": 13.90267884574001,
  "size_x": 180,
  "size_y": 240,
  "size_z": 240,
  "snr_csf": 3.9387160255254727,
  "snr_gm": 9.352207514164327,
  "snr_total": 11.202571525365551,
  "snr_wm": 20.31679103640686,
  "snrd_csf": 46.83957379449529,
  "snrd_gm": 95.76646226031924,
  "snrd_total": 88.0393280035064,
  "snrd_wm": 121.51194795570468,
  "spacing_x": 1.0,
  "spacing_y": 1.0,
  "spacing_z": 1.0,
  "summary_bg_k": 6.108607247417648,
  "summary_bg_mad": 5.391796792895963,
  "summary_bg_mean": 8.942413203777615,
  "summary_bg_median": 3.636711671948433,
  "summary_bg_n": 149971.0,
  "summary_bg_p05": 0.0,
  "summary_bg_p95": 30.959900680929422,
  "summary_bg_stdv": 10.514792306629014,
  "summary_csf_k": 1.9320888309517388,
  "summary_csf_mad": 80.16750494700577,
  "summary_csf_mean": 401.62177029291837,
  "summary_csf_median": 385.4914372265339,
  "summary_csf_n": 63600.0,
  "summary_csf_p05": 274.332473885268,
  "summary_csf_p95": 596.612120077014,
  "summary_csf_stdv": 97.87159168707326,
  "summary_gm_k": -0.22419135068848117,
  "summary_gm_mad": 87.40386380062931,
  "summary_gm_mean": 797.6293449114984,
  "summary_gm_median": 788.1615519560874,
  "summary_gm_n": 22159.0,
  "summary_gm_p05": 673.5429273795337,
  "summary_gm_p95": 944.8798992823808,
  "summary_gm_stdv": 84.2735542737589,
  "summary_wm_k": 0.49144151385114965,
  "summary_wm_mad": 47.107277243196314,
  "summary_wm_mean": 1002.102922995866,
  "summary_wm_median": 1000.0478583164513,
  "summary_wm_n": 250213.0,
  "summary_wm_p05": 924.6817940622568,
  "summary_wm_p95": 1085.8933943621814,
  "summary_wm_stdv": 49.22262861931924,
  "tpm_overlap_csf": 0.1797909289598465,
  "tpm_overlap_gm": 0.4582429528236389,
  "tpm_overlap_wm": 0.515807032585144,
  "wm2max": 0.6176374974140734
}