{
  "bids_meta": {
    "AcquisitionMatrixPE": 240,
    "AcquisitionNumber": 4,
    "AcquisitionTime": "08:57:51.720000",
    "BodyPartExamined": "BRAIN",
    "CoilString": "MULTI_COIL",
    "ConversionSoftware": "dcm2niix",
    "ConversionSoftwareVersion": "v1.0.20190410  (JP2:OpenJPEG) GCC6.3.0",
    "Dcm2bidsVersion": "2.1.4",
    "DeviceSerialNumber": "42451",
    "EchoTime": 0.0035,
    "EchoTrainLength": 240,
    "FlipAngle": 8,
    "ImageOrientationPatientDICOM": [
      -0.0042116,
      0.999988,
      -0.00258158,
      -0.00362181,
      -0.00259684,
      -0.99999
    ],
    "ImageType": [
      "ORIGINAL",
      "PRIMARY",
      "M",
      "FFE",
      "M",
      "FFE"
    ],
    "ImagingFrequency": 127.76,
    "InPlanePhaseEncodingDirectionDICOM": "ROW",
    "InstitutionAddress": "Calzada_Mexico_Xochimilco_No.101_Tlalpan",
    "InstitutionName": "I.N._Psiquiatria",
    "InstitutionalDepartmentName": "Imagenes_Cerebrales",
    "MRAcquisitionType": "3D",
    "MagneticFieldStrength": 3,
    "Manufacturer": "Philips",
    "ManufacturersModelName": "Ingenia",
    "Modality": "MR",
    "PatientPosition": "HFS",
    "PercentPhaseFOV": 100,
    "PhaseEncodingSteps": 240,
    "PhilipsRescaleIntercept": 0,
    "PhilipsRescaleSlope": 17.6645,
    "PhilipsScaleSlope": 0.00607133,
    "PixelBandwidth": 310,
    "ProcedureStepDescription": "EDUARDO_TMS",
    "ProtocolName": "WIP_sT1W_3D_TFE_32_channel",
    "ReconMatrixPE": 240,
    "RepetitionTime": 0.007,
    "SAR": 0.0382114,
    "ScanOptions": "OTHER",
    "ScanningSequence": "GR",
    "SequenceVariant": "MP",
    "SeriesDescription": "sT1W_3D_TFE_32_channel",
    "SeriesNumber": 401,
    "SliceThickness": 1,
    "SoftwareVersions": "5.3.1_5.3.1.1",
    "SpacingBetweenSlices": 1,
    "StationName": "PHILIPS-CTMFQSD",
    "UsePhilipsFloatNotDisplayScaling": 1,
    "dataset": "<unset>",
    "modality": "T1w",
    "session_id": "t1",
    "subject_id": "020"
  },
  "cjv": 0.558808314343951,
  "cnr": 2.3492584690177543,
  "efc": 0.7458339512011526,
  "fber": 11011.994987861228,
  "fwhm_avg": 3.7138233333333335,
  "fwhm_x": 3.59916,
  "fwhm_y": 4.02978,
  "fwhm_z": 3.51253,
  "icvs_csf": 0.19551933199354016,
  "icvs_gm": 0.4293885286394989,
  "icvs_wm": 0.37509213936696095,
  "inu_med": 2.3118159770965576,
  "inu_range": 0.947512298822403,
  "provenance": {
    "md5sum": "54b9e691f13ac1a26b8b235325db95de",
    "settings": {
      "testing": false
    },
    "software": "mriqc",
    "version": "21.0.0rc2",
    "warnings": {
      "large_rot_frame": true,
      "small_air_mask": false
    },
    "webapi_port": null,
    "webapi_url": "https://mriqc.nimh.nih.gov/api/v1"
  },
  "qi_1": 0.03159780922741721,
  "qi_2": 4.107582950061714e-05,
  "rpve_csf": 28.575479915667998,
  "rpve_gm": 13.941135348089924,
  "rpve_wm": 18.487933297777012,
  "size_x": 180,
  "size_y": 240,
  "size_z": 240,
  "snr_csf": 3.058760061162997,
  "snr_gm": 10.428256309428175,
  "snr_total": 11.771933111389714,
  "snr_wm": 21.828782963577975,
  "snrd_csf": 47.502397951964554,
  "snrd_gm": 109.08980925015115,
  "snrd_total": 98.1979249799914,
  "snrd_wm": 138.00156773785847,
  "spacing_x": 1.0,
  "spacing_y": 1.0,
  "spacing_z": 1.0,
  "summary_bg_k": 11.63318872501756,
  "summary_bg_mad": 4.747582454814759,
  "summary_bg_mean": 7.2892764428774655,
  "summary_bg_median": 3.202195703983307,
  "summary_bg_n": 282311.0,
  "summary_bg_p05": 0.0,
  "summary_bg_p95": 29.162853732705116,
  "summary_bg_stdv": 10.404711531135407,
  "summary_csf_k": 5.6036726368314635,
  "summary_csf_mad": 70.19639772476107,
  "summary_csf_mean": 382.34303784596204,
  "summary_csf_median": 344.2360381782055,
  "summary_csf_n": 22944.0,
  "summary_csf_p05": 269.04162120074034,
  "summary_csf_p95": 620.4740224029867,
  "summary_csf_stdv": 112.5385873871207,
  "summary_gm_k": 0.016593642420988708,
  "summary_gm_mad": 74.94398017957583,
  "summary_gm_mean": 797.8670396708137,
  "summary_gm_median": 790.5420644208789,
  "summary_gm_n": 22910.0,
  "summary_gm_p05": 684.806705916673,
  "summary_gm_p95": 934.1005005750804,
  "summary_gm_stdv": 75.80603962603783,
  "summary_wm_k": 0.587136433169333,
  "summary_wm_mad": 42.13479428648098,
  "summary_wm_mean": 999.5918450184112,
  "summary_wm_median": 1000.0571547672153,
  "summary_wm_n": 180796.0,
  "summary_wm_p05": 922.5182730779052,
  "summary_wm_p95": 1073.7076559588313,
  "summary_wm_stdv": 45.81356600255906,
  "tpm_overlap_csf": 0.1640831083059311,
  "tpm_overlap_gm": 0.44300076365470886,
  "tpm_overlap_wm": 0.48449596762657166,
  "wm2max": 0.5849750811118173
}