{
  "bids_meta": {
    "AcquisitionMatrixPE": 240,
    "AcquisitionNumber": 4,
    "AcquisitionTime": "07:56:12.920000",
    "BodyPartExamined": "BRAIN",
    "CoilString": "MULTI_COIL",
    "ConversionSoftware": "dcm2niix",
    "ConversionSoftwareVersion": "v1.0.20190410  (JP2:OpenJPEG) GCC6.3.0",
    "Dcm2bidsVersion": "2.1.4",
    "DeviceSerialNumber": "42451",
    "EchoTime": 0.0035,
    "EchoTrainLength": 240,
    "FlipAngle": 8,
    "ImageOrientationPatientDICOM": [
      -8.24926e-05,
      1,
      -0.000628329,
      0.000587846,
      -0.00062828,
      -1
    ],
    "ImageType": [
      "ORIGINAL",
      "PRIMARY",
      "M",
      "FFE",
      "M",
      "FFE"
    ],
    "ImagingFrequency": 127.759,
    "InPlanePhaseEncodingDirectionDICOM": "ROW",
    "InstitutionAddress": "Calzada_Mexico_Xochimilco_No.101_Tlalpan",
    "InstitutionName": "I.N._Psiquiatria",
    "InstitutionalDepartmentName": "Imagenes_Cerebrales",
    "MRAcquisitionType": "3D",
    "MagneticFieldStrength": 3,
    "Manufacturer": "Philips",
    "ManufacturersModelName": "Ingenia",
    "Modality": "MR",
    "PatientPosition": "HFS",
    "PercentPhaseFOV": 100,
    "PhaseEncodingSteps": 240,
    "PhilipsRescaleIntercept": 0,
    "PhilipsRescaleSlope": 21.6691,
    "PhilipsScaleSlope": 0.00570855,
    "PixelBandwidth": 310,
    "ProcedureStepDescription": "PROTOCOLO_EDUARDO_TMS",
    "ProtocolName": "WIP_sT1W_3D_TFE_32_channel",
    "ReconMatrixPE": 240,
    "RepetitionTime": 0.007,
    "SAR": 0.0382114,
    "ScanOptions": "OTHER",
    "ScanningSequence": "GR",
    "SequenceVariant": "MP",
    "SeriesDescription": "sT1W_3D_TFE_32_channel",
    "SeriesNumber": 401,
    "SliceThickness": 1,
    "SoftwareVersions": "5.3.1_5.3.1.0",
    "SpacingBetweenSlices": 1,
    "StationName": "PHILIPS-CTMFQSD",
    "UsePhilipsFloatNotDisplayScaling": 1,
    "dataset": "<unset>",
    "modality": "T1w",
    "session_id": "t1",
    "subject_id": "049"
  },
  "cjv": 0.6074508886313111,
  "cnr": 2.092953625443003,
  "efc": 0.7362079969343586,
  "fber": 10066.367420678234,
  "fwhm_avg": 4.005966666666667,
  "fwhm_x": 3.91544,
  "fwhm_y": 4.23822,
  "fwhm_z": 3.86424,
  "icvs_csf": 0.21645745707625996,
  "icvs_gm": 0.4080755941642878,
  "icvs_wm": 0.37546694875945225,
  "inu_med": 1.740409255027771,
  "inu_range": 0.8042848885059357,
  "provenance": {
    "md5sum": "5db3e18922d470845e6d95644418227b",
    "settings": {
      "testing": false
    },
    "software": "mriqc",
    "version": "21.0.0rc2",
    "warnings": {
      "large_rot_frame": true,
      "small_air_mask": false
    },
    "webapi_port": null,
    "webapi_url": "https://mriqc.nimh.nih.gov/api/v1"
  },
  "qi_1": 0.04565110394787009,
  "qi_2": 0.00010784865269581057,
  "rpve_csf": 23.136455240665768,
  "rpve_gm": 12.49289647718635,
  "rpve_wm": 16.19941763229259,
  "size_x": 180,
  "size_y": 240,
  "size_z": 240,
  "snr_csf": 3.950657343314457,
  "snr_gm": 9.86510228898793,
  "snr_total": 11.106826729047356,
  "snr_wm": 19.504720554839675,
  "snrd_csf": 55.27953473293735,
  "snrd_gm": 107.73101972733915,
  "snrd_total": 99.30210585818823,
  "snrd_wm": 134.89576311428817,
  "spacing_x": 1.0,
  "spacing_y": 1.0,
  "spacing_z": 1.0,
  "summary_bg_k": 889.2761881391142,
  "summary_bg_mad": 4.856810929655447,
  "summary_bg_mean": 5.4753576962173005,
  "summary_bg_median": 3.2758691906929016,
  "summary_bg_n": 385117.0,
  "summary_bg_p05": 0.0,
  "summary_bg_p95": 20.392285712063313,
  "summary_bg_stdv": 8.70423747537616,
  "summary_csf_k": 2.4846298869408203,
  "summary_csf_mad": 76.55548227869397,
  "summary_csf_mean": 424.251322865037,
  "summary_csf_median": 409.811235755682,
  "summary_csf_n": 30691.0,
  "summary_csf_p05": 288.82929170690477,
  "summary_csf_p95": 631.6694766953588,
  "summary_csf_stdv": 103.73072723896104,
  "summary_gm_k": 0.6771837912083334,
  "summary_gm_mad": 72.8521639448317,
  "summary_gm_mean": 805.0002964752227,
  "summary_gm_median": 798.6569086909294,
  "summary_gm_n": 15897.0,
  "summary_gm_p05": 682.2407073266804,
  "summary_gm_p95": 952.7947437860071,
  "summary_gm_stdv": 80.95524660202067,
  "summary_wm_k": 0.33288643309630395,
  "summary_wm_mad": 49.47876134586486,
  "summary_wm_mean": 1000.8921336116902,
  "summary_wm_median": 1000.0409671887755,
  "summary_wm_n": 200978.0,
  "summary_wm_p05": 917.4890635833144,
  "summary_wm_p95": 1085.7458948902786,
  "summary_wm_stdv": 51.27161275843728,
  "tpm_overlap_csf": 0.1569766104221344,
  "tpm_overlap_gm": 0.4316338896751404,
  "tpm_overlap_wm": 0.488564670085907,
  "wm2max": 0.605119056468198
}