{
  "bids_meta": {
    "AcquisitionMatrixPE": 240,
    "AcquisitionNumber": 4,
    "AcquisitionTime": "07:39:27.720000",
    "CoilString": "MULTI_COIL",
    "ConversionSoftware": "dcm2niix",
    "ConversionSoftwareVersion": "v1.0.20190410  (JP2:OpenJPEG) GCC6.3.0",
    "Dcm2bidsVersion": "2.1.4",
    "DeviceSerialNumber": "42451",
    "EchoTime": 0.003501,
    "EchoTrainLength": 240,
    "FlipAngle": 8,
    "ImageOrientationPatientDICOM": [
      -0.0042116,
      0.999989,
      0.00196931,
      -0.00362181,
      0.00195406,
      -0.999992
    ],
    "ImageType": [
      "ORIGINAL",
      "PRIMARY",
      "M",
      "FFE",
      "M",
      "FFE"
    ],
    "ImagingFrequency": 127.766,
    "InPlanePhaseEncodingDirectionDICOM": "ROW",
    "InstitutionAddress": "Calzada_Mexico_Xochimilco_No.101_Tlalpan",
    "InstitutionName": "I.N._Psiquiatria",
    "InstitutionalDepartmentName": "Imagenes_Cerebrales",
    "MRAcquisitionType": "3D",
    "MagneticFieldStrength": 3,
    "Manufacturer": "Philips",
    "ManufacturersModelName": "Ingenia",
    "Modality": "MR",
    "PatientPosition": "HFS",
    "PercentPhaseFOV": 100,
    "PhaseEncodingSteps": 240,
    "PhilipsRescaleIntercept": 0,
    "PhilipsRescaleSlope": 12.4032,
    "PhilipsScaleSlope": 0.00518862,
    "PixelBandwidth": 310,
    "ProcedureStepDescription": "EDUARDO_TMS",
    "ProtocolName": "WIP_sT1W_3D_TFE_32_channel_SENSE",
    "ReconMatrixPE": 240,
    "RepetitionTime": 0.007,
    "SAR": 0.0382114,
    "ScanOptions": "OTHER",
    "ScanningSequence": "GR",
    "SequenceVariant": "MP",
    "SeriesDescription": "sT1W_3D_TFE_32_channel",
    "SeriesNumber": 401,
    "SliceThickness": 1,
    "SoftwareVersions": "5.1.7_5.1.7.2",
    "SpacingBetweenSlices": 1,
    "StationName": "INGENIA",
    "UsePhilipsFloatNotDisplayScaling": 1,
    "dataset": "<unset>",
    "modality": "T1w",
    "session_id": "t14",
    "subject_id": "013"
  },
  "cjv": 0.6136668278178734,
  "cnr": 2.1187838882261887,
  "efc": 0.8199500401914194,
  "fber": 449.3998113249927,
  "fwhm_avg": 4.185216666666666,
  "fwhm_x": 4.06062,
  "fwhm_y": 4.40963,
  "fwhm_z": 4.0854,
  "icvs_csf": 0.21498669003474197,
  "icvs_gm": 0.4014577097971227,
  "icvs_wm": 0.38355560016813534,
  "inu_med": 1.1846028566360474,
  "inu_range": 0.5027191340923309,
  "provenance": {
    "md5sum": "a2ece038c9e21ed22c11f90bebfbcfc6",
    "settings": {
      "testing": false
    },
    "software": "mriqc",
    "version": "21.0.0rc2",
    "warnings": {
      "large_rot_frame": true,
      "small_air_mask": true
    },
    "webapi_port": null,
    "webapi_url": "https://mriqc.nimh.nih.gov/api/v1"
  },
  "qi_1": 0.0,
  "qi_2": 0.0003495204261146931,
  "rpve_csf": 23.564349859489123,
  "rpve_gm": 12.745727800102616,
  "rpve_wm": 16.072690091094998,
  "size_x": 180,
  "size_y": 240,
  "size_z": 240,
  "snr_csf": 3.4330009426693118,
  "snr_gm": 10.606449871417507,
  "snr_total": 12.298130536639803,
  "snr_wm": 22.85494079583259,
  "snrd_csf": 16.989355660764755,
  "snrd_gm": 33.84949650382792,
  "snrd_total": 30.85150003386261,
  "snrd_wm": 41.715647936995154,
  "spacing_x": 1.0,
  "spacing_y": 1.0,
  "spacing_z": 1.0,
  "summary_bg_k": 1.3259779117553752,
  "summary_bg_mad": 15.705412205634998,
  "summary_bg_mean": 20.71808979492046,
  "summary_bg_median": 21.33924863487482,
  "summary_bg_n": 62040.0,
  "summary_bg_p05": 0.0,
  "summary_bg_p95": 43.17564822360873,
  "summary_bg_stdv": 12.391538867283238,
  "summary_csf_k": 0.1367519029524087,
  "summary_csf_mad": 113.45317625803477,
  "summary_csf_mean": 429.7745730561451,
  "summary_csf_median": 407.2813583537936,
  "summary_csf_n": 31024.0,
  "summary_csf_p05": 273.66247890889645,
  "summary_csf_p95": 650.3709657194091,
  "summary_csf_stdv": 118.6352119122467,
  "summary_gm_k": 0.19151176080273213,
  "summary_gm_mad": 74.38808958048057,
  "summary_gm_mean": 814.5498497301152,
  "summary_gm_median": 811.4650838412344,
  "summary_gm_n": 20585.0,
  "summary_gm_p05": 695.9807414978743,
  "summary_gm_p95": 949.826018538326,
  "summary_gm_stdv": 76.50489874864476,
  "summary_wm_k": 0.6138570781200867,
  "summary_wm_mad": 41.33301623793471,
  "summary_wm_mean": 1001.6259172637191,
  "summary_wm_median": 1000.0382648780942,
  "summary_wm_n": 218474.0,
  "summary_wm_p05": 932.4257351532578,
  "summary_wm_p95": 1075.0315741486847,
  "summary_wm_stdv": 43.75578939886832,
  "tpm_overlap_csf": 0.17194275557994843,
  "tpm_overlap_gm": 0.4438185691833496,
  "tpm_overlap_wm": 0.5074570178985596,
  "wm2max": 0.684949447325685
}