{
  "bids_meta": {
    "AcquisitionMatrixPE": 240,
    "AcquisitionNumber": 4,
    "AcquisitionTime": "11:50:11.110000",
    "BodyPartExamined": "BRAIN",
    "CoilString": "MULTI_COIL",
    "ConversionSoftware": "dcm2niix",
    "ConversionSoftwareVersion": "v1.0.20190410  (JP2:OpenJPEG) GCC6.3.0",
    "Dcm2bidsVersion": "2.1.4",
    "DeviceSerialNumber": "42451",
    "EchoTime": 0.0035,
    "EchoTrainLength": 240,
    "FlipAngle": 8,
    "ImageOrientationPatientDICOM": [
      -0.00216078,
      0.999996,
      0.00196309,
      0.000661167,
      0.00196452,
      -0.999998
    ],
    "ImageType": [
      "ORIGINAL",
      "PRIMARY",
      "M",
      "FFE",
      "M",
      "FFE"
    ],
    "ImagingFrequency": 127.759,
    "InPlanePhaseEncodingDirectionDICOM": "ROW",
    "InstitutionAddress": "Calzada_Mexico_Xochimilco_No.101_Tlalpan",
    "InstitutionName": "I.N._Psiquiatria",
    "InstitutionalDepartmentName": "Imagenes_Cerebrales",
    "MRAcquisitionType": "3D",
    "MagneticFieldStrength": 3,
    "Manufacturer": "Philips",
    "ManufacturersModelName": "Ingenia",
    "Modality": "MR",
    "PatientPosition": "HFS",
    "PercentPhaseFOV": 100,
    "PhaseEncodingSteps": 240,
    "PhilipsRescaleIntercept": 0,
    "PhilipsRescaleSlope": 10.947,
    "PhilipsScaleSlope": 0.00567737,
    "PixelBandwidth": 310,
    "ProcedureStepDescription": "PROTOCOLO_EDUARDO_TMS",
    "ProtocolName": "WIP_sT1W_3D_TFE_32_channel",
    "ReconMatrixPE": 240,
    "RepetitionTime": 0.007,
    "SAR": 0.0382114,
    "ScanOptions": "OTHER",
    "ScanningSequence": "GR",
    "SequenceVariant": "MP",
    "SeriesDescription": "sT1W_3D_TFE_32_channel",
    "SeriesNumber": 401,
    "SliceThickness": 1,
    "SoftwareVersions": "5.3.1_5.3.1.0",
    "SpacingBetweenSlices": 1,
    "StationName": "PHILIPS-CTMFQSD",
    "UsePhilipsFloatNotDisplayScaling": 1,
    "dataset": "<unset>",
    "modality": "T1w",
    "session_id": "t0",
    "subject_id": "042"
  },
  "cjv": 0.41212411945374644,
  "cnr": 2.988795867309182,
  "efc": 0.746213126948713,
  "fber": 9947.166742976066,
  "fwhm_avg": 4.068163333333334,
  "fwhm_x": 3.90449,
  "fwhm_y": 4.43693,
  "fwhm_z": 3.86307,
  "icvs_csf": 0.23231954989667813,
  "icvs_gm": 0.39192718641595375,
  "icvs_wm": 0.3757532636873681,
  "inu_med": 1.8902559280395508,
  "inu_range": 0.7510026216506955,
  "provenance": {
    "md5sum": "bb3cd46902e31d516155d0de73286265",
    "settings": {
      "testing": false
    },
    "software": "mriqc",
    "version": "21.0.0rc2",
    "warnings": {
      "large_rot_frame": true,
      "small_air_mask": false
    },
    "webapi_port": null,
    "webapi_url": "https://mriqc.nimh.nih.gov/api/v1"
  },
  "qi_1": 0.00022191870699655007,
  "qi_2": 6.133162125636497e-05,
  "rpve_csf": 20.275687453783583,
  "rpve_gm": 11.714553076893912,
  "rpve_wm": 14.751124242015514,
  "size_x": 180,
  "size_y": 240,
  "size_z": 240,
  "snr_csf": 3.8032138328303997,
  "snr_gm": 11.030588330069254,
  "snr_total": 13.46418368178197,
  "snr_wm": 25.558748882446263,
  "snrd_csf": 25.20185360132073,
  "snrd_gm": 55.130690009856544,
  "snrd_total": 50.930865596886036,
  "snrd_wm": 72.46005317948082,
  "spacing_x": 1.0,
  "spacing_y": 1.0,
  "spacing_z": 1.0,
  "summary_bg_k": 479.0374576829551,
  "summary_bg_mad": 9.0413451705901,
  "summary_bg_mean": 9.728400212543944,
  "summary_bg_median": 6.098294645547867,
  "summary_bg_n": 576084.0,
  "summary_bg_p05": 0.0,
  "summary_bg_p95": 30.3309917896986,
  "summary_bg_stdv": 10.710305331205282,
  "summary_csf_k": 2.564431699155543,
  "summary_csf_mad": 72.15231376266969,
  "summary_csf_mean": 366.1580586278104,
  "summary_csf_median": 347.8033965937793,
  "summary_csf_n": 46656.0,
  "summary_csf_p05": 256.4493379890919,
  "summary_csf_p95": 548.1745020775124,
  "summary_csf_stdv": 91.44888626944444,
  "summary_gm_k": 0.44185353524850424,
  "summary_gm_mad": 62.516143251909185,
  "summary_gm_mean": 767.1554096295757,
  "summary_gm_median": 760.8424977511168,
  "summary_gm_n": 17061.0,
  "summary_gm_p05": 664.6739960052073,
  "summary_gm_p95": 894.2025727629662,
  "summary_gm_stdv": 68.97367365612739,
  "summary_wm_k": 0.7080897817606622,
  "summary_wm_mad": 36.04641561432632,
  "summary_wm_mean": 999.2111987720685,
  "summary_wm_median": 999.9999607913196,
  "summary_wm_n": 237773.0,
  "summary_wm_p05": 933.3439955011011,
  "summary_wm_p95": 1061.6649533584714,
  "summary_wm_stdv": 39.12546199121654,
  "tpm_overlap_csf": 0.16367290914058685,
  "tpm_overlap_gm": 0.4386775493621826,
  "tpm_overlap_wm": 0.510758638381958,
  "wm2max": 0.6275492220152072
}