{
  "aor": 0.0018576333333333336,
  "aqi": 0.012430396766666666,
  "bids_meta": {
    "AcquisitionMatrixPE": 70,
    "AcquisitionNumber": 3,
    "AcquisitionTime": "08:18:8.000000",
    "BodyPartExamined": "BRAIN",
    "CoilString": "MULTI_COIL",
    "ConversionSoftware": "dcm2niix",
    "ConversionSoftwareVersion": "v1.0.20190410  (JP2:OpenJPEG) GCC6.3.0",
    "Dcm2bidsVersion": "2.1.4",
    "DeviceSerialNumber": "42451",
    "EchoTime": 0.03,
    "EchoTrainLength": 35,
    "EffectiveEchoSpacing": 0.000698,
    "FlipAngle": 75,
    "ImageOrientationPatientDICOM": [
      0.999998,
      0.00202389,
      0.000564981,
      -0.00202278,
      0.999996,
      -0.00194985
    ],
    "ImageType": [
      "ORIGINAL",
      "PRIMARY",
      "M",
      "FFE",
      "M",
      "FFE"
    ],
    "ImagingFrequency": 127.759,
    "InPlanePhaseEncodingDirectionDICOM": "COL",
    "InstitutionAddress": "Calzada_Mexico_Xochimilco_No.101_Tlalpan",
    "InstitutionName": "I.N._Psiquiatria",
    "InstitutionalDepartmentName": "Imagenes_Cerebrales",
    "MRAcquisitionType": "2D",
    "MagneticFieldStrength": 3,
    "Manufacturer": "Philips",
    "ManufacturersModelName": "Ingenia",
    "Modality": "MR",
    "PartialFourier": 0.5,
    "PatientPosition": "HFS",
    "PercentPhaseFOV": 100,
    "PhaseEncodingAxis": "j",
    "PhaseEncodingDirection": "j-",
    "PhaseEncodingSteps": 70,
    "PhilipsRescaleIntercept": 0,
    "PhilipsRescaleSlope": 0.768498,
    "PhilipsScaleSlope": 0.022686,
    "PixelBandwidth": 1819,
    "ProcedureStepDescription": "PROTOCOLO_EDUARDO_TMS",
    "ProtocolName": "WIP_FE_EPI_32chSHC_AP",
    "ReconMatrixPE": 80,
    "RepetitionTime": 2,
    "SAR": 0.119138,
    "ScanOptions": "FS",
    "ScanningSequence": "GR",
    "SequenceVariant": "SK",
    "SeriesDescription": "FE_EPI_32chSHC_AP",
    "SeriesNumber": 301,
    "SliceThickness": 3.33,
    "SliceTiming": [
      0.0,
      1.027027,
      0.054054,
      1.081081,
      0.108108,
      1.135135,
      0.162162,
      1.189189,
      0.216216,
      1.243244,
      0.27027,
      1.297298,
      0.324324,
      1.351352,
      0.378378,
      1.405406,
      0.432432,
      1.45946,
      0.486486,
      1.513514,
      0.540541,
      1.567568,
      0.594595,
      1.621622,
      0.648649,
      1.675676,
      0.702703,
      1.72973,
      0.756757,
      1.783784,
      0.810811,
      1.837838,
      0.864865,
      1.891892,
      0.918919,
      1.945947,
      0.972973
    ],
    "SoftwareVersions": "5.3.1_5.3.1.0",
    "SpacingBetweenSlices": 3.33,
    "StationName": "PHILIPS-CTMFQSD",
    "TaskName": "rest",
    "TotalReadoutTime": 0.04884,
    "UsePhilipsFloatNotDisplayScaling": 1,
    "dataset": "<unset>",
    "modality": "bold",
    "session_id": "t14",
    "subject_id": "042",
    "task_id": "rest"
  },
  "dummy_trs": 0,
  "dvars_nstd": 27.174813982140464,
  "dvars_std": 1.2423469711705684,
  "dvars_vstd": 0.9148438125418065,
  "efc": 0.45077623432041725,
  "fber": 73945.2421875,
  "fd_mean": 0.09843694411410032,
  "fd_num": 5,
  "fd_perc": 1.6666666666666667,
  "fwhm_avg": 2.0639638784092904,
  "fwhm_x": 2.0202966666666664,
  "fwhm_y": 2.2670033333333333,
  "fwhm_z": 1.904591635227871,
  "gcor": 0.0892815,
  "gsr_x": -0.014308033511042595,
  "gsr_y": 0.029379894956946373,
  "provenance": {
    "md5sum": "d8d5f405181456c3b40d474e91061f22",
    "settings": {
      "fd_thres": 0.5,
      "testing": false
    },
    "software": "mriqc",
    "version": "22.0.0rc1",
    "webapi_port": null,
    "webapi_url": "https://mriqc.nimh.nih.gov/api/v1"
  },
  "size_t": 300,
  "size_x": 80,
  "size_y": 80,
  "size_z": 37,
  "snr": 4.6028189102765005,
  "spacing_tr": 2.0000016689300537,
  "spacing_x": 3.0,
  "spacing_y": 3.0,
  "spacing_z": 3.3299999237060547,
  "summary_bg_k": 83.64421821944511,
  "summary_bg_mad": 292.8654331087729,
  "summary_bg_mean": 1955.51513671875,
  "summary_bg_median": 227.44876098632812,
  "summary_bg_n": 155635.0,
  "summary_bg_p05": 12.424715042114261,
  "summary_bg_p95": 9234.801367187494,
  "summary_bg_stdv": 5347.765625,
  "summary_fg_k": 3.4915306533225463,
  "summary_fg_mad": 10561.088142635472,
  "summary_fg_mean": 65730.90625,
  "summary_fg_median": 64113.80859375,
  "summary_fg_n": 39510.0,
  "summary_fg_p05": 46223.0337890625,
  "summary_fg_p95": 90904.31015625,
  "summary_fg_stdv": 13929.072265625,
  "tsnr": 46.89256286621094
}