{
  "bids_meta": {
    "AcquisitionMatrixPE": 240,
    "AcquisitionNumber": 4,
    "AcquisitionTime": "10:27:13.830000",
    "BodyPartExamined": "BRAIN",
    "CoilString": "MULTI_COIL",
    "ConversionSoftware": "dcm2niix",
    "ConversionSoftwareVersion": "v1.0.20190410  (JP2:OpenJPEG) GCC6.3.0",
    "Dcm2bidsVersion": "2.1.4",
    "DeviceSerialNumber": "42451",
    "EchoTime": 0.0035,
    "EchoTrainLength": 240,
    "FlipAngle": 8,
    "ImageOrientationPatientDICOM": [
      -0.0042116,
      0.999988,
      -0.00242744,
      -0.00362181,
      -0.0024427,
      -0.99999
    ],
    "ImageType": [
      "ORIGINAL",
      "PRIMARY",
      "M",
      "FFE",
      "M",
      "FFE"
    ],
    "ImagingFrequency": 127.759,
    "InPlanePhaseEncodingDirectionDICOM": "ROW",
    "InstitutionAddress": "Calzada_Mexico_Xochimilco_No.101_Tlalpan",
    "InstitutionName": "I.N._Psiquiatria",
    "InstitutionalDepartmentName": "Imagenes_Cerebrales",
    "MRAcquisitionType": "3D",
    "MagneticFieldStrength": 3,
    "Manufacturer": "Philips",
    "ManufacturersModelName": "Ingenia",
    "Modality": "MR",
    "PatientPosition": "HFS",
    "PercentPhaseFOV": 100,
    "PhaseEncodingSteps": 240,
    "PhilipsRescaleIntercept": 0,
    "PhilipsRescaleSlope": 3.87009,
    "PhilipsScaleSlope": 0.00574436,
    "PixelBandwidth": 310,
    "ProcedureStepDescription": "PROTOCOLO_TMS",
    "ProtocolName": "WIP_sT1W_3D_TFE_32_channel",
    "ReconMatrixPE": 240,
    "RepetitionTime": 0.007,
    "SAR": 0.0382114,
    "ScanOptions": "OTHER",
    "ScanningSequence": "GR",
    "SequenceVariant": "MP",
    "SeriesDescription": "sT1W_3D_TFE_32_channel",
    "SeriesNumber": 401,
    "SliceThickness": 1,
    "SoftwareVersions": "5.3.1_5.3.1.0",
    "SpacingBetweenSlices": 1,
    "StationName": "PHILIPS-CTMFQSD",
    "UsePhilipsFloatNotDisplayScaling": 1,
    "dataset": "<unset>",
    "modality": "T1w",
    "session_id": "t1",
    "subject_id": "036"
  },
  "cjv": 0.435166521472634,
  "cnr": 2.8217164100847563,
  "efc": 0.7308530649527248,
  "fber": 47667.450553574774,
  "fwhm_avg": 4.149276666666666,
  "fwhm_x": 4.01961,
  "fwhm_y": 4.4623,
  "fwhm_z": 3.96592,
  "icvs_csf": 0.24550378612534027,
  "icvs_gm": 0.39012256165172876,
  "icvs_wm": 0.36437365222293094,
  "inu_med": 1.9721754789352417,
  "inu_range": 0.7801628112792969,
  "provenance": {
    "md5sum": "5c7b8ddbc3f6761c077a3486f9c7226f",
    "settings": {
      "testing": false
    },
    "software": "mriqc",
    "version": "21.0.0rc2",
    "warnings": {
      "large_rot_frame": true,
      "small_air_mask": false
    },
    "webapi_port": null,
    "webapi_url": "https://mriqc.nimh.nih.gov/api/v1"
  },
  "qi_1": 8.189327901859095e-06,
  "qi_2": 7.51725682030685e-05,
  "rpve_csf": 20.52774463840399,
  "rpve_gm": 12.21561033987554,
  "rpve_wm": 15.51467630653452,
  "size_x": 180,
  "size_y": 240,
  "size_z": 240,
  "snr_csf": 4.7502302081407395,
  "snr_gm": 10.629570287821203,
  "snr_total": 12.512340797832053,
  "snr_wm": 22.157221897534214,
  "snrd_csf": 57.60035283923118,
  "snrd_gm": 127.24356713107308,
  "snrd_total": 117.40182126868113,
  "snrd_wm": 167.36154383573913,
  "spacing_x": 1.0,
  "spacing_y": 1.0,
  "spacing_z": 1.0,
  "summary_bg_k": 165.97684475335248,
  "summary_bg_mad": 3.9144976733741523,
  "summary_bg_mean": 6.347969214623581,
  "summary_bg_median": 2.640288557857275,
  "summary_bg_n": 492211.0,
  "summary_bg_p05": 0.0,
  "summary_bg_p95": 21.866051718592644,
  "summary_bg_stdv": 8.010568729343367,
  "summary_csf_k": 2.522837688777531,
  "summary_csf_mad": 60.6471470522756,
  "summary_csf_mean": 357.1205596825514,
  "summary_csf_median": 344.1671915911138,
  "summary_csf_n": 73162.0,
  "summary_csf_p05": 264.47696109730754,
  "summary_csf_p95": 492.0233508311212,
  "summary_csf_stdv": 72.45224429406314,
  "summary_gm_k": 0.48828468756857735,
  "summary_gm_mad": 63.734638174936904,
  "summary_gm_mean": 767.1538015443974,
  "summary_gm_median": 760.291543174535,
  "summary_gm_n": 16156.0,
  "summary_gm_p05": 660.7786955572665,
  "summary_gm_p95": 899.2227833457291,
  "summary_gm_stdv": 71.5238709118195,
  "summary_wm_k": 0.7300641877776228,
  "summary_wm_mad": 40.57845475497713,
  "summary_wm_mean": 997.4686640317381,
  "summary_wm_median": 999.9999944977462,
  "summary_wm_n": 204134.0,
  "summary_wm_p05": 917.0726214833558,
  "summary_wm_p95": 1067.0484490022063,
  "summary_wm_stdv": 45.13190100039366,
  "tpm_overlap_csf": 0.16989535093307495,
  "tpm_overlap_gm": 0.4130837619304657,
  "tpm_overlap_wm": 0.48068472743034363,
  "wm2max": 0.6699135547196133
}