{
  "bids_meta": {
    "AcquisitionMatrixPE": 240,
    "AcquisitionNumber": 11,
    "AcquisitionTime": "08:57:14.430000",
    "CoilString": "MULTI_COIL",
    "ConversionSoftware": "dcm2niix",
    "ConversionSoftwareVersion": "v1.0.20190410  (JP2:OpenJPEG) GCC6.3.0",
    "Dcm2bidsVersion": "2.1.4",
    "DeviceSerialNumber": "42451",
    "EchoTime": 0.003501,
    "EchoTrainLength": 240,
    "FlipAngle": 8,
    "ImageOrientationPatientDICOM": [
      5.96717e-05,
      0.999997,
      -0.00258798,
      0.000517665,
      -0.00258801,
      -0.999997
    ],
    "ImageType": [
      "ORIGINAL",
      "PRIMARY",
      "M",
      "FFE",
      "M",
      "FFE"
    ],
    "ImagingFrequency": 127.766,
    "InPlanePhaseEncodingDirectionDICOM": "ROW",
    "InstitutionAddress": "Calzada_Mexico_Xochimilco_No.101_Tlalpan",
    "InstitutionName": "I.N._Psiquiatria",
    "InstitutionalDepartmentName": "Imagenes_Cerebrales",
    "MRAcquisitionType": "3D",
    "MagneticFieldStrength": 3,
    "Manufacturer": "Philips",
    "ManufacturersModelName": "Ingenia",
    "Modality": "MR",
    "PatientPosition": "HFS",
    "PercentPhaseFOV": 100,
    "PhaseEncodingSteps": 240,
    "PhilipsRescaleIntercept": 0,
    "PhilipsRescaleSlope": 11.7668,
    "PhilipsScaleSlope": 0.00560938,
    "PixelBandwidth": 310,
    "ProcedureStepDescription": "EDUARDO_TMS",
    "ProtocolName": "WIP_sT1W_3D_TFE_32_channel_SENSE",
    "ReconMatrixPE": 240,
    "RepetitionTime": 0.007,
    "SAR": 0.0382114,
    "ScanOptions": "OTHER",
    "ScanningSequence": "GR",
    "SequenceVariant": "MP",
    "SeriesDescription": "sT1W_3D_TFE_32_channel",
    "SeriesNumber": 1101,
    "SliceThickness": 1,
    "SoftwareVersions": "5.1.7_5.1.7.2",
    "SpacingBetweenSlices": 1,
    "StationName": "INGENIA",
    "UsePhilipsFloatNotDisplayScaling": 1,
    "dataset": "<unset>",
    "modality": "T1w",
    "session_id": "t1",
    "subject_id": "014"
  },
  "cjv": 0.3988417370051386,
  "cnr": 3.3349998252091813,
  "efc": 0.8079018484979458,
  "fber": 513.2916442015489,
  "fwhm_avg": 3.9937133333333334,
  "fwhm_x": 3.90283,
  "fwhm_y": 4.30206,
  "fwhm_z": 3.77625,
  "icvs_csf": 0.20667177142035553,
  "icvs_gm": 0.3926231450518492,
  "icvs_wm": 0.40070508352779527,
  "inu_med": 1.2192254066467285,
  "inu_range": 0.3326046526432038,
  "provenance": {
    "md5sum": "d083b67ba9e26b54d11509ce5fe0c198",
    "settings": {
      "testing": false
    },
    "software": "mriqc",
    "version": "21.0.0rc2",
    "warnings": {
      "large_rot_frame": true,
      "small_air_mask": true
    },
    "webapi_port": null,
    "webapi_url": "https://mriqc.nimh.nih.gov/api/v1"
  },
  "qi_1": 0.0,
  "qi_2": 0.00020926402409877058,
  "rpve_csf": 25.848364742435315,
  "rpve_gm": 13.922969201030401,
  "rpve_wm": 16.76868756290532,
  "size_x": 180,
  "size_y": 240,
  "size_z": 240,
  "snr_csf": 3.388128378220608,
  "snr_gm": 12.18748753013427,
  "snr_total": 14.187514095653638,
  "snr_wm": 26.986926378606036,
  "snrd_csf": 19.101008110215147,
  "snrd_gm": 37.796818056241534,
  "snrd_total": 35.62075384115373,
  "snrd_wm": 49.964435357004504,
  "spacing_x": 1.0,
  "spacing_y": 1.0,
  "spacing_z": 1.0,
  "summary_bg_k": 1.3813580768170963,
  "summary_bg_mad": 13.112491903058554,
  "summary_bg_mean": 17.03155962797955,
  "summary_bg_median": 17.821980759501457,
  "summary_bg_n": 126047.0,
  "summary_bg_p05": 0.0,
  "summary_bg_p95": 36.01108097285032,
  "summary_bg_stdv": 10.322624571066374,
  "summary_csf_k": 2.2032380917890952,
  "summary_csf_mad": 107.96776351876893,
  "summary_csf_mean": 408.1827575182916,
  "summary_csf_median": 382.3048494383693,
  "summary_csf_n": 30631.0,
  "summary_csf_p05": 265.74442284181714,
  "summary_csf_p95": 603.2106371670961,
  "summary_csf_stdv": 112.83474715884637,
  "summary_gm_k": 0.025951601396275503,
  "summary_gm_mad": 61.752414698177645,
  "summary_gm_mean": 757.491751571444,
  "summary_gm_median": 756.4996963962913,
  "summary_gm_n": 21436.0,
  "summary_gm_p05": 657.6360961999744,
  "summary_gm_p95": 862.3135353438556,
  "summary_gm_stdv": 62.07038561291541,
  "summary_wm_k": 0.48400932705576727,
  "summary_wm_mad": 35.37898758749761,
  "summary_wm_mean": 1000.5133806611384,
  "summary_wm_median": 1000.0333922803402,
  "summary_wm_n": 218926.0,
  "summary_wm_p05": 940.8270367234945,
  "summary_wm_p95": 1062.043205484748,
  "summary_wm_stdv": 37.05613208021726,
  "tpm_overlap_csf": 0.16488151252269745,
  "tpm_overlap_gm": 0.4386805295944214,
  "tpm_overlap_wm": 0.501786470413208,
  "wm2max": 0.6764798844087235
}