{
  "aor": 0.005385066666666665,
  "aqi": 0.029993192666666668,
  "bids_meta": {
    "AcquisitionMatrixPE": 70,
    "AcquisitionNumber": 3,
    "AcquisitionTime": "08:40:3.500000",
    "BodyPartExamined": "BRAIN",
    "CoilString": "MULTI_COIL",
    "ConversionSoftware": "dcm2niix",
    "ConversionSoftwareVersion": "v1.0.20190410  (JP2:OpenJPEG) GCC6.3.0",
    "Dcm2bidsVersion": "2.1.4",
    "DeviceSerialNumber": "42451",
    "EchoTime": 0.03,
    "EchoTrainLength": 35,
    "EffectiveEchoSpacing": 0.000698,
    "FlipAngle": 75,
    "ImageOrientationPatientDICOM": [
      0.999985,
      0.00403823,
      -0.00381415,
      -0.0042116,
      0.998905,
      -0.0465959
    ],
    "ImageType": [
      "ORIGINAL",
      "PRIMARY",
      "M",
      "FFE",
      "M",
      "FFE"
    ],
    "ImagingFrequency": 127.76,
    "InPlanePhaseEncodingDirectionDICOM": "COL",
    "InstitutionAddress": "Calzada_Mexico_Xochimilco_No.101_Tlalpan",
    "InstitutionName": "I.N._Psiquiatria",
    "InstitutionalDepartmentName": "Imagenes_Cerebrales",
    "MRAcquisitionType": "2D",
    "MagneticFieldStrength": 3,
    "Manufacturer": "Philips",
    "ManufacturersModelName": "Ingenia",
    "Modality": "MR",
    "PartialFourier": 0.5,
    "PatientPosition": "HFS",
    "PercentPhaseFOV": 100,
    "PhaseEncodingAxis": "j",
    "PhaseEncodingDirection": "j-",
    "PhaseEncodingSteps": 70,
    "PhilipsRescaleIntercept": 0,
    "PhilipsRescaleSlope": 0.833455,
    "PhilipsScaleSlope": 0.0235609,
    "PixelBandwidth": 1819,
    "ProcedureStepDescription": "EDUARDO_TMS",
    "ProtocolName": "WIP_FE_EPI_32chSHC_AP",
    "ReconMatrixPE": 80,
    "RepetitionTime": 2,
    "SAR": 0.119138,
    "ScanOptions": "FS",
    "ScanningSequence": "GR",
    "SequenceVariant": "SK",
    "SeriesDescription": "FE_EPI_32chSHC_AP",
    "SeriesNumber": 301,
    "SliceThickness": 3.33,
    "SliceTiming": [
      0.0,
      1.027027,
      0.054054,
      1.081081,
      0.108108,
      1.135135,
      0.162162,
      1.189189,
      0.216216,
      1.243244,
      0.27027,
      1.297298,
      0.324324,
      1.351352,
      0.378378,
      1.405406,
      0.432432,
      1.45946,
      0.486486,
      1.513514,
      0.540541,
      1.567568,
      0.594595,
      1.621622,
      0.648649,
      1.675676,
      0.702703,
      1.72973,
      0.756757,
      1.783784,
      0.810811,
      1.837838,
      0.864865,
      1.891892,
      0.918919,
      1.945947,
      0.972973
    ],
    "SoftwareVersions": "5.3.1_5.3.1.0",
    "SpacingBetweenSlices": 3.33,
    "StationName": "PHILIPS-CTMFQSD",
    "TaskName": "rest",
    "TotalReadoutTime": 0.04884,
    "UsePhilipsFloatNotDisplayScaling": 1,
    "dataset": "<unset>",
    "modality": "bold",
    "session_id": "t14",
    "subject_id": "022",
    "task_id": "rest"
  },
  "dummy_trs": 0,
  "dvars_nstd": 32.10792975301005,
  "dvars_std": 1.0745215885953188,
  "dvars_vstd": 0.927106434147157,
  "efc": 0.4444569551456679,
  "fber": 99396.5078125,
  "fd_mean": 0.41897695049586803,
  "fd_num": 70,
  "fd_perc": 23.333333333333332,
  "fwhm_avg": 1.868190133217836,
  "fwhm_x": 1.8298500000000002,
  "fwhm_y": 2.059693333333333,
  "fwhm_z": 1.7150270663201745,
  "gcor": 0.0547631,
  "gsr_x": -0.004761080257594585,
  "gsr_y": 0.01870284415781498,
  "provenance": {
    "md5sum": "ad8796607dae8a8d5adca39c8a908c41",
    "settings": {
      "fd_thres": 0.5,
      "testing": false
    },
    "software": "mriqc",
    "version": "22.0.0rc1",
    "webapi_port": null,
    "webapi_url": "https://mriqc.nimh.nih.gov/api/v1"
  },
  "size_t": 300,
  "size_x": 80,
  "size_y": 80,
  "size_z": 37,
  "snr": 5.442064528726931,
  "spacing_tr": 2.0000016689300537,
  "spacing_x": 3.0,
  "spacing_y": 3.0,
  "spacing_z": 3.3299999237060547,
  "summary_bg_k": 94.57272224768259,
  "summary_bg_mad": 208.16009391675368,
  "summary_bg_mean": 1462.58935546875,
  "summary_bg_median": 182.56895446777344,
  "summary_bg_n": 156546.0,
  "summary_bg_p05": 23.399927616119385,
  "summary_bg_p95": 7708.6484375,
  "summary_bg_stdv": 4050.924072265625,
  "summary_fg_k": 2.4112369448119875,
  "summary_fg_mad": 8488.045382024931,
  "summary_fg_mean": 59221.19140625,
  "summary_fg_median": 58320.390625,
  "summary_fg_n": 39128.0,
  "summary_fg_p05": 43446.926953125,
  "summary_fg_p95": 78101.4953125,
  "summary_fg_stdv": 10716.4560546875,
  "tsnr": 32.70191955566406
}