{
  "aor": 0.0018341999999999998,
  "aqi": 0.013430973633333334,
  "bids_meta": {
    "AcquisitionMatrixPE": 70,
    "AcquisitionNumber": 3,
    "AcquisitionTime": "07:29:5.600000",
    "BodyPartExamined": "BRAIN",
    "CoilString": "MULTI_COIL",
    "ConversionSoftware": "dcm2niix",
    "ConversionSoftwareVersion": "v1.0.20190410  (JP2:OpenJPEG) GCC6.3.0",
    "Dcm2bidsVersion": "2.1.4",
    "DeviceSerialNumber": "42451",
    "EchoTime": 0.03,
    "EchoTrainLength": 35,
    "EffectiveEchoSpacing": 0.000698,
    "FlipAngle": 75,
    "ImageOrientationPatientDICOM": [
      0.999985,
      0.00424848,
      -0.00357847,
      -0.0042116,
      0.999939,
      0.0102525
    ],
    "ImageType": [
      "ORIGINAL",
      "PRIMARY",
      "M",
      "FFE",
      "M",
      "FFE"
    ],
    "ImagingFrequency": 127.766,
    "InPlanePhaseEncodingDirectionDICOM": "COL",
    "InstitutionAddress": "Calzada_Mexico_Xochimilco_No.101_Tlalpan",
    "InstitutionName": "I.N._Psiquiatria",
    "InstitutionalDepartmentName": "Imagenes_Cerebrales",
    "MRAcquisitionType": "2D",
    "MagneticFieldStrength": 3,
    "Manufacturer": "Philips",
    "ManufacturersModelName": "Ingenia",
    "Modality": "MR",
    "PartialFourier": 0.5,
    "PatientPosition": "HFS",
    "PercentPhaseFOV": 100,
    "PhaseEncodingAxis": "j",
    "PhaseEncodingDirection": "j-",
    "PhaseEncodingSteps": 70,
    "PhilipsRescaleIntercept": 0,
    "PhilipsRescaleSlope": 0.77265,
    "PhilipsScaleSlope": 0.0213919,
    "PixelBandwidth": 1819,
    "ProcedureStepDescription": "EDUARTO_TMS",
    "ProtocolName": "FE_EPI_32chSHC_AP",
    "ReconMatrixPE": 80,
    "RepetitionTime": 2,
    "SAR": 0.119138,
    "ScanOptions": "FS",
    "ScanningSequence": "GR",
    "SequenceVariant": "SK",
    "SeriesDescription": "FE_EPI_32chSHC_AP",
    "SeriesNumber": 301,
    "SliceThickness": 3.33,
    "SliceTiming": [
      0.0,
      1.027027,
      0.054054,
      1.081081,
      0.108108,
      1.135135,
      0.162162,
      1.189189,
      0.216216,
      1.243244,
      0.27027,
      1.297298,
      0.324324,
      1.351352,
      0.378378,
      1.405406,
      0.432432,
      1.45946,
      0.486486,
      1.513514,
      0.540541,
      1.567568,
      0.594595,
      1.621622,
      0.648649,
      1.675676,
      0.702703,
      1.72973,
      0.756757,
      1.783784,
      0.810811,
      1.837838,
      0.864865,
      1.891892,
      0.918919,
      1.945947,
      0.972973
    ],
    "SoftwareVersions": "5.3.1_5.3.1.0",
    "SpacingBetweenSlices": 3.33,
    "StationName": "PHILIPS-CTMFQSD",
    "TaskName": "rest",
    "TotalReadoutTime": 0.04884,
    "UsePhilipsFloatNotDisplayScaling": 1,
    "dataset": "<unset>",
    "modality": "bold",
    "session_id": "t1",
    "subject_id": "016",
    "task_id": "rest"
  },
  "dummy_trs": 0,
  "dvars_nstd": 29.444878594113714,
  "dvars_std": 1.21797747076923,
  "dvars_vstd": 0.9511131118729091,
  "efc": 0.4174852645649346,
  "fber": 101225.5625,
  "fd_mean": 0.17704959946789178,
  "fd_num": 8,
  "fd_perc": 2.6666666666666665,
  "fwhm_avg": 1.9045500436271805,
  "fwhm_x": 1.8754033333333335,
  "fwhm_y": 2.0578233333333333,
  "fwhm_z": 1.7804234642148742,
  "gcor": 0.0670171,
  "gsr_x": -0.009292845614254475,
  "gsr_y": 0.01011528167873621,
  "provenance": {
    "md5sum": "1ce762df8fcc004a62345d6814418121",
    "settings": {
      "fd_thres": 0.5,
      "testing": false
    },
    "software": "mriqc",
    "version": "22.0.0rc1",
    "webapi_port": null,
    "webapi_url": "https://mriqc.nimh.nih.gov/api/v1"
  },
  "size_t": 300,
  "size_x": 80,
  "size_y": 80,
  "size_z": 37,
  "snr": 6.020773337266028,
  "spacing_tr": 2.0000016689300537,
  "spacing_x": 3.0,
  "spacing_y": 3.0,
  "spacing_z": 3.3299999237060547,
  "summary_bg_k": 58.46658808483688,
  "summary_bg_mad": 279.63230170332616,
  "summary_bg_mean": 1789.3245849609375,
  "summary_bg_median": 218.7916259765625,
  "summary_bg_n": 164427.0,
  "summary_bg_p05": 12.93032789230347,
  "summary_bg_p95": 8816.871582031237,
  "summary_bg_stdv": 4444.61279296875,
  "summary_fg_k": 2.69631137909208,
  "summary_fg_mad": 9841.409280971697,
  "summary_fg_mean": 72183.9453125,
  "summary_fg_median": 71461.859375,
  "summary_fg_n": 32289.0,
  "summary_fg_p05": 54240.884375,
  "summary_fg_p95": 92118.48749999999,
  "summary_fg_stdv": 11869.0322265625,
  "tsnr": 48.30520248413086
}