{
  "bids_meta": {
    "AcquisitionMatrixPE": 240,
    "AcquisitionNumber": 4,
    "AcquisitionTime": "09:48:11.920000",
    "CoilString": "MULTI_COIL",
    "ConversionSoftware": "dcm2niix",
    "ConversionSoftwareVersion": "v1.0.20190410  (JP2:OpenJPEG) GCC6.3.0",
    "Dcm2bidsVersion": "2.1.4",
    "DeviceSerialNumber": "42451",
    "EchoTime": 0.003501,
    "EchoTrainLength": 240,
    "FlipAngle": 8,
    "ImageOrientationPatientDICOM": [
      -0.0042116,
      0.999989,
      -0.00208416,
      -0.00362181,
      -0.00209941,
      -0.999991
    ],
    "ImageType": [
      "ORIGINAL",
      "PRIMARY",
      "M",
      "FFE",
      "M",
      "FFE"
    ],
    "ImagingFrequency": 127.766,
    "InPlanePhaseEncodingDirectionDICOM": "ROW",
    "InstitutionAddress": "Calzada_Mexico_Xochimilco_No.101_Tlalpan",
    "InstitutionName": "I.N._Psiquiatria",
    "InstitutionalDepartmentName": "Imagenes_Cerebrales",
    "MRAcquisitionType": "3D",
    "MagneticFieldStrength": 3,
    "Manufacturer": "Philips",
    "ManufacturersModelName": "Ingenia",
    "Modality": "MR",
    "PatientPosition": "HFS",
    "PercentPhaseFOV": 100,
    "PhaseEncodingSteps": 240,
    "PhilipsRescaleIntercept": 0,
    "PhilipsRescaleSlope": 10.841,
    "PhilipsScaleSlope": 0.00522839,
    "PixelBandwidth": 310,
    "ProcedureStepDescription": "EDUARDOTMS",
    "ProtocolName": "WIP_sT1W_3D_TFE_32_channel_SENSE",
    "ReconMatrixPE": 240,
    "RepetitionTime": 0.007,
    "SAR": 0.0382114,
    "ScanOptions": "OTHER",
    "ScanningSequence": "GR",
    "SequenceVariant": "MP",
    "SeriesDescription": "sT1W_3D_TFE_32_channel",
    "SeriesNumber": 401,
    "SliceThickness": 1,
    "SoftwareVersions": "5.1.7_5.1.7.2",
    "SpacingBetweenSlices": 1,
    "StationName": "INGENIA",
    "UsePhilipsFloatNotDisplayScaling": 1,
    "dataset": "<unset>",
    "modality": "T1w",
    "session_id": "t0",
    "subject_id": "007"
  },
  "cjv": 0.4474878876477703,
  "cnr": 2.9317892149402236,
  "efc": 0.814114062077183,
  "fber": 607.9140941149266,
  "fwhm_avg": 4.04831,
  "fwhm_x": 3.81314,
  "fwhm_y": 4.4228,
  "fwhm_z": 3.90899,
  "icvs_csf": 0.2063128362283503,
  "icvs_gm": 0.39791328636003226,
  "icvs_wm": 0.3957738774116174,
  "inu_med": 1.3584011793136597,
  "inu_range": 0.5005138397216795,
  "provenance": {
    "md5sum": "9fc326ac216f57b3694d73365ebbc742",
    "settings": {
      "testing": false
    },
    "software": "mriqc",
    "version": "21.0.0rc2",
    "warnings": {
      "large_rot_frame": true,
      "small_air_mask": true
    },
    "webapi_port": null,
    "webapi_url": "https://mriqc.nimh.nih.gov/api/v1"
  },
  "qi_1": 0.0,
  "qi_2": 0.00023213419236314863,
  "rpve_csf": 25.81802713405912,
  "rpve_gm": 13.776618342632641,
  "rpve_wm": 17.00625852947688,
  "size_x": 180,
  "size_y": 240,
  "size_z": 240,
  "snr_csf": 3.247335977086704,
  "snr_gm": 10.999023796352523,
  "snr_total": 13.381060936371924,
  "snr_wm": 25.896823035676547,
  "snrd_csf": 17.15241625273263,
  "snrd_gm": 38.95748985525651,
  "snrd_total": 35.688784797218226,
  "snrd_wm": 50.956448283665544,
  "spacing_x": 1.0,
  "spacing_y": 1.0,
  "spacing_z": 1.0,
  "summary_bg_k": 1.4455969094327372,
  "summary_bg_mad": 12.856790000939899,
  "summary_bg_mean": 16.425657009021222,
  "summary_bg_median": 17.343546152114868,
  "summary_bg_n": 74897.0,
  "summary_bg_p05": 0.0,
  "summary_bg_p95": 35.62653438746929,
  "summary_bg_stdv": 11.341209699089989,
  "summary_csf_k": 1.5455645188508562,
  "summary_csf_mad": 79.33710829746663,
  "summary_csf_mean": 366.16679614953745,
  "summary_csf_median": 336.60932490229607,
  "summary_csf_n": 27145.0,
  "summary_csf_p05": 249.32070241421462,
  "summary_csf_p95": 578.1904698461294,
  "summary_csf_stdv": 103.6551582625492,
  "summary_gm_k": -0.015720471270103786,
  "summary_gm_mad": 70.17664542179695,
  "summary_gm_mean": 765.4215871659187,
  "summary_gm_median": 764.5251938179135,
  "summary_gm_n": 24350.0,
  "summary_gm_p05": 654.6267296534031,
  "summary_gm_p95": 882.2481265641749,
  "summary_gm_stdv": 69.50703163684223,
  "summary_wm_k": 0.8784327642962704,
  "summary_wm_mad": 35.19546262757297,
  "summary_wm_mean": 999.5162788845294,
  "summary_wm_median": 999.9999652206898,
  "summary_wm_n": 210262.0,
  "summary_wm_p05": 935.0700643137097,
  "summary_wm_p95": 1061.4611568972468,
  "summary_wm_stdv": 38.61468203473244,
  "tpm_overlap_csf": 0.17196227610111237,
  "tpm_overlap_gm": 0.43998149037361145,
  "tpm_overlap_wm": 0.49509546160697937,
  "wm2max": 0.6316125720980664
}