{
  "bids_meta": {
    "AcquisitionMatrixPE": 240,
    "AcquisitionNumber": 4,
    "AcquisitionTime": "09:34:43.510000",
    "BodyPartExamined": "BRAIN",
    "CoilString": "MULTI_COIL",
    "ConversionSoftware": "dcm2niix",
    "ConversionSoftwareVersion": "v1.0.20190410  (JP2:OpenJPEG) GCC6.3.0",
    "Dcm2bidsVersion": "2.1.4",
    "DeviceSerialNumber": "42451",
    "EchoTime": 0.0035,
    "EchoTrainLength": 240,
    "FlipAngle": 8,
    "ImageOrientationPatientDICOM": [
      0.000191887,
      0.999988,
      0.00496562,
      0.0701017,
      0.00493995,
      -0.997528
    ],
    "ImageType": [
      "ORIGINAL",
      "PRIMARY",
      "M",
      "FFE",
      "M",
      "FFE"
    ],
    "ImagingFrequency": 127.759,
    "InPlanePhaseEncodingDirectionDICOM": "ROW",
    "InstitutionAddress": "Calzada_Mexico_Xochimilco_No.101_Tlalpan",
    "InstitutionName": "I.N._Psiquiatria",
    "InstitutionalDepartmentName": "Imagenes_Cerebrales",
    "MRAcquisitionType": "3D",
    "MagneticFieldStrength": 3,
    "Manufacturer": "Philips",
    "ManufacturersModelName": "Ingenia",
    "Modality": "MR",
    "PatientPosition": "HFS",
    "PercentPhaseFOV": 100,
    "PhaseEncodingSteps": 240,
    "PhilipsRescaleIntercept": 0,
    "PhilipsRescaleSlope": 4.25153,
    "PhilipsScaleSlope": 0.00576445,
    "PixelBandwidth": 310,
    "ProcedureStepDescription": "PROTOCOLO_EDUARDO_TMS",
    "ProtocolName": "WIP_sT1W_3D_TFE_32_channel",
    "ReconMatrixPE": 240,
    "RepetitionTime": 0.007,
    "SAR": 0.0382114,
    "ScanOptions": "OTHER",
    "ScanningSequence": "GR",
    "SequenceVariant": "MP",
    "SeriesDescription": "sT1W_3D_TFE_32_channel",
    "SeriesNumber": 401,
    "SliceThickness": 1,
    "SoftwareVersions": "5.3.1_5.3.1.0",
    "SpacingBetweenSlices": 1,
    "StationName": "PHILIPS-CTMFQSD",
    "UsePhilipsFloatNotDisplayScaling": 1,
    "dataset": "<unset>",
    "modality": "T1w",
    "session_id": "t0",
    "subject_id": "046"
  },
  "cjv": 0.5150367116867007,
  "cnr": 2.4584086023953793,
  "efc": 0.7422454055086755,
  "fber": 9170.391701972243,
  "fwhm_avg": 4.150213333333333,
  "fwhm_x": 4.04402,
  "fwhm_y": 4.38815,
  "fwhm_z": 4.01847,
  "icvs_csf": 0.22085189244591952,
  "icvs_gm": 0.3807980648301014,
  "icvs_wm": 0.39835004272397906,
  "inu_med": 1.6072001457214355,
  "inu_range": 0.5943810939788818,
  "provenance": {
    "md5sum": "73ccdd5e46786d15ebd438988533226a",
    "settings": {
      "testing": false
    },
    "software": "mriqc",
    "version": "21.0.0rc2",
    "warnings": {
      "large_rot_frame": true,
      "small_air_mask": false
    },
    "webapi_port": null,
    "webapi_url": "https://mriqc.nimh.nih.gov/api/v1"
  },
  "qi_1": 0.0,
  "qi_2": 6.254775607027709e-05,
  "rpve_csf": 22.947778104898784,
  "rpve_gm": 13.049950164839377,
  "rpve_wm": 15.425843474819432,
  "size_x": 180,
  "size_y": 240,
  "size_z": 240,
  "snr_csf": 3.3889397149401144,
  "snr_gm": 9.898893052686653,
  "snr_total": 13.566785961314357,
  "snr_wm": 27.412525116316306,
  "snrd_csf": 47.15177357881052,
  "snrd_gm": 108.49182658634736,
  "snrd_total": 98.03233329951944,
  "snrd_wm": 138.45339973340043,
  "spacing_x": 1.0,
  "spacing_y": 1.0,
  "spacing_z": 1.0,
  "summary_bg_k": 558.1563883212726,
  "summary_bg_mad": 4.7318188192037,
  "summary_bg_mean": 9.399027752630719,
  "summary_bg_median": 3.191563293337822,
  "summary_bg_n": 378809.0,
  "summary_bg_p05": 0.0,
  "summary_bg_p95": 31.846251122653484,
  "summary_bg_stdv": 12.317641758002441,
  "summary_csf_k": 1.4952467415466124,
  "summary_csf_mad": 79.05223396865311,
  "summary_csf_mean": 366.25553394995467,
  "summary_csf_median": 340.560617942363,
  "summary_csf_n": 43734.0,
  "summary_csf_p05": 247.69306428730488,
  "summary_csf_p95": 573.4059747345746,
  "summary_csf_stdv": 100.49064103250085,
  "summary_gm_k": -0.040015035961511014,
  "summary_gm_mad": 77.5092495710867,
  "summary_gm_mean": 787.3392780068096,
  "summary_gm_median": 783.59817032516,
  "summary_gm_n": 16193.0,
  "summary_gm_p05": 662.4922197051346,
  "summary_gm_p95": 924.8803515039384,
  "summary_gm_stdv": 79.15773715277525,
  "summary_wm_k": 0.8488874205014421,
  "summary_wm_mad": 33.945656746461324,
  "summary_wm_mean": 1001.0430889146751,
  "summary_wm_median": 1000.0000379756093,
  "summary_wm_n": 240247.0,
  "summary_wm_p05": 943.1416440866888,
  "summary_wm_p95": 1061.7498495206237,
  "summary_wm_stdv": 36.47960020241666,
  "tpm_overlap_csf": 0.17455600202083588,
  "tpm_overlap_gm": 0.4291325807571411,
  "tpm_overlap_wm": 0.5152567625045776,
  "wm2max": 0.7171360245156548
}