{
  "bids_meta": {
    "AcquisitionMatrixPE": 240,
    "AcquisitionNumber": 5,
    "AcquisitionTime": "11:34:19.100000",
    "BodyPartExamined": "BRAIN",
    "CoilString": "MULTI_COIL",
    "ConversionSoftware": "dcm2niix",
    "ConversionSoftwareVersion": "v1.0.20190410  (JP2:OpenJPEG) GCC6.3.0",
    "Dcm2bidsVersion": "2.1.4",
    "DeviceSerialNumber": "42451",
    "EchoTime": 0.0035,
    "EchoTrainLength": 240,
    "FlipAngle": 8,
    "ImageOrientationPatientDICOM": [
      -0.0042116,
      0.99999,
      0.00173351,
      -0.00362181,
      0.00171826,
      -0.999992
    ],
    "ImageType": [
      "ORIGINAL",
      "PRIMARY",
      "M",
      "FFE",
      "M",
      "FFE"
    ],
    "ImagingFrequency": 127.759,
    "InPlanePhaseEncodingDirectionDICOM": "ROW",
    "InstitutionAddress": "Calzada_Mexico_Xochimilco_No.101_Tlalpan",
    "InstitutionName": "I.N._Psiquiatria",
    "InstitutionalDepartmentName": "Imagenes_Cerebrales",
    "MRAcquisitionType": "3D",
    "MagneticFieldStrength": 3,
    "Manufacturer": "Philips",
    "ManufacturersModelName": "Ingenia",
    "Modality": "MR",
    "PatientPosition": "HFS",
    "PercentPhaseFOV": 100,
    "PhaseEncodingSteps": 240,
    "PhilipsRescaleIntercept": 0,
    "PhilipsRescaleSlope": 3.67179,
    "PhilipsScaleSlope": 0.00594401,
    "PixelBandwidth": 310,
    "ProcedureStepDescription": "EDUARDO_TMS",
    "ProtocolName": "sT1W_3D_TFE_32_channel",
    "ReconMatrixPE": 240,
    "RepetitionTime": 0.007,
    "SAR": 0.0382114,
    "ScanOptions": "OTHER",
    "ScanningSequence": "GR",
    "SequenceVariant": "MP",
    "SeriesDescription": "sT1W_3D_TFE_32_channel",
    "SeriesNumber": 501,
    "SliceThickness": 1,
    "SoftwareVersions": "5.3.1_5.3.1.0",
    "SpacingBetweenSlices": 1,
    "StationName": "PHILIPS-CTMFQSD",
    "UsePhilipsFloatNotDisplayScaling": 1,
    "dataset": "<unset>",
    "modality": "T1w",
    "session_id": "t3",
    "subject_id": "007"
  },
  "cjv": 0.4448867172125179,
  "cnr": 2.8919036978067263,
  "efc": 0.719111177338173,
  "fber": 50354.20923734385,
  "fwhm_avg": 3.9558,
  "fwhm_x": 3.73816,
  "fwhm_y": 4.28567,
  "fwhm_z": 3.84357,
  "icvs_csf": 0.2018279649413646,
  "icvs_gm": 0.40356859268015505,
  "icvs_wm": 0.3946034423784804,
  "inu_med": 1.57650625705719,
  "inu_range": 0.6020626068115233,
  "provenance": {
    "md5sum": "8e726313cc52a6baad436656196e0162",
    "settings": {
      "testing": false
    },
    "software": "mriqc",
    "version": "21.0.0rc2",
    "warnings": {
      "large_rot_frame": true,
      "small_air_mask": false
    },
    "webapi_port": null,
    "webapi_url": "https://mriqc.nimh.nih.gov/api/v1"
  },
  "qi_1": 0.02363866996393127,
  "qi_2": 7.460180142662638e-05,
  "rpve_csf": 26.546796606365774,
  "rpve_gm": 13.83596799956683,
  "rpve_wm": 17.206716860674025,
  "size_x": 180,
  "size_y": 240,
  "size_z": 240,
  "snr_csf": 3.4654710564431364,
  "snr_gm": 11.765781061743724,
  "snr_total": 14.11334311536112,
  "snr_wm": 27.108777227896503,
  "snrd_csf": 51.883923876014684,
  "snrd_gm": 113.37449398236325,
  "snrd_total": 103.57464359646114,
  "snrd_wm": 145.46551293100546,
  "spacing_x": 1.0,
  "spacing_y": 1.0,
  "spacing_z": 1.0,
  "summary_bg_k": 6.417271668206668,
  "summary_bg_mad": 4.503722853354652,
  "summary_bg_mean": 6.095363710371046,
  "summary_bg_median": 3.0377149023115635,
  "summary_bg_n": 427369.0,
  "summary_bg_p05": 0.0,
  "summary_bg_p95": 24.538424275815487,
  "summary_bg_stdv": 8.413455379162288,
  "summary_csf_k": 3.217862084590087,
  "summary_csf_mad": 73.17087389021648,
  "summary_csf_mean": 385.647072985601,
  "summary_csf_median": 356.67507054284215,
  "summary_csf_n": 27321.0,
  "summary_csf_p05": 272.80257856473327,
  "summary_csf_p95": 600.362927056849,
  "summary_csf_stdv": 102.92065268606868,
  "summary_gm_k": 0.17708636865969263,
  "summary_gm_mad": 64.39738781225287,
  "summary_gm_mean": 780.4905696368785,
  "summary_gm_median": 779.3908520787954,
  "summary_gm_n": 30002.0,
  "summary_gm_p05": 673.5836914554238,
  "summary_gm_p95": 892.4155444083734,
  "summary_gm_stdv": 66.24106456672845,
  "summary_wm_k": 0.807192680118126,
  "summary_wm_mad": 33.74867644656668,
  "summary_wm_mean": 1000.1903641041832,
  "summary_wm_median": 999.9999655038118,
  "summary_wm_n": 208291.0,
  "summary_wm_p05": 939.7585284151137,
  "summary_wm_p95": 1060.478107649833,
  "summary_wm_stdv": 36.888331650170436,
  "tpm_overlap_csf": 0.1702195405960083,
  "tpm_overlap_gm": 0.4407345950603485,
  "tpm_overlap_wm": 0.4913024604320526,
  "wm2max": 0.619710038142541
}