{
  "bids_meta": {
    "AcquisitionMatrixPE": 240,
    "AcquisitionNumber": 4,
    "AcquisitionTime": "08:21:16.490000",
    "CoilString": "MULTI_COIL",
    "ConversionSoftware": "dcm2niix",
    "ConversionSoftwareVersion": "v1.0.20190410  (JP2:OpenJPEG) GCC6.3.0",
    "Dcm2bidsVersion": "2.1.4",
    "DeviceSerialNumber": "42451",
    "EchoTime": 0.003501,
    "EchoTrainLength": 240,
    "FlipAngle": 8,
    "ImageOrientationPatientDICOM": [
      0.000375475,
      1,
      -0.00015133,
      0.00883913,
      -0.000154643,
      -0.999961
    ],
    "ImageType": [
      "ORIGINAL",
      "PRIMARY",
      "M",
      "FFE",
      "M",
      "FFE"
    ],
    "ImagingFrequency": 127.766,
    "InPlanePhaseEncodingDirectionDICOM": "ROW",
    "InstitutionAddress": "Calzada_Mexico_Xochimilco_No.101_Tlalpan",
    "InstitutionName": "I.N._Psiquiatria",
    "InstitutionalDepartmentName": "Imagenes_Cerebrales",
    "MRAcquisitionType": "3D",
    "MagneticFieldStrength": 3,
    "Manufacturer": "Philips",
    "ManufacturersModelName": "Ingenia",
    "Modality": "MR",
    "PatientPosition": "HFS",
    "PercentPhaseFOV": 100,
    "PhaseEncodingSteps": 240,
    "PhilipsRescaleIntercept": 0,
    "PhilipsRescaleSlope": 10.4462,
    "PhilipsScaleSlope": 0.00567164,
    "PixelBandwidth": 310,
    "ProcedureStepDescription": "EDUARDOTMS",
    "ProtocolName": "WIP_sT1W_3D_TFE_32_channel_SENSE",
    "ReconMatrixPE": 240,
    "RepetitionTime": 0.007,
    "SAR": 0.0382114,
    "ScanOptions": "OTHER",
    "ScanningSequence": "GR",
    "SequenceVariant": "MP",
    "SeriesDescription": "sT1W_3D_TFE_32_channel",
    "SeriesNumber": 401,
    "SliceThickness": 1,
    "SoftwareVersions": "5.1.7_5.1.7.2",
    "SpacingBetweenSlices": 1,
    "StationName": "INGENIA",
    "UsePhilipsFloatNotDisplayScaling": 1,
    "dataset": "<unset>",
    "modality": "T1w",
    "session_id": "t0",
    "subject_id": "008"
  },
  "cjv": 0.41456161120665114,
  "cnr": 3.084544302126279,
  "efc": 0.8149052436414965,
  "fber": 651.6879921999995,
  "fwhm_avg": 4.366266666666667,
  "fwhm_x": 4.26221,
  "fwhm_y": 4.71569,
  "fwhm_z": 4.1209,
  "icvs_csf": 0.18765609967484276,
  "icvs_gm": 0.4141138661559122,
  "icvs_wm": 0.398230034169245,
  "inu_med": 1.4311901330947876,
  "inu_range": 0.5952292680740356,
  "provenance": {
    "md5sum": "8d87a53357e100d56569832677fdc88e",
    "settings": {
      "testing": false
    },
    "software": "mriqc",
    "version": "21.0.0rc2",
    "warnings": {
      "large_rot_frame": true,
      "small_air_mask": true
    },
    "webapi_port": null,
    "webapi_url": "https://mriqc.nimh.nih.gov/api/v1"
  },
  "qi_1": 0.0,
  "qi_2": 0.0002210925630861374,
  "rpve_csf": 24.92744815214361,
  "rpve_gm": 12.190500319683544,
  "rpve_wm": 15.26664737224869,
  "size_x": 180,
  "size_y": 240,
  "size_z": 240,
  "snr_csf": 3.173991657866721,
  "snr_gm": 11.32044516737468,
  "snr_total": 12.93549023905082,
  "snr_wm": 24.312033891911053,
  "snrd_csf": 21.341421606098077,
  "snrd_gm": 38.5965106204779,
  "snrd_total": 36.99829572662362,
  "snrd_wm": 51.05695495329488,
  "spacing_x": 1.0,
  "spacing_y": 1.0,
  "spacing_z": 1.0,
  "summary_bg_k": 2.4328912737282433,
  "summary_bg_mad": 12.831481678590176,
  "summary_bg_mean": 14.096093801628975,
  "summary_bg_median": 8.994102984666824,
  "summary_bg_n": 105488.0,
  "summary_bg_p05": 0.0,
  "summary_bg_p95": 35.424886755645275,
  "summary_bg_stdv": 10.44488714797286,
  "summary_csf_k": 0.6311478781734654,
  "summary_csf_mad": 118.65975581696259,
  "summary_csf_mean": 438.05952519757307,
  "summary_csf_median": 417.99245120957494,
  "summary_csf_n": 22050.0,
  "summary_csf_p05": 245.6832565292716,
  "summary_csf_p95": 669.5324809323996,
  "summary_csf_stdv": 131.69000358878228,
  "summary_gm_k": 0.3167368162662272,
  "summary_gm_mad": 62.993769123078735,
  "summary_gm_mean": 761.5844947606654,
  "summary_gm_median": 755.9501133598387,
  "summary_gm_n": 33662.0,
  "summary_gm_p05": 661.23839068003,
  "summary_gm_p95": 882.1008927226067,
  "summary_gm_stdv": 66.7764273896874,
  "summary_wm_k": 0.6659472059197129,
  "summary_wm_mad": 38.17994793580508,
  "summary_wm_mean": 999.8349276858964,
  "summary_wm_median": 1000.0000068470836,
  "summary_wm_n": 246706.0,
  "summary_wm_p05": 932.1199843212962,
  "summary_wm_p95": 1066.8194040209055,
  "summary_wm_stdv": 41.13181087962694,
  "tpm_overlap_csf": 0.14628057181835175,
  "tpm_overlap_gm": 0.4517679810523987,
  "tpm_overlap_wm": 0.5041397213935852,
  "wm2max": 0.5916564096531337
}