{
  "bids_meta": {
    "AcquisitionMatrixPE": 240,
    "AcquisitionNumber": 4,
    "AcquisitionTime": "08:51:51.530000",
    "CoilString": "MULTI_COIL",
    "ConversionSoftware": "dcm2niix",
    "ConversionSoftwareVersion": "v1.0.20190410  (JP2:OpenJPEG) GCC6.3.0",
    "Dcm2bidsVersion": "2.1.4",
    "DeviceSerialNumber": "42451",
    "EchoTime": 0.003501,
    "EchoTrainLength": 240,
    "FlipAngle": 8,
    "ImageOrientationPatientDICOM": [
      0.00123165,
      0.999999,
      -0.00078763,
      -0.00223164,
      -0.00078488,
      -0.999997
    ],
    "ImageType": [
      "ORIGINAL",
      "PRIMARY",
      "M",
      "FFE",
      "M",
      "FFE"
    ],
    "ImagingFrequency": 127.766,
    "InPlanePhaseEncodingDirectionDICOM": "ROW",
    "InstitutionAddress": "Calzada_Mexico_Xochimilco_No.101_Tlalpan",
    "InstitutionName": "I.N._Psiquiatria",
    "InstitutionalDepartmentName": "Imagenes_Cerebrales",
    "MRAcquisitionType": "3D",
    "MagneticFieldStrength": 3,
    "Manufacturer": "Philips",
    "ManufacturersModelName": "Ingenia",
    "Modality": "MR",
    "PatientPosition": "HFS",
    "PercentPhaseFOV": 100,
    "PhaseEncodingSteps": 240,
    "PhilipsRescaleIntercept": 0,
    "PhilipsRescaleSlope": 12.4383,
    "PhilipsScaleSlope": 0.00317503,
    "PixelBandwidth": 310,
    "ProcedureStepDescription": "EDUARDO_TMS",
    "ProtocolName": "WIP_sT1W_3D_TFE_32_channel_SENSE",
    "ReconMatrixPE": 240,
    "RepetitionTime": 0.007,
    "SAR": 0.0382114,
    "ScanOptions": "OTHER",
    "ScanningSequence": "GR",
    "SequenceVariant": "MP",
    "SeriesDescription": "sT1W_3D_TFE_32_channel",
    "SeriesNumber": 401,
    "SliceThickness": 1,
    "SoftwareVersions": "5.1.7_5.1.7.2",
    "SpacingBetweenSlices": 1,
    "StationName": "INGENIA",
    "UsePhilipsFloatNotDisplayScaling": 1,
    "dataset": "<unset>",
    "modality": "T1w",
    "session_id": "t2",
    "subject_id": "004"
  },
  "cjv": 0.43242085644044737,
  "cnr": 3.1001330678175347,
  "efc": 0.8093164727627259,
  "fber": 370.2948639405552,
  "fwhm_avg": 4.136826666666667,
  "fwhm_x": 3.97474,
  "fwhm_y": 4.50453,
  "fwhm_z": 3.93121,
  "icvs_csf": 0.25004980289716944,
  "icvs_gm": 0.3864076204939974,
  "icvs_wm": 0.3635425766088332,
  "inu_med": 1.6024389266967773,
  "inu_range": 0.4892914652824403,
  "provenance": {
    "md5sum": "e4b2dc1a27067e881fddbe00ed951c9c",
    "settings": {
      "testing": false
    },
    "software": "mriqc",
    "version": "21.0.0rc2",
    "warnings": {
      "large_rot_frame": true,
      "small_air_mask": true
    },
    "webapi_port": null,
    "webapi_url": "https://mriqc.nimh.nih.gov/api/v1"
  },
  "qi_1": 0.0,
  "qi_2": 6.286411891547659e-05,
  "rpve_csf": 18.82751890079668,
  "rpve_gm": 11.557988071750913,
  "rpve_wm": 14.58161871019097,
  "size_x": 180,
  "size_y": 240,
  "size_z": 240,
  "snr_csf": 4.0378299511544755,
  "snr_gm": 11.661794236679873,
  "snr_total": 12.55251997658578,
  "snr_wm": 21.95793574192299,
  "snrd_csf": 13.688618506951208,
  "snrd_gm": 31.892726586661837,
  "snrd_total": 29.31616013140138,
  "snrd_wm": 42.367135300591094,
  "spacing_x": 1.0,
  "spacing_y": 1.0,
  "spacing_z": 1.0,
  "summary_bg_k": 1.7167303419506679,
  "summary_bg_mad": 15.463315099212625,
  "summary_bg_mean": 16.25179816050506,
  "summary_bg_median": 10.698262732475996,
  "summary_bg_n": 74138.0,
  "summary_bg_p05": 0.0,
  "summary_bg_p95": 32.20982328057289,
  "summary_bg_stdv": 10.917273162756276,
  "summary_csf_k": 2.4889620693864636,
  "summary_csf_mad": 58.4422350073183,
  "summary_csf_mean": 340.3951183668926,
  "summary_csf_median": 323.0952035263181,
  "summary_csf_n": 82510.0,
  "summary_csf_p05": 244.8713469877839,
  "summary_csf_p95": 505.8092605881393,
  "summary_csf_stdv": 80.01655580185663,
  "summary_gm_k": 0.12462592817781148,
  "summary_gm_mad": 63.58719830319603,
  "summary_gm_mean": 753.5815205573901,
  "summary_gm_median": 752.770411586389,
  "summary_gm_n": 22464.0,
  "summary_gm_p05": 648.0367201371118,
  "summary_gm_p95": 861.6894628107548,
  "summary_gm_stdv": 64.54869988983766,
  "summary_wm_k": 0.5483807731817802,
  "summary_wm_mad": 43.320022447058896,
  "summary_wm_mean": 999.7607341509056,
  "summary_wm_median": 999.9999777786434,
  "summary_wm_n": 223705.0,
  "summary_wm_p05": 925.1504836790264,
  "summary_wm_p95": 1073.8525011576712,
  "summary_wm_stdv": 45.54151876765776,
  "tpm_overlap_csf": 0.16753695905208588,
  "tpm_overlap_gm": 0.419352650642395,
  "tpm_overlap_wm": 0.47798147797584534,
  "wm2max": 0.6067282413977619
}