{
  "aor": 0.0035847,
  "aqi": 0.019009552366666665,
  "bids_meta": {
    "AcquisitionMatrixPE": 70,
    "AcquisitionNumber": 3,
    "AcquisitionTime": "10:24:32.140000",
    "BodyPartExamined": "BRAIN",
    "CoilString": "MULTI_COIL",
    "ConversionSoftware": "dcm2niix",
    "ConversionSoftwareVersion": "v1.0.20190410  (JP2:OpenJPEG) GCC6.3.0",
    "Dcm2bidsVersion": "2.1.4",
    "DeviceSerialNumber": "42451",
    "EchoTime": 0.03,
    "EchoTrainLength": 35,
    "EffectiveEchoSpacing": 0.000698,
    "FlipAngle": 75,
    "ImageOrientationPatientDICOM": [
      0.999985,
      0.00418758,
      -0.00364955,
      -0.0042116,
      0.999969,
      -0.00659756
    ],
    "ImageType": [
      "ORIGINAL",
      "PRIMARY",
      "M",
      "FFE",
      "M",
      "FFE"
    ],
    "ImagingFrequency": 127.76,
    "InPlanePhaseEncodingDirectionDICOM": "COL",
    "InstitutionAddress": "Calzada_Mexico_Xochimilco_No.101_Tlalpan",
    "InstitutionName": "I.N._Psiquiatria",
    "InstitutionalDepartmentName": "Imagenes_Cerebrales",
    "MRAcquisitionType": "2D",
    "MagneticFieldStrength": 3,
    "Manufacturer": "Philips",
    "ManufacturersModelName": "Ingenia",
    "Modality": "MR",
    "PartialFourier": 0.5,
    "PatientPosition": "HFS",
    "PercentPhaseFOV": 100,
    "PhaseEncodingAxis": "j",
    "PhaseEncodingDirection": "j-",
    "PhaseEncodingSteps": 70,
    "PhilipsRescaleIntercept": 0,
    "PhilipsRescaleSlope": 0.842002,
    "PhilipsScaleSlope": 0.0227437,
    "PixelBandwidth": 1819,
    "ProcedureStepDescription": "EDUARDO_TMS",
    "ProtocolName": "WIP_FE_EPI_32chSHC_AP",
    "ReconMatrixPE": 80,
    "RepetitionTime": 2,
    "SAR": 0.119138,
    "ScanOptions": "FS",
    "ScanningSequence": "GR",
    "SequenceVariant": "SK",
    "SeriesDescription": "FE_EPI_32chSHC_AP",
    "SeriesNumber": 301,
    "SliceThickness": 3.33,
    "SliceTiming": [
      0.0,
      1.027027,
      0.054054,
      1.081081,
      0.108108,
      1.135135,
      0.162162,
      1.189189,
      0.216216,
      1.243244,
      0.27027,
      1.297298,
      0.324324,
      1.351352,
      0.378378,
      1.405406,
      0.432432,
      1.45946,
      0.486486,
      1.513514,
      0.540541,
      1.567568,
      0.594595,
      1.621622,
      0.648649,
      1.675676,
      0.702703,
      1.72973,
      0.756757,
      1.783784,
      0.810811,
      1.837838,
      0.864865,
      1.891892,
      0.918919,
      1.945947,
      0.972973
    ],
    "SoftwareVersions": "5.3.1_5.3.1.0",
    "SpacingBetweenSlices": 3.33,
    "StationName": "PHILIPS-CTMFQSD",
    "TaskName": "rest",
    "TotalReadoutTime": 0.04884,
    "UsePhilipsFloatNotDisplayScaling": 1,
    "dataset": "<unset>",
    "modality": "bold",
    "session_id": "t0",
    "subject_id": "032",
    "task_id": "rest"
  },
  "dummy_trs": 0,
  "dvars_nstd": 35.16089063033445,
  "dvars_std": 1.1163748984615378,
  "dvars_vstd": 0.9314338933110374,
  "efc": 0.4383459806889519,
  "fber": 65980.4609375,
  "fd_mean": 0.2572051378089488,
  "fd_num": 23,
  "fd_perc": 7.666666666666667,
  "fwhm_avg": 1.9402075814341468,
  "fwhm_x": 1.8563333333333334,
  "fwhm_y": 2.1485866666666666,
  "fwhm_z": 1.8157027443024403,
  "gcor": 0.0180093,
  "gsr_x": -0.017286842688918114,
  "gsr_y": 0.030312463641166687,
  "provenance": {
    "md5sum": "9462da2fa85ccce09b77bcf12c5f7cfe",
    "settings": {
      "fd_thres": 0.5,
      "testing": false
    },
    "software": "mriqc",
    "version": "22.0.0rc1",
    "webapi_port": null,
    "webapi_url": "https://mriqc.nimh.nih.gov/api/v1"
  },
  "size_t": 300,
  "size_x": 80,
  "size_y": 80,
  "size_z": 37,
  "snr": 4.443990298483656,
  "spacing_tr": 2.0000016689300537,
  "spacing_x": 3.0,
  "spacing_y": 3.0,
  "spacing_z": 3.3299999237060547,
  "summary_bg_k": 80.77071051792646,
  "summary_bg_mad": 239.50862413192138,
  "summary_bg_mean": 1648.2603759765625,
  "summary_bg_median": 211.39224243164062,
  "summary_bg_n": 158507.0,
  "summary_bg_p05": 21.040059280395507,
  "summary_bg_p95": 8769.068652343734,
  "summary_bg_stdv": 4470.90087890625,
  "summary_fg_k": 2.0044146629386006,
  "summary_fg_mad": 10330.303153938836,
  "summary_fg_mean": 57758.94140625,
  "summary_fg_median": 55794.703125,
  "summary_fg_n": 36461.0,
  "summary_fg_p05": 40634.65625,
  "summary_fg_p95": 81489.0859375,
  "summary_fg_stdv": 12554.9189453125,
  "tsnr": 34.31261444091797
}