{
  "bids_meta": {
    "AcquisitionMatrixPE": 240,
    "AcquisitionNumber": 7,
    "AcquisitionTime": "09:22:59.040000",
    "BodyPartExamined": "BRAIN",
    "CoilString": "MULTI_COIL",
    "ConversionSoftware": "dcm2niix",
    "ConversionSoftwareVersion": "v1.0.20190410  (JP2:OpenJPEG) GCC6.3.0",
    "Dcm2bidsVersion": "2.1.4",
    "DeviceSerialNumber": "42451",
    "EchoTime": 0.0035,
    "EchoTrainLength": 240,
    "FlipAngle": 8,
    "ImageOrientationPatientDICOM": [
      -0.00420782,
      0.999988,
      -0.00231125,
      -0.00350241,
      -0.00232599,
      -0.999991
    ],
    "ImageType": [
      "ORIGINAL",
      "PRIMARY",
      "M",
      "FFE",
      "M",
      "FFE"
    ],
    "ImagingFrequency": 127.759,
    "InPlanePhaseEncodingDirectionDICOM": "ROW",
    "InstitutionAddress": "Calzada_Mexico_Xochimilco_No.101_Tlalpan",
    "InstitutionName": "I.N._Psiquiatria",
    "InstitutionalDepartmentName": "Imagenes_Cerebrales",
    "MRAcquisitionType": "3D",
    "MagneticFieldStrength": 3,
    "Manufacturer": "Philips",
    "ManufacturersModelName": "Ingenia",
    "Modality": "MR",
    "PatientPosition": "HFS",
    "PercentPhaseFOV": 100,
    "PhaseEncodingSteps": 240,
    "PhilipsRescaleIntercept": 0,
    "PhilipsRescaleSlope": 4.05543,
    "PhilipsScaleSlope": 0.00573043,
    "PixelBandwidth": 310,
    "ProcedureStepDescription": "PROTOCOLO_TMS",
    "ProtocolName": "WIP_sT1W_3D_TFE_32_channel",
    "ReconMatrixPE": 240,
    "RepetitionTime": 0.007,
    "SAR": 0.0382114,
    "ScanOptions": "OTHER",
    "ScanningSequence": "GR",
    "SequenceVariant": "MP",
    "SeriesDescription": "sT1W_3D_TFE_32_channel",
    "SeriesNumber": 701,
    "SliceThickness": 1,
    "SoftwareVersions": "5.3.1_5.3.1.0",
    "SpacingBetweenSlices": 1,
    "StationName": "PHILIPS-CTMFQSD",
    "UsePhilipsFloatNotDisplayScaling": 1,
    "dataset": "<unset>",
    "modality": "T1w",
    "session_id": "t0",
    "subject_id": "037"
  },
  "cjv": 0.5114094121323366,
  "cnr": 2.4821714784295135,
  "efc": 0.7447132040718409,
  "fber": 12080.70944906125,
  "fwhm_avg": 4.131460000000001,
  "fwhm_x": 3.96596,
  "fwhm_y": 4.49029,
  "fwhm_z": 3.93813,
  "icvs_csf": 0.19031484054456563,
  "icvs_gm": 0.39430946562283664,
  "icvs_wm": 0.4153756938325977,
  "inu_med": 1.806290626525879,
  "inu_range": 0.6591758966445924,
  "provenance": {
    "md5sum": "d336fcf7862d03fa13f434e495d90a6a",
    "settings": {
      "testing": false
    },
    "software": "mriqc",
    "version": "21.0.0rc2",
    "warnings": {
      "large_rot_frame": true,
      "small_air_mask": false
    },
    "webapi_port": null,
    "webapi_url": "https://mriqc.nimh.nih.gov/api/v1"
  },
  "qi_1": 3.626230793725261e-05,
  "qi_2": 0.0001031790938358637,
  "rpve_csf": 24.024705547068084,
  "rpve_gm": 12.157305191710043,
  "rpve_wm": 14.160065256897406,
  "size_x": 180,
  "size_y": 240,
  "size_z": 240,
  "snr_csf": 3.3946072745193794,
  "snr_gm": 10.08075277708801,
  "snr_total": 12.942681503470062,
  "snr_wm": 25.352684458802795,
  "snrd_csf": 30.647726519174473,
  "snrd_gm": 60.656301172217866,
  "snrd_total": 56.280872656542726,
  "snrd_wm": 77.53859027823583,
  "spacing_x": 1.0,
  "spacing_y": 1.0,
  "spacing_z": 1.0,
  "summary_bg_k": 466.87771380701435,
  "summary_bg_mad": 8.449165351422119,
  "summary_bg_mean": 8.508196983454281,
  "summary_bg_median": 5.698875427246094,
  "summary_bg_n": 536080.0,
  "summary_bg_p05": 0.0,
  "summary_bg_p95": 26.81524419784546,
  "summary_bg_stdv": 10.807682137309417,
  "summary_csf_k": 1.0710155902639347,
  "summary_csf_mad": 98.59874209204204,
  "summary_csf_mean": 417.3496141485758,
  "summary_csf_median": 395.25771713256836,
  "summary_csf_n": 24922.0,
  "summary_csf_p05": 263.5246498346329,
  "summary_csf_p95": 636.8925793886181,
  "summary_csf_stdv": 116.43461384302945,
  "summary_gm_k": 0.18360811893461948,
  "summary_gm_mad": 75.4389763519832,
  "summary_gm_mean": 790.2109163474261,
  "summary_gm_median": 782.2724180221558,
  "summary_gm_n": 24103.0,
  "summary_gm_p05": 676.7414569854736,
  "summary_gm_p95": 932.325843334198,
  "summary_gm_stdv": 77.59898565646927,
  "summary_wm_k": 0.9313470739094964,
  "summary_wm_mad": 35.908952743544006,
  "summary_wm_mean": 1000.1145020025895,
  "summary_wm_median": 999.9999890327454,
  "summary_wm_n": 272725.0,
  "summary_wm_p05": 935.8876404762268,
  "summary_wm_p95": 1064.2141032218933,
  "summary_wm_stdv": 39.44348210176461,
  "tpm_overlap_csf": 0.15016065537929535,
  "tpm_overlap_gm": 0.429454505443573,
  "tpm_overlap_wm": 0.5039509534835815,
  "wm2max": 0.6178439967014799
}