{
  "bids_meta": {
    "AcquisitionMatrixPE": 240,
    "AcquisitionNumber": 4,
    "AcquisitionTime": "13:23:25.340000",
    "CoilString": "MULTI_COIL",
    "ConversionSoftware": "dcm2niix",
    "ConversionSoftwareVersion": "v1.0.20190410  (JP2:OpenJPEG) GCC6.3.0",
    "Dcm2bidsVersion": "2.1.4",
    "DeviceSerialNumber": "42451",
    "EchoTime": 0.003501,
    "EchoTrainLength": 240,
    "FlipAngle": 8,
    "ImageOrientationPatientDICOM": [
      -0.00420355,
      0.999989,
      -0.00191128,
      0.000610564,
      -0.00190873,
      -0.999998
    ],
    "ImageType": [
      "ORIGINAL",
      "PRIMARY",
      "M",
      "FFE",
      "M",
      "FFE"
    ],
    "ImagingFrequency": 127.766,
    "InPlanePhaseEncodingDirectionDICOM": "ROW",
    "InstitutionAddress": "Calzada_Mexico_Xochimilco_No.101_Tlalpan",
    "InstitutionName": "I.N._Psiquiatria",
    "InstitutionalDepartmentName": "Imagenes_Cerebrales",
    "MRAcquisitionType": "3D",
    "MagneticFieldStrength": 3,
    "Manufacturer": "Philips",
    "ManufacturersModelName": "Ingenia",
    "Modality": "MR",
    "PatientPosition": "HFS",
    "PercentPhaseFOV": 100,
    "PhaseEncodingSteps": 240,
    "PhilipsRescaleIntercept": 0,
    "PhilipsRescaleSlope": 11.0647,
    "PhilipsScaleSlope": 0.00592866,
    "PixelBandwidth": 310,
    "ProcedureStepDescription": "EDUARDO_TMS",
    "ProtocolName": "WIP_sT1W_3D_TFE_32_channel_SENSE",
    "ReconMatrixPE": 240,
    "RepetitionTime": 0.007,
    "SAR": 0.0382114,
    "ScanOptions": "OTHER",
    "ScanningSequence": "GR",
    "SequenceVariant": "MP",
    "SeriesDescription": "sT1W_3D_TFE_32_channel",
    "SeriesNumber": 401,
    "SliceThickness": 1,
    "SoftwareVersions": "5.1.7_5.1.7.2",
    "SpacingBetweenSlices": 1,
    "StationName": "INGENIA",
    "UsePhilipsFloatNotDisplayScaling": 1,
    "dataset": "<unset>",
    "modality": "T1w",
    "session_id": "t0",
    "subject_id": "014"
  },
  "cjv": 0.4265335914465539,
  "cnr": 3.1309825018969315,
  "efc": 0.8149431747102456,
  "fber": 591.3419276108742,
  "fwhm_avg": 4.013833333333333,
  "fwhm_x": 3.91103,
  "fwhm_y": 4.32208,
  "fwhm_z": 3.80839,
  "icvs_csf": 0.2040341934247935,
  "icvs_gm": 0.39385612776673296,
  "icvs_wm": 0.40210967880847354,
  "inu_med": 1.233177900314331,
  "inu_range": 0.3419092416763305,
  "provenance": {
    "md5sum": "b1a60a2f15b347931467d9cad8164816",
    "settings": {
      "testing": false
    },
    "software": "mriqc",
    "version": "21.0.0rc2",
    "warnings": {
      "large_rot_frame": true,
      "small_air_mask": true
    },
    "webapi_port": null,
    "webapi_url": "https://mriqc.nimh.nih.gov/api/v1"
  },
  "qi_1": 0.0,
  "qi_2": 0.00020838948746840642,
  "rpve_csf": 26.223536605561854,
  "rpve_gm": 13.929911477889917,
  "rpve_wm": 16.68861308614837,
  "size_x": 180,
  "size_y": 240,
  "size_z": 240,
  "snr_csf": 3.334615457394449,
  "snr_gm": 12.233072145807816,
  "snr_total": 13.884718976591408,
  "snr_wm": 26.08646932657196,
  "snrd_csf": 19.801981734965153,
  "snrd_gm": 39.2078534156658,
  "snrd_total": 36.70150372416401,
  "snrd_wm": 51.0946760218611,
  "spacing_x": 1.0,
  "spacing_y": 1.0,
  "spacing_z": 1.0,
  "summary_bg_k": 1.2823670752399199,
  "summary_bg_mad": 12.822009234309,
  "summary_bg_mean": 17.006804550976884,
  "summary_bg_median": 17.399993911385536,
  "summary_bg_n": 97518.0,
  "summary_bg_p05": 0.0,
  "summary_bg_p95": 35.38573019206524,
  "summary_bg_stdv": 10.811925502261593,
  "summary_csf_k": 0.24212346706813204,
  "summary_csf_mad": 107.48010927882922,
  "summary_csf_mean": 415.85537571129777,
  "summary_csf_median": 387.5547158718109,
  "summary_csf_n": 30853.0,
  "summary_csf_p05": 270.26842027902603,
  "summary_csf_p95": 623.2643363624811,
  "summary_csf_stdv": 116.21982807538251,
  "summary_gm_k": 0.03547977067816088,
  "summary_gm_mad": 62.756328065133886,
  "summary_gm_mean": 769.5983462346761,
  "summary_gm_median": 767.3569592088461,
  "summary_gm_n": 21324.0,
  "summary_gm_p05": 670.7301415354013,
  "summary_gm_p95": 876.4084061980247,
  "summary_gm_stdv": 62.72659533527525,
  "summary_wm_k": 0.5454844103100251,
  "summary_wm_mad": 36.47376331990687,
  "summary_wm_mean": 1001.1243010495638,
  "summary_wm_median": 1000.0000461190939,
  "summary_wm_n": 217769.0,
  "summary_wm_p05": 940.3576907515526,
  "summary_wm_p95": 1065.430914312601,
  "summary_wm_stdv": 38.33396300536665,
  "tpm_overlap_csf": 0.16247326135635376,
  "tpm_overlap_gm": 0.4373565912246704,
  "tpm_overlap_wm": 0.5018171668052673,
  "wm2max": 0.6552206795349362
}