{
  "aor": 0.0011930999999999999,
  "aqi": 0.0081524198,
  "bids_meta": {
    "AcquisitionMatrixPE": 70,
    "AcquisitionNumber": 3,
    "AcquisitionTime": "08:25:53.800000",
    "BodyPartExamined": "BRAIN",
    "CoilString": "MULTI_COIL",
    "ConversionSoftware": "dcm2niix",
    "ConversionSoftwareVersion": "v1.0.20190410  (JP2:OpenJPEG) GCC6.3.0",
    "Dcm2bidsVersion": "2.1.4",
    "DeviceSerialNumber": "42451",
    "EchoTime": 0.03,
    "EchoTrainLength": 35,
    "EffectiveEchoSpacing": 0.000698,
    "FlipAngle": 75,
    "ImageOrientationPatientDICOM": [
      0.997979,
      0.0327454,
      -0.0544565,
      -0.0328947,
      0.999457,
      -0.00184826
    ],
    "ImageType": [
      "ORIGINAL",
      "PRIMARY",
      "M",
      "FFE",
      "M",
      "FFE"
    ],
    "ImagingFrequency": 127.759,
    "InPlanePhaseEncodingDirectionDICOM": "COL",
    "InstitutionAddress": "Calzada_Mexico_Xochimilco_No.101_Tlalpan",
    "InstitutionName": "I.N._Psiquiatria",
    "InstitutionalDepartmentName": "Imagenes_Cerebrales",
    "MRAcquisitionType": "2D",
    "MagneticFieldStrength": 3,
    "Manufacturer": "Philips",
    "ManufacturersModelName": "Ingenia",
    "Modality": "MR",
    "PartialFourier": 0.5,
    "PatientPosition": "HFS",
    "PercentPhaseFOV": 100,
    "PhaseEncodingAxis": "j",
    "PhaseEncodingDirection": "j-",
    "PhaseEncodingSteps": 70,
    "PhilipsRescaleIntercept": 0,
    "PhilipsRescaleSlope": 0.803175,
    "PhilipsScaleSlope": 0.023873,
    "PixelBandwidth": 1819,
    "ProcedureStepDescription": "PRTOCOLO_EDUARDO_TMS",
    "ProtocolName": "WIP_FE_EPI_32chSHC_AP",
    "ReconMatrixPE": 80,
    "RepetitionTime": 2,
    "SAR": 0.119205,
    "ScanOptions": "FS",
    "ScanningSequence": "GR",
    "SequenceVariant": "SK",
    "SeriesDescription": "FE_EPI_32chSHC_AP",
    "SeriesNumber": 301,
    "SliceThickness": 3.33,
    "SliceTiming": [
      0.0,
      1.027027,
      0.054054,
      1.081081,
      0.108108,
      1.135135,
      0.162162,
      1.189189,
      0.216216,
      1.243244,
      0.27027,
      1.297298,
      0.324324,
      1.351352,
      0.378378,
      1.405406,
      0.432432,
      1.45946,
      0.486486,
      1.513514,
      0.540541,
      1.567568,
      0.594595,
      1.621622,
      0.648649,
      1.675676,
      0.702703,
      1.72973,
      0.756757,
      1.783784,
      0.810811,
      1.837838,
      0.864865,
      1.891892,
      0.918919,
      1.945947,
      0.972973
    ],
    "SoftwareVersions": "5.3.1_5.3.1.0",
    "SpacingBetweenSlices": 3.33,
    "StationName": "PHILIPS-CTMFQSD",
    "TaskName": "rest",
    "TotalReadoutTime": 0.04884,
    "UsePhilipsFloatNotDisplayScaling": 1,
    "dataset": "<unset>",
    "modality": "bold",
    "session_id": "t1",
    "subject_id": "039",
    "task_id": "rest"
  },
  "dummy_trs": 0,
  "dvars_nstd": 26.75564164384615,
  "dvars_std": 1.1725888658862882,
  "dvars_vstd": 0.958443841371238,
  "efc": 0.4360815892104938,
  "fber": 112728.3203125,
  "fd_mean": 0.17687446836313966,
  "fd_num": 0,
  "fd_perc": 0.0,
  "fwhm_avg": 2.0071178620136014,
  "fwhm_x": 1.9856133333333332,
  "fwhm_y": 2.1808633333333334,
  "fwhm_z": 1.8548769193741375,
  "gcor": 0.0979173,
  "gsr_x": -0.012814103625714779,
  "gsr_y": 0.023426931351423264,
  "provenance": {
    "md5sum": "9d42a4c908453e73e69614a6168ddd83",
    "settings": {
      "fd_thres": 0.5,
      "testing": false
    },
    "software": "mriqc",
    "version": "22.0.0rc1",
    "webapi_port": null,
    "webapi_url": "https://mriqc.nimh.nih.gov/api/v1"
  },
  "size_t": 300,
  "size_x": 80,
  "size_y": 80,
  "size_z": 37,
  "snr": 5.132595521431203,
  "spacing_tr": 2.0000016689300537,
  "spacing_x": 3.0,
  "spacing_y": 3.0,
  "spacing_z": 3.3299999237060547,
  "summary_bg_k": 124.60066779640542,
  "summary_bg_mad": 219.8547138926084,
  "summary_bg_mean": 1547.622314453125,
  "summary_bg_median": 173.70486450195312,
  "summary_bg_n": 158314.0,
  "summary_bg_p05": 7.705199098587036,
  "summary_bg_p95": 7400.092602539064,
  "summary_bg_stdv": 4574.1591796875,
  "summary_fg_k": 1.694362023692678,
  "summary_fg_mad": 10196.509886548538,
  "summary_fg_mean": 61578.921875,
  "summary_fg_median": 60835.578125,
  "summary_fg_n": 36512.0,
  "summary_fg_p05": 43630.6697265625,
  "summary_fg_p95": 81983.91484375,
  "summary_fg_stdv": 11852.6279296875,
  "tsnr": 50.48508834838867
}