{
  "aor": 0.008633266666666667,
  "aqi": 0.016440017233333333,
  "bids_meta": {
    "AcquisitionMatrixPE": 70,
    "AcquisitionNumber": 4,
    "AcquisitionTime": "08:35:53.560000",
    "BodyPartExamined": "BRAIN",
    "CoilString": "MULTI_COIL",
    "ConversionSoftware": "dcm2niix",
    "ConversionSoftwareVersion": "v1.0.20190410  (JP2:OpenJPEG) GCC6.3.0",
    "Dcm2bidsVersion": "2.1.4",
    "DeviceSerialNumber": "42451",
    "EchoTime": 0.03,
    "EchoTrainLength": 35,
    "EffectiveEchoSpacing": 0.000698,
    "FlipAngle": 75,
    "ImageOrientationPatientDICOM": [
      0.999998,
      -0.00111974,
      0.00151702,
      0.00112097,
      0.999999,
      -0.000804505
    ],
    "ImageType": [
      "ORIGINAL",
      "PRIMARY",
      "M",
      "FFE",
      "M",
      "FFE"
    ],
    "ImagingFrequency": 127.759,
    "InPlanePhaseEncodingDirectionDICOM": "COL",
    "InstitutionAddress": "Calzada_Mexico_Xochimilco_No.101_Tlalpan",
    "InstitutionName": "I.N._Psiquiatria",
    "InstitutionalDepartmentName": "Imagenes_Cerebrales",
    "MRAcquisitionType": "2D",
    "MagneticFieldStrength": 3,
    "Manufacturer": "Philips",
    "ManufacturersModelName": "Ingenia",
    "Modality": "MR",
    "PartialFourier": 0.5,
    "PatientPosition": "HFS",
    "PercentPhaseFOV": 100,
    "PhaseEncodingAxis": "j",
    "PhaseEncodingDirection": "j-",
    "PhaseEncodingSteps": 70,
    "PhilipsRescaleIntercept": 0,
    "PhilipsRescaleSlope": 0.789744,
    "PhilipsScaleSlope": 0.0227242,
    "PixelBandwidth": 1819,
    "ProcedureStepDescription": "EDUARDO_TMS",
    "ProtocolName": "WIP_FE_EPI_32chSHC_AP",
    "ReconMatrixPE": 80,
    "RepetitionTime": 2,
    "SAR": 0.119138,
    "ScanOptions": "FS",
    "ScanningSequence": "GR",
    "SequenceVariant": "SK",
    "SeriesDescription": "FE_EPI_32chSHC_AP",
    "SeriesNumber": 401,
    "SliceThickness": 3.33,
    "SliceTiming": [
      0.0,
      1.027027,
      0.054054,
      1.081081,
      0.108108,
      1.135135,
      0.162162,
      1.189189,
      0.216216,
      1.243244,
      0.27027,
      1.297298,
      0.324324,
      1.351352,
      0.378378,
      1.405406,
      0.432432,
      1.45946,
      0.486486,
      1.513514,
      0.540541,
      1.567568,
      0.594595,
      1.621622,
      0.648649,
      1.675676,
      0.702703,
      1.72973,
      0.756757,
      1.783784,
      0.810811,
      1.837838,
      0.864865,
      1.891892,
      0.918919,
      1.945947,
      0.972973
    ],
    "SoftwareVersions": "5.3.1_5.3.1.0",
    "SpacingBetweenSlices": 3.33,
    "StationName": "PHILIPS-CTMFQSD",
    "TaskName": "rest",
    "TotalReadoutTime": 0.04884,
    "UsePhilipsFloatNotDisplayScaling": 1,
    "dataset": "<unset>",
    "modality": "bold",
    "session_id": "t3",
    "subject_id": "025",
    "task_id": "rest"
  },
  "dummy_trs": 0,
  "dvars_nstd": 28.49430699170568,
  "dvars_std": 1.0668428367558525,
  "dvars_vstd": 0.9466898279933111,
  "efc": 0.4402064523725937,
  "fber": 88087.8515625,
  "fd_mean": 0.3989099448143981,
  "fd_num": 34,
  "fd_perc": 11.333333333333334,
  "fwhm_avg": 1.9581639681730518,
  "fwhm_x": 1.89125,
  "fwhm_y": 2.12138,
  "fwhm_z": 1.8618619045191562,
  "gcor": 0.139613,
  "gsr_x": -0.0021000998094677925,
  "gsr_y": 0.024059750139713287,
  "provenance": {
    "md5sum": "3b607e466e41e7ea5c6a4d79f87bedb1",
    "settings": {
      "fd_thres": 0.5,
      "testing": false
    },
    "software": "mriqc",
    "version": "22.0.0rc1",
    "webapi_port": null,
    "webapi_url": "https://mriqc.nimh.nih.gov/api/v1"
  },
  "size_t": 300,
  "size_x": 80,
  "size_y": 80,
  "size_z": 37,
  "snr": 4.885660292976354,
  "spacing_tr": 2.0000016689300537,
  "spacing_x": 3.0,
  "spacing_y": 3.0,
  "spacing_z": 3.3299999237060547,
  "summary_bg_k": 91.22308162934378,
  "summary_bg_mad": 306.14278343757996,
  "summary_bg_mean": 1865.1016845703125,
  "summary_bg_median": 233.6812744140625,
  "summary_bg_n": 158484.0,
  "summary_bg_p05": 12.863566255569458,
  "summary_bg_p95": 9146.93247070313,
  "summary_bg_stdv": 4602.78515625,
  "summary_fg_k": 3.8264632426587655,
  "summary_fg_mad": 10617.056376384058,
  "summary_fg_mean": 70119.203125,
  "summary_fg_median": 68141.453125,
  "summary_fg_n": 37818.0,
  "summary_fg_p05": 52029.26328125,
  "summary_fg_p95": 95513.29179687503,
  "summary_fg_stdv": 13947.05078125,
  "tsnr": 36.024051666259766
}