{
  "bids_meta": {
    "AcquisitionMatrixPE": 240,
    "AcquisitionNumber": 5,
    "AcquisitionTime": "11:12:5.590000",
    "CoilString": "MULTI_COIL",
    "ConversionSoftware": "dcm2niix",
    "ConversionSoftwareVersion": "v1.0.20190410  (JP2:OpenJPEG) GCC6.3.0",
    "Dcm2bidsVersion": "2.1.4",
    "DeviceSerialNumber": "42451",
    "EchoTime": 0.003501,
    "EchoTrainLength": 240,
    "FlipAngle": 8,
    "ImageOrientationPatientDICOM": [
      -1.90253e-05,
      0.999998,
      -0.00211283,
      -0.0036307,
      -0.00211288,
      -0.999991
    ],
    "ImageType": [
      "ORIGINAL",
      "PRIMARY",
      "M",
      "FFE",
      "M",
      "FFE"
    ],
    "ImagingFrequency": 127.766,
    "InPlanePhaseEncodingDirectionDICOM": "ROW",
    "InstitutionAddress": "Calzada_Mexico_Xochimilco_No.101_Tlalpan",
    "InstitutionName": "I.N._Psiquiatria",
    "InstitutionalDepartmentName": "Imagenes_Cerebrales",
    "MRAcquisitionType": "3D",
    "MagneticFieldStrength": 3,
    "Manufacturer": "Philips",
    "ManufacturersModelName": "Ingenia",
    "Modality": "MR",
    "PatientPosition": "HFS",
    "PercentPhaseFOV": 100,
    "PhaseEncodingSteps": 240,
    "PhilipsRescaleIntercept": 0,
    "PhilipsRescaleSlope": 11.2418,
    "PhilipsScaleSlope": 0.00528963,
    "PixelBandwidth": 310,
    "ProcedureStepDescription": "EDUARDO_TMS",
    "ProtocolName": "WIP_sT1W_3D_TFE_32_channel_SENSE",
    "ReconMatrixPE": 240,
    "RepetitionTime": 0.007,
    "SAR": 0.0382114,
    "ScanOptions": "OTHER",
    "ScanningSequence": "GR",
    "SequenceVariant": "MP",
    "SeriesDescription": "sT1W_3D_TFE_32_channel",
    "SeriesNumber": 501,
    "SliceThickness": 1,
    "SoftwareVersions": "5.1.7_5.1.7.2",
    "SpacingBetweenSlices": 1,
    "StationName": "INGENIA",
    "UsePhilipsFloatNotDisplayScaling": 1,
    "dataset": "<unset>",
    "modality": "T1w",
    "session_id": "t14",
    "subject_id": "006"
  },
  "cjv": 0.4843246892684698,
  "cnr": 2.6389336269021935,
  "efc": 0.7957570599993833,
  "fber": 1141.993101564101,
  "fwhm_avg": 4.131423333333333,
  "fwhm_x": 3.93298,
  "fwhm_y": 4.48783,
  "fwhm_z": 3.97346,
  "icvs_csf": 0.2203154664620624,
  "icvs_gm": 0.4037256211421356,
  "icvs_wm": 0.375958912395802,
  "inu_med": 1.4286350011825562,
  "inu_range": 0.509390377998352,
  "provenance": {
    "md5sum": "5264500ab22c0faad40a0e560c3f619c",
    "settings": {
      "testing": false
    },
    "software": "mriqc",
    "version": "21.0.0rc2",
    "warnings": {
      "large_rot_frame": true,
      "small_air_mask": true
    },
    "webapi_port": null,
    "webapi_url": "https://mriqc.nimh.nih.gov/api/v1"
  },
  "qi_1": 0.0,
  "qi_2": 0.0001971036980435111,
  "rpve_csf": 27.201497130148365,
  "rpve_gm": 15.041613256030011,
  "rpve_wm": 19.41199738433503,
  "size_x": 180,
  "size_y": 240,
  "size_z": 240,
  "snr_csf": 3.809927406265202,
  "snr_gm": 10.117538416883448,
  "snr_total": 12.195808768222989,
  "snr_wm": 22.65996048152032,
  "snrd_csf": 18.093057183580008,
  "snrd_gm": 37.918369098025096,
  "snrd_total": 35.15010349918284,
  "snrd_wm": 49.43888421594341,
  "spacing_x": 1.0,
  "spacing_y": 1.0,
  "spacing_z": 1.0,
  "summary_bg_k": 1.5928837117842791,
  "summary_bg_mad": 13.25193761942019,
  "summary_bg_mean": 13.477237027648622,
  "summary_bg_median": 9.088519558310509,
  "summary_bg_n": 121730.0,
  "summary_bg_p05": 0.0,
  "summary_bg_p95": 35.07717879116535,
  "summary_bg_stdv": 10.17808314240469,
  "summary_csf_k": 1.5143283703089576,
  "summary_csf_mad": 81.68316171298075,
  "summary_csf_mean": 385.344309356811,
  "summary_csf_median": 365.9819136187434,
  "summary_csf_n": 29533.0,
  "summary_csf_p05": 265.82041914761066,
  "summary_csf_p95": 575.8966707229613,
  "summary_csf_stdv": 96.05844899104187,
  "summary_gm_k": 0.1817175821157906,
  "summary_gm_mad": 71.27092501200774,
  "summary_gm_mean": 774.6688012572399,
  "summary_gm_median": 767.0034501627088,
  "summary_gm_n": 18225.0,
  "summary_gm_p05": 661.2911987051368,
  "summary_gm_p95": 912.5324306935072,
  "summary_gm_stdv": 75.80721472482901,
  "summary_wm_k": 0.5450689017700152,
  "summary_wm_mad": 41.593266393726395,
  "summary_wm_mean": 1000.29143915782,
  "summary_wm_median": 1000.0375983417034,
  "summary_wm_n": 174130.0,
  "summary_wm_p05": 927.9678915962577,
  "summary_wm_p95": 1072.5955313444138,
  "summary_wm_stdv": 44.13223613638972,
  "tpm_overlap_csf": 0.18144480884075165,
  "tpm_overlap_gm": 0.44939735531806946,
  "tpm_overlap_wm": 0.5136221051216125,
  "wm2max": 0.6002840393123688
}