{
  "bids_meta": {
    "AcquisitionMatrixPE": 240,
    "AcquisitionNumber": 4,
    "AcquisitionTime": "10:06:19.110000",
    "CoilString": "MULTI_COIL",
    "ConversionSoftware": "dcm2niix",
    "ConversionSoftwareVersion": "v1.0.20190410  (JP2:OpenJPEG) GCC6.3.0",
    "Dcm2bidsVersion": "2.1.4",
    "DeviceSerialNumber": "42451",
    "EchoTime": 0.003501,
    "EchoTrainLength": 240,
    "FlipAngle": 8,
    "ImageOrientationPatientDICOM": [
      -0.0342653,
      0.999412,
      -0.00152012,
      -0.0200709,
      -0.00220884,
      -0.999796
    ],
    "ImageType": [
      "ORIGINAL",
      "PRIMARY",
      "M",
      "FFE",
      "M",
      "FFE"
    ],
    "ImagingFrequency": 127.766,
    "InPlanePhaseEncodingDirectionDICOM": "ROW",
    "InstitutionAddress": "Calzada_Mexico_Xochimilco_No.101_Tlalpan",
    "InstitutionName": "I.N._Psiquiatria",
    "InstitutionalDepartmentName": "Imagenes_Cerebrales",
    "MRAcquisitionType": "3D",
    "MagneticFieldStrength": 3,
    "Manufacturer": "Philips",
    "ManufacturersModelName": "Ingenia",
    "Modality": "MR",
    "PatientPosition": "HFS",
    "PercentPhaseFOV": 100,
    "PhaseEncodingSteps": 240,
    "PhilipsRescaleIntercept": 0,
    "PhilipsRescaleSlope": 11.0735,
    "PhilipsScaleSlope": 0.0053853,
    "PixelBandwidth": 310,
    "ProcedureStepDescription": "EDUARDO_TMS",
    "ProtocolName": "WIP_sT1W_3D_TFE_32_channel_SENSE",
    "ReconMatrixPE": 240,
    "RepetitionTime": 0.007,
    "SAR": 0.0382114,
    "ScanOptions": "OTHER",
    "ScanningSequence": "GR",
    "SequenceVariant": "MP",
    "SeriesDescription": "sT1W_3D_TFE_32_channel",
    "SeriesNumber": 401,
    "SliceThickness": 1,
    "SoftwareVersions": "5.1.7_5.1.7.2",
    "SpacingBetweenSlices": 1,
    "StationName": "INGENIA",
    "UsePhilipsFloatNotDisplayScaling": 1,
    "dataset": "<unset>",
    "modality": "T1w",
    "session_id": "t0",
    "subject_id": "006"
  },
  "cjv": 0.44093406786753725,
  "cnr": 2.959367854569191,
  "efc": 0.8037155574461096,
  "fber": 564.0994943760251,
  "fwhm_avg": 4.235486666666667,
  "fwhm_x": 4.02247,
  "fwhm_y": 4.5873,
  "fwhm_z": 4.09669,
  "icvs_csf": 0.2311686536910652,
  "icvs_gm": 0.397562079375531,
  "icvs_wm": 0.3712692669334038,
  "inu_med": 1.3647406101226807,
  "inu_range": 0.48046162724494956,
  "provenance": {
    "md5sum": "893bd65185d616bc294474e0721f13bc",
    "settings": {
      "testing": false
    },
    "software": "mriqc",
    "version": "21.0.0rc2",
    "warnings": {
      "large_rot_frame": true,
      "small_air_mask": true
    },
    "webapi_port": null,
    "webapi_url": "https://mriqc.nimh.nih.gov/api/v1"
  },
  "qi_1": 0.0,
  "qi_2": 0.00012917172834688194,
  "rpve_csf": 26.24802658911508,
  "rpve_gm": 15.094551393169215,
  "rpve_wm": 19.419145025215627,
  "size_x": 180,
  "size_y": 240,
  "size_z": 240,
  "snr_csf": 3.5586135829556813,
  "snr_gm": 10.871874072265088,
  "snr_total": 12.42064720659351,
  "snr_wm": 22.83145396455976,
  "snrd_csf": 18.982547398633898,
  "snrd_gm": 39.26823982290955,
  "snrd_total": 36.764237450247855,
  "snrd_wm": 52.0419251292001,
  "spacing_x": 1.0,
  "spacing_y": 1.0,
  "spacing_z": 1.0,
  "summary_bg_k": 1.7463771807506285,
  "summary_bg_mad": 12.588626926633347,
  "summary_bg_mean": 16.202408628735796,
  "summary_bg_median": 17.021109383553267,
  "summary_bg_n": 125867.0,
  "summary_bg_p05": 0.0,
  "summary_bg_p95": 35.10358124598861,
  "summary_bg_stdv": 12.001700881500332,
  "summary_csf_k": 0.6927174998421841,
  "summary_csf_mad": 91.96691338068251,
  "summary_csf_mean": 385.93039075488645,
  "summary_csf_median": 364.7549052424729,
  "summary_csf_n": 36913.0,
  "summary_csf_p05": 256.06352546066046,
  "summary_csf_p95": 581.3671942658723,
  "summary_csf_stdv": 102.49777222743812,
  "summary_gm_k": 0.12339844388976795,
  "summary_gm_mad": 66.43997544612044,
  "summary_gm_mean": 760.2286338281268,
  "summary_gm_median": 754.5501030422747,
  "summary_gm_n": 18595.0,
  "summary_gm_p05": 654.6641008630395,
  "summary_gm_p95": 884.3075625438242,
  "summary_gm_stdv": 69.40200085975806,
  "summary_wm_k": 0.3589632268306251,
  "summary_wm_mad": 41.787247714796806,
  "summary_wm_mean": 999.4542410940606,
  "summary_wm_median": 1000.0000037141144,
  "summary_wm_n": 174533.0,
  "summary_wm_p05": 926.2156565710902,
  "summary_wm_p95": 1070.443024534732,
  "summary_wm_stdv": 43.79910015693713,
  "tpm_overlap_csf": 0.1766219437122345,
  "tpm_overlap_gm": 0.4535962641239166,
  "tpm_overlap_wm": 0.5189693570137024,
  "wm2max": 0.6413624364491259
}