{
  "bids_meta": {
    "AcquisitionMatrixPE": 240,
    "AcquisitionNumber": 4,
    "AcquisitionTime": "10:22:21.220000",
    "CoilString": "MULTI_COIL",
    "ConversionSoftware": "dcm2niix",
    "ConversionSoftwareVersion": "v1.0.20190410  (JP2:OpenJPEG) GCC6.3.0",
    "Dcm2bidsVersion": "2.1.4",
    "DeviceSerialNumber": "42451",
    "EchoTime": 0.003501,
    "EchoTrainLength": 240,
    "FlipAngle": 8,
    "ImageOrientationPatientDICOM": [
      -0.00203786,
      0.999995,
      -0.00228268,
      -0.0490278,
      -0.00237985,
      -0.998795
    ],
    "ImageType": [
      "ORIGINAL",
      "PRIMARY",
      "M",
      "FFE",
      "M",
      "FFE"
    ],
    "ImagingFrequency": 127.766,
    "InPlanePhaseEncodingDirectionDICOM": "ROW",
    "InstitutionAddress": "Calzada_Mexico_Xochimilco_No.101_Tlalpan",
    "InstitutionName": "I.N._Psiquiatria",
    "InstitutionalDepartmentName": "Imagenes_Cerebrales",
    "MRAcquisitionType": "3D",
    "MagneticFieldStrength": 3,
    "Manufacturer": "Philips",
    "ManufacturersModelName": "Ingenia",
    "Modality": "MR",
    "PatientPosition": "HFS",
    "PercentPhaseFOV": 100,
    "PhaseEncodingSteps": 240,
    "PhilipsRescaleIntercept": 0,
    "PhilipsRescaleSlope": 12.5651,
    "PhilipsScaleSlope": 0.00574586,
    "PixelBandwidth": 310,
    "ProcedureStepDescription": "EDUARDO_TDM",
    "ProtocolName": "WIP_sT1W_3D_TFE_32_channel_SENSE",
    "ReconMatrixPE": 240,
    "RepetitionTime": 0.007,
    "SAR": 0.0382114,
    "ScanOptions": "OTHER",
    "ScanningSequence": "GR",
    "SequenceVariant": "MP",
    "SeriesDescription": "sT1W_3D_TFE_32_channel",
    "SeriesNumber": 401,
    "SliceThickness": 1,
    "SoftwareVersions": "5.1.7_5.1.7.2",
    "SpacingBetweenSlices": 1,
    "StationName": "INGENIA",
    "UsePhilipsFloatNotDisplayScaling": 1,
    "dataset": "<unset>",
    "modality": "T1w",
    "session_id": "t1",
    "subject_id": "012"
  },
  "cjv": 0.5720254416685315,
  "cnr": 2.3629668324263835,
  "efc": 0.8168805615713147,
  "fber": 878.7213067664111,
  "fwhm_avg": 4.332933333333333,
  "fwhm_x": 4.17376,
  "fwhm_y": 4.65572,
  "fwhm_z": 4.16932,
  "icvs_csf": 0.20934856979140762,
  "icvs_gm": 0.4043410754731635,
  "icvs_wm": 0.38631035473542885,
  "inu_med": 1.2813535928726196,
  "inu_range": 0.5404309034347534,
  "provenance": {
    "md5sum": "35e33451295bf74760632bebb3e5c1b2",
    "settings": {
      "testing": false
    },
    "software": "mriqc",
    "version": "21.0.0rc2",
    "warnings": {
      "large_rot_frame": true,
      "small_air_mask": true
    },
    "webapi_port": null,
    "webapi_url": "https://mriqc.nimh.nih.gov/api/v1"
  },
  "qi_1": 0.0,
  "qi_2": 0.0003209791885870576,
  "rpve_csf": 22.4344982119909,
  "rpve_gm": 11.956670293695536,
  "rpve_wm": 14.959281541673638,
  "size_x": 180,
  "size_y": 240,
  "size_z": 240,
  "snr_csf": 3.3022133967712044,
  "snr_gm": 10.092530078544513,
  "snr_total": 11.901108510786338,
  "snr_wm": 22.308582057043303,
  "snrd_csf": 15.225743327373877,
  "snrd_gm": 31.360068078331842,
  "snrd_total": 28.832050337645892,
  "snrd_wm": 39.91033960723196,
  "spacing_x": 1.0,
  "spacing_y": 1.0,
  "spacing_z": 1.0,
  "summary_bg_k": 1.3323532889230165,
  "summary_bg_mad": 16.415203789462005,
  "summary_bg_mean": 19.418044784883786,
  "summary_bg_median": 22.30423553287983,
  "summary_bg_n": 165476.0,
  "summary_bg_p05": 0.0,
  "summary_bg_p95": 44.68870212882757,
  "summary_bg_stdv": 12.222963818825543,
  "summary_csf_k": 0.3305067329050666,
  "summary_csf_mad": 99.91863176194263,
  "summary_csf_mean": 408.86046904643416,
  "summary_csf_median": 381.4987048879266,
  "summary_csf_n": 33897.0,
  "summary_csf_p05": 268.01186617836356,
  "summary_csf_p95": 634.3148077212273,
  "summary_csf_stdv": 115.52647624071939,
  "summary_gm_k": -0.16851267430756378,
  "summary_gm_mad": 80.26201997782238,
  "summary_gm_mean": 790.5723998834673,
  "summary_gm_median": 785.7629739213735,
  "summary_gm_n": 24280.0,
  "summary_gm_p05": 670.5712251216173,
  "summary_gm_p95": 924.6650076342746,
  "summary_gm_stdv": 77.85429286406666,
  "summary_wm_k": 0.6504656448693278,
  "summary_wm_mad": 42.28699237067929,
  "summary_wm_mean": 1001.4216750777864,
  "summary_wm_median": 999.9999700784683,
  "summary_wm_n": 238982.0,
  "summary_wm_p05": 930.6402160562575,
  "summary_wm_p95": 1076.861328497529,
  "summary_wm_stdv": 44.8257031895418,
  "tpm_overlap_csf": 0.17526552081108093,
  "tpm_overlap_gm": 0.448314368724823,
  "tpm_overlap_wm": 0.5080062747001648,
  "wm2max": 0.5896908191990159
}