{
  "bids_meta": {
    "AcquisitionMatrixPE": 240,
    "AcquisitionNumber": 4,
    "AcquisitionTime": "10:13:2.530000",
    "BodyPartExamined": "BRAIN",
    "CoilString": "MULTI_COIL",
    "ConversionSoftware": "dcm2niix",
    "ConversionSoftwareVersion": "v1.0.20190410  (JP2:OpenJPEG) GCC6.3.0",
    "Dcm2bidsVersion": "2.1.4",
    "DeviceSerialNumber": "42451",
    "EchoTime": 0.0035,
    "EchoTrainLength": 240,
    "FlipAngle": 8,
    "ImageOrientationPatientDICOM": [
      -0.000110909,
      0.999999,
      0.00168844,
      0.000603906,
      0.00168851,
      -0.999998
    ],
    "ImageType": [
      "ORIGINAL",
      "PRIMARY",
      "M",
      "FFE",
      "M",
      "FFE"
    ],
    "ImagingFrequency": 127.759,
    "InPlanePhaseEncodingDirectionDICOM": "ROW",
    "InstitutionAddress": "Calzada_Mexico_Xochimilco_No.101_Tlalpan",
    "InstitutionName": "I.N._Psiquiatria",
    "InstitutionalDepartmentName": "Imagenes_Cerebrales",
    "MRAcquisitionType": "3D",
    "MagneticFieldStrength": 3,
    "Manufacturer": "Philips",
    "ManufacturersModelName": "Ingenia",
    "Modality": "MR",
    "PatientPosition": "HFS",
    "PercentPhaseFOV": 100,
    "PhaseEncodingSteps": 240,
    "PhilipsRescaleIntercept": 0,
    "PhilipsRescaleSlope": 146.432,
    "PhilipsScaleSlope": 0.0057568,
    "PixelBandwidth": 310,
    "ProcedureStepDescription": "PROTOCOLO_EDUARDO_TMS",
    "ProtocolName": "WIP_sT1W_3D_TFE_32_channel",
    "ReconMatrixPE": 240,
    "RepetitionTime": 0.007,
    "SAR": 0.0382114,
    "ScanOptions": "OTHER",
    "ScanningSequence": "GR",
    "SequenceVariant": "MP",
    "SeriesDescription": "sT1W_3D_TFE_32_channel",
    "SeriesNumber": 401,
    "SliceThickness": 1,
    "SoftwareVersions": "5.3.1_5.3.1.0",
    "SpacingBetweenSlices": 1,
    "StationName": "PHILIPS-CTMFQSD",
    "UsePhilipsFloatNotDisplayScaling": 1,
    "dataset": "<unset>",
    "modality": "T1w",
    "session_id": "t1",
    "subject_id": "052"
  },
  "cjv": 0.7093547343192816,
  "cnr": 1.8698506122878105,
  "efc": 0.7072773818207867,
  "fber": 11245.424197530865,
  "fwhm_avg": 4.253196666666667,
  "fwhm_x": 4.10721,
  "fwhm_y": 4.53574,
  "fwhm_z": 4.11664,
  "icvs_csf": 0.2012285829166921,
  "icvs_gm": 0.392001746695713,
  "icvs_wm": 0.4067696703875949,
  "inu_med": 1.6411486864089966,
  "inu_range": 0.7339061617851255,
  "provenance": {
    "md5sum": "e8a39dd5b492c862dabb3b48c563a775",
    "settings": {
      "testing": false
    },
    "software": "mriqc",
    "version": "21.0.0rc2",
    "warnings": {
      "large_rot_frame": true,
      "small_air_mask": false
    },
    "webapi_port": null,
    "webapi_url": "https://mriqc.nimh.nih.gov/api/v1"
  },
  "qi_1": 0.0,
  "qi_2": 3.186178746232215e-05,
  "rpve_csf": 26.187835447708967,
  "rpve_gm": 13.739717589273827,
  "rpve_wm": 16.401888653577398,
  "size_x": 180,
  "size_y": 240,
  "size_z": 240,
  "snr_csf": 3.1630127797945384,
  "snr_gm": 9.219044904100915,
  "snr_total": 11.771424533978042,
  "snr_wm": 22.932215918038672,
  "snrd_csf": 56.16459993144045,
  "snrd_gm": 116.7740206835572,
  "snrd_total": 105.41720023384674,
  "snrd_wm": 143.31298008654258,
  "spacing_x": 1.0,
  "spacing_y": 1.0,
  "spacing_z": 1.0,
  "summary_bg_k": 5.6336855458167765,
  "summary_bg_mad": 4.5713682106628495,
  "summary_bg_mean": 7.97387913240708,
  "summary_bg_median": 3.0833410024642944,
  "summary_bg_n": 366855.0,
  "summary_bg_p05": 0.0,
  "summary_bg_p95": 28.158158272504807,
  "summary_bg_stdv": 9.750649072214054,
  "summary_csf_k": 0.480716207325115,
  "summary_csf_mad": 99.89784060360286,
  "summary_csf_mean": 421.68818130015217,
  "summary_csf_median": 391.90171006321907,
  "summary_csf_n": 24286.0,
  "summary_csf_p05": 264.03374496102333,
  "summary_csf_p95": 661.1952720284462,
  "summary_csf_stdv": 123.89884859583819,
  "summary_gm_k": -0.2164957659247735,
  "summary_gm_mad": 91.0240081946691,
  "summary_gm_mean": 818.0781478595275,
  "summary_gm_median": 814.818203151226,
  "summary_gm_n": 23350.0,
  "summary_gm_p05": 680.2598415061832,
  "summary_gm_p95": 970.1188345253468,
  "summary_gm_stdv": 88.38233933264632,
  "summary_wm_k": 0.6550198292640022,
  "summary_wm_mad": 40.33560185878985,
  "summary_wm_mean": 999.8589213990149,
  "summary_wm_median": 1000.0000362992287,
  "summary_wm_n": 234164.0,
  "summary_wm_p05": 928.0402984917164,
  "summary_wm_p95": 1071.1889388561249,
  "summary_wm_stdv": 43.60668435249784,
  "tpm_overlap_csf": 0.15955890715122223,
  "tpm_overlap_gm": 0.42809540033340454,
  "tpm_overlap_wm": 0.49039390683174133,
  "wm2max": 0.6897910563963398
}