{
  "aor": 0.0011807,
  "aqi": 0.020155993,
  "bids_meta": {
    "AcquisitionMatrixPE": 70,
    "AcquisitionNumber": 10,
    "AcquisitionTime": "08:46:36.080000",
    "CoilString": "MULTI_COIL",
    "ConversionSoftware": "dcm2niix",
    "ConversionSoftwareVersion": "v1.0.20190410  (JP2:OpenJPEG) GCC6.3.0",
    "Dcm2bidsVersion": "2.1.4",
    "DeviceSerialNumber": "42451",
    "EchoTime": 0.03,
    "EchoTrainLength": 35,
    "EffectiveEchoSpacing": 0.000698,
    "FlipAngle": 75,
    "ImageOrientationPatientDICOM": [
      0.999992,
      0.00408144,
      0.000517818,
      -0.00408009,
      0.999988,
      -0.00258798
    ],
    "ImageType": [
      "ORIGINAL",
      "PRIMARY",
      "M",
      "FFE",
      "M",
      "FFE"
    ],
    "ImagingFrequency": 127.766,
    "InPlanePhaseEncodingDirectionDICOM": "COL",
    "InstitutionAddress": "Calzada_Mexico_Xochimilco_No.101_Tlalpan",
    "InstitutionName": "I.N._Psiquiatria",
    "InstitutionalDepartmentName": "Imagenes_Cerebrales",
    "MRAcquisitionType": "2D",
    "MagneticFieldStrength": 3,
    "Manufacturer": "Philips",
    "ManufacturersModelName": "Ingenia",
    "Modality": "MR",
    "PartialFourier": 0.5,
    "PatientPosition": "HFS",
    "PercentPhaseFOV": 100,
    "PhaseEncodingAxis": "j",
    "PhaseEncodingDirection": "j-",
    "PhaseEncodingSteps": 70,
    "PhilipsRescaleIntercept": 0,
    "PhilipsRescaleSlope": 0.844689,
    "PhilipsScaleSlope": 0.0688959,
    "PixelBandwidth": 1819,
    "ProcedureStepDescription": "EDUARDO_TMS",
    "ProtocolName": "WIP_FE_EPI_32chSHC_AP_SENSE",
    "ReconMatrixPE": 80,
    "RepetitionTime": 2,
    "SAR": 0.119138,
    "ScanOptions": "FS",
    "ScanningSequence": "GR",
    "SequenceVariant": "SK",
    "SeriesDescription": "FE_EPI_32chSHC_AP",
    "SeriesNumber": 1001,
    "SliceThickness": 3.33,
    "SliceTiming": [
      0.0,
      1.027027,
      0.054054,
      1.081081,
      0.108108,
      1.135135,
      0.162162,
      1.189189,
      0.216216,
      1.243244,
      0.27027,
      1.297298,
      0.324324,
      1.351352,
      0.378378,
      1.405406,
      0.432432,
      1.45946,
      0.486486,
      1.513514,
      0.540541,
      1.567568,
      0.594595,
      1.621622,
      0.648649,
      1.675676,
      0.702703,
      1.72973,
      0.756757,
      1.783784,
      0.810811,
      1.837838,
      0.864865,
      1.891892,
      0.918919,
      1.945947,
      0.972973
    ],
    "SoftwareVersions": "5.1.7_5.1.7.2",
    "SpacingBetweenSlices": 3.33,
    "StationName": "INGENIA",
    "TaskName": "rest",
    "TotalReadoutTime": 0.04884,
    "UsePhilipsFloatNotDisplayScaling": 1,
    "dataset": "<unset>",
    "modality": "bold",
    "session_id": "t1",
    "subject_id": "014",
    "task_id": "rest"
  },
  "dummy_trs": 0,
  "dvars_nstd": 30.219050653110386,
  "dvars_std": 1.1085179919732442,
  "dvars_vstd": 0.9295565540133776,
  "efc": 0.40358329634231915,
  "fber": 169079.609375,
  "fd_mean": 0.2559282397589867,
  "fd_num": 41,
  "fd_perc": 13.666666666666666,
  "fwhm_avg": 1.961902636223167,
  "fwhm_x": 1.9696300000000002,
  "fwhm_y": 2.1352100000000003,
  "fwhm_z": 1.7808679086695012,
  "gcor": 0.0541459,
  "gsr_x": -0.020301563665270805,
  "gsr_y": 0.012393755838274956,
  "provenance": {
    "md5sum": "5635318c0bfaabef561560c5410cfdba",
    "settings": {
      "fd_thres": 0.5,
      "testing": false
    },
    "software": "mriqc",
    "version": "22.0.0rc1",
    "webapi_port": null,
    "webapi_url": "https://mriqc.nimh.nih.gov/api/v1"
  },
  "size_t": 300,
  "size_x": 80,
  "size_y": 80,
  "size_z": 37,
  "snr": 5.391172045067895,
  "spacing_tr": 2.0000016689300537,
  "spacing_x": 3.0,
  "spacing_y": 3.0,
  "spacing_z": 3.3299999237060547,
  "summary_bg_k": 120.489930132362,
  "summary_bg_mad": 55.72038494403031,
  "summary_bg_mean": 556.1060791015625,
  "summary_bg_median": 49.77834701538086,
  "summary_bg_n": 167627.0,
  "summary_bg_p05": 7.3018957614898685,
  "summary_bg_p95": 2625.4274414062493,
  "summary_bg_stdv": 1596.5875244140625,
  "summary_fg_k": 3.0138161899518305,
  "summary_fg_mad": 3216.26227362143,
  "summary_fg_mean": 20937.69921875,
  "summary_fg_median": 20819.236328125,
  "summary_fg_n": 29725.0,
  "summary_fg_p05": 15058.2228515625,
  "summary_fg_p95": 26880.734765625,
  "summary_fg_stdv": 3861.662353515625,
  "tsnr": 41.02199935913086
}