{
  "bids_meta": {
    "AcquisitionMatrixPE": 240,
    "AcquisitionNumber": 4,
    "AcquisitionTime": "09:58:45.330000",
    "BodyPartExamined": "BRAIN",
    "CoilString": "MULTI_COIL",
    "ConversionSoftware": "dcm2niix",
    "ConversionSoftwareVersion": "v1.0.20190410  (JP2:OpenJPEG) GCC6.3.0",
    "Dcm2bidsVersion": "2.1.4",
    "DeviceSerialNumber": "42451",
    "EchoTime": 0.0035,
    "EchoTrainLength": 240,
    "FlipAngle": 8,
    "ImageOrientationPatientDICOM": [
      0.0361911,
      0.999341,
      -0.00278116,
      0.0367353,
      -0.00411146,
      -0.999317
    ],
    "ImageType": [
      "ORIGINAL",
      "PRIMARY",
      "M",
      "FFE",
      "M",
      "FFE"
    ],
    "ImagingFrequency": 127.76,
    "InPlanePhaseEncodingDirectionDICOM": "ROW",
    "InstitutionAddress": "Calzada_Mexico_Xochimilco_No.101_Tlalpan",
    "InstitutionName": "I.N._Psiquiatria",
    "InstitutionalDepartmentName": "Imagenes_Cerebrales",
    "MRAcquisitionType": "3D",
    "MagneticFieldStrength": 3,
    "Manufacturer": "Philips",
    "ManufacturersModelName": "Ingenia",
    "Modality": "MR",
    "PatientPosition": "HFS",
    "PercentPhaseFOV": 100,
    "PhaseEncodingSteps": 240,
    "PhilipsRescaleIntercept": 0,
    "PhilipsRescaleSlope": 6.03614,
    "PhilipsScaleSlope": 0.00525508,
    "PixelBandwidth": 310,
    "ProcedureStepDescription": "EDUARDO_TMS",
    "ProtocolName": "sT1W_3D_TFE_32_channel",
    "ReconMatrixPE": 240,
    "RepetitionTime": 0.007,
    "SAR": 0.0382114,
    "ScanOptions": "OTHER",
    "ScanningSequence": "GR",
    "SequenceVariant": "MP",
    "SeriesDescription": "sT1W_3D_TFE_32_channel",
    "SeriesNumber": 401,
    "SliceThickness": 1,
    "SoftwareVersions": "5.3.1_5.3.1.1",
    "SpacingBetweenSlices": 1,
    "StationName": "PHILIPS-CTMFQSD",
    "UsePhilipsFloatNotDisplayScaling": 1,
    "dataset": "<unset>",
    "modality": "T1w",
    "session_id": "t1",
    "subject_id": "021"
  },
  "cjv": 0.47492495918766764,
  "cnr": 2.668274404967099,
  "efc": 0.7278432825910695,
  "fber": 15037.099171641446,
  "fwhm_avg": 4.43912,
  "fwhm_x": 4.25999,
  "fwhm_y": 4.81055,
  "fwhm_z": 4.24682,
  "icvs_csf": 0.23228902669428456,
  "icvs_gm": 0.37732382590755387,
  "icvs_wm": 0.3903871473981616,
  "inu_med": 1.9323400259017944,
  "inu_range": 0.843779516220093,
  "provenance": {
    "md5sum": "4a19a65fb3dff1d81cf64538434d4fb3",
    "settings": {
      "testing": false
    },
    "software": "mriqc",
    "version": "21.0.0rc2",
    "warnings": {
      "large_rot_frame": true,
      "small_air_mask": false
    },
    "webapi_port": null,
    "webapi_url": "https://mriqc.nimh.nih.gov/api/v1"
  },
  "qi_1": 6.628525479073962e-05,
  "qi_2": 4.4320533849202335e-05,
  "rpve_csf": 18.937034565643756,
  "rpve_gm": 11.238896370540445,
  "rpve_wm": 13.378085670197736,
  "size_x": 180,
  "size_y": 240,
  "size_z": 240,
  "snr_csf": 4.057427536405737,
  "snr_gm": 11.007069340990048,
  "snr_total": 13.166929509470835,
  "snr_wm": 24.43629165101672,
  "snrd_csf": 57.609729882084885,
  "snrd_gm": 129.93121017484333,
  "snrd_total": 118.00921299582933,
  "snrd_wm": 166.4866989305598,
  "spacing_x": 1.0,
  "spacing_y": 1.0,
  "spacing_z": 1.0,
  "summary_bg_k": 33.40005380955307,
  "summary_bg_mad": 3.9351369623826233,
  "summary_bg_mean": 6.72545866918393,
  "summary_bg_median": 2.6542095467448235,
  "summary_bg_n": 587511.0,
  "summary_bg_p05": 0.0,
  "summary_bg_p95": 23.95866484194994,
  "summary_bg_stdv": 8.360331630964282,
  "summary_csf_k": 2.196974812291896,
  "summary_csf_mad": 72.77379955766266,
  "summary_csf_mean": 362.199712235335,
  "summary_csf_median": 346.03814597427845,
  "summary_csf_n": 61122.0,
  "summary_csf_p05": 252.99925399571657,
  "summary_csf_p95": 523.8701856061816,
  "summary_csf_stdv": 85.28441041547786,
  "summary_gm_k": 0.30704784855228207,
  "summary_gm_mad": 66.58251740351399,
  "summary_gm_mean": 783.5879386415315,
  "summary_gm_median": 780.4437751248479,
  "summary_gm_n": 21497.0,
  "summary_gm_p05": 673.886109188199,
  "summary_gm_p95": 910.0399799272418,
  "summary_gm_stdv": 70.90221732494471,
  "summary_wm_k": 0.7819554041389734,
  "summary_wm_mad": 37.698612099625535,
  "summary_wm_mean": 999.8664394275808,
  "summary_wm_median": 1000.0176835618913,
  "summary_wm_n": 272278.0,
  "summary_wm_p05": 932.9015714898705,
  "summary_wm_p95": 1066.4967853426933,
  "summary_wm_stdv": 40.923388108592015,
  "tpm_overlap_csf": 0.1746377795934677,
  "tpm_overlap_gm": 0.42390337586402893,
  "tpm_overlap_wm": 0.5043187141418457,
  "wm2max": 0.6327817019797677
}