{
  "aor": 0.0005953000000000001,
  "aqi": 0.011223733766666666,
  "bids_meta": {
    "AcquisitionMatrixPE": 70,
    "AcquisitionNumber": 4,
    "AcquisitionTime": "08:44:35.340000",
    "BodyPartExamined": "BRAIN",
    "CoilString": "MULTI_COIL",
    "ConversionSoftware": "dcm2niix",
    "ConversionSoftwareVersion": "v1.0.20190410  (JP2:OpenJPEG) GCC6.3.0",
    "Dcm2bidsVersion": "2.1.4",
    "DeviceSerialNumber": "42451",
    "EchoTime": 0.03,
    "EchoTrainLength": 35,
    "EffectiveEchoSpacing": 0.000698,
    "FlipAngle": 75,
    "ImageOrientationPatientDICOM": [
      0.999985,
      0.00409478,
      -0.00375338,
      -0.0042116,
      0.99949,
      -0.0316631
    ],
    "ImageType": [
      "ORIGINAL",
      "PRIMARY",
      "M",
      "FFE",
      "M",
      "FFE"
    ],
    "ImagingFrequency": 127.759,
    "InPlanePhaseEncodingDirectionDICOM": "COL",
    "InstitutionAddress": "Calzada_Mexico_Xochimilco_No.101_Tlalpan",
    "InstitutionName": "I.N._Psiquiatria",
    "InstitutionalDepartmentName": "Imagenes_Cerebrales",
    "MRAcquisitionType": "2D",
    "MagneticFieldStrength": 3,
    "Manufacturer": "Philips",
    "ManufacturersModelName": "Ingenia",
    "Modality": "MR",
    "PartialFourier": 0.5,
    "PatientPosition": "HFS",
    "PercentPhaseFOV": 100,
    "PhaseEncodingAxis": "j",
    "PhaseEncodingDirection": "j-",
    "PhaseEncodingSteps": 70,
    "PhilipsRescaleIntercept": 0,
    "PhilipsRescaleSlope": 0.828083,
    "PhilipsScaleSlope": 0.0229606,
    "PixelBandwidth": 1819,
    "ProcedureStepDescription": "EDUARDO_TMS",
    "ProtocolName": "WIP_FE_EPI_32chSHC_AP",
    "ReconMatrixPE": 80,
    "RepetitionTime": 2,
    "SAR": 0.119138,
    "ScanOptions": "FS",
    "ScanningSequence": "GR",
    "SequenceVariant": "SK",
    "SeriesDescription": "FE_EPI_32chSHC_AP",
    "SeriesNumber": 401,
    "SliceThickness": 3.33,
    "SliceTiming": [
      0.0,
      1.027027,
      0.054054,
      1.081081,
      0.108108,
      1.135135,
      0.162162,
      1.189189,
      0.216216,
      1.243244,
      0.27027,
      1.297298,
      0.324324,
      1.351352,
      0.378378,
      1.405406,
      0.432432,
      1.45946,
      0.486486,
      1.513514,
      0.540541,
      1.567568,
      0.594595,
      1.621622,
      0.648649,
      1.675676,
      0.702703,
      1.72973,
      0.756757,
      1.783784,
      0.810811,
      1.837838,
      0.864865,
      1.891892,
      0.918919,
      1.945947,
      0.972973
    ],
    "SoftwareVersions": "5.3.1_5.3.1.0",
    "SpacingBetweenSlices": 3.33,
    "StationName": "PHILIPS-CTMFQSD",
    "TaskName": "rest",
    "TotalReadoutTime": 0.04884,
    "UsePhilipsFloatNotDisplayScaling": 1,
    "dataset": "<unset>",
    "modality": "bold",
    "session_id": "t3",
    "subject_id": "020",
    "task_id": "rest"
  },
  "dummy_trs": 0,
  "dvars_nstd": 21.668416638695653,
  "dvars_std": 1.157071806421404,
  "dvars_vstd": 0.9577613983277591,
  "efc": 0.3851915870941743,
  "fber": 136943.71875,
  "fd_mean": 0.1576589307994478,
  "fd_num": 1,
  "fd_perc": 0.3333333333333333,
  "fwhm_avg": 1.9313649786064466,
  "fwhm_x": 1.9018533333333334,
  "fwhm_y": 2.1060133333333333,
  "fwhm_z": 1.7862282691526734,
  "gcor": 0.110593,
  "gsr_x": -0.0213009025901556,
  "gsr_y": 0.010330776683986187,
  "provenance": {
    "md5sum": "364d160fb1f0631562543accb93df9fd",
    "settings": {
      "fd_thres": 0.5,
      "testing": false
    },
    "software": "mriqc",
    "version": "22.0.0rc1",
    "webapi_port": null,
    "webapi_url": "https://mriqc.nimh.nih.gov/api/v1"
  },
  "size_t": 300,
  "size_x": 80,
  "size_y": 80,
  "size_z": 37,
  "snr": 5.539551336661889,
  "spacing_tr": 2.0000016689300537,
  "spacing_x": 3.0,
  "spacing_y": 3.0,
  "spacing_z": 3.3299999237060547,
  "summary_bg_k": 141.41106610414636,
  "summary_bg_mad": 189.06457165631554,
  "summary_bg_mean": 1386.2427978515625,
  "summary_bg_median": 149.55462646484375,
  "summary_bg_n": 171637.0,
  "summary_bg_p05": 8.528475570678712,
  "summary_bg_p95": 6464.554199218747,
  "summary_bg_stdv": 4074.429443359375,
  "summary_fg_k": 4.5657597220437145,
  "summary_fg_mad": 7434.201879705791,
  "summary_fg_mean": 57288.26171875,
  "summary_fg_median": 56566.9140625,
  "summary_fg_n": 26357.0,
  "summary_fg_p05": 42773.63203125,
  "summary_fg_p95": 72808.59218749999,
  "summary_fg_stdv": 10211.267578125,
  "tsnr": 53.88353729248047
}