{
  "bids_meta": {
    "AcquisitionMatrixPE": 240,
    "AcquisitionNumber": 4,
    "AcquisitionTime": "09:00:23.710000",
    "BodyPartExamined": "BRAIN",
    "CoilString": "MULTI_COIL",
    "ConversionSoftware": "dcm2niix",
    "ConversionSoftwareVersion": "v1.0.20190410  (JP2:OpenJPEG) GCC6.3.0",
    "Dcm2bidsVersion": "2.1.4",
    "DeviceSerialNumber": "42451",
    "EchoTime": 0.0035,
    "EchoTrainLength": 240,
    "FlipAngle": 8,
    "ImageOrientationPatientDICOM": [
      -0.00394189,
      0.999992,
      0.000102711,
      -0.00362253,
      8.84317e-05,
      -0.999993
    ],
    "ImageType": [
      "ORIGINAL",
      "PRIMARY",
      "M",
      "FFE",
      "M",
      "FFE"
    ],
    "ImagingFrequency": 127.759,
    "InPlanePhaseEncodingDirectionDICOM": "ROW",
    "InstitutionAddress": "Calzada_Mexico_Xochimilco_No.101_Tlalpan",
    "InstitutionName": "I.N._Psiquiatria",
    "InstitutionalDepartmentName": "Imagenes_Cerebrales",
    "MRAcquisitionType": "3D",
    "MagneticFieldStrength": 3,
    "Manufacturer": "Philips",
    "ManufacturersModelName": "Ingenia",
    "Modality": "MR",
    "PatientPosition": "HFS",
    "PercentPhaseFOV": 100,
    "PhaseEncodingSteps": 240,
    "PhilipsRescaleIntercept": 0,
    "PhilipsRescaleSlope": 4.08596,
    "PhilipsScaleSlope": 0.00602102,
    "PixelBandwidth": 310,
    "ProcedureStepDescription": "PROTOCOLO_EDUARDO_TMS",
    "ProtocolName": "WIP_sT1W_3D_TFE_32_channel",
    "ReconMatrixPE": 240,
    "RepetitionTime": 0.007,
    "SAR": 0.0382114,
    "ScanOptions": "OTHER",
    "ScanningSequence": "GR",
    "SequenceVariant": "MP",
    "SeriesDescription": "sT1W_3D_TFE_32_channel",
    "SeriesNumber": 401,
    "SliceThickness": 1,
    "SoftwareVersions": "5.3.1_5.3.1.0",
    "SpacingBetweenSlices": 1,
    "StationName": "PHILIPS-CTMFQSD",
    "UsePhilipsFloatNotDisplayScaling": 1,
    "dataset": "<unset>",
    "modality": "T1w",
    "session_id": "t14",
    "subject_id": "046"
  },
  "cjv": 0.6352200022046641,
  "cnr": 2.0775990650638225,
  "efc": 0.7367055654338279,
  "fber": 3690.056267361111,
  "fwhm_avg": 4.25087,
  "fwhm_x": 4.16881,
  "fwhm_y": 4.4196,
  "fwhm_z": 4.1642,
  "icvs_csf": 0.22081530993032136,
  "icvs_gm": 0.37973271493240435,
  "icvs_wm": 0.39945197513727426,
  "inu_med": 1.7178267240524292,
  "inu_range": 0.7191169381141662,
  "provenance": {
    "md5sum": "ce2a06a42ce3f22e857664b8f7e2a4b0",
    "settings": {
      "testing": false
    },
    "software": "mriqc",
    "version": "21.0.0rc2",
    "warnings": {
      "large_rot_frame": true,
      "small_air_mask": false
    },
    "webapi_port": null,
    "webapi_url": "https://mriqc.nimh.nih.gov/api/v1"
  },
  "qi_1": 0.0,
  "qi_2": 0.00010151033731057278,
  "rpve_csf": 22.797273162387103,
  "rpve_gm": 12.965948022989148,
  "rpve_wm": 15.186880048179113,
  "size_x": 180,
  "size_y": 240,
  "size_z": 240,
  "snr_csf": 3.366238992403466,
  "snr_gm": 9.142458593224601,
  "snr_total": 12.063469673609113,
  "snr_wm": 23.68171143519927,
  "snrd_csf": 21.800464939041134,
  "snrd_gm": 50.407571329526554,
  "snrd_total": 45.15529598372794,
  "snrd_wm": 63.25785168261614,
  "spacing_x": 1.0,
  "spacing_y": 1.0,
  "spacing_z": 1.0,
  "summary_bg_k": 3.453217223978977,
  "summary_bg_mad": 10.357051328381118,
  "summary_bg_mean": 12.510235923563457,
  "summary_bg_median": 6.985724963247776,
  "summary_bg_n": 482827.0,
  "summary_bg_p05": 0.0,
  "summary_bg_p95": 38.7469092682004,
  "summary_bg_stdv": 13.444338503069869,
  "summary_csf_k": 1.4088277113376995,
  "summary_csf_mad": 80.02591212736715,
  "summary_csf_mean": 369.79165645658463,
  "summary_csf_median": 344.64356138557196,
  "summary_csf_n": 45379.0,
  "summary_csf_p05": 246.40517698004842,
  "summary_csf_p95": 580.4660158902407,
  "summary_csf_stdv": 102.38125241611063,
  "summary_gm_k": -0.257592118677211,
  "summary_gm_mad": 89.22503225133298,
  "summary_gm_mean": 802.6019481141659,
  "summary_gm_median": 796.8933209627867,
  "summary_gm_n": 19235.0,
  "summary_gm_p05": 666.7982951410115,
  "summary_gm_p95": 954.6145025864244,
  "summary_gm_stdv": 87.16174078327091,
  "summary_wm_k": 0.6210754730247183,
  "summary_wm_mad": 39.81996752961436,
  "summary_wm_mean": 1001.8893353229232,
  "summary_wm_median": 1000.0434096455574,
  "summary_wm_n": 247153.0,
  "summary_wm_p05": 936.043755479157,
  "summary_wm_p95": 1073.7189437299967,
  "summary_wm_stdv": 42.22842547734624,
  "tpm_overlap_csf": 0.17495256662368774,
  "tpm_overlap_gm": 0.4335508644580841,
  "tpm_overlap_wm": 0.5178446173667908,
  "wm2max": 0.6621656468215159
}