{
  "aor": 0.0024298000000000006,
  "aqi": 0.012777104533333333,
  "bids_meta": {
    "AcquisitionMatrixPE": 70,
    "AcquisitionTime": "09:56:39.270000",
    "CoilString": "MULTI_COIL",
    "ConversionSoftware": "dcm2niix",
    "ConversionSoftwareVersion": "v1.0.20190410  (JP2:OpenJPEG) GCC6.3.0",
    "Dcm2bidsVersion": "2.1.4",
    "DeviceSerialNumber": "42451",
    "EchoTime": 0.03,
    "EchoTrainLength": 35,
    "EffectiveEchoSpacing": 0.000576,
    "FlipAngle": 75,
    "ImageOrientationPatientDICOM": [
      0.999865,
      9.37665e-05,
      -0.016439,
      -9.33131e-05,
      1,
      2.83473e-05
    ],
    "ImageType": [
      "ORIGINAL",
      "PRIMARY",
      "M",
      "FFE",
      "M",
      "FFE"
    ],
    "ImagingFrequency": 127.765,
    "InPlanePhaseEncodingDirectionDICOM": "COL",
    "InstitutionAddress": "Calzada_Mexico_Xochimilco_No.101_Tlalpan",
    "InstitutionName": "I.N._Psiquiatria",
    "InstitutionalDepartmentName": "Imagenes_Cerebrales",
    "MagneticFieldStrength": 3,
    "Manufacturer": "Philips",
    "ManufacturersModelName": "Ingenia",
    "Modality": "MR",
    "PartialFourier": 0.5,
    "PatientPosition": "HFS",
    "PercentPhaseFOV": 100,
    "PhaseEncodingAxis": "j",
    "PhaseEncodingDirection": "j-",
    "PhaseEncodingSteps": 70,
    "PhilipsRescaleIntercept": 0,
    "PhilipsRescaleSlope": 0.828816,
    "PhilipsScaleSlope": 0.0652089,
    "PixelBandwidth": 2308,
    "ProcedureStepDescription": "EDUARDO_TMS",
    "ProtocolName": "WIP_FE_EPI_32chSHC_AP_SENSE",
    "ReconMatrixPE": 80,
    "RepetitionTime": 2,
    "SAR": 0.126769,
    "ScanOptions": "FS",
    "ScanningSequence": "GR",
    "SequenceVariant": "SK",
    "SeriesDescription": "FE_EPI_32chSHC_AP",
    "SeriesNumber": 301,
    "SliceThickness": 3.3,
    "SliceTiming": [
      0.0,
      1.025641,
      0.051282,
      1.076923,
      0.102564,
      1.128205,
      0.153846,
      1.179487,
      0.205128,
      1.230769,
      0.25641,
      1.282052,
      0.307692,
      1.333334,
      0.358974,
      1.384616,
      0.410256,
      1.435898,
      0.461538,
      1.48718,
      0.51282,
      1.538462,
      0.564102,
      1.589744,
      0.615385,
      1.641026,
      0.666667,
      1.692308,
      0.717949,
      1.74359,
      0.769231,
      1.794873,
      0.820513,
      1.846155,
      0.871795,
      1.897437,
      0.923077,
      1.948719,
      0.974359
    ],
    "SoftwareVersions": "2.6.3_5.1.7.2",
    "SpacingBetweenSlices": 3.3,
    "StationName": "INGENIA",
    "TaskName": "rest",
    "TotalReadoutTime": 0.04033,
    "UsePhilipsFloatNotDisplayScaling": 1,
    "dataset": "<unset>",
    "modality": "bold",
    "session_id": "t0",
    "subject_id": "002",
    "task_id": "rest"
  },
  "dummy_trs": 0,
  "dvars_nstd": 29.278877609096977,
  "dvars_std": 1.4101716239464879,
  "dvars_vstd": 0.9889659973578604,
  "efc": 0.37063583861548505,
  "fber": 241786.953125,
  "fd_mean": 0.16957756277978472,
  "fd_num": 3,
  "fd_perc": 1.0,
  "fwhm_avg": 1.809667685038167,
  "fwhm_x": 1.7968333333333335,
  "fwhm_y": 1.9150666666666665,
  "fwhm_z": 1.7171030551145012,
  "gcor": 0.0812332,
  "gsr_x": -0.011653645895421505,
  "gsr_y": 0.0017830299912020564,
  "provenance": {
    "md5sum": "1c40c3ee41750608717c6dccd2194897",
    "settings": {
      "fd_thres": 0.5,
      "testing": false
    },
    "software": "mriqc",
    "version": "22.0.0rc1",
    "webapi_port": null,
    "webapi_url": "https://mriqc.nimh.nih.gov/api/v1"
  },
  "size_t": 300,
  "size_x": 80,
  "size_y": 80,
  "size_z": 39,
  "snr": 5.552027594225375,
  "spacing_tr": 1.9999991655349731,
  "spacing_x": 3.0,
  "spacing_y": 3.0,
  "spacing_z": 3.299999952316284,
  "summary_bg_k": 238.31789982110544,
  "summary_bg_mad": 54.925756440985204,
  "summary_bg_mean": 357.67840576171875,
  "summary_bg_median": 46.58304977416992,
  "summary_bg_n": 180005.0,
  "summary_bg_p05": 1.334214186668396,
  "summary_bg_p95": 1654.0064941406229,
  "summary_bg_stdv": 1180.22119140625,
  "summary_fg_k": 3.00238311017909,
  "summary_fg_mad": 3397.895523925656,
  "summary_fg_mean": 24187.619140625,
  "summary_fg_median": 23838.232421875,
  "summary_fg_n": 29303.0,
  "summary_fg_p05": 17831.24921875,
  "summary_fg_p95": 31480.253124999996,
  "summary_fg_stdv": 4293.53515625,
  "tsnr": 55.46076965332031
}