{
  "aor": 0.0020779,
  "aqi": 0.014009206366666666,
  "bids_meta": {
    "AcquisitionMatrixPE": 70,
    "AcquisitionNumber": 3,
    "AcquisitionTime": "07:29:1.740000",
    "CoilString": "MULTI_COIL",
    "ConversionSoftware": "dcm2niix",
    "ConversionSoftwareVersion": "v1.0.20190410  (JP2:OpenJPEG) GCC6.3.0",
    "Dcm2bidsVersion": "2.1.4",
    "DeviceSerialNumber": "42451",
    "EchoTime": 0.03,
    "EchoTrainLength": 35,
    "EffectiveEchoSpacing": 0.000698,
    "FlipAngle": 75,
    "ImageOrientationPatientDICOM": [
      0.999985,
      0.00421869,
      -0.00361354,
      -0.0042116,
      0.999989,
      0.00196931
    ],
    "ImageType": [
      "ORIGINAL",
      "PRIMARY",
      "M",
      "FFE",
      "M",
      "FFE"
    ],
    "ImagingFrequency": 127.766,
    "InPlanePhaseEncodingDirectionDICOM": "COL",
    "InstitutionAddress": "Calzada_Mexico_Xochimilco_No.101_Tlalpan",
    "InstitutionName": "I.N._Psiquiatria",
    "InstitutionalDepartmentName": "Imagenes_Cerebrales",
    "MRAcquisitionType": "2D",
    "MagneticFieldStrength": 3,
    "Manufacturer": "Philips",
    "ManufacturersModelName": "Ingenia",
    "Modality": "MR",
    "PartialFourier": 0.5,
    "PatientPosition": "HFS",
    "PercentPhaseFOV": 100,
    "PhaseEncodingAxis": "j",
    "PhaseEncodingDirection": "j-",
    "PhaseEncodingSteps": 70,
    "PhilipsRescaleIntercept": 0,
    "PhilipsRescaleSlope": 0.778999,
    "PhilipsScaleSlope": 0.083599,
    "PixelBandwidth": 1819,
    "ProcedureStepDescription": "EDUARDO_TMS",
    "ProtocolName": "WIP_FE_EPI_32chSHC_AP_SENSE",
    "ReconMatrixPE": 80,
    "RepetitionTime": 2,
    "SAR": 0.119138,
    "ScanOptions": "FS",
    "ScanningSequence": "GR",
    "SequenceVariant": "SK",
    "SeriesDescription": "FE_EPI_32chSHC_AP",
    "SeriesNumber": 301,
    "SliceThickness": 3.33,
    "SliceTiming": [
      0.0,
      1.027027,
      0.054054,
      1.081081,
      0.108108,
      1.135135,
      0.162162,
      1.189189,
      0.216216,
      1.243244,
      0.27027,
      1.297298,
      0.324324,
      1.351352,
      0.378378,
      1.405406,
      0.432432,
      1.45946,
      0.486486,
      1.513514,
      0.540541,
      1.567568,
      0.594595,
      1.621622,
      0.648649,
      1.675676,
      0.702703,
      1.72973,
      0.756757,
      1.783784,
      0.810811,
      1.837838,
      0.864865,
      1.891892,
      0.918919,
      1.945947,
      0.972973
    ],
    "SoftwareVersions": "5.1.7_5.1.7.2",
    "SpacingBetweenSlices": 3.33,
    "StationName": "INGENIA",
    "TaskName": "rest",
    "TotalReadoutTime": 0.04884,
    "UsePhilipsFloatNotDisplayScaling": 1,
    "dataset": "<unset>",
    "modality": "bold",
    "session_id": "t14",
    "subject_id": "013",
    "task_id": "rest"
  },
  "dummy_trs": 0,
  "dvars_nstd": 24.33057893488293,
  "dvars_std": 1.1934754284949824,
  "dvars_vstd": 0.9714235422742483,
  "efc": 0.4196401116003943,
  "fber": 191337.203125,
  "fd_mean": 0.1882099682549101,
  "fd_num": 11,
  "fd_perc": 3.6666666666666665,
  "fwhm_avg": 1.8483153384608364,
  "fwhm_x": 1.8258233333333334,
  "fwhm_y": 1.9991466666666666,
  "fwhm_z": 1.7199760153825094,
  "gcor": 0.0642283,
  "gsr_x": -0.007993390783667564,
  "gsr_y": 0.0038131233304739,
  "provenance": {
    "md5sum": "da22964d966b063d205fdad997442be9",
    "settings": {
      "fd_thres": 0.5,
      "testing": false
    },
    "software": "mriqc",
    "version": "22.0.0rc1",
    "webapi_port": null,
    "webapi_url": "https://mriqc.nimh.nih.gov/api/v1"
  },
  "size_t": 300,
  "size_x": 80,
  "size_y": 80,
  "size_z": 37,
  "snr": 5.93164750179677,
  "spacing_tr": 2.0000016689300537,
  "spacing_x": 3.0,
  "spacing_y": 3.0,
  "spacing_z": 3.3299999237060547,
  "summary_bg_k": 99.99797600743109,
  "summary_bg_mad": 57.00699315444904,
  "summary_bg_mean": 507.57940673828125,
  "summary_bg_median": 49.462547302246094,
  "summary_bg_n": 162512.0,
  "summary_bg_p05": 4.627860403060914,
  "summary_bg_p95": 2576.561572265615,
  "summary_bg_stdv": 1538.568115234375,
  "summary_fg_k": 1.8468368401917665,
  "summary_fg_mad": 3243.9944639468754,
  "summary_fg_mean": 22176.880859375,
  "summary_fg_median": 22043.197265625,
  "summary_fg_n": 33933.0,
  "summary_fg_p05": 16416.93515625,
  "summary_fg_p95": 28267.593749999996,
  "summary_fg_stdv": 3716.146728515625,
  "tsnr": 48.50330352783203
}