{
  "bids_meta": {
    "AcquisitionMatrixPE": 240,
    "AcquisitionNumber": 4,
    "AcquisitionTime": "13:58:52.670000",
    "BodyPartExamined": "BRAIN",
    "CoilString": "MULTI_COIL",
    "ConversionSoftware": "dcm2niix",
    "ConversionSoftwareVersion": "v1.0.20190410  (JP2:OpenJPEG) GCC6.3.0",
    "Dcm2bidsVersion": "2.1.4",
    "DeviceSerialNumber": "42451",
    "EchoTime": 0.0035,
    "EchoTrainLength": 240,
    "FlipAngle": 8,
    "ImageOrientationPatientDICOM": [
      -0.0042116,
      0.999989,
      -0.00205474,
      -0.00362181,
      -0.00207,
      -0.999991
    ],
    "ImageType": [
      "ORIGINAL",
      "PRIMARY",
      "M",
      "FFE",
      "M",
      "FFE"
    ],
    "ImagingFrequency": 127.759,
    "InPlanePhaseEncodingDirectionDICOM": "ROW",
    "InstitutionAddress": "Calzada_Mexico_Xochimilco_No.101_Tlalpan",
    "InstitutionName": "I.N._Psiquiatria",
    "InstitutionalDepartmentName": "Imagenes_Cerebrales",
    "MRAcquisitionType": "3D",
    "MagneticFieldStrength": 3,
    "Manufacturer": "Philips",
    "ManufacturersModelName": "Ingenia",
    "Modality": "MR",
    "PatientPosition": "HFS",
    "PercentPhaseFOV": 100,
    "PhaseEncodingSteps": 240,
    "PhilipsRescaleIntercept": 0,
    "PhilipsRescaleSlope": 13.9883,
    "PhilipsScaleSlope": 0.00598438,
    "PixelBandwidth": 310,
    "ProcedureStepDescription": "EDUARDO_TMS",
    "ProtocolName": "WIP_sT1W_3D_TFE_32_channel",
    "ReconMatrixPE": 240,
    "RepetitionTime": 0.007,
    "SAR": 0.0382114,
    "ScanOptions": "OTHER",
    "ScanningSequence": "GR",
    "SequenceVariant": "MP",
    "SeriesDescription": "sT1W_3D_TFE_32_channel",
    "SeriesNumber": 401,
    "SliceThickness": 1,
    "SoftwareVersions": "5.3.1_5.3.1.0",
    "SpacingBetweenSlices": 1,
    "StationName": "PHILIPS-CTMFQSD",
    "UsePhilipsFloatNotDisplayScaling": 1,
    "dataset": "<unset>",
    "modality": "T1w",
    "session_id": "t1",
    "subject_id": "031"
  },
  "cjv": 0.4644755023367256,
  "cnr": 2.75092724368021,
  "efc": 0.7400993268045418,
  "fber": 10449.13171148622,
  "fwhm_avg": 4.022593333333333,
  "fwhm_x": 3.91663,
  "fwhm_y": 4.3697,
  "fwhm_z": 3.78145,
  "icvs_csf": 0.20230062505962718,
  "icvs_gm": 0.41227569339320846,
  "icvs_wm": 0.38542368154716433,
  "inu_med": 1.7589126825332642,
  "inu_range": 0.6908387243747711,
  "provenance": {
    "md5sum": "f1d6b9d3ff0f907c35c96e4e932bf483",
    "settings": {
      "testing": false
    },
    "software": "mriqc",
    "version": "21.0.0rc2",
    "warnings": {
      "large_rot_frame": true,
      "small_air_mask": false
    },
    "webapi_port": null,
    "webapi_url": "https://mriqc.nimh.nih.gov/api/v1"
  },
  "qi_1": 0.0,
  "qi_2": 2.0867946430496455e-05,
  "rpve_csf": 24.28345475527991,
  "rpve_gm": 12.40010151963725,
  "rpve_wm": 15.8126145953564,
  "size_x": 180,
  "size_y": 240,
  "size_z": 240,
  "snr_csf": 3.726202216903828,
  "snr_gm": 10.855233419788602,
  "snr_total": 12.992532256244234,
  "snr_wm": 24.39616113204027,
  "snrd_csf": 56.560994770711275,
  "snrd_gm": 111.77648132663474,
  "snrd_total": 104.32239891654335,
  "snrd_wm": 144.62972065228402,
  "spacing_x": 1.0,
  "spacing_y": 1.0,
  "spacing_z": 1.0,
  "summary_bg_k": 5.485420348978517,
  "summary_bg_mad": 4.529904630095756,
  "summary_bg_mean": 7.148488114590561,
  "summary_bg_median": 3.0553742423653603,
  "summary_bg_n": 385636.0,
  "summary_bg_p05": 0.0,
  "summary_bg_p95": 24.683304272592068,
  "summary_bg_stdv": 8.345907246922122,
  "summary_csf_k": 1.639630701781254,
  "summary_csf_mad": 81.7927723658863,
  "summary_csf_mean": 412.16290334437645,
  "summary_csf_median": 391.0879030227661,
  "summary_csf_n": 29109.0,
  "summary_csf_p05": 277.74381764531137,
  "summary_csf_p95": 620.2066411525011,
  "summary_csf_stdv": 104.9543644049009,
  "summary_gm_k": 0.3285532567648808,
  "summary_gm_mad": 67.84677384177127,
  "summary_gm_mean": 779.375890025131,
  "summary_gm_median": 772.872363127768,
  "summary_gm_n": 20823.0,
  "summary_gm_p05": 673.6276283271611,
  "summary_gm_p95": 909.5025198377668,
  "summary_gm_stdv": 71.19642433063885,
  "summary_wm_k": 0.770939618060051,
  "summary_wm_mad": 37.66437557607707,
  "summary_wm_mean": 1000.6369776878676,
  "summary_wm_median": 1000.0342885404825,
  "summary_wm_n": 220534.0,
  "summary_wm_p05": 934.2922472581267,
  "summary_wm_p95": 1068.6257237792015,
  "summary_wm_stdv": 40.99136810187307,
  "tpm_overlap_csf": 0.15348027646541595,
  "tpm_overlap_gm": 0.4216165244579315,
  "tpm_overlap_wm": 0.4744359254837036,
  "wm2max": 0.619352369612825
}