{
  "bids_meta": {
    "AcquisitionMatrixPE": 240,
    "AcquisitionNumber": 4,
    "AcquisitionTime": "08:40:28.320000",
    "BodyPartExamined": "BRAIN",
    "CoilString": "MULTI_COIL",
    "ConversionSoftware": "dcm2niix",
    "ConversionSoftwareVersion": "v1.0.20190410  (JP2:OpenJPEG) GCC6.3.0",
    "Dcm2bidsVersion": "2.1.4",
    "DeviceSerialNumber": "42451",
    "EchoTime": 0.0035,
    "EchoTrainLength": 240,
    "FlipAngle": 8,
    "ImageOrientationPatientDICOM": [
      -0.0042116,
      0.99949,
      -0.0316631,
      -0.00362181,
      -0.0316784,
      -0.999492
    ],
    "ImageType": [
      "ORIGINAL",
      "PRIMARY",
      "M",
      "FFE",
      "M",
      "FFE"
    ],
    "ImagingFrequency": 127.759,
    "InPlanePhaseEncodingDirectionDICOM": "ROW",
    "InstitutionAddress": "Calzada_Mexico_Xochimilco_No.101_Tlalpan",
    "InstitutionName": "I.N._Psiquiatria",
    "InstitutionalDepartmentName": "Imagenes_Cerebrales",
    "MRAcquisitionType": "3D",
    "MagneticFieldStrength": 3,
    "Manufacturer": "Philips",
    "ManufacturersModelName": "Ingenia",
    "Modality": "MR",
    "PatientPosition": "HFS",
    "PercentPhaseFOV": 100,
    "PhaseEncodingSteps": 240,
    "PhilipsRescaleIntercept": 0,
    "PhilipsRescaleSlope": 129.596,
    "PhilipsScaleSlope": 0.00620785,
    "PixelBandwidth": 310,
    "ProcedureStepDescription": "EDUARDO_TMS",
    "ProtocolName": "WIP_sT1W_3D_TFE_32_channel",
    "ReconMatrixPE": 240,
    "RepetitionTime": 0.007,
    "SAR": 0.0382114,
    "ScanOptions": "OTHER",
    "ScanningSequence": "GR",
    "SequenceVariant": "MP",
    "SeriesDescription": "sT1W_3D_TFE_32_channel",
    "SeriesNumber": 401,
    "SliceThickness": 1,
    "SoftwareVersions": "5.3.1_5.3.1.1",
    "SpacingBetweenSlices": 1,
    "StationName": "PHILIPS-CTMFQSD",
    "UsePhilipsFloatNotDisplayScaling": 1,
    "dataset": "<unset>",
    "modality": "T1w",
    "session_id": "t0",
    "subject_id": "020"
  },
  "cjv": 0.5039645838993206,
  "cnr": 2.540538698070109,
  "efc": 0.740623204352671,
  "fber": 12140.400639676796,
  "fwhm_avg": 3.5648199999999997,
  "fwhm_x": 3.42416,
  "fwhm_y": 3.94159,
  "fwhm_z": 3.32871,
  "icvs_csf": 0.1998307355128171,
  "icvs_gm": 0.42784408182985345,
  "icvs_wm": 0.37232518265732945,
  "inu_med": 2.1118111610412598,
  "inu_range": 0.7678501248359679,
  "provenance": {
    "md5sum": "4c5bcd58fea5eebafd67683c990060e6",
    "settings": {
      "testing": false
    },
    "software": "mriqc",
    "version": "21.0.0rc2",
    "warnings": {
      "large_rot_frame": true,
      "small_air_mask": false
    },
    "webapi_port": null,
    "webapi_url": "https://mriqc.nimh.nih.gov/api/v1"
  },
  "qi_1": 0.035791986220624475,
  "qi_2": 8.472074937889122e-05,
  "rpve_csf": 27.946000276712976,
  "rpve_gm": 13.861649143724257,
  "rpve_wm": 18.42172061481203,
  "size_x": 180,
  "size_y": 240,
  "size_z": 240,
  "snr_csf": 3.0220530018392964,
  "snr_gm": 10.675329933692856,
  "snr_total": 12.109775931473747,
  "snr_wm": 22.63194485888909,
  "snrd_csf": 52.017105892462816,
  "snrd_gm": 117.89098851088701,
  "snrd_total": 106.90506023216149,
  "snrd_wm": 150.8070862931347,
  "spacing_x": 1.0,
  "spacing_y": 1.0,
  "spacing_z": 1.0,
  "summary_bg_k": 7.636513566613257,
  "summary_bg_mad": 4.344201488277283,
  "summary_bg_mean": 5.9997025579990275,
  "summary_bg_median": 2.930119376629591,
  "summary_bg_n": 345183.0,
  "summary_bg_p05": 0.0,
  "summary_bg_p95": 24.104378268122673,
  "summary_bg_stdv": 8.165012430110506,
  "summary_csf_k": 2.6410213171989314,
  "summary_csf_mad": 76.06450907776073,
  "summary_csf_mean": 382.6402242623163,
  "summary_csf_median": 344.9248073734343,
  "summary_csf_n": 25495.0,
  "summary_csf_p05": 261.88632994517684,
  "summary_csf_p95": 616.8730566874146,
  "summary_csf_stdv": 114.13368413435308,
  "summary_gm_k": 0.1711762196298383,
  "summary_gm_mad": 69.67115594406964,
  "summary_gm_mean": 789.1157573884749,
  "summary_gm_median": 781.733735576272,
  "summary_gm_n": 22201.0,
  "summary_gm_p05": 680.2852628193796,
  "summary_gm_p95": 922.2136098407209,
  "summary_gm_stdv": 73.22641402287667,
  "summary_wm_k": 0.673979744124193,
  "summary_wm_mad": 40.327304381743836,
  "summary_wm_mean": 997.9144407076024,
  "summary_wm_median": 999.999986499548,
  "summary_wm_n": 179850.0,
  "summary_wm_p05": 920.6656222455204,
  "summary_wm_p95": 1066.6187383644283,
  "summary_wm_stdv": 44.18520867898065,
  "tpm_overlap_csf": 0.16630446910858154,
  "tpm_overlap_gm": 0.44384586811065674,
  "tpm_overlap_wm": 0.4856862723827362,
  "wm2max": 0.5921754691082555
}