{
  "bids_meta": {
    "AcquisitionMatrixPE": 240,
    "AcquisitionNumber": 4,
    "AcquisitionTime": "10:05:56.890000",
    "BodyPartExamined": "BRAIN",
    "CoilString": "MULTI_COIL",
    "ConversionSoftware": "dcm2niix",
    "ConversionSoftwareVersion": "v1.0.20190410  (JP2:OpenJPEG) GCC6.3.0",
    "Dcm2bidsVersion": "2.1.4",
    "DeviceSerialNumber": "42451",
    "EchoTime": 0.0035,
    "EchoTrainLength": 240,
    "FlipAngle": 8,
    "ImageOrientationPatientDICOM": [
      -0.00419343,
      0.999989,
      -0.00217815,
      0.00478685,
      -0.00215807,
      -0.999986
    ],
    "ImageType": [
      "ORIGINAL",
      "PRIMARY",
      "M",
      "FFE",
      "M",
      "FFE"
    ],
    "ImagingFrequency": 127.759,
    "InPlanePhaseEncodingDirectionDICOM": "ROW",
    "InstitutionAddress": "Calzada_Mexico_Xochimilco_No.101_Tlalpan",
    "InstitutionName": "I.N._Psiquiatria",
    "InstitutionalDepartmentName": "Imagenes_Cerebrales",
    "MRAcquisitionType": "3D",
    "MagneticFieldStrength": 3,
    "Manufacturer": "Philips",
    "ManufacturersModelName": "Ingenia",
    "Modality": "MR",
    "PatientPosition": "HFS",
    "PercentPhaseFOV": 100,
    "PhaseEncodingSteps": 240,
    "PhilipsRescaleIntercept": 0,
    "PhilipsRescaleSlope": 4.31819,
    "PhilipsScaleSlope": 0.00596771,
    "PixelBandwidth": 310,
    "ProcedureStepDescription": "EDUARDO_TMS",
    "ProtocolName": "WIP_sT1W_3D_TFE_32_channel",
    "ReconMatrixPE": 240,
    "RepetitionTime": 0.007,
    "SAR": 0.0382114,
    "ScanOptions": "OTHER",
    "ScanningSequence": "GR",
    "SequenceVariant": "MP",
    "SeriesDescription": "sT1W_3D_TFE_32_channel",
    "SeriesNumber": 401,
    "SliceThickness": 1,
    "SoftwareVersions": "5.3.1_5.3.1.0",
    "SpacingBetweenSlices": 1,
    "StationName": "PHILIPS-CTMFQSD",
    "UsePhilipsFloatNotDisplayScaling": 1,
    "dataset": "<unset>",
    "modality": "T1w",
    "session_id": "t5",
    "subject_id": "008"
  },
  "cjv": 0.4695795004381513,
  "cnr": 2.739158400124476,
  "efc": 0.7351386832978722,
  "fber": 11951.59557531643,
  "fwhm_avg": 4.217820000000001,
  "fwhm_x": 4.1397,
  "fwhm_y": 4.48217,
  "fwhm_z": 4.03159,
  "icvs_csf": 0.19926195314494596,
  "icvs_gm": 0.40338879123956667,
  "icvs_wm": 0.3973492556154874,
  "inu_med": 1.8995083570480347,
  "inu_range": 0.7729191660881045,
  "provenance": {
    "md5sum": "ca80e7b61ff72717b2d2589d47924f93",
    "settings": {
      "testing": false
    },
    "software": "mriqc",
    "version": "21.0.0rc2",
    "warnings": {
      "large_rot_frame": true,
      "small_air_mask": false
    },
    "webapi_port": null,
    "webapi_url": "https://mriqc.nimh.nih.gov/api/v1"
  },
  "qi_1": 0.0,
  "qi_2": 0.00012785943783913718,
  "rpve_csf": 24.576716680490783,
  "rpve_gm": 12.732296010161125,
  "rpve_wm": 15.877480082201417,
  "size_x": 180,
  "size_y": 240,
  "size_z": 240,
  "snr_csf": 3.58041336608221,
  "snr_gm": 11.186592144677379,
  "snr_total": 12.672037634074746,
  "snr_wm": 23.24910739146465,
  "snrd_csf": 31.013973433130346,
  "snrd_gm": 56.85468514942734,
  "snrd_total": 53.73950142289323,
  "snrd_wm": 73.34984568612201,
  "spacing_x": 1.0,
  "spacing_y": 1.0,
  "spacing_z": 1.0,
  "summary_bg_k": 8.992316344424783,
  "summary_bg_mad": 8.931995032381407,
  "summary_bg_mean": 8.653922390289143,
  "summary_bg_median": 6.024539098143578,
  "summary_bg_n": 562647.0,
  "summary_bg_p05": 0.0,
  "summary_bg_p95": 27.58798087015748,
  "summary_bg_stdv": 9.454839319168174,
  "summary_csf_k": 0.5398870043232047,
  "summary_csf_mad": 104.052295788809,
  "summary_csf_mean": 443.5139968914362,
  "summary_csf_median": 422.83815420232713,
  "summary_csf_n": 18598.0,
  "summary_csf_p05": 279.0647327248007,
  "summary_csf_p95": 659.9809112027287,
  "summary_csf_stdv": 118.0944050247431,
  "summary_gm_k": 0.19157377162273814,
  "summary_gm_mad": 66.39086551507887,
  "summary_gm_mean": 780.7169897869254,
  "summary_gm_median": 775.1451189629734,
  "summary_gm_n": 23585.0,
  "summary_gm_p05": 675.2259339205921,
  "summary_gm_p95": 906.3551723212004,
  "summary_gm_stdv": 69.29086854630698,
  "summary_wm_k": 0.8164973288616699,
  "summary_wm_mad": 39.213636727528126,
  "summary_wm_mean": 1001.2772229576627,
  "summary_wm_median": 1000.036755297333,
  "summary_wm_n": 236855.0,
  "summary_wm_p05": 932.8484503552318,
  "summary_wm_p95": 1073.5802142880857,
  "summary_wm_stdv": 43.013894141521924,
  "tpm_overlap_csf": 0.15156041085720062,
  "tpm_overlap_gm": 0.44134950637817383,
  "tpm_overlap_wm": 0.5059662461280823,
  "wm2max": 0.6149172144293104
}