{
  "bids_meta": {
    "AcquisitionMatrixPE": 240,
    "AcquisitionNumber": 4,
    "AcquisitionTime": "09:01:58.430000",
    "BodyPartExamined": "BRAIN",
    "CoilString": "MULTI_COIL",
    "ConversionSoftware": "dcm2niix",
    "ConversionSoftwareVersion": "v1.0.20190410  (JP2:OpenJPEG) GCC6.3.0",
    "Dcm2bidsVersion": "2.1.4",
    "DeviceSerialNumber": "42451",
    "EchoTime": 0.0035,
    "EchoTrainLength": 240,
    "FlipAngle": 8,
    "ImageOrientationPatientDICOM": [
      -0.00170326,
      0.999996,
      -0.00217707,
      0.000391655,
      -0.00217641,
      -0.999998
    ],
    "ImageType": [
      "ORIGINAL",
      "PRIMARY",
      "M",
      "FFE",
      "M",
      "FFE"
    ],
    "ImagingFrequency": 127.76,
    "InPlanePhaseEncodingDirectionDICOM": "ROW",
    "InstitutionAddress": "Calzada_Mexico_Xochimilco_No.101_Tlalpan",
    "InstitutionName": "I.N._Psiquiatria",
    "InstitutionalDepartmentName": "Imagenes_Cerebrales",
    "MRAcquisitionType": "3D",
    "MagneticFieldStrength": 3,
    "Manufacturer": "Philips",
    "ManufacturersModelName": "Ingenia",
    "Modality": "MR",
    "PatientPosition": "HFS",
    "PercentPhaseFOV": 100,
    "PhaseEncodingSteps": 240,
    "PhilipsRescaleIntercept": 0,
    "PhilipsRescaleSlope": 18.116,
    "PhilipsScaleSlope": 0.00567888,
    "PixelBandwidth": 310,
    "ProcedureStepDescription": "EDUARDO_TMS",
    "ProtocolName": "WIP_sT1W_3D_TFE_32_channel",
    "ReconMatrixPE": 240,
    "RepetitionTime": 0.007,
    "SAR": 0.0382114,
    "ScanOptions": "OTHER",
    "ScanningSequence": "GR",
    "SequenceVariant": "MP",
    "SeriesDescription": "sT1W_3D_TFE_32_channel",
    "SeriesNumber": 401,
    "SliceThickness": 1,
    "SoftwareVersions": "5.3.1_5.3.1.0",
    "SpacingBetweenSlices": 1,
    "StationName": "PHILIPS-CTMFQSD",
    "UsePhilipsFloatNotDisplayScaling": 1,
    "dataset": "<unset>",
    "modality": "T1w",
    "session_id": "t0",
    "subject_id": "025"
  },
  "cjv": 0.40049408650481083,
  "cnr": 3.200702694834381,
  "efc": 0.748549123117248,
  "fber": 4443.915359662384,
  "fwhm_avg": 4.469173333333333,
  "fwhm_x": 4.3263,
  "fwhm_y": 4.70641,
  "fwhm_z": 4.37481,
  "icvs_csf": 0.2152869605495039,
  "icvs_gm": 0.39017416396233684,
  "icvs_wm": 0.3945388754881593,
  "inu_med": 1.6558501720428467,
  "inu_range": 0.6110577523708345,
  "provenance": {
    "md5sum": "b500be15a42dcee754c44344ecda6399",
    "settings": {
      "testing": false
    },
    "software": "mriqc",
    "version": "21.0.0rc2",
    "warnings": {
      "large_rot_frame": true,
      "small_air_mask": false
    },
    "webapi_port": null,
    "webapi_url": "https://mriqc.nimh.nih.gov/api/v1"
  },
  "qi_1": 0.0,
  "qi_2": 6.625422323745645e-05,
  "rpve_csf": 19.89761065049106,
  "rpve_gm": 11.019082255504205,
  "rpve_wm": 13.305514374092839,
  "size_x": 180,
  "size_y": 240,
  "size_z": 240,
  "snr_csf": 3.516634781396447,
  "snr_gm": 11.270732471688184,
  "snr_total": 13.700482367806245,
  "snr_wm": 26.314079850334107,
  "snrd_csf": 27.74195275741186,
  "snrd_gm": 60.960490115913586,
  "snrd_total": 56.587691854831576,
  "snrd_wm": 81.06063269116929,
  "spacing_x": 1.0,
  "spacing_y": 1.0,
  "spacing_z": 1.0,
  "summary_bg_k": 70.00806554864624,
  "summary_bg_mad": 8.082054014437736,
  "summary_bg_mean": 10.125997752078606,
  "summary_bg_median": 8.142823498696089,
  "summary_bg_n": 422250.0,
  "summary_bg_p05": 0.0,
  "summary_bg_p95": 28.516917441040277,
  "summary_bg_stdv": 10.280347535955627,
  "summary_csf_k": 1.724494166587954,
  "summary_csf_mad": 78.74951380317769,
  "summary_csf_mean": 360.5677696374014,
  "summary_csf_median": 342.23707968369126,
  "summary_csf_n": 53466.0,
  "summary_csf_p05": 238.56087923794985,
  "summary_csf_p95": 554.759662440978,
  "summary_csf_stdv": 97.3185731335671,
  "summary_gm_k": 0.2536112744837835,
  "summary_gm_mad": 64.15130373959953,
  "summary_gm_mean": 756.4400924655686,
  "summary_gm_median": 752.0357451327145,
  "summary_gm_n": 27317.0,
  "summary_gm_p05": 653.7085961066186,
  "summary_gm_p95": 874.2189820826053,
  "summary_gm_stdv": 66.72343451669632,
  "summary_wm_k": 0.8019877761842347,
  "summary_wm_mad": 35.15693496280415,
  "summary_wm_mean": 1000.042204317756,
  "summary_wm_median": 1000.000052344054,
  "summary_wm_n": 287830.0,
  "summary_wm_p05": 937.9578699544072,
  "summary_wm_p95": 1061.8378123864532,
  "summary_wm_stdv": 38.0024048301751,
  "tpm_overlap_csf": 0.17523060739040375,
  "tpm_overlap_gm": 0.44212186336517334,
  "tpm_overlap_wm": 0.5164931416511536,
  "wm2max": 0.7052646585466015
}