{
  "bids_meta": {
    "AcquisitionMatrixPE": 240,
    "AcquisitionNumber": 5,
    "AcquisitionTime": "08:55:6.410000",
    "BodyPartExamined": "BRAIN",
    "CoilString": "MULTI_COIL",
    "ConversionSoftware": "dcm2niix",
    "ConversionSoftwareVersion": "v1.0.20190410  (JP2:OpenJPEG) GCC6.3.0",
    "Dcm2bidsVersion": "2.1.4",
    "DeviceSerialNumber": "42451",
    "EchoTime": 0.0035,
    "EchoTrainLength": 240,
    "FlipAngle": 8,
    "ImageOrientationPatientDICOM": [
      -0.0042116,
      0.99949,
      -0.0316631,
      -0.00362181,
      -0.0316784,
      -0.999492
    ],
    "ImageType": [
      "ORIGINAL",
      "PRIMARY",
      "M",
      "FFE",
      "M",
      "FFE"
    ],
    "ImagingFrequency": 127.759,
    "InPlanePhaseEncodingDirectionDICOM": "ROW",
    "InstitutionAddress": "Calzada_Mexico_Xochimilco_No.101_Tlalpan",
    "InstitutionName": "I.N._Psiquiatria",
    "InstitutionalDepartmentName": "Imagenes_Cerebrales",
    "MRAcquisitionType": "3D",
    "MagneticFieldStrength": 3,
    "Manufacturer": "Philips",
    "ManufacturersModelName": "Ingenia",
    "Modality": "MR",
    "PatientPosition": "HFS",
    "PercentPhaseFOV": 100,
    "PhaseEncodingSteps": 240,
    "PhilipsRescaleIntercept": 0,
    "PhilipsRescaleSlope": 307.921,
    "PhilipsScaleSlope": 0.00648119,
    "PixelBandwidth": 310,
    "ProcedureStepDescription": "EDUARDO_TMS",
    "ProtocolName": "WIP_sT1W_3D_TFE_32_channel",
    "ReconMatrixPE": 240,
    "RepetitionTime": 0.007,
    "SAR": 0.0382114,
    "ScanOptions": "OTHER",
    "ScanningSequence": "GR",
    "SequenceVariant": "MP",
    "SeriesDescription": "sT1W_3D_TFE_32_channel",
    "SeriesNumber": 501,
    "SliceThickness": 1,
    "SoftwareVersions": "5.3.1_5.3.1.0",
    "SpacingBetweenSlices": 1,
    "StationName": "PHILIPS-CTMFQSD",
    "UsePhilipsFloatNotDisplayScaling": 1,
    "dataset": "<unset>",
    "modality": "T1w",
    "session_id": "t3",
    "subject_id": "020"
  },
  "cjv": 0.5062627423540889,
  "cnr": 2.507295416569364,
  "efc": 0.7602626113915795,
  "fber": 2789.799053720083,
  "fwhm_avg": 3.573753333333334,
  "fwhm_x": 3.45567,
  "fwhm_y": 3.93458,
  "fwhm_z": 3.33101,
  "icvs_csf": 0.1994846668819103,
  "icvs_gm": 0.42967732769395517,
  "icvs_wm": 0.37083800542413453,
  "inu_med": 2.074932813644409,
  "inu_range": 0.7708548665046693,
  "provenance": {
    "md5sum": "31eaabf3333f0306f3828902aa1b44f5",
    "settings": {
      "testing": false
    },
    "software": "mriqc",
    "version": "21.0.0rc2",
    "warnings": {
      "large_rot_frame": true,
      "small_air_mask": true
    },
    "webapi_port": null,
    "webapi_url": "https://mriqc.nimh.nih.gov/api/v1"
  },
  "qi_1": 0.0,
  "qi_2": 0.0001105218315092587,
  "rpve_csf": 27.56735684729486,
  "rpve_gm": 13.647053565234097,
  "rpve_wm": 18.2872181118937,
  "size_x": 180,
  "size_y": 240,
  "size_z": 240,
  "snr_csf": 2.9660213500863097,
  "snr_gm": 10.415830793123293,
  "snr_total": 11.949174671557985,
  "snr_wm": 22.46567187146436,
  "snrd_csf": 42.35630484050173,
  "snrd_gm": 94.58746217515215,
  "snrd_total": 86.061784162025,
  "snrd_wm": 121.24158547042116,
  "spacing_x": 1.0,
  "spacing_y": 1.0,
  "spacing_z": 1.0,
  "summary_bg_k": 4.778617148157243,
  "summary_bg_mad": 5.403561775346381,
  "summary_bg_mean": 8.737978668553012,
  "summary_bg_median": 6.3275122083723545,
  "summary_bg_n": 248237.0,
  "summary_bg_p05": 0.0,
  "summary_bg_p95": 29.359656646847725,
  "summary_bg_stdv": 9.835915862623215,
  "summary_csf_k": 1.838233385058973,
  "summary_csf_mad": 79.06461569899183,
  "summary_csf_mean": 388.32449839937414,
  "summary_csf_median": 349.35460404865444,
  "summary_csf_n": 26222.0,
  "summary_csf_p05": 261.30094415694475,
  "summary_csf_p95": 623.4371228665113,
  "summary_csf_stdv": 117.78335395191576,
  "summary_gm_k": 0.2174271322344934,
  "summary_gm_mad": 70.02115467219686,
  "summary_gm_mean": 788.2572182255803,
  "summary_gm_median": 780.1569452434778,
  "summary_gm_n": 23985.0,
  "summary_gm_p05": 677.2969067841768,
  "summary_gm_p95": 925.5176177039742,
  "summary_gm_stdv": 74.89951566366463,
  "summary_wm_k": 0.709866246821945,
  "summary_wm_mad": 41.27720800611819,
  "summary_wm_mean": 999.563322626364,
  "summary_wm_median": 1000.0000294111669,
  "summary_wm_n": 180707.0,
  "summary_wm_p05": 925.537865743041,
  "summary_wm_p95": 1070.8175460472703,
  "summary_wm_stdv": 44.512234854078514,
  "tpm_overlap_csf": 0.16314052045345306,
  "tpm_overlap_gm": 0.4461272060871124,
  "tpm_overlap_wm": 0.48960378766059875,
  "wm2max": 0.5820565704183854
}