{
  "aor": 0.007716300000000001,
  "aqi": 0.011172154333333333,
  "bids_meta": {
    "AcquisitionMatrixPE": 70,
    "AcquisitionNumber": 3,
    "AcquisitionTime": "09:26:51.820000",
    "CoilString": "MULTI_COIL",
    "ConversionSoftware": "dcm2niix",
    "ConversionSoftwareVersion": "v1.0.20190410  (JP2:OpenJPEG) GCC6.3.0",
    "Dcm2bidsVersion": "2.1.4",
    "DeviceSerialNumber": "42451",
    "EchoTime": 0.03,
    "EchoTrainLength": 35,
    "EffectiveEchoSpacing": 0.000698,
    "FlipAngle": 75,
    "ImageOrientationPatientDICOM": [
      0.999985,
      0.00420228,
      -0.00363261,
      -0.0042116,
      0.999988,
      -0.00256027
    ],
    "ImageType": [
      "ORIGINAL",
      "PRIMARY",
      "M",
      "FFE",
      "M",
      "FFE"
    ],
    "ImagingFrequency": 127.766,
    "InPlanePhaseEncodingDirectionDICOM": "COL",
    "InstitutionAddress": "Calzada_Mexico_Xochimilco_No.101_Tlalpan",
    "InstitutionName": "I.N._Psiquiatria",
    "InstitutionalDepartmentName": "Imagenes_Cerebrales",
    "MRAcquisitionType": "2D",
    "MagneticFieldStrength": 3,
    "Manufacturer": "Philips",
    "ManufacturersModelName": "Ingenia",
    "Modality": "MR",
    "PartialFourier": 0.5,
    "PatientPosition": "HFS",
    "PercentPhaseFOV": 100,
    "PhaseEncodingAxis": "j",
    "PhaseEncodingDirection": "j-",
    "PhaseEncodingSteps": 70,
    "PhilipsRescaleIntercept": 0,
    "PhilipsRescaleSlope": 0.767766,
    "PhilipsScaleSlope": 0.0600729,
    "PixelBandwidth": 1819,
    "ProcedureStepDescription": "EDUARDO_TMS",
    "ProtocolName": "WIP_FE_EPI_32chSHC_AP_SENSE",
    "ReconMatrixPE": 80,
    "RepetitionTime": 2,
    "SAR": 0.119138,
    "ScanOptions": "FS",
    "ScanningSequence": "GR",
    "SequenceVariant": "SK",
    "SeriesDescription": "FE_EPI_32chSHC_AP",
    "SeriesNumber": 301,
    "SliceThickness": 3.33,
    "SliceTiming": [
      0.0,
      1.027027,
      0.054054,
      1.081081,
      0.108108,
      1.135135,
      0.162162,
      1.189189,
      0.216216,
      1.243244,
      0.27027,
      1.297298,
      0.324324,
      1.351352,
      0.378378,
      1.405406,
      0.432432,
      1.45946,
      0.486486,
      1.513514,
      0.540541,
      1.567568,
      0.594595,
      1.621622,
      0.648649,
      1.675676,
      0.702703,
      1.72973,
      0.756757,
      1.783784,
      0.810811,
      1.837838,
      0.864865,
      1.891892,
      0.918919,
      1.945947,
      0.972973
    ],
    "SoftwareVersions": "5.1.7_5.1.7.2",
    "SpacingBetweenSlices": 3.33,
    "StationName": "INGENIA",
    "TaskName": "rest",
    "TotalReadoutTime": 0.04884,
    "UsePhilipsFloatNotDisplayScaling": 1,
    "dataset": "<unset>",
    "modality": "bold",
    "session_id": "t0",
    "subject_id": "010",
    "task_id": "rest"
  },
  "dummy_trs": 0,
  "dvars_nstd": 21.412759576588613,
  "dvars_std": 1.2452556495317728,
  "dvars_vstd": 1.0342927896321072,
  "efc": 0.4318158426511252,
  "fber": 246775.21875,
  "fd_mean": 0.1156695928026323,
  "fd_num": 2,
  "fd_perc": 0.6666666666666666,
  "fwhm_avg": 1.8590021656706386,
  "fwhm_x": 1.8139200000000002,
  "fwhm_y": 1.9929633333333332,
  "fwhm_z": 1.7701231636785826,
  "gcor": 0.0567178,
  "gsr_x": -0.012937846593558788,
  "gsr_y": 0.015507061034440994,
  "provenance": {
    "md5sum": "7f5fed7984632a03df78f162adfb9f1c",
    "settings": {
      "fd_thres": 0.5,
      "testing": false
    },
    "software": "mriqc",
    "version": "22.0.0rc1",
    "webapi_port": null,
    "webapi_url": "https://mriqc.nimh.nih.gov/api/v1"
  },
  "size_t": 300,
  "size_x": 80,
  "size_y": 80,
  "size_z": 37,
  "snr": 4.943224893687573,
  "spacing_tr": 2.0000016689300537,
  "spacing_x": 3.0,
  "spacing_y": 3.0,
  "spacing_z": 3.3299999237060547,
  "summary_bg_k": 63.12076710309765,
  "summary_bg_mad": 57.39831380054457,
  "summary_bg_mean": 670.7273559570312,
  "summary_bg_median": 44.72089767456055,
  "summary_bg_n": 161113.0,
  "summary_bg_p05": 2.6322290897369385,
  "summary_bg_p95": 3743.4609374999995,
  "summary_bg_stdv": 1741.1064453125,
  "summary_fg_k": 2.7018353255813645,
  "summary_fg_mad": 3581.8598187335874,
  "summary_fg_mean": 23457.001953125,
  "summary_fg_median": 22921.060546875,
  "summary_fg_n": 34899.0,
  "summary_fg_p05": 17048.5630859375,
  "summary_fg_p95": 32229.585546874998,
  "summary_fg_stdv": 4636.79736328125,
  "tsnr": 58.26402282714844
}