{
  "bids_meta": {
    "AcquisitionMatrixPE": 240,
    "AcquisitionNumber": 5,
    "AcquisitionTime": "09:19:21.460000",
    "BodyPartExamined": "BRAIN",
    "CoilString": "MULTI_COIL",
    "ConversionSoftware": "dcm2niix",
    "ConversionSoftwareVersion": "v1.0.20190410  (JP2:OpenJPEG) GCC6.3.0",
    "Dcm2bidsVersion": "2.1.4",
    "DeviceSerialNumber": "42451",
    "EchoTime": 0.0035,
    "EchoTrainLength": 240,
    "FlipAngle": 8,
    "ImageOrientationPatientDICOM": [
      -8.13994e-05,
      0.999999,
      0.00161415,
      0.000603528,
      0.0016142,
      -0.999999
    ],
    "ImageType": [
      "ORIGINAL",
      "PRIMARY",
      "M",
      "FFE",
      "M",
      "FFE"
    ],
    "ImagingFrequency": 127.759,
    "InPlanePhaseEncodingDirectionDICOM": "ROW",
    "InstitutionAddress": "Calzada_Mexico_Xochimilco_No.101_Tlalpan",
    "InstitutionName": "I.N._Psiquiatria",
    "InstitutionalDepartmentName": "Imagenes_Cerebrales",
    "MRAcquisitionType": "3D",
    "MagneticFieldStrength": 3,
    "Manufacturer": "Philips",
    "ManufacturersModelName": "Ingenia",
    "Modality": "MR",
    "PatientPosition": "HFS",
    "PercentPhaseFOV": 100,
    "PhaseEncodingSteps": 240,
    "PhilipsRescaleIntercept": 0,
    "PhilipsRescaleSlope": 3.36337,
    "PhilipsScaleSlope": 0.0056884,
    "PixelBandwidth": 310,
    "ProcedureStepDescription": "PROTOCOLO_EDUARDO_TMS",
    "ProtocolName": "WIP_sT1W_3D_TFE_32_channel",
    "ReconMatrixPE": 240,
    "RepetitionTime": 0.007,
    "SAR": 0.0382114,
    "ScanOptions": "OTHER",
    "ScanningSequence": "GR",
    "SequenceVariant": "MP",
    "SeriesDescription": "sT1W_3D_TFE_32_channel",
    "SeriesNumber": 501,
    "SliceThickness": 1,
    "SoftwareVersions": "5.3.1_5.3.1.0",
    "SpacingBetweenSlices": 1,
    "StationName": "PHILIPS-CTMFQSD",
    "UsePhilipsFloatNotDisplayScaling": 1,
    "dataset": "<unset>",
    "modality": "T1w",
    "session_id": "t2",
    "subject_id": "043"
  },
  "cjv": 0.6888431921151942,
  "cnr": 1.9371458751258055,
  "efc": 0.7323699037846961,
  "fber": 13171.720436883008,
  "fwhm_avg": 4.088616666666667,
  "fwhm_x": 3.86235,
  "fwhm_y": 4.44894,
  "fwhm_z": 3.95456,
  "icvs_csf": 0.20423162469603443,
  "icvs_gm": 0.3952478251116489,
  "icvs_wm": 0.4005205501923167,
  "inu_med": 1.843217372894287,
  "inu_range": 0.7729263305664062,
  "provenance": {
    "md5sum": "29351bdd5771013bad7b5dde2434f703",
    "settings": {
      "testing": false
    },
    "software": "mriqc",
    "version": "21.0.0rc2",
    "warnings": {
      "large_rot_frame": true,
      "small_air_mask": false
    },
    "webapi_port": null,
    "webapi_url": "https://mriqc.nimh.nih.gov/api/v1"
  },
  "qi_1": 0.0007598142676234699,
  "qi_2": 9.176764607557626e-05,
  "rpve_csf": 24.95148723667305,
  "rpve_gm": 13.144978953775516,
  "rpve_wm": 15.70511499542827,
  "size_x": 180,
  "size_y": 240,
  "size_z": 240,
  "snr_csf": 4.0846383308270475,
  "snr_gm": 10.264542450113048,
  "snr_total": 11.844680320838416,
  "snr_wm": 21.184860181575154,
  "snrd_csf": 57.8768956715694,
  "snrd_gm": 118.97368712770768,
  "snrd_total": 107.34718822177199,
  "snrd_wm": 145.19098186603884,
  "spacing_x": 1.0,
  "spacing_y": 1.0,
  "spacing_z": 1.0,
  "summary_bg_k": 8.044578413012577,
  "summary_bg_mad": 4.51223884174207,
  "summary_bg_mean": 8.048058240176399,
  "summary_bg_median": 3.0434588491916656,
  "summary_bg_n": 571622.0,
  "summary_bg_p05": 0.0,
  "summary_bg_p95": 27.21210265159607,
  "summary_bg_stdv": 9.393243728654873,
  "summary_csf_k": 2.9034533761487484,
  "summary_csf_mad": 80.19177412125428,
  "summary_csf_mean": 412.6603592063386,
  "summary_csf_median": 398.62597412243485,
  "summary_csf_n": 30344.0,
  "summary_csf_p05": 290.02372562885284,
  "summary_csf_p95": 604.9702462602406,
  "summary_csf_stdv": 97.58989005510671,
  "summary_gm_k": -0.15647747301489323,
  "summary_gm_mad": 79.92634830703416,
  "summary_gm_mean": 825.3632606328417,
  "summary_gm_median": 819.4289167709649,
  "summary_gm_n": 18354.0,
  "summary_gm_p05": 703.7551021277905,
  "summary_gm_p95": 966.7166602101177,
  "summary_gm_stdv": 79.82884746708788,
  "summary_wm_k": 0.5975756446244795,
  "summary_wm_mad": 44.458823881870394,
  "summary_wm_mean": 1001.8932754569199,
  "summary_wm_median": 1000.0000156983733,
  "summary_wm_n": 228650.0,
  "summary_wm_p05": 927.0465168133378,
  "summary_wm_p95": 1081.9943776354194,
  "summary_wm_stdv": 47.203418874454435,
  "tpm_overlap_csf": 0.1854691505432129,
  "tpm_overlap_gm": 0.4368831217288971,
  "tpm_overlap_wm": 0.5131025314331055,
  "wm2max": 0.5529350623638883
}