{
  "aor": 0.0020059,
  "aqi": 0.0251767754,
  "bids_meta": {
    "AcquisitionMatrixPE": 70,
    "AcquisitionNumber": 3,
    "AcquisitionTime": "09:44:2.690000",
    "BodyPartExamined": "BRAIN",
    "CoilString": "MULTI_COIL",
    "ConversionSoftware": "dcm2niix",
    "ConversionSoftwareVersion": "v1.0.20190410  (JP2:OpenJPEG) GCC6.3.0",
    "Dcm2bidsVersion": "2.1.4",
    "DeviceSerialNumber": "42451",
    "EchoTime": 0.03,
    "EchoTrainLength": 35,
    "EffectiveEchoSpacing": 0.000698,
    "FlipAngle": 75,
    "ImageOrientationPatientDICOM": [
      0.999985,
      0.00418746,
      -0.00364969,
      -0.0042116,
      0.999969,
      -0.00663162
    ],
    "ImageType": [
      "ORIGINAL",
      "PRIMARY",
      "M",
      "FFE",
      "M",
      "FFE"
    ],
    "ImagingFrequency": 127.759,
    "InPlanePhaseEncodingDirectionDICOM": "COL",
    "InstitutionAddress": "Calzada_Mexico_Xochimilco_No.101_Tlalpan",
    "InstitutionName": "I.N._Psiquiatria",
    "InstitutionalDepartmentName": "Imagenes_Cerebrales",
    "MRAcquisitionType": "2D",
    "MagneticFieldStrength": 3,
    "Manufacturer": "Philips",
    "ManufacturersModelName": "Ingenia",
    "Modality": "MR",
    "PartialFourier": 0.5,
    "PatientPosition": "HFS",
    "PercentPhaseFOV": 100,
    "PhaseEncodingAxis": "j",
    "PhaseEncodingDirection": "j-",
    "PhaseEncodingSteps": 70,
    "PhilipsRescaleIntercept": 0,
    "PhilipsRescaleSlope": 0.819048,
    "PhilipsScaleSlope": 0.0267341,
    "PixelBandwidth": 1819,
    "ProcedureStepDescription": "EDUARDO_TMS",
    "ProtocolName": "WIP_FE_EPI_32chSHC_AP",
    "ReconMatrixPE": 80,
    "RepetitionTime": 2,
    "SAR": 0.119138,
    "ScanOptions": "FS",
    "ScanningSequence": "GR",
    "SequenceVariant": "SK",
    "SeriesDescription": "FE_EPI_32chSHC_AP",
    "SeriesNumber": 301,
    "SliceThickness": 3.33,
    "SliceTiming": [
      0.0,
      1.027027,
      0.054054,
      1.081081,
      0.108108,
      1.135135,
      0.162162,
      1.189189,
      0.216216,
      1.243244,
      0.27027,
      1.297298,
      0.324324,
      1.351352,
      0.378378,
      1.405406,
      0.432432,
      1.45946,
      0.486486,
      1.513514,
      0.540541,
      1.567568,
      0.594595,
      1.621622,
      0.648649,
      1.675676,
      0.702703,
      1.72973,
      0.756757,
      1.783784,
      0.810811,
      1.837838,
      0.864865,
      1.891892,
      0.918919,
      1.945947,
      0.972973
    ],
    "SoftwareVersions": "5.3.1_5.3.1.0",
    "SpacingBetweenSlices": 3.33,
    "StationName": "PHILIPS-CTMFQSD",
    "TaskName": "rest",
    "TotalReadoutTime": 0.04884,
    "UsePhilipsFloatNotDisplayScaling": 1,
    "dataset": "<unset>",
    "modality": "bold",
    "session_id": "t0",
    "subject_id": "031",
    "task_id": "rest"
  },
  "dummy_trs": 0,
  "dvars_nstd": 29.209403156187275,
  "dvars_std": 1.1194071874247493,
  "dvars_vstd": 0.9373257664548493,
  "efc": 0.41264438940883164,
  "fber": 120278.140625,
  "fd_mean": 0.20259404557049934,
  "fd_num": 29,
  "fd_perc": 9.666666666666666,
  "fwhm_avg": 1.8686522950069533,
  "fwhm_x": 1.85273,
  "fwhm_y": 2.0870466666666667,
  "fwhm_z": 1.666180218354193,
  "gcor": 0.0718283,
  "gsr_x": -0.013724073767662048,
  "gsr_y": 0.02338465489447117,
  "provenance": {
    "md5sum": "ba990d7d75c1469769086098b3ceec8a",
    "settings": {
      "fd_thres": 0.5,
      "testing": false
    },
    "software": "mriqc",
    "version": "22.0.0rc1",
    "webapi_port": null,
    "webapi_url": "https://mriqc.nimh.nih.gov/api/v1"
  },
  "size_t": 300,
  "size_x": 80,
  "size_y": 80,
  "size_z": 37,
  "snr": 5.531535947495327,
  "spacing_tr": 2.0000016689300537,
  "spacing_x": 3.0,
  "spacing_y": 3.0,
  "spacing_z": 3.3299999237060547,
  "summary_bg_k": 142.38630228869548,
  "summary_bg_mad": 178.5236959815686,
  "summary_bg_mean": 1192.587646484375,
  "summary_bg_median": 147.1901397705078,
  "summary_bg_n": 163311.0,
  "summary_bg_p05": 11.864427089691162,
  "summary_bg_p95": 5753.887451171875,
  "summary_bg_stdv": 3445.43408203125,
  "summary_fg_k": 3.880907116181919,
  "summary_fg_mad": 7687.9643070818065,
  "summary_fg_mean": 54159.68359375,
  "summary_fg_median": 53524.765625,
  "summary_fg_n": 32255.0,
  "summary_fg_p05": 40226.546484375,
  "summary_fg_p95": 69686.534375,
  "summary_fg_stdv": 9676.1435546875,
  "tsnr": 35.719139099121094
}