{
  "bids_meta": {
    "AcquisitionMatrixPE": 240,
    "AcquisitionNumber": 4,
    "AcquisitionTime": "12:06:49.560000",
    "CoilString": "MULTI_COIL",
    "ConversionSoftware": "dcm2niix",
    "ConversionSoftwareVersion": "v1.0.20190410  (JP2:OpenJPEG) GCC6.3.0",
    "Dcm2bidsVersion": "2.1.4",
    "DeviceSerialNumber": "42451",
    "EchoTime": 0.003501,
    "EchoTrainLength": 240,
    "FlipAngle": 8,
    "ImageOrientationPatientDICOM": [
      -0.00489736,
      0.999614,
      -0.0273423,
      -0.0286357,
      -0.0274716,
      -0.999212
    ],
    "ImageType": [
      "ORIGINAL",
      "PRIMARY",
      "M",
      "FFE",
      "M",
      "FFE"
    ],
    "ImagingFrequency": 127.766,
    "InPlanePhaseEncodingDirectionDICOM": "ROW",
    "InstitutionAddress": "Calzada_Mexico_Xochimilco_No.101_Tlalpan",
    "InstitutionName": "I.N._Psiquiatria",
    "InstitutionalDepartmentName": "Imagenes_Cerebrales",
    "MRAcquisitionType": "3D",
    "MagneticFieldStrength": 3,
    "Manufacturer": "Philips",
    "ManufacturersModelName": "Ingenia",
    "Modality": "MR",
    "PatientPosition": "HFS",
    "PercentPhaseFOV": 100,
    "PhaseEncodingSteps": 240,
    "PhilipsRescaleIntercept": 0,
    "PhilipsRescaleSlope": 12.7416,
    "PhilipsScaleSlope": 0.00476574,
    "PixelBandwidth": 310,
    "ProcedureStepDescription": "EDUARDO_TMS",
    "ProtocolName": "WIP_sT1W_3D_TFE_32_channel_SENSE",
    "ReconMatrixPE": 240,
    "RepetitionTime": 0.007,
    "SAR": 0.0382114,
    "ScanOptions": "OTHER",
    "ScanningSequence": "GR",
    "SequenceVariant": "MP",
    "SeriesDescription": "sT1W_3D_TFE_32_channel",
    "SeriesNumber": 401,
    "SliceThickness": 1,
    "SoftwareVersions": "5.1.7_5.1.7.2",
    "SpacingBetweenSlices": 1,
    "StationName": "INGENIA",
    "UsePhilipsFloatNotDisplayScaling": 1,
    "dataset": "<unset>",
    "modality": "T1w",
    "session_id": "t0",
    "subject_id": "013"
  },
  "cjv": 0.6745138261734231,
  "cnr": 1.9311545104587846,
  "efc": 0.8229127238234014,
  "fber": 413.7650771548576,
  "fwhm_avg": 4.257756666666666,
  "fwhm_x": 4.104,
  "fwhm_y": 4.44989,
  "fwhm_z": 4.21938,
  "icvs_csf": 0.2265702459384862,
  "icvs_gm": 0.3933514715966685,
  "icvs_wm": 0.38007828246484526,
  "inu_med": 1.3361129760742188,
  "inu_range": 0.5526181876659393,
  "provenance": {
    "md5sum": "e0541e9f2fabf3e37b3ae71ad4a22243",
    "settings": {
      "testing": false
    },
    "software": "mriqc",
    "version": "21.0.0rc2",
    "warnings": {
      "large_rot_frame": true,
      "small_air_mask": true
    },
    "webapi_port": null,
    "webapi_url": "https://mriqc.nimh.nih.gov/api/v1"
  },
  "qi_1": 0.0,
  "qi_2": 0.00022477208331823313,
  "rpve_csf": 22.67327636181689,
  "rpve_gm": 12.902155117931088,
  "rpve_wm": 16.22284227539717,
  "size_x": 180,
  "size_y": 240,
  "size_z": 240,
  "snr_csf": 3.4793409620404367,
  "snr_gm": 9.991939849065469,
  "snr_total": 11.663045685847663,
  "snr_wm": 21.517856246437088,
  "snrd_csf": 16.256274954839174,
  "snrd_gm": 33.19663303210655,
  "snrd_total": 30.03588049196384,
  "snrd_wm": 40.6547334889458,
  "spacing_x": 1.0,
  "spacing_y": 1.0,
  "spacing_z": 1.0,
  "summary_bg_k": 1.3217237677982059,
  "summary_bg_mad": 16.115241441139275,
  "summary_bg_mean": 22.092596744918513,
  "summary_bg_median": 21.96324509382248,
  "summary_bg_n": 55855.0,
  "summary_bg_p05": 0.0,
  "summary_bg_p95": 44.68474507778867,
  "summary_bg_stdv": 13.651874105305073,
  "summary_csf_k": 0.20403732214636383,
  "summary_csf_mad": 111.44990859207145,
  "summary_csf_mean": 420.42711158695573,
  "summary_csf_median": 399.8767352923751,
  "summary_csf_n": 32752.0,
  "summary_csf_p05": 271.6270719766617,
  "summary_csf_p95": 638.7811867512761,
  "summary_csf_stdv": 114.92711838041636,
  "summary_gm_k": 0.1346856889255892,
  "summary_gm_mad": 79.82859291203528,
  "summary_gm_mean": 819.8368798865298,
  "summary_gm_median": 816.5807527527213,
  "summary_gm_n": 17846.0,
  "summary_gm_p05": 691.4406815357506,
  "summary_gm_p95": 964.3564133010805,
  "summary_gm_stdv": 81.72165627791483,
  "summary_wm_k": 0.572772177884123,
  "summary_wm_mad": 43.91541739801871,
  "summary_wm_mean": 1002.507381226048,
  "summary_wm_median": 1000.0373484641314,
  "summary_wm_n": 215742.0,
  "summary_wm_p05": 930.3750149607658,
  "summary_wm_p95": 1082.8103946000338,
  "summary_wm_stdv": 46.47465896875454,
  "tpm_overlap_csf": 0.1754201352596283,
  "tpm_overlap_gm": 0.44015389680862427,
  "tpm_overlap_wm": 0.5077201724052429,
  "wm2max": 0.6363312183731936
}