{
  "aor": 0.007126133333333334,
  "aqi": 0.015733175633333332,
  "bids_meta": {
    "AcquisitionMatrixPE": 70,
    "AcquisitionNumber": 3,
    "AcquisitionTime": "09:57:44.360000",
    "BodyPartExamined": "BRAIN",
    "CoilString": "MULTI_COIL",
    "ConversionSoftware": "dcm2niix",
    "ConversionSoftwareVersion": "v1.0.20190410  (JP2:OpenJPEG) GCC6.3.0",
    "Dcm2bidsVersion": "2.1.4",
    "DeviceSerialNumber": "42451",
    "EchoTime": 0.03,
    "EchoTrainLength": 35,
    "EffectiveEchoSpacing": 0.000698,
    "FlipAngle": 75,
    "ImageOrientationPatientDICOM": [
      1,
      4.08569e-05,
      0.000498431,
      -4.18515e-05,
      0.999998,
      0.00199558
    ],
    "ImageType": [
      "ORIGINAL",
      "PRIMARY",
      "M",
      "FFE",
      "M",
      "FFE"
    ],
    "ImagingFrequency": 127.759,
    "InPlanePhaseEncodingDirectionDICOM": "COL",
    "InstitutionAddress": "Calzada_Mexico_Xochimilco_No.101_Tlalpan",
    "InstitutionName": "I.N._Psiquiatria",
    "InstitutionalDepartmentName": "Imagenes_Cerebrales",
    "MRAcquisitionType": "2D",
    "MagneticFieldStrength": 3,
    "Manufacturer": "Philips",
    "ManufacturersModelName": "Ingenia",
    "Modality": "MR",
    "PartialFourier": 0.5,
    "PatientPosition": "HFS",
    "PercentPhaseFOV": 100,
    "PhaseEncodingAxis": "j",
    "PhaseEncodingDirection": "j-",
    "PhaseEncodingSteps": 70,
    "PhilipsRescaleIntercept": 0,
    "PhilipsRescaleSlope": 0.813675,
    "PhilipsScaleSlope": 0.024975,
    "PixelBandwidth": 1819,
    "ProcedureStepDescription": "PROTOCOLO_EDUARDO_TMS",
    "ProtocolName": "WIP_FE_EPI_32chSHC_AP",
    "ReconMatrixPE": 80,
    "RepetitionTime": 2,
    "SAR": 0.119138,
    "ScanOptions": "FS",
    "ScanningSequence": "GR",
    "SequenceVariant": "SK",
    "SeriesDescription": "FE_EPI_32chSHC_AP",
    "SeriesNumber": 301,
    "SliceThickness": 3.33,
    "SliceTiming": [
      0.0,
      1.027027,
      0.054054,
      1.081081,
      0.108108,
      1.135135,
      0.162162,
      1.189189,
      0.216216,
      1.243244,
      0.27027,
      1.297298,
      0.324324,
      1.351352,
      0.378378,
      1.405406,
      0.432432,
      1.45946,
      0.486486,
      1.513514,
      0.540541,
      1.567568,
      0.594595,
      1.621622,
      0.648649,
      1.675676,
      0.702703,
      1.72973,
      0.756757,
      1.783784,
      0.810811,
      1.837838,
      0.864865,
      1.891892,
      0.918919,
      1.945947,
      0.972973
    ],
    "SoftwareVersions": "5.3.1_5.3.1.0",
    "SpacingBetweenSlices": 3.33,
    "StationName": "PHILIPS-CTMFQSD",
    "TaskName": "rest",
    "TotalReadoutTime": 0.04884,
    "UsePhilipsFloatNotDisplayScaling": 1,
    "dataset": "<unset>",
    "modality": "bold",
    "session_id": "t0",
    "subject_id": "045",
    "task_id": "rest"
  },
  "dummy_trs": 0,
  "dvars_nstd": 23.030379955585293,
  "dvars_std": 1.170641213578596,
  "dvars_vstd": 0.9564654300334446,
  "efc": 0.37515343219336744,
  "fber": 124403.890625,
  "fd_mean": 0.09762518865775244,
  "fd_num": 3,
  "fd_perc": 1.0,
  "fwhm_avg": 1.9287674009138087,
  "fwhm_x": 1.8568433333333332,
  "fwhm_y": 2.1582966666666668,
  "fwhm_z": 1.771162202741427,
  "gcor": 0.0545098,
  "gsr_x": -0.022919246926903725,
  "gsr_y": 0.013261294923722744,
  "provenance": {
    "md5sum": "b93d42d6b9d81ac4eb9b15c2f0a8c170",
    "settings": {
      "fd_thres": 0.5,
      "testing": false
    },
    "software": "mriqc",
    "version": "22.0.0rc1",
    "webapi_port": null,
    "webapi_url": "https://mriqc.nimh.nih.gov/api/v1"
  },
  "size_t": 300,
  "size_x": 80,
  "size_y": 80,
  "size_z": 37,
  "snr": 5.191541978944374,
  "spacing_tr": 2.0000016689300537,
  "spacing_x": 3.0,
  "spacing_y": 3.0,
  "spacing_z": 3.3299999237060547,
  "summary_bg_k": 130.92098705121813,
  "summary_bg_mad": 194.8718196446748,
  "summary_bg_mean": 1264.5892333984375,
  "summary_bg_median": 162.56387329101562,
  "summary_bg_n": 172103.0,
  "summary_bg_p05": 12.788981342315674,
  "summary_bg_p95": 5160.907080078123,
  "summary_bg_stdv": 3893.6015625,
  "summary_fg_k": 2.351593897415748,
  "summary_fg_mad": 9398.704837667416,
  "summary_fg_mean": 59144.046875,
  "summary_fg_median": 58056.59375,
  "summary_fg_n": 26012.0,
  "summary_fg_p05": 42972.8599609375,
  "summary_fg_p95": 78414.96718749999,
  "summary_fg_stdv": 11182.7041015625,
  "tsnr": 46.961971282958984
}