{
  "bids_meta": {
    "AcquisitionMatrixPE": 240,
    "AcquisitionNumber": 4,
    "AcquisitionTime": "09:10:33.720000",
    "BodyPartExamined": "BRAIN",
    "CoilString": "MULTI_COIL",
    "ConversionSoftware": "dcm2niix",
    "ConversionSoftwareVersion": "v1.0.20190410  (JP2:OpenJPEG) GCC6.3.0",
    "Dcm2bidsVersion": "2.1.4",
    "DeviceSerialNumber": "42451",
    "EchoTime": 0.003501,
    "EchoTrainLength": 240,
    "FlipAngle": 8,
    "ImageOrientationPatientDICOM": [
      0.010773,
      0.999568,
      0.0273604,
      0.00267327,
      0.0273331,
      -0.999623
    ],
    "ImageType": [
      "ORIGINAL",
      "PRIMARY",
      "M",
      "FFE",
      "M",
      "FFE"
    ],
    "ImagingFrequency": 127.766,
    "InPlanePhaseEncodingDirectionDICOM": "ROW",
    "InstitutionAddress": "Calzada_Mexico_Xochimilco_No.101_Tlalpan",
    "InstitutionName": "I.N._Psiquiatria",
    "InstitutionalDepartmentName": "Imagenes_Cerebrales",
    "MRAcquisitionType": "3D",
    "MagneticFieldStrength": 3,
    "Manufacturer": "Philips",
    "ManufacturersModelName": "Ingenia",
    "Modality": "MR",
    "PatientPosition": "HFS",
    "PercentPhaseFOV": 100,
    "PhaseEncodingSteps": 240,
    "PhilipsRescaleIntercept": 0,
    "PhilipsRescaleSlope": 3.38632,
    "PhilipsScaleSlope": 0.00515969,
    "PixelBandwidth": 310,
    "ProcedureStepDescription": "EDUARDO_TMS",
    "ProtocolName": "sT1W_3D_TFE_32_channel",
    "ReconMatrixPE": 240,
    "RepetitionTime": 0.007,
    "SAR": 0.0382114,
    "ScanOptions": "OTHER",
    "ScanningSequence": "GR",
    "SequenceVariant": "MP",
    "SeriesDescription": "sT1W_3D_TFE_32_channel",
    "SeriesNumber": 401,
    "SliceThickness": 1,
    "SoftwareVersions": "5.3.1_5.3.1.0",
    "SpacingBetweenSlices": 1,
    "StationName": "PHILIPS-CTMFQSD",
    "UsePhilipsFloatNotDisplayScaling": 1,
    "dataset": "<unset>",
    "modality": "T1w",
    "session_id": "t3",
    "subject_id": "003"
  },
  "cjv": 0.3911588849093727,
  "cnr": 3.2283339288820243,
  "efc": 0.7008751717149445,
  "fber": 70142.57975308642,
  "fwhm_avg": 4.26204,
  "fwhm_x": 4.15591,
  "fwhm_y": 4.53725,
  "fwhm_z": 4.09296,
  "icvs_csf": 0.20498593881576688,
  "icvs_gm": 0.38856614059543204,
  "icvs_wm": 0.4064479205888011,
  "inu_med": 1.8078669309616089,
  "inu_range": 0.6056455850601195,
  "provenance": {
    "md5sum": "4ff36a94af910bc10c493f83ee50efbb",
    "settings": {
      "testing": false
    },
    "software": "mriqc",
    "version": "21.0.0rc2",
    "warnings": {
      "large_rot_frame": true,
      "small_air_mask": false
    },
    "webapi_port": null,
    "webapi_url": "https://mriqc.nimh.nih.gov/api/v1"
  },
  "qi_1": 0.010372098075542065,
  "qi_2": 3.137660322593844e-05,
  "rpve_csf": 20.418845857218958,
  "rpve_gm": 10.976041848600698,
  "rpve_wm": 12.975526749464885,
  "size_x": 180,
  "size_y": 240,
  "size_z": 240,
  "snr_csf": 3.420324882691527,
  "snr_gm": 12.913828329680019,
  "snr_total": 15.671244274930862,
  "snr_wm": 30.679579612421044,
  "snrd_csf": 76.14256736075313,
  "snrd_gm": 160.23902461113755,
  "snrd_total": 147.43641330084603,
  "snrd_wm": 205.9276479306474,
  "spacing_x": 1.0,
  "spacing_y": 1.0,
  "spacing_z": 1.0,
  "summary_bg_k": 7.438355970439728,
  "summary_bg_mad": 3.1813909907260975,
  "summary_bg_mean": 4.303101542434856,
  "summary_bg_median": 2.1458156146109104,
  "summary_bg_n": 334452.0,
  "summary_bg_p05": 0.0,
  "summary_bg_p95": 15.719346944242716,
  "summary_bg_stdv": 5.484543768280678,
  "summary_csf_k": 1.153402712745807,
  "summary_csf_mad": 91.40950160563008,
  "summary_csf_mean": 394.6240615898773,
  "summary_csf_median": 369.753972010687,
  "summary_csf_n": 31092.0,
  "summary_csf_p05": 256.8491388000548,
  "summary_csf_p95": 595.8381032198668,
  "summary_csf_stdv": 108.10318859088663,
  "summary_gm_k": 0.3728652191107744,
  "summary_gm_mad": 57.33902367006338,
  "summary_gm_mean": 778.9883927260948,
  "summary_gm_median": 778.1326250843704,
  "summary_gm_n": 26693.0,
  "summary_gm_p05": 681.0718955397606,
  "summary_gm_p95": 880.2834288775921,
  "summary_gm_stdv": 60.25463785717019,
  "summary_wm_k": 1.0781679539018798,
  "summary_wm_mad": 29.44636312346481,
  "summary_wm_mean": 1000.0663748417189,
  "summary_wm_median": 999.9999790973961,
  "summary_wm_n": 295748.0,
  "summary_wm_p05": 947.4524478837848,
  "summary_wm_p95": 1052.9467318207026,
  "summary_wm_stdv": 32.59491495974187,
  "tpm_overlap_csf": 0.17288032174110413,
  "tpm_overlap_gm": 0.4235449731349945,
  "tpm_overlap_wm": 0.5023723840713501,
  "wm2max": 0.6593511450381679
}