{
  "aor": 0.0036449,
  "aqi": 0.0150436061,
  "bids_meta": {
    "AcquisitionMatrixPE": 70,
    "AcquisitionNumber": 3,
    "AcquisitionTime": "12:30:53.120000",
    "BodyPartExamined": "BRAIN",
    "CoilString": "MULTI_COIL",
    "ConversionSoftware": "dcm2niix",
    "ConversionSoftwareVersion": "v1.0.20190410  (JP2:OpenJPEG) GCC6.3.0",
    "Dcm2bidsVersion": "2.1.4",
    "DeviceSerialNumber": "42451",
    "EchoTime": 0.03,
    "EchoTrainLength": 35,
    "EffectiveEchoSpacing": 0.000698,
    "FlipAngle": 75,
    "ImageOrientationPatientDICOM": [
      0.999997,
      -0.000332259,
      -0.00240819,
      0.000338453,
      0.999997,
      0.00257216
    ],
    "ImageType": [
      "ORIGINAL",
      "PRIMARY",
      "M",
      "FFE",
      "M",
      "FFE"
    ],
    "ImagingFrequency": 127.76,
    "InPlanePhaseEncodingDirectionDICOM": "COL",
    "InstitutionAddress": "Calzada_Mexico_Xochimilco_No.101_Tlalpan",
    "InstitutionName": "I.N._Psiquiatria",
    "InstitutionalDepartmentName": "Imagenes_Cerebrales",
    "MRAcquisitionType": "2D",
    "MagneticFieldStrength": 3,
    "Manufacturer": "Philips",
    "ManufacturersModelName": "Ingenia",
    "Modality": "MR",
    "PartialFourier": 0.5,
    "PatientPosition": "HFS",
    "PercentPhaseFOV": 100,
    "PhaseEncodingAxis": "j",
    "PhaseEncodingDirection": "j-",
    "PhaseEncodingSteps": 70,
    "PhilipsRescaleIntercept": 0,
    "PhilipsRescaleSlope": 0.7663,
    "PhilipsScaleSlope": 0.0221251,
    "PixelBandwidth": 1819,
    "ProcedureStepDescription": "EDUARDO_TMS",
    "ProtocolName": "WIP_FE_EPI_32chSHC_AP",
    "ReconMatrixPE": 80,
    "RepetitionTime": 2,
    "SAR": 0.11996,
    "ScanOptions": "FS",
    "ScanningSequence": "GR",
    "SequenceVariant": "SK",
    "SeriesDescription": "FE_EPI_32chSHC_AP",
    "SeriesNumber": 301,
    "SliceThickness": 3.33,
    "SliceTiming": [
      0.0,
      1.027027,
      0.054054,
      1.081081,
      0.108108,
      1.135135,
      0.162162,
      1.189189,
      0.216216,
      1.243244,
      0.27027,
      1.297298,
      0.324324,
      1.351352,
      0.378378,
      1.405406,
      0.432432,
      1.45946,
      0.486486,
      1.513514,
      0.540541,
      1.567568,
      0.594595,
      1.621622,
      0.648649,
      1.675676,
      0.702703,
      1.72973,
      0.756757,
      1.783784,
      0.810811,
      1.837838,
      0.864865,
      1.891892,
      0.918919,
      1.945947,
      0.972973
    ],
    "SoftwareVersions": "5.3.1_5.3.1.0",
    "SpacingBetweenSlices": 3.33,
    "StationName": "PHILIPS-CTMFQSD",
    "TaskName": "rest",
    "TotalReadoutTime": 0.04884,
    "UsePhilipsFloatNotDisplayScaling": 1,
    "dataset": "<unset>",
    "modality": "bold",
    "session_id": "t4",
    "subject_id": "004",
    "task_id": "rest"
  },
  "dummy_trs": 0,
  "dvars_nstd": 38.77315984996653,
  "dvars_std": 1.269670605785952,
  "dvars_vstd": 0.985003723913043,
  "efc": 0.4297949057915441,
  "fber": 103369.6640625,
  "fd_mean": 0.34245312498679725,
  "fd_num": 53,
  "fd_perc": 17.666666666666668,
  "fwhm_avg": 2.1331069928207445,
  "fwhm_x": 2.0310466666666667,
  "fwhm_y": 2.293676666666667,
  "fwhm_z": 2.0745976451289008,
  "gcor": 0.0244006,
  "gsr_x": -0.008069329895079136,
  "gsr_y": 0.013625160790979862,
  "provenance": {
    "md5sum": "0faccf13cd885a686a6cb650abb71f07",
    "settings": {
      "fd_thres": 0.5,
      "testing": false
    },
    "software": "mriqc",
    "version": "22.0.0rc1",
    "webapi_port": null,
    "webapi_url": "https://mriqc.nimh.nih.gov/api/v1"
  },
  "size_t": 300,
  "size_x": 80,
  "size_y": 80,
  "size_z": 37,
  "snr": 3.8455864789738454,
  "spacing_tr": 1.9999983310699463,
  "spacing_x": 3.0,
  "spacing_y": 3.0,
  "spacing_z": 3.3299999237060547,
  "summary_bg_k": 135.3531615334917,
  "summary_bg_mad": 215.77932094953056,
  "summary_bg_mean": 1213.53076171875,
  "summary_bg_median": 172.9708251953125,
  "summary_bg_n": 157512.0,
  "summary_bg_p05": 12.629618406295776,
  "summary_bg_p95": 5507.675659179681,
  "summary_bg_stdv": 3204.605712890625,
  "summary_fg_k": 2.22533544205619,
  "summary_fg_mad": 10737.231131599296,
  "summary_fg_mean": 60142.03515625,
  "summary_fg_median": 57393.39453125,
  "summary_fg_n": 38247.0,
  "summary_fg_p05": 41556.9828125,
  "summary_fg_p95": 92394.97109374999,
  "summary_fg_stdv": 14924.2890625,
  "tsnr": 41.68256378173828
}