{
  "bids_meta": {
    "AcquisitionMatrixPE": 240,
    "AcquisitionNumber": 4,
    "AcquisitionTime": "09:54:13.730000",
    "BodyPartExamined": "BRAIN",
    "CoilString": "MULTI_COIL",
    "ConversionSoftware": "dcm2niix",
    "ConversionSoftwareVersion": "v1.0.20190410  (JP2:OpenJPEG) GCC6.3.0",
    "Dcm2bidsVersion": "2.1.4",
    "DeviceSerialNumber": "42451",
    "EchoTime": 0.0035,
    "EchoTrainLength": 240,
    "FlipAngle": 8,
    "ImageOrientationPatientDICOM": [
      -0.0042116,
      0.999969,
      -0.00663162,
      -0.00362181,
      -0.00664688,
      -0.999971
    ],
    "ImageType": [
      "ORIGINAL",
      "PRIMARY",
      "M",
      "FFE",
      "M",
      "FFE"
    ],
    "ImagingFrequency": 127.76,
    "InPlanePhaseEncodingDirectionDICOM": "ROW",
    "InstitutionAddress": "Calzada_Mexico_Xochimilco_No.101_Tlalpan",
    "InstitutionName": "I.N._Psiquiatria",
    "InstitutionalDepartmentName": "Imagenes_Cerebrales",
    "MRAcquisitionType": "3D",
    "MagneticFieldStrength": 3,
    "Manufacturer": "Philips",
    "ManufacturersModelName": "Ingenia",
    "Modality": "MR",
    "PatientPosition": "HFS",
    "PercentPhaseFOV": 100,
    "PhaseEncodingSteps": 240,
    "PhilipsRescaleIntercept": 0,
    "PhilipsRescaleSlope": 3.77607,
    "PhilipsScaleSlope": 0.00600095,
    "PixelBandwidth": 310,
    "ProcedureStepDescription": "EDUARDO_TMS",
    "ProtocolName": "WIP_sT1W_3D_TFE_32_channel",
    "ReconMatrixPE": 240,
    "RepetitionTime": 0.007,
    "SAR": 0.0382114,
    "ScanOptions": "OTHER",
    "ScanningSequence": "GR",
    "SequenceVariant": "MP",
    "SeriesDescription": "sT1W_3D_TFE_32_channel",
    "SeriesNumber": 401,
    "SliceThickness": 1,
    "SoftwareVersions": "5.3.1_5.3.1.0",
    "SpacingBetweenSlices": 1,
    "StationName": "PHILIPS-CTMFQSD",
    "UsePhilipsFloatNotDisplayScaling": 1,
    "dataset": "<unset>",
    "modality": "T1w",
    "session_id": "t0",
    "subject_id": "031"
  },
  "cjv": 0.5979670677119271,
  "cnr": 2.2883672951190945,
  "efc": 0.7496639567941112,
  "fber": 3892.630205422615,
  "fwhm_avg": 4.29696,
  "fwhm_x": 4.15338,
  "fwhm_y": 4.62775,
  "fwhm_z": 4.10975,
  "icvs_csf": 0.2143737706380831,
  "icvs_gm": 0.40527585389589565,
  "icvs_wm": 0.38035037546602124,
  "inu_med": 1.741670846939087,
  "inu_range": 0.7492303848266602,
  "provenance": {
    "md5sum": "deaa20750c82903ec0127814d52ece52",
    "settings": {
      "testing": false
    },
    "software": "mriqc",
    "version": "21.0.0rc2",
    "warnings": {
      "large_rot_frame": true,
      "small_air_mask": false
    },
    "webapi_port": null,
    "webapi_url": "https://mriqc.nimh.nih.gov/api/v1"
  },
  "qi_1": 0.0,
  "qi_2": 6.971146727846299e-05,
  "rpve_csf": 23.347923401009698,
  "rpve_gm": 12.573400407075024,
  "rpve_wm": 16.02975518008156,
  "size_x": 180,
  "size_y": 240,
  "size_z": 240,
  "snr_csf": 3.5098993586313547,
  "snr_gm": 10.337711134151975,
  "snr_total": 11.410846197925741,
  "snr_wm": 20.384928100993893,
  "snrd_csf": 25.928363625723478,
  "snrd_gm": 51.44503522817412,
  "snrd_total": 47.51017435684859,
  "snrd_wm": 65.15712421664819,
  "spacing_x": 1.0,
  "spacing_y": 1.0,
  "spacing_z": 1.0,
  "summary_bg_k": 6.49221344812954,
  "summary_bg_mad": 10.054715539173761,
  "summary_bg_mean": 12.131245717002654,
  "summary_bg_median": 6.781802572309971,
  "summary_bg_n": 434001.0,
  "summary_bg_p05": 0.0,
  "summary_bg_p95": 41.82813636213541,
  "summary_bg_stdv": 14.757630828820455,
  "summary_csf_k": 0.5646890119226335,
  "summary_csf_mad": 96.11308829061129,
  "summary_csf_mean": 421.86926651093177,
  "summary_csf_median": 397.9359559044242,
  "summary_csf_n": 32146.0,
  "summary_csf_p05": 272.3673008233309,
  "summary_csf_p95": 634.8146314658225,
  "summary_csf_stdv": 113.3735545345615,
  "summary_gm_k": -0.17266723564278186,
  "summary_gm_mad": 80.18791771614353,
  "summary_gm_mean": 794.2381542517786,
  "summary_gm_median": 789.5534622073174,
  "summary_gm_n": 23407.0,
  "summary_gm_p05": 679.191209167242,
  "summary_gm_p95": 924.8104066774249,
  "summary_gm_stdv": 76.37441074007937,
  "summary_wm_k": 0.6690161251092195,
  "summary_wm_mad": 45.65215564680757,
  "summary_wm_mean": 1001.1460153107106,
  "summary_wm_median": 999.9999569356441,
  "summary_wm_n": 221220.0,
  "summary_wm_p05": 921.9881658554077,
  "summary_wm_p95": 1082.8558927103877,
  "summary_wm_stdv": 49.05573822901825,
  "tpm_overlap_csf": 0.15244857966899872,
  "tpm_overlap_gm": 0.4285148084163666,
  "tpm_overlap_wm": 0.47918641567230225,
  "wm2max": 0.6088896868347483
}