{
  "aor": 0.002347266666666667,
  "aqi": 0.014659826200000002,
  "bids_meta": {
    "AcquisitionMatrixPE": 70,
    "AcquisitionNumber": 3,
    "AcquisitionTime": "09:34:55.810000",
    "BodyPartExamined": "BRAIN",
    "CoilString": "MULTI_COIL",
    "ConversionSoftware": "dcm2niix",
    "ConversionSoftwareVersion": "v1.0.20190410  (JP2:OpenJPEG) GCC6.3.0",
    "Dcm2bidsVersion": "2.1.4",
    "DeviceSerialNumber": "42451",
    "EchoTime": 0.03,
    "EchoTrainLength": 35,
    "EffectiveEchoSpacing": 0.000698,
    "FlipAngle": 75,
    "ImageOrientationPatientDICOM": [
      0.999985,
      0.00418695,
      -0.00365028,
      -0.0042116,
      0.999968,
      -0.00677073
    ],
    "ImageType": [
      "ORIGINAL",
      "PRIMARY",
      "M",
      "FFE",
      "M",
      "FFE"
    ],
    "ImagingFrequency": 127.759,
    "InPlanePhaseEncodingDirectionDICOM": "COL",
    "InstitutionAddress": "Calzada_Mexico_Xochimilco_No.101_Tlalpan",
    "InstitutionName": "I.N._Psiquiatria",
    "InstitutionalDepartmentName": "Imagenes_Cerebrales",
    "MRAcquisitionType": "2D",
    "MagneticFieldStrength": 3,
    "Manufacturer": "Philips",
    "ManufacturersModelName": "Ingenia",
    "Modality": "MR",
    "PartialFourier": 0.5,
    "PatientPosition": "HFS",
    "PercentPhaseFOV": 100,
    "PhaseEncodingAxis": "j",
    "PhaseEncodingDirection": "j-",
    "PhaseEncodingSteps": 70,
    "PhilipsRescaleIntercept": 0,
    "PhilipsRescaleSlope": 0.752381,
    "PhilipsScaleSlope": 0.0271074,
    "PixelBandwidth": 1819,
    "ProcedureStepDescription": "EDUARDO_TMS",
    "ProtocolName": "WIP_FE_EPI_32chSHC_AP",
    "ReconMatrixPE": 80,
    "RepetitionTime": 2,
    "SAR": 0.119138,
    "ScanOptions": "FS",
    "ScanningSequence": "GR",
    "SequenceVariant": "SK",
    "SeriesDescription": "FE_EPI_32chSHC_AP",
    "SeriesNumber": 301,
    "SliceThickness": 3.33,
    "SliceTiming": [
      0.0,
      1.027027,
      0.054054,
      1.081081,
      0.108108,
      1.135135,
      0.162162,
      1.189189,
      0.216216,
      1.243244,
      0.27027,
      1.297298,
      0.324324,
      1.351352,
      0.378378,
      1.405406,
      0.432432,
      1.45946,
      0.486486,
      1.513514,
      0.540541,
      1.567568,
      0.594595,
      1.621622,
      0.648649,
      1.675676,
      0.702703,
      1.72973,
      0.756757,
      1.783784,
      0.810811,
      1.837838,
      0.864865,
      1.891892,
      0.918919,
      1.945947,
      0.972973
    ],
    "SoftwareVersions": "5.3.1_5.3.1.1",
    "SpacingBetweenSlices": 3.33,
    "StationName": "PHILIPS-CTMFQSD",
    "TaskName": "rest",
    "TotalReadoutTime": 0.04884,
    "UsePhilipsFloatNotDisplayScaling": 1,
    "dataset": "<unset>",
    "modality": "bold",
    "session_id": "t1",
    "subject_id": "019",
    "task_id": "rest"
  },
  "dummy_trs": 0,
  "dvars_nstd": 27.69587087488294,
  "dvars_std": 1.154842376889632,
  "dvars_vstd": 0.9985657940468238,
  "efc": 0.4011027755427563,
  "fber": 118674.1796875,
  "fd_mean": 0.20488685344648594,
  "fd_num": 9,
  "fd_perc": 3.0,
  "fwhm_avg": 1.8660139272792928,
  "fwhm_x": 1.8825033333333332,
  "fwhm_y": 1.9654633333333333,
  "fwhm_z": 1.7500751151712117,
  "gcor": 0.0517803,
  "gsr_x": -0.0010292261140421033,
  "gsr_y": 0.008197424001991749,
  "provenance": {
    "md5sum": "212e2f4e181d8ac0380f80f5c4aa5d51",
    "settings": {
      "fd_thres": 0.5,
      "testing": false
    },
    "software": "mriqc",
    "version": "22.0.0rc1",
    "webapi_port": null,
    "webapi_url": "https://mriqc.nimh.nih.gov/api/v1"
  },
  "size_t": 300,
  "size_x": 80,
  "size_y": 80,
  "size_z": 37,
  "snr": 5.933186561796261,
  "spacing_tr": 2.0000016689300537,
  "spacing_x": 3.0,
  "spacing_y": 3.0,
  "spacing_z": 3.3299999237060547,
  "summary_bg_k": 160.86742196195982,
  "summary_bg_mad": 195.46319719699224,
  "summary_bg_mean": 1281.46630859375,
  "summary_bg_median": 164.4044189453125,
  "summary_bg_n": 166362.0,
  "summary_bg_p05": 11.102882051467896,
  "summary_bg_p95": 5984.507153320302,
  "summary_bg_stdv": 3792.8310546875,
  "summary_fg_k": 3.562399398029604,
  "summary_fg_mad": 7536.014953929731,
  "summary_fg_mean": 57993.8828125,
  "summary_fg_median": 57222.7421875,
  "summary_fg_n": 30582.0,
  "summary_fg_p05": 44336.691796875,
  "summary_fg_p95": 74107.623828125,
  "summary_fg_stdv": 9644.36328125,
  "tsnr": 52.30619812011719
}