{
  "bids_meta": {
    "AcquisitionMatrixPE": 240,
    "AcquisitionNumber": 4,
    "AcquisitionTime": "10:13:54.320000",
    "BodyPartExamined": "BRAIN",
    "CoilString": "MULTI_COIL",
    "ConversionSoftware": "dcm2niix",
    "ConversionSoftwareVersion": "v1.0.20190410  (JP2:OpenJPEG) GCC6.3.0",
    "Dcm2bidsVersion": "2.1.4",
    "DeviceSerialNumber": "42451",
    "EchoTime": 0.0035,
    "EchoTrainLength": 240,
    "FlipAngle": 8,
    "ImageOrientationPatientDICOM": [
      -0.0042116,
      0.99999,
      0.00151066,
      -0.00362181,
      0.00149541,
      -0.999992
    ],
    "ImageType": [
      "ORIGINAL",
      "PRIMARY",
      "M",
      "FFE",
      "M",
      "FFE"
    ],
    "ImagingFrequency": 127.76,
    "InPlanePhaseEncodingDirectionDICOM": "ROW",
    "InstitutionAddress": "Calzada_Mexico_Xochimilco_No.101_Tlalpan",
    "InstitutionName": "I.N._Psiquiatria",
    "InstitutionalDepartmentName": "Imagenes_Cerebrales",
    "MRAcquisitionType": "3D",
    "MagneticFieldStrength": 3,
    "Manufacturer": "Philips",
    "ManufacturersModelName": "Ingenia",
    "Modality": "MR",
    "PatientPosition": "HFS",
    "PercentPhaseFOV": 100,
    "PhaseEncodingSteps": 240,
    "PhilipsRescaleIntercept": 0,
    "PhilipsRescaleSlope": 3.78926,
    "PhilipsScaleSlope": 0.00575325,
    "PixelBandwidth": 310,
    "ProcedureStepDescription": "EDUARDO_TDM",
    "ProtocolName": "WIP_sT1W_3D_TFE_32_channel",
    "ReconMatrixPE": 240,
    "RepetitionTime": 0.007,
    "SAR": 0.0382114,
    "ScanOptions": "OTHER",
    "ScanningSequence": "GR",
    "SequenceVariant": "MP",
    "SeriesDescription": "sT1W_3D_TFE_32_channel",
    "SeriesNumber": 401,
    "SliceThickness": 1,
    "SoftwareVersions": "5.3.1_5.3.1.0",
    "SpacingBetweenSlices": 1,
    "StationName": "PHILIPS-CTMFQSD",
    "UsePhilipsFloatNotDisplayScaling": 1,
    "dataset": "<unset>",
    "modality": "T1w",
    "session_id": "t1",
    "subject_id": "026"
  },
  "cjv": 0.46093393052776527,
  "cnr": 2.673901501280577,
  "efc": 0.706740793167669,
  "fber": 12041.21806158465,
  "fwhm_avg": 4.164476666666666,
  "fwhm_x": 4.10176,
  "fwhm_y": 4.39047,
  "fwhm_z": 4.0012,
  "icvs_csf": 0.200371779428709,
  "icvs_gm": 0.3960973710526723,
  "icvs_wm": 0.40353084951861873,
  "inu_med": 1.7457282543182373,
  "inu_range": 0.6772620916366572,
  "provenance": {
    "md5sum": "b502bdcc2e7817b59c970e344cabddd2",
    "settings": {
      "testing": false
    },
    "software": "mriqc",
    "version": "21.0.0rc2",
    "warnings": {
      "large_rot_frame": true,
      "small_air_mask": false
    },
    "webapi_port": null,
    "webapi_url": "https://mriqc.nimh.nih.gov/api/v1"
  },
  "qi_1": 8.72194803463361e-06,
  "qi_2": 9.420647266446058e-06,
  "rpve_csf": 29.17744878587822,
  "rpve_gm": 15.312898851785778,
  "rpve_wm": 18.58972637718192,
  "size_x": 180,
  "size_y": 240,
  "size_z": 240,
  "snr_csf": 3.641279279938229,
  "snr_gm": 11.849609656351914,
  "snr_total": 13.722076397674266,
  "snr_wm": 25.675340256732657,
  "snrd_csf": 32.04660937376494,
  "snrd_gm": 60.84408072071971,
  "snrd_total": 56.79397000107812,
  "snrd_wm": 77.49121990874971,
  "spacing_x": 1.0,
  "spacing_y": 1.0,
  "spacing_z": 1.0,
  "summary_bg_k": 67.93112702708873,
  "summary_bg_mad": 8.454645797906666,
  "summary_bg_mean": 11.067907907157936,
  "summary_bg_median": 5.7025719322264194,
  "summary_bg_n": 481282.0,
  "summary_bg_p05": 0.0,
  "summary_bg_p95": 33.91725789755583,
  "summary_bg_stdv": 23.400411210120822,
  "summary_csf_k": -0.16945438463456375,
  "summary_csf_mad": 111.87209423439246,
  "summary_csf_mean": 439.7603400988791,
  "summary_csf_median": 413.5669160783291,
  "summary_csf_n": 16220.0,
  "summary_csf_p05": 284.12039680238814,
  "summary_csf_p95": 635.7827264608815,
  "summary_csf_stdv": 113.57386660463833,
  "summary_gm_k": 0.27749580164748844,
  "summary_gm_mad": 63.658509537179604,
  "summary_gm_mean": 788.8194178691274,
  "summary_gm_median": 785.2031561844051,
  "summary_gm_n": 17162.0,
  "summary_gm_p05": 686.6567497216165,
  "summary_gm_p95": 904.9143042923881,
  "summary_gm_stdv": 66.26212191020554,
  "summary_wm_k": 0.8657660889589489,
  "summary_wm_mad": 35.36583863176645,
  "summary_wm_mean": 998.2890465218073,
  "summary_wm_median": 1000.0373040102422,
  "summary_wm_n": 202805.0,
  "summary_wm_p05": 930.5255611762404,
  "summary_wm_p95": 1058.3302615396678,
  "summary_wm_stdv": 38.94923410919748,
  "tpm_overlap_csf": 0.15908491611480713,
  "tpm_overlap_gm": 0.44073569774627686,
  "tpm_overlap_wm": 0.5057438015937805,
  "wm2max": 0.7173296781806456
}