{
  "bids_meta": {
    "AcquisitionMatrixPE": 240,
    "AcquisitionNumber": 4,
    "AcquisitionTime": "11:31:41.850000",
    "BodyPartExamined": "BRAIN",
    "CoilString": "MULTI_COIL",
    "ConversionSoftware": "dcm2niix",
    "ConversionSoftwareVersion": "v1.0.20190410  (JP2:OpenJPEG) GCC6.3.0",
    "Dcm2bidsVersion": "2.1.4",
    "DeviceSerialNumber": "42451",
    "EchoTime": 0.0035,
    "EchoTrainLength": 240,
    "FlipAngle": 8,
    "ImageOrientationPatientDICOM": [
      0.0756476,
      0.99708,
      0.0104158,
      -0.0918846,
      0.0173718,
      -0.995618
    ],
    "ImageType": [
      "ORIGINAL",
      "PRIMARY",
      "M",
      "FFE",
      "M",
      "FFE"
    ],
    "ImagingFrequency": 127.76,
    "InPlanePhaseEncodingDirectionDICOM": "ROW",
    "InstitutionAddress": "Calzada_Mexico_Xochimilco_No.101_Tlalpan",
    "InstitutionName": "I.N._Psiquiatria",
    "InstitutionalDepartmentName": "Imagenes_Cerebrales",
    "MRAcquisitionType": "3D",
    "MagneticFieldStrength": 3,
    "Manufacturer": "Philips",
    "ManufacturersModelName": "Ingenia",
    "Modality": "MR",
    "PatientPosition": "HFS",
    "PercentPhaseFOV": 100,
    "PhaseEncodingSteps": 240,
    "PhilipsRescaleIntercept": 0,
    "PhilipsRescaleSlope": 4.38462,
    "PhilipsScaleSlope": 0.00621507,
    "PixelBandwidth": 310,
    "ProcedureStepDescription": "EDUARDO_TMS",
    "ProtocolName": "sT1W_3D_TFE_32_channel",
    "ReconMatrixPE": 240,
    "RepetitionTime": 0.007,
    "SAR": 0.0382114,
    "ScanOptions": "OTHER",
    "ScanningSequence": "GR",
    "SequenceVariant": "MP",
    "SeriesDescription": "sT1W_3D_TFE_32_channel",
    "SeriesNumber": 401,
    "SliceThickness": 1,
    "SoftwareVersions": "5.3.1_5.3.1.0",
    "SpacingBetweenSlices": 1,
    "StationName": "PHILIPS-CTMFQSD",
    "UsePhilipsFloatNotDisplayScaling": 1,
    "dataset": "<unset>",
    "modality": "T1w",
    "session_id": "t0",
    "subject_id": "028"
  },
  "cjv": 0.6398347738478283,
  "cnr": 2.0422395101878137,
  "efc": 0.7757965578043685,
  "fber": 2165.2637254512993,
  "fwhm_avg": 4.00938,
  "fwhm_x": 3.929,
  "fwhm_y": 4.25562,
  "fwhm_z": 3.84352,
  "icvs_csf": 0.2199205181970971,
  "icvs_gm": 0.4051128923443201,
  "icvs_wm": 0.37496658945858286,
  "inu_med": 1.9126344919204712,
  "inu_range": 0.91849160194397,
  "provenance": {
    "md5sum": "5aab2f387a772f66388881b39109bc1b",
    "settings": {
      "testing": false
    },
    "software": "mriqc",
    "version": "21.0.0rc2",
    "warnings": {
      "large_rot_frame": true,
      "small_air_mask": true
    },
    "webapi_port": null,
    "webapi_url": "https://mriqc.nimh.nih.gov/api/v1"
  },
  "qi_1": 0.0,
  "qi_2": 0.00013151054169138922,
  "rpve_csf": 25.366282722513088,
  "rpve_gm": 13.910744480705425,
  "rpve_wm": 17.931605235842813,
  "size_x": 180,
  "size_y": 240,
  "size_z": 240,
  "snr_csf": 3.73103505285834,
  "snr_gm": 9.195489830892788,
  "snr_total": 11.02752136173386,
  "snr_wm": 20.156039201450454,
  "snrd_csf": 41.86134129265159,
  "snrd_gm": 90.4684461737316,
  "snrd_total": 82.05073606989015,
  "snrd_wm": 113.82242074328725,
  "spacing_x": 1.0,
  "spacing_y": 1.0,
  "spacing_z": 1.0,
  "summary_bg_k": 467.48518311575504,
  "summary_bg_mad": 5.756014112498168,
  "summary_bg_mean": 10.848946839316117,
  "summary_bg_median": 7.269123017787933,
  "summary_bg_n": 205205.0,
  "summary_bg_p05": 0.0,
  "summary_bg_p95": 32.09152605012059,
  "summary_bg_stdv": 12.71113369688362,
  "summary_csf_k": 2.3286115811109855,
  "summary_csf_mad": 78.31853244558677,
  "summary_csf_mean": 386.61149605141367,
  "summary_csf_median": 367.7928435988724,
  "summary_csf_n": 32643.0,
  "summary_csf_p05": 266.43813970312476,
  "summary_csf_p95": 588.9600415986031,
  "summary_csf_stdv": 98.57511515744294,
  "summary_gm_k": -0.01857277372824484,
  "summary_gm_mad": 83.95207817271263,
  "summary_gm_mean": 802.6704447371757,
  "summary_gm_median": 794.8538208939135,
  "summary_gm_n": 18146.0,
  "summary_gm_p05": 671.6091442741454,
  "summary_gm_p95": 958.3058342058212,
  "summary_gm_stdv": 86.43714838285184,
  "summary_wm_k": 0.4247982278258098,
  "summary_wm_mad": 47.334030946394506,
  "summary_wm_mean": 999.8754972881524,
  "summary_wm_median": 1000.0413388051093,
  "summary_wm_n": 193622.0,
  "summary_wm_p05": 917.1485553011298,
  "summary_wm_p95": 1080.2082011774182,
  "summary_wm_stdv": 49.614844779220334,
  "tpm_overlap_csf": 0.1716296523809433,
  "tpm_overlap_gm": 0.4425632059574127,
  "tpm_overlap_wm": 0.5009976625442505,
  "wm2max": 0.6958758142314748
}