{
  "aor": 0.0034319666666666666,
  "aqi": 0.017495565766666665,
  "bids_meta": {
    "AcquisitionMatrixPE": 70,
    "AcquisitionNumber": 3,
    "AcquisitionTime": "11:21:2.490000",
    "BodyPartExamined": "BRAIN",
    "CoilString": "MULTI_COIL",
    "ConversionSoftware": "dcm2niix",
    "ConversionSoftwareVersion": "v1.0.20190410  (JP2:OpenJPEG) GCC6.3.0",
    "Dcm2bidsVersion": "2.1.4",
    "DeviceSerialNumber": "42451",
    "EchoTime": 0.03,
    "EchoTrainLength": 35,
    "EffectiveEchoSpacing": 0.000698,
    "FlipAngle": 75,
    "ImageOrientationPatientDICOM": [
      0.999985,
      0.00424786,
      -0.00357921,
      -0.0042116,
      0.99994,
      0.0100798
    ],
    "ImageType": [
      "ORIGINAL",
      "PRIMARY",
      "M",
      "FFE",
      "M",
      "FFE"
    ],
    "ImagingFrequency": 127.76,
    "InPlanePhaseEncodingDirectionDICOM": "COL",
    "InstitutionAddress": "Calzada_Mexico_Xochimilco_No.101_Tlalpan",
    "InstitutionName": "I.N._Psiquiatria",
    "InstitutionalDepartmentName": "Imagenes_Cerebrales",
    "MRAcquisitionType": "2D",
    "MagneticFieldStrength": 3,
    "Manufacturer": "Philips",
    "ManufacturersModelName": "Ingenia",
    "Modality": "MR",
    "PartialFourier": 0.5,
    "PatientPosition": "HFS",
    "PercentPhaseFOV": 100,
    "PhaseEncodingAxis": "j",
    "PhaseEncodingDirection": "j-",
    "PhaseEncodingSteps": 70,
    "PhilipsRescaleIntercept": 0,
    "PhilipsRescaleSlope": 0.792186,
    "PhilipsScaleSlope": 0.0269855,
    "PixelBandwidth": 1819,
    "ProcedureStepDescription": "EDUARDO_TMS",
    "ProtocolName": "FE_EPI_32chSHC_AP",
    "ReconMatrixPE": 80,
    "RepetitionTime": 2,
    "SAR": 0.119138,
    "ScanOptions": "FS",
    "ScanningSequence": "GR",
    "SequenceVariant": "SK",
    "SeriesDescription": "FE_EPI_32chSHC_AP",
    "SeriesNumber": 301,
    "SliceThickness": 3.33,
    "SliceTiming": [
      0.0,
      1.027027,
      0.054054,
      1.081081,
      0.108108,
      1.135135,
      0.162162,
      1.189189,
      0.216216,
      1.243244,
      0.27027,
      1.297298,
      0.324324,
      1.351352,
      0.378378,
      1.405406,
      0.432432,
      1.45946,
      0.486486,
      1.513514,
      0.540541,
      1.567568,
      0.594595,
      1.621622,
      0.648649,
      1.675676,
      0.702703,
      1.72973,
      0.756757,
      1.783784,
      0.810811,
      1.837838,
      0.864865,
      1.891892,
      0.918919,
      1.945947,
      0.972973
    ],
    "SoftwareVersions": "5.3.1_5.3.1.0",
    "SpacingBetweenSlices": 3.33,
    "StationName": "PHILIPS-CTMFQSD",
    "TaskName": "rest",
    "TotalReadoutTime": 0.04884,
    "UsePhilipsFloatNotDisplayScaling": 1,
    "dataset": "<unset>",
    "modality": "bold",
    "session_id": "t0",
    "subject_id": "028",
    "task_id": "rest"
  },
  "dummy_trs": 0,
  "dvars_nstd": 25.397922847859537,
  "dvars_std": 1.2155659622742478,
  "dvars_vstd": 0.9642893427424749,
  "efc": 0.40166995791046495,
  "fber": 153274.578125,
  "fd_mean": 0.140985396736047,
  "fd_num": 11,
  "fd_perc": 3.6666666666666665,
  "fwhm_avg": 1.9914048890896154,
  "fwhm_x": 1.9755500000000001,
  "fwhm_y": 2.137373333333333,
  "fwhm_z": 1.8612913339355133,
  "gcor": 0.0298086,
  "gsr_x": -0.009766138158738613,
  "gsr_y": 0.005410816986113787,
  "provenance": {
    "md5sum": "5a69d4d1d7c03f56be37dfbfc0b88b7e",
    "settings": {
      "fd_thres": 0.5,
      "testing": false
    },
    "software": "mriqc",
    "version": "22.0.0rc1",
    "webapi_port": null,
    "webapi_url": "https://mriqc.nimh.nih.gov/api/v1"
  },
  "size_t": 300,
  "size_x": 80,
  "size_y": 80,
  "size_z": 37,
  "snr": 5.436014673683762,
  "spacing_tr": 2.0000016689300537,
  "spacing_x": 3.0,
  "spacing_y": 3.0,
  "spacing_z": 3.3299999237060547,
  "summary_bg_k": 66.05787368790706,
  "summary_bg_mad": 155.8936545341333,
  "summary_bg_mean": 1343.412353515625,
  "summary_bg_median": 136.9175262451172,
  "summary_bg_n": 166739.0,
  "summary_bg_p05": 13.268017196655272,
  "summary_bg_p95": 6888.3113281250035,
  "summary_bg_stdv": 4099.09375,
  "summary_fg_k": 2.24084195745509,
  "summary_fg_mad": 8368.15440614058,
  "summary_fg_mean": 56184.14453125,
  "summary_fg_median": 55278.33203125,
  "summary_fg_n": 30167.0,
  "summary_fg_p05": 41145.931640625,
  "summary_fg_p95": 73784.44609375,
  "summary_fg_stdv": 10168.7392578125,
  "tsnr": 46.543617248535156
}