{
  "aor": 0.0112516,
  "aqi": 0.038770890999999995,
  "bids_meta": {
    "AcquisitionMatrixPE": 70,
    "AcquisitionNumber": 3,
    "AcquisitionTime": "10:18:44.500000",
    "CoilString": "MULTI_COIL",
    "ConversionSoftware": "dcm2niix",
    "ConversionSoftwareVersion": "v1.0.20190410  (JP2:OpenJPEG) GCC6.3.0",
    "Dcm2bidsVersion": "2.1.4",
    "DeviceSerialNumber": "42451",
    "EchoTime": 0.03,
    "EchoTrainLength": 35,
    "EffectiveEchoSpacing": 0.000698,
    "FlipAngle": 75,
    "ImageOrientationPatientDICOM": [
      0.999991,
      0.00420425,
      0.000603955,
      -0.00420301,
      0.999989,
      -0.00203739
    ],
    "ImageType": [
      "ORIGINAL",
      "PRIMARY",
      "M",
      "FFE",
      "M",
      "FFE"
    ],
    "ImagingFrequency": 127.766,
    "InPlanePhaseEncodingDirectionDICOM": "COL",
    "InstitutionAddress": "Calzada_Mexico_Xochimilco_No.101_Tlalpan",
    "InstitutionName": "I.N._Psiquiatria",
    "InstitutionalDepartmentName": "Imagenes_Cerebrales",
    "MRAcquisitionType": "2D",
    "MagneticFieldStrength": 3,
    "Manufacturer": "Philips",
    "ManufacturersModelName": "Ingenia",
    "Modality": "MR",
    "PartialFourier": 0.5,
    "PatientPosition": "HFS",
    "PercentPhaseFOV": 100,
    "PhaseEncodingAxis": "j",
    "PhaseEncodingDirection": "j-",
    "PhaseEncodingSteps": 70,
    "PhilipsRescaleIntercept": 0,
    "PhilipsRescaleSlope": 0.815385,
    "PhilipsScaleSlope": 0.0706595,
    "PixelBandwidth": 1819,
    "ProcedureStepDescription": "EDUARDO_TDM",
    "ProtocolName": "WIP_FE_EPI_32chSHC_AP_SENSE",
    "ReconMatrixPE": 80,
    "RepetitionTime": 2,
    "SAR": 0.119138,
    "ScanOptions": "FS",
    "ScanningSequence": "GR",
    "SequenceVariant": "SK",
    "SeriesDescription": "FE_EPI_32chSHC_AP",
    "SeriesNumber": 301,
    "SliceThickness": 3.33,
    "SliceTiming": [
      0.0,
      1.027027,
      0.054054,
      1.081081,
      0.108108,
      1.135135,
      0.162162,
      1.189189,
      0.216216,
      1.243244,
      0.27027,
      1.297298,
      0.324324,
      1.351352,
      0.378378,
      1.405406,
      0.432432,
      1.45946,
      0.486486,
      1.513514,
      0.540541,
      1.567568,
      0.594595,
      1.621622,
      0.648649,
      1.675676,
      0.702703,
      1.72973,
      0.756757,
      1.783784,
      0.810811,
      1.837838,
      0.864865,
      1.891892,
      0.918919,
      1.945947,
      0.972973
    ],
    "SoftwareVersions": "5.1.7_5.1.7.2",
    "SpacingBetweenSlices": 3.33,
    "StationName": "INGENIA",
    "TaskName": "rest",
    "TotalReadoutTime": 0.04884,
    "UsePhilipsFloatNotDisplayScaling": 1,
    "dataset": "<unset>",
    "modality": "bold",
    "session_id": "t14",
    "subject_id": "012",
    "task_id": "rest"
  },
  "dummy_trs": 0,
  "dvars_nstd": 36.79569076618731,
  "dvars_std": 1.1617562709030103,
  "dvars_vstd": 0.9620537128428094,
  "efc": 0.4332910843949552,
  "fber": 185473.421875,
  "fd_mean": 0.3726130434854649,
  "fd_num": 59,
  "fd_perc": 19.666666666666668,
  "fwhm_avg": 1.9227978414992613,
  "fwhm_x": 1.9044166666666669,
  "fwhm_y": 2.0738266666666667,
  "fwhm_z": 1.7901501911644506,
  "gcor": 0.0546578,
  "gsr_x": -0.010259008966386318,
  "gsr_y": 0.01168912835419178,
  "provenance": {
    "md5sum": "e44316b86ccf86f6be1d2b203c005e5f",
    "settings": {
      "fd_thres": 0.5,
      "testing": false
    },
    "software": "mriqc",
    "version": "22.0.0rc1",
    "webapi_port": null,
    "webapi_url": "https://mriqc.nimh.nih.gov/api/v1"
  },
  "size_t": 300,
  "size_x": 80,
  "size_y": 80,
  "size_z": 37,
  "snr": 5.544902107180311,
  "spacing_tr": 2.0000016689300537,
  "spacing_x": 3.0,
  "spacing_y": 3.0,
  "spacing_z": 3.3299999237060547,
  "summary_bg_k": 101.79030873658655,
  "summary_bg_mad": 52.43847593603505,
  "summary_bg_mean": 476.0518493652344,
  "summary_bg_median": 45.93635559082031,
  "summary_bg_n": 159494.0,
  "summary_bg_p05": 6.586225914955139,
  "summary_bg_p95": 2268.193835449219,
  "summary_bg_stdv": 1278.6025390625,
  "summary_fg_k": 2.7890013492652788,
  "summary_fg_mad": 2900.8256209508017,
  "summary_fg_mean": 20260.556640625,
  "summary_fg_median": 19880.40625,
  "summary_fg_n": 36842.0,
  "summary_fg_p05": 15302.54248046875,
  "summary_fg_p95": 26596.03251953124,
  "summary_fg_stdv": 3585.2998046875,
  "tsnr": 31.59953498840332
}