{
  "aor": 0.0010233333333333333,
  "aqi": 0.006495839533333333,
  "bids_meta": {
    "AcquisitionMatrixPE": 70,
    "AcquisitionNumber": 3,
    "AcquisitionTime": "11:18:43.940000",
    "BodyPartExamined": "BRAIN",
    "CoilString": "MULTI_COIL",
    "ConversionSoftware": "dcm2niix",
    "ConversionSoftwareVersion": "v1.0.20190410  (JP2:OpenJPEG) GCC6.3.0",
    "Dcm2bidsVersion": "2.1.4",
    "DeviceSerialNumber": "42451",
    "EchoTime": 0.03,
    "EchoTrainLength": 35,
    "EffectiveEchoSpacing": 0.000698,
    "FlipAngle": 75,
    "ImageOrientationPatientDICOM": [
      0.996347,
      -0.0793783,
      0.0315035,
      0.0789853,
      0.996784,
      0.0135292
    ],
    "ImageType": [
      "ORIGINAL",
      "PRIMARY",
      "M",
      "FFE",
      "M",
      "FFE"
    ],
    "ImagingFrequency": 127.76,
    "InPlanePhaseEncodingDirectionDICOM": "COL",
    "InstitutionAddress": "Calzada_Mexico_Xochimilco_No.101_Tlalpan",
    "InstitutionName": "I.N._Psiquiatria",
    "InstitutionalDepartmentName": "Imagenes_Cerebrales",
    "MRAcquisitionType": "2D",
    "MagneticFieldStrength": 3,
    "Manufacturer": "Philips",
    "ManufacturersModelName": "Ingenia",
    "Modality": "MR",
    "PartialFourier": 0.5,
    "PatientPosition": "HFS",
    "PercentPhaseFOV": 100,
    "PhaseEncodingAxis": "j",
    "PhaseEncodingDirection": "j-",
    "PhaseEncodingSteps": 70,
    "PhilipsRescaleIntercept": 0,
    "PhilipsRescaleSlope": 0.758486,
    "PhilipsScaleSlope": 0.0200888,
    "PixelBandwidth": 1819,
    "ProcedureStepDescription": "EDUARDO_TMS",
    "ProtocolName": "FE_EPI_32chSHC_AP",
    "ReconMatrixPE": 80,
    "RepetitionTime": 2,
    "SAR": 0.119205,
    "ScanOptions": "FS",
    "ScanningSequence": "GR",
    "SequenceVariant": "SK",
    "SeriesDescription": "FE_EPI_32chSHC_AP",
    "SeriesNumber": 301,
    "SliceThickness": 3.33,
    "SliceTiming": [
      0.0,
      1.027027,
      0.054054,
      1.081081,
      0.108108,
      1.135135,
      0.162162,
      1.189189,
      0.216216,
      1.243244,
      0.27027,
      1.297298,
      0.324324,
      1.351352,
      0.378378,
      1.405406,
      0.432432,
      1.45946,
      0.486486,
      1.513514,
      0.540541,
      1.567568,
      0.594595,
      1.621622,
      0.648649,
      1.675676,
      0.702703,
      1.72973,
      0.756757,
      1.783784,
      0.810811,
      1.837838,
      0.864865,
      1.891892,
      0.918919,
      1.945947,
      0.972973
    ],
    "SoftwareVersions": "5.3.1_5.3.1.1",
    "SpacingBetweenSlices": 3.33,
    "StationName": "PHILIPS-CTMFQSD",
    "TaskName": "rest",
    "TotalReadoutTime": 0.04884,
    "UsePhilipsFloatNotDisplayScaling": 1,
    "dataset": "<unset>",
    "modality": "bold",
    "session_id": "t0",
    "subject_id": "023",
    "task_id": "rest"
  },
  "dummy_trs": 0,
  "dvars_nstd": 27.78041986943144,
  "dvars_std": 1.2761760221070237,
  "dvars_vstd": 0.9776438350501674,
  "efc": 0.4047284452457,
  "fber": 96880.9609375,
  "fd_mean": 0.10176952087119971,
  "fd_num": 0,
  "fd_perc": 0.0,
  "fwhm_avg": 1.933683067358429,
  "fwhm_x": 1.8299,
  "fwhm_y": 2.09799,
  "fwhm_z": 1.873159202075287,
  "gcor": 0.100181,
  "gsr_x": -0.018857335671782494,
  "gsr_y": 0.027751702815294266,
  "provenance": {
    "md5sum": "46f98d389c9e3003aba766b64a110646",
    "settings": {
      "fd_thres": 0.5,
      "testing": false
    },
    "software": "mriqc",
    "version": "22.0.0rc1",
    "webapi_port": null,
    "webapi_url": "https://mriqc.nimh.nih.gov/api/v1"
  },
  "size_t": 300,
  "size_x": 80,
  "size_y": 80,
  "size_z": 37,
  "snr": 4.67330337476527,
  "spacing_tr": 2.0000016689300537,
  "spacing_x": 3.0,
  "spacing_y": 3.0,
  "spacing_z": 3.3299999237060547,
  "summary_bg_k": 167.4056321712347,
  "summary_bg_mad": 234.96475577489198,
  "summary_bg_mean": 1505.9837646484375,
  "summary_bg_median": 217.82713317871094,
  "summary_bg_n": 164331.0,
  "summary_bg_p05": 18.982121467590332,
  "summary_bg_p95": 6972.601318359375,
  "summary_bg_stdv": 4773.1650390625,
  "summary_fg_k": 1.893227299239454,
  "summary_fg_mad": 12212.353737740836,
  "summary_fg_mean": 71932.3515625,
  "summary_fg_median": 69903.3828125,
  "summary_fg_n": 32686.0,
  "summary_fg_p05": 51660.4013671875,
  "summary_fg_p95": 100516.8671875,
  "summary_fg_stdv": 14957.794921875,
  "tsnr": 63.21955871582031
}