{
  "bids_meta": {
    "AcquisitionMatrixPE": 240,
    "AcquisitionNumber": 4,
    "AcquisitionTime": "10:16:35.000000",
    "BodyPartExamined": "BRAIN",
    "CoilString": "MULTI_COIL",
    "ConversionSoftware": "dcm2niix",
    "ConversionSoftwareVersion": "v1.0.20190410  (JP2:OpenJPEG) GCC6.3.0",
    "Dcm2bidsVersion": "2.1.4",
    "DeviceSerialNumber": "42451",
    "EchoTime": 0.003501,
    "EchoTrainLength": 240,
    "FlipAngle": 8,
    "ImageOrientationPatientDICOM": [
      0.0659665,
      0.993076,
      -0.0971997,
      0.0422036,
      -0.100102,
      -0.994082
    ],
    "ImageType": [
      "ORIGINAL",
      "PRIMARY",
      "M",
      "FFE",
      "M",
      "FFE"
    ],
    "ImagingFrequency": 127.766,
    "InPlanePhaseEncodingDirectionDICOM": "ROW",
    "InstitutionAddress": "Calzada_Mexico_Xochimilco_No.101_Tlalpan",
    "InstitutionName": "I.N._Psiquiatria",
    "InstitutionalDepartmentName": "Imagenes_Cerebrales",
    "MRAcquisitionType": "3D",
    "MagneticFieldStrength": 3,
    "Manufacturer": "Philips",
    "ManufacturersModelName": "Ingenia",
    "Modality": "MR",
    "PatientPosition": "HFS",
    "PercentPhaseFOV": 100,
    "PhaseEncodingSteps": 240,
    "PhilipsRescaleIntercept": 0,
    "PhilipsRescaleSlope": 3.82491,
    "PhilipsScaleSlope": 0.00567426,
    "PixelBandwidth": 310,
    "ProcedureStepDescription": "EDUARDO_TMS",
    "ProtocolName": "sT1W_3D_TFE_32_channel",
    "ReconMatrixPE": 240,
    "RepetitionTime": 0.007,
    "SAR": 0.0382114,
    "ScanOptions": "OTHER",
    "ScanningSequence": "GR",
    "SequenceVariant": "MP",
    "SeriesDescription": "sT1W_3D_TFE_32_channel",
    "SeriesNumber": 401,
    "SliceThickness": 1,
    "SoftwareVersions": "5.3.1_5.3.1.0",
    "SpacingBetweenSlices": 1,
    "StationName": "PHILIPS-CTMFQSD",
    "UsePhilipsFloatNotDisplayScaling": 1,
    "dataset": "<unset>",
    "modality": "T1w",
    "session_id": "t0",
    "subject_id": "017"
  },
  "cjv": 0.521676825392083,
  "cnr": 2.4486063207335635,
  "efc": 0.7329745537567877,
  "fber": 15092.030131720277,
  "fwhm_avg": 4.0975633333333334,
  "fwhm_x": 3.92505,
  "fwhm_y": 4.39372,
  "fwhm_z": 3.97392,
  "icvs_csf": 0.21855994724134986,
  "icvs_gm": 0.4000688664562255,
  "icvs_wm": 0.3813711863024246,
  "inu_med": 1.7221139669418335,
  "inu_range": 0.6207473754882811,
  "provenance": {
    "md5sum": "b737c6db838700a4eab59a5fca645a69",
    "settings": {
      "testing": false
    },
    "software": "mriqc",
    "version": "21.0.0rc2",
    "warnings": {
      "large_rot_frame": true,
      "small_air_mask": false
    },
    "webapi_port": null,
    "webapi_url": "https://mriqc.nimh.nih.gov/api/v1"
  },
  "qi_1": 0.0,
  "qi_2": 7.409222093184795e-05,
  "rpve_csf": 22.389935915854732,
  "rpve_gm": 12.265216236261722,
  "rpve_wm": 15.496513201315159,
  "size_x": 180,
  "size_y": 240,
  "size_z": 240,
  "snr_csf": 3.8006789367471145,
  "snr_gm": 10.876058268648256,
  "snr_total": 13.353744454766051,
  "snr_wm": 25.384496158902785,
  "snrd_csf": 33.00076451193269,
  "snrd_gm": 71.50279825846822,
  "snrd_total": 64.78892048772003,
  "snrd_wm": 89.8631986927592,
  "spacing_x": 1.0,
  "spacing_y": 1.0,
  "spacing_z": 1.0,
  "summary_bg_k": 4.430218727490795,
  "summary_bg_mad": 7.290652805102768,
  "summary_bg_mean": 6.9322259328418765,
  "summary_bg_median": 4.9174705892801285,
  "summary_bg_n": 492896.0,
  "summary_bg_p05": 0.0,
  "summary_bg_p95": 22.948196083307266,
  "summary_bg_stdv": 7.652202011544757,
  "summary_csf_k": 1.7425210647330376,
  "summary_csf_mad": 83.19256534194787,
  "summary_csf_mean": 383.4637889155787,
  "summary_csf_median": 367.2473771870136,
  "summary_csf_n": 36953.0,
  "summary_csf_p05": 261.2739799916744,
  "summary_csf_p95": 567.6209617257118,
  "summary_csf_stdv": 96.62547511924123,
  "summary_gm_k": 0.17555981877932503,
  "summary_gm_mad": 69.91114356521027,
  "summary_gm_mean": 799.9086889351947,
  "summary_gm_median": 795.7153572142124,
  "summary_gm_n": 19913.0,
  "summary_gm_p05": 688.1485470682383,
  "summary_gm_p95": 930.2558277398347,
  "summary_gm_stdv": 73.16027162717826,
  "summary_wm_k": 0.6428764828443101,
  "summary_wm_mad": 36.67933077916044,
  "summary_wm_mean": 1000.6408155023886,
  "summary_wm_median": 1000.0381661951542,
  "summary_wm_n": 219002.0,
  "summary_wm_p05": 937.0259267836809,
  "summary_wm_p95": 1066.0999997705221,
  "summary_wm_stdv": 39.3955379993039,
  "tpm_overlap_csf": 0.172147735953331,
  "tpm_overlap_gm": 0.45148342847824097,
  "tpm_overlap_wm": 0.5204824209213257,
  "wm2max": 0.646460166087578
}