{
  "aor": 0.0008248999999999999,
  "aqi": 0.006432037799999999,
  "bids_meta": {
    "AcquisitionMatrixPE": 70,
    "AcquisitionNumber": 3,
    "AcquisitionTime": "07:51:36.600000",
    "BodyPartExamined": "BRAIN",
    "CoilString": "MULTI_COIL",
    "ConversionSoftware": "dcm2niix",
    "ConversionSoftwareVersion": "v1.0.20190410  (JP2:OpenJPEG) GCC6.3.0",
    "Dcm2bidsVersion": "2.1.4",
    "DeviceSerialNumber": "42451",
    "EchoTime": 0.03,
    "EchoTrainLength": 35,
    "EffectiveEchoSpacing": 0.000698,
    "FlipAngle": 75,
    "ImageOrientationPatientDICOM": [
      0.999998,
      -0.0021189,
      0.000608107,
      0.00212014,
      0.999996,
      -0.00205198
    ],
    "ImageType": [
      "ORIGINAL",
      "PRIMARY",
      "M",
      "FFE",
      "M",
      "FFE"
    ],
    "ImagingFrequency": 127.759,
    "InPlanePhaseEncodingDirectionDICOM": "COL",
    "InstitutionAddress": "Calzada_Mexico_Xochimilco_No.101_Tlalpan",
    "InstitutionName": "I.N._Psiquiatria",
    "InstitutionalDepartmentName": "Imagenes_Cerebrales",
    "MRAcquisitionType": "2D",
    "MagneticFieldStrength": 3,
    "Manufacturer": "Philips",
    "ManufacturersModelName": "Ingenia",
    "Modality": "MR",
    "PartialFourier": 0.5,
    "PatientPosition": "HFS",
    "PercentPhaseFOV": 100,
    "PhaseEncodingAxis": "j",
    "PhaseEncodingDirection": "j-",
    "PhaseEncodingSteps": 70,
    "PhilipsRescaleIntercept": 0,
    "PhilipsRescaleSlope": 0.794628,
    "PhilipsScaleSlope": 0.0227436,
    "PixelBandwidth": 1819,
    "ProcedureStepDescription": "PROTOCOLO_EDUARDO_TMS",
    "ProtocolName": "WIP_FE_EPI_32chSHC_AP",
    "ReconMatrixPE": 80,
    "RepetitionTime": 2,
    "SAR": 0.119138,
    "ScanOptions": "FS",
    "ScanningSequence": "GR",
    "SequenceVariant": "SK",
    "SeriesDescription": "FE_EPI_32chSHC_AP",
    "SeriesNumber": 301,
    "SliceThickness": 3.33,
    "SliceTiming": [
      0.0,
      1.027027,
      0.054054,
      1.081081,
      0.108108,
      1.135135,
      0.162162,
      1.189189,
      0.216216,
      1.243244,
      0.27027,
      1.297298,
      0.324324,
      1.351352,
      0.378378,
      1.405406,
      0.432432,
      1.45946,
      0.486486,
      1.513514,
      0.540541,
      1.567568,
      0.594595,
      1.621622,
      0.648649,
      1.675676,
      0.702703,
      1.72973,
      0.756757,
      1.783784,
      0.810811,
      1.837838,
      0.864865,
      1.891892,
      0.918919,
      1.945947,
      0.972973
    ],
    "SoftwareVersions": "5.3.1_5.3.1.0",
    "SpacingBetweenSlices": 3.33,
    "StationName": "PHILIPS-CTMFQSD",
    "TaskName": "rest",
    "TotalReadoutTime": 0.04884,
    "UsePhilipsFloatNotDisplayScaling": 1,
    "dataset": "<unset>",
    "modality": "bold",
    "session_id": "t3",
    "subject_id": "036",
    "task_id": "rest"
  },
  "dummy_trs": 0,
  "dvars_nstd": 21.144077377658853,
  "dvars_std": 1.1048099825752506,
  "dvars_vstd": 0.9334357823076923,
  "efc": 0.4329176521727276,
  "fber": 82557.09375,
  "fd_mean": 0.10275333578310344,
  "fd_num": 0,
  "fd_perc": 0.0,
  "fwhm_avg": 2.010243547928834,
  "fwhm_x": 1.9601366666666669,
  "fwhm_y": 2.18566,
  "fwhm_z": 1.8849339771198348,
  "gcor": 0.0978549,
  "gsr_x": -0.006980124395340681,
  "gsr_y": 0.013310692273080349,
  "provenance": {
    "md5sum": "a7e27a1dc66b5003dae9a6b9eed82495",
    "settings": {
      "fd_thres": 0.5,
      "testing": false
    },
    "software": "mriqc",
    "version": "22.0.0rc1",
    "webapi_port": null,
    "webapi_url": "https://mriqc.nimh.nih.gov/api/v1"
  },
  "size_t": 300,
  "size_x": 80,
  "size_y": 80,
  "size_z": 37,
  "snr": 4.1842797783344565,
  "spacing_tr": 2.0000016689300537,
  "spacing_x": 3.0,
  "spacing_y": 3.0,
  "spacing_z": 3.3299999237060547,
  "summary_bg_k": 60.88917447633647,
  "summary_bg_mad": 267.5630297802151,
  "summary_bg_mean": 1483.758056640625,
  "summary_bg_median": 211.1345977783203,
  "summary_bg_n": 157777.0,
  "summary_bg_p05": 9.97584342956543,
  "summary_bg_p95": 7087.912207031229,
  "summary_bg_stdv": 3826.314453125,
  "summary_fg_k": 2.2672956866562153,
  "summary_fg_mad": 11215.483279658214,
  "summary_fg_mean": 64763.11328125,
  "summary_fg_median": 62587.6015625,
  "summary_fg_n": 37602.0,
  "summary_fg_p05": 44845.7158203125,
  "summary_fg_p95": 94750.79531249999,
  "summary_fg_stdv": 14957.5966796875,
  "tsnr": 54.925140380859375
}