{
  "aor": 0.005039633333333332,
  "aqi": 0.027920329,
  "bids_meta": {
    "AcquisitionMatrixPE": 70,
    "AcquisitionNumber": 3,
    "AcquisitionTime": "10:11:54.080000",
    "CoilString": "MULTI_COIL",
    "ConversionSoftware": "dcm2niix",
    "ConversionSoftwareVersion": "v1.0.20190410  (JP2:OpenJPEG) GCC6.3.0",
    "Dcm2bidsVersion": "2.1.4",
    "DeviceSerialNumber": "42451",
    "EchoTime": 0.03,
    "EchoTrainLength": 35,
    "EffectiveEchoSpacing": 0.000698,
    "FlipAngle": 75,
    "ImageOrientationPatientDICOM": [
      0.999998,
      0.00192349,
      0.000530817,
      -0.00192222,
      0.999995,
      -0.00238088
    ],
    "ImageType": [
      "ORIGINAL",
      "PRIMARY",
      "M",
      "FFE",
      "M",
      "FFE"
    ],
    "ImagingFrequency": 127.766,
    "InPlanePhaseEncodingDirectionDICOM": "COL",
    "InstitutionAddress": "Calzada_Mexico_Xochimilco_No.101_Tlalpan",
    "InstitutionName": "I.N._Psiquiatria",
    "InstitutionalDepartmentName": "Imagenes_Cerebrales",
    "MRAcquisitionType": "2D",
    "MagneticFieldStrength": 3,
    "Manufacturer": "Philips",
    "ManufacturersModelName": "Ingenia",
    "Modality": "MR",
    "PartialFourier": 0.5,
    "PatientPosition": "HFS",
    "PercentPhaseFOV": 100,
    "PhaseEncodingAxis": "j",
    "PhaseEncodingDirection": "j-",
    "PhaseEncodingSteps": 70,
    "PhilipsRescaleIntercept": 0,
    "PhilipsRescaleSlope": 0.739194,
    "PhilipsScaleSlope": 0.0768472,
    "PixelBandwidth": 1819,
    "ProcedureStepDescription": "EDUARDO_TDM",
    "ProtocolName": "WIP_FE_EPI_32chSHC_AP_SENSE",
    "ReconMatrixPE": 80,
    "RepetitionTime": 2,
    "SAR": 0.119138,
    "ScanOptions": "FS",
    "ScanningSequence": "GR",
    "SequenceVariant": "SK",
    "SeriesDescription": "FE_EPI_32chSHC_AP",
    "SeriesNumber": 301,
    "SliceThickness": 3.33,
    "SliceTiming": [
      0.0,
      1.027027,
      0.054054,
      1.081081,
      0.108108,
      1.135135,
      0.162162,
      1.189189,
      0.216216,
      1.243244,
      0.27027,
      1.297298,
      0.324324,
      1.351352,
      0.378378,
      1.405406,
      0.432432,
      1.45946,
      0.486486,
      1.513514,
      0.540541,
      1.567568,
      0.594595,
      1.621622,
      0.648649,
      1.675676,
      0.702703,
      1.72973,
      0.756757,
      1.783784,
      0.810811,
      1.837838,
      0.864865,
      1.891892,
      0.918919,
      1.945947,
      0.972973
    ],
    "SoftwareVersions": "5.1.7_5.1.7.2",
    "SpacingBetweenSlices": 3.33,
    "StationName": "INGENIA",
    "TaskName": "rest",
    "TotalReadoutTime": 0.04884,
    "UsePhilipsFloatNotDisplayScaling": 1,
    "dataset": "<unset>",
    "modality": "bold",
    "session_id": "t1",
    "subject_id": "012",
    "task_id": "rest"
  },
  "dummy_trs": 0,
  "dvars_nstd": 25.07796145923077,
  "dvars_std": 0.9836754994314387,
  "dvars_vstd": 0.8838548714715715,
  "efc": 0.4353260893232707,
  "fber": 174451.359375,
  "fd_mean": 0.23524696186140406,
  "fd_num": 28,
  "fd_perc": 9.333333333333334,
  "fwhm_avg": 1.8527092521818522,
  "fwhm_x": 1.8286,
  "fwhm_y": 2.03481,
  "fwhm_z": 1.694717756545557,
  "gcor": 0.0478024,
  "gsr_x": -0.009961399249732494,
  "gsr_y": 0.013143811374902725,
  "provenance": {
    "md5sum": "65d02cf5343e6d908de389b29bc8c4f3",
    "settings": {
      "fd_thres": 0.5,
      "testing": false
    },
    "software": "mriqc",
    "version": "22.0.0rc1",
    "webapi_port": null,
    "webapi_url": "https://mriqc.nimh.nih.gov/api/v1"
  },
  "size_t": 300,
  "size_x": 80,
  "size_y": 80,
  "size_z": 37,
  "snr": 5.934900205233446,
  "spacing_tr": 2.0000016689300537,
  "spacing_x": 3.0,
  "spacing_y": 3.0,
  "spacing_z": 3.3299999237060547,
  "summary_bg_k": 117.39072319001691,
  "summary_bg_mad": 54.88990085239737,
  "summary_bg_mean": 496.466064453125,
  "summary_bg_median": 49.121620178222656,
  "summary_bg_n": 158534.0,
  "summary_bg_p05": 6.996318626403808,
  "summary_bg_p95": 2390.455346679688,
  "summary_bg_stdv": 1371.852783203125,
  "summary_fg_k": 2.6167071368306303,
  "summary_fg_mad": 2893.1708182855295,
  "summary_fg_mean": 20927.419921875,
  "summary_fg_median": 20630.923828125,
  "summary_fg_n": 36777.0,
  "summary_fg_p05": 15890.0806640625,
  "summary_fg_p95": 26811.148046874998,
  "summary_fg_stdv": 3476.15673828125,
  "tsnr": 36.501888275146484
}