{
  "aor": 0.0028056,
  "aqi": 0.011059882466666665,
  "bids_meta": {
    "AcquisitionMatrixPE": 70,
    "AcquisitionNumber": 3,
    "AcquisitionTime": "09:55:40.340000",
    "CoilString": "MULTI_COIL",
    "ConversionSoftware": "dcm2niix",
    "ConversionSoftwareVersion": "v1.0.20190410  (JP2:OpenJPEG) GCC6.3.0",
    "Dcm2bidsVersion": "2.1.4",
    "DeviceSerialNumber": "42451",
    "EchoTime": 0.03,
    "EchoTrainLength": 35,
    "EffectiveEchoSpacing": 0.000698,
    "FlipAngle": 75,
    "ImageOrientationPatientDICOM": [
      0.999999,
      -0.00163206,
      0.000382677,
      0.00163291,
      0.999996,
      -0.00222324
    ],
    "ImageType": [
      "ORIGINAL",
      "PRIMARY",
      "M",
      "FFE",
      "M",
      "FFE"
    ],
    "ImagingFrequency": 127.766,
    "InPlanePhaseEncodingDirectionDICOM": "COL",
    "InstitutionAddress": "Calzada_Mexico_Xochimilco_No.101_Tlalpan",
    "InstitutionName": "I.N._Psiquiatria",
    "InstitutionalDepartmentName": "Imagenes_Cerebrales",
    "MRAcquisitionType": "2D",
    "MagneticFieldStrength": 3,
    "Manufacturer": "Philips",
    "ManufacturersModelName": "Ingenia",
    "Modality": "MR",
    "PartialFourier": 0.5,
    "PatientPosition": "HFS",
    "PercentPhaseFOV": 100,
    "PhaseEncodingAxis": "j",
    "PhaseEncodingDirection": "j-",
    "PhaseEncodingSteps": 70,
    "PhilipsRescaleIntercept": 0,
    "PhilipsRescaleSlope": 0.802198,
    "PhilipsScaleSlope": 0.0615524,
    "PixelBandwidth": 1819,
    "ProcedureStepDescription": "EDUARDO_TMS",
    "ProtocolName": "WIP_FE_EPI_32chSHC_AP_SENSE",
    "ReconMatrixPE": 80,
    "RepetitionTime": 2,
    "SAR": 0.119138,
    "ScanOptions": "FS",
    "ScanningSequence": "GR",
    "SequenceVariant": "SK",
    "SeriesDescription": "FE_EPI_32chSHC_AP",
    "SeriesNumber": 301,
    "SliceThickness": 3.33,
    "SliceTiming": [
      0.0,
      1.027027,
      0.054054,
      1.081081,
      0.108108,
      1.135135,
      0.162162,
      1.189189,
      0.216216,
      1.243244,
      0.27027,
      1.297298,
      0.324324,
      1.351352,
      0.378378,
      1.405406,
      0.432432,
      1.45946,
      0.486486,
      1.513514,
      0.540541,
      1.567568,
      0.594595,
      1.621622,
      0.648649,
      1.675676,
      0.702703,
      1.72973,
      0.756757,
      1.783784,
      0.810811,
      1.837838,
      0.864865,
      1.891892,
      0.918919,
      1.945947,
      0.972973
    ],
    "SoftwareVersions": "5.1.7_5.1.7.2",
    "SpacingBetweenSlices": 3.33,
    "StationName": "INGENIA",
    "TaskName": "rest",
    "TotalReadoutTime": 0.04884,
    "UsePhilipsFloatNotDisplayScaling": 1,
    "dataset": "<unset>",
    "modality": "bold",
    "session_id": "t0",
    "subject_id": "006",
    "task_id": "rest"
  },
  "dummy_trs": 0,
  "dvars_nstd": 27.38177909344482,
  "dvars_std": 1.2852159688963198,
  "dvars_vstd": 0.9629996201003342,
  "efc": 0.39212953695736064,
  "fber": 233164.703125,
  "fd_mean": 0.18574839343217386,
  "fd_num": 9,
  "fd_perc": 3.0,
  "fwhm_avg": 1.8929245078629924,
  "fwhm_x": 1.8519733333333335,
  "fwhm_y": 2.0763166666666666,
  "fwhm_z": 1.7504835235889773,
  "gcor": 0.0876971,
  "gsr_x": -0.027866441756486893,
  "gsr_y": 0.0159438643604517,
  "provenance": {
    "md5sum": "3c7696c213bc6b00a30352d6295d8b1b",
    "settings": {
      "fd_thres": 0.5,
      "testing": false
    },
    "software": "mriqc",
    "version": "22.0.0rc1",
    "webapi_port": null,
    "webapi_url": "https://mriqc.nimh.nih.gov/api/v1"
  },
  "size_t": 300,
  "size_x": 80,
  "size_y": 80,
  "size_z": 37,
  "snr": 4.725644451215198,
  "spacing_tr": 2.0000016689300537,
  "spacing_x": 3.0,
  "spacing_y": 3.0,
  "spacing_z": 3.3299999237060547,
  "summary_bg_k": 93.78661428172994,
  "summary_bg_mad": 57.95071170879154,
  "summary_bg_mean": 635.3367309570312,
  "summary_bg_median": 48.43021011352539,
  "summary_bg_n": 169471.0,
  "summary_bg_p05": 3.6300464868545532,
  "summary_bg_p95": 3172.34033203125,
  "summary_bg_stdv": 1833.243896484375,
  "summary_fg_k": 1.7187248918715001,
  "summary_fg_mad": 4456.396771691019,
  "summary_fg_mean": 24599.419921875,
  "summary_fg_median": 24329.6953125,
  "summary_fg_n": 27832.0,
  "summary_fg_p05": 16825.62734375,
  "summary_fg_p95": 33466.887890624996,
  "summary_fg_stdv": 5148.34716796875,
  "tsnr": 53.15125274658203
}