{
  "aor": 0.0010901666666666666,
  "aqi": 0.0132721221,
  "bids_meta": {
    "AcquisitionMatrixPE": 70,
    "AcquisitionNumber": 3,
    "AcquisitionTime": "08:03:36.560000",
    "BodyPartExamined": "BRAIN",
    "CoilString": "MULTI_COIL",
    "ConversionSoftware": "dcm2niix",
    "ConversionSoftwareVersion": "v1.0.20190410  (JP2:OpenJPEG) GCC6.3.0",
    "Dcm2bidsVersion": "2.1.4",
    "DeviceSerialNumber": "42451",
    "EchoTime": 0.03,
    "EchoTrainLength": 35,
    "EffectiveEchoSpacing": 0.000698,
    "FlipAngle": 75,
    "ImageOrientationPatientDICOM": [
      0.999991,
      -0.00418182,
      -9.18544e-05,
      0.00418158,
      0.999988,
      -0.00249335
    ],
    "ImageType": [
      "ORIGINAL",
      "PRIMARY",
      "M",
      "FFE",
      "M",
      "FFE"
    ],
    "ImagingFrequency": 127.759,
    "InPlanePhaseEncodingDirectionDICOM": "COL",
    "InstitutionAddress": "Calzada_Mexico_Xochimilco_No.101_Tlalpan",
    "InstitutionName": "I.N._Psiquiatria",
    "InstitutionalDepartmentName": "Imagenes_Cerebrales",
    "MRAcquisitionType": "2D",
    "MagneticFieldStrength": 3,
    "Manufacturer": "Philips",
    "ManufacturersModelName": "Ingenia",
    "Modality": "MR",
    "PartialFourier": 0.5,
    "PatientPosition": "HFS",
    "PercentPhaseFOV": 100,
    "PhaseEncodingAxis": "j",
    "PhaseEncodingDirection": "j-",
    "PhaseEncodingSteps": 70,
    "PhilipsRescaleIntercept": 0,
    "PhilipsRescaleSlope": 0.852503,
    "PhilipsScaleSlope": 0.0247894,
    "PixelBandwidth": 1819,
    "ProcedureStepDescription": "PROTOCOLO_EDUARDO_TMS",
    "ProtocolName": "WIP_FE_EPI_32chSHC_AP",
    "ReconMatrixPE": 80,
    "RepetitionTime": 2,
    "SAR": 0.119138,
    "ScanOptions": "FS",
    "ScanningSequence": "GR",
    "SequenceVariant": "SK",
    "SeriesDescription": "FE_EPI_32chSHC_AP",
    "SeriesNumber": 301,
    "SliceThickness": 3.33,
    "SliceTiming": [
      0.0,
      1.027027,
      0.054054,
      1.081081,
      0.108108,
      1.135135,
      0.162162,
      1.189189,
      0.216216,
      1.243244,
      0.27027,
      1.297298,
      0.324324,
      1.351352,
      0.378378,
      1.405406,
      0.432432,
      1.45946,
      0.486486,
      1.513514,
      0.540541,
      1.567568,
      0.594595,
      1.621622,
      0.648649,
      1.675676,
      0.702703,
      1.72973,
      0.756757,
      1.783784,
      0.810811,
      1.837838,
      0.864865,
      1.891892,
      0.918919,
      1.945947,
      0.972973
    ],
    "SoftwareVersions": "5.3.1_5.3.1.0",
    "SpacingBetweenSlices": 3.33,
    "StationName": "PHILIPS-CTMFQSD",
    "TaskName": "rest",
    "TotalReadoutTime": 0.04884,
    "UsePhilipsFloatNotDisplayScaling": 1,
    "dataset": "<unset>",
    "modality": "bold",
    "session_id": "t0",
    "subject_id": "038",
    "task_id": "rest"
  },
  "dummy_trs": 0,
  "dvars_nstd": 21.227039043478264,
  "dvars_std": 1.0487520370568564,
  "dvars_vstd": 0.9113460010033453,
  "efc": 0.40786509752767863,
  "fber": 119148.828125,
  "fd_mean": 0.14943707761606734,
  "fd_num": 0,
  "fd_perc": 0.0,
  "fwhm_avg": 2.2913665026957766,
  "fwhm_x": 2.2212066666666668,
  "fwhm_y": 2.5304333333333333,
  "fwhm_z": 2.12245950808733,
  "gcor": 0.058348,
  "gsr_x": -0.01658354513347149,
  "gsr_y": 0.024770569056272507,
  "provenance": {
    "md5sum": "cad183483e5078e71b5d7f46ed81a83e",
    "settings": {
      "fd_thres": 0.5,
      "testing": false
    },
    "software": "mriqc",
    "version": "22.0.0rc1",
    "webapi_port": null,
    "webapi_url": "https://mriqc.nimh.nih.gov/api/v1"
  },
  "size_t": 300,
  "size_x": 80,
  "size_y": 80,
  "size_z": 37,
  "snr": 5.204100870975732,
  "spacing_tr": 2.0000016689300537,
  "spacing_x": 3.0,
  "spacing_y": 3.0,
  "spacing_z": 3.3299999237060547,
  "summary_bg_k": 124.59631121034525,
  "summary_bg_mad": 210.43925039687755,
  "summary_bg_mean": 1472.8836669921875,
  "summary_bg_median": 174.14028930664062,
  "summary_bg_n": 164663.0,
  "summary_bg_p05": 13.64089059829712,
  "summary_bg_p95": 6584.783056640623,
  "summary_bg_stdv": 4525.50244140625,
  "summary_fg_k": 1.0548365584131334,
  "summary_fg_mad": 10839.235322515462,
  "summary_fg_mean": 63677.58984375,
  "summary_fg_median": 63436.2890625,
  "summary_fg_n": 31302.0,
  "summary_fg_p05": 44419.657421875,
  "summary_fg_p95": 84428.32070312499,
  "summary_fg_stdv": 12189.478515625,
  "tsnr": 44.77853012084961
}