{
  "aor": 0.010505933333333333,
  "aqi": 0.0172572376,
  "bids_meta": {
    "AcquisitionMatrixPE": 70,
    "AcquisitionNumber": 3,
    "AcquisitionTime": "08:49:58.190000",
    "BodyPartExamined": "BRAIN",
    "CoilString": "MULTI_COIL",
    "ConversionSoftware": "dcm2niix",
    "ConversionSoftwareVersion": "v1.0.20190410  (JP2:OpenJPEG) GCC6.3.0",
    "Dcm2bidsVersion": "2.1.4",
    "DeviceSerialNumber": "42451",
    "EchoTime": 0.03,
    "EchoTrainLength": 35,
    "EffectiveEchoSpacing": 0.000698,
    "FlipAngle": 75,
    "ImageOrientationPatientDICOM": [
      0.999986,
      0.0039322,
      -0.00363305,
      -0.00394189,
      0.999989,
      -0.00266421
    ],
    "ImageType": [
      "ORIGINAL",
      "PRIMARY",
      "M",
      "FFE",
      "M",
      "FFE"
    ],
    "ImagingFrequency": 127.759,
    "InPlanePhaseEncodingDirectionDICOM": "COL",
    "InstitutionAddress": "Calzada_Mexico_Xochimilco_No.101_Tlalpan",
    "InstitutionName": "I.N._Psiquiatria",
    "InstitutionalDepartmentName": "Imagenes_Cerebrales",
    "MRAcquisitionType": "2D",
    "MagneticFieldStrength": 3,
    "Manufacturer": "Philips",
    "ManufacturersModelName": "Ingenia",
    "Modality": "MR",
    "PartialFourier": 0.5,
    "PatientPosition": "HFS",
    "PercentPhaseFOV": 100,
    "PhaseEncodingAxis": "j",
    "PhaseEncodingDirection": "j-",
    "PhaseEncodingSteps": 70,
    "PhilipsRescaleIntercept": 0,
    "PhilipsRescaleSlope": 0.774847,
    "PhilipsScaleSlope": 0.0236789,
    "PixelBandwidth": 1819,
    "ProcedureStepDescription": "PROTOCOLO_EDUARDO_TMS",
    "ProtocolName": "WIP_FE_EPI_32chSHC_AP",
    "ReconMatrixPE": 80,
    "RepetitionTime": 2,
    "SAR": 0.119138,
    "ScanOptions": "FS",
    "ScanningSequence": "GR",
    "SequenceVariant": "SK",
    "SeriesDescription": "FE_EPI_32chSHC_AP",
    "SeriesNumber": 301,
    "SliceThickness": 3.33,
    "SliceTiming": [
      0.0,
      1.027027,
      0.054054,
      1.081081,
      0.108108,
      1.135135,
      0.162162,
      1.189189,
      0.216216,
      1.243244,
      0.27027,
      1.297298,
      0.324324,
      1.351352,
      0.378378,
      1.405406,
      0.432432,
      1.45946,
      0.486486,
      1.513514,
      0.540541,
      1.567568,
      0.594595,
      1.621622,
      0.648649,
      1.675676,
      0.702703,
      1.72973,
      0.756757,
      1.783784,
      0.810811,
      1.837838,
      0.864865,
      1.891892,
      0.918919,
      1.945947,
      0.972973
    ],
    "SoftwareVersions": "5.3.1_5.3.1.0",
    "SpacingBetweenSlices": 3.33,
    "StationName": "PHILIPS-CTMFQSD",
    "TaskName": "rest",
    "TotalReadoutTime": 0.04884,
    "UsePhilipsFloatNotDisplayScaling": 1,
    "dataset": "<unset>",
    "modality": "bold",
    "session_id": "t14",
    "subject_id": "046",
    "task_id": "rest"
  },
  "dummy_trs": 0,
  "dvars_nstd": 36.557256826153846,
  "dvars_std": 1.1873312224080266,
  "dvars_vstd": 1.0375154008361205,
  "efc": 0.4167695769068102,
  "fber": 89837.1796875,
  "fd_mean": 0.2961991398572113,
  "fd_num": 29,
  "fd_perc": 9.666666666666666,
  "fwhm_avg": 2.016003637855519,
  "fwhm_x": 2.02996,
  "fwhm_y": 2.1545133333333335,
  "fwhm_z": 1.8635375802332237,
  "gcor": 0.0511158,
  "gsr_x": -0.007926307618618011,
  "gsr_y": 0.017191734164953232,
  "provenance": {
    "md5sum": "fc4bae2cab9fc6d2875d92339cd2cf17",
    "settings": {
      "fd_thres": 0.5,
      "testing": false
    },
    "software": "mriqc",
    "version": "22.0.0rc1",
    "webapi_port": null,
    "webapi_url": "https://mriqc.nimh.nih.gov/api/v1"
  },
  "size_t": 300,
  "size_x": 80,
  "size_y": 80,
  "size_z": 37,
  "snr": 4.822976844729128,
  "spacing_tr": 2.0000016689300537,
  "spacing_x": 3.0,
  "spacing_y": 3.0,
  "spacing_z": 3.3299999237060547,
  "summary_bg_k": 117.07726273338106,
  "summary_bg_mad": 214.02949498540568,
  "summary_bg_mean": 1333.25830078125,
  "summary_bg_median": 190.71847534179688,
  "summary_bg_n": 161766.0,
  "summary_bg_p05": 17.8831148147583,
  "summary_bg_p95": 6283.7559814453125,
  "summary_bg_stdv": 4011.984130859375,
  "summary_fg_k": 2.7228114256228304,
  "summary_fg_mad": 9604.682300571207,
  "summary_fg_mean": 59868.90625,
  "summary_fg_median": 58627.53125,
  "summary_fg_n": 34604.0,
  "summary_fg_p05": 42830.3564453125,
  "summary_fg_p95": 82214.93242187498,
  "summary_fg_stdv": 12155.705078125,
  "tsnr": 37.64924621582031
}