{
  "bids_meta": {
    "AcquisitionMatrixPE": 240,
    "AcquisitionNumber": 4,
    "AcquisitionTime": "10:13:59.360000",
    "BodyPartExamined": "BRAIN",
    "CoilString": "MULTI_COIL",
    "ConversionSoftware": "dcm2niix",
    "ConversionSoftwareVersion": "v1.0.20190410  (JP2:OpenJPEG) GCC6.3.0",
    "Dcm2bidsVersion": "2.1.4",
    "DeviceSerialNumber": "42451",
    "EchoTime": 0.0035,
    "EchoTrainLength": 240,
    "FlipAngle": 8,
    "ImageOrientationPatientDICOM": [
      -0.00420038,
      0.999988,
      -0.00268397,
      0.000572308,
      -0.00268158,
      -0.999996
    ],
    "ImageType": [
      "ORIGINAL",
      "PRIMARY",
      "M",
      "FFE",
      "M",
      "FFE"
    ],
    "ImagingFrequency": 127.76,
    "InPlanePhaseEncodingDirectionDICOM": "ROW",
    "InstitutionAddress": "Calzada_Mexico_Xochimilco_No.101_Tlalpan",
    "InstitutionName": "I.N._Psiquiatria",
    "InstitutionalDepartmentName": "Imagenes_Cerebrales",
    "MRAcquisitionType": "3D",
    "MagneticFieldStrength": 3,
    "Manufacturer": "Philips",
    "ManufacturersModelName": "Ingenia",
    "Modality": "MR",
    "PatientPosition": "HFS",
    "PercentPhaseFOV": 100,
    "PhaseEncodingSteps": 240,
    "PhilipsRescaleIntercept": 0,
    "PhilipsRescaleSlope": 3.80904,
    "PhilipsScaleSlope": 0.00624504,
    "PixelBandwidth": 310,
    "ProcedureStepDescription": "EDUARDO_TMS",
    "ProtocolName": "sT1W_3D_TFE_32_channel",
    "ReconMatrixPE": 240,
    "RepetitionTime": 0.007,
    "SAR": 0.0382114,
    "ScanOptions": "OTHER",
    "ScanningSequence": "GR",
    "SequenceVariant": "MP",
    "SeriesDescription": "sT1W_3D_TFE_32_channel",
    "SeriesNumber": 401,
    "SliceThickness": 1,
    "SoftwareVersions": "5.3.1_5.3.1.0",
    "SpacingBetweenSlices": 1,
    "StationName": "PHILIPS-CTMFQSD",
    "UsePhilipsFloatNotDisplayScaling": 1,
    "dataset": "<unset>",
    "modality": "T1w",
    "session_id": "t2",
    "subject_id": "024"
  },
  "cjv": 0.5435189163923629,
  "cnr": 2.4110871048390106,
  "efc": 0.7331910649240949,
  "fber": 3903.7940542705132,
  "fwhm_avg": 4.024283333333333,
  "fwhm_x": 3.94573,
  "fwhm_y": 4.26401,
  "fwhm_z": 3.86311,
  "icvs_csf": 0.21277674159024293,
  "icvs_gm": 0.41294160286350484,
  "icvs_wm": 0.3742816555462522,
  "inu_med": 1.9980535507202148,
  "inu_range": 0.771748423576355,
  "provenance": {
    "md5sum": "1910596d794faf3019b42fdc169b2111",
    "settings": {
      "testing": false
    },
    "software": "mriqc",
    "version": "21.0.0rc2",
    "warnings": {
      "large_rot_frame": true,
      "small_air_mask": false
    },
    "webapi_port": null,
    "webapi_url": "https://mriqc.nimh.nih.gov/api/v1"
  },
  "qi_1": 1.0039570249024369e-05,
  "qi_2": 0.00012070329482079984,
  "rpve_csf": 25.018630929237947,
  "rpve_gm": 13.213883468655968,
  "rpve_wm": 17.051268752061006,
  "size_x": 180,
  "size_y": 240,
  "size_z": 240,
  "snr_csf": 3.769920358478149,
  "snr_gm": 11.284542722107414,
  "snr_total": 12.025893109869145,
  "snr_wm": 21.02321624902187,
  "snrd_csf": 26.748836156609077,
  "snrd_gm": 55.58168700652244,
  "snrd_total": 50.79760934142515,
  "snrd_wm": 70.06230486114394,
  "spacing_x": 1.0,
  "spacing_y": 1.0,
  "spacing_z": 1.0,
  "summary_bg_k": 5.549583514494447,
  "summary_bg_mad": 9.35076836463432,
  "summary_bg_mean": 10.475327521804005,
  "summary_bg_median": 6.3069974184036255,
  "summary_bg_n": 449204.0,
  "summary_bg_p05": 0.0,
  "summary_bg_p95": 35.37032335996628,
  "summary_bg_stdv": 11.982556511424502,
  "summary_csf_k": 1.3589514399058844,
  "summary_csf_mad": 86.24188390355302,
  "summary_csf_mean": 401.75771373834175,
  "summary_csf_median": 381.7864180505276,
  "summary_csf_n": 27445.0,
  "summary_csf_p05": 273.0333274304867,
  "summary_csf_p95": 599.5482883751392,
  "summary_csf_stdv": 101.26990127162371,
  "summary_gm_k": 0.18654235007575393,
  "summary_gm_mad": 68.36169844955631,
  "summary_gm_mean": 798.1271431040078,
  "summary_gm_median": 793.3179996013641,
  "summary_gm_n": 21024.0,
  "summary_gm_p05": 690.8292915523052,
  "summary_gm_p95": 922.0084465876221,
  "summary_gm_stdv": 70.29962595305766,
  "summary_wm_k": 0.7117179993219342,
  "summary_wm_mad": 43.973883660712744,
  "summary_wm_mean": 999.6157525834919,
  "summary_wm_median": 1000.0000095963478,
  "summary_wm_n": 200177.0,
  "summary_wm_p05": 920.0971706807613,
  "summary_wm_p95": 1076.2379716336727,
  "summary_wm_stdv": 47.566342844914324,
  "tpm_overlap_csf": 0.17248474061489105,
  "tpm_overlap_gm": 0.44784852862358093,
  "tpm_overlap_wm": 0.5156136751174927,
  "wm2max": 0.5791928915216586
}