{
  "bids_meta": {
    "AcquisitionMatrixPE": 240,
    "AcquisitionNumber": 4,
    "AcquisitionTime": "09:55:36.420000",
    "BodyPartExamined": "BRAIN",
    "CoilString": "MULTI_COIL",
    "ConversionSoftware": "dcm2niix",
    "ConversionSoftwareVersion": "v1.0.20190410  (JP2:OpenJPEG) GCC6.3.0",
    "Dcm2bidsVersion": "2.1.4",
    "DeviceSerialNumber": "42451",
    "EchoTime": 0.0035,
    "EchoTrainLength": 240,
    "FlipAngle": 8,
    "ImageOrientationPatientDICOM": [
      -0.00421165,
      0.999989,
      -0.00204888,
      -0.00364501,
      -0.00206424,
      -0.999991
    ],
    "ImageType": [
      "ORIGINAL",
      "PRIMARY",
      "M",
      "FFE",
      "M",
      "FFE"
    ],
    "ImagingFrequency": 127.759,
    "InPlanePhaseEncodingDirectionDICOM": "ROW",
    "InstitutionAddress": "Calzada_Mexico_Xochimilco_No.101_Tlalpan",
    "InstitutionName": "I.N._Psiquiatria",
    "InstitutionalDepartmentName": "Imagenes_Cerebrales",
    "MRAcquisitionType": "3D",
    "MagneticFieldStrength": 3,
    "Manufacturer": "Philips",
    "ManufacturersModelName": "Ingenia",
    "Modality": "MR",
    "PatientPosition": "HFS",
    "PercentPhaseFOV": 100,
    "PhaseEncodingSteps": 240,
    "PhilipsRescaleIntercept": 0,
    "PhilipsRescaleSlope": 161.778,
    "PhilipsScaleSlope": 0.00599758,
    "PixelBandwidth": 310,
    "ProcedureStepDescription": "EDUARDO_TMS",
    "ProtocolName": "WIP_sT1W_3D_TFE_32_channel",
    "ReconMatrixPE": 240,
    "RepetitionTime": 0.007,
    "SAR": 0.0382114,
    "ScanOptions": "OTHER",
    "ScanningSequence": "GR",
    "SequenceVariant": "MP",
    "SeriesDescription": "sT1W_3D_TFE_32_channel",
    "SeriesNumber": 401,
    "SliceThickness": 1,
    "SoftwareVersions": "5.3.1_5.3.1.0",
    "SpacingBetweenSlices": 1,
    "StationName": "PHILIPS-CTMFQSD",
    "UsePhilipsFloatNotDisplayScaling": 1,
    "dataset": "<unset>",
    "modality": "T1w",
    "session_id": "t3",
    "subject_id": "023"
  },
  "cjv": 0.5543643077890512,
  "cnr": 2.4032361188771465,
  "efc": 0.7282552381391257,
  "fber": 10488.685918367346,
  "fwhm_avg": 3.96989,
  "fwhm_x": 3.74408,
  "fwhm_y": 4.30002,
  "fwhm_z": 3.86557,
  "icvs_csf": 0.23312687577195246,
  "icvs_gm": 0.391102181414701,
  "icvs_wm": 0.37577094281334655,
  "inu_med": 1.6752653121948242,
  "inu_range": 0.6546017646789548,
  "provenance": {
    "md5sum": "1acf0671dbd7107402ead0ed886b1e87",
    "settings": {
      "testing": false
    },
    "software": "mriqc",
    "version": "21.0.0rc2",
    "warnings": {
      "large_rot_frame": true,
      "small_air_mask": false
    },
    "webapi_port": null,
    "webapi_url": "https://mriqc.nimh.nih.gov/api/v1"
  },
  "qi_1": 6.499719212130036e-05,
  "qi_2": 0.0001145974885273444,
  "rpve_csf": 22.428242495534352,
  "rpve_gm": 12.994677880768757,
  "rpve_wm": 16.04838186237951,
  "size_x": 180,
  "size_y": 240,
  "size_z": 240,
  "snr_csf": 3.670623526528791,
  "snr_gm": 11.75879192193569,
  "snr_total": 12.57621150387894,
  "snr_wm": 22.299219063172337,
  "snrd_csf": 50.22313330310033,
  "snrd_gm": 112.05515827844822,
  "snrd_total": 100.63985334425519,
  "snrd_wm": 139.641268451217,
  "spacing_x": 1.0,
  "spacing_y": 1.0,
  "spacing_z": 1.0,
  "summary_bg_k": 7.830841062189444,
  "summary_bg_mad": 4.691567133476567,
  "summary_bg_mean": 7.897900494623483,
  "summary_bg_median": 3.164413943886757,
  "summary_bg_n": 448443.0,
  "summary_bg_p05": 0.0,
  "summary_bg_p95": 28.11807818710804,
  "summary_bg_stdv": 9.449891129944026,
  "summary_csf_k": 1.9056693041549995,
  "summary_csf_mad": 76.00338756232038,
  "summary_csf_mean": 380.49004950562966,
  "summary_csf_median": 359.65824767947197,
  "summary_csf_n": 45438.0,
  "summary_csf_p05": 262.6011514291167,
  "summary_csf_p95": 577.0670473985375,
  "summary_csf_stdv": 97.98179720067652,
  "summary_gm_k": 0.07757050275369348,
  "summary_gm_mad": 67.35749955919928,
  "summary_gm_mean": 803.6780957743919,
  "summary_gm_median": 802.4501702561975,
  "summary_gm_n": 16816.0,
  "summary_gm_p05": 694.057691199705,
  "summary_gm_p95": 918.9571107830852,
  "summary_gm_stdv": 68.24053997269631,
  "summary_wm_k": 0.46668460628410235,
  "summary_wm_mad": 42.15708181366801,
  "summary_wm_mean": 999.9424822181705,
  "summary_wm_median": 1000.0000121816993,
  "summary_wm_n": 211624.0,
  "summary_wm_p05": 925.6362845003605,
  "summary_wm_p95": 1073.1883861124516,
  "summary_wm_stdv": 44.8445143601202,
  "tpm_overlap_csf": 0.17681050300598145,
  "tpm_overlap_gm": 0.438847154378891,
  "tpm_overlap_wm": 0.5101019740104675,
  "wm2max": 0.5866861081197813
}