{
  "bids_meta": {
    "AcquisitionMatrixPE": 240,
    "AcquisitionNumber": 6,
    "AcquisitionTime": "11:36:2.270000",
    "BodyPartExamined": "BRAIN",
    "CoilString": "MULTI_COIL",
    "ConversionSoftware": "dcm2niix",
    "ConversionSoftwareVersion": "v1.0.20190410  (JP2:OpenJPEG) GCC6.3.0",
    "Dcm2bidsVersion": "2.1.4",
    "DeviceSerialNumber": "42451",
    "EchoTime": 0.0035,
    "EchoTrainLength": 240,
    "FlipAngle": 8,
    "ImageOrientationPatientDICOM": [
      -6.44707e-05,
      0.999998,
      -0.00208554,
      -0.00375322,
      -0.00208577,
      -0.999991
    ],
    "ImageType": [
      "ORIGINAL",
      "PRIMARY",
      "M",
      "FFE",
      "M",
      "FFE"
    ],
    "ImagingFrequency": 127.76,
    "InPlanePhaseEncodingDirectionDICOM": "ROW",
    "InstitutionAddress": "Calzada_Mexico_Xochimilco_No.101_Tlalpan",
    "InstitutionName": "I.N._Psiquiatria",
    "InstitutionalDepartmentName": "Imagenes_Cerebrales",
    "MRAcquisitionType": "3D",
    "MagneticFieldStrength": 3,
    "Manufacturer": "Philips",
    "ManufacturersModelName": "Ingenia",
    "Modality": "MR",
    "PatientPosition": "HFS",
    "PercentPhaseFOV": 100,
    "PhaseEncodingSteps": 240,
    "PhilipsRescaleIntercept": 0,
    "PhilipsRescaleSlope": 4.21783,
    "PhilipsScaleSlope": 0.00567397,
    "PixelBandwidth": 310,
    "ProcedureStepDescription": "EDUARDO_TMS",
    "ProtocolName": "WIP_sT1W_3D_TFE_32_channel",
    "ReconMatrixPE": 240,
    "RepetitionTime": 0.007,
    "SAR": 0.0382114,
    "ScanOptions": "OTHER",
    "ScanningSequence": "GR",
    "SequenceVariant": "MP",
    "SeriesDescription": "sT1W_3D_TFE_32_channel",
    "SeriesNumber": 601,
    "SliceThickness": 1,
    "SoftwareVersions": "5.3.1_5.3.1.0",
    "SpacingBetweenSlices": 1,
    "StationName": "PHILIPS-CTMFQSD",
    "UsePhilipsFloatNotDisplayScaling": 1,
    "dataset": "<unset>",
    "modality": "T1w",
    "session_id": "t1",
    "subject_id": "022"
  },
  "cjv": 0.5544833282330909,
  "cnr": 2.3261476573895195,
  "efc": 0.7715172097552067,
  "fber": 2294.1811319875596,
  "fwhm_avg": 4.43965,
  "fwhm_x": 4.36906,
  "fwhm_y": 4.69397,
  "fwhm_z": 4.25592,
  "icvs_csf": 0.22704200191901613,
  "icvs_gm": 0.394479532107047,
  "icvs_wm": 0.37847846597393686,
  "inu_med": 2.062595844268799,
  "inu_range": 1.0071306109428404,
  "provenance": {
    "md5sum": "5cc872ce3083a16602631cc5d4105cb3",
    "settings": {
      "testing": false
    },
    "software": "mriqc",
    "version": "21.0.0rc2",
    "warnings": {
      "large_rot_frame": true,
      "small_air_mask": true
    },
    "webapi_port": null,
    "webapi_url": "https://mriqc.nimh.nih.gov/api/v1"
  },
  "qi_1": 0.0,
  "qi_2": 4.068778513240473e-05,
  "rpve_csf": 19.593182698416637,
  "rpve_gm": 11.069836762890075,
  "rpve_wm": 14.002840669002085,
  "size_x": 180,
  "size_y": 240,
  "size_z": 240,
  "snr_csf": 3.704504950716001,
  "snr_gm": 8.486970776762085,
  "snr_total": 10.500572825038976,
  "snr_wm": 19.310242747638842,
  "snrd_csf": 44.25308663779296,
  "snrd_gm": 93.38455907455976,
  "snrd_total": 87.00573577541843,
  "snrd_wm": 123.37956161390258,
  "spacing_x": 1.0,
  "spacing_y": 1.0,
  "spacing_z": 1.0,
  "summary_bg_k": 11.113082990129433,
  "summary_bg_mad": 5.309926255026253,
  "summary_bg_mean": 11.679811801365888,
  "summary_bg_median": 3.581490833312273,
  "summary_bg_n": 244541.0,
  "summary_bg_p05": 0.0,
  "summary_bg_p95": 47.08466615527868,
  "summary_bg_stdv": 16.970256857801566,
  "summary_csf_k": 1.9769105659411377,
  "summary_csf_mad": 80.85247710986641,
  "summary_csf_mean": 371.8437197031261,
  "summary_csf_median": 358.67436865344644,
  "summary_csf_n": 49937.0,
  "summary_csf_p05": 241.5357417985797,
  "summary_csf_p95": 559.6198810078204,
  "summary_csf_stdv": 96.82016413487553,
  "summary_gm_k": 0.14217835026378545,
  "summary_gm_mad": 86.51639844856108,
  "summary_gm_mean": 768.4633067962899,
  "summary_gm_median": 756.8883961066604,
  "summary_gm_n": 20074.0,
  "summary_gm_p05": 640.8313794834539,
  "summary_gm_p95": 932.1593945072963,
  "summary_gm_stdv": 89.18017550954845,
  "summary_wm_k": 1.1534972338384435,
  "summary_wm_mad": 48.28492941237206,
  "summary_wm_mean": 1001.5188688683454,
  "summary_wm_median": 999.9999938718975,
  "summary_wm_n": 242964.0,
  "summary_wm_p05": 919.4403267279267,
  "summary_wm_p95": 1086.9108380936086,
  "summary_wm_stdv": 51.78588115232377,
  "tpm_overlap_csf": 0.17264200747013092,
  "tpm_overlap_gm": 0.4443667531013489,
  "tpm_overlap_wm": 0.5044383406639099,
  "wm2max": 0.6261137262136728
}