{
  "aor": 0.0010549333333333332,
  "aqi": 0.009620401866666668,
  "bids_meta": {
    "AcquisitionMatrixPE": 70,
    "AcquisitionNumber": 3,
    "AcquisitionTime": "10:02:32.100000",
    "BodyPartExamined": "BRAIN",
    "CoilString": "MULTI_COIL",
    "ConversionSoftware": "dcm2niix",
    "ConversionSoftwareVersion": "v1.0.20190410  (JP2:OpenJPEG) GCC6.3.0",
    "Dcm2bidsVersion": "2.1.4",
    "DeviceSerialNumber": "42451",
    "EchoTime": 0.03,
    "EchoTrainLength": 35,
    "EffectiveEchoSpacing": 0.000698,
    "FlipAngle": 75,
    "ImageOrientationPatientDICOM": [
      1,
      0.000109889,
      0.000604092,
      -0.000110909,
      0.999999,
      0.00168844
    ],
    "ImageType": [
      "ORIGINAL",
      "PRIMARY",
      "M",
      "FFE",
      "M",
      "FFE"
    ],
    "ImagingFrequency": 127.759,
    "InPlanePhaseEncodingDirectionDICOM": "COL",
    "InstitutionAddress": "Calzada_Mexico_Xochimilco_No.101_Tlalpan",
    "InstitutionName": "I.N._Psiquiatria",
    "InstitutionalDepartmentName": "Imagenes_Cerebrales",
    "MRAcquisitionType": "2D",
    "MagneticFieldStrength": 3,
    "Manufacturer": "Philips",
    "ManufacturersModelName": "Ingenia",
    "Modality": "MR",
    "PartialFourier": 0.5,
    "PatientPosition": "HFS",
    "PercentPhaseFOV": 100,
    "PhaseEncodingAxis": "j",
    "PhaseEncodingDirection": "j-",
    "PhaseEncodingSteps": 70,
    "PhilipsRescaleIntercept": 0,
    "PhilipsRescaleSlope": 0.862271,
    "PhilipsScaleSlope": 0.0254323,
    "PixelBandwidth": 1819,
    "ProcedureStepDescription": "PROTOCOLO_EDUARDO_TMS",
    "ProtocolName": "WIP_FE_EPI_32chSHC_AP",
    "ReconMatrixPE": 80,
    "RepetitionTime": 2,
    "SAR": 0.119138,
    "ScanOptions": "FS",
    "ScanningSequence": "GR",
    "SequenceVariant": "SK",
    "SeriesDescription": "FE_EPI_32chSHC_AP",
    "SeriesNumber": 301,
    "SliceThickness": 3.33,
    "SliceTiming": [
      0.0,
      1.027027,
      0.054054,
      1.081081,
      0.108108,
      1.135135,
      0.162162,
      1.189189,
      0.216216,
      1.243244,
      0.27027,
      1.297298,
      0.324324,
      1.351352,
      0.378378,
      1.405406,
      0.432432,
      1.45946,
      0.486486,
      1.513514,
      0.540541,
      1.567568,
      0.594595,
      1.621622,
      0.648649,
      1.675676,
      0.702703,
      1.72973,
      0.756757,
      1.783784,
      0.810811,
      1.837838,
      0.864865,
      1.891892,
      0.918919,
      1.945947,
      0.972973
    ],
    "SoftwareVersions": "5.3.1_5.3.1.0",
    "SpacingBetweenSlices": 3.33,
    "StationName": "PHILIPS-CTMFQSD",
    "TaskName": "rest",
    "TotalReadoutTime": 0.04884,
    "UsePhilipsFloatNotDisplayScaling": 1,
    "dataset": "<unset>",
    "modality": "bold",
    "session_id": "t1",
    "subject_id": "052",
    "task_id": "rest"
  },
  "dummy_trs": 0,
  "dvars_nstd": 25.913767345785953,
  "dvars_std": 1.2956206554515053,
  "dvars_vstd": 0.9783008831438131,
  "efc": 0.40595171855383955,
  "fber": 149765.96875,
  "fd_mean": 0.061135444470753045,
  "fd_num": 0,
  "fd_perc": 0.0,
  "fwhm_avg": 1.9946185626310744,
  "fwhm_x": 1.9374966666666669,
  "fwhm_y": 2.2023800000000002,
  "fwhm_z": 1.843979021226557,
  "gcor": 0.047619,
  "gsr_x": -0.019315926358103752,
  "gsr_y": 0.021454771980643272,
  "provenance": {
    "md5sum": "a866dc596457dc51b10678f9bc4ad3c1",
    "settings": {
      "fd_thres": 0.5,
      "testing": false
    },
    "software": "mriqc",
    "version": "22.0.0rc1",
    "webapi_port": null,
    "webapi_url": "https://mriqc.nimh.nih.gov/api/v1"
  },
  "size_t": 300,
  "size_x": 80,
  "size_y": 80,
  "size_z": 37,
  "snr": 5.435388406391173,
  "spacing_tr": 2.0000016689300537,
  "spacing_x": 3.0,
  "spacing_y": 3.0,
  "spacing_z": 3.3299999237060547,
  "summary_bg_k": 82.1686512638587,
  "summary_bg_mad": 177.83172652915675,
  "summary_bg_mean": 1460.56201171875,
  "summary_bg_median": 155.9515380859375,
  "summary_bg_n": 165578.0,
  "summary_bg_p05": 14.714977264404297,
  "summary_bg_p95": 8229.8541015625,
  "summary_bg_stdv": 4103.7119140625,
  "summary_fg_k": 3.3787091650001075,
  "summary_fg_mad": 9381.35086287151,
  "summary_fg_mean": 62654.56640625,
  "summary_fg_median": 62476.5,
  "summary_fg_n": 30937.0,
  "summary_fg_p05": 44868.484375,
  "summary_fg_p95": 80862.58281249997,
  "summary_fg_stdv": 11494.208984375,
  "tsnr": 67.3598861694336
}