{
  "aor": 0.005207566666666667,
  "aqi": 0.023279705999999997,
  "bids_meta": {
    "AcquisitionMatrixPE": 70,
    "AcquisitionNumber": 3,
    "AcquisitionTime": "08:46:37.170000",
    "BodyPartExamined": "BRAIN",
    "CoilString": "MULTI_COIL",
    "ConversionSoftware": "dcm2niix",
    "ConversionSoftwareVersion": "v1.0.20190410  (JP2:OpenJPEG) GCC6.3.0",
    "Dcm2bidsVersion": "2.1.4",
    "DeviceSerialNumber": "42451",
    "EchoTime": 0.03,
    "EchoTrainLength": 35,
    "EffectiveEchoSpacing": 0.000698,
    "FlipAngle": 75,
    "ImageOrientationPatientDICOM": [
      1,
      -4.14618e-05,
      0.000535568,
      4.02848e-05,
      0.999998,
      0.0021975
    ],
    "ImageType": [
      "ORIGINAL",
      "PRIMARY",
      "M",
      "FFE",
      "M",
      "FFE"
    ],
    "ImagingFrequency": 127.759,
    "InPlanePhaseEncodingDirectionDICOM": "COL",
    "InstitutionAddress": "Calzada_Mexico_Xochimilco_No.101_Tlalpan",
    "InstitutionName": "I.N._Psiquiatria",
    "InstitutionalDepartmentName": "Imagenes_Cerebrales",
    "MRAcquisitionType": "2D",
    "MagneticFieldStrength": 3,
    "Manufacturer": "Philips",
    "ManufacturersModelName": "Ingenia",
    "Modality": "MR",
    "PartialFourier": 0.5,
    "PatientPosition": "HFS",
    "PercentPhaseFOV": 100,
    "PhaseEncodingAxis": "j",
    "PhaseEncodingDirection": "j-",
    "PhaseEncodingSteps": 70,
    "PhilipsRescaleIntercept": 0,
    "PhilipsRescaleSlope": 0.787057,
    "PhilipsScaleSlope": 0.0244505,
    "PixelBandwidth": 1819,
    "ProcedureStepDescription": "PROTOCOLO_EDUARDO_TMS",
    "ProtocolName": "WIP_FE_EPI_32chSHC_AP",
    "ReconMatrixPE": 80,
    "RepetitionTime": 2,
    "SAR": 0.119138,
    "ScanOptions": "FS",
    "ScanningSequence": "GR",
    "SequenceVariant": "SK",
    "SeriesDescription": "FE_EPI_32chSHC_AP",
    "SeriesNumber": 301,
    "SliceThickness": 3.33,
    "SliceTiming": [
      0.0,
      1.027027,
      0.054054,
      1.081081,
      0.108108,
      1.135135,
      0.162162,
      1.189189,
      0.216216,
      1.243244,
      0.27027,
      1.297298,
      0.324324,
      1.351352,
      0.378378,
      1.405406,
      0.432432,
      1.45946,
      0.486486,
      1.513514,
      0.540541,
      1.567568,
      0.594595,
      1.621622,
      0.648649,
      1.675676,
      0.702703,
      1.72973,
      0.756757,
      1.783784,
      0.810811,
      1.837838,
      0.864865,
      1.891892,
      0.918919,
      1.945947,
      0.972973
    ],
    "SoftwareVersions": "5.3.1_5.3.1.0",
    "SpacingBetweenSlices": 3.33,
    "StationName": "PHILIPS-CTMFQSD",
    "TaskName": "rest",
    "TotalReadoutTime": 0.04884,
    "UsePhilipsFloatNotDisplayScaling": 1,
    "dataset": "<unset>",
    "modality": "bold",
    "session_id": "t0",
    "subject_id": "043",
    "task_id": "rest"
  },
  "dummy_trs": 0,
  "dvars_nstd": 25.66675688816053,
  "dvars_std": 1.0458932864548491,
  "dvars_vstd": 0.9029772667224076,
  "efc": 0.41937772387460376,
  "fber": 85367.1484375,
  "fd_mean": 0.1592023530637044,
  "fd_num": 8,
  "fd_perc": 2.6666666666666665,
  "fwhm_avg": 1.9574800837954216,
  "fwhm_x": 1.8926666666666667,
  "fwhm_y": 2.1825633333333334,
  "fwhm_z": 1.7972102513862644,
  "gcor": 0.0465521,
  "gsr_x": -0.012014462612569332,
  "gsr_y": 0.013163512572646141,
  "provenance": {
    "md5sum": "a11a750cb5fdacb4abfbd600020da03f",
    "settings": {
      "fd_thres": 0.5,
      "testing": false
    },
    "software": "mriqc",
    "version": "22.0.0rc1",
    "webapi_port": null,
    "webapi_url": "https://mriqc.nimh.nih.gov/api/v1"
  },
  "size_t": 300,
  "size_x": 80,
  "size_y": 80,
  "size_z": 37,
  "snr": 4.618057794951763,
  "spacing_tr": 2.0000016689300537,
  "spacing_x": 3.0,
  "spacing_y": 3.0,
  "spacing_z": 3.3299999237060547,
  "summary_bg_k": 92.49349140887159,
  "summary_bg_mad": 243.51576151746582,
  "summary_bg_mean": 1570.4927978515625,
  "summary_bg_median": 189.8491973876953,
  "summary_bg_n": 163428.0,
  "summary_bg_p05": 12.093741464614869,
  "summary_bg_p95": 6989.940405273436,
  "summary_bg_stdv": 4443.06005859375,
  "summary_fg_k": 2.8533058122807526,
  "summary_fg_mad": 9439.363466085457,
  "summary_fg_mean": 57539.6640625,
  "summary_fg_median": 56531.96875,
  "summary_fg_n": 32617.0,
  "summary_fg_p05": 39866.2453125,
  "summary_fg_p95": 79273.275,
  "summary_fg_stdv": 12241.3154296875,
  "tsnr": 33.82894515991211
}