{
  "bids_meta": {
    "AcquisitionMatrixPE": 240,
    "AcquisitionNumber": 4,
    "AcquisitionTime": "07:55:28.790000",
    "BodyPartExamined": "BRAIN",
    "CoilString": "MULTI_COIL",
    "ConversionSoftware": "dcm2niix",
    "ConversionSoftwareVersion": "v1.0.20190410  (JP2:OpenJPEG) GCC6.3.0",
    "Dcm2bidsVersion": "2.1.4",
    "DeviceSerialNumber": "42451",
    "EchoTime": 0.0035,
    "EchoTrainLength": 240,
    "FlipAngle": 8,
    "ImageOrientationPatientDICOM": [
      -3.09277e-05,
      0.999999,
      0.00155724,
      0.000567098,
      0.00155726,
      -0.999999
    ],
    "ImageType": [
      "ORIGINAL",
      "PRIMARY",
      "M",
      "FFE",
      "M",
      "FFE"
    ],
    "ImagingFrequency": 127.759,
    "InPlanePhaseEncodingDirectionDICOM": "ROW",
    "InstitutionAddress": "Calzada_Mexico_Xochimilco_No.101_Tlalpan",
    "InstitutionName": "I.N._Psiquiatria",
    "InstitutionalDepartmentName": "Imagenes_Cerebrales",
    "MRAcquisitionType": "3D",
    "MagneticFieldStrength": 3,
    "Manufacturer": "Philips",
    "ManufacturersModelName": "Ingenia",
    "Modality": "MR",
    "PatientPosition": "HFS",
    "PercentPhaseFOV": 100,
    "PhaseEncodingSteps": 240,
    "PhilipsRescaleIntercept": 0,
    "PhilipsRescaleSlope": 9.24493,
    "PhilipsScaleSlope": 0.00556873,
    "PixelBandwidth": 310,
    "ProcedureStepDescription": "PROTOCOLO_EDUARDO_TMS",
    "ProtocolName": "WIP_sT1W_3D_TFE_32_channel",
    "ReconMatrixPE": 240,
    "RepetitionTime": 0.007,
    "SAR": 0.0382114,
    "ScanOptions": "OTHER",
    "ScanningSequence": "GR",
    "SequenceVariant": "MP",
    "SeriesDescription": "sT1W_3D_TFE_32_channel",
    "SeriesNumber": 401,
    "SliceThickness": 1,
    "SoftwareVersions": "5.3.1_5.3.1.0",
    "SpacingBetweenSlices": 1,
    "StationName": "PHILIPS-CTMFQSD",
    "UsePhilipsFloatNotDisplayScaling": 1,
    "dataset": "<unset>",
    "modality": "T1w",
    "session_id": "t2",
    "subject_id": "039"
  },
  "cjv": 0.43290124657819684,
  "cnr": 2.8740781728005413,
  "efc": 0.7169020387621649,
  "fber": 12371.634193238264,
  "fwhm_avg": 4.09521,
  "fwhm_x": 3.98424,
  "fwhm_y": 4.43327,
  "fwhm_z": 3.86812,
  "icvs_csf": 0.24833251595063516,
  "icvs_gm": 0.3706477822335775,
  "icvs_wm": 0.3810197018157873,
  "inu_med": 1.8529391288757324,
  "inu_range": 0.7185533046722403,
  "provenance": {
    "md5sum": "15011b5d109032d52e494bad266d4813",
    "settings": {
      "testing": false
    },
    "software": "mriqc",
    "version": "21.0.0rc2",
    "warnings": {
      "large_rot_frame": true,
      "small_air_mask": false
    },
    "webapi_port": null,
    "webapi_url": "https://mriqc.nimh.nih.gov/api/v1"
  },
  "qi_1": 0.0,
  "qi_2": 0.00011968886704523443,
  "rpve_csf": 19.31838794245605,
  "rpve_gm": 12.147159672192455,
  "rpve_wm": 14.779340092187088,
  "size_x": 180,
  "size_y": 240,
  "size_z": 240,
  "snr_csf": 3.9240921805679276,
  "snr_gm": 10.64511894071112,
  "snr_total": 13.515816289201203,
  "snr_wm": 25.978237746324556,
  "snrd_csf": 59.389044509246844,
  "snrd_gm": 126.00287233490876,
  "snrd_total": 116.71228706104779,
  "snrd_wm": 164.74494433898778,
  "spacing_x": 1.0,
  "spacing_y": 1.0,
  "spacing_z": 1.0,
  "summary_bg_k": 4.719429852424115,
  "summary_bg_mad": 3.976670686620213,
  "summary_bg_mean": 6.379184101332543,
  "summary_bg_median": 2.682223618030548,
  "summary_bg_n": 501685.0,
  "summary_bg_p05": 0.0,
  "summary_bg_p95": 21.625427920371294,
  "summary_bg_stdv": 7.165014873210065,
  "summary_csf_k": 1.3036889818180484,
  "summary_csf_mad": 79.33458019807324,
  "summary_csf_mean": 375.75046133164614,
  "summary_csf_median": 360.49085426330566,
  "summary_csf_n": 55814.0,
  "summary_csf_p05": 255.36948150340467,
  "summary_csf_p95": 553.2320906754583,
  "summary_csf_stdv": 91.86522850799157,
  "summary_gm_k": 0.4748756721039533,
  "summary_gm_mad": 66.36069208297481,
  "summary_gm_mean": 765.529354698151,
  "summary_gm_median": 764.8360646814108,
  "summary_gm_n": 12689.0,
  "summary_gm_p05": 647.8240593448281,
  "summary_gm_p95": 886.3005612239238,
  "summary_gm_stdv": 71.84569102398946,
  "summary_wm_k": 0.8004396432725946,
  "summary_wm_mad": 35.44207749450265,
  "summary_wm_mean": 1000.8033724719586,
  "summary_wm_median": 1000.0000203922391,
  "summary_wm_n": 241960.0,
  "summary_wm_p05": 939.4152944199741,
  "summary_wm_p95": 1064.8427763581276,
  "summary_wm_stdv": 38.49367935183662,
  "tpm_overlap_csf": 0.1710471659898758,
  "tpm_overlap_gm": 0.4224879741668701,
  "tpm_overlap_wm": 0.49543023109436035,
  "wm2max": 0.646648165813893
}