{
  "bids_meta": {
    "AcquisitionMatrixPE": 240,
    "AcquisitionNumber": 4,
    "AcquisitionTime": "08:02:2.680000",
    "BodyPartExamined": "BRAIN",
    "CoilString": "MULTI_COIL",
    "ConversionSoftware": "dcm2niix",
    "ConversionSoftwareVersion": "v1.0.20190410  (JP2:OpenJPEG) GCC6.3.0",
    "Dcm2bidsVersion": "2.1.4",
    "DeviceSerialNumber": "42451",
    "EchoTime": 0.0035,
    "EchoTrainLength": 240,
    "FlipAngle": 8,
    "ImageOrientationPatientDICOM": [
      0.00212014,
      0.999996,
      -0.00205198,
      0.000603757,
      -0.00205326,
      -0.999998
    ],
    "ImageType": [
      "ORIGINAL",
      "PRIMARY",
      "M",
      "FFE",
      "M",
      "FFE"
    ],
    "ImagingFrequency": 127.759,
    "InPlanePhaseEncodingDirectionDICOM": "ROW",
    "InstitutionAddress": "Calzada_Mexico_Xochimilco_No.101_Tlalpan",
    "InstitutionName": "I.N._Psiquiatria",
    "InstitutionalDepartmentName": "Imagenes_Cerebrales",
    "MRAcquisitionType": "3D",
    "MagneticFieldStrength": 3,
    "Manufacturer": "Philips",
    "ManufacturersModelName": "Ingenia",
    "Modality": "MR",
    "PatientPosition": "HFS",
    "PercentPhaseFOV": 100,
    "PhaseEncodingSteps": 240,
    "PhilipsRescaleIntercept": 0,
    "PhilipsRescaleSlope": 10.6081,
    "PhilipsScaleSlope": 0.00565465,
    "PixelBandwidth": 310,
    "ProcedureStepDescription": "PROTOCOLO_EDUARDO_TMS",
    "ProtocolName": "WIP_sT1W_3D_TFE_32_channel",
    "ReconMatrixPE": 240,
    "RepetitionTime": 0.007,
    "SAR": 0.0382114,
    "ScanOptions": "OTHER",
    "ScanningSequence": "GR",
    "SequenceVariant": "MP",
    "SeriesDescription": "sT1W_3D_TFE_32_channel",
    "SeriesNumber": 401,
    "SliceThickness": 1,
    "SoftwareVersions": "5.3.1_5.3.1.0",
    "SpacingBetweenSlices": 1,
    "StationName": "PHILIPS-CTMFQSD",
    "UsePhilipsFloatNotDisplayScaling": 1,
    "dataset": "<unset>",
    "modality": "T1w",
    "session_id": "t3",
    "subject_id": "036"
  },
  "cjv": 0.4809494283423338,
  "cnr": 2.680616674735478,
  "efc": 0.7561391508539277,
  "fber": 4310.7431640625,
  "fwhm_avg": 4.10746,
  "fwhm_x": 3.99232,
  "fwhm_y": 4.41975,
  "fwhm_z": 3.91031,
  "icvs_csf": 0.26441974171411564,
  "icvs_gm": 0.38265695362640056,
  "icvs_wm": 0.3529233046594838,
  "inu_med": 1.9496264457702637,
  "inu_range": 0.750972890853882,
  "provenance": {
    "md5sum": "f29bc3655576a0cb5aad144bfbd57c84",
    "settings": {
      "testing": false
    },
    "software": "mriqc",
    "version": "21.0.0rc2",
    "warnings": {
      "large_rot_frame": true,
      "small_air_mask": false
    },
    "webapi_port": null,
    "webapi_url": "https://mriqc.nimh.nih.gov/api/v1"
  },
  "qi_1": 7.488235981273419e-05,
  "qi_2": 3.803526167665115e-05,
  "rpve_csf": 18.935634409037462,
  "rpve_gm": 12.078079630834763,
  "rpve_wm": 15.456796618525956,
  "size_x": 180,
  "size_y": 240,
  "size_z": 240,
  "snr_csf": 4.5245133434941796,
  "snr_gm": 10.821611483895255,
  "snr_total": 12.799630838135647,
  "snr_wm": 23.052767687017507,
  "snrd_csf": 46.89544402999077,
  "snrd_gm": 105.9502829487282,
  "snrd_total": 96.55731123572814,
  "snrd_wm": 136.82620672846542,
  "spacing_x": 1.0,
  "spacing_y": 1.0,
  "spacing_z": 1.0,
  "summary_bg_k": 5.003396357408491,
  "summary_bg_mad": 4.788268920836492,
  "summary_bg_mean": 8.898941728113156,
  "summary_bg_median": 6.273665219545364,
  "summary_bg_n": 375139.0,
  "summary_bg_p05": 0.0,
  "summary_bg_p95": 27.915954113006592,
  "summary_bg_stdv": 9.21866879706211,
  "summary_csf_k": 2.7222036666614366,
  "summary_csf_mad": 60.32118088777925,
  "summary_csf_mean": 356.5975325999652,
  "summary_csf_median": 342.7500057518482,
  "summary_csf_n": 90636.0,
  "summary_csf_p05": 262.3060262799263,
  "summary_csf_p95": 501.7540090158582,
  "summary_csf_stdv": 75.75358694310454,
  "summary_gm_k": 0.29254750909746496,
  "summary_gm_mad": 67.47606548213263,
  "summary_gm_mean": 778.126213972663,
  "summary_gm_median": 774.3707484006882,
  "summary_gm_n": 15965.0,
  "summary_gm_p05": 666.34491533041,
  "summary_gm_p95": 905.3307256877422,
  "summary_gm_stdv": 71.5555624073043,
  "summary_wm_k": 0.5352872736674801,
  "summary_wm_mad": 41.058030056827846,
  "summary_wm_mean": 1000.0107208604841,
  "summary_wm_median": 1000.0370849072933,
  "summary_wm_n": 202291.0,
  "summary_wm_p05": 928.9107975661755,
  "summary_wm_p95": 1070.4209266602993,
  "summary_wm_stdv": 43.380240789436,
  "tpm_overlap_csf": 0.16667334735393524,
  "tpm_overlap_gm": 0.41994085907936096,
  "tpm_overlap_wm": 0.4805648922920227,
  "wm2max": 0.6317480418366869
}