{
  "aor": 0.0033988666666666667,
  "aqi": 0.02507117266666667,
  "bids_meta": {
    "AcquisitionMatrixPE": 70,
    "AcquisitionNumber": 5,
    "AcquisitionTime": "08:46:17.220000",
    "BodyPartExamined": "BRAIN",
    "CoilString": "MULTI_COIL",
    "ConversionSoftware": "dcm2niix",
    "ConversionSoftwareVersion": "v1.0.20190410  (JP2:OpenJPEG) GCC6.3.0",
    "Dcm2bidsVersion": "2.1.4",
    "DeviceSerialNumber": "42451",
    "EchoTime": 0.03,
    "EchoTrainLength": 35,
    "EffectiveEchoSpacing": 0.000698,
    "FlipAngle": 75,
    "ImageOrientationPatientDICOM": [
      0.999909,
      0.00417193,
      0.0128028,
      -0.0040319,
      0.999932,
      -0.010944
    ],
    "ImageType": [
      "ORIGINAL",
      "PRIMARY",
      "M",
      "FFE",
      "M",
      "FFE"
    ],
    "ImagingFrequency": 127.759,
    "InPlanePhaseEncodingDirectionDICOM": "COL",
    "InstitutionAddress": "Calzada_Mexico_Xochimilco_No.101_Tlalpan",
    "InstitutionName": "I.N._Psiquiatria",
    "InstitutionalDepartmentName": "Imagenes_Cerebrales",
    "MRAcquisitionType": "2D",
    "MagneticFieldStrength": 3,
    "Manufacturer": "Philips",
    "ManufacturersModelName": "Ingenia",
    "Modality": "MR",
    "PartialFourier": 0.5,
    "PatientPosition": "HFS",
    "PercentPhaseFOV": 100,
    "PhaseEncodingAxis": "j",
    "PhaseEncodingDirection": "j-",
    "PhaseEncodingSteps": 70,
    "PhilipsRescaleIntercept": 0,
    "PhilipsRescaleSlope": 0.773382,
    "PhilipsScaleSlope": 0.0202865,
    "PixelBandwidth": 1819,
    "ProcedureStepDescription": "EDUARDO_TMS",
    "ProtocolName": "WIP_FE_EPI_32chSHC_AP",
    "ReconMatrixPE": 80,
    "RepetitionTime": 2,
    "SAR": 0.119138,
    "ScanOptions": "FS",
    "ScanningSequence": "GR",
    "SequenceVariant": "SK",
    "SeriesDescription": "FE_EPI_32chSHC_AP",
    "SeriesNumber": 501,
    "SliceThickness": 3.33,
    "SliceTiming": [
      0.0,
      1.027027,
      0.054054,
      1.081081,
      0.108108,
      1.135135,
      0.162162,
      1.189189,
      0.216216,
      1.243244,
      0.27027,
      1.297298,
      0.324324,
      1.351352,
      0.378378,
      1.405406,
      0.432432,
      1.45946,
      0.486486,
      1.513514,
      0.540541,
      1.567568,
      0.594595,
      1.621622,
      0.648649,
      1.675676,
      0.702703,
      1.72973,
      0.756757,
      1.783784,
      0.810811,
      1.837838,
      0.864865,
      1.891892,
      0.918919,
      1.945947,
      0.972973
    ],
    "SoftwareVersions": "5.3.1_5.3.1.1",
    "SpacingBetweenSlices": 3.33,
    "StationName": "PHILIPS-CTMFQSD",
    "TaskName": "rest",
    "TotalReadoutTime": 0.04884,
    "UsePhilipsFloatNotDisplayScaling": 1,
    "dataset": "<unset>",
    "modality": "bold",
    "session_id": "t0",
    "subject_id": "021",
    "task_id": "rest"
  },
  "dummy_trs": 0,
  "dvars_nstd": 27.26509806127092,
  "dvars_std": 1.081814919866221,
  "dvars_vstd": 0.9202417073913042,
  "efc": 0.45215733757548243,
  "fber": 59094.6015625,
  "fd_mean": 0.20383521084620612,
  "fd_num": 22,
  "fd_perc": 7.333333333333333,
  "fwhm_avg": 2.1602255707074267,
  "fwhm_x": 2.0917033333333332,
  "fwhm_y": 2.4049733333333334,
  "fwhm_z": 1.984000045455613,
  "gcor": 0.0249475,
  "gsr_x": -0.006752819754183292,
  "gsr_y": 0.02898038923740387,
  "provenance": {
    "md5sum": "c26cc1fceaaaa65463494b153d294737",
    "settings": {
      "fd_thres": 0.5,
      "testing": false
    },
    "software": "mriqc",
    "version": "22.0.0rc1",
    "webapi_port": null,
    "webapi_url": "https://mriqc.nimh.nih.gov/api/v1"
  },
  "size_t": 300,
  "size_x": 80,
  "size_y": 80,
  "size_z": 37,
  "snr": 4.605163016880104,
  "spacing_tr": 2.0000016689300537,
  "spacing_x": 3.0,
  "spacing_y": 3.0,
  "spacing_z": 3.3299999237060547,
  "summary_bg_k": 100.93403443934126,
  "summary_bg_mad": 356.79712818380654,
  "summary_bg_mean": 1853.3201904296875,
  "summary_bg_median": 294.5083923339844,
  "summary_bg_n": 154159.0,
  "summary_bg_p05": 23.336506080627444,
  "summary_bg_p95": 8809.546582031253,
  "summary_bg_stdv": 4917.20654296875,
  "summary_fg_k": 1.5319191437704873,
  "summary_fg_mad": 12841.043679658744,
  "summary_fg_mean": 72892.0234375,
  "summary_fg_median": 71775.4921875,
  "summary_fg_n": 40437.0,
  "summary_fg_p05": 49164.42421875,
  "summary_fg_p95": 100948.46718749999,
  "summary_fg_stdv": 15585.681640625,
  "tsnr": 31.633655548095703
}