{
  "bids_meta": {
    "AcquisitionMatrixPE": 240,
    "AcquisitionNumber": 5,
    "AcquisitionTime": "10:01:51.580000",
    "BodyPartExamined": "BRAIN",
    "CoilString": "MULTI_COIL",
    "ConversionSoftware": "dcm2niix",
    "ConversionSoftwareVersion": "v1.0.20190410  (JP2:OpenJPEG) GCC6.3.0",
    "Dcm2bidsVersion": "2.1.4",
    "DeviceSerialNumber": "42451",
    "EchoTime": 0.0035,
    "EchoTrainLength": 240,
    "FlipAngle": 8,
    "ImageOrientationPatientDICOM": [
      -0.0042116,
      0.999934,
      -0.0107015,
      -0.00362181,
      -0.0107168,
      -0.999936
    ],
    "ImageType": [
      "ORIGINAL",
      "PRIMARY",
      "M",
      "FFE",
      "M",
      "FFE"
    ],
    "ImagingFrequency": 127.759,
    "InPlanePhaseEncodingDirectionDICOM": "ROW",
    "InstitutionAddress": "Calzada_Mexico_Xochimilco_No.101_Tlalpan",
    "InstitutionName": "I.N._Psiquiatria",
    "InstitutionalDepartmentName": "Imagenes_Cerebrales",
    "MRAcquisitionType": "3D",
    "MagneticFieldStrength": 3,
    "Manufacturer": "Philips",
    "ManufacturersModelName": "Ingenia",
    "Modality": "MR",
    "PatientPosition": "HFS",
    "PercentPhaseFOV": 100,
    "PhaseEncodingSteps": 240,
    "PhilipsRescaleIntercept": 0,
    "PhilipsRescaleSlope": 3.8337,
    "PhilipsScaleSlope": 0.00620081,
    "PixelBandwidth": 310,
    "ProcedureStepDescription": "EDUARDO_TMS",
    "ProtocolName": "WIP_sT1W_3D_TFE_32_channel",
    "ReconMatrixPE": 240,
    "RepetitionTime": 0.007,
    "SAR": 0.0382114,
    "ScanOptions": "OTHER",
    "ScanningSequence": "GR",
    "SequenceVariant": "MP",
    "SeriesDescription": "sT1W_3D_TFE_32_channel",
    "SeriesNumber": 501,
    "SliceThickness": 1,
    "SoftwareVersions": "5.3.1_5.3.1.0",
    "SpacingBetweenSlices": 1,
    "StationName": "PHILIPS-CTMFQSD",
    "UsePhilipsFloatNotDisplayScaling": 1,
    "dataset": "<unset>",
    "modality": "T1w",
    "session_id": "t0",
    "subject_id": "027"
  },
  "cjv": 0.46693500417456946,
  "cnr": 2.794927845820924,
  "efc": 0.7604648225255892,
  "fber": 2281.346282807261,
  "fwhm_avg": 4.1342,
  "fwhm_x": 4.10397,
  "fwhm_y": 4.30791,
  "fwhm_z": 3.99072,
  "icvs_csf": 0.22223549769970552,
  "icvs_gm": 0.39574695161128504,
  "icvs_wm": 0.38201755068900944,
  "inu_med": 1.5469307899475098,
  "inu_range": 0.47806162834167476,
  "provenance": {
    "md5sum": "216dd353eb8f25e9df970428a5d44be3",
    "settings": {
      "testing": false
    },
    "software": "mriqc",
    "version": "21.0.0rc2",
    "warnings": {
      "large_rot_frame": true,
      "small_air_mask": false
    },
    "webapi_port": null,
    "webapi_url": "https://mriqc.nimh.nih.gov/api/v1"
  },
  "qi_1": 0.0,
  "qi_2": 5.628806439644764e-05,
  "rpve_csf": 24.33055296217072,
  "rpve_gm": 13.559315377471142,
  "rpve_wm": 16.925378288337768,
  "size_x": 180,
  "size_y": 240,
  "size_z": 240,
  "snr_csf": 3.5412104845142838,
  "snr_gm": 12.109008768565264,
  "snr_total": 13.75451898444185,
  "snr_wm": 25.613337700246003,
  "snrd_csf": 26.35651591205294,
  "snrd_gm": 58.521998854611375,
  "snrd_total": 53.096394985452974,
  "snrd_wm": 74.41067018969461,
  "spacing_x": 1.0,
  "spacing_y": 1.0,
  "spacing_z": 1.0,
  "summary_bg_k": 14.301744253531965,
  "summary_bg_mad": 8.804334021544783,
  "summary_bg_mean": 10.637094773531604,
  "summary_bg_median": 8.795300848782063,
  "summary_bg_n": 395284.0,
  "summary_bg_p05": 0.0,
  "summary_bg_p95": 29.563766721636057,
  "summary_bg_stdv": 9.701838492645088,
  "summary_csf_k": 1.8816025365621476,
  "summary_csf_mad": 81.9754883897886,
  "summary_csf_mean": 371.94334693558085,
  "summary_csf_median": 354.20345699228346,
  "summary_csf_n": 40948.0,
  "summary_csf_p05": 244.28948107492178,
  "summary_csf_p95": 567.7350648069755,
  "summary_csf_stdv": 100.0220499388615,
  "summary_gm_k": 0.11030921542756467,
  "summary_gm_mad": 63.24843197098928,
  "summary_gm_mean": 787.3301770881362,
  "summary_gm_median": 786.4732339270413,
  "summary_gm_n": 22381.0,
  "summary_gm_p05": 681.250620122999,
  "summary_gm_p95": 896.7033912800252,
  "summary_gm_stdv": 64.94798035517704,
  "summary_wm_k": 0.5684700632113606,
  "summary_wm_mad": 36.45470194866651,
  "summary_wm_mean": 1000.2162199359597,
  "summary_wm_median": 1000.0000267960131,
  "summary_wm_n": 206156.0,
  "summary_wm_p05": 936.1859461851418,
  "summary_wm_p95": 1064.2635023407638,
  "summary_wm_stdv": 39.042065237581575,
  "tpm_overlap_csf": 0.14821968972682953,
  "tpm_overlap_gm": 0.42559951543807983,
  "tpm_overlap_wm": 0.4815460741519928,
  "wm2max": 0.6786997956754499
}