{
  "bids_meta": {
    "AcquisitionMatrixPE": 240,
    "AcquisitionNumber": 4,
    "AcquisitionTime": "09:55:3.670000",
    "BodyPartExamined": "BRAIN",
    "CoilString": "MULTI_COIL",
    "ConversionSoftware": "dcm2niix",
    "ConversionSoftwareVersion": "v1.0.20190410  (JP2:OpenJPEG) GCC6.3.0",
    "Dcm2bidsVersion": "2.1.4",
    "DeviceSerialNumber": "42451",
    "EchoTime": 0.0035,
    "EchoTrainLength": 240,
    "FlipAngle": 8,
    "ImageOrientationPatientDICOM": [
      0.00569928,
      0.999979,
      -0.00316218,
      0.0573693,
      -0.00348399,
      -0.998347
    ],
    "ImageType": [
      "ORIGINAL",
      "PRIMARY",
      "M",
      "FFE",
      "M",
      "FFE"
    ],
    "ImagingFrequency": 127.76,
    "InPlanePhaseEncodingDirectionDICOM": "ROW",
    "InstitutionAddress": "Calzada_Mexico_Xochimilco_No.101_Tlalpan",
    "InstitutionName": "I.N._Psiquiatria",
    "InstitutionalDepartmentName": "Imagenes_Cerebrales",
    "MRAcquisitionType": "3D",
    "MagneticFieldStrength": 3,
    "Manufacturer": "Philips",
    "ManufacturersModelName": "Ingenia",
    "Modality": "MR",
    "PatientPosition": "HFS",
    "PercentPhaseFOV": 100,
    "PhaseEncodingSteps": 240,
    "PhilipsRescaleIntercept": 0,
    "PhilipsRescaleSlope": 60.7238,
    "PhilipsScaleSlope": 0.0048973,
    "PixelBandwidth": 310,
    "ProcedureStepDescription": "PROTOCOLO_TMS",
    "ProtocolName": "WIP_sT1W_3D_TFE_32_channel",
    "ReconMatrixPE": 240,
    "RepetitionTime": 0.007,
    "SAR": 0.0382114,
    "ScanOptions": "OTHER",
    "ScanningSequence": "GR",
    "SequenceVariant": "MP",
    "SeriesDescription": "sT1W_3D_TFE_32_channel",
    "SeriesNumber": 401,
    "SliceThickness": 1,
    "SoftwareVersions": "5.3.1_5.3.1.0",
    "SpacingBetweenSlices": 1,
    "StationName": "PHILIPS-CTMFQSD",
    "UsePhilipsFloatNotDisplayScaling": 1,
    "dataset": "<unset>",
    "modality": "T1w",
    "session_id": "t2",
    "subject_id": "034"
  },
  "cjv": 0.4673817551184408,
  "cnr": 2.7042491475034725,
  "efc": 0.7001957703450974,
  "fber": 60985.47845804989,
  "fwhm_avg": 4.255366666666666,
  "fwhm_x": 4.13843,
  "fwhm_y": 4.43517,
  "fwhm_z": 4.1925,
  "icvs_csf": 0.2395798522788835,
  "icvs_gm": 0.3840800296230088,
  "icvs_wm": 0.37634011809810763,
  "inu_med": 2.049750804901123,
  "inu_range": 0.8473140001296997,
  "provenance": {
    "md5sum": "095fed97fc4ae0aba4e523f53b09c311",
    "settings": {
      "testing": false
    },
    "software": "mriqc",
    "version": "21.0.0rc2",
    "warnings": {
      "large_rot_frame": true,
      "small_air_mask": false
    },
    "webapi_port": null,
    "webapi_url": "https://mriqc.nimh.nih.gov/api/v1"
  },
  "qi_1": 0.04036225542943514,
  "qi_2": 5.368853109461348e-05,
  "rpve_csf": 21.438956529713103,
  "rpve_gm": 12.790819658159295,
  "rpve_wm": 15.855223744841313,
  "size_x": 180,
  "size_y": 240,
  "size_z": 240,
  "snr_csf": 4.108229509045913,
  "snr_gm": 10.039392001095912,
  "snr_total": 12.598199892579755,
  "snr_wm": 23.64697816759744,
  "snrd_csf": 64.33670612338845,
  "snrd_gm": 140.19800001696845,
  "snrd_total": 129.35761782868065,
  "snrd_wm": 183.53814734568508,
  "spacing_x": 1.0,
  "spacing_y": 1.0,
  "spacing_z": 1.0,
  "summary_bg_k": 8.478611864212185,
  "summary_bg_mad": 3.5694833434261093,
  "summary_bg_mean": 4.964868790244472,
  "summary_bg_median": 2.407579928636551,
  "summary_bg_n": 520742.0,
  "summary_bg_p05": 0.0,
  "summary_bg_p95": 19.99844618141651,
  "summary_bg_stdv": 6.912793147808685,
  "summary_csf_k": 1.977728935822399,
  "summary_csf_mad": 72.02296230042036,
  "summary_csf_mean": 364.47836081305024,
  "summary_csf_median": 350.53587122261524,
  "summary_csf_n": 57615.0,
  "summary_csf_p05": 253.61136312782764,
  "summary_csf_p95": 527.4114489153022,
  "summary_csf_stdv": 85.32454878279657,
  "summary_gm_k": 0.058281062915679804,
  "summary_gm_mad": 71.85024536444813,
  "summary_gm_mean": 772.1798269596441,
  "summary_gm_median": 763.862980261445,
  "summary_gm_n": 15612.0,
  "summary_gm_p05": 659.0031663857401,
  "summary_gm_p95": 912.2922244586049,
  "summary_gm_stdv": 76.08414093372494,
  "summary_wm_k": 0.8312548928088579,
  "summary_wm_mad": 38.51587672180753,
  "summary_wm_mean": 998.5238251925174,
  "summary_wm_median": 999.9999729394913,
  "summary_wm_n": 208100.0,
  "summary_wm_p05": 926.1028019040823,
  "summary_wm_p95": 1064.8881352096796,
  "summary_wm_stdv": 42.28859870204959,
  "tpm_overlap_csf": 0.16574496030807495,
  "tpm_overlap_gm": 0.41792505979537964,
  "tpm_overlap_wm": 0.48652055859565735,
  "wm2max": 0.7006584317353213
}