{
  "bids_meta": {
    "AcquisitionMatrixPE": 240,
    "AcquisitionNumber": 4,
    "AcquisitionTime": "10:32:41.650000",
    "BodyPartExamined": "BRAIN",
    "CoilString": "MULTI_COIL",
    "ConversionSoftware": "dcm2niix",
    "ConversionSoftwareVersion": "v1.0.20190410  (JP2:OpenJPEG) GCC6.3.0",
    "Dcm2bidsVersion": "2.1.4",
    "DeviceSerialNumber": "42451",
    "EchoTime": 0.0035,
    "EchoTrainLength": 240,
    "FlipAngle": 8,
    "ImageOrientationPatientDICOM": [
      0.0487283,
      0.998812,
      0.000458021,
      -0.00616568,
      0.000759358,
      -0.999981
    ],
    "ImageType": [
      "ORIGINAL",
      "PRIMARY",
      "M",
      "FFE",
      "M",
      "FFE"
    ],
    "ImagingFrequency": 127.76,
    "InPlanePhaseEncodingDirectionDICOM": "ROW",
    "InstitutionAddress": "Calzada_Mexico_Xochimilco_No.101_Tlalpan",
    "InstitutionName": "I.N._Psiquiatria",
    "InstitutionalDepartmentName": "Imagenes_Cerebrales",
    "MRAcquisitionType": "3D",
    "MagneticFieldStrength": 3,
    "Manufacturer": "Philips",
    "ManufacturersModelName": "Ingenia",
    "Modality": "MR",
    "PatientPosition": "HFS",
    "PercentPhaseFOV": 100,
    "PhaseEncodingSteps": 240,
    "PhilipsRescaleIntercept": 0,
    "PhilipsRescaleSlope": 20.0376,
    "PhilipsScaleSlope": 0.0056394,
    "PixelBandwidth": 310,
    "ProcedureStepDescription": "EDUARDO_TMS",
    "ProtocolName": "sT1W_3D_TFE_32_channel",
    "ReconMatrixPE": 240,
    "RepetitionTime": 0.007,
    "SAR": 0.0382114,
    "ScanOptions": "OTHER",
    "ScanningSequence": "GR",
    "SequenceVariant": "MP",
    "SeriesDescription": "sT1W_3D_TFE_32_channel",
    "SeriesNumber": 401,
    "SliceThickness": 1,
    "SoftwareVersions": "5.3.1_5.3.1.0",
    "SpacingBetweenSlices": 1,
    "StationName": "PHILIPS-CTMFQSD",
    "UsePhilipsFloatNotDisplayScaling": 1,
    "dataset": "<unset>",
    "modality": "T1w",
    "session_id": "t2",
    "subject_id": "022"
  },
  "cjv": 0.5022244436308814,
  "cnr": 2.5369026161869583,
  "efc": 0.7612641978561782,
  "fber": 3282.0058152497027,
  "fwhm_avg": 4.24054,
  "fwhm_x": 4.14431,
  "fwhm_y": 4.49469,
  "fwhm_z": 4.08262,
  "icvs_csf": 0.22097298470934335,
  "icvs_gm": 0.40162632854166147,
  "icvs_wm": 0.3774006867489952,
  "inu_med": 1.9626113176345825,
  "inu_range": 0.9672467112541201,
  "provenance": {
    "md5sum": "e9e9f58a5ef220a8178ee32d5d92e4a6",
    "settings": {
      "testing": false
    },
    "software": "mriqc",
    "version": "21.0.0rc2",
    "warnings": {
      "large_rot_frame": true,
      "small_air_mask": false
    },
    "webapi_port": null,
    "webapi_url": "https://mriqc.nimh.nih.gov/api/v1"
  },
  "qi_1": 0.0002562400914353132,
  "qi_2": 6.765781204196827e-05,
  "rpve_csf": 20.386091941018968,
  "rpve_gm": 11.274544212520357,
  "rpve_wm": 14.569818322534555,
  "size_x": 180,
  "size_y": 240,
  "size_z": 240,
  "snr_csf": 3.770192426445587,
  "snr_gm": 8.962116795296126,
  "snr_total": 11.086666928989496,
  "snr_wm": 20.52769156522678,
  "snrd_csf": 37.315136704434806,
  "snrd_gm": 80.55043777116545,
  "snrd_total": 74.99229784829059,
  "snrd_wm": 107.11131906927149,
  "spacing_x": 1.0,
  "spacing_y": 1.0,
  "spacing_z": 1.0,
  "summary_bg_k": 3.171223253863709,
  "summary_bg_mad": 6.116406768381301,
  "summary_bg_mean": 10.599688800804222,
  "summary_bg_median": 7.4059349074959755,
  "summary_bg_n": 307393.0,
  "summary_bg_p05": 0.0,
  "summary_bg_p95": 36.23440635949373,
  "summary_bg_stdv": 11.857706956862758,
  "summary_csf_k": 2.123970548317482,
  "summary_csf_mad": 73.3231895727638,
  "summary_csf_mean": 364.34969124442387,
  "summary_csf_median": 348.37716621905565,
  "summary_csf_n": 37045.0,
  "summary_csf_p05": 246.49337176680564,
  "summary_csf_p95": 552.2143410891294,
  "summary_csf_stdv": 92.40177282806769,
  "summary_gm_k": 0.24931261228276158,
  "summary_gm_mad": 79.51328798895692,
  "summary_gm_mean": 761.7603824251926,
  "summary_gm_median": 752.0254708081484,
  "summary_gm_n": 17632.0,
  "summary_gm_p05": 639.6714737500995,
  "summary_gm_p95": 914.7795886460692,
  "summary_gm_stdv": 83.90921052426972,
  "summary_wm_k": 0.8863703803332248,
  "summary_wm_mad": 45.025596813023796,
  "summary_wm_mean": 999.8983269491664,
  "summary_wm_median": 1000.0000295564532,
  "summary_wm_n": 235469.0,
  "summary_wm_p05": 919.5785350576043,
  "summary_wm_p95": 1078.184832304716,
  "summary_wm_stdv": 48.714581615515506,
  "tpm_overlap_csf": 0.1758691370487213,
  "tpm_overlap_gm": 0.4386473596096039,
  "tpm_overlap_wm": 0.5033864378929138,
  "wm2max": 0.6423075695176069
}