{
  "bids_meta": {
    "AcquisitionMatrixPE": 240,
    "AcquisitionNumber": 4,
    "AcquisitionTime": "08:38:8.060000",
    "BodyPartExamined": "BRAIN",
    "CoilString": "MULTI_COIL",
    "ConversionSoftware": "dcm2niix",
    "ConversionSoftwareVersion": "v1.0.20190410  (JP2:OpenJPEG) GCC6.3.0",
    "Dcm2bidsVersion": "2.1.4",
    "DeviceSerialNumber": "42451",
    "EchoTime": 0.0035,
    "EchoTrainLength": 240,
    "FlipAngle": 8,
    "ImageOrientationPatientDICOM": [
      -0.0042116,
      0.999881,
      -0.0148267,
      -0.00362181,
      -0.014842,
      -0.999883
    ],
    "ImageType": [
      "ORIGINAL",
      "PRIMARY",
      "M",
      "FFE",
      "M",
      "FFE"
    ],
    "ImagingFrequency": 127.759,
    "InPlanePhaseEncodingDirectionDICOM": "ROW",
    "InstitutionAddress": "Calzada_Mexico_Xochimilco_No.101_Tlalpan",
    "InstitutionName": "I.N._Psiquiatria",
    "InstitutionalDepartmentName": "Imagenes_Cerebrales",
    "MRAcquisitionType": "3D",
    "MagneticFieldStrength": 3,
    "Manufacturer": "Philips",
    "ManufacturersModelName": "Ingenia",
    "Modality": "MR",
    "PatientPosition": "HFS",
    "PercentPhaseFOV": 100,
    "PhaseEncodingSteps": 240,
    "PhilipsRescaleIntercept": 0,
    "PhilipsRescaleSlope": 3.59536,
    "PhilipsScaleSlope": 0.00566095,
    "PixelBandwidth": 310,
    "ProcedureStepDescription": "EDUAARDO_TMS",
    "ProtocolName": "WIP_sT1W_3D_TFE_32_channel",
    "ReconMatrixPE": 240,
    "RepetitionTime": 0.007,
    "SAR": 0.0382114,
    "ScanOptions": "OTHER",
    "ScanningSequence": "GR",
    "SequenceVariant": "MP",
    "SeriesDescription": "sT1W_3D_TFE_32_channel",
    "SeriesNumber": 401,
    "SliceThickness": 1,
    "SoftwareVersions": "5.3.1_5.3.1.0",
    "SpacingBetweenSlices": 1,
    "StationName": "PHILIPS-CTMFQSD",
    "UsePhilipsFloatNotDisplayScaling": 1,
    "dataset": "<unset>",
    "modality": "T1w",
    "session_id": "t2",
    "subject_id": "031"
  },
  "cjv": 0.510671432324612,
  "cnr": 2.5294019022435728,
  "efc": 0.7395207350678886,
  "fber": 9224.39535369823,
  "fwhm_avg": 4.143556666666667,
  "fwhm_x": 4.04112,
  "fwhm_y": 4.4553,
  "fwhm_z": 3.93425,
  "icvs_csf": 0.20966253419181982,
  "icvs_gm": 0.40875550702081553,
  "icvs_wm": 0.3815819587873646,
  "inu_med": 2.0085337162017822,
  "inu_range": 0.8213083148002625,
  "provenance": {
    "md5sum": "9929439d84edbf4ad7b2edaee5ccbf8c",
    "settings": {
      "testing": false
    },
    "software": "mriqc",
    "version": "21.0.0rc2",
    "warnings": {
      "large_rot_frame": true,
      "small_air_mask": false
    },
    "webapi_port": null,
    "webapi_url": "https://mriqc.nimh.nih.gov/api/v1"
  },
  "qi_1": 0.0,
  "qi_2": 6.17207331883452e-05,
  "rpve_csf": 23.707182740590355,
  "rpve_gm": 12.490594640890738,
  "rpve_wm": 16.017642900958744,
  "size_x": 180,
  "size_y": 240,
  "size_z": 240,
  "snr_csf": 3.580641688708056,
  "snr_gm": 10.402241191417636,
  "snr_total": 12.405022325014768,
  "snr_wm": 23.23218409491861,
  "snrd_csf": 28.355000875923892,
  "snrd_gm": 56.0908520543668,
  "snrd_total": 52.13874160640725,
  "snrd_wm": 71.97037188893106,
  "spacing_x": 1.0,
  "spacing_y": 1.0,
  "spacing_z": 1.0,
  "summary_bg_k": 3.7259647643975784,
  "summary_bg_mad": 9.102861744019672,
  "summary_bg_mean": 10.666659831857821,
  "summary_bg_median": 6.139786943793297,
  "summary_bg_n": 474007.0,
  "summary_bg_p05": 0.0,
  "summary_bg_p95": 34.661239083856344,
  "summary_bg_stdv": 11.966732253041554,
  "summary_csf_k": 0.7979510665551044,
  "summary_csf_mad": 92.35170780996701,
  "summary_csf_mean": 416.42052449203186,
  "summary_csf_median": 393.9815610386431,
  "summary_csf_n": 30465.0,
  "summary_csf_p05": 271.11442929133773,
  "summary_csf_p95": 627.5290613785386,
  "summary_csf_stdv": 110.02918725259615,
  "summary_gm_k": 0.03712342908497401,
  "summary_gm_mad": 72.82289395215737,
  "summary_gm_mean": 787.2718960583667,
  "summary_gm_median": 779.3602810688317,
  "summary_gm_n": 22832.0,
  "summary_gm_p05": 675.6460719069466,
  "summary_gm_p95": 923.2294107718394,
  "summary_gm_stdv": 74.92070211223219,
  "summary_wm_k": 0.7283217900537471,
  "summary_wm_mad": 39.851481937481466,
  "summary_wm_mean": 1001.322605521735,
  "summary_wm_median": 999.9999502524734,
  "summary_wm_n": 218834.0,
  "summary_wm_p05": 932.997740406543,
  "summary_wm_p95": 1074.0343579351902,
  "summary_wm_stdv": 43.043635558646855,
  "tpm_overlap_csf": 0.14708591997623444,
  "tpm_overlap_gm": 0.4201798737049103,
  "tpm_overlap_wm": 0.4759344160556793,
  "wm2max": 0.5893093738634058
}