{
  "aor": 0.0327193,
  "aqi": 0.02541629896666667,
  "bids_meta": {
    "AcquisitionMatrixPE": 70,
    "AcquisitionNumber": 3,
    "AcquisitionTime": "08:51:20.040000",
    "BodyPartExamined": "BRAIN",
    "CoilString": "MULTI_COIL",
    "ConversionSoftware": "dcm2niix",
    "ConversionSoftwareVersion": "v1.0.20190410  (JP2:OpenJPEG) GCC6.3.0",
    "Dcm2bidsVersion": "2.1.4",
    "DeviceSerialNumber": "42451",
    "EchoTime": 0.03,
    "EchoTrainLength": 35,
    "EffectiveEchoSpacing": 0.000698,
    "FlipAngle": 75,
    "ImageOrientationPatientDICOM": [
      0.999998,
      0.0017347,
      0.000212846,
      -0.00170326,
      0.994603,
      -0.10374
    ],
    "ImageType": [
      "ORIGINAL",
      "PRIMARY",
      "M",
      "FFE",
      "M",
      "FFE"
    ],
    "ImagingFrequency": 127.759,
    "InPlanePhaseEncodingDirectionDICOM": "COL",
    "InstitutionAddress": "Calzada_Mexico_Xochimilco_No.101_Tlalpan",
    "InstitutionName": "I.N._Psiquiatria",
    "InstitutionalDepartmentName": "Imagenes_Cerebrales",
    "MRAcquisitionType": "2D",
    "MagneticFieldStrength": 3,
    "Manufacturer": "Philips",
    "ManufacturersModelName": "Ingenia",
    "Modality": "MR",
    "PartialFourier": 0.5,
    "PatientPosition": "HFS",
    "PercentPhaseFOV": 100,
    "PhaseEncodingAxis": "j",
    "PhaseEncodingDirection": "j-",
    "PhaseEncodingSteps": 70,
    "PhilipsRescaleIntercept": 0,
    "PhilipsRescaleSlope": 0.790476,
    "PhilipsScaleSlope": 0.0225473,
    "PixelBandwidth": 1819,
    "ProcedureStepDescription": "EDUARDO_TMS",
    "ProtocolName": "WIP_FE_EPI_32chSHC_AP",
    "ReconMatrixPE": 80,
    "RepetitionTime": 2,
    "SAR": 0.119205,
    "ScanOptions": "FS",
    "ScanningSequence": "GR",
    "SequenceVariant": "SK",
    "SeriesDescription": "FE_EPI_32chSHC_AP",
    "SeriesNumber": 301,
    "SliceThickness": 3.33,
    "SliceTiming": [
      0.0,
      1.027027,
      0.054054,
      1.081081,
      0.108108,
      1.135135,
      0.162162,
      1.189189,
      0.216216,
      1.243244,
      0.27027,
      1.297298,
      0.324324,
      1.351352,
      0.378378,
      1.405406,
      0.432432,
      1.45946,
      0.486486,
      1.513514,
      0.540541,
      1.567568,
      0.594595,
      1.621622,
      0.648649,
      1.675676,
      0.702703,
      1.72973,
      0.756757,
      1.783784,
      0.810811,
      1.837838,
      0.864865,
      1.891892,
      0.918919,
      1.945947,
      0.972973
    ],
    "SoftwareVersions": "5.3.1_5.3.1.0",
    "SpacingBetweenSlices": 3.33,
    "StationName": "PHILIPS-CTMFQSD",
    "TaskName": "rest",
    "TotalReadoutTime": 0.04884,
    "UsePhilipsFloatNotDisplayScaling": 1,
    "dataset": "<unset>",
    "modality": "bold",
    "session_id": "t0",
    "subject_id": "025",
    "task_id": "rest"
  },
  "dummy_trs": 0,
  "dvars_nstd": 38.678494705451534,
  "dvars_std": 1.2087440223745807,
  "dvars_vstd": 1.129468352374582,
  "efc": 0.4454431794685328,
  "fber": 104233.8046875,
  "fd_mean": 0.5551200364053122,
  "fd_num": 55,
  "fd_perc": 18.333333333333332,
  "fwhm_avg": 2.0224100045459434,
  "fwhm_x": 1.9718866666666666,
  "fwhm_y": 2.1893733333333336,
  "fwhm_z": 1.9059700136378293,
  "gcor": 0.133662,
  "gsr_x": -0.008359802886843681,
  "gsr_y": 0.01733071357011795,
  "provenance": {
    "md5sum": "55620d53fb6d78ae3f27ed781a29938c",
    "settings": {
      "fd_thres": 0.5,
      "testing": false
    },
    "software": "mriqc",
    "version": "22.0.0rc1",
    "webapi_port": null,
    "webapi_url": "https://mriqc.nimh.nih.gov/api/v1"
  },
  "size_t": 300,
  "size_x": 80,
  "size_y": 80,
  "size_z": 37,
  "snr": 4.933046328518734,
  "spacing_tr": 2.0000016689300537,
  "spacing_x": 3.0,
  "spacing_y": 3.0,
  "spacing_z": 3.3299999237060547,
  "summary_bg_k": 88.36680593507215,
  "summary_bg_mad": 223.40814566894073,
  "summary_bg_mean": 1602.210693359375,
  "summary_bg_median": 183.35281372070312,
  "summary_bg_n": 156421.0,
  "summary_bg_p05": 16.00546646118164,
  "summary_bg_p95": 7874.79345703125,
  "summary_bg_stdv": 4010.456298828125,
  "summary_fg_k": 3.748309145527897,
  "summary_fg_mad": 9368.977504903396,
  "summary_fg_mean": 62511.9765625,
  "summary_fg_median": 61019.3359375,
  "summary_fg_n": 38612.0,
  "summary_fg_p05": 45726.522265625,
  "summary_fg_p95": 84969.82734374997,
  "summary_fg_stdv": 12369.34375,
  "tsnr": 26.231643676757812
}