{
  "bids_meta": {
    "AcquisitionMatrixPE": 240,
    "AcquisitionNumber": 4,
    "AcquisitionTime": "13:00:43.470000",
    "BodyPartExamined": "BRAIN",
    "CoilString": "MULTI_COIL",
    "ConversionSoftware": "dcm2niix",
    "ConversionSoftwareVersion": "v1.0.20190410  (JP2:OpenJPEG) GCC6.3.0",
    "Dcm2bidsVersion": "2.1.4",
    "DeviceSerialNumber": "42451",
    "EchoTime": 0.0035,
    "EchoTrainLength": 240,
    "FlipAngle": 8,
    "ImageOrientationPatientDICOM": [
      0.058034,
      0.998312,
      -0.00207527,
      -8.36142e-05,
      -0.00207392,
      -0.999998
    ],
    "ImageType": [
      "ORIGINAL",
      "PRIMARY",
      "M",
      "FFE",
      "M",
      "FFE"
    ],
    "ImagingFrequency": 127.76,
    "InPlanePhaseEncodingDirectionDICOM": "ROW",
    "InstitutionAddress": "Calzada_Mexico_Xochimilco_No.101_Tlalpan",
    "InstitutionName": "I.N._Psiquiatria",
    "InstitutionalDepartmentName": "Imagenes_Cerebrales",
    "MRAcquisitionType": "3D",
    "MagneticFieldStrength": 3,
    "Manufacturer": "Philips",
    "ManufacturersModelName": "Ingenia",
    "Modality": "MR",
    "PatientPosition": "HFS",
    "PercentPhaseFOV": 100,
    "PhaseEncodingSteps": 240,
    "PhilipsRescaleIntercept": 0,
    "PhilipsRescaleSlope": 5.79609,
    "PhilipsScaleSlope": 0.00547479,
    "PixelBandwidth": 310,
    "ProcedureStepDescription": "EDUARDO_TMS",
    "ProtocolName": "sT1W_3D_TFE_32_channel",
    "ReconMatrixPE": 240,
    "RepetitionTime": 0.007,
    "SAR": 0.0382114,
    "ScanOptions": "OTHER",
    "ScanningSequence": "GR",
    "SequenceVariant": "MP",
    "SeriesDescription": "sT1W_3D_TFE_32_channel",
    "SeriesNumber": 401,
    "SliceThickness": 1,
    "SoftwareVersions": "5.3.1_5.3.1.1",
    "SpacingBetweenSlices": 1,
    "StationName": "PHILIPS-CTMFQSD",
    "UsePhilipsFloatNotDisplayScaling": 1,
    "dataset": "<unset>",
    "modality": "T1w",
    "session_id": "t0",
    "subject_id": "024"
  },
  "cjv": 0.7426675629104098,
  "cnr": 1.8386112189629953,
  "efc": 0.7245473935058592,
  "fber": 11121.732996412176,
  "fwhm_avg": 4.035866666666666,
  "fwhm_x": 3.97748,
  "fwhm_y": 4.23472,
  "fwhm_z": 3.8954,
  "icvs_csf": 0.21112311198158493,
  "icvs_gm": 0.40907131173681527,
  "icvs_wm": 0.3798055762815998,
  "inu_med": 2.018038034439087,
  "inu_range": 0.9309442043304443,
  "provenance": {
    "md5sum": "c0bb537c41a847b46c00cfb56fdc6640",
    "settings": {
      "testing": false
    },
    "software": "mriqc",
    "version": "21.0.0rc2",
    "warnings": {
      "large_rot_frame": true,
      "small_air_mask": false
    },
    "webapi_port": null,
    "webapi_url": "https://mriqc.nimh.nih.gov/api/v1"
  },
  "qi_1": 0.0,
  "qi_2": 4.2264855753132934e-05,
  "rpve_csf": 25.55003908237075,
  "rpve_gm": 13.441492111303296,
  "rpve_wm": 17.105651469182494,
  "size_x": 180,
  "size_y": 240,
  "size_z": 240,
  "snr_csf": 3.936864909007048,
  "snr_gm": 10.529997892955343,
  "snr_total": 11.057631643491142,
  "snr_wm": 18.706032128511033,
  "snrd_csf": 55.48390551482372,
  "snrd_gm": 112.69115383906754,
  "snrd_total": 101.61278451825471,
  "snrd_wm": 136.6632942008729,
  "spacing_x": 1.0,
  "spacing_y": 1.0,
  "spacing_z": 1.0,
  "summary_bg_k": 1019.0949904638948,
  "summary_bg_mad": 4.793992688533928,
  "summary_bg_mean": 7.3724686910602815,
  "summary_bg_median": 3.2334989309310913,
  "summary_bg_n": 427923.0,
  "summary_bg_p05": 0.0,
  "summary_bg_p95": 25.948828920722008,
  "summary_bg_stdv": 10.588625890811068,
  "summary_csf_k": 2.033075242128671,
  "summary_csf_mad": 89.94728781861782,
  "summary_csf_mean": 421.4422770103873,
  "summary_csf_median": 406.00620951503515,
  "summary_csf_n": 25665.0,
  "summary_csf_p05": 291.5403473600745,
  "summary_csf_p95": 623.2730864316225,
  "summary_csf_stdv": 103.12731300066226,
  "summary_gm_k": -0.08342505879966211,
  "summary_gm_mad": 78.98102954359646,
  "summary_gm_mean": 830.6061078571016,
  "summary_gm_median": 824.6230648607016,
  "summary_gm_n": 19681.0,
  "summary_gm_p05": 711.4506022781134,
  "summary_gm_p95": 969.3625607565045,
  "summary_gm_stdv": 78.30980815499625,
  "summary_wm_k": 0.5549955298425,
  "summary_wm_mad": 51.29572176731303,
  "summary_wm_mean": 1001.6142642719748,
  "summary_wm_median": 1000.0403818637133,
  "summary_wm_n": 194110.0,
  "summary_wm_p05": 916.8182031288743,
  "summary_wm_p95": 1091.4271453991532,
  "summary_wm_stdv": 53.46071251385848,
  "tpm_overlap_csf": 0.16798318922519684,
  "tpm_overlap_gm": 0.4415828585624695,
  "tpm_overlap_wm": 0.508775532245636,
  "wm2max": 0.5516733929407568
}