{
  "aor": 0.004823333333333333,
  "aqi": 0.009659517366666669,
  "bids_meta": {
    "AcquisitionMatrixPE": 70,
    "AcquisitionNumber": 3,
    "AcquisitionTime": "10:43:10.900000",
    "BodyPartExamined": "BRAIN",
    "CoilString": "MULTI_COIL",
    "ConversionSoftware": "dcm2niix",
    "ConversionSoftwareVersion": "v1.0.20190410  (JP2:OpenJPEG) GCC6.3.0",
    "Dcm2bidsVersion": "2.1.4",
    "DeviceSerialNumber": "42451",
    "EchoTime": 0.03,
    "EchoTrainLength": 35,
    "EffectiveEchoSpacing": 0.000698,
    "FlipAngle": 75,
    "ImageOrientationPatientDICOM": [
      0.997947,
      0.00415632,
      0.0639056,
      -0.00317996,
      0.999877,
      -0.0153722
    ],
    "ImageType": [
      "ORIGINAL",
      "PRIMARY",
      "M",
      "FFE",
      "M",
      "FFE"
    ],
    "ImagingFrequency": 127.759,
    "InPlanePhaseEncodingDirectionDICOM": "COL",
    "InstitutionAddress": "Calzada_Mexico_Xochimilco_No.101_Tlalpan",
    "InstitutionName": "I.N._Psiquiatria",
    "InstitutionalDepartmentName": "Imagenes_Cerebrales",
    "MRAcquisitionType": "2D",
    "MagneticFieldStrength": 3,
    "Manufacturer": "Philips",
    "ManufacturersModelName": "Ingenia",
    "Modality": "MR",
    "PartialFourier": 0.5,
    "PatientPosition": "HFS",
    "PercentPhaseFOV": 100,
    "PhaseEncodingAxis": "j",
    "PhaseEncodingDirection": "j-",
    "PhaseEncodingSteps": 70,
    "PhilipsRescaleIntercept": 0,
    "PhilipsRescaleSlope": 0.793895,
    "PhilipsScaleSlope": 0.0230341,
    "PixelBandwidth": 1819,
    "ProcedureStepDescription": "EDUARDO_TMS",
    "ProtocolName": "WIP_FE_EPI_32chSHC_AP",
    "ReconMatrixPE": 80,
    "RepetitionTime": 2,
    "SAR": 0.119205,
    "ScanOptions": "FS",
    "ScanningSequence": "GR",
    "SequenceVariant": "SK",
    "SeriesDescription": "FE_EPI_32chSHC_AP",
    "SeriesNumber": 301,
    "SliceThickness": 3.33,
    "SliceTiming": [
      0.0,
      1.027027,
      0.054054,
      1.081081,
      0.108108,
      1.135135,
      0.162162,
      1.189189,
      0.216216,
      1.243244,
      0.27027,
      1.297298,
      0.324324,
      1.351352,
      0.378378,
      1.405406,
      0.432432,
      1.45946,
      0.486486,
      1.513514,
      0.540541,
      1.567568,
      0.594595,
      1.621622,
      0.648649,
      1.675676,
      0.702703,
      1.72973,
      0.756757,
      1.783784,
      0.810811,
      1.837838,
      0.864865,
      1.891892,
      0.918919,
      1.945947,
      0.972973
    ],
    "SoftwareVersions": "5.3.1_5.3.1.0",
    "SpacingBetweenSlices": 3.33,
    "StationName": "PHILIPS-CTMFQSD",
    "TaskName": "rest",
    "TotalReadoutTime": 0.04884,
    "UsePhilipsFloatNotDisplayScaling": 1,
    "dataset": "<unset>",
    "modality": "bold",
    "session_id": "t0",
    "subject_id": "035",
    "task_id": "rest"
  },
  "dummy_trs": 0,
  "dvars_nstd": 31.68222928137124,
  "dvars_std": 1.3072587428762545,
  "dvars_vstd": 1.0179595794983283,
  "efc": 0.3969272754416093,
  "fber": 86621.578125,
  "fd_mean": 0.22891375899184238,
  "fd_num": 12,
  "fd_perc": 4.0,
  "fwhm_avg": 1.974499323472907,
  "fwhm_x": 1.9113266666666666,
  "fwhm_y": 2.157576666666667,
  "fwhm_z": 1.8545946370853879,
  "gcor": 0.0282512,
  "gsr_x": -0.013407925143837929,
  "gsr_y": 0.009868379682302475,
  "provenance": {
    "md5sum": "9a0140e24e8e25fe4bab02b842874973",
    "settings": {
      "fd_thres": 0.5,
      "testing": false
    },
    "software": "mriqc",
    "version": "22.0.0rc1",
    "webapi_port": null,
    "webapi_url": "https://mriqc.nimh.nih.gov/api/v1"
  },
  "size_t": 300,
  "size_x": 80,
  "size_y": 80,
  "size_z": 37,
  "snr": 4.642167089499932,
  "spacing_tr": 2.0000016689300537,
  "spacing_x": 3.0,
  "spacing_y": 3.0,
  "spacing_z": 3.3299999237060547,
  "summary_bg_k": 48.41520807693599,
  "summary_bg_mad": 210.5708495550551,
  "summary_bg_mean": 1240.2666015625,
  "summary_bg_median": 200.10037231445312,
  "summary_bg_n": 166508.0,
  "summary_bg_p05": 21.497565269470215,
  "summary_bg_p95": 6201.679199218749,
  "summary_bg_stdv": 3269.60009765625,
  "summary_fg_k": 2.0026804240666394,
  "summary_fg_mad": 9636.080456538502,
  "summary_fg_mean": 60529.92578125,
  "summary_fg_median": 59253.79296875,
  "summary_fg_n": 30743.0,
  "summary_fg_p05": 41272.766015625,
  "summary_fg_p95": 84095.77968749998,
  "summary_fg_stdv": 12764.044921875,
  "tsnr": 49.864288330078125
}