{
  "aor": 0.001314358108108108,
  "aqi": 0.01173401662162162,
  "bids_meta": {
    "AcquisitionMatrixPE": 70,
    "AcquisitionNumber": 3,
    "AcquisitionTime": "10:48:37.060000",
    "CoilString": "MULTI_COIL",
    "ConversionSoftware": "dcm2niix",
    "ConversionSoftwareVersion": "v1.0.20190410  (JP2:OpenJPEG) GCC6.3.0",
    "Dcm2bidsVersion": "2.1.4",
    "DeviceSerialNumber": "42451",
    "EchoTime": 0.03,
    "EchoTrainLength": 35,
    "EffectiveEchoSpacing": 0.000698,
    "FlipAngle": 75,
    "ImageOrientationPatientDICOM": [
      0.999992,
      0.00395329,
      0.00033299,
      -0.00392114,
      0.997637,
      -0.0685921
    ],
    "ImageType": [
      "ORIGINAL",
      "PRIMARY",
      "M",
      "FFE",
      "M",
      "FFE"
    ],
    "ImagingFrequency": 127.766,
    "InPlanePhaseEncodingDirectionDICOM": "COL",
    "InstitutionAddress": "Calzada_Mexico_Xochimilco_No.101_Tlalpan",
    "InstitutionName": "I.N._Psiquiatria",
    "InstitutionalDepartmentName": "Imagenes_Cerebrales",
    "MRAcquisitionType": "2D",
    "MagneticFieldStrength": 3,
    "Manufacturer": "Philips",
    "ManufacturersModelName": "Ingenia",
    "Modality": "MR",
    "PartialFourier": 0.5,
    "PatientPosition": "HFS",
    "PercentPhaseFOV": 100,
    "PhaseEncodingAxis": "j",
    "PhaseEncodingDirection": "j-",
    "PhaseEncodingSteps": 70,
    "PhilipsRescaleIntercept": 0,
    "PhilipsRescaleSlope": 0.792186,
    "PhilipsScaleSlope": 0.0534724,
    "PixelBandwidth": 1819,
    "ProcedureStepDescription": "EDUARDO_TMS",
    "ProtocolName": "WIP_FE_EPI_32chSHC_AP_SENSE",
    "ReconMatrixPE": 80,
    "RepetitionTime": 2,
    "SAR": 0.119205,
    "ScanOptions": "FS",
    "ScanningSequence": "GR",
    "SequenceVariant": "SK",
    "SeriesDescription": "FE_EPI_32chSHC_AP",
    "SeriesNumber": 301,
    "SliceThickness": 3.33,
    "SliceTiming": [
      0.0,
      1.027027,
      0.054054,
      1.081081,
      0.108108,
      1.135135,
      0.162162,
      1.189189,
      0.216216,
      1.243244,
      0.27027,
      1.297298,
      0.324324,
      1.351352,
      0.378378,
      1.405406,
      0.432432,
      1.45946,
      0.486486,
      1.513514,
      0.540541,
      1.567568,
      0.594595,
      1.621622,
      0.648649,
      1.675676,
      0.702703,
      1.72973,
      0.756757,
      1.783784,
      0.810811,
      1.837838,
      0.864865,
      1.891892,
      0.918919,
      1.945947,
      0.972973
    ],
    "SoftwareVersions": "5.1.7_5.1.7.2",
    "SpacingBetweenSlices": 3.33,
    "StationName": "INGENIA",
    "TaskName": "rest",
    "TotalReadoutTime": 0.04884,
    "UsePhilipsFloatNotDisplayScaling": 1,
    "dataset": "<unset>",
    "modality": "bold",
    "session_id": "t1",
    "subject_id": "010",
    "task_id": "rest"
  },
  "dummy_trs": 4,
  "dvars_nstd": 23.00586496142375,
  "dvars_std": 1.2338995629152538,
  "dvars_vstd": 0.9234683339661015,
  "efc": 0.4268076912656322,
  "fber": 161027.171875,
  "fd_mean": 0.05396188908860764,
  "fd_num": 0,
  "fd_perc": 0.0,
  "fwhm_avg": 1.9556878121151453,
  "fwhm_x": 1.90355,
  "fwhm_y": 2.0887866666666666,
  "fwhm_z": 1.8747267696787693,
  "gcor": 0.0133478,
  "gsr_x": -0.012173308990895748,
  "gsr_y": 0.0166165754199028,
  "provenance": {
    "md5sum": "93dfe4938ee76c6d8e15fedcbbbdb2e9",
    "settings": {
      "fd_thres": 0.5,
      "testing": false
    },
    "software": "mriqc",
    "version": "22.0.0rc1",
    "webapi_port": null,
    "webapi_url": "https://mriqc.nimh.nih.gov/api/v1"
  },
  "size_t": 296,
  "size_x": 80,
  "size_y": 80,
  "size_z": 37,
  "snr": 4.754328659071581,
  "spacing_tr": 2.0000016689300537,
  "spacing_x": 3.0,
  "spacing_y": 3.0,
  "spacing_z": 3.3299999237060547,
  "summary_bg_k": 88.47006692034697,
  "summary_bg_mad": 67.46801771655359,
  "summary_bg_mean": 632.5630493164062,
  "summary_bg_median": 58.925575256347656,
  "summary_bg_n": 160710.0,
  "summary_bg_p05": 6.689653253555298,
  "summary_bg_p95": 3387.512976074214,
  "summary_bg_stdv": 1726.5760498046875,
  "summary_fg_k": 1.9024995726699787,
  "summary_fg_mad": 4275.48310469011,
  "summary_fg_mean": 24614.62890625,
  "summary_fg_median": 24260.998046875,
  "summary_fg_n": 34363.0,
  "summary_fg_p05": 17043.7443359375,
  "summary_fg_p95": 33681.29921875,
  "summary_fg_stdv": 5102.85400390625,
  "tsnr": 56.663055419921875
}