{
  "aor": 0.006822133333333333,
  "aqi": 0.016872251999999997,
  "bids_meta": {
    "AcquisitionMatrixPE": 70,
    "AcquisitionNumber": 3,
    "AcquisitionTime": "09:39:11.110000",
    "BodyPartExamined": "BRAIN",
    "CoilString": "MULTI_COIL",
    "ConversionSoftware": "dcm2niix",
    "ConversionSoftwareVersion": "v1.0.20190410  (JP2:OpenJPEG) GCC6.3.0",
    "Dcm2bidsVersion": "2.1.4",
    "DeviceSerialNumber": "42451",
    "EchoTime": 0.03,
    "EchoTrainLength": 35,
    "EffectiveEchoSpacing": 0.000698,
    "FlipAngle": 75,
    "ImageOrientationPatientDICOM": [
      0.999977,
      0.00672488,
      0.00110791,
      -0.00668641,
      0.999476,
      -0.0316832
    ],
    "ImageType": [
      "ORIGINAL",
      "PRIMARY",
      "M",
      "FFE",
      "M",
      "FFE"
    ],
    "ImagingFrequency": 127.759,
    "InPlanePhaseEncodingDirectionDICOM": "COL",
    "InstitutionAddress": "Calzada_Mexico_Xochimilco_No.101_Tlalpan",
    "InstitutionName": "I.N._Psiquiatria",
    "InstitutionalDepartmentName": "Imagenes_Cerebrales",
    "MRAcquisitionType": "2D",
    "MagneticFieldStrength": 3,
    "Manufacturer": "Philips",
    "ManufacturersModelName": "Ingenia",
    "Modality": "MR",
    "PartialFourier": 0.5,
    "PatientPosition": "HFS",
    "PercentPhaseFOV": 100,
    "PhaseEncodingAxis": "j",
    "PhaseEncodingDirection": "j-",
    "PhaseEncodingSteps": 70,
    "PhilipsRescaleIntercept": 0,
    "PhilipsRescaleSlope": 0.767033,
    "PhilipsScaleSlope": 0.023594,
    "PixelBandwidth": 1819,
    "ProcedureStepDescription": "EDUARDO_TMS",
    "ProtocolName": "WIP_FE_EPI_32chSHC_AP",
    "ReconMatrixPE": 80,
    "RepetitionTime": 2,
    "SAR": 0.119138,
    "ScanOptions": "FS",
    "ScanningSequence": "GR",
    "SequenceVariant": "SK",
    "SeriesDescription": "FE_EPI_32chSHC_AP",
    "SeriesNumber": 301,
    "SliceThickness": 3.33,
    "SliceTiming": [
      0.0,
      1.027027,
      0.054054,
      1.081081,
      0.108108,
      1.135135,
      0.162162,
      1.189189,
      0.216216,
      1.243244,
      0.27027,
      1.297298,
      0.324324,
      1.351352,
      0.378378,
      1.405406,
      0.432432,
      1.45946,
      0.486486,
      1.513514,
      0.540541,
      1.567568,
      0.594595,
      1.621622,
      0.648649,
      1.675676,
      0.702703,
      1.72973,
      0.756757,
      1.783784,
      0.810811,
      1.837838,
      0.864865,
      1.891892,
      0.918919,
      1.945947,
      0.972973
    ],
    "SoftwareVersions": "5.3.1_5.3.1.0",
    "SpacingBetweenSlices": 3.33,
    "StationName": "PHILIPS-CTMFQSD",
    "TaskName": "rest",
    "TotalReadoutTime": 0.04884,
    "UsePhilipsFloatNotDisplayScaling": 1,
    "dataset": "<unset>",
    "modality": "bold",
    "session_id": "t1",
    "subject_id": "032",
    "task_id": "rest"
  },
  "dummy_trs": 0,
  "dvars_nstd": 35.16654937642139,
  "dvars_std": 1.1746343228762535,
  "dvars_vstd": 0.9635842726421406,
  "efc": 0.43118675267258805,
  "fber": 104325.4453125,
  "fd_mean": 0.26038010564301317,
  "fd_num": 29,
  "fd_perc": 9.666666666666666,
  "fwhm_avg": 1.9232026564371172,
  "fwhm_x": 1.8461033333333334,
  "fwhm_y": 2.117243333333333,
  "fwhm_z": 1.806261302644685,
  "gcor": 0.0468254,
  "gsr_x": -0.01338147558271885,
  "gsr_y": 0.02971210889518261,
  "provenance": {
    "md5sum": "28fa6c548cd126f312a8ab8feaadc0de",
    "settings": {
      "fd_thres": 0.5,
      "testing": false
    },
    "software": "mriqc",
    "version": "22.0.0rc1",
    "webapi_port": null,
    "webapi_url": "https://mriqc.nimh.nih.gov/api/v1"
  },
  "size_t": 300,
  "size_x": 80,
  "size_y": 80,
  "size_z": 37,
  "snr": 4.6287880487341875,
  "spacing_tr": 2.0000016689300537,
  "spacing_x": 3.0,
  "spacing_y": 3.0,
  "spacing_z": 3.3299999237060547,
  "summary_bg_k": 97.93702424131234,
  "summary_bg_mad": 201.9683333054485,
  "summary_bg_mean": 1582.7467041015625,
  "summary_bg_median": 175.22129821777344,
  "summary_bg_n": 159355.0,
  "summary_bg_p05": 16.37145118713379,
  "summary_bg_p95": 8373.755273437493,
  "summary_bg_stdv": 4707.59716796875,
  "summary_fg_k": 2.1410633578708467,
  "summary_fg_mad": 9892.44322921182,
  "summary_fg_mean": 59521.58203125,
  "summary_fg_median": 57765.26953125,
  "summary_fg_n": 35821.0,
  "summary_fg_p05": 42430.83203125,
  "summary_fg_p95": 83036.9140625,
  "summary_fg_stdv": 12479.392578125,
  "tsnr": 37.798606872558594
}