{
  "bids_meta": {
    "AcquisitionMatrixPE": 240,
    "AcquisitionNumber": 4,
    "AcquisitionTime": "09:28:0.180000",
    "BodyPartExamined": "BRAIN",
    "CoilString": "MULTI_COIL",
    "ConversionSoftware": "dcm2niix",
    "ConversionSoftwareVersion": "v1.0.20190410  (JP2:OpenJPEG) GCC6.3.0",
    "Dcm2bidsVersion": "2.1.4",
    "DeviceSerialNumber": "42451",
    "EchoTime": 0.0035,
    "EchoTrainLength": 240,
    "FlipAngle": 8,
    "ImageOrientationPatientDICOM": [
      0.00207094,
      0.999996,
      0.00182066,
      0.04211,
      0.00173185,
      -0.999111
    ],
    "ImageType": [
      "ORIGINAL",
      "PRIMARY",
      "M",
      "FFE",
      "M",
      "FFE"
    ],
    "ImagingFrequency": 127.759,
    "InPlanePhaseEncodingDirectionDICOM": "ROW",
    "InstitutionAddress": "Calzada_Mexico_Xochimilco_No.101_Tlalpan",
    "InstitutionName": "I.N._Psiquiatria",
    "InstitutionalDepartmentName": "Imagenes_Cerebrales",
    "MRAcquisitionType": "3D",
    "MagneticFieldStrength": 3,
    "Manufacturer": "Philips",
    "ManufacturersModelName": "Ingenia",
    "Modality": "MR",
    "PatientPosition": "HFS",
    "PercentPhaseFOV": 100,
    "PhaseEncodingSteps": 240,
    "PhilipsRescaleIntercept": 0,
    "PhilipsRescaleSlope": 3.78071,
    "PhilipsScaleSlope": 0.0061923,
    "PixelBandwidth": 310,
    "ProcedureStepDescription": "PROTOCOLO_EDUARDO_TMS",
    "ProtocolName": "WIP_sT1W_3D_TFE_32_channel",
    "ReconMatrixPE": 240,
    "RepetitionTime": 0.007,
    "SAR": 0.0382114,
    "ScanOptions": "OTHER",
    "ScanningSequence": "GR",
    "SequenceVariant": "MP",
    "SeriesDescription": "sT1W_3D_TFE_32_channel",
    "SeriesNumber": 401,
    "SliceThickness": 1,
    "SoftwareVersions": "5.3.1_5.3.1.0",
    "SpacingBetweenSlices": 1,
    "StationName": "PHILIPS-CTMFQSD",
    "UsePhilipsFloatNotDisplayScaling": 1,
    "dataset": "<unset>",
    "modality": "T1w",
    "session_id": "t1",
    "subject_id": "045"
  },
  "cjv": 0.32563441543414207,
  "cnr": 3.965284167439034,
  "efc": 0.7188320686583957,
  "fber": 6374.807449196597,
  "fwhm_avg": 3.9356266666666664,
  "fwhm_x": 3.7561,
  "fwhm_y": 4.38649,
  "fwhm_z": 3.66429,
  "icvs_csf": 0.19970547223484658,
  "icvs_gm": 0.4270439832348634,
  "icvs_wm": 0.37325054453029,
  "inu_med": 1.732147216796875,
  "inu_range": 0.4973996758460999,
  "provenance": {
    "md5sum": "7d327522840f885759c8fda9440a443d",
    "settings": {
      "testing": false
    },
    "software": "mriqc",
    "version": "21.0.0rc2",
    "warnings": {
      "large_rot_frame": true,
      "small_air_mask": false
    },
    "webapi_port": null,
    "webapi_url": "https://mriqc.nimh.nih.gov/api/v1"
  },
  "qi_1": 0.0,
  "qi_2": 4.73976385820952e-05,
  "rpve_csf": 29.708798860533577,
  "rpve_gm": 14.704224502545616,
  "rpve_wm": 19.629939115604127,
  "size_x": 180,
  "size_y": 240,
  "size_z": 240,
  "snr_csf": 3.867021172905632,
  "snr_gm": 14.105165749788192,
  "snr_total": 14.637773145100146,
  "snr_wm": 25.941132512606618,
  "snrd_csf": 31.84687408564963,
  "snrd_gm": 65.77616422508068,
  "snrd_total": 62.168034821953974,
  "snrd_wm": 88.88106615513163,
  "spacing_x": 1.0,
  "spacing_y": 1.0,
  "spacing_z": 1.0,
  "summary_bg_k": 3.778643057319753,
  "summary_bg_mad": 7.370933279855444,
  "summary_bg_mean": 7.367789428696202,
  "summary_bg_median": 4.971618946641684,
  "summary_bg_n": 516748.0,
  "summary_bg_p05": 0.0,
  "summary_bg_p95": 22.939911045134068,
  "summary_bg_stdv": 7.690822225870903,
  "summary_csf_k": 2.290200893365631,
  "summary_csf_mad": 72.31640052519593,
  "summary_csf_mean": 375.7627481356613,
  "summary_csf_median": 358.30888361111283,
  "summary_csf_n": 24055.0,
  "summary_csf_p05": 260.4032223075628,
  "summary_csf_p95": 559.8865012641996,
  "summary_csf_stdv": 92.65566952242057,
  "summary_gm_k": 0.5175584724698608,
  "summary_gm_mad": 49.420076281865434,
  "summary_gm_mean": 739.9173878543432,
  "summary_gm_median": 740.0470108408481,
  "summary_gm_n": 22444.0,
  "summary_gm_p05": 653.362724112533,
  "summary_gm_p95": 825.0479935163631,
  "summary_gm_stdv": 52.46521290585076,
  "summary_wm_k": 0.7623725752698762,
  "summary_wm_mad": 35.22957874702563,
  "summary_wm_mean": 999.1776859810228,
  "summary_wm_median": 1000.0000471808016,
  "summary_wm_n": 169765.0,
  "summary_wm_p05": 933.8422832451761,
  "summary_wm_p95": 1060.5206998698413,
  "summary_wm_stdv": 38.548706439185494,
  "tpm_overlap_csf": 0.17371027171611786,
  "tpm_overlap_gm": 0.45545923709869385,
  "tpm_overlap_wm": 0.5151299238204956,
  "wm2max": 0.6851648112388193
}