{
  "bids_meta": {
    "AcquisitionMatrixPE": 240,
    "AcquisitionNumber": 4,
    "AcquisitionTime": "09:02:3.280000",
    "BodyPartExamined": "BRAIN",
    "CoilString": "MULTI_COIL",
    "ConversionSoftware": "dcm2niix",
    "ConversionSoftwareVersion": "v1.0.20190410  (JP2:OpenJPEG) GCC6.3.0",
    "Dcm2bidsVersion": "2.1.4",
    "DeviceSerialNumber": "42451",
    "EchoTime": 0.0035,
    "EchoTrainLength": 240,
    "FlipAngle": 8,
    "ImageOrientationPatientDICOM": [
      -0.0042116,
      0.999989,
      0.00193133,
      -0.00362181,
      0.00191608,
      -0.999992
    ],
    "ImageType": [
      "ORIGINAL",
      "PRIMARY",
      "M",
      "FFE",
      "M",
      "FFE"
    ],
    "ImagingFrequency": 127.759,
    "InPlanePhaseEncodingDirectionDICOM": "ROW",
    "InstitutionAddress": "Calzada_Mexico_Xochimilco_No.101_Tlalpan",
    "InstitutionName": "I.N._Psiquiatria",
    "InstitutionalDepartmentName": "Imagenes_Cerebrales",
    "MRAcquisitionType": "3D",
    "MagneticFieldStrength": 3,
    "Manufacturer": "Philips",
    "ManufacturersModelName": "Ingenia",
    "Modality": "MR",
    "PatientPosition": "HFS",
    "PercentPhaseFOV": 100,
    "PhaseEncodingSteps": 240,
    "PhilipsRescaleIntercept": 0,
    "PhilipsRescaleSlope": 3.54628,
    "PhilipsScaleSlope": 0.00572358,
    "PixelBandwidth": 310,
    "ProcedureStepDescription": "EDUARDO_TMS",
    "ProtocolName": "sT1W_3D_TFE_32_channel",
    "ReconMatrixPE": 240,
    "RepetitionTime": 0.007,
    "SAR": 0.0382114,
    "ScanOptions": "OTHER",
    "ScanningSequence": "GR",
    "SequenceVariant": "MP",
    "SeriesDescription": "sT1W_3D_TFE_32_channel",
    "SeriesNumber": 401,
    "SliceThickness": 1,
    "SoftwareVersions": "5.3.1_5.3.1.0",
    "SpacingBetweenSlices": 1,
    "StationName": "PHILIPS-CTMFQSD",
    "UsePhilipsFloatNotDisplayScaling": 1,
    "dataset": "<unset>",
    "modality": "T1w",
    "session_id": "t2",
    "subject_id": "023"
  },
  "cjv": 0.7183400474038213,
  "cnr": 1.889897567933063,
  "efc": 0.7364871693211954,
  "fber": 5014.926179895031,
  "fwhm_avg": 4.010696666666667,
  "fwhm_x": 3.77676,
  "fwhm_y": 4.34559,
  "fwhm_z": 3.90974,
  "icvs_csf": 0.23716537595433965,
  "icvs_gm": 0.3813205728520854,
  "icvs_wm": 0.38151405119357495,
  "inu_med": 1.8480451107025146,
  "inu_range": 0.780356031656265,
  "provenance": {
    "md5sum": "88023947c5c615bb5707f7d4981ad857",
    "settings": {
      "testing": false
    },
    "software": "mriqc",
    "version": "21.0.0rc2",
    "warnings": {
      "large_rot_frame": true,
      "small_air_mask": false
    },
    "webapi_port": null,
    "webapi_url": "https://mriqc.nimh.nih.gov/api/v1"
  },
  "qi_1": 0.00021212361743300315,
  "qi_2": 0.00012083138704643662,
  "rpve_csf": 22.12046046850393,
  "rpve_gm": 13.117872387419549,
  "rpve_wm": 15.795773696172983,
  "size_x": 180,
  "size_y": 240,
  "size_z": 240,
  "snr_csf": 3.572016533509968,
  "snr_gm": 10.997527343983021,
  "snr_total": 11.488279273912482,
  "snr_wm": 19.895293944244457,
  "snrd_csf": 51.56255458754473,
  "snrd_gm": 110.99865674260326,
  "snrd_total": 98.8755742088038,
  "snrd_wm": 134.06551129626337,
  "spacing_x": 1.0,
  "spacing_y": 1.0,
  "spacing_z": 1.0,
  "summary_bg_k": 11.85392753445281,
  "summary_bg_mad": 4.886793007617151,
  "summary_bg_mean": 8.54395634759705,
  "summary_bg_median": 3.2960917949676514,
  "summary_bg_n": 443835.0,
  "summary_bg_p05": 0.0,
  "summary_bg_p95": 28.6374728679657,
  "summary_bg_stdv": 9.723550121312256,
  "summary_csf_k": 1.4803939677297713,
  "summary_csf_mad": 86.88337178477767,
  "summary_csf_mean": 404.42933187515155,
  "summary_csf_median": 384.61538672447205,
  "summary_csf_n": 51578.0,
  "summary_csf_p05": 272.1137808680534,
  "summary_csf_p95": 618.6807105541229,
  "summary_csf_stdv": 107.67353807445109,
  "summary_gm_k": -0.028613854506694292,
  "summary_gm_mad": 75.33277013040986,
  "summary_gm_mean": 831.5435067243814,
  "summary_gm_median": 827.961136341095,
  "summary_gm_n": 15744.0,
  "summary_gm_p05": 712.1698596477509,
  "summary_gm_p95": 961.6754472494124,
  "summary_gm_stdv": 75.28372656232223,
  "summary_wm_k": 0.35364101889845223,
  "summary_wm_mad": 48.265014055751216,
  "summary_wm_mean": 1000.9274787393632,
  "summary_wm_median": 1000.0214086771011,
  "summary_wm_n": 213308.0,
  "summary_wm_p05": 919.6096107959747,
  "summary_wm_p95": 1084.6282324790955,
  "summary_wm_stdv": 50.26410101797542,
  "tpm_overlap_csf": 0.1758573353290558,
  "tpm_overlap_gm": 0.43875038623809814,
  "tpm_overlap_wm": 0.511187732219696,
  "wm2max": 0.5702516590151486
}