{
  "bids_meta": {
    "AcquisitionMatrixPE": 240,
    "AcquisitionNumber": 4,
    "AcquisitionTime": "09:17:24.100000",
    "CoilString": "MULTI_COIL",
    "ConversionSoftware": "dcm2niix",
    "ConversionSoftwareVersion": "v1.0.20190410  (JP2:OpenJPEG) GCC6.3.0",
    "Dcm2bidsVersion": "2.1.4",
    "DeviceSerialNumber": "42451",
    "EchoTime": 0.003501,
    "EchoTrainLength": 240,
    "FlipAngle": 8,
    "ImageOrientationPatientDICOM": [
      -0.00414552,
      0.999989,
      0.00204144,
      -0.0371289,
      0.00188613,
      -0.999309
    ],
    "ImageType": [
      "ORIGINAL",
      "PRIMARY",
      "M",
      "FFE",
      "M",
      "FFE"
    ],
    "ImagingFrequency": 127.766,
    "InPlanePhaseEncodingDirectionDICOM": "ROW",
    "InstitutionAddress": "Calzada_Mexico_Xochimilco_No.101_Tlalpan",
    "InstitutionName": "I.N._Psiquiatria",
    "InstitutionalDepartmentName": "Imagenes_Cerebrales",
    "MRAcquisitionType": "3D",
    "MagneticFieldStrength": 3,
    "Manufacturer": "Philips",
    "ManufacturersModelName": "Ingenia",
    "Modality": "MR",
    "PatientPosition": "HFS",
    "PercentPhaseFOV": 100,
    "PhaseEncodingSteps": 240,
    "PhilipsRescaleIntercept": 0,
    "PhilipsRescaleSlope": 12.2454,
    "PhilipsScaleSlope": 0.00476438,
    "PixelBandwidth": 310,
    "ProcedureStepDescription": "EDUARDO_TDM",
    "ProtocolName": "WIP_sT1W_3D_TFE_32_channel_SENSE",
    "ReconMatrixPE": 240,
    "RepetitionTime": 0.007,
    "SAR": 0.0382114,
    "ScanOptions": "OTHER",
    "ScanningSequence": "GR",
    "SequenceVariant": "MP",
    "SeriesDescription": "sT1W_3D_TFE_32_channel",
    "SeriesNumber": 401,
    "SliceThickness": 1,
    "SoftwareVersions": "5.1.7_5.1.7.2",
    "SpacingBetweenSlices": 1,
    "StationName": "INGENIA",
    "UsePhilipsFloatNotDisplayScaling": 1,
    "dataset": "<unset>",
    "modality": "T1w",
    "session_id": "t1",
    "subject_id": "013"
  },
  "cjv": 0.5557916485989992,
  "cnr": 2.277923984130439,
  "efc": 0.8076076154584914,
  "fber": 1129.7604703818795,
  "fwhm_avg": 4.138739999999999,
  "fwhm_x": 4.01696,
  "fwhm_y": 4.36292,
  "fwhm_z": 4.03634,
  "icvs_csf": 0.2201627089053975,
  "icvs_gm": 0.3993429922677415,
  "icvs_wm": 0.38049429882686103,
  "inu_med": 1.3709036111831665,
  "inu_range": 0.5177729964256286,
  "provenance": {
    "md5sum": "832f352534a87ebc1b26857dda323fde",
    "settings": {
      "testing": false
    },
    "software": "mriqc",
    "version": "21.0.0rc2",
    "warnings": {
      "large_rot_frame": true,
      "small_air_mask": true
    },
    "webapi_port": null,
    "webapi_url": "https://mriqc.nimh.nih.gov/api/v1"
  },
  "qi_1": 0.0,
  "qi_2": 0.00021473509327091475,
  "rpve_csf": 22.829372150044932,
  "rpve_gm": 12.603731163611895,
  "rpve_wm": 15.913337881551406,
  "size_x": 180,
  "size_y": 240,
  "size_z": 240,
  "snr_csf": 3.569941377668957,
  "snr_gm": 10.428090552342475,
  "snr_total": 12.454195024421557,
  "snr_wm": 23.364553143253232,
  "snrd_csf": 18.631767081531653,
  "snrd_gm": 38.14156096906156,
  "snrd_total": 34.84625048729033,
  "snrd_wm": 47.76542341127776,
  "spacing_x": 1.0,
  "spacing_y": 1.0,
  "spacing_z": 1.0,
  "summary_bg_k": 1.438981671635939,
  "summary_bg_mad": 13.71625243670225,
  "summary_bg_mean": 16.65672584805691,
  "summary_bg_median": 18.663142003118992,
  "summary_bg_n": 72287.0,
  "summary_bg_p05": 0.0,
  "summary_bg_p95": 38.167326886206865,
  "summary_bg_stdv": 11.327597487916051,
  "summary_csf_k": 0.5485259878984707,
  "summary_csf_mad": 101.26869493850947,
  "summary_csf_mean": 409.4652662625522,
  "summary_csf_median": 390.08369766175747,
  "summary_csf_n": 34396.0,
  "summary_csf_p05": 267.32147443201393,
  "summary_csf_p95": 616.4143441105261,
  "summary_csf_stdv": 109.26734808029367,
  "summary_gm_k": 0.4178473046292188,
  "summary_gm_mad": 71.84703657320226,
  "summary_gm_mean": 803.3138168844191,
  "summary_gm_median": 798.5501896999776,
  "summary_gm_n": 18810.0,
  "summary_gm_p05": 685.8644611654803,
  "summary_gm_p95": 939.773304145038,
  "summary_gm_stdv": 76.57480136594495,
  "summary_wm_k": 0.6421830621570903,
  "summary_wm_mad": 40.13933613511135,
  "summary_wm_mean": 999.436282650709,
  "summary_wm_median": 1000.0400339439511,
  "summary_wm_n": 219153.0,
  "summary_wm_p05": 927.7904455885291,
  "summary_wm_p95": 1068.1244575604796,
  "summary_wm_stdv": 42.80149276587777,
  "tpm_overlap_csf": 0.1656508445739746,
  "tpm_overlap_gm": 0.43534040451049805,
  "tpm_overlap_wm": 0.5028791427612305,
  "wm2max": 0.6756683532353377
}