{
  "bids_meta": {
    "AcquisitionMatrixPE": 240,
    "AcquisitionNumber": 6,
    "AcquisitionTime": "08:39:20.560000",
    "BodyPartExamined": "BRAIN",
    "CoilString": "MULTI_COIL",
    "ConversionSoftware": "dcm2niix",
    "ConversionSoftwareVersion": "v1.0.20190410  (JP2:OpenJPEG) GCC6.3.0",
    "Dcm2bidsVersion": "2.1.4",
    "DeviceSerialNumber": "42451",
    "EchoTime": 0.0035,
    "EchoTrainLength": 240,
    "FlipAngle": 8,
    "ImageOrientationPatientDICOM": [
      -0.00426116,
      0.999973,
      0.00590414,
      0.00474753,
      0.00592436,
      -0.999971
    ],
    "ImageType": [
      "ORIGINAL",
      "PRIMARY",
      "M",
      "FFE",
      "M",
      "FFE"
    ],
    "ImagingFrequency": 127.759,
    "InPlanePhaseEncodingDirectionDICOM": "ROW",
    "InstitutionAddress": "Calzada_Mexico_Xochimilco_No.101_Tlalpan",
    "InstitutionName": "I.N._Psiquiatria",
    "InstitutionalDepartmentName": "Imagenes_Cerebrales",
    "MRAcquisitionType": "3D",
    "MagneticFieldStrength": 3,
    "Manufacturer": "Philips",
    "ManufacturersModelName": "Ingenia",
    "Modality": "MR",
    "PatientPosition": "HFS",
    "PercentPhaseFOV": 100,
    "PhaseEncodingSteps": 240,
    "PhilipsRescaleIntercept": 0,
    "PhilipsRescaleSlope": 196.703,
    "PhilipsScaleSlope": 0.00559813,
    "PixelBandwidth": 310,
    "ProcedureStepDescription": "EDUARDO_TMS",
    "ProtocolName": "WIP_sT1W_3D_TFE_32_channel",
    "ReconMatrixPE": 240,
    "RepetitionTime": 0.007,
    "SAR": 0.0382114,
    "ScanOptions": "OTHER",
    "ScanningSequence": "GR",
    "SequenceVariant": "MP",
    "SeriesDescription": "sT1W_3D_TFE_32_channel",
    "SeriesNumber": 601,
    "SliceThickness": 1,
    "SoftwareVersions": "5.3.1_5.3.1.0",
    "SpacingBetweenSlices": 1,
    "StationName": "PHILIPS-CTMFQSD",
    "UsePhilipsFloatNotDisplayScaling": 1,
    "dataset": "<unset>",
    "modality": "T1w",
    "session_id": "t1",
    "subject_id": "034"
  },
  "cjv": 0.490974886110863,
  "cnr": 2.550208729706909,
  "efc": 0.7488489506392512,
  "fber": 14135.344963475585,
  "fwhm_avg": 4.18401,
  "fwhm_x": 4.0679,
  "fwhm_y": 4.36966,
  "fwhm_z": 4.11447,
  "icvs_csf": 0.2326252620466823,
  "icvs_gm": 0.3959785110742443,
  "icvs_wm": 0.3713962268790734,
  "inu_med": 2.1060609817504883,
  "inu_range": 0.8367693424224854,
  "provenance": {
    "md5sum": "946c5f4648a22efea17c28840b05fcf5",
    "settings": {
      "testing": false
    },
    "software": "mriqc",
    "version": "21.0.0rc2",
    "warnings": {
      "large_rot_frame": true,
      "small_air_mask": false
    },
    "webapi_port": null,
    "webapi_url": "https://mriqc.nimh.nih.gov/api/v1"
  },
  "qi_1": 0.0,
  "qi_2": 2.0097796987883452e-05,
  "rpve_csf": 21.762791514500083,
  "rpve_gm": 12.564158529439283,
  "rpve_wm": 16.12318065974301,
  "size_x": 180,
  "size_y": 240,
  "size_z": 240,
  "snr_csf": 4.270257361875557,
  "snr_gm": 9.594031341083072,
  "snr_total": 12.528058424564682,
  "snr_wm": 23.719886570735415,
  "snrd_csf": 59.254780128631275,
  "snrd_gm": 129.53963405719995,
  "snrd_total": 119.12989568668893,
  "snrd_wm": 168.59527287423555,
  "spacing_x": 1.0,
  "spacing_y": 1.0,
  "spacing_z": 1.0,
  "summary_bg_k": 4.480847069679721,
  "summary_bg_mad": 3.88585261661895,
  "summary_bg_mean": 6.605858904121437,
  "summary_bg_median": 2.620967760682106,
  "summary_bg_n": 368179.0,
  "summary_bg_p05": 0.0,
  "summary_bg_p95": 22.12701628729701,
  "summary_bg_stdv": 7.781472711817832,
  "summary_csf_k": 2.4099997810848635,
  "summary_csf_mad": 72.26191308212547,
  "summary_csf_mean": 363.98762328906804,
  "summary_csf_median": 351.461696062237,
  "summary_csf_n": 52312.0,
  "summary_csf_p05": 259.0725824981928,
  "summary_csf_p95": 518.5206690313294,
  "summary_csf_stdv": 82.30378335045692,
  "summary_gm_k": 0.09520078805887078,
  "summary_gm_mad": 75.17630254458969,
  "summary_gm_mean": 778.2191275082761,
  "summary_gm_median": 768.3467796891928,
  "summary_gm_n": 21422.0,
  "summary_gm_p05": 661.2903273105621,
  "summary_gm_p95": 924.6925469364971,
  "summary_gm_stdv": 80.08404585866205,
  "summary_wm_k": 0.6610354536980312,
  "summary_wm_mad": 38.55961442644958,
  "summary_wm_mean": 999.1264688784258,
  "summary_wm_median": 1000.0000071525574,
  "summary_wm_n": 207789.0,
  "summary_wm_p05": 927.3185550197959,
  "summary_wm_p95": 1066.885088276118,
  "summary_wm_stdv": 42.158616479062445,
  "tpm_overlap_csf": 0.1653929203748703,
  "tpm_overlap_gm": 0.4218873083591461,
  "tpm_overlap_wm": 0.4868941903114319,
  "wm2max": 0.7007381644343661
}