{
  "aor": 0.01829953333333333,
  "aqi": 0.029852066000000003,
  "bids_meta": {
    "AcquisitionMatrixPE": 70,
    "AcquisitionNumber": 3,
    "AcquisitionTime": "09:44:32.680000",
    "BodyPartExamined": "BRAIN",
    "CoilString": "MULTI_COIL",
    "ConversionSoftware": "dcm2niix",
    "ConversionSoftwareVersion": "v1.0.20190410  (JP2:OpenJPEG) GCC6.3.0",
    "Dcm2bidsVersion": "2.1.4",
    "DeviceSerialNumber": "42451",
    "EchoTime": 0.03,
    "EchoTrainLength": 35,
    "EffectiveEchoSpacing": 0.000698,
    "FlipAngle": 75,
    "ImageOrientationPatientDICOM": [
      0.998352,
      2.00449e-06,
      0.0573879,
      0.000179763,
      0.999995,
      -0.00316218
    ],
    "ImageType": [
      "ORIGINAL",
      "PRIMARY",
      "M",
      "FFE",
      "M",
      "FFE"
    ],
    "ImagingFrequency": 127.76,
    "InPlanePhaseEncodingDirectionDICOM": "COL",
    "InstitutionAddress": "Calzada_Mexico_Xochimilco_No.101_Tlalpan",
    "InstitutionName": "I.N._Psiquiatria",
    "InstitutionalDepartmentName": "Imagenes_Cerebrales",
    "MRAcquisitionType": "2D",
    "MagneticFieldStrength": 3,
    "Manufacturer": "Philips",
    "ManufacturersModelName": "Ingenia",
    "Modality": "MR",
    "PartialFourier": 0.5,
    "PatientPosition": "HFS",
    "PercentPhaseFOV": 100,
    "PhaseEncodingAxis": "j",
    "PhaseEncodingDirection": "j-",
    "PhaseEncodingSteps": 70,
    "PhilipsRescaleIntercept": 0,
    "PhilipsRescaleSlope": 0.764591,
    "PhilipsScaleSlope": 0.016788,
    "PixelBandwidth": 1819,
    "ProcedureStepDescription": "PROTOCOLO_TMS",
    "ProtocolName": "WIP_FE_EPI_32chSHC_AP",
    "ReconMatrixPE": 80,
    "RepetitionTime": 2,
    "SAR": 0.119205,
    "ScanOptions": "FS",
    "ScanningSequence": "GR",
    "SequenceVariant": "SK",
    "SeriesDescription": "FE_EPI_32chSHC_AP",
    "SeriesNumber": 301,
    "SliceThickness": 3.33,
    "SliceTiming": [
      0.0,
      1.027027,
      0.054054,
      1.081081,
      0.108108,
      1.135135,
      0.162162,
      1.189189,
      0.216216,
      1.243244,
      0.27027,
      1.297298,
      0.324324,
      1.351352,
      0.378378,
      1.405406,
      0.432432,
      1.45946,
      0.486486,
      1.513514,
      0.540541,
      1.567568,
      0.594595,
      1.621622,
      0.648649,
      1.675676,
      0.702703,
      1.72973,
      0.756757,
      1.783784,
      0.810811,
      1.837838,
      0.864865,
      1.891892,
      0.918919,
      1.945947,
      0.972973
    ],
    "SoftwareVersions": "5.3.1_5.3.1.0",
    "SpacingBetweenSlices": 3.33,
    "StationName": "PHILIPS-CTMFQSD",
    "TaskName": "rest",
    "TotalReadoutTime": 0.04884,
    "UsePhilipsFloatNotDisplayScaling": 1,
    "dataset": "<unset>",
    "modality": "bold",
    "session_id": "t2",
    "subject_id": "034",
    "task_id": "rest"
  },
  "dummy_trs": 0,
  "dvars_nstd": 45.84215157170563,
  "dvars_std": 1.1890304109698988,
  "dvars_vstd": 1.0816433230434783,
  "efc": 0.410490231587114,
  "fber": 96316.8125,
  "fd_mean": 0.656545499230214,
  "fd_num": 110,
  "fd_perc": 36.666666666666664,
  "fwhm_avg": 2.1156949401005325,
  "fwhm_x": 2.058656666666667,
  "fwhm_y": 2.30132,
  "fwhm_z": 1.987108153634931,
  "gcor": 0.071851,
  "gsr_x": -0.010502542369067669,
  "gsr_y": 0.020886121317744255,
  "provenance": {
    "md5sum": "7462445b7fd1203cf71b047b968b2037",
    "settings": {
      "fd_thres": 0.5,
      "testing": false
    },
    "software": "mriqc",
    "version": "22.0.0rc1",
    "webapi_port": null,
    "webapi_url": "https://mriqc.nimh.nih.gov/api/v1"
  },
  "size_t": 300,
  "size_x": 80,
  "size_y": 80,
  "size_z": 37,
  "snr": 4.171079268051525,
  "spacing_tr": 2.0000016689300537,
  "spacing_x": 3.0,
  "spacing_y": 3.0,
  "spacing_z": 3.3299999237060547,
  "summary_bg_k": 153.83580362436507,
  "summary_bg_mad": 288.27788877353146,
  "summary_bg_mean": 1771.483642578125,
  "summary_bg_median": 254.36502075195312,
  "summary_bg_n": 163032.0,
  "summary_bg_p05": 25.95349884033203,
  "summary_bg_p95": 8644.577929687472,
  "summary_bg_stdv": 5360.16357421875,
  "summary_fg_k": 1.7544460679712675,
  "summary_fg_mad": 15310.43929429306,
  "summary_fg_mean": 81458.2109375,
  "summary_fg_median": 79729.7734375,
  "summary_fg_n": 33501.0,
  "summary_fg_p05": 53473.9921875,
  "summary_fg_p95": 117274.90625,
  "summary_fg_stdv": 19114.6171875,
  "tsnr": 25.761821746826172
}