{
  "bids_meta": {
    "AcquisitionMatrixPE": 240,
    "AcquisitionNumber": 4,
    "AcquisitionTime": "08:14:33.050000",
    "BodyPartExamined": "BRAIN",
    "CoilString": "MULTI_COIL",
    "ConversionSoftware": "dcm2niix",
    "ConversionSoftwareVersion": "v1.0.20190410  (JP2:OpenJPEG) GCC6.3.0",
    "Dcm2bidsVersion": "2.1.4",
    "DeviceSerialNumber": "42451",
    "EchoTime": 0.0035,
    "EchoTrainLength": 240,
    "FlipAngle": 8,
    "ImageOrientationPatientDICOM": [
      0.00418158,
      0.999988,
      -0.00249335,
      -0.00010228,
      -0.00249294,
      -0.999997
    ],
    "ImageType": [
      "ORIGINAL",
      "PRIMARY",
      "M",
      "FFE",
      "M",
      "FFE"
    ],
    "ImagingFrequency": 127.759,
    "InPlanePhaseEncodingDirectionDICOM": "ROW",
    "InstitutionAddress": "Calzada_Mexico_Xochimilco_No.101_Tlalpan",
    "InstitutionName": "I.N._Psiquiatria",
    "InstitutionalDepartmentName": "Imagenes_Cerebrales",
    "MRAcquisitionType": "3D",
    "MagneticFieldStrength": 3,
    "Manufacturer": "Philips",
    "ManufacturersModelName": "Ingenia",
    "Modality": "MR",
    "PatientPosition": "HFS",
    "PercentPhaseFOV": 100,
    "PhaseEncodingSteps": 240,
    "PhilipsRescaleIntercept": 0,
    "PhilipsRescaleSlope": 130.454,
    "PhilipsScaleSlope": 0.00579999,
    "PixelBandwidth": 310,
    "ProcedureStepDescription": "PROTOCOLO_EDUARDO_TMS",
    "ProtocolName": "WIP_sT1W_3D_TFE_32_channel",
    "ReconMatrixPE": 240,
    "RepetitionTime": 0.007,
    "SAR": 0.0382114,
    "ScanOptions": "OTHER",
    "ScanningSequence": "GR",
    "SequenceVariant": "MP",
    "SeriesDescription": "sT1W_3D_TFE_32_channel",
    "SeriesNumber": 401,
    "SliceThickness": 1,
    "SoftwareVersions": "5.3.1_5.3.1.0",
    "SpacingBetweenSlices": 1,
    "StationName": "PHILIPS-CTMFQSD",
    "UsePhilipsFloatNotDisplayScaling": 1,
    "dataset": "<unset>",
    "modality": "T1w",
    "session_id": "t0",
    "subject_id": "038"
  },
  "cjv": 0.44504716085758333,
  "cnr": 2.846678138568602,
  "efc": 0.7116374034272039,
  "fber": 54444.44444444445,
  "fwhm_avg": 4.140029999999999,
  "fwhm_x": 3.98218,
  "fwhm_y": 4.42347,
  "fwhm_z": 4.01444,
  "icvs_csf": 0.2089761798855562,
  "icvs_gm": 0.3930154557242731,
  "icvs_wm": 0.3980083643901707,
  "inu_med": 1.7545671463012695,
  "inu_range": 0.656195616722107,
  "provenance": {
    "md5sum": "60152554a513aa11b04093b414d48ee4",
    "settings": {
      "testing": false
    },
    "software": "mriqc",
    "version": "21.0.0rc2",
    "warnings": {
      "large_rot_frame": true,
      "small_air_mask": false
    },
    "webapi_port": null,
    "webapi_url": "https://mriqc.nimh.nih.gov/api/v1"
  },
  "qi_1": 3.072015414144542e-05,
  "qi_2": 2.6808223490320236e-05,
  "rpve_csf": 24.720086969056315,
  "rpve_gm": 13.29572419968659,
  "rpve_wm": 16.209593975063036,
  "size_x": 180,
  "size_y": 240,
  "size_z": 240,
  "snr_csf": 3.9481289363032657,
  "snr_gm": 11.50622705365189,
  "snr_total": 14.506791875425428,
  "snr_wm": 28.06601963632113,
  "snrd_csf": 61.92747469624564,
  "snrd_gm": 126.33588158028792,
  "snrd_total": 116.71383986195218,
  "snrd_wm": 161.87816330932299,
  "spacing_x": 1.0,
  "spacing_y": 1.0,
  "spacing_z": 1.0,
  "summary_bg_k": 1744.327214806499,
  "summary_bg_mad": 4.047095334985901,
  "summary_bg_mean": 6.441345835374439,
  "summary_bg_median": 2.729724321514368,
  "summary_bg_n": 473167.0,
  "summary_bg_p05": 0.0,
  "summary_bg_p95": 22.16667702049017,
  "summary_bg_stdv": 8.892161298206512,
  "summary_csf_k": 1.2580004946085435,
  "summary_csf_mad": 80.91752660733859,
  "summary_csf_mean": 399.08401687325227,
  "summary_csf_median": 382.5560639500618,
  "summary_csf_n": 31726.0,
  "summary_csf_p05": 272.2488907650113,
  "summary_csf_p95": 585.0407653534785,
  "summary_csf_stdv": 96.89400751901434,
  "summary_gm_k": 0.35576718938164653,
  "summary_gm_mad": 64.89980591405102,
  "summary_gm_mean": 782.5811513626886,
  "summary_gm_median": 780.4380499944091,
  "summary_gm_n": 19529.0,
  "summary_gm_p05": 677.2150047473609,
  "summary_gm_p95": 900.2367706395685,
  "summary_gm_stdv": 67.82571424878732,
  "summary_wm_k": 0.8214194989813324,
  "summary_wm_mad": 32.81560434271701,
  "summary_wm_mean": 1000.5786761384172,
  "summary_wm_median": 999.9999725297093,
  "summary_wm_n": 227144.0,
  "summary_wm_p05": 943.3335266746581,
  "summary_wm_p95": 1059.5605839304626,
  "summary_wm_stdv": 35.630195668588215,
  "tpm_overlap_csf": 0.17275729775428772,
  "tpm_overlap_gm": 0.44506576657295227,
  "tpm_overlap_wm": 0.5197330117225647,
  "wm2max": 0.6811532516409418
}