{
  "bids_meta": {
    "AcquisitionMatrixPE": 240,
    "AcquisitionNumber": 4,
    "AcquisitionTime": "08:42:7.020000",
    "BodyPartExamined": "BRAIN",
    "CoilString": "MULTI_COIL",
    "ConversionSoftware": "dcm2niix",
    "ConversionSoftwareVersion": "v1.0.20190410  (JP2:OpenJPEG) GCC6.3.0",
    "Dcm2bidsVersion": "2.1.4",
    "DeviceSerialNumber": "42451",
    "EchoTime": 0.0035,
    "EchoTrainLength": 240,
    "FlipAngle": 8,
    "ImageOrientationPatientDICOM": [
      -0.0605036,
      0.99811,
      -0.0107627,
      -0.00300924,
      -0.0109648,
      -0.999935
    ],
    "ImageType": [
      "ORIGINAL",
      "PRIMARY",
      "M",
      "FFE",
      "M",
      "FFE"
    ],
    "ImagingFrequency": 127.759,
    "InPlanePhaseEncodingDirectionDICOM": "ROW",
    "InstitutionAddress": "Calzada_Mexico_Xochimilco_No.101_Tlalpan",
    "InstitutionName": "I.N._Psiquiatria",
    "InstitutionalDepartmentName": "Imagenes_Cerebrales",
    "MRAcquisitionType": "3D",
    "MagneticFieldStrength": 3,
    "Manufacturer": "Philips",
    "ManufacturersModelName": "Ingenia",
    "Modality": "MR",
    "PatientPosition": "HFS",
    "PercentPhaseFOV": 100,
    "PhaseEncodingSteps": 240,
    "PhilipsRescaleIntercept": 0,
    "PhilipsRescaleSlope": 3.82735,
    "PhilipsScaleSlope": 0.00573726,
    "PixelBandwidth": 310,
    "ProcedureStepDescription": "EDUARDO_TMS",
    "ProtocolName": "WIP_sT1W_3D_TFE_32_channel",
    "ReconMatrixPE": 240,
    "RepetitionTime": 0.007,
    "SAR": 0.0382114,
    "ScanOptions": "OTHER",
    "ScanningSequence": "GR",
    "SequenceVariant": "MP",
    "SeriesDescription": "sT1W_3D_TFE_32_channel",
    "SeriesNumber": 401,
    "SliceThickness": 1,
    "SoftwareVersions": "5.3.1_5.3.1.0",
    "SpacingBetweenSlices": 1,
    "StationName": "PHILIPS-CTMFQSD",
    "UsePhilipsFloatNotDisplayScaling": 1,
    "dataset": "<unset>",
    "modality": "T1w",
    "session_id": "t0",
    "subject_id": "036"
  },
  "cjv": 0.44844141177021296,
  "cnr": 2.8527553053723924,
  "efc": 0.7532942163447196,
  "fber": 4149.735375484131,
  "fwhm_avg": 4.18504,
  "fwhm_x": 4.06214,
  "fwhm_y": 4.51163,
  "fwhm_z": 3.98135,
  "icvs_csf": 0.2515401471483991,
  "icvs_gm": 0.3900263289398991,
  "icvs_wm": 0.3584335239117018,
  "inu_med": 1.9154636859893799,
  "inu_range": 0.7688155949115756,
  "provenance": {
    "md5sum": "bcef53da8996436debbc3f4931ec985a",
    "settings": {
      "testing": false
    },
    "software": "mriqc",
    "version": "21.0.0rc2",
    "warnings": {
      "large_rot_frame": true,
      "small_air_mask": false
    },
    "webapi_port": null,
    "webapi_url": "https://mriqc.nimh.nih.gov/api/v1"
  },
  "qi_1": 0.0,
  "qi_2": 6.102739226913027e-05,
  "rpve_csf": 19.89599223542741,
  "rpve_gm": 12.090316246027827,
  "rpve_wm": 15.475567194166647,
  "size_x": 180,
  "size_y": 240,
  "size_z": 240,
  "snr_csf": 4.5087064872809135,
  "snr_gm": 11.089557750547634,
  "snr_total": 12.898781923730079,
  "snr_wm": 23.098081533361693,
  "snrd_csf": 46.55118714352619,
  "snrd_gm": 103.64244124021289,
  "snrd_total": 95.16139295633705,
  "snrd_wm": 135.29055048527206,
  "spacing_x": 1.0,
  "spacing_y": 1.0,
  "spacing_z": 1.0,
  "summary_bg_k": 21.206480550000748,
  "summary_bg_mad": 4.842439927583034,
  "summary_bg_mean": 8.491557267771702,
  "summary_bg_median": 6.429209791123867,
  "summary_bg_n": 336607.0,
  "summary_bg_p05": 0.0,
  "summary_bg_p95": 25.99188557267189,
  "summary_bg_stdv": 8.823279441119011,
  "summary_csf_k": 2.394217890077699,
  "summary_csf_mad": 64.58285671839688,
  "summary_csf_mean": 357.786970062113,
  "summary_csf_median": 344.08305662870407,
  "summary_csf_n": 81654.0,
  "summary_csf_p05": 259.88447492569685,
  "summary_csf_p95": 499.7713569369164,
  "summary_csf_stdv": 76.31478133144287,
  "summary_gm_k": 0.45622350669474976,
  "summary_gm_mad": 64.27701840718112,
  "summary_gm_mean": 769.7696143543412,
  "summary_gm_median": 766.0730083733797,
  "summary_gm_n": 19375.0,
  "summary_gm_p05": 662.5421022556723,
  "summary_gm_p95": 891.2878856956959,
  "summary_gm_stdv": 69.0787906717406,
  "summary_wm_k": 0.5431322856670278,
  "summary_wm_mad": 40.625522339828194,
  "summary_wm_mean": 999.7780837991523,
  "summary_wm_median": 999.9999785274267,
  "summary_wm_n": 204667.0,
  "summary_wm_p05": 927.9722003862262,
  "summary_wm_p95": 1070.3087166175246,
  "summary_wm_stdv": 43.2935321527628,
  "tpm_overlap_csf": 0.169470876455307,
  "tpm_overlap_gm": 0.42484432458877563,
  "tpm_overlap_wm": 0.48759862780570984,
  "wm2max": 0.6325518681223087
}