{
  "bids_meta": {
    "AcquisitionMatrixPE": 240,
    "AcquisitionNumber": 4,
    "AcquisitionTime": "10:01:11.150000",
    "BodyPartExamined": "BRAIN",
    "CoilString": "MULTI_COIL",
    "ConversionSoftware": "dcm2niix",
    "ConversionSoftwareVersion": "v1.0.20190410  (JP2:OpenJPEG) GCC6.3.0",
    "Dcm2bidsVersion": "2.1.4",
    "DeviceSerialNumber": "42451",
    "EchoTime": 0.0035,
    "EchoTrainLength": 240,
    "FlipAngle": 8,
    "ImageOrientationPatientDICOM": [
      0.0229576,
      0.999703,
      0.00820155,
      0.0463934,
      0.00712954,
      -0.998898
    ],
    "ImageType": [
      "ORIGINAL",
      "PRIMARY",
      "M",
      "FFE",
      "M",
      "FFE"
    ],
    "ImagingFrequency": 127.76,
    "InPlanePhaseEncodingDirectionDICOM": "ROW",
    "InstitutionAddress": "Calzada_Mexico_Xochimilco_No.101_Tlalpan",
    "InstitutionName": "I.N._Psiquiatria",
    "InstitutionalDepartmentName": "Imagenes_Cerebrales",
    "MRAcquisitionType": "3D",
    "MagneticFieldStrength": 3,
    "Manufacturer": "Philips",
    "ManufacturersModelName": "Ingenia",
    "Modality": "MR",
    "PatientPosition": "HFS",
    "PercentPhaseFOV": 100,
    "PhaseEncodingSteps": 240,
    "PhilipsRescaleIntercept": 0,
    "PhilipsRescaleSlope": 7.29524,
    "PhilipsScaleSlope": 0.005653,
    "PixelBandwidth": 310,
    "ProcedureStepDescription": "EDUARDO_TMS",
    "ProtocolName": "WIP_sT1W_3D_TFE_32_channel",
    "ReconMatrixPE": 240,
    "RepetitionTime": 0.007,
    "SAR": 0.0382114,
    "ScanOptions": "OTHER",
    "ScanningSequence": "GR",
    "SequenceVariant": "MP",
    "SeriesDescription": "sT1W_3D_TFE_32_channel",
    "SeriesNumber": 401,
    "SliceThickness": 1,
    "SoftwareVersions": "5.3.1_5.3.1.0",
    "SpacingBetweenSlices": 1,
    "StationName": "PHILIPS-CTMFQSD",
    "UsePhilipsFloatNotDisplayScaling": 1,
    "dataset": "<unset>",
    "modality": "T1w",
    "session_id": "t1",
    "subject_id": "025"
  },
  "cjv": 0.39463066057174295,
  "cnr": 3.2127889682611874,
  "efc": 0.750731660214536,
  "fber": 4417.021209443253,
  "fwhm_avg": 4.408506666666667,
  "fwhm_x": 4.26124,
  "fwhm_y": 4.63951,
  "fwhm_z": 4.32477,
  "icvs_csf": 0.21319788037479687,
  "icvs_gm": 0.392620497849477,
  "icvs_wm": 0.39418162177572613,
  "inu_med": 1.5727028846740723,
  "inu_range": 0.5629326105117798,
  "provenance": {
    "md5sum": "46eaff884198426d4315de5624c322af",
    "settings": {
      "testing": false
    },
    "software": "mriqc",
    "version": "21.0.0rc2",
    "warnings": {
      "large_rot_frame": true,
      "small_air_mask": false
    },
    "webapi_port": null,
    "webapi_url": "https://mriqc.nimh.nih.gov/api/v1"
  },
  "qi_1": 3.4647733605125556e-05,
  "qi_2": 0.0001334891525294213,
  "rpve_csf": 20.07200681388407,
  "rpve_gm": 11.034530160810716,
  "rpve_wm": 13.400070139026502,
  "size_x": 180,
  "size_y": 240,
  "size_z": 240,
  "snr_csf": 3.519318055664006,
  "snr_gm": 11.029821557515653,
  "snr_total": 13.841744306386863,
  "snr_wm": 26.976093305980925,
  "snrd_csf": 48.73335710155035,
  "snrd_gm": 107.04610143128757,
  "snrd_total": 99.51455527918206,
  "snrd_wm": 142.76420730470826,
  "spacing_x": 1.0,
  "spacing_y": 1.0,
  "spacing_z": 1.0,
  "summary_bg_k": 4.0254623554770985,
  "summary_bg_mad": 4.588940216376771,
  "summary_bg_mean": 8.387705089954943,
  "summary_bg_median": 5.590297814458609,
  "summary_bg_n": 399122.0,
  "summary_bg_p05": 0.0,
  "summary_bg_p95": 25.298466380685568,
  "summary_bg_stdv": 8.299243401199378,
  "summary_csf_k": 1.630187389450926,
  "summary_csf_mad": 76.18577277596945,
  "summary_csf_mean": 361.0761170110397,
  "summary_csf_median": 341.3555863201618,
  "summary_csf_n": 52477.0,
  "summary_csf_p05": 239.7195503488183,
  "summary_csf_p95": 555.9409050263464,
  "summary_csf_stdv": 96.99388588219097,
  "summary_gm_k": 0.21256986912742626,
  "summary_gm_mad": 65.01779071876679,
  "summary_gm_mean": 753.9690564621476,
  "summary_gm_median": 749.8105382155627,
  "summary_gm_n": 28192.0,
  "summary_gm_p05": 649.169385753572,
  "summary_gm_p95": 874.722110765241,
  "summary_gm_stdv": 67.97909067722632,
  "summary_wm_k": 1.0157377289786096,
  "summary_wm_mad": 33.714662814196686,
  "summary_wm_mean": 1000.0889023929511,
  "summary_wm_median": 1000.0000531151891,
  "summary_wm_n": 288551.0,
  "summary_wm_p05": 939.7385376915336,
  "summary_wm_p95": 1060.2615685388446,
  "summary_wm_stdv": 37.069797652870236,
  "tpm_overlap_csf": 0.17532393336296082,
  "tpm_overlap_gm": 0.44242730736732483,
  "tpm_overlap_wm": 0.5121712684631348,
  "wm2max": 0.7384723032069971
}