{
  "bids_meta": {
    "AcquisitionMatrixPE": 240,
    "AcquisitionNumber": 4,
    "AcquisitionTime": "08:32:10.860000",
    "CoilString": "MULTI_COIL",
    "ConversionSoftware": "dcm2niix",
    "ConversionSoftwareVersion": "v1.0.20190410  (JP2:OpenJPEG) GCC6.3.0",
    "Dcm2bidsVersion": "2.1.4",
    "DeviceSerialNumber": "42451",
    "EchoTime": 0.003501,
    "EchoTrainLength": 240,
    "FlipAngle": 8,
    "ImageOrientationPatientDICOM": [
      -0.0354191,
      0.99937,
      0.00235422,
      -0.0137158,
      0.00186937,
      -0.999904
    ],
    "ImageType": [
      "ORIGINAL",
      "PRIMARY",
      "M",
      "FFE",
      "M",
      "FFE"
    ],
    "ImagingFrequency": 127.766,
    "InPlanePhaseEncodingDirectionDICOM": "ROW",
    "InstitutionAddress": "Calzada_Mexico_Xochimilco_No.101_Tlalpan",
    "InstitutionName": "I.N._Psiquiatria",
    "InstitutionalDepartmentName": "Imagenes_Cerebrales",
    "MRAcquisitionType": "3D",
    "MagneticFieldStrength": 3,
    "Manufacturer": "Philips",
    "ManufacturersModelName": "Ingenia",
    "Modality": "MR",
    "PatientPosition": "HFS",
    "PercentPhaseFOV": 100,
    "PhaseEncodingSteps": 240,
    "PhilipsRescaleIntercept": 0,
    "PhilipsRescaleSlope": 9.59707,
    "PhilipsScaleSlope": 0.00588214,
    "PixelBandwidth": 310,
    "ProcedureStepDescription": "EDUARDO_TMS",
    "ProtocolName": "WIP_sT1W_3D_TFE_32_channel_SENSE",
    "ReconMatrixPE": 240,
    "RepetitionTime": 0.007,
    "SAR": 0.0382114,
    "ScanOptions": "OTHER",
    "ScanningSequence": "GR",
    "SequenceVariant": "MP",
    "SeriesDescription": "sT1W_3D_TFE_32_channel",
    "SeriesNumber": 401,
    "SliceThickness": 1,
    "SoftwareVersions": "5.1.7_5.1.7.2",
    "SpacingBetweenSlices": 1,
    "StationName": "INGENIA",
    "UsePhilipsFloatNotDisplayScaling": 1,
    "dataset": "<unset>",
    "modality": "T1w",
    "session_id": "t14",
    "subject_id": "008"
  },
  "cjv": 0.4376897421758707,
  "cnr": 2.9953939149217366,
  "efc": 0.8126851032518163,
  "fber": 666.6310886399999,
  "fwhm_avg": 4.37118,
  "fwhm_x": 4.30364,
  "fwhm_y": 4.80501,
  "fwhm_z": 4.00489,
  "icvs_csf": 0.19059530907459282,
  "icvs_gm": 0.4160615734721515,
  "icvs_wm": 0.3933431174532557,
  "inu_med": 1.4606478214263916,
  "inu_range": 0.6095016777515412,
  "provenance": {
    "md5sum": "fdf7b6b85182e1966a5eb02e3d0babbb",
    "settings": {
      "testing": false
    },
    "software": "mriqc",
    "version": "21.0.0rc2",
    "warnings": {
      "large_rot_frame": true,
      "small_air_mask": true
    },
    "webapi_port": null,
    "webapi_url": "https://mriqc.nimh.nih.gov/api/v1"
  },
  "qi_1": 0.0,
  "qi_2": 0.0002014066389669494,
  "rpve_csf": 24.55872401895825,
  "rpve_gm": 12.042408719924934,
  "rpve_wm": 15.158587860790368,
  "size_x": 180,
  "size_y": 240,
  "size_z": 240,
  "snr_csf": 2.9851056201857378,
  "snr_gm": 11.066742247279032,
  "snr_total": 12.320146039821411,
  "snr_wm": 22.908590251999467,
  "snrd_csf": 24.67798994704019,
  "snrd_gm": 42.53703101794035,
  "snrd_total": 41.187350482087716,
  "snrd_wm": 56.3470304812826,
  "spacing_x": 1.0,
  "spacing_y": 1.0,
  "spacing_z": 1.0,
  "summary_bg_k": 2.52543193708914,
  "summary_bg_mad": 11.62681295119382,
  "summary_bg_mean": 15.12300955670704,
  "summary_bg_median": 16.509823501110077,
  "summary_bg_n": 98503.0,
  "summary_bg_p05": 0.0,
  "summary_bg_p95": 35.37229685112834,
  "summary_bg_stdv": 11.672057635120176,
  "summary_csf_k": -0.07885823938724768,
  "summary_csf_mad": 152.25005590826433,
  "summary_csf_mean": 449.80719280987245,
  "summary_csf_median": 437.96434292569757,
  "summary_csf_n": 29971.0,
  "summary_csf_p05": 223.83193211629987,
  "summary_csf_p95": 697.7464157156646,
  "summary_csf_stdv": 146.7140838952509,
  "summary_gm_k": 0.3207682652945434,
  "summary_gm_mad": 65.41612128855891,
  "summary_gm_mean": 760.3982782415839,
  "summary_gm_median": 754.9116795882583,
  "summary_gm_n": 39313.0,
  "summary_gm_p05": 657.5037209317088,
  "summary_gm_p95": 881.9960459880531,
  "summary_gm_stdv": 68.21357734382173,
  "summary_wm_k": 0.45536424164844247,
  "summary_wm_mad": 41.85652662429775,
  "summary_wm_mean": 1000.6890753272156,
  "summary_wm_median": 1000.0000094622374,
  "summary_wm_n": 247422.0,
  "summary_wm_p05": 930.2460051700473,
  "summary_wm_p95": 1073.0559784546494,
  "summary_wm_stdv": 43.651659819355565,
  "tpm_overlap_csf": 0.1355627477169037,
  "tpm_overlap_gm": 0.4524940252304077,
  "tpm_overlap_wm": 0.5034871101379395,
  "wm2max": 0.5854153578504808
}