{
  "bids_meta": {
    "AcquisitionMatrixPE": 240,
    "AcquisitionNumber": 4,
    "AcquisitionTime": "08:47:5.670000",
    "BodyPartExamined": "BRAIN",
    "CoilString": "MULTI_COIL",
    "ConversionSoftware": "dcm2niix",
    "ConversionSoftwareVersion": "v1.0.20190410  (JP2:OpenJPEG) GCC6.3.0",
    "Dcm2bidsVersion": "2.1.4",
    "DeviceSerialNumber": "42451",
    "EchoTime": 0.0035,
    "EchoTrainLength": 240,
    "FlipAngle": 8,
    "ImageOrientationPatientDICOM": [
      0.00230058,
      0.999997,
      -0.00106611,
      0.000584701,
      -0.00106746,
      -0.999999
    ],
    "ImageType": [
      "ORIGINAL",
      "PRIMARY",
      "M",
      "FFE",
      "M",
      "FFE"
    ],
    "ImagingFrequency": 127.759,
    "InPlanePhaseEncodingDirectionDICOM": "ROW",
    "InstitutionAddress": "Calzada_Mexico_Xochimilco_No.101_Tlalpan",
    "InstitutionName": "I.N._Psiquiatria",
    "InstitutionalDepartmentName": "Imagenes_Cerebrales",
    "MRAcquisitionType": "3D",
    "MagneticFieldStrength": 3,
    "Manufacturer": "Philips",
    "ManufacturersModelName": "Ingenia",
    "Modality": "MR",
    "PatientPosition": "HFS",
    "PercentPhaseFOV": 100,
    "PhaseEncodingSteps": 240,
    "PhilipsRescaleIntercept": 0,
    "PhilipsRescaleSlope": 49.5426,
    "PhilipsScaleSlope": 0.00584877,
    "PixelBandwidth": 310,
    "ProcedureStepDescription": "PROTOCOLO_EDUARDO_TMS",
    "ProtocolName": "WIP_sT1W_3D_TFE_32_channel",
    "ReconMatrixPE": 240,
    "RepetitionTime": 0.007,
    "SAR": 0.0382114,
    "ScanOptions": "OTHER",
    "ScanningSequence": "GR",
    "SequenceVariant": "MP",
    "SeriesDescription": "sT1W_3D_TFE_32_channel",
    "SeriesNumber": 401,
    "SliceThickness": 1,
    "SoftwareVersions": "5.3.1_5.3.1.0",
    "SpacingBetweenSlices": 1,
    "StationName": "PHILIPS-CTMFQSD",
    "UsePhilipsFloatNotDisplayScaling": 1,
    "dataset": "<unset>",
    "modality": "T1w",
    "session_id": "t2",
    "subject_id": "036"
  },
  "cjv": 0.44162044584745114,
  "cnr": 2.8615950864515702,
  "efc": 0.7587449729920606,
  "fber": 4509.4955632716055,
  "fwhm_avg": 4.147053333333333,
  "fwhm_x": 4.01302,
  "fwhm_y": 4.46749,
  "fwhm_z": 3.96065,
  "icvs_csf": 0.24866422916012093,
  "icvs_gm": 0.3882848651563366,
  "icvs_wm": 0.3630509056835425,
  "inu_med": 1.9796011447906494,
  "inu_range": 0.7860390186309816,
  "provenance": {
    "md5sum": "0bec78e9dd3cdbf30421929732b5589c",
    "settings": {
      "testing": false
    },
    "software": "mriqc",
    "version": "21.0.0rc2",
    "warnings": {
      "large_rot_frame": true,
      "small_air_mask": false
    },
    "webapi_port": null,
    "webapi_url": "https://mriqc.nimh.nih.gov/api/v1"
  },
  "qi_1": 0.0,
  "qi_2": 6.179209544264614e-05,
  "rpve_csf": 20.23864981691033,
  "rpve_gm": 12.178481062490382,
  "rpve_wm": 15.382366888512912,
  "size_x": 180,
  "size_y": 240,
  "size_z": 240,
  "snr_csf": 4.873398472687264,
  "snr_gm": 11.226579434743874,
  "snr_total": 13.233408789315368,
  "snr_wm": 23.600248460514962,
  "snrd_csf": 48.002423193564184,
  "snrd_gm": 105.91232326719539,
  "snrd_total": 97.24715716180032,
  "snrd_wm": 137.82672502464135,
  "spacing_x": 1.0,
  "spacing_y": 1.0,
  "spacing_z": 1.0,
  "summary_bg_k": 14.231467630042548,
  "summary_bg_mad": 4.753333617205554,
  "summary_bg_mean": 7.948480226263055,
  "summary_bg_median": 5.905927270650864,
  "summary_bg_n": 303509.0,
  "summary_bg_p05": 0.0,
  "summary_bg_p95": 24.298672199249268,
  "summary_bg_stdv": 8.207329967589324,
  "summary_csf_k": 2.297416583550266,
  "summary_csf_mad": 60.35482816583368,
  "summary_csf_mean": 360.3859899255051,
  "summary_csf_median": 348.2809681892395,
  "summary_csf_n": 78400.0,
  "summary_csf_p05": 268.2556536719203,
  "summary_csf_p95": 496.64629826694727,
  "summary_csf_stdv": 71.46527191536352,
  "summary_gm_k": 0.5013626322326252,
  "summary_gm_mad": 62.85658270120503,
  "summary_gm_mean": 773.3451977154895,
  "summary_gm_median": 768.4455083012581,
  "summary_gm_n": 16339.0,
  "summary_gm_p05": 669.850271037221,
  "summary_gm_p95": 894.7479815036058,
  "summary_gm_stdv": 68.44667128793897,
  "summary_wm_k": 0.6682052180807729,
  "summary_wm_mad": 39.402633932098674,
  "summary_wm_mean": 998.3491117068012,
  "summary_wm_median": 1000.0000425055623,
  "summary_wm_n": 205531.0,
  "summary_wm_p05": 925.3322477266192,
  "summary_wm_p95": 1064.0793533921242,
  "summary_wm_stdv": 42.37233397998028,
  "tpm_overlap_csf": 0.17169257998466492,
  "tpm_overlap_gm": 0.4206981658935547,
  "tpm_overlap_wm": 0.482184499502182,
  "wm2max": 0.636000197574547
}