{
  "bids_meta": {
    "AcquisitionMatrixPE": 240,
    "AcquisitionNumber": 4,
    "AcquisitionTime": "09:42:3.490000",
    "BodyPartExamined": "BRAIN",
    "CoilString": "MULTI_COIL",
    "ConversionSoftware": "dcm2niix",
    "ConversionSoftwareVersion": "v1.0.20190410  (JP2:OpenJPEG) GCC6.3.0",
    "Dcm2bidsVersion": "2.1.4",
    "DeviceSerialNumber": "42451",
    "EchoTime": 0.003501,
    "EchoTrainLength": 240,
    "FlipAngle": 8,
    "ImageOrientationPatientDICOM": [
      0.0123785,
      0.999922,
      0.00188697,
      0.0260268,
      0.00156428,
      -0.99966
    ],
    "ImageType": [
      "ORIGINAL",
      "PRIMARY",
      "M",
      "FFE",
      "M",
      "FFE"
    ],
    "ImagingFrequency": 127.766,
    "InPlanePhaseEncodingDirectionDICOM": "ROW",
    "InstitutionAddress": "Calzada_Mexico_Xochimilco_No.101_Tlalpan",
    "InstitutionName": "I.N._Psiquiatria",
    "InstitutionalDepartmentName": "Imagenes_Cerebrales",
    "MRAcquisitionType": "3D",
    "MagneticFieldStrength": 3,
    "Manufacturer": "Philips",
    "ManufacturersModelName": "Ingenia",
    "Modality": "MR",
    "PatientPosition": "HFS",
    "PercentPhaseFOV": 100,
    "PhaseEncodingSteps": 240,
    "PhilipsRescaleIntercept": 0,
    "PhilipsRescaleSlope": 3.40147,
    "PhilipsScaleSlope": 0.00520825,
    "PixelBandwidth": 310,
    "ProcedureStepDescription": "EDUARDO_TMS",
    "ProtocolName": "sT1W_3D_TFE_32_channel",
    "ReconMatrixPE": 240,
    "RepetitionTime": 0.007,
    "SAR": 0.0382114,
    "ScanOptions": "OTHER",
    "ScanningSequence": "GR",
    "SequenceVariant": "MP",
    "SeriesDescription": "sT1W_3D_TFE_32_channel",
    "SeriesNumber": 401,
    "SliceThickness": 1,
    "SoftwareVersions": "5.3.1_5.3.1.0",
    "SpacingBetweenSlices": 1,
    "StationName": "PHILIPS-CTMFQSD",
    "UsePhilipsFloatNotDisplayScaling": 1,
    "dataset": "<unset>",
    "modality": "T1w",
    "session_id": "t1",
    "subject_id": "017"
  },
  "cjv": 0.5564426462401377,
  "cnr": 2.347110633458738,
  "efc": 0.7295941587117833,
  "fber": 14931.64782867341,
  "fwhm_avg": 4.1458900000000005,
  "fwhm_x": 3.97954,
  "fwhm_y": 4.4629,
  "fwhm_z": 3.99523,
  "icvs_csf": 0.21786802644710446,
  "icvs_gm": 0.40095609159744555,
  "icvs_wm": 0.38117588195545,
  "inu_med": 1.9838857650756836,
  "inu_range": 0.784384548664093,
  "provenance": {
    "md5sum": "36f78ec725c3505bead822a7d9f695ff",
    "settings": {
      "testing": false
    },
    "software": "mriqc",
    "version": "21.0.0rc2",
    "warnings": {
      "large_rot_frame": true,
      "small_air_mask": false
    },
    "webapi_port": null,
    "webapi_url": "https://mriqc.nimh.nih.gov/api/v1"
  },
  "qi_1": 0.00029490939203839013,
  "qi_2": 7.896660775862965e-05,
  "rpve_csf": 22.281659781240588,
  "rpve_gm": 12.1159630468969,
  "rpve_wm": 15.338175846010186,
  "size_x": 180,
  "size_y": 240,
  "size_z": 240,
  "snr_csf": 3.6856577474371925,
  "snr_gm": 11.123106968621935,
  "snr_total": 12.536356889241604,
  "snr_wm": 22.800305951665685,
  "snrd_csf": 58.8231707509298,
  "snrd_gm": 126.56314011776463,
  "snrd_total": 114.45643154335903,
  "snrd_wm": 157.98298376138268,
  "spacing_x": 1.0,
  "spacing_y": 1.0,
  "spacing_z": 1.0,
  "summary_bg_k": 12.080541180783658,
  "summary_bg_mad": 4.1470524182929225,
  "summary_bg_mean": 7.369274667913611,
  "summary_bg_median": 5.009810775518417,
  "summary_bg_n": 527747.0,
  "summary_bg_p05": 0.0,
  "summary_bg_p95": 23.713104337453842,
  "summary_bg_stdv": 8.323729305371714,
  "summary_csf_k": 1.677817816398358,
  "summary_csf_mad": 86.71672295564753,
  "summary_csf_mean": 390.19958625977597,
  "summary_csf_median": 372.35418589040637,
  "summary_csf_n": 38012.0,
  "summary_csf_p05": 262.9127820780501,
  "summary_csf_p95": 583.8099490404129,
  "summary_csf_stdv": 101.02655035362736,
  "summary_gm_k": 0.2789973383770654,
  "summary_gm_mad": 68.82869088271238,
  "summary_gm_mean": 803.2119537587472,
  "summary_gm_median": 801.1522398516536,
  "summary_gm_n": 20034.0,
  "summary_gm_p05": 689.8091953657568,
  "summary_gm_p95": 928.7354209348559,
  "summary_gm_stdv": 72.02414280895647,
  "summary_wm_k": 0.3613307854552814,
  "summary_wm_mad": 41.84190201143306,
  "summary_wm_mean": 1000.8172106988735,
  "summary_wm_median": 1000.0417276397347,
  "summary_wm_n": 219539.0,
  "summary_wm_p05": 929.653886243701,
  "summary_wm_p95": 1074.145178694278,
  "summary_wm_stdv": 43.86079082282571,
  "tpm_overlap_csf": 0.16843654215335846,
  "tpm_overlap_gm": 0.44998836517333984,
  "tpm_overlap_wm": 0.5199465155601501,
  "wm2max": 0.6272815356011208
}