{
  "bids_meta": {
    "AcquisitionMatrixPE": 240,
    "AcquisitionNumber": 5,
    "AcquisitionTime": "10:10:28.710000",
    "CoilString": "MULTI_COIL",
    "ConversionSoftware": "dcm2niix",
    "ConversionSoftwareVersion": "v1.0.20190410  (JP2:OpenJPEG) GCC6.3.0",
    "Dcm2bidsVersion": "2.1.4",
    "DeviceSerialNumber": "42451",
    "EchoTime": 0.003501,
    "EchoTrainLength": 240,
    "FlipAngle": 8,
    "ImageOrientationPatientDICOM": [
      -0.00209495,
      0.999996,
      -0.00199691,
      -0.00362606,
      -0.0020045,
      -0.999991
    ],
    "ImageType": [
      "ORIGINAL",
      "PRIMARY",
      "M",
      "FFE",
      "M",
      "FFE"
    ],
    "ImagingFrequency": 127.766,
    "InPlanePhaseEncodingDirectionDICOM": "ROW",
    "InstitutionAddress": "Calzada_Mexico_Xochimilco_No.101_Tlalpan",
    "InstitutionName": "I.N._Psiquiatria",
    "InstitutionalDepartmentName": "Imagenes_Cerebrales",
    "MRAcquisitionType": "3D",
    "MagneticFieldStrength": 3,
    "Manufacturer": "Philips",
    "ManufacturersModelName": "Ingenia",
    "Modality": "MR",
    "PatientPosition": "HFS",
    "PercentPhaseFOV": 100,
    "PhaseEncodingSteps": 240,
    "PhilipsRescaleIntercept": 0,
    "PhilipsRescaleSlope": 11.2598,
    "PhilipsScaleSlope": 0.00546366,
    "PixelBandwidth": 310,
    "ProcedureStepDescription": "EDUARDO_TMS",
    "ProtocolName": "WIP_sT1W_3D_TFE_32_channel_SENSE",
    "ReconMatrixPE": 240,
    "RepetitionTime": 0.007,
    "SAR": 0.0382114,
    "ScanOptions": "OTHER",
    "ScanningSequence": "GR",
    "SequenceVariant": "MP",
    "SeriesDescription": "sT1W_3D_TFE_32_channel",
    "SeriesNumber": 501,
    "SliceThickness": 1,
    "SoftwareVersions": "5.1.7_5.1.7.2",
    "SpacingBetweenSlices": 1,
    "StationName": "INGENIA",
    "UsePhilipsFloatNotDisplayScaling": 1,
    "dataset": "<unset>",
    "modality": "T1w",
    "session_id": "t2",
    "subject_id": "007"
  },
  "cjv": 0.43146796719671854,
  "cnr": 2.9855576852157877,
  "efc": 0.8149983459165822,
  "fber": 500.5618428883158,
  "fwhm_avg": 3.9943666666666666,
  "fwhm_x": 3.76107,
  "fwhm_y": 4.32982,
  "fwhm_z": 3.89221,
  "icvs_csf": 0.2096273698521189,
  "icvs_gm": 0.3972326544263948,
  "icvs_wm": 0.3931399757214863,
  "inu_med": 1.264453411102295,
  "inu_range": 0.4539527058601376,
  "provenance": {
    "md5sum": "ef8ac93f885f75871e838fc032f19340",
    "settings": {
      "testing": false
    },
    "software": "mriqc",
    "version": "21.0.0rc2",
    "warnings": {
      "large_rot_frame": true,
      "small_air_mask": true
    },
    "webapi_port": null,
    "webapi_url": "https://mriqc.nimh.nih.gov/api/v1"
  },
  "qi_1": 0.0,
  "qi_2": 0.0002390042856321281,
  "rpve_csf": 26.08436886854153,
  "rpve_gm": 14.063978355526443,
  "rpve_wm": 17.468696448870865,
  "size_x": 180,
  "size_y": 240,
  "size_z": 240,
  "snr_csf": 3.3996172966984086,
  "snr_gm": 11.870489570541753,
  "snr_total": 14.031135841789018,
  "snr_wm": 26.82330065812689,
  "snrd_csf": 15.697059881039813,
  "snrd_gm": 34.930754471802985,
  "snrd_total": 31.93454815777027,
  "snrd_wm": 45.175830120468014,
  "spacing_x": 1.0,
  "spacing_y": 1.0,
  "spacing_z": 1.0,
  "summary_bg_k": 1.527777188022446,
  "summary_bg_mad": 14.501922836357114,
  "summary_bg_mean": 19.827511698744726,
  "summary_bg_median": 19.632415115833282,
  "summary_bg_n": 59775.0,
  "summary_bg_p05": 0.0,
  "summary_bg_p95": 39.68254119157791,
  "summary_bg_stdv": 11.715505018759014,
  "summary_csf_k": 1.3872940950699064,
  "summary_csf_mad": 77.77365734658423,
  "summary_csf_mean": 376.3617188681125,
  "summary_csf_median": 347.4659001529217,
  "summary_csf_n": 27577.0,
  "summary_csf_p05": 262.10666549503804,
  "summary_csf_p95": 587.8655194312333,
  "summary_csf_stdv": 102.2055042816761,
  "summary_gm_k": 0.15044143582514824,
  "summary_gm_mad": 63.32334277654868,
  "summary_gm_mean": 772.6316935782477,
  "summary_gm_median": 773.2177960425615,
  "summary_gm_n": 24777.0,
  "summary_gm_p05": 666.2489810585976,
  "summary_gm_p95": 880.499894246459,
  "summary_gm_stdv": 65.13650408020514,
  "summary_wm_k": 0.7999659410130762,
  "summary_wm_mad": 34.52593016912067,
  "summary_wm_mean": 999.8591536420619,
  "summary_wm_median": 1000.0000380277634,
  "summary_wm_n": 204917.0,
  "summary_wm_p05": 938.4572899341583,
  "summary_wm_p95": 1060.115607008338,
  "summary_wm_stdv": 37.28093014195917,
  "tpm_overlap_csf": 0.17264552414417267,
  "tpm_overlap_gm": 0.4423865079879761,
  "tpm_overlap_wm": 0.49612948298454285,
  "wm2max": 0.6202340342847273
}