{
  "bids_meta": {
    "AcquisitionMatrixPE": 240,
    "AcquisitionNumber": 4,
    "AcquisitionTime": "08:45:59.690000",
    "BodyPartExamined": "BRAIN",
    "CoilString": "MULTI_COIL",
    "ConversionSoftware": "dcm2niix",
    "ConversionSoftwareVersion": "v1.0.20190410  (JP2:OpenJPEG) GCC6.3.0",
    "Dcm2bidsVersion": "2.1.4",
    "DeviceSerialNumber": "42451",
    "EchoTime": 0.0035,
    "EchoTrainLength": 240,
    "FlipAngle": 8,
    "ImageOrientationPatientDICOM": [
      -0.00907503,
      0.999955,
      -0.00266177,
      -0.0837086,
      -0.00341222,
      -0.996484
    ],
    "ImageType": [
      "ORIGINAL",
      "PRIMARY",
      "M",
      "FFE",
      "M",
      "FFE"
    ],
    "ImagingFrequency": 127.759,
    "InPlanePhaseEncodingDirectionDICOM": "ROW",
    "InstitutionAddress": "Calzada_Mexico_Xochimilco_No.101_Tlalpan",
    "InstitutionName": "I.N._Psiquiatria",
    "InstitutionalDepartmentName": "Imagenes_Cerebrales",
    "MRAcquisitionType": "3D",
    "MagneticFieldStrength": 3,
    "Manufacturer": "Philips",
    "ManufacturersModelName": "Ingenia",
    "Modality": "MR",
    "PatientPosition": "HFS",
    "PercentPhaseFOV": 100,
    "PhaseEncodingSteps": 240,
    "PhilipsRescaleIntercept": 0,
    "PhilipsRescaleSlope": 3.79243,
    "PhilipsScaleSlope": 0.00578009,
    "PixelBandwidth": 310,
    "ProcedureStepDescription": "EDUARDO_TMS",
    "ProtocolName": "WIP_sT1W_3D_TFE_32_channel",
    "ReconMatrixPE": 240,
    "RepetitionTime": 0.007,
    "SAR": 0.0382114,
    "ScanOptions": "OTHER",
    "ScanningSequence": "GR",
    "SequenceVariant": "MP",
    "SeriesDescription": "sT1W_3D_TFE_32_channel",
    "SeriesNumber": 401,
    "SliceThickness": 1,
    "SoftwareVersions": "5.3.1_5.3.1.0",
    "SpacingBetweenSlices": 1,
    "StationName": "PHILIPS-CTMFQSD",
    "UsePhilipsFloatNotDisplayScaling": 1,
    "dataset": "<unset>",
    "modality": "T1w",
    "session_id": "t1",
    "subject_id": "027"
  },
  "cjv": 0.42050275958887023,
  "cnr": 3.073932307027383,
  "efc": 0.749467659396647,
  "fber": 5007.003214512397,
  "fwhm_avg": 4.10595,
  "fwhm_x": 4.01433,
  "fwhm_y": 4.29959,
  "fwhm_z": 4.00393,
  "icvs_csf": 0.21227263917678338,
  "icvs_gm": 0.39655717227063325,
  "icvs_wm": 0.3911701885525834,
  "inu_med": 1.588468313217163,
  "inu_range": 0.5078957796096804,
  "provenance": {
    "md5sum": "7a3fd77fa14036f6474b8365845a4b13",
    "settings": {
      "testing": false
    },
    "software": "mriqc",
    "version": "21.0.0rc2",
    "warnings": {
      "large_rot_frame": true,
      "small_air_mask": false
    },
    "webapi_port": null,
    "webapi_url": "https://mriqc.nimh.nih.gov/api/v1"
  },
  "qi_1": 0.0,
  "qi_2": 8.097952792047827e-05,
  "rpve_csf": 25.09929802574312,
  "rpve_gm": 13.517297165730552,
  "rpve_wm": 16.584439316492738,
  "size_x": 180,
  "size_y": 240,
  "size_z": 240,
  "snr_csf": 3.8198815834692352,
  "snr_gm": 12.379574023651054,
  "snr_total": 14.19860914557953,
  "snr_wm": 26.3963718296183,
  "snrd_csf": 29.907700834998675,
  "snrd_gm": 64.28498619131042,
  "snrd_total": 59.08589700419409,
  "snrd_wm": 83.06500398627314,
  "spacing_x": 1.0,
  "spacing_y": 1.0,
  "spacing_z": 1.0,
  "summary_bg_k": 2.6368673022171834,
  "summary_bg_mad": 7.887032319132655,
  "summary_bg_mean": 8.375541459097297,
  "summary_bg_median": 5.319722458720207,
  "summary_bg_n": 403795.0,
  "summary_bg_p05": 0.0,
  "summary_bg_p95": 24.334135841578245,
  "summary_bg_stdv": 8.153034945519922,
  "summary_csf_k": 1.7382144175551435,
  "summary_csf_mad": 84.03952680589322,
  "summary_csf_mean": 372.9377079004539,
  "summary_csf_median": 360.05175587162375,
  "summary_csf_n": 33347.0,
  "summary_csf_p05": 247.29520618915558,
  "summary_csf_p95": 554.3186746057122,
  "summary_csf_stdv": 94.25589495400729,
  "summary_gm_k": 0.19159519345901854,
  "summary_gm_mad": 60.6981744019736,
  "summary_gm_mean": 775.6525791151744,
  "summary_gm_median": 773.9117855317891,
  "summary_gm_n": 20654.0,
  "summary_gm_p05": 677.0425150841475,
  "summary_gm_p95": 882.7522287150844,
  "summary_gm_stdv": 62.51370593781555,
  "summary_wm_k": 0.8748371313754828,
  "summary_wm_mad": 34.37253949892272,
  "summary_wm_mean": 998.2517976337834,
  "summary_wm_median": 999.9999900273979,
  "summary_wm_n": 211804.0,
  "summary_wm_p05": 932.3532490320504,
  "summary_wm_p95": 1056.4321809746325,
  "summary_wm_stdv": 37.883904492870606,
  "tpm_overlap_csf": 0.1441238969564438,
  "tpm_overlap_gm": 0.4140743315219879,
  "tpm_overlap_wm": 0.47778013348579407,
  "wm2max": 0.6777179523310112
}