{
  "aor": 0.005131033333333333,
  "aqi": 0.008511436166666666,
  "bids_meta": {
    "AcquisitionMatrixPE": 70,
    "AcquisitionNumber": 3,
    "AcquisitionTime": "09:18:45.790000",
    "BodyPartExamined": "BRAIN",
    "CoilString": "MULTI_COIL",
    "ConversionSoftware": "dcm2niix",
    "ConversionSoftwareVersion": "v1.0.20190410  (JP2:OpenJPEG) GCC6.3.0",
    "Dcm2bidsVersion": "2.1.4",
    "DeviceSerialNumber": "42451",
    "EchoTime": 0.03,
    "EchoTrainLength": 35,
    "EffectiveEchoSpacing": 0.000698,
    "FlipAngle": 75,
    "ImageOrientationPatientDICOM": [
      1,
      -0.000109167,
      0.000532484,
      0.000110351,
      0.999997,
      -0.00222534
    ],
    "ImageType": [
      "ORIGINAL",
      "PRIMARY",
      "M",
      "FFE",
      "M",
      "FFE"
    ],
    "ImagingFrequency": 127.759,
    "InPlanePhaseEncodingDirectionDICOM": "COL",
    "InstitutionAddress": "Calzada_Mexico_Xochimilco_No.101_Tlalpan",
    "InstitutionName": "I.N._Psiquiatria",
    "InstitutionalDepartmentName": "Imagenes_Cerebrales",
    "MRAcquisitionType": "2D",
    "MagneticFieldStrength": 3,
    "Manufacturer": "Philips",
    "ManufacturersModelName": "Ingenia",
    "Modality": "MR",
    "PartialFourier": 0.5,
    "PatientPosition": "HFS",
    "PercentPhaseFOV": 100,
    "PhaseEncodingAxis": "j",
    "PhaseEncodingDirection": "j-",
    "PhaseEncodingSteps": 70,
    "PhilipsRescaleIntercept": 0,
    "PhilipsRescaleSlope": 0.796337,
    "PhilipsScaleSlope": 0.0231945,
    "PixelBandwidth": 1819,
    "ProcedureStepDescription": "PROTOCOLO_TMS",
    "ProtocolName": "WIP_FE_EPI_32chSHC_AP",
    "ReconMatrixPE": 80,
    "RepetitionTime": 2,
    "SAR": 0.119138,
    "ScanOptions": "FS",
    "ScanningSequence": "GR",
    "SequenceVariant": "SK",
    "SeriesDescription": "FE_EPI_32chSHC_AP",
    "SeriesNumber": 301,
    "SliceThickness": 3.33,
    "SliceTiming": [
      0.0,
      1.027027,
      0.054054,
      1.081081,
      0.108108,
      1.135135,
      0.162162,
      1.189189,
      0.216216,
      1.243244,
      0.27027,
      1.297298,
      0.324324,
      1.351352,
      0.378378,
      1.405406,
      0.432432,
      1.45946,
      0.486486,
      1.513514,
      0.540541,
      1.567568,
      0.594595,
      1.621622,
      0.648649,
      1.675676,
      0.702703,
      1.72973,
      0.756757,
      1.783784,
      0.810811,
      1.837838,
      0.864865,
      1.891892,
      0.918919,
      1.945947,
      0.972973
    ],
    "SoftwareVersions": "5.3.1_5.3.1.0",
    "SpacingBetweenSlices": 3.33,
    "StationName": "PHILIPS-CTMFQSD",
    "TaskName": "rest",
    "TotalReadoutTime": 0.04884,
    "UsePhilipsFloatNotDisplayScaling": 1,
    "dataset": "<unset>",
    "modality": "bold",
    "session_id": "t2",
    "subject_id": "054",
    "task_id": "rest"
  },
  "dummy_trs": 0,
  "dvars_nstd": 26.490442875685616,
  "dvars_std": 1.2225124217725754,
  "dvars_vstd": 1.0208626689966558,
  "efc": 0.3870120032968085,
  "fber": 109473.109375,
  "fd_mean": 0.1453086672930525,
  "fd_num": 0,
  "fd_perc": 0.0,
  "fwhm_avg": 1.9705871413120077,
  "fwhm_x": 1.9665100000000002,
  "fwhm_y": 2.08787,
  "fwhm_z": 1.8573814239360231,
  "gcor": 0.0552052,
  "gsr_x": -0.011002818122506142,
  "gsr_y": 0.0017351959832012653,
  "provenance": {
    "md5sum": "504d5fcb9ae343c08f7567dd99aeab30",
    "settings": {
      "fd_thres": 0.5,
      "testing": false
    },
    "software": "mriqc",
    "version": "22.0.0rc1",
    "webapi_port": null,
    "webapi_url": "https://mriqc.nimh.nih.gov/api/v1"
  },
  "size_t": 300,
  "size_x": 80,
  "size_y": 80,
  "size_z": 37,
  "snr": 5.424611688295097,
  "spacing_tr": 2.0000016689300537,
  "spacing_x": 3.0,
  "spacing_y": 3.0,
  "spacing_z": 3.3299999237060547,
  "summary_bg_k": 58.212543734199706,
  "summary_bg_mad": 213.2015121176464,
  "summary_bg_mean": 1230.12109375,
  "summary_bg_median": 187.52371215820312,
  "summary_bg_n": 168639.0,
  "summary_bg_p05": 19.158532333374023,
  "summary_bg_p95": 5461.647119140625,
  "summary_bg_stdv": 3415.780517578125,
  "summary_fg_k": 1.292071059986613,
  "summary_fg_mad": 10146.73846676011,
  "summary_fg_mean": 63774.67578125,
  "summary_fg_median": 63684.35546875,
  "summary_fg_n": 28565.0,
  "summary_fg_p05": 44524.70390625,
  "summary_fg_p95": 82923.55,
  "summary_fg_stdv": 11739.6865234375,
  "tsnr": 57.537479400634766
}