{
  "bids_meta": {
    "AcquisitionMatrixPE": 240,
    "AcquisitionNumber": 4,
    "AcquisitionTime": "10:37:39.610000",
    "BodyPartExamined": "BRAIN",
    "CoilString": "MULTI_COIL",
    "ConversionSoftware": "dcm2niix",
    "ConversionSoftwareVersion": "v1.0.20190410  (JP2:OpenJPEG) GCC6.3.0",
    "Dcm2bidsVersion": "2.1.4",
    "DeviceSerialNumber": "42451",
    "EchoTime": 0.003501,
    "EchoTrainLength": 240,
    "FlipAngle": 8,
    "ImageOrientationPatientDICOM": [
      -0.0042116,
      0.999935,
      -0.0106121,
      -0.00362181,
      -0.0106274,
      -0.999937
    ],
    "ImageType": [
      "ORIGINAL",
      "PRIMARY",
      "M",
      "FFE",
      "M",
      "FFE"
    ],
    "ImagingFrequency": 127.766,
    "InPlanePhaseEncodingDirectionDICOM": "ROW",
    "InstitutionAddress": "Calzada_Mexico_Xochimilco_No.101_Tlalpan",
    "InstitutionName": "I.N._Psiquiatria",
    "InstitutionalDepartmentName": "Imagenes_Cerebrales",
    "MRAcquisitionType": "3D",
    "MagneticFieldStrength": 3,
    "Manufacturer": "Philips",
    "ManufacturersModelName": "Ingenia",
    "Modality": "MR",
    "PatientPosition": "HFS",
    "PercentPhaseFOV": 100,
    "PhaseEncodingSteps": 240,
    "PhilipsRescaleIntercept": 0,
    "PhilipsRescaleSlope": 8.2801,
    "PhilipsScaleSlope": 0.00574617,
    "PixelBandwidth": 310,
    "ProtocolName": "sT1W_3D_TFE_32_channel",
    "ReconMatrixPE": 240,
    "RepetitionTime": 0.007,
    "SAR": 0.0382114,
    "ScanOptions": "OTHER",
    "ScanningSequence": "GR",
    "SequenceVariant": "MP",
    "SeriesDescription": "sT1W_3D_TFE_32_channel",
    "SeriesNumber": 401,
    "SliceThickness": 1,
    "SoftwareVersions": "5.3.1_5.3.1.0",
    "SpacingBetweenSlices": 1,
    "StationName": "PHILIPS-CTMFQSD",
    "UsePhilipsFloatNotDisplayScaling": 1,
    "dataset": "<unset>",
    "modality": "T1w",
    "session_id": "t2",
    "subject_id": "008"
  },
  "cjv": 0.41194450903444246,
  "cnr": 3.101480535256307,
  "efc": 0.7518434562754086,
  "fber": 10859.279162984472,
  "fwhm_avg": 4.165586666666666,
  "fwhm_x": 4.09441,
  "fwhm_y": 4.54583,
  "fwhm_z": 3.85652,
  "icvs_csf": 0.18157425058722093,
  "icvs_gm": 0.4187641242788204,
  "icvs_wm": 0.39966162513395864,
  "inu_med": 1.718536138534546,
  "inu_range": 0.670157927274704,
  "provenance": {
    "md5sum": "7540d634531f59797d648ab21d531666",
    "settings": {
      "testing": false
    },
    "software": "mriqc",
    "version": "21.0.0rc2",
    "warnings": {
      "large_rot_frame": true,
      "small_air_mask": false
    },
    "webapi_port": null,
    "webapi_url": "https://mriqc.nimh.nih.gov/api/v1"
  },
  "qi_1": 0.0,
  "qi_2": 0.00011068387166883891,
  "rpve_csf": 25.789707405262142,
  "rpve_gm": 12.236680650959016,
  "rpve_wm": 15.415793802879364,
  "size_x": 180,
  "size_y": 240,
  "size_z": 240,
  "snr_csf": 2.9926024071867188,
  "snr_gm": 11.448354218972193,
  "snr_total": 13.386903779804546,
  "snr_wm": 25.719754713254726,
  "snrd_csf": 60.77157888214444,
  "snrd_gm": 107.69749758604185,
  "snrd_total": 103.4073407149636,
  "snrd_wm": 141.75294567670448,
  "spacing_x": 1.0,
  "spacing_y": 1.0,
  "spacing_z": 1.0,
  "summary_bg_k": 147.94636449617138,
  "summary_bg_mad": 4.6216774162068255,
  "summary_bg_mean": 7.84807815008108,
  "summary_bg_median": 3.117274045944214,
  "summary_bg_n": 444709.0,
  "summary_bg_p05": 0.0,
  "summary_bg_p95": 25.332330465316772,
  "summary_bg_stdv": 9.19610018458866,
  "summary_csf_k": 0.2562975599342008,
  "summary_csf_mad": 137.16288607639106,
  "summary_csf_mean": 451.59527678965077,
  "summary_csf_median": 428.7147581577301,
  "summary_csf_n": 17483.0,
  "summary_csf_p05": 241.18385124206543,
  "summary_csf_p95": 698.6241105794905,
  "summary_csf_stdv": 143.2540774708962,
  "summary_gm_k": 0.25083956331502666,
  "summary_gm_mad": 64.06601107983255,
  "summary_gm_mean": 763.7400662550377,
  "summary_gm_median": 759.7549295425415,
  "summary_gm_n": 33543.0,
  "summary_gm_p05": 661.4031418561935,
  "summary_gm_p95": 879.7520649433136,
  "summary_gm_stdv": 66.36269195007566,
  "summary_wm_k": 1.0582589899019688,
  "summary_wm_mad": 34.90163290169982,
  "summary_wm_mean": 1000.919971096361,
  "summary_wm_median": 1000.0000154972076,
  "summary_wm_n": 243698.0,
  "summary_wm_p05": 939.0877640247345,
  "summary_wm_p95": 1065.6060934066772,
  "summary_wm_stdv": 38.880540460985365,
  "tpm_overlap_csf": 0.13792721927165985,
  "tpm_overlap_gm": 0.4427644908428192,
  "tpm_overlap_wm": 0.5045635104179382,
  "wm2max": 0.6190444434938592
}