{
  "aor": 0.006237166666666668,
  "aqi": 0.03109022033333333,
  "bids_meta": {
    "AcquisitionMatrixPE": 70,
    "AcquisitionNumber": 3,
    "AcquisitionTime": "08:50:20.980000",
    "BodyPartExamined": "BRAIN",
    "CoilString": "MULTI_COIL",
    "ConversionSoftware": "dcm2niix",
    "ConversionSoftwareVersion": "v1.0.20190410  (JP2:OpenJPEG) GCC6.3.0",
    "Dcm2bidsVersion": "2.1.4",
    "DeviceSerialNumber": "42451",
    "EchoTime": 0.03,
    "EchoTrainLength": 35,
    "EffectiveEchoSpacing": 0.000698,
    "FlipAngle": 75,
    "ImageOrientationPatientDICOM": [
      0.999224,
      0.0393149,
      -0.00224002,
      -0.0392988,
      0.999204,
      0.00684701
    ],
    "ImageType": [
      "ORIGINAL",
      "PRIMARY",
      "M",
      "FFE",
      "M",
      "FFE"
    ],
    "ImagingFrequency": 127.76,
    "InPlanePhaseEncodingDirectionDICOM": "COL",
    "InstitutionAddress": "Calzada_Mexico_Xochimilco_No.101_Tlalpan",
    "InstitutionName": "I.N._Psiquiatria",
    "InstitutionalDepartmentName": "Imagenes_Cerebrales",
    "MRAcquisitionType": "2D",
    "MagneticFieldStrength": 3,
    "Manufacturer": "Philips",
    "ManufacturersModelName": "Ingenia",
    "Modality": "MR",
    "PartialFourier": 0.5,
    "PatientPosition": "HFS",
    "PercentPhaseFOV": 100,
    "PhaseEncodingAxis": "j",
    "PhaseEncodingDirection": "j-",
    "PhaseEncodingSteps": 70,
    "PhilipsRescaleIntercept": 0,
    "PhilipsRescaleSlope": 0.798779,
    "PhilipsScaleSlope": 0.0212446,
    "PixelBandwidth": 1819,
    "ProcedureStepDescription": "EDUARDO_TMS",
    "ProtocolName": "WIP_FE_EPI_32chSHC_AP",
    "ReconMatrixPE": 80,
    "RepetitionTime": 2,
    "SAR": 0.11996,
    "ScanOptions": "FS",
    "ScanningSequence": "GR",
    "SequenceVariant": "SK",
    "SeriesDescription": "FE_EPI_32chSHC_AP",
    "SeriesNumber": 301,
    "SliceThickness": 3.33,
    "SliceTiming": [
      0.0,
      1.027027,
      0.054054,
      1.081081,
      0.108108,
      1.135135,
      0.162162,
      1.189189,
      0.216216,
      1.243244,
      0.27027,
      1.297298,
      0.324324,
      1.351352,
      0.378378,
      1.405406,
      0.432432,
      1.45946,
      0.486486,
      1.513514,
      0.540541,
      1.567568,
      0.594595,
      1.621622,
      0.648649,
      1.675676,
      0.702703,
      1.72973,
      0.756757,
      1.783784,
      0.810811,
      1.837838,
      0.864865,
      1.891892,
      0.918919,
      1.945947,
      0.972973
    ],
    "SoftwareVersions": "5.3.1_5.3.1.0",
    "SpacingBetweenSlices": 3.33,
    "StationName": "PHILIPS-CTMFQSD",
    "TaskName": "rest",
    "TotalReadoutTime": 0.04884,
    "UsePhilipsFloatNotDisplayScaling": 1,
    "dataset": "<unset>",
    "modality": "bold",
    "session_id": "t4",
    "subject_id": "002",
    "task_id": "rest"
  },
  "dummy_trs": 0,
  "dvars_nstd": 25.28625097879601,
  "dvars_std": 1.0639828961872915,
  "dvars_vstd": 0.947446158294314,
  "efc": 0.3721043100566271,
  "fber": 131838.09375,
  "fd_mean": 0.30595909611729566,
  "fd_num": 44,
  "fd_perc": 14.666666666666666,
  "fwhm_avg": 1.9984174816092322,
  "fwhm_x": 1.98212,
  "fwhm_y": 2.1613966666666666,
  "fwhm_z": 1.8517357781610295,
  "gcor": 0.0291265,
  "gsr_x": -0.009661943651735783,
  "gsr_y": 0.008467734791338444,
  "provenance": {
    "md5sum": "59b8f3d3b57db2164452b235a5171222",
    "settings": {
      "fd_thres": 0.5,
      "testing": false
    },
    "software": "mriqc",
    "version": "22.0.0rc1",
    "webapi_port": null,
    "webapi_url": "https://mriqc.nimh.nih.gov/api/v1"
  },
  "size_t": 300,
  "size_x": 80,
  "size_y": 80,
  "size_z": 37,
  "snr": 5.296443753283423,
  "spacing_tr": 1.9999983310699463,
  "spacing_x": 3.0,
  "spacing_y": 3.0,
  "spacing_z": 3.3299999237060547,
  "summary_bg_k": 297.9255090297879,
  "summary_bg_mad": 178.80749227949036,
  "summary_bg_mean": 916.402587890625,
  "summary_bg_median": 177.68991088867188,
  "summary_bg_n": 169340.0,
  "summary_bg_p05": 23.415620422363283,
  "summary_bg_p95": 3935.6133422851544,
  "summary_bg_stdv": 3106.44775390625,
  "summary_fg_k": 2.879761996250008,
  "summary_fg_mad": 10157.75952934533,
  "summary_fg_mean": 66719.265625,
  "summary_fg_median": 65726.640625,
  "summary_fg_n": 28677.0,
  "summary_fg_p05": 48762.6625,
  "summary_fg_p95": 88332.7046875,
  "summary_fg_stdv": 12409.36328125,
  "tsnr": 34.64057159423828
}