{
  "aor": 0.0022569,
  "aqi": 0.013336933899999999,
  "bids_meta": {
    "AcquisitionMatrixPE": 70,
    "AcquisitionNumber": 3,
    "AcquisitionTime": "08:41:8.840000",
    "CoilString": "MULTI_COIL",
    "ConversionSoftware": "dcm2niix",
    "ConversionSoftwareVersion": "v1.0.20190410  (JP2:OpenJPEG) GCC6.3.0",
    "Dcm2bidsVersion": "2.1.4",
    "DeviceSerialNumber": "42451",
    "EchoTime": 0.03,
    "EchoTrainLength": 35,
    "EffectiveEchoSpacing": 0.000698,
    "FlipAngle": 75,
    "ImageOrientationPatientDICOM": [
      0.999997,
      -0.00121634,
      -0.00224002,
      0.00123165,
      0.999976,
      0.00684701
    ],
    "ImageType": [
      "ORIGINAL",
      "PRIMARY",
      "M",
      "FFE",
      "M",
      "FFE"
    ],
    "ImagingFrequency": 127.766,
    "InPlanePhaseEncodingDirectionDICOM": "COL",
    "InstitutionAddress": "Calzada_Mexico_Xochimilco_No.101_Tlalpan",
    "InstitutionName": "I.N._Psiquiatria",
    "InstitutionalDepartmentName": "Imagenes_Cerebrales",
    "MRAcquisitionType": "2D",
    "MagneticFieldStrength": 3,
    "Manufacturer": "Philips",
    "ManufacturersModelName": "Ingenia",
    "Modality": "MR",
    "PartialFourier": 0.5,
    "PatientPosition": "HFS",
    "PercentPhaseFOV": 100,
    "PhaseEncodingAxis": "j",
    "PhaseEncodingDirection": "j-",
    "PhaseEncodingSteps": 70,
    "PhilipsRescaleIntercept": 0,
    "PhilipsRescaleSlope": 0.744322,
    "PhilipsScaleSlope": 0.0528967,
    "PixelBandwidth": 1819,
    "ProcedureStepDescription": "EDUARDO_TMS",
    "ProtocolName": "WIP_FE_EPI_32chSHC_AP_SENSE",
    "ReconMatrixPE": 80,
    "RepetitionTime": 2,
    "SAR": 0.119813,
    "ScanOptions": "FS",
    "ScanningSequence": "GR",
    "SequenceVariant": "SK",
    "SeriesDescription": "FE_EPI_32chSHC_AP",
    "SeriesNumber": 301,
    "SliceThickness": 3.33,
    "SliceTiming": [
      0.0,
      1.027027,
      0.054054,
      1.081081,
      0.108108,
      1.135135,
      0.162162,
      1.189189,
      0.216216,
      1.243244,
      0.27027,
      1.297298,
      0.324324,
      1.351352,
      0.378378,
      1.405406,
      0.432432,
      1.45946,
      0.486486,
      1.513514,
      0.540541,
      1.567568,
      0.594595,
      1.621622,
      0.648649,
      1.675676,
      0.702703,
      1.72973,
      0.756757,
      1.783784,
      0.810811,
      1.837838,
      0.864865,
      1.891892,
      0.918919,
      1.945947,
      0.972973
    ],
    "SoftwareVersions": "5.1.7_5.1.7.2",
    "SpacingBetweenSlices": 3.33,
    "StationName": "INGENIA",
    "TaskName": "rest",
    "TotalReadoutTime": 0.04884,
    "UsePhilipsFloatNotDisplayScaling": 1,
    "dataset": "<unset>",
    "modality": "bold",
    "session_id": "t2",
    "subject_id": "004",
    "task_id": "rest"
  },
  "dummy_trs": 0,
  "dvars_nstd": 32.76186383602008,
  "dvars_std": 1.2518855402675584,
  "dvars_vstd": 0.95433825735786,
  "efc": 0.43322771727267295,
  "fber": 115627.0390625,
  "fd_mean": 0.27743676126142136,
  "fd_num": 35,
  "fd_perc": 11.666666666666666,
  "fwhm_avg": 2.1259381739500722,
  "fwhm_x": 2.0474900000000003,
  "fwhm_y": 2.262516666666667,
  "fwhm_z": 2.0678078551835495,
  "gcor": 0.089679,
  "gsr_x": -0.009344354271888733,
  "gsr_y": 0.0107951071113348,
  "provenance": {
    "md5sum": "19281ae4fe84fe6db8a7956abb241506",
    "settings": {
      "fd_thres": 0.5,
      "testing": false
    },
    "software": "mriqc",
    "version": "22.0.0rc1",
    "webapi_port": null,
    "webapi_url": "https://mriqc.nimh.nih.gov/api/v1"
  },
  "size_t": 300,
  "size_x": 80,
  "size_y": 80,
  "size_z": 37,
  "snr": 3.899389756038634,
  "spacing_tr": 1.9999995231628418,
  "spacing_x": 3.0,
  "spacing_y": 3.0,
  "spacing_z": 3.3299999237060547,
  "summary_bg_k": 99.71554869384578,
  "summary_bg_mad": 83.83951700639298,
  "summary_bg_mean": 567.1506958007812,
  "summary_bg_median": 70.56412506103516,
  "summary_bg_n": 158393.0,
  "summary_bg_p05": 9.041498184204102,
  "summary_bg_p95": 2496.90009765625,
  "summary_bg_stdv": 1379.5635986328125,
  "summary_fg_k": 2.4608463513532284,
  "summary_fg_mad": 4358.6825713739045,
  "summary_fg_mean": 24992.9375,
  "summary_fg_median": 23834.724609375,
  "summary_fg_n": 37953.0,
  "summary_fg_p05": 17585.55390625,
  "summary_fg_p95": 38192.97968750001,
  "summary_fg_stdv": 6112.34375,
  "tsnr": 42.91511535644531
}