{
  "aor": 0.0053838333333333325,
  "aqi": 0.015077620100000001,
  "bids_meta": {
    "AcquisitionMatrixPE": 70,
    "AcquisitionNumber": 3,
    "AcquisitionTime": "08:02:52.750000",
    "BodyPartExamined": "BRAIN",
    "CoilString": "MULTI_COIL",
    "ConversionSoftware": "dcm2niix",
    "ConversionSoftwareVersion": "v1.0.20190410  (JP2:OpenJPEG) GCC6.3.0",
    "Dcm2bidsVersion": "2.1.4",
    "DeviceSerialNumber": "42451",
    "EchoTime": 0.03,
    "EchoTrainLength": 35,
    "EffectiveEchoSpacing": 0.000698,
    "FlipAngle": 75,
    "ImageOrientationPatientDICOM": [
      1,
      2.20702e-05,
      0.000516078,
      -2.29722e-05,
      0.999998,
      0.00174797
    ],
    "ImageType": [
      "ORIGINAL",
      "PRIMARY",
      "M",
      "FFE",
      "M",
      "FFE"
    ],
    "ImagingFrequency": 127.759,
    "InPlanePhaseEncodingDirectionDICOM": "COL",
    "InstitutionAddress": "Calzada_Mexico_Xochimilco_No.101_Tlalpan",
    "InstitutionName": "I.N._Psiquiatria",
    "InstitutionalDepartmentName": "Imagenes_Cerebrales",
    "MRAcquisitionType": "2D",
    "MagneticFieldStrength": 3,
    "Manufacturer": "Philips",
    "ManufacturersModelName": "Ingenia",
    "Modality": "MR",
    "PartialFourier": 0.5,
    "PatientPosition": "HFS",
    "PercentPhaseFOV": 100,
    "PhaseEncodingAxis": "j",
    "PhaseEncodingDirection": "j-",
    "PhaseEncodingSteps": 70,
    "PhilipsRescaleIntercept": 0,
    "PhilipsRescaleSlope": 0.827106,
    "PhilipsScaleSlope": 0.0240926,
    "PixelBandwidth": 1819,
    "ProcedureStepDescription": "PROTOCOLO_EDUARDO_TMS",
    "ProtocolName": "WIP_FE_EPI_32chSHC_AP",
    "ReconMatrixPE": 80,
    "RepetitionTime": 2,
    "SAR": 0.119138,
    "ScanOptions": "FS",
    "ScanningSequence": "GR",
    "SequenceVariant": "SK",
    "SeriesDescription": "FE_EPI_32chSHC_AP",
    "SeriesNumber": 301,
    "SliceThickness": 3.33,
    "SliceTiming": [
      0.0,
      1.027027,
      0.054054,
      1.081081,
      0.108108,
      1.135135,
      0.162162,
      1.189189,
      0.216216,
      1.243244,
      0.27027,
      1.297298,
      0.324324,
      1.351352,
      0.378378,
      1.405406,
      0.432432,
      1.45946,
      0.486486,
      1.513514,
      0.540541,
      1.567568,
      0.594595,
      1.621622,
      0.648649,
      1.675676,
      0.702703,
      1.72973,
      0.756757,
      1.783784,
      0.810811,
      1.837838,
      0.864865,
      1.891892,
      0.918919,
      1.945947,
      0.972973
    ],
    "SoftwareVersions": "5.3.1_5.3.1.0",
    "SpacingBetweenSlices": 3.33,
    "StationName": "PHILIPS-CTMFQSD",
    "TaskName": "rest",
    "TotalReadoutTime": 0.04884,
    "UsePhilipsFloatNotDisplayScaling": 1,
    "dataset": "<unset>",
    "modality": "bold",
    "session_id": "t1",
    "subject_id": "043",
    "task_id": "rest"
  },
  "dummy_trs": 0,
  "dvars_nstd": 27.675395002173918,
  "dvars_std": 1.2622859716722403,
  "dvars_vstd": 0.9625896775919727,
  "efc": 0.4142974888400911,
  "fber": 104602.8203125,
  "fd_mean": 0.1431156050139491,
  "fd_num": 3,
  "fd_perc": 1.0,
  "fwhm_avg": 2.002319193067408,
  "fwhm_x": 1.9382833333333334,
  "fwhm_y": 2.2501366666666667,
  "fwhm_z": 1.818537579202224,
  "gcor": 0.114254,
  "gsr_x": -0.011845792643725872,
  "gsr_y": 0.014053942635655403,
  "provenance": {
    "md5sum": "ca82d0faf8cf58fc745a19eff170a4ee",
    "settings": {
      "fd_thres": 0.5,
      "testing": false
    },
    "software": "mriqc",
    "version": "22.0.0rc1",
    "webapi_port": null,
    "webapi_url": "https://mriqc.nimh.nih.gov/api/v1"
  },
  "size_t": 300,
  "size_x": 80,
  "size_y": 80,
  "size_z": 37,
  "snr": 4.56013897675668,
  "spacing_tr": 2.0000016689300537,
  "spacing_x": 3.0,
  "spacing_y": 3.0,
  "spacing_z": 3.3299999237060547,
  "summary_bg_k": 97.39632424567063,
  "summary_bg_mad": 222.71462373274525,
  "summary_bg_mean": 1631.455810546875,
  "summary_bg_median": 179.560546875,
  "summary_bg_n": 163870.0,
  "summary_bg_p05": 12.816736125946045,
  "summary_bg_p95": 7259.906982421874,
  "summary_bg_stdv": 4915.103515625,
  "summary_fg_k": 2.797622879821958,
  "summary_fg_mad": 10223.080898183316,
  "summary_fg_mean": 60829.48046875,
  "summary_fg_median": 59954.9765625,
  "summary_fg_n": 32153.0,
  "summary_fg_p05": 41266.5546875,
  "summary_fg_p95": 83643.00937499997,
  "summary_fg_stdv": 13147.416015625,
  "tsnr": 38.21708297729492
}