{
  "aor": 0.0016621333333333333,
  "aqi": 0.006829390766666667,
  "bids_meta": {
    "AcquisitionMatrixPE": 70,
    "AcquisitionNumber": 3,
    "AcquisitionTime": "08:00:35.900000",
    "CoilString": "MULTI_COIL",
    "ConversionSoftware": "dcm2niix",
    "ConversionSoftwareVersion": "v1.0.20190410  (JP2:OpenJPEG) GCC6.3.0",
    "Dcm2bidsVersion": "2.1.4",
    "DeviceSerialNumber": "42451",
    "EchoTime": 0.03,
    "EchoTrainLength": 35,
    "EffectiveEchoSpacing": 0.000698,
    "FlipAngle": 75,
    "ImageOrientationPatientDICOM": [
      0.999985,
      0.00420272,
      -0.00363211,
      -0.0042116,
      0.999988,
      -0.00244007
    ],
    "ImageType": [
      "ORIGINAL",
      "PRIMARY",
      "M",
      "FFE",
      "M",
      "FFE"
    ],
    "ImagingFrequency": 127.766,
    "InPlanePhaseEncodingDirectionDICOM": "COL",
    "InstitutionAddress": "Calzada_Mexico_Xochimilco_No.101_Tlalpan",
    "InstitutionName": "I.N._Psiquiatria",
    "InstitutionalDepartmentName": "Imagenes_Cerebrales",
    "MRAcquisitionType": "2D",
    "MagneticFieldStrength": 3,
    "Manufacturer": "Philips",
    "ManufacturersModelName": "Ingenia",
    "Modality": "MR",
    "PartialFourier": 0.5,
    "PatientPosition": "HFS",
    "PercentPhaseFOV": 100,
    "PhaseEncodingAxis": "j",
    "PhaseEncodingDirection": "j-",
    "PhaseEncodingSteps": 70,
    "PhilipsRescaleIntercept": 0,
    "PhilipsRescaleSlope": 0.763126,
    "PhilipsScaleSlope": 0.074833,
    "PixelBandwidth": 1819,
    "ProcedureStepDescription": "EDUARDO_TDM",
    "ProtocolName": "WIP_FE_EPI_32chSHC_AP_SENSE",
    "ReconMatrixPE": 80,
    "RepetitionTime": 2,
    "SAR": 0.119138,
    "ScanOptions": "FS",
    "ScanningSequence": "GR",
    "SequenceVariant": "SK",
    "SeriesDescription": "FE_EPI_32chSHC_AP",
    "SeriesNumber": 301,
    "SliceThickness": 3.33,
    "SliceTiming": [
      0.0,
      1.027027,
      0.054054,
      1.081081,
      0.108108,
      1.135135,
      0.162162,
      1.189189,
      0.216216,
      1.243244,
      0.27027,
      1.297298,
      0.324324,
      1.351352,
      0.378378,
      1.405406,
      0.432432,
      1.45946,
      0.486486,
      1.513514,
      0.540541,
      1.567568,
      0.594595,
      1.621622,
      0.648649,
      1.675676,
      0.702703,
      1.72973,
      0.756757,
      1.783784,
      0.810811,
      1.837838,
      0.864865,
      1.891892,
      0.918919,
      1.945947,
      0.972973
    ],
    "SoftwareVersions": "5.1.7_5.1.7.2",
    "SpacingBetweenSlices": 3.33,
    "StationName": "INGENIA",
    "TaskName": "rest",
    "TotalReadoutTime": 0.04884,
    "UsePhilipsFloatNotDisplayScaling": 1,
    "dataset": "<unset>",
    "modality": "bold",
    "session_id": "t0",
    "subject_id": "015",
    "task_id": "rest"
  },
  "dummy_trs": 0,
  "dvars_nstd": 24.806466074280934,
  "dvars_std": 1.409821588628764,
  "dvars_vstd": 0.9717163048160534,
  "efc": 0.38582132574446865,
  "fber": 237227.09375,
  "fd_mean": 0.11131167399802087,
  "fd_num": 2,
  "fd_perc": 0.6666666666666666,
  "fwhm_avg": 1.9074851485692246,
  "fwhm_x": 1.9029800000000001,
  "fwhm_y": 2.0604033333333334,
  "fwhm_z": 1.7590721123743398,
  "gcor": 0.110563,
  "gsr_x": -0.0074122208170592785,
  "gsr_y": 0.0012823116267099977,
  "provenance": {
    "md5sum": "06a573b0c5079347c427929b50fe6c14",
    "settings": {
      "fd_thres": 0.5,
      "testing": false
    },
    "software": "mriqc",
    "version": "22.0.0rc1",
    "webapi_port": null,
    "webapi_url": "https://mriqc.nimh.nih.gov/api/v1"
  },
  "size_t": 300,
  "size_x": 80,
  "size_y": 80,
  "size_z": 37,
  "snr": 6.177495014083875,
  "spacing_tr": 2.0000016689300537,
  "spacing_x": 3.0,
  "spacing_y": 3.0,
  "spacing_z": 3.3299999237060547,
  "summary_bg_k": 69.41567396389807,
  "summary_bg_mad": 52.6676758472721,
  "summary_bg_mean": 495.72442626953125,
  "summary_bg_median": 46.31690979003906,
  "summary_bg_n": 170290.0,
  "summary_bg_p05": 4.298822164535523,
  "summary_bg_p95": 2292.619897460931,
  "summary_bg_stdv": 1427.6094970703125,
  "summary_fg_k": 2.0174736847486514,
  "summary_fg_mad": 3111.912559664266,
  "summary_fg_mean": 23032.939453125,
  "summary_fg_median": 23062.470703125,
  "summary_fg_n": 27430.0,
  "summary_fg_p05": 16888.2888671875,
  "summary_fg_p95": 28975.54638671875,
  "summary_fg_stdv": 3733.236572265625,
  "tsnr": 65.43296813964844
}