{
  "bids_meta": {
    "AcquisitionMatrixPE": 240,
    "AcquisitionNumber": 4,
    "AcquisitionTime": "12:16:22.260000",
    "BodyPartExamined": "BRAIN",
    "CoilString": "MULTI_COIL",
    "ConversionSoftware": "dcm2niix",
    "ConversionSoftwareVersion": "v1.0.20190410  (JP2:OpenJPEG) GCC6.3.0",
    "Dcm2bidsVersion": "2.1.4",
    "DeviceSerialNumber": "42451",
    "EchoTime": 0.0035,
    "EchoTrainLength": 240,
    "FlipAngle": 8,
    "ImageOrientationPatientDICOM": [
      -0.0042116,
      0.999989,
      0.00201478,
      -0.00362181,
      0.00199953,
      -0.999991
    ],
    "ImageType": [
      "ORIGINAL",
      "PRIMARY",
      "M",
      "FFE",
      "M",
      "FFE"
    ],
    "ImagingFrequency": 127.76,
    "InPlanePhaseEncodingDirectionDICOM": "ROW",
    "InstitutionAddress": "Calzada_Mexico_Xochimilco_No.101_Tlalpan",
    "InstitutionName": "I.N._Psiquiatria",
    "InstitutionalDepartmentName": "Imagenes_Cerebrales",
    "MRAcquisitionType": "3D",
    "MagneticFieldStrength": 3,
    "Manufacturer": "Philips",
    "ManufacturersModelName": "Ingenia",
    "Modality": "MR",
    "PatientPosition": "HFS",
    "PercentPhaseFOV": 100,
    "PhaseEncodingSteps": 240,
    "PhilipsRescaleIntercept": 0,
    "PhilipsRescaleSlope": 48.4842,
    "PhilipsScaleSlope": 0.00585233,
    "PixelBandwidth": 310,
    "ProcedureStepDescription": "PROTOCOLO_TMS",
    "ProtocolName": "WIP_sT1W_3D_TFE_32_channel",
    "ReconMatrixPE": 240,
    "RepetitionTime": 0.007,
    "SAR": 0.0382114,
    "ScanOptions": "OTHER",
    "ScanningSequence": "GR",
    "SequenceVariant": "MP",
    "SeriesDescription": "sT1W_3D_TFE_32_channel",
    "SeriesNumber": 401,
    "SliceThickness": 1,
    "SoftwareVersions": "5.3.1_5.3.1.0",
    "SpacingBetweenSlices": 1,
    "StationName": "PHILIPS-CTMFQSD",
    "UsePhilipsFloatNotDisplayScaling": 1,
    "dataset": "<unset>",
    "modality": "T1w",
    "session_id": "t14",
    "subject_id": "036"
  },
  "cjv": 0.42702136576069827,
  "cnr": 2.9866396692812973,
  "efc": 0.7496412352924984,
  "fber": 4616.034683227539,
  "fwhm_avg": 4.147973333333334,
  "fwhm_x": 4.01875,
  "fwhm_y": 4.47473,
  "fwhm_z": 3.95044,
  "icvs_csf": 0.24880369592591442,
  "icvs_gm": 0.3907193178700043,
  "icvs_wm": 0.36047698620408125,
  "inu_med": 1.9098435640335083,
  "inu_range": 0.7336328387260436,
  "provenance": {
    "md5sum": "713f2e116dec568b83c51f6dc59ceaf7",
    "settings": {
      "testing": false
    },
    "software": "mriqc",
    "version": "21.0.0rc2",
    "warnings": {
      "large_rot_frame": true,
      "small_air_mask": false
    },
    "webapi_port": null,
    "webapi_url": "https://mriqc.nimh.nih.gov/api/v1"
  },
  "qi_1": 6.426915261946235e-05,
  "qi_2": 0.0001390852563640307,
  "rpve_csf": 20.24440505512319,
  "rpve_gm": 12.205178477922487,
  "rpve_wm": 15.610060048208572,
  "size_x": 180,
  "size_y": 240,
  "size_z": 240,
  "snr_csf": 4.713657560318428,
  "snr_gm": 11.666987694019346,
  "snr_total": 13.484414948128418,
  "snr_wm": 24.07259959004748,
  "snrd_csf": 45.560439455519486,
  "snrd_gm": 102.03305767190153,
  "snrd_total": 93.57681684187249,
  "snrd_wm": 133.13695339819645,
  "spacing_x": 1.0,
  "spacing_y": 1.0,
  "spacing_z": 1.0,
  "summary_bg_k": 5.401371905782989,
  "summary_bg_mad": 4.920770330972199,
  "summary_bg_mean": 8.883122421356978,
  "summary_bg_median": 5.939279533922672,
  "summary_bg_n": 331937.0,
  "summary_bg_p05": 0.0,
  "summary_bg_p95": 26.796631779521704,
  "summary_bg_stdv": 8.861842677274105,
  "summary_csf_k": 2.288068721071129,
  "summary_csf_mad": 60.39598111487983,
  "summary_csf_mean": 354.7877127904012,
  "summary_csf_median": 342.20731196925044,
  "summary_csf_n": 76990.0,
  "summary_csf_p05": 260.2801913395524,
  "summary_csf_p95": 492.195082363859,
  "summary_csf_stdv": 72.59863177775877,
  "summary_gm_k": 0.4366716185132953,
  "summary_gm_mad": 60.55137386217369,
  "summary_gm_mean": 767.4988804271261,
  "summary_gm_median": 766.3766815066338,
  "summary_gm_n": 18227.0,
  "summary_gm_p05": 661.7580193635076,
  "summary_gm_p95": 880.2501386411489,
  "summary_gm_stdv": 65.68582038488145,
  "summary_wm_k": 0.5678228360913744,
  "summary_wm_mad": 39.21076990048373,
  "summary_wm_mean": 998.7352645436983,
  "summary_wm_median": 999.9999888204038,
  "summary_wm_n": 203563.0,
  "summary_wm_p05": 928.0648325830698,
  "summary_wm_p95": 1064.0393969714642,
  "summary_wm_stdv": 41.54090333429562,
  "tpm_overlap_csf": 0.17306961119174957,
  "tpm_overlap_gm": 0.42370662093162537,
  "tpm_overlap_wm": 0.48556292057037354,
  "wm2max": 0.6472716436246816
}