{
  "bids_meta": {
    "AcquisitionMatrixPE": 240,
    "AcquisitionNumber": 4,
    "AcquisitionTime": "11:33:52.650000",
    "BodyPartExamined": "BRAIN",
    "CoilString": "MULTI_COIL",
    "ConversionSoftware": "dcm2niix",
    "ConversionSoftwareVersion": "v1.0.20190410  (JP2:OpenJPEG) GCC6.3.0",
    "Dcm2bidsVersion": "2.1.4",
    "DeviceSerialNumber": "42451",
    "EchoTime": 0.0035,
    "EchoTrainLength": 240,
    "FlipAngle": 8,
    "ImageOrientationPatientDICOM": [
      0.00199471,
      0.999995,
      -0.00228106,
      0.000600475,
      -0.00228226,
      -0.999997
    ],
    "ImageType": [
      "ORIGINAL",
      "PRIMARY",
      "M",
      "FFE",
      "M",
      "FFE"
    ],
    "ImagingFrequency": 127.759,
    "InPlanePhaseEncodingDirectionDICOM": "ROW",
    "InstitutionAddress": "Calzada_Mexico_Xochimilco_No.101_Tlalpan",
    "InstitutionName": "I.N._Psiquiatria",
    "InstitutionalDepartmentName": "Imagenes_Cerebrales",
    "MRAcquisitionType": "3D",
    "MagneticFieldStrength": 3,
    "Manufacturer": "Philips",
    "ManufacturersModelName": "Ingenia",
    "Modality": "MR",
    "PatientPosition": "HFS",
    "PercentPhaseFOV": 100,
    "PhaseEncodingSteps": 240,
    "PhilipsRescaleIntercept": 0,
    "PhilipsRescaleSlope": 11.6039,
    "PhilipsScaleSlope": 0.00596957,
    "PixelBandwidth": 310,
    "ProcedureStepDescription": "PROTOCOLO_EDUARDO_TMS",
    "ProtocolName": "WIP_sT1W_3D_TFE_32_channel",
    "ReconMatrixPE": 240,
    "RepetitionTime": 0.007,
    "SAR": 0.0382114,
    "ScanOptions": "OTHER",
    "ScanningSequence": "GR",
    "SequenceVariant": "MP",
    "SeriesDescription": "sT1W_3D_TFE_32_channel",
    "SeriesNumber": 401,
    "SliceThickness": 1,
    "SoftwareVersions": "5.3.1_5.3.1.0",
    "SpacingBetweenSlices": 1,
    "StationName": "PHILIPS-CTMFQSD",
    "UsePhilipsFloatNotDisplayScaling": 1,
    "dataset": "<unset>",
    "modality": "T1w",
    "session_id": "t0",
    "subject_id": "048"
  },
  "cjv": 0.5315014012696523,
  "cnr": 2.4216088900851633,
  "efc": 0.745391748114945,
  "fber": 12468.547539555815,
  "fwhm_avg": 4.209713333333333,
  "fwhm_x": 4.12126,
  "fwhm_y": 4.46912,
  "fwhm_z": 4.03876,
  "icvs_csf": 0.22900527097266937,
  "icvs_gm": 0.3926198247156115,
  "icvs_wm": 0.3783749043117191,
  "inu_med": 1.8056912422180176,
  "inu_range": 0.7085786819458006,
  "provenance": {
    "md5sum": "0ea6d09280d25166a822198f25964f50",
    "settings": {
      "testing": false
    },
    "software": "mriqc",
    "version": "21.0.0rc2",
    "warnings": {
      "large_rot_frame": true,
      "small_air_mask": false
    },
    "webapi_port": null,
    "webapi_url": "https://mriqc.nimh.nih.gov/api/v1"
  },
  "qi_1": 0.0,
  "qi_2": 9.362884843421255e-05,
  "rpve_csf": 20.871551363619755,
  "rpve_gm": 12.012648373107574,
  "rpve_wm": 15.164658492424376,
  "size_x": 180,
  "size_y": 240,
  "size_z": 240,
  "snr_csf": 3.8394568667110986,
  "snr_gm": 10.721860762145877,
  "snr_total": 13.080364992849795,
  "snr_wm": 24.67977734969241,
  "snrd_csf": 27.542229827849212,
  "snrd_gm": 58.04022429286832,
  "snrd_total": 52.91366563320082,
  "snrd_wm": 73.15854277888494,
  "spacing_x": 1.0,
  "spacing_y": 1.0,
  "spacing_z": 1.0,
  "summary_bg_k": 2716.4397219915563,
  "summary_bg_mad": 8.955022083734159,
  "summary_bg_mean": 8.713563796415949,
  "summary_bg_median": 6.040070608258247,
  "summary_bg_n": 605067.0,
  "summary_bg_p05": 0.0,
  "summary_bg_p95": 28.0274008102715,
  "summary_bg_stdv": 12.87432392495667,
  "summary_csf_k": 1.040504714075139,
  "summary_csf_mad": 83.76221875883049,
  "summary_csf_mean": 398.0871427981926,
  "summary_csf_median": 376.47318144887686,
  "summary_csf_n": 42364.0,
  "summary_csf_p05": 278.3588637635112,
  "summary_csf_p95": 600.9133661240339,
  "summary_csf_stdv": 98.05260253653557,
  "summary_gm_k": 0.07705092585197137,
  "summary_gm_mad": 73.68781891462956,
  "summary_gm_mean": 797.2598963054932,
  "summary_gm_median": 793.3485425151885,
  "summary_gm_n": 20186.0,
  "summary_gm_p05": 684.2681820029393,
  "summary_gm_p95": 926.2669255957007,
  "summary_gm_stdv": 73.99171738109696,
  "summary_wm_k": 1.0862343533720136,
  "summary_wm_mad": 36.14771109409764,
  "summary_wm_mean": 1000.5938567149568,
  "summary_wm_median": 999.9999826550484,
  "summary_wm_n": 233341.0,
  "summary_wm_p05": 935.106053315103,
  "summary_wm_p95": 1067.4351612143219,
  "summary_wm_stdv": 40.51891658895035,
  "tpm_overlap_csf": 0.16909264028072357,
  "tpm_overlap_gm": 0.4262596666812897,
  "tpm_overlap_wm": 0.5028188824653625,
  "wm2max": 0.6281985880292476
}