{
  "bids_meta": {
    "AcquisitionMatrixPE": 240,
    "AcquisitionNumber": 7,
    "AcquisitionTime": "08:43:56.020000",
    "BodyPartExamined": "BRAIN",
    "CoilString": "MULTI_COIL",
    "ConversionSoftware": "dcm2niix",
    "ConversionSoftwareVersion": "v1.0.20190410  (JP2:OpenJPEG) GCC6.3.0",
    "Dcm2bidsVersion": "2.1.4",
    "DeviceSerialNumber": "42451",
    "EchoTime": 0.0035,
    "EchoTrainLength": 240,
    "FlipAngle": 8,
    "ImageOrientationPatientDICOM": [
      -0.0151969,
      0.999867,
      0.00590212,
      0.0684741,
      0.00692964,
      -0.997629
    ],
    "ImageType": [
      "ORIGINAL",
      "PRIMARY",
      "M",
      "FFE",
      "M",
      "FFE"
    ],
    "ImagingFrequency": 127.759,
    "InPlanePhaseEncodingDirectionDICOM": "ROW",
    "InstitutionAddress": "Calzada_Mexico_Xochimilco_No.101_Tlalpan",
    "InstitutionName": "I.N._Psiquiatria",
    "InstitutionalDepartmentName": "Imagenes_Cerebrales",
    "MRAcquisitionType": "3D",
    "MagneticFieldStrength": 3,
    "Manufacturer": "Philips",
    "ManufacturersModelName": "Ingenia",
    "Modality": "MR",
    "PatientPosition": "HFS",
    "PercentPhaseFOV": 100,
    "PhaseEncodingSteps": 240,
    "PhilipsRescaleIntercept": 0,
    "PhilipsRescaleSlope": 8.60879,
    "PhilipsScaleSlope": 0.00593355,
    "PixelBandwidth": 310,
    "ProcedureStepDescription": "PROTOCOLO_EDUARDO_TMS",
    "ProtocolName": "WIP_sT1W_3D_TFE_32_channel",
    "ReconMatrixPE": 240,
    "RepetitionTime": 0.007,
    "SAR": 0.0382114,
    "ScanOptions": "OTHER",
    "ScanningSequence": "GR",
    "SequenceVariant": "MP",
    "SeriesDescription": "sT1W_3D_TFE_32_channel",
    "SeriesNumber": 701,
    "SliceThickness": 1,
    "SoftwareVersions": "5.3.1_5.3.1.0",
    "SpacingBetweenSlices": 1,
    "StationName": "PHILIPS-CTMFQSD",
    "UsePhilipsFloatNotDisplayScaling": 1,
    "dataset": "<unset>",
    "modality": "T1w",
    "session_id": "t1",
    "subject_id": "046"
  },
  "cjv": 0.5603123616074152,
  "cnr": 2.273088610868569,
  "efc": 0.7144167021821438,
  "fber": 38416.0,
  "fwhm_avg": 4.088080000000001,
  "fwhm_x": 4.00718,
  "fwhm_y": 4.28866,
  "fwhm_z": 3.9684,
  "icvs_csf": 0.20979910432610974,
  "icvs_gm": 0.3862942295253973,
  "icvs_wm": 0.40390666614849297,
  "inu_med": 1.6427466869354248,
  "inu_range": 0.6395915985107421,
  "provenance": {
    "md5sum": "840328b3e7c05b3fee97f8f22eaefca3",
    "settings": {
      "testing": false
    },
    "software": "mriqc",
    "version": "21.0.0rc2",
    "warnings": {
      "large_rot_frame": true,
      "small_air_mask": false
    },
    "webapi_port": null,
    "webapi_url": "https://mriqc.nimh.nih.gov/api/v1"
  },
  "qi_1": 0.021592420562473555,
  "qi_2": 5.1800826668497015e-05,
  "rpve_csf": 23.57405655298492,
  "rpve_gm": 12.827561087422051,
  "rpve_wm": 15.037661808100015,
  "size_x": 180,
  "size_y": 240,
  "size_z": 240,
  "snr_csf": 3.1709013580367156,
  "snr_gm": 9.524068501450236,
  "snr_total": 13.238585475303532,
  "snr_wm": 27.020786566423645,
  "snrd_csf": 47.140299569643375,
  "snrd_gm": 105.99049258791058,
  "snrd_total": 95.64102526495672,
  "snrd_wm": 133.7922836373162,
  "spacing_x": 1.0,
  "spacing_y": 1.0,
  "spacing_z": 1.0,
  "summary_bg_k": 7.927259428552441,
  "summary_bg_mad": 4.896667866688275,
  "summary_bg_mean": 6.054318052724829,
  "summary_bg_median": 3.302752286195755,
  "summary_bg_n": 511340.0,
  "summary_bg_p05": 0.0,
  "summary_bg_p95": 23.532110039144754,
  "summary_bg_stdv": 8.305036354422915,
  "summary_csf_k": 2.4001990133798223,
  "summary_csf_mad": 83.3113630096269,
  "summary_csf_mean": 381.54329111648343,
  "summary_csf_median": 352.33944875374436,
  "summary_csf_n": 41860.0,
  "summary_csf_p05": 253.16513704881072,
  "summary_csf_p95": 606.1949527734888,
  "summary_csf_stdv": 111.11516896918774,
  "summary_gm_k": -0.0907600420448853,
  "summary_gm_mad": 81.74714966332371,
  "summary_gm_mean": 798.5745920112062,
  "summary_gm_median": 792.2018330916762,
  "summary_gm_n": 20987.0,
  "summary_gm_p05": 672.2614663872868,
  "summary_gm_p95": 947.2018327452242,
  "summary_gm_stdv": 83.17694891780077,
  "summary_wm_k": 0.7308790021893814,
  "summary_wm_mad": 34.684730722375285,
  "summary_wm_mean": 1001.0344577866755,
  "summary_wm_median": 999.9999977648258,
  "summary_wm_n": 250544.0,
  "summary_wm_p05": 942.6146767921746,
  "summary_wm_p95": 1063.1651352383196,
  "summary_wm_stdv": 37.00847122444611,
  "tpm_overlap_csf": 0.17331944406032562,
  "tpm_overlap_gm": 0.4307854175567627,
  "tpm_overlap_wm": 0.515275776386261,
  "wm2max": 0.6701094204151177
}