{
  "aor": 0.0009857000000000002,
  "aqi": 0.0049204399,
  "bids_meta": {
    "AcquisitionMatrixPE": 70,
    "AcquisitionNumber": 3,
    "AcquisitionTime": "10:03:25.560000",
    "BodyPartExamined": "BRAIN",
    "CoilString": "MULTI_COIL",
    "ConversionSoftware": "dcm2niix",
    "ConversionSoftwareVersion": "v1.0.20190410  (JP2:OpenJPEG) GCC6.3.0",
    "Dcm2bidsVersion": "2.1.4",
    "DeviceSerialNumber": "42451",
    "EchoTime": 0.03,
    "EchoTrainLength": 35,
    "EffectiveEchoSpacing": 0.000698,
    "FlipAngle": 75,
    "ImageOrientationPatientDICOM": [
      0.999985,
      0.00421704,
      -0.00361548,
      -0.0042116,
      0.99999,
      0.00151066
    ],
    "ImageType": [
      "ORIGINAL",
      "PRIMARY",
      "M",
      "FFE",
      "M",
      "FFE"
    ],
    "ImagingFrequency": 127.76,
    "InPlanePhaseEncodingDirectionDICOM": "COL",
    "InstitutionAddress": "Calzada_Mexico_Xochimilco_No.101_Tlalpan",
    "InstitutionName": "I.N._Psiquiatria",
    "InstitutionalDepartmentName": "Imagenes_Cerebrales",
    "MRAcquisitionType": "2D",
    "MagneticFieldStrength": 3,
    "Manufacturer": "Philips",
    "ManufacturersModelName": "Ingenia",
    "Modality": "MR",
    "PartialFourier": 0.5,
    "PatientPosition": "HFS",
    "PercentPhaseFOV": 100,
    "PhaseEncodingAxis": "j",
    "PhaseEncodingDirection": "j-",
    "PhaseEncodingSteps": 70,
    "PhilipsRescaleIntercept": 0,
    "PhilipsRescaleSlope": 0.826129,
    "PhilipsScaleSlope": 0.0239934,
    "PixelBandwidth": 1819,
    "ProcedureStepDescription": "EDUARDO_TDM",
    "ProtocolName": "WIP_FE_EPI_32chSHC_AP",
    "ReconMatrixPE": 80,
    "RepetitionTime": 2,
    "SAR": 0.119138,
    "ScanOptions": "FS",
    "ScanningSequence": "GR",
    "SequenceVariant": "SK",
    "SeriesDescription": "FE_EPI_32chSHC_AP",
    "SeriesNumber": 301,
    "SliceThickness": 3.33,
    "SliceTiming": [
      0.0,
      1.027027,
      0.054054,
      1.081081,
      0.108108,
      1.135135,
      0.162162,
      1.189189,
      0.216216,
      1.243244,
      0.27027,
      1.297298,
      0.324324,
      1.351352,
      0.378378,
      1.405406,
      0.432432,
      1.45946,
      0.486486,
      1.513514,
      0.540541,
      1.567568,
      0.594595,
      1.621622,
      0.648649,
      1.675676,
      0.702703,
      1.72973,
      0.756757,
      1.783784,
      0.810811,
      1.837838,
      0.864865,
      1.891892,
      0.918919,
      1.945947,
      0.972973
    ],
    "SoftwareVersions": "5.3.1_5.3.1.0",
    "SpacingBetweenSlices": 3.33,
    "StationName": "PHILIPS-CTMFQSD",
    "TaskName": "rest",
    "TotalReadoutTime": 0.04884,
    "UsePhilipsFloatNotDisplayScaling": 1,
    "dataset": "<unset>",
    "modality": "bold",
    "session_id": "t1",
    "subject_id": "026",
    "task_id": "rest"
  },
  "dummy_trs": 0,
  "dvars_nstd": 21.648026010234112,
  "dvars_std": 1.251460600535116,
  "dvars_vstd": 0.9974482489632114,
  "efc": 0.3801363259223141,
  "fber": 136059.640625,
  "fd_mean": 0.06678061194505933,
  "fd_num": 0,
  "fd_perc": 0.0,
  "fwhm_avg": 2.0334136780593997,
  "fwhm_x": 2.0056033333333336,
  "fwhm_y": 2.2096466666666665,
  "fwhm_z": 1.8849910341781992,
  "gcor": 0.0480983,
  "gsr_x": -0.01564318686723709,
  "gsr_y": 0.007447134703397751,
  "provenance": {
    "md5sum": "9529f3c0bbfad84ed82286a28144a986",
    "settings": {
      "fd_thres": 0.5,
      "testing": false
    },
    "software": "mriqc",
    "version": "22.0.0rc1",
    "webapi_port": null,
    "webapi_url": "https://mriqc.nimh.nih.gov/api/v1"
  },
  "size_t": 300,
  "size_x": 80,
  "size_y": 80,
  "size_z": 37,
  "snr": 5.365106021590031,
  "spacing_tr": 2.0000016689300537,
  "spacing_x": 3.0,
  "spacing_y": 3.0,
  "spacing_z": 3.3299999237060547,
  "summary_bg_k": 46.949081710684055,
  "summary_bg_mad": 174.42239578861125,
  "summary_bg_mean": 1289.6834716796875,
  "summary_bg_median": 160.68923950195312,
  "summary_bg_n": 170741.0,
  "summary_bg_p05": 10.472533226013184,
  "summary_bg_p95": 6347.7490234375,
  "summary_bg_stdv": 3898.282470703125,
  "summary_fg_k": 2.1566368190873666,
  "summary_fg_mad": 9728.667806801195,
  "summary_fg_mean": 60624.33984375,
  "summary_fg_median": 60437.01953125,
  "summary_fg_n": 27045.0,
  "summary_fg_p05": 42988.63125,
  "summary_fg_p95": 78843.7671875,
  "summary_fg_stdv": 11264.6240234375,
  "tsnr": 79.16373443603516
}