{
  "bids_meta": {
    "AcquisitionMatrixPE": 240,
    "AcquisitionNumber": 4,
    "AcquisitionTime": "10:00:3.070000",
    "BodyPartExamined": "BRAIN",
    "CoilString": "MULTI_COIL",
    "ConversionSoftware": "dcm2niix",
    "ConversionSoftwareVersion": "v1.0.20190410  (JP2:OpenJPEG) GCC6.3.0",
    "Dcm2bidsVersion": "2.1.4",
    "DeviceSerialNumber": "42451",
    "EchoTime": 0.0035,
    "EchoTrainLength": 240,
    "FlipAngle": 8,
    "ImageOrientationPatientDICOM": [
      -0.0042116,
      0.999967,
      -0.00690923,
      -0.00362181,
      -0.00692449,
      -0.999969
    ],
    "ImageType": [
      "ORIGINAL",
      "PRIMARY",
      "M",
      "FFE",
      "M",
      "FFE"
    ],
    "ImagingFrequency": 127.759,
    "InPlanePhaseEncodingDirectionDICOM": "ROW",
    "InstitutionAddress": "Calzada_Mexico_Xochimilco_No.101_Tlalpan",
    "InstitutionName": "I.N._Psiquiatria",
    "InstitutionalDepartmentName": "Imagenes_Cerebrales",
    "MRAcquisitionType": "3D",
    "MagneticFieldStrength": 3,
    "Manufacturer": "Philips",
    "ManufacturersModelName": "Ingenia",
    "Modality": "MR",
    "PatientPosition": "HFS",
    "PercentPhaseFOV": 100,
    "PhaseEncodingSteps": 240,
    "PhilipsRescaleIntercept": 0,
    "PhilipsRescaleSlope": 3.90183,
    "PhilipsScaleSlope": 0.00600632,
    "PixelBandwidth": 310,
    "ProcedureStepDescription": "EDUARDO_TMS",
    "ProtocolName": "WIP_sT1W_3D_TFE_32_channel",
    "ReconMatrixPE": 240,
    "RepetitionTime": 0.007,
    "SAR": 0.0382114,
    "ScanOptions": "OTHER",
    "ScanningSequence": "GR",
    "SequenceVariant": "MP",
    "SeriesDescription": "sT1W_3D_TFE_32_channel",
    "SeriesNumber": 401,
    "SliceThickness": 1,
    "SoftwareVersions": "5.3.1_5.3.1.0",
    "SpacingBetweenSlices": 1,
    "StationName": "PHILIPS-CTMFQSD",
    "UsePhilipsFloatNotDisplayScaling": 1,
    "dataset": "<unset>",
    "modality": "T1w",
    "session_id": "t2",
    "subject_id": "027"
  },
  "cjv": 0.3864522520911598,
  "cnr": 3.332370979452027,
  "efc": 0.7465723021771989,
  "fber": 4425.859263265429,
  "fwhm_avg": 4.060020000000001,
  "fwhm_x": 3.97783,
  "fwhm_y": 4.26764,
  "fwhm_z": 3.93459,
  "icvs_csf": 0.2176591197841233,
  "icvs_gm": 0.39606476799968654,
  "icvs_wm": 0.3862761122161901,
  "inu_med": 1.5345698595046997,
  "inu_range": 0.4465356588363647,
  "provenance": {
    "md5sum": "2e317d84be9be56472fc598cb6ce088c",
    "settings": {
      "testing": false
    },
    "software": "mriqc",
    "version": "21.0.0rc2",
    "warnings": {
      "large_rot_frame": true,
      "small_air_mask": false
    },
    "webapi_port": null,
    "webapi_url": "https://mriqc.nimh.nih.gov/api/v1"
  },
  "qi_1": 0.0,
  "qi_2": 0.00011389206884390932,
  "rpve_csf": 24.70967571602411,
  "rpve_gm": 13.553120848172732,
  "rpve_wm": 16.761843268743803,
  "size_x": 180,
  "size_y": 240,
  "size_z": 240,
  "snr_csf": 3.803135100988333,
  "snr_gm": 13.017693603136328,
  "snr_total": 14.611131482398058,
  "snr_wm": 27.012565743069512,
  "snrd_csf": 54.305337366610416,
  "snrd_gm": 117.98783820129388,
  "snrd_total": 108.7322781316196,
  "snrd_wm": 153.90365882695448,
  "spacing_x": 1.0,
  "spacing_y": 1.0,
  "spacing_z": 1.0,
  "summary_bg_k": 3.497728434352074,
  "summary_bg_mad": 4.256795421810753,
  "summary_bg_mean": 7.235721269518195,
  "summary_bg_median": 2.871164880692959,
  "summary_bg_n": 484304.0,
  "summary_bg_p05": 0.0,
  "summary_bg_p95": 23.33656106516719,
  "summary_bg_stdv": 8.102836512910603,
  "summary_csf_k": 2.283851381855434,
  "summary_csf_mad": 75.21163538885395,
  "summary_csf_mean": 369.167665069594,
  "summary_csf_median": 352.8528095819056,
  "summary_csf_n": 36778.0,
  "summary_csf_p05": 250.6543633664027,
  "summary_csf_p95": 553.6390452472493,
  "summary_csf_stdv": 92.77819565074326,
  "summary_gm_k": 0.37468873037966954,
  "summary_gm_mad": 56.4272881495844,
  "summary_gm_mean": 767.0967594570694,
  "summary_gm_median": 766.6344087831676,
  "summary_gm_n": 21189.0,
  "summary_gm_p05": 672.0862815491855,
  "summary_gm_p95": 866.3239242918789,
  "summary_gm_stdv": 58.89033353790827,
  "summary_wm_k": 0.8803414111219112,
  "summary_wm_mad": 33.757377647382945,
  "summary_wm_mean": 998.9375602762511,
  "summary_wm_median": 1000.0000194348395,
  "summary_wm_n": 210256.0,
  "summary_wm_p05": 935.799437277019,
  "summary_wm_p95": 1056.822375562042,
  "summary_wm_stdv": 37.01972078069295,
  "tpm_overlap_csf": 0.1502102166414261,
  "tpm_overlap_gm": 0.4208103120326996,
  "tpm_overlap_wm": 0.48085662722587585,
  "wm2max": 0.6835307272768764
}