{
  "aor": 0.013995566666666666,
  "aqi": 0.0244030359,
  "bids_meta": {
    "AcquisitionMatrixPE": 70,
    "AcquisitionNumber": 3,
    "AcquisitionTime": "09:06:57.580000",
    "CoilString": "MULTI_COIL",
    "ConversionSoftware": "dcm2niix",
    "ConversionSoftwareVersion": "v1.0.20190410  (JP2:OpenJPEG) GCC6.3.0",
    "Dcm2bidsVersion": "2.1.4",
    "DeviceSerialNumber": "42451",
    "EchoTime": 0.03,
    "EchoTrainLength": 35,
    "EffectiveEchoSpacing": 0.000698,
    "FlipAngle": 75,
    "ImageOrientationPatientDICOM": [
      0.999991,
      0.00421845,
      0.000584509,
      -0.00421954,
      0.999989,
      0.00188368
    ],
    "ImageType": [
      "ORIGINAL",
      "PRIMARY",
      "M",
      "FFE",
      "M",
      "FFE"
    ],
    "ImagingFrequency": 127.766,
    "InPlanePhaseEncodingDirectionDICOM": "COL",
    "InstitutionAddress": "Calzada_Mexico_Xochimilco_No.101_Tlalpan",
    "InstitutionName": "I.N._Psiquiatria",
    "InstitutionalDepartmentName": "Imagenes_Cerebrales",
    "MRAcquisitionType": "2D",
    "MagneticFieldStrength": 3,
    "Manufacturer": "Philips",
    "ManufacturersModelName": "Ingenia",
    "Modality": "MR",
    "PartialFourier": 0.5,
    "PatientPosition": "HFS",
    "PercentPhaseFOV": 100,
    "PhaseEncodingAxis": "j",
    "PhaseEncodingDirection": "j-",
    "PhaseEncodingSteps": 70,
    "PhilipsRescaleIntercept": 0,
    "PhilipsRescaleSlope": 0.838095,
    "PhilipsScaleSlope": 0.0639981,
    "PixelBandwidth": 1819,
    "ProcedureStepDescription": "EDUARDO_TDM",
    "ProtocolName": "WIP_FE_EPI_32chSHC_AP_SENSE",
    "ReconMatrixPE": 80,
    "RepetitionTime": 2,
    "SAR": 0.119138,
    "ScanOptions": "FS",
    "ScanningSequence": "GR",
    "SequenceVariant": "SK",
    "SeriesDescription": "FE_EPI_32chSHC_AP",
    "SeriesNumber": 301,
    "SliceThickness": 3.33,
    "SliceTiming": [
      0.0,
      1.027027,
      0.054054,
      1.081081,
      0.108108,
      1.135135,
      0.162162,
      1.189189,
      0.216216,
      1.243244,
      0.27027,
      1.297298,
      0.324324,
      1.351352,
      0.378378,
      1.405406,
      0.432432,
      1.45946,
      0.486486,
      1.513514,
      0.540541,
      1.567568,
      0.594595,
      1.621622,
      0.648649,
      1.675676,
      0.702703,
      1.72973,
      0.756757,
      1.783784,
      0.810811,
      1.837838,
      0.864865,
      1.891892,
      0.918919,
      1.945947,
      0.972973
    ],
    "SoftwareVersions": "5.1.7_5.1.7.2",
    "SpacingBetweenSlices": 3.33,
    "StationName": "INGENIA",
    "TaskName": "rest",
    "TotalReadoutTime": 0.04884,
    "UsePhilipsFloatNotDisplayScaling": 1,
    "dataset": "<unset>",
    "modality": "bold",
    "session_id": "t1",
    "subject_id": "013",
    "task_id": "rest"
  },
  "dummy_trs": 0,
  "dvars_nstd": 35.732457431872895,
  "dvars_std": 1.32850109625418,
  "dvars_vstd": 0.982088564715719,
  "efc": 0.4204574380144762,
  "fber": 206409.453125,
  "fd_mean": 0.24489777393186699,
  "fd_num": 24,
  "fd_perc": 8.0,
  "fwhm_avg": 1.804148671705071,
  "fwhm_x": 1.7840233333333335,
  "fwhm_y": 1.9201133333333333,
  "fwhm_z": 1.7083093484485465,
  "gcor": 0.0518917,
  "gsr_x": -0.010568751953542233,
  "gsr_y": 0.0018209341214969754,
  "provenance": {
    "md5sum": "3b6461cbce09b67d57bbc84a74cf4aa8",
    "settings": {
      "fd_thres": 0.5,
      "testing": false
    },
    "software": "mriqc",
    "version": "22.0.0rc1",
    "webapi_port": null,
    "webapi_url": "https://mriqc.nimh.nih.gov/api/v1"
  },
  "size_t": 300,
  "size_x": 80,
  "size_y": 80,
  "size_z": 37,
  "snr": 5.711583588794402,
  "spacing_tr": 2.0000016689300537,
  "spacing_x": 3.0,
  "spacing_y": 3.0,
  "spacing_z": 3.3299999237060547,
  "summary_bg_k": 104.34694459833776,
  "summary_bg_mad": 61.01732104970003,
  "summary_bg_mean": 565.1322631835938,
  "summary_bg_median": 51.97212219238281,
  "summary_bg_n": 162994.0,
  "summary_bg_p05": 3.958160710334778,
  "summary_bg_p95": 2903.7958618164066,
  "summary_bg_stdv": 1600.0064697265625,
  "summary_fg_k": 1.8830952679027266,
  "summary_fg_mad": 3576.7633736074745,
  "summary_fg_mean": 24346.73046875,
  "summary_fg_median": 24040.654296875,
  "summary_fg_n": 33999.0,
  "summary_fg_p05": 17996.9931640625,
  "summary_fg_p95": 31531.4720703125,
  "summary_fg_stdv": 4209.04296875,
  "tsnr": 38.11540222167969
}