{
  "bids_meta": {
    "AcquisitionMatrixPE": 240,
    "AcquisitionNumber": 4,
    "AcquisitionTime": "09:45:23.710000",
    "BodyPartExamined": "BRAIN",
    "CoilString": "MULTI_COIL",
    "ConversionSoftware": "dcm2niix",
    "ConversionSoftwareVersion": "v1.0.20190410  (JP2:OpenJPEG) GCC6.3.0",
    "Dcm2bidsVersion": "2.1.4",
    "DeviceSerialNumber": "42451",
    "EchoTime": 0.0035,
    "EchoTrainLength": 240,
    "FlipAngle": 8,
    "ImageOrientationPatientDICOM": [
      -0.0042116,
      0.999968,
      -0.00677073,
      -0.00362181,
      -0.00678599,
      -0.99997
    ],
    "ImageType": [
      "ORIGINAL",
      "PRIMARY",
      "M",
      "FFE",
      "M",
      "FFE"
    ],
    "ImagingFrequency": 127.759,
    "InPlanePhaseEncodingDirectionDICOM": "ROW",
    "InstitutionAddress": "Calzada_Mexico_Xochimilco_No.101_Tlalpan",
    "InstitutionName": "I.N._Psiquiatria",
    "InstitutionalDepartmentName": "Imagenes_Cerebrales",
    "MRAcquisitionType": "3D",
    "MagneticFieldStrength": 3,
    "Manufacturer": "Philips",
    "ManufacturersModelName": "Ingenia",
    "Modality": "MR",
    "PatientPosition": "HFS",
    "PercentPhaseFOV": 100,
    "PhaseEncodingSteps": 240,
    "PhilipsRescaleIntercept": 0,
    "PhilipsRescaleSlope": 4.06081,
    "PhilipsScaleSlope": 0.00590388,
    "PixelBandwidth": 310,
    "ProcedureStepDescription": "EDUARDO_TMS",
    "ProtocolName": "WIP_sT1W_3D_TFE_32_channel",
    "ReconMatrixPE": 240,
    "RepetitionTime": 0.007,
    "SAR": 0.0382114,
    "ScanOptions": "OTHER",
    "ScanningSequence": "GR",
    "SequenceVariant": "MP",
    "SeriesDescription": "sT1W_3D_TFE_32_channel",
    "SeriesNumber": 401,
    "SliceThickness": 1,
    "SoftwareVersions": "5.3.1_5.3.1.1",
    "SpacingBetweenSlices": 1,
    "StationName": "PHILIPS-CTMFQSD",
    "UsePhilipsFloatNotDisplayScaling": 1,
    "dataset": "<unset>",
    "modality": "T1w",
    "session_id": "t1",
    "subject_id": "019"
  },
  "cjv": 0.5895652530238784,
  "cnr": 2.216575972813616,
  "efc": 0.7586810765720015,
  "fber": 4033.953244961172,
  "fwhm_avg": 4.05375,
  "fwhm_x": 4.04187,
  "fwhm_y": 4.23295,
  "fwhm_z": 3.88643,
  "icvs_csf": 0.21769933833198468,
  "icvs_gm": 0.39428408671242443,
  "icvs_wm": 0.3880165749555909,
  "inu_med": 1.8054113388061523,
  "inu_range": 0.7607983946800232,
  "provenance": {
    "md5sum": "5b82b2b5b14960b913c24b2051d4f785",
    "settings": {
      "testing": false
    },
    "software": "mriqc",
    "version": "21.0.0rc2",
    "warnings": {
      "large_rot_frame": true,
      "small_air_mask": false
    },
    "webapi_port": null,
    "webapi_url": "https://mriqc.nimh.nih.gov/api/v1"
  },
  "qi_1": 0.0,
  "qi_2": 0.00010060798725085596,
  "rpve_csf": 23.533191224635427,
  "rpve_gm": 12.939664854039117,
  "rpve_wm": 15.863539129938571,
  "size_x": 180,
  "size_y": 240,
  "size_z": 240,
  "snr_csf": 3.6235512187194314,
  "snr_gm": 10.463582757529577,
  "snr_total": 11.468664460992763,
  "snr_wm": 20.31885940672928,
  "snrd_csf": 25.53768657200153,
  "snrd_gm": 53.03508401588953,
  "snrd_total": 48.36786065856151,
  "snrd_wm": 66.53081138779348,
  "spacing_x": 1.0,
  "spacing_y": 1.0,
  "spacing_z": 1.0,
  "summary_bg_k": 5.114117995416995,
  "summary_bg_mad": 9.847499068504328,
  "summary_bg_mean": 10.720487392990165,
  "summary_bg_median": 6.642037186771631,
  "summary_bg_n": 391037.0,
  "summary_bg_p05": 0.0,
  "summary_bg_p95": 36.19713756814599,
  "summary_bg_stdv": 12.21856687133584,
  "summary_csf_k": 3.2204634915392685,
  "summary_csf_mad": 84.95653042532136,
  "summary_csf_mean": 401.42738340655126,
  "summary_csf_median": 383.8625870011747,
  "summary_csf_n": 34057.0,
  "summary_csf_p05": 262.9696498028934,
  "summary_csf_p95": 605.9267202123998,
  "summary_csf_stdv": 105.93391074110934,
  "summary_gm_k": 0.2978175655970188,
  "summary_gm_mad": 72.69085850863402,
  "summary_gm_mean": 801.6580678237704,
  "summary_gm_median": 797.1820193957537,
  "summary_gm_n": 15114.0,
  "summary_gm_p05": 683.3555809322745,
  "summary_gm_p95": 934.7979555465281,
  "summary_gm_stdv": 76.18381439009679,
  "summary_wm_k": 0.40734800460065657,
  "summary_wm_mad": 46.90672633222476,
  "summary_wm_mean": 1001.3558100833203,
  "summary_wm_median": 1000.0392675586045,
  "summary_wm_n": 218685.0,
  "summary_wm_p05": 922.2606190815568,
  "summary_wm_p95": 1083.8311212994158,
  "summary_wm_stdv": 49.21718099694819,
  "tpm_overlap_csf": 0.16673359274864197,
  "tpm_overlap_gm": 0.43557101488113403,
  "tpm_overlap_wm": 0.4989917576313019,
  "wm2max": 0.6176870268075866
}