{
  "aor": 0.0029872147651006714,
  "aqi": 0.013404495436241611,
  "bids_meta": {
    "AcquisitionMatrixPE": 70,
    "AcquisitionTime": "11:18:59.720000",
    "CoilString": "MULTI_COIL",
    "ConversionSoftware": "dcm2niix",
    "ConversionSoftwareVersion": "v1.0.20190410  (JP2:OpenJPEG) GCC6.3.0",
    "Dcm2bidsVersion": "2.1.4",
    "DeviceSerialNumber": "42451",
    "EchoTime": 0.03,
    "EchoTrainLength": 35,
    "EffectiveEchoSpacing": 0.000698,
    "FlipAngle": 75,
    "ImageOrientationPatientDICOM": [
      0.999985,
      0.00392767,
      -0.00392791,
      -0.0042116,
      0.997167,
      -0.0751007
    ],
    "ImageType": [
      "ORIGINAL",
      "PRIMARY",
      "M",
      "FFE",
      "M",
      "FFE"
    ],
    "ImagingFrequency": 127.766,
    "InPlanePhaseEncodingDirectionDICOM": "COL",
    "InstitutionAddress": "Calzada_Mexico_Xochimilco_No.101_Tlalpan",
    "InstitutionName": "I.N._Psiquiatria",
    "InstitutionalDepartmentName": "Imagenes_Cerebrales",
    "MagneticFieldStrength": 3,
    "Manufacturer": "Philips",
    "ManufacturersModelName": "Ingenia",
    "Modality": "MR",
    "PartialFourier": 0.5,
    "PatientPosition": "HFS",
    "PercentPhaseFOV": 100,
    "PhaseEncodingAxis": "j",
    "PhaseEncodingDirection": "j-",
    "PhaseEncodingSteps": 70,
    "PhilipsRescaleIntercept": 0,
    "PhilipsRescaleSlope": 0.805861,
    "PhilipsScaleSlope": 0.056664,
    "PixelBandwidth": 1819,
    "ProcedureStepDescription": "EDUARDO_TMS",
    "ProtocolName": "WIP_FE_EPI_32chSHC_AP_SENSE",
    "ReconMatrixPE": 80,
    "RepetitionTime": 2,
    "SAR": 0.119205,
    "ScanOptions": "FS",
    "ScanningSequence": "GR",
    "SequenceVariant": "SK",
    "SeriesDescription": "FE_EPI_32chSHC_AP",
    "SeriesNumber": 901,
    "SliceThickness": 3.33,
    "SliceTiming": [
      0.0,
      1.027027,
      0.054054,
      1.081081,
      0.108108,
      1.135135,
      0.162162,
      1.189189,
      0.216216,
      1.243244,
      0.27027,
      1.297298,
      0.324324,
      1.351352,
      0.378378,
      1.405406,
      0.432432,
      1.45946,
      0.486486,
      1.513514,
      0.540541,
      1.567568,
      0.594595,
      1.621622,
      0.648649,
      1.675676,
      0.702703,
      1.72973,
      0.756757,
      1.783784,
      0.810811,
      1.837838,
      0.864865,
      1.891892,
      0.918919,
      1.945947,
      0.972973
    ],
    "SoftwareVersions": "2.6.3_5.1.7.2",
    "SpacingBetweenSlices": 3.33,
    "StationName": "INGENIA",
    "TaskName": "rest",
    "TotalReadoutTime": 0.04884,
    "UsePhilipsFloatNotDisplayScaling": 1,
    "dataset": "<unset>",
    "modality": "bold",
    "session_id": "t1",
    "subject_id": "007",
    "task_id": "rest"
  },
  "dummy_trs": 2,
  "dvars_nstd": 28.698194343131288,
  "dvars_std": 1.1991350063973065,
  "dvars_vstd": 0.9868140165993269,
  "efc": 0.4040070817097,
  "fber": 210662.265625,
  "fd_mean": 0.29785887585063014,
  "fd_num": 40,
  "fd_perc": 13.422818791946309,
  "fwhm_avg": 1.9300945181328908,
  "fwhm_x": 1.8515433333333335,
  "fwhm_y": 2.1542266666666667,
  "fwhm_z": 1.7845135543986725,
  "gcor": 0.0444893,
  "gsr_x": -0.02183944173157215,
  "gsr_y": 0.013678434304893017,
  "provenance": {
    "md5sum": "e11581bb7d5c7a8ae9aed39909252bfb",
    "settings": {
      "fd_thres": 0.5,
      "testing": false
    },
    "software": "mriqc",
    "version": "22.0.0rc1",
    "webapi_port": null,
    "webapi_url": "https://mriqc.nimh.nih.gov/api/v1"
  },
  "size_t": 298,
  "size_x": 80,
  "size_y": 80,
  "size_z": 37,
  "snr": 4.902468844997817,
  "spacing_tr": 2.0000016689300537,
  "spacing_x": 3.0,
  "spacing_y": 3.0,
  "spacing_z": 3.3299999237060547,
  "summary_bg_k": 87.61116541116627,
  "summary_bg_mad": 57.79133185718861,
  "summary_bg_mean": 557.1106567382812,
  "summary_bg_median": 51.05622100830078,
  "summary_bg_n": 165495.0,
  "summary_bg_p05": 4.762128829956055,
  "summary_bg_p95": 2681.892333984374,
  "summary_bg_stdv": 1723.12060546875,
  "summary_fg_k": 3.174714181067783,
  "summary_fg_mad": 3840.0512306666424,
  "summary_fg_mean": 24505.986328125,
  "summary_fg_median": 23961.962890625,
  "summary_fg_n": 31496.0,
  "summary_fg_p05": 17916.412109375,
  "summary_fg_p95": 33027.5888671875,
  "summary_fg_stdv": 4887.65625,
  "tsnr": 48.898006439208984
}