{
  "bids_meta": {
    "AcquisitionMatrixPE": 240,
    "AcquisitionNumber": 4,
    "AcquisitionTime": "09:33:26.490000",
    "BodyPartExamined": "BRAIN",
    "CoilString": "MULTI_COIL",
    "ConversionSoftware": "dcm2niix",
    "ConversionSoftwareVersion": "v1.0.20190410  (JP2:OpenJPEG) GCC6.3.0",
    "Dcm2bidsVersion": "2.1.4",
    "DeviceSerialNumber": "42451",
    "EchoTime": 0.0035,
    "EchoTrainLength": 240,
    "FlipAngle": 8,
    "ImageOrientationPatientDICOM": [
      -0.00435178,
      0.999987,
      0.00270784,
      0.0461579,
      0.00290585,
      -0.99893
    ],
    "ImageType": [
      "ORIGINAL",
      "PRIMARY",
      "M",
      "FFE",
      "M",
      "FFE"
    ],
    "ImagingFrequency": 127.759,
    "InPlanePhaseEncodingDirectionDICOM": "ROW",
    "InstitutionAddress": "Calzada_Mexico_Xochimilco_No.101_Tlalpan",
    "InstitutionName": "I.N._Psiquiatria",
    "InstitutionalDepartmentName": "Imagenes_Cerebrales",
    "MRAcquisitionType": "3D",
    "MagneticFieldStrength": 3,
    "Manufacturer": "Philips",
    "ManufacturersModelName": "Ingenia",
    "Modality": "MR",
    "PatientPosition": "HFS",
    "PercentPhaseFOV": 100,
    "PhaseEncodingSteps": 240,
    "PhilipsRescaleIntercept": 0,
    "PhilipsRescaleSlope": 9.05079,
    "PhilipsScaleSlope": 0.00581436,
    "PixelBandwidth": 310,
    "ProcedureStepDescription": "EDUARDO_TMS",
    "ProtocolName": "WIP_sT1W_3D_TFE_32_channel",
    "ReconMatrixPE": 240,
    "RepetitionTime": 0.007,
    "SAR": 0.0382114,
    "ScanOptions": "OTHER",
    "ScanningSequence": "GR",
    "SequenceVariant": "MP",
    "SeriesDescription": "sT1W_3D_TFE_32_channel",
    "SeriesNumber": 401,
    "SliceThickness": 1,
    "SoftwareVersions": "5.3.1_5.3.1.0",
    "SpacingBetweenSlices": 1,
    "StationName": "PHILIPS-CTMFQSD",
    "UsePhilipsFloatNotDisplayScaling": 1,
    "dataset": "<unset>",
    "modality": "T1w",
    "session_id": "t2",
    "subject_id": "025"
  },
  "cjv": 0.4097614086048356,
  "cnr": 3.170236941664098,
  "efc": 0.7431109040697174,
  "fber": 3137.1126814613394,
  "fwhm_avg": 4.42134,
  "fwhm_x": 4.22983,
  "fwhm_y": 4.63775,
  "fwhm_z": 4.39644,
  "icvs_csf": 0.21099204896358664,
  "icvs_gm": 0.38908144492822816,
  "icvs_wm": 0.3999265061081852,
  "inu_med": 1.4943548440933228,
  "inu_range": 0.5697064399719238,
  "provenance": {
    "md5sum": "a260da886f5bc390517f17850927b253",
    "settings": {
      "testing": false
    },
    "software": "mriqc",
    "version": "21.0.0rc2",
    "warnings": {
      "large_rot_frame": true,
      "small_air_mask": false
    },
    "webapi_port": null,
    "webapi_url": "https://mriqc.nimh.nih.gov/api/v1"
  },
  "qi_1": 0.0,
  "qi_2": 7.7929739861862e-05,
  "rpve_csf": 20.343053506174552,
  "rpve_gm": 11.1460963962524,
  "rpve_wm": 13.363621941577897,
  "size_x": 180,
  "size_y": 240,
  "size_z": 240,
  "snr_csf": 3.591938168372023,
  "snr_gm": 11.171019030991493,
  "snr_total": 13.27966974406386,
  "snr_wm": 25.076052032828063,
  "snrd_csf": 27.240617569445764,
  "snrd_gm": 58.63017038404849,
  "snrd_total": 54.68674149776091,
  "snrd_wm": 78.18943653978847,
  "spacing_x": 1.0,
  "spacing_y": 1.0,
  "spacing_z": 1.0,
  "summary_bg_k": 3.687545555029274,
  "summary_bg_mad": 8.37911878848665,
  "summary_bg_mean": 10.7075848581489,
  "summary_bg_median": 5.651629738509655,
  "summary_bg_n": 426298.0,
  "summary_bg_p05": 0.0,
  "summary_bg_p95": 34.04514680802822,
  "summary_bg_stdv": 11.421071866144091,
  "summary_csf_k": 1.6216462749016785,
  "summary_csf_mad": 80.12845931265377,
  "summary_csf_mean": 366.48144889323294,
  "summary_csf_median": 348.4043602272868,
  "summary_csf_n": 42816.0,
  "summary_csf_p05": 241.93713174015284,
  "summary_csf_p95": 559.815922960639,
  "summary_csf_stdv": 96.99506930488768,
  "summary_gm_k": 0.16964648985870978,
  "summary_gm_mad": 65.6280681158116,
  "summary_gm_mean": 753.122808399054,
  "summary_gm_median": 749.8731242269278,
  "summary_gm_n": 24565.0,
  "summary_gm_p05": 649.1658201798797,
  "summary_gm_p95": 868.8280854895711,
  "summary_gm_stdv": 67.12528722329708,
  "summary_wm_k": 0.8221201179422661,
  "summary_wm_mad": 36.87815754214184,
  "summary_wm_mean": 1000.949297812887,
  "summary_wm_median": 1000.0338848680258,
  "summary_wm_n": 285530.0,
  "summary_wm_p05": 937.4260105192661,
  "summary_wm_p95": 1067.4134945049882,
  "summary_wm_stdv": 39.87996724398622,
  "tpm_overlap_csf": 0.18154679238796234,
  "tpm_overlap_gm": 0.4429169297218323,
  "tpm_overlap_wm": 0.5152332782745361,
  "wm2max": 0.7132856832749076
}