{
  "aor": 0.005557233333333333,
  "aqi": 0.015901220900000002,
  "bids_meta": {
    "AcquisitionMatrixPE": 70,
    "AcquisitionNumber": 3,
    "AcquisitionTime": "08:17:11.270000",
    "BodyPartExamined": "BRAIN",
    "CoilString": "MULTI_COIL",
    "ConversionSoftware": "dcm2niix",
    "ConversionSoftwareVersion": "v1.0.20190410  (JP2:OpenJPEG) GCC6.3.0",
    "Dcm2bidsVersion": "2.1.4",
    "DeviceSerialNumber": "42451",
    "EchoTime": 0.03,
    "EchoTrainLength": 35,
    "EffectiveEchoSpacing": 0.000698,
    "FlipAngle": 75,
    "ImageOrientationPatientDICOM": [
      1,
      -2.79047e-05,
      0.000495657,
      2.71369e-05,
      0.999999,
      0.00154897
    ],
    "ImageType": [
      "ORIGINAL",
      "PRIMARY",
      "M",
      "FFE",
      "M",
      "FFE"
    ],
    "ImagingFrequency": 127.759,
    "InPlanePhaseEncodingDirectionDICOM": "COL",
    "InstitutionAddress": "Calzada_Mexico_Xochimilco_No.101_Tlalpan",
    "InstitutionName": "I.N._Psiquiatria",
    "InstitutionalDepartmentName": "Imagenes_Cerebrales",
    "MRAcquisitionType": "2D",
    "MagneticFieldStrength": 3,
    "Manufacturer": "Philips",
    "ManufacturersModelName": "Ingenia",
    "Modality": "MR",
    "PartialFourier": 0.5,
    "PatientPosition": "HFS",
    "PercentPhaseFOV": 100,
    "PhaseEncodingAxis": "j",
    "PhaseEncodingDirection": "j-",
    "PhaseEncodingSteps": 70,
    "PhilipsRescaleIntercept": 0,
    "PhilipsRescaleSlope": 0.828816,
    "PhilipsScaleSlope": 0.022269,
    "PixelBandwidth": 1819,
    "ProcedureStepDescription": "PROTOCOLO_TMS",
    "ProtocolName": "WIP_FE_EPI_32chSHC_AP",
    "ReconMatrixPE": 80,
    "RepetitionTime": 2,
    "SAR": 0.119138,
    "ScanOptions": "FS",
    "ScanningSequence": "GR",
    "SequenceVariant": "SK",
    "SeriesDescription": "FE_EPI_32chSHC_AP",
    "SeriesNumber": 301,
    "SliceThickness": 3.33,
    "SliceTiming": [
      0.0,
      1.027027,
      0.054054,
      1.081081,
      0.108108,
      1.135135,
      0.162162,
      1.189189,
      0.216216,
      1.243244,
      0.27027,
      1.297298,
      0.324324,
      1.351352,
      0.378378,
      1.405406,
      0.432432,
      1.45946,
      0.486486,
      1.513514,
      0.540541,
      1.567568,
      0.594595,
      1.621622,
      0.648649,
      1.675676,
      0.702703,
      1.72973,
      0.756757,
      1.783784,
      0.810811,
      1.837838,
      0.864865,
      1.891892,
      0.918919,
      1.945947,
      0.972973
    ],
    "SoftwareVersions": "5.3.1_5.3.1.0",
    "SpacingBetweenSlices": 3.33,
    "StationName": "PHILIPS-CTMFQSD",
    "TaskName": "rest",
    "TotalReadoutTime": 0.04884,
    "UsePhilipsFloatNotDisplayScaling": 1,
    "dataset": "<unset>",
    "modality": "bold",
    "session_id": "t3",
    "subject_id": "041",
    "task_id": "rest"
  },
  "dummy_trs": 0,
  "dvars_nstd": 29.6430267029097,
  "dvars_std": 1.2043784973578593,
  "dvars_vstd": 1.0059970064882948,
  "efc": 0.43775978413036015,
  "fber": 64387.015625,
  "fd_mean": 0.23067629388551683,
  "fd_num": 34,
  "fd_perc": 11.333333333333334,
  "fwhm_avg": 1.9718842281668876,
  "fwhm_x": 1.9079,
  "fwhm_y": 2.1807766666666666,
  "fwhm_z": 1.8269760178339964,
  "gcor": 0.0443146,
  "gsr_x": -0.011105788871645927,
  "gsr_y": 0.01575007103383541,
  "provenance": {
    "md5sum": "56fcbdce6599d1d597ad1a381cc391ef",
    "settings": {
      "fd_thres": 0.5,
      "testing": false
    },
    "software": "mriqc",
    "version": "22.0.0rc1",
    "webapi_port": null,
    "webapi_url": "https://mriqc.nimh.nih.gov/api/v1"
  },
  "size_t": 300,
  "size_x": 80,
  "size_y": 80,
  "size_z": 37,
  "snr": 5.029806771080675,
  "spacing_tr": 2.0000016689300537,
  "spacing_x": 3.0,
  "spacing_y": 3.0,
  "spacing_z": 3.3299999237060547,
  "summary_bg_k": 66.9768179099379,
  "summary_bg_mad": 297.9111863873347,
  "summary_bg_mean": 1800.859375,
  "summary_bg_median": 238.5535430908203,
  "summary_bg_n": 160343.0,
  "summary_bg_p05": 21.996438026428223,
  "summary_bg_p95": 8051.005029296873,
  "summary_bg_stdv": 4399.1181640625,
  "summary_fg_k": 2.3261903003644564,
  "summary_fg_mad": 10293.249681306028,
  "summary_fg_mean": 62236.828125,
  "summary_fg_median": 61573.1328125,
  "summary_fg_n": 35342.0,
  "summary_fg_p05": 44155.6806640625,
  "summary_fg_p95": 82948.97226562497,
  "summary_fg_stdv": 12241.4765625,
  "tsnr": 40.861717224121094
}