{
  "bids_meta": {
    "AcquisitionMatrixPE": 240,
    "AcquisitionNumber": 4,
    "AcquisitionTime": "08:45:1.770000",
    "BodyPartExamined": "BRAIN",
    "CoilString": "MULTI_COIL",
    "ConversionSoftware": "dcm2niix",
    "ConversionSoftwareVersion": "v1.0.20190410  (JP2:OpenJPEG) GCC6.3.0",
    "Dcm2bidsVersion": "2.1.4",
    "DeviceSerialNumber": "42451",
    "EchoTime": 0.0035,
    "EchoTrainLength": 240,
    "FlipAngle": 8,
    "ImageOrientationPatientDICOM": [
      -0.0707106,
      0.997497,
      0.000722238,
      0.0378066,
      0.00340357,
      -0.999279
    ],
    "ImageType": [
      "ORIGINAL",
      "PRIMARY",
      "M",
      "FFE",
      "M",
      "FFE"
    ],
    "ImagingFrequency": 127.759,
    "InPlanePhaseEncodingDirectionDICOM": "ROW",
    "InstitutionAddress": "Calzada_Mexico_Xochimilco_No.101_Tlalpan",
    "InstitutionName": "I.N._Psiquiatria",
    "InstitutionalDepartmentName": "Imagenes_Cerebrales",
    "MRAcquisitionType": "3D",
    "MagneticFieldStrength": 3,
    "Manufacturer": "Philips",
    "ManufacturersModelName": "Ingenia",
    "Modality": "MR",
    "PatientPosition": "HFS",
    "PercentPhaseFOV": 100,
    "PhaseEncodingSteps": 240,
    "PhilipsRescaleIntercept": 0,
    "PhilipsRescaleSlope": 3.88694,
    "PhilipsScaleSlope": 0.00584927,
    "PixelBandwidth": 310,
    "ProcedureStepDescription": "EDUARDO_TMS",
    "ProtocolName": "WIP_sT1W_3D_TFE_32_channel",
    "ReconMatrixPE": 240,
    "RepetitionTime": 0.007,
    "SAR": 0.0382114,
    "ScanOptions": "OTHER",
    "ScanningSequence": "GR",
    "SequenceVariant": "MP",
    "SeriesDescription": "sT1W_3D_TFE_32_channel",
    "SeriesNumber": 401,
    "SliceThickness": 1,
    "SoftwareVersions": "5.3.1_5.3.1.0",
    "SpacingBetweenSlices": 1,
    "StationName": "PHILIPS-CTMFQSD",
    "UsePhilipsFloatNotDisplayScaling": 1,
    "dataset": "<unset>",
    "modality": "T1w",
    "session_id": "t14",
    "subject_id": "027"
  },
  "cjv": 0.4306596301994436,
  "cnr": 3.0479982125858847,
  "efc": 0.7465634627762884,
  "fber": 4780.811264347095,
  "fwhm_avg": 4.1026,
  "fwhm_x": 4.00868,
  "fwhm_y": 4.29744,
  "fwhm_z": 4.00168,
  "icvs_csf": 0.21522959085848864,
  "icvs_gm": 0.3969321731620018,
  "icvs_wm": 0.3878382359795096,
  "inu_med": 1.7212457656860352,
  "inu_range": 0.5140339434146881,
  "provenance": {
    "md5sum": "1994e53e383a8fb408593b364a223362",
    "settings": {
      "testing": false
    },
    "software": "mriqc",
    "version": "21.0.0rc2",
    "warnings": {
      "large_rot_frame": true,
      "small_air_mask": false
    },
    "webapi_port": null,
    "webapi_url": "https://mriqc.nimh.nih.gov/api/v1"
  },
  "qi_1": 0.0,
  "qi_2": 8.764852935605342e-05,
  "rpve_csf": 24.86784640100499,
  "rpve_gm": 13.499480134808245,
  "rpve_wm": 16.677998100714014,
  "size_x": 180,
  "size_y": 240,
  "size_z": 240,
  "snr_csf": 3.664691227739764,
  "snr_gm": 12.66158862639512,
  "snr_total": 14.218145932519965,
  "snr_wm": 26.32815794342501,
  "snrd_csf": 29.38783456906423,
  "snrd_gm": 64.29394327451946,
  "snrd_total": 58.761641113631754,
  "snrd_wm": 82.60314549731157,
  "spacing_x": 1.0,
  "spacing_y": 1.0,
  "spacing_z": 1.0,
  "summary_bg_k": 2.5704613987809273,
  "summary_bg_mad": 7.931383686998437,
  "summary_bg_mean": 7.632703236600425,
  "summary_bg_median": 5.349637001752853,
  "summary_bg_n": 436415.0,
  "summary_bg_p05": 0.0,
  "summary_bg_p95": 24.773914210498333,
  "summary_bg_stdv": 8.178678086727313,
  "summary_csf_k": 2.0171400831349935,
  "summary_csf_mad": 79.99839081915982,
  "summary_csf_mean": 372.7827729854271,
  "summary_csf_median": 355.78270369395614,
  "summary_csf_n": 35594.0,
  "summary_csf_p05": 248.53521903976798,
  "summary_csf_p95": 564.2402255289255,
  "summary_csf_stdv": 97.08258725193407,
  "summary_gm_k": 0.1753581746529158,
  "summary_gm_mad": 60.42958999617857,
  "summary_gm_mean": 779.1302000644869,
  "summary_gm_median": 778.3721837550402,
  "summary_gm_n": 22765.0,
  "summary_gm_p05": 681.2890094041825,
  "summary_gm_p95": 883.5180253013968,
  "summary_gm_stdv": 61.47373056613826,
  "summary_wm_k": 0.6727327290754244,
  "summary_wm_mad": 35.03027795090976,
  "summary_wm_mean": 999.460573202124,
  "summary_wm_median": 1000.0318454764783,
  "summary_wm_n": 209502.0,
  "summary_wm_p05": 935.581456836313,
  "summary_wm_p95": 1060.4381632879376,
  "summary_wm_stdv": 37.983267227979624,
  "tpm_overlap_csf": 0.146742582321167,
  "tpm_overlap_gm": 0.422016978263855,
  "tpm_overlap_wm": 0.4803508222103119,
  "wm2max": 0.6758559765440275
}