{
  "bids_meta": {
    "AcquisitionMatrixPE": 241,
    "AcquisitionNumber": 4,
    "AcquisitionTime": "07:39:41.510000",
    "BodyPartExamined": "BRAIN",
    "CoilString": "MULTI_COIL",
    "ConversionSoftware": "dcm2niix",
    "ConversionSoftwareVersion": "v1.0.20190410  (JP2:OpenJPEG) GCC6.3.0",
    "Dcm2bidsVersion": "2.1.4",
    "DeviceSerialNumber": "42451",
    "EchoTime": 0.003501,
    "EchoTrainLength": 241,
    "FlipAngle": 8,
    "ImageOrientationPatientDICOM": [
      0.0329803,
      0.999403,
      0.0102525,
      -0.00323857,
      0.0103649,
      -0.999941
    ],
    "ImageType": [
      "ORIGINAL",
      "PRIMARY",
      "M",
      "FFE",
      "M",
      "FFE"
    ],
    "ImagingFrequency": 127.766,
    "InPlanePhaseEncodingDirectionDICOM": "ROW",
    "InstitutionAddress": "Calzada_Mexico_Xochimilco_No.101_Tlalpan",
    "InstitutionName": "I.N._Psiquiatria",
    "InstitutionalDepartmentName": "Imagenes_Cerebrales",
    "MRAcquisitionType": "3D",
    "MagneticFieldStrength": 3,
    "Manufacturer": "Philips",
    "ManufacturersModelName": "Ingenia",
    "Modality": "MR",
    "PatientPosition": "HFS",
    "PercentPhaseFOV": 100,
    "PhaseEncodingSteps": 241,
    "PhilipsRescaleIntercept": 0,
    "PhilipsRescaleSlope": 20.2857,
    "PhilipsScaleSlope": 0.00610824,
    "PixelBandwidth": 310,
    "ProcedureStepDescription": "EDUARTO_TMS",
    "ProtocolName": "sT1W_3D_TFE_32_channel",
    "ReconMatrixPE": 256,
    "RepetitionTime": 0.007,
    "SAR": 0.0383107,
    "ScanOptions": "OTHER",
    "ScanningSequence": "GR",
    "SequenceVariant": "MP",
    "SeriesDescription": "sT1W_3D_TFE_32_channel",
    "SeriesNumber": 401,
    "SliceThickness": 1,
    "SoftwareVersions": "5.3.1_5.3.1.0",
    "SpacingBetweenSlices": 1,
    "StationName": "PHILIPS-CTMFQSD",
    "UsePhilipsFloatNotDisplayScaling": 1,
    "dataset": "<unset>",
    "modality": "T1w",
    "session_id": "t1",
    "subject_id": "016"
  },
  "cjv": 0.4809055620364059,
  "cnr": 2.7356321020441614,
  "efc": 0.7283847383100084,
  "fber": 50934.42659835152,
  "fwhm_avg": 4.2504593649643105,
  "fwhm_x": 4.00633,
  "fwhm_y": 4.572418145814367,
  "fwhm_z": 4.172629949078565,
  "icvs_csf": 0.2250791691108122,
  "icvs_gm": 0.414034158837057,
  "icvs_wm": 0.3608866720521308,
  "inu_med": 2.1258342266082764,
  "inu_range": 0.8750005722045899,
  "provenance": {
    "md5sum": "47fabcc842f2621b79fcaea9abcc963b",
    "settings": {
      "testing": false
    },
    "software": "mriqc",
    "version": "21.0.0rc2",
    "warnings": {
      "large_rot_frame": true,
      "small_air_mask": false
    },
    "webapi_port": null,
    "webapi_url": "https://mriqc.nimh.nih.gov/api/v1"
  },
  "qi_1": 0.00016645282102853974,
  "qi_2": 9.042289311305198e-05,
  "rpve_csf": 22.648101143376735,
  "rpve_gm": 12.436674900926542,
  "rpve_wm": 16.650872966977932,
  "size_x": 180,
  "size_y": 256,
  "size_z": 256,
  "snr_csf": 3.7238200239787544,
  "snr_gm": 11.932618979940646,
  "snr_total": 12.343476890335438,
  "snr_wm": 21.373991667086916,
  "snrd_csf": 58.56896207127996,
  "snrd_gm": 119.2043759276112,
  "snrd_total": 110.2649141698475,
  "snrd_wm": 153.02140451065134,
  "spacing_x": 1.0,
  "spacing_y": 0.9412984251976013,
  "spacing_z": 0.9412984251976013,
  "summary_bg_k": 4.7316022513329035,
  "summary_bg_mad": 4.281338051434846,
  "summary_bg_mean": 7.5531497645291585,
  "summary_bg_median": 2.8877186328172684,
  "summary_bg_n": 575416.0,
  "summary_bg_p05": 0.0,
  "summary_bg_p95": 25.52233674004674,
  "summary_bg_stdv": 8.681811524636641,
  "summary_csf_k": 0.9435061604697781,
  "summary_csf_mad": 91.3561987151759,
  "summary_csf_mean": 400.38210615639554,
  "summary_csf_median": 382.7501181997359,
  "summary_csf_n": 43249.0,
  "summary_csf_p05": 265.7125806696713,
  "summary_csf_p95": 598.4627000711857,
  "summary_csf_stdv": 102.78308047928685,
  "summary_gm_k": 0.17123837261932273,
  "summary_gm_mad": 63.5275013808494,
  "summary_gm_mean": 782.200862612206,
  "summary_gm_median": 779.0045676529408,
  "summary_gm_n": 25282.0,
  "summary_gm_p05": 679.7180064246058,
  "summary_gm_p95": 894.7235218955203,
  "summary_gm_stdv": 65.2823292608201,
  "summary_wm_k": 0.7304431674120107,
  "summary_wm_mad": 42.750419660650884,
  "summary_wm_mean": 998.9303238174847,
  "summary_wm_median": 999.999975964427,
  "summary_wm_n": 228576.0,
  "summary_wm_p05": 918.1246594339609,
  "summary_wm_p95": 1072.70253919065,
  "summary_wm_stdv": 46.78572931445925,
  "tpm_overlap_csf": 0.15516287088394165,
  "tpm_overlap_gm": 0.4380812346935272,
  "tpm_overlap_wm": 0.49332526326179504,
  "wm2max": 0.6297307274030249
}