{
  "aor": 0.007813966666666667,
  "aqi": 0.038791656,
  "bids_meta": {
    "AcquisitionMatrixPE": 70,
    "AcquisitionNumber": 3,
    "AcquisitionTime": "10:47:1.680000",
    "CoilString": "MULTI_COIL",
    "ConversionSoftware": "dcm2niix",
    "ConversionSoftwareVersion": "v1.0.20190410  (JP2:OpenJPEG) GCC6.3.0",
    "Dcm2bidsVersion": "2.1.4",
    "DeviceSerialNumber": "42451",
    "EchoTime": 0.03,
    "EchoTrainLength": 35,
    "EffectiveEchoSpacing": 0.000698,
    "FlipAngle": 75,
    "ImageOrientationPatientDICOM": [
      0.999991,
      0.00160009,
      -0.00389935,
      -0.00210157,
      0.99122,
      -0.132206
    ],
    "ImageType": [
      "ORIGINAL",
      "PRIMARY",
      "M",
      "FFE",
      "M",
      "FFE"
    ],
    "ImagingFrequency": 127.766,
    "InPlanePhaseEncodingDirectionDICOM": "COL",
    "InstitutionAddress": "Calzada_Mexico_Xochimilco_No.101_Tlalpan",
    "InstitutionName": "I.N._Psiquiatria",
    "InstitutionalDepartmentName": "Imagenes_Cerebrales",
    "MRAcquisitionType": "2D",
    "MagneticFieldStrength": 3,
    "Manufacturer": "Philips",
    "ManufacturersModelName": "Ingenia",
    "Modality": "MR",
    "PartialFourier": 0.5,
    "PatientPosition": "HFS",
    "PercentPhaseFOV": 100,
    "PhaseEncodingAxis": "j",
    "PhaseEncodingDirection": "j-",
    "PhaseEncodingSteps": 70,
    "PhilipsRescaleIntercept": 0,
    "PhilipsRescaleSlope": 0.742857,
    "PhilipsScaleSlope": 0.0612715,
    "PixelBandwidth": 1819,
    "ProcedureStepDescription": "EDUARDO_TMS",
    "ProtocolName": "WIP_FE_EPI_32chSHC_AP_SENSE",
    "ReconMatrixPE": 80,
    "RepetitionTime": 2,
    "SAR": 0.119276,
    "ScanOptions": "FS",
    "ScanningSequence": "GR",
    "SequenceVariant": "SK",
    "SeriesDescription": "FE_EPI_32chSHC_AP",
    "SeriesNumber": 301,
    "SliceThickness": 3.33,
    "SliceTiming": [
      0.0,
      1.027027,
      0.054054,
      1.081081,
      0.108108,
      1.135135,
      0.162162,
      1.189189,
      0.216216,
      1.243244,
      0.27027,
      1.297298,
      0.324324,
      1.351352,
      0.378378,
      1.405406,
      0.432432,
      1.45946,
      0.486486,
      1.513514,
      0.540541,
      1.567568,
      0.594595,
      1.621622,
      0.648649,
      1.675676,
      0.702703,
      1.72973,
      0.756757,
      1.783784,
      0.810811,
      1.837838,
      0.864865,
      1.891892,
      0.918919,
      1.945947,
      0.972973
    ],
    "SoftwareVersions": "5.1.7_5.1.7.2",
    "SpacingBetweenSlices": 3.33,
    "StationName": "INGENIA",
    "TaskName": "rest",
    "TotalReadoutTime": 0.04884,
    "UsePhilipsFloatNotDisplayScaling": 1,
    "dataset": "<unset>",
    "modality": "bold",
    "session_id": "t0",
    "subject_id": "011",
    "task_id": "rest"
  },
  "dummy_trs": 0,
  "dvars_nstd": 33.68317805678933,
  "dvars_std": 1.0664013983277594,
  "dvars_vstd": 0.8584574515719061,
  "efc": 0.4463231027071853,
  "fber": 153582.3125,
  "fd_mean": 0.2969329778382618,
  "fd_num": 26,
  "fd_perc": 8.666666666666666,
  "fwhm_avg": 1.8533706938268792,
  "fwhm_x": 1.79072,
  "fwhm_y": 2.048016666666667,
  "fwhm_z": 1.7213754148139704,
  "gcor": 0.0480842,
  "gsr_x": -0.015432807616889477,
  "gsr_y": 0.021473877131938934,
  "provenance": {
    "md5sum": "cf75de959a0e6dbf6fb26ed73af72162",
    "settings": {
      "fd_thres": 0.5,
      "testing": false
    },
    "software": "mriqc",
    "version": "22.0.0rc1",
    "webapi_port": null,
    "webapi_url": "https://mriqc.nimh.nih.gov/api/v1"
  },
  "size_t": 300,
  "size_x": 80,
  "size_y": 80,
  "size_z": 37,
  "snr": 5.72079568514381,
  "spacing_tr": 2.0000016689300537,
  "spacing_x": 3.0,
  "spacing_y": 3.0,
  "spacing_z": 3.3299999237060547,
  "summary_bg_k": 104.58240023674726,
  "summary_bg_mad": 67.27174375237458,
  "summary_bg_mean": 687.1431884765625,
  "summary_bg_median": 61.39634323120117,
  "summary_bg_n": 157505.0,
  "summary_bg_p05": 11.113950347900392,
  "summary_bg_p95": 3202.0355468749985,
  "summary_bg_stdv": 1822.7841796875,
  "summary_fg_k": 2.0551946456340158,
  "summary_fg_mad": 3601.317524997745,
  "summary_fg_mean": 24866.427734375,
  "summary_fg_median": 24522.5703125,
  "summary_fg_n": 37874.0,
  "summary_fg_p05": 18551.3869140625,
  "summary_fg_p95": 32129.00361328125,
  "summary_fg_stdv": 4286.509765625,
  "tsnr": 31.038249969482422
}