{
  "aor": 0.028204699999999996,
  "aqi": 0.013584175666666667,
  "bids_meta": {
    "AcquisitionMatrixPE": 70,
    "AcquisitionNumber": 3,
    "AcquisitionTime": "10:22:49.500000",
    "CoilString": "MULTI_COIL",
    "ConversionSoftware": "dcm2niix",
    "ConversionSoftwareVersion": "v1.0.20190410  (JP2:OpenJPEG) GCC6.3.0",
    "Dcm2bidsVersion": "2.1.4",
    "DeviceSerialNumber": "42451",
    "EchoTime": 0.03,
    "EchoTrainLength": 35,
    "EffectiveEchoSpacing": 0.000698,
    "FlipAngle": 75,
    "ImageOrientationPatientDICOM": [
      0.999994,
      0.0034498,
      -6.54019e-06,
      -0.00338866,
      0.98191,
      -0.189316
    ],
    "ImageType": [
      "ORIGINAL",
      "PRIMARY",
      "M",
      "FFE",
      "M",
      "FFE"
    ],
    "ImagingFrequency": 127.766,
    "InPlanePhaseEncodingDirectionDICOM": "COL",
    "InstitutionAddress": "Calzada_Mexico_Xochimilco_No.101_Tlalpan",
    "InstitutionName": "I.N._Psiquiatria",
    "InstitutionalDepartmentName": "Imagenes_Cerebrales",
    "MRAcquisitionType": "2D",
    "MagneticFieldStrength": 3,
    "Manufacturer": "Philips",
    "ManufacturersModelName": "Ingenia",
    "Modality": "MR",
    "PartialFourier": 0.5,
    "PatientPosition": "HFS",
    "PercentPhaseFOV": 100,
    "PhaseEncodingAxis": "j",
    "PhaseEncodingDirection": "j-",
    "PhaseEncodingSteps": 70,
    "PhilipsRescaleIntercept": 0,
    "PhilipsRescaleSlope": 0.834432,
    "PhilipsScaleSlope": 0.0665608,
    "PixelBandwidth": 1819,
    "ProcedureStepDescription": "TLP",
    "ProtocolName": "WIP_FE_EPI_32chSHC_AP_SENSE",
    "ReconMatrixPE": 80,
    "RepetitionTime": 2,
    "SAR": 0.11935,
    "ScanOptions": "FS",
    "ScanningSequence": "GR",
    "SequenceVariant": "SK",
    "SeriesDescription": "FE_EPI_32chSHC_AP",
    "SeriesNumber": 301,
    "SliceThickness": 3.33,
    "SliceTiming": [
      0.0,
      1.027027,
      0.054054,
      1.081081,
      0.108108,
      1.135135,
      0.162162,
      1.189189,
      0.216216,
      1.243244,
      0.27027,
      1.297298,
      0.324324,
      1.351352,
      0.378378,
      1.405406,
      0.432432,
      1.45946,
      0.486486,
      1.513514,
      0.540541,
      1.567568,
      0.594595,
      1.621622,
      0.648649,
      1.675676,
      0.702703,
      1.72973,
      0.756757,
      1.783784,
      0.810811,
      1.837838,
      0.864865,
      1.891892,
      0.918919,
      1.945947,
      0.972973
    ],
    "SoftwareVersions": "5.1.7_5.1.7.2",
    "SpacingBetweenSlices": 3.33,
    "StationName": "INGENIA",
    "TaskName": "rest",
    "TotalReadoutTime": 0.04884,
    "UsePhilipsFloatNotDisplayScaling": 1,
    "dataset": "<unset>",
    "modality": "bold",
    "session_id": "t1",
    "subject_id": "006",
    "task_id": "rest"
  },
  "dummy_trs": 0,
  "dvars_nstd": 32.954757205652164,
  "dvars_std": 1.565726183043478,
  "dvars_vstd": 1.279809415819398,
  "efc": 0.391749618017561,
  "fber": 198764.953125,
  "fd_mean": 0.20756977876741742,
  "fd_num": 22,
  "fd_perc": 7.333333333333333,
  "fwhm_avg": 1.7758393919891737,
  "fwhm_x": 1.726,
  "fwhm_y": 1.95038,
  "fwhm_z": 1.6511381759675212,
  "gcor": 0.027906,
  "gsr_x": -0.024857211858034134,
  "gsr_y": 0.019156502559781075,
  "provenance": {
    "md5sum": "3a66f279519b51e2db745259edbf7382",
    "settings": {
      "fd_thres": 0.5,
      "testing": false
    },
    "software": "mriqc",
    "version": "22.0.0rc1",
    "webapi_port": null,
    "webapi_url": "https://mriqc.nimh.nih.gov/api/v1"
  },
  "size_t": 300,
  "size_x": 80,
  "size_y": 80,
  "size_z": 37,
  "snr": 4.79179873375888,
  "spacing_tr": 2.0000016689300537,
  "spacing_x": 3.0,
  "spacing_y": 3.0,
  "spacing_z": 3.3299999237060547,
  "summary_bg_k": 172.45409371265285,
  "summary_bg_mad": 50.005795352568704,
  "summary_bg_mean": 509.10797119140625,
  "summary_bg_median": 44.60559844970703,
  "summary_bg_n": 169003.0,
  "summary_bg_p05": 4.548224401473999,
  "summary_bg_p95": 2549.9909179687484,
  "summary_bg_stdv": 1512.54736328125,
  "summary_fg_k": 2.4489116616580944,
  "summary_fg_mad": 3370.224143456829,
  "summary_fg_mean": 21082.228515625,
  "summary_fg_median": 20486.486328125,
  "summary_fg_n": 28415.0,
  "summary_fg_p05": 15172.0861328125,
  "summary_fg_p95": 28966.002734374997,
  "summary_fg_stdv": 4275.24755859375,
  "tsnr": 46.18266677856445
}