{
  "aor": 0.009320633333333333,
  "aqi": 0.023387131366666664,
  "bids_meta": {
    "AcquisitionMatrixPE": 70,
    "AcquisitionNumber": 5,
    "AcquisitionTime": "08:29:9.320000",
    "BodyPartExamined": "BRAIN",
    "CoilString": "MULTI_COIL",
    "ConversionSoftware": "dcm2niix",
    "ConversionSoftwareVersion": "v1.0.20190410  (JP2:OpenJPEG) GCC6.3.0",
    "Dcm2bidsVersion": "2.1.4",
    "DeviceSerialNumber": "42451",
    "EchoTime": 0.03,
    "EchoTrainLength": 35,
    "EffectiveEchoSpacing": 0.000698,
    "FlipAngle": 75,
    "ImageOrientationPatientDICOM": [
      0.99998,
      0.00423301,
      0.00477265,
      -0.00426116,
      0.999973,
      0.00590414
    ],
    "ImageType": [
      "ORIGINAL",
      "PRIMARY",
      "M",
      "FFE",
      "M",
      "FFE"
    ],
    "ImagingFrequency": 127.759,
    "InPlanePhaseEncodingDirectionDICOM": "COL",
    "InstitutionAddress": "Calzada_Mexico_Xochimilco_No.101_Tlalpan",
    "InstitutionName": "I.N._Psiquiatria",
    "InstitutionalDepartmentName": "Imagenes_Cerebrales",
    "MRAcquisitionType": "2D",
    "MagneticFieldStrength": 3,
    "Manufacturer": "Philips",
    "ManufacturersModelName": "Ingenia",
    "Modality": "MR",
    "PartialFourier": 0.5,
    "PatientPosition": "HFS",
    "PercentPhaseFOV": 100,
    "PhaseEncodingAxis": "j",
    "PhaseEncodingDirection": "j-",
    "PhaseEncodingSteps": 70,
    "PhilipsRescaleIntercept": 0,
    "PhilipsRescaleSlope": 0.798046,
    "PhilipsScaleSlope": 0.0207347,
    "PixelBandwidth": 1819,
    "ProcedureStepDescription": "EDUARDO_TMS",
    "ProtocolName": "WIP_FE_EPI_32chSHC_AP",
    "ReconMatrixPE": 80,
    "RepetitionTime": 2,
    "SAR": 0.119138,
    "ScanOptions": "FS",
    "ScanningSequence": "GR",
    "SequenceVariant": "SK",
    "SeriesDescription": "FE_EPI_32chSHC_AP",
    "SeriesNumber": 501,
    "SliceThickness": 3.33,
    "SliceTiming": [
      0.0,
      1.027027,
      0.054054,
      1.081081,
      0.108108,
      1.135135,
      0.162162,
      1.189189,
      0.216216,
      1.243244,
      0.27027,
      1.297298,
      0.324324,
      1.351352,
      0.378378,
      1.405406,
      0.432432,
      1.45946,
      0.486486,
      1.513514,
      0.540541,
      1.567568,
      0.594595,
      1.621622,
      0.648649,
      1.675676,
      0.702703,
      1.72973,
      0.756757,
      1.783784,
      0.810811,
      1.837838,
      0.864865,
      1.891892,
      0.918919,
      1.945947,
      0.972973
    ],
    "SoftwareVersions": "5.3.1_5.3.1.0",
    "SpacingBetweenSlices": 3.33,
    "StationName": "PHILIPS-CTMFQSD",
    "TaskName": "rest",
    "TotalReadoutTime": 0.04884,
    "UsePhilipsFloatNotDisplayScaling": 1,
    "dataset": "<unset>",
    "modality": "bold",
    "session_id": "t1",
    "subject_id": "034",
    "task_id": "rest"
  },
  "dummy_trs": 0,
  "dvars_nstd": 33.74333325521738,
  "dvars_std": 0.9728359845484944,
  "dvars_vstd": 0.9052641052173914,
  "efc": 0.41089869208423085,
  "fber": 175604.703125,
  "fd_mean": 0.44657519436741017,
  "fd_num": 59,
  "fd_perc": 19.666666666666668,
  "fwhm_avg": 2.055950565134621,
  "fwhm_x": 2.010596666666667,
  "fwhm_y": 2.2476033333333336,
  "fwhm_z": 1.9096516954038625,
  "gcor": 0.0911533,
  "gsr_x": -0.005997649859637022,
  "gsr_y": 0.016772368922829628,
  "provenance": {
    "md5sum": "5b330e6b844b1de7709e19afd81a84ab",
    "settings": {
      "fd_thres": 0.5,
      "testing": false
    },
    "software": "mriqc",
    "version": "22.0.0rc1",
    "webapi_port": null,
    "webapi_url": "https://mriqc.nimh.nih.gov/api/v1"
  },
  "size_t": 300,
  "size_x": 80,
  "size_y": 80,
  "size_z": 37,
  "snr": 4.408310050940879,
  "spacing_tr": 2.0000016689300537,
  "spacing_x": 3.0,
  "spacing_y": 3.0,
  "spacing_z": 3.3299999237060547,
  "summary_bg_k": 101.45160036974059,
  "summary_bg_mad": 182.51184301219672,
  "summary_bg_mean": 1504.1954345703125,
  "summary_bg_median": 157.0241241455078,
  "summary_bg_n": 163205.0,
  "summary_bg_p05": 15.970708274841309,
  "summary_bg_p95": 8121.825195312494,
  "summary_bg_stdv": 4417.732421875,
  "summary_fg_k": 2.134777698721586,
  "summary_fg_mad": 11719.11340787921,
  "summary_fg_mean": 69269.625,
  "summary_fg_median": 67405.703125,
  "summary_fg_n": 33919.0,
  "summary_fg_p05": 47868.234765625,
  "summary_fg_p95": 98280.36562499999,
  "summary_fg_stdv": 15290.3740234375,
  "tsnr": 29.026416778564453
}