{
  "bids_meta": {
    "AcquisitionMatrixPE": 240,
    "AcquisitionTime": "11:00:22.130000",
    "CoilString": "MULTI_COIL",
    "ConversionSoftware": "dcm2niix",
    "ConversionSoftwareVersion": "v1.0.20190410  (JP2:OpenJPEG) GCC6.3.0",
    "Dcm2bidsVersion": "2.1.4",
    "DeviceSerialNumber": "42451",
    "EchoTime": 0.003501,
    "EchoTrainLength": 240,
    "FlipAngle": 8,
    "ImageOrientationPatientDICOM": [
      -0.0429744,
      0.999075,
      0.00182202,
      -0.0284449,
      0.000599437,
      -0.999595
    ],
    "ImageType": [
      "ORIGINAL",
      "PRIMARY",
      "M",
      "FFE",
      "M",
      "FFE"
    ],
    "ImagingFrequency": 127.766,
    "InPlanePhaseEncodingDirectionDICOM": "ROW",
    "InstitutionAddress": "Calzada_Mexico_Xochimilco_No.101_Tlalpan",
    "InstitutionName": "I.N._Psiquiatria",
    "InstitutionalDepartmentName": "Imagenes_Cerebrales",
    "MRAcquisitionType": "3D",
    "MagneticFieldStrength": 3,
    "Manufacturer": "Philips",
    "ManufacturersModelName": "Ingenia",
    "Modality": "MR",
    "PatientPosition": "HFS",
    "PercentPhaseFOV": 100,
    "PhaseEncodingSteps": 240,
    "PhilipsRescaleIntercept": 0,
    "PhilipsRescaleSlope": 10.0532,
    "PhilipsScaleSlope": 0.00516132,
    "PixelBandwidth": 310,
    "ProcedureStepDescription": "EDUARDOTMS",
    "ProtocolName": "WIP_sT1W_3D_TFE_32_channel_SENSE",
    "ReconMatrixPE": 240,
    "RepetitionTime": 0.007,
    "SAR": 0.0382114,
    "ScanOptions": "OTHER",
    "ScanningSequence": "GR",
    "SequenceVariant": "MP",
    "SeriesDescription": "sT1W_3D_TFE_32_channel",
    "SeriesNumber": 401,
    "SliceThickness": 1,
    "SoftwareVersions": "2.6.3_5.1.7.2",
    "SpacingBetweenSlices": 1,
    "StationName": "INGENIA",
    "UsePhilipsFloatNotDisplayScaling": 1,
    "dataset": "<unset>",
    "modality": "T1w",
    "session_id": "t0",
    "subject_id": "009"
  },
  "cjv": 0.5394249561523186,
  "cnr": 2.468851311366156,
  "efc": 0.7793608078556429,
  "fber": 1402.641207133059,
  "fwhm_avg": 4.356413333333333,
  "fwhm_x": 4.18269,
  "fwhm_y": 4.60899,
  "fwhm_z": 4.27756,
  "icvs_csf": 0.2197093320443616,
  "icvs_gm": 0.3950082303035382,
  "icvs_wm": 0.3852824376521002,
  "inu_med": 1.5897462368011475,
  "inu_range": 0.5726220607757568,
  "provenance": {
    "md5sum": "b5033f89ff8484819767f707e6556ddb",
    "settings": {
      "testing": false
    },
    "software": "mriqc",
    "version": "21.0.0rc2",
    "warnings": {
      "large_rot_frame": true,
      "small_air_mask": true
    },
    "webapi_port": null,
    "webapi_url": "https://mriqc.nimh.nih.gov/api/v1"
  },
  "qi_1": 0.0,
  "qi_2": 0.00012455019538836016,
  "rpve_csf": 26.132413124276457,
  "rpve_gm": 14.46367553722166,
  "rpve_wm": 18.08889779178813,
  "size_x": 180,
  "size_y": 240,
  "size_z": 240,
  "snr_csf": 3.757604066034052,
  "snr_gm": 10.993788325197132,
  "snr_total": 12.454230693680822,
  "snr_wm": 22.611299689811283,
  "snrd_csf": 20.708233525782436,
  "snrd_gm": 41.80478827513272,
  "snrd_total": 38.48769184622645,
  "snrd_wm": 52.95005373776419,
  "spacing_x": 1.0,
  "spacing_y": 1.0,
  "spacing_z": 1.0,
  "summary_bg_k": 3.6185505403431435,
  "summary_bg_mad": 12.37272401293407,
  "summary_bg_mean": 16.578842046540977,
  "summary_bg_median": 16.648403201252222,
  "summary_bg_n": 140109.0,
  "summary_bg_p05": 0.0,
  "summary_bg_p95": 41.93711692467332,
  "summary_bg_stdv": 12.484427460286831,
  "summary_csf_k": 0.46032208338927205,
  "summary_csf_mad": 91.48317148957312,
  "summary_csf_mean": 412.7564023296334,
  "summary_csf_median": 391.08995773270726,
  "summary_csf_n": 26927.0,
  "summary_csf_p05": 278.00725953280926,
  "summary_csf_p95": 610.4695492833853,
  "summary_csf_stdv": 104.07767522910346,
  "summary_gm_k": 0.004859282179827229,
  "summary_gm_mad": 72.42417742924539,
  "summary_gm_mean": 788.3416908930785,
  "summary_gm_median": 789.5136424452066,
  "summary_gm_n": 14227.0,
  "summary_gm_p05": 671.7356730639934,
  "summary_gm_p95": 906.2084119219332,
  "summary_gm_stdv": 71.8119970647814,
  "summary_wm_k": 0.5358242063656635,
  "summary_wm_mad": 41.11743636621524,
  "summary_wm_mean": 1000.4335247976456,
  "summary_wm_median": 1000.0000363364816,
  "summary_wm_n": 190990.0,
  "summary_wm_p05": 927.9272022247314,
  "summary_wm_p95": 1074.0538196898997,
  "summary_wm_stdv": 44.22556120670275,
  "tpm_overlap_csf": 0.16253149509429932,
  "tpm_overlap_gm": 0.4362003803253174,
  "tpm_overlap_wm": 0.500742495059967,
  "wm2max": 0.5668346923234364
}