{
  "bids_meta": {
    "AcquisitionMatrixPE": 240,
    "AcquisitionNumber": 4,
    "AcquisitionTime": "09:00:46.080000",
    "BodyPartExamined": "BRAIN",
    "CoilString": "MULTI_COIL",
    "ConversionSoftware": "dcm2niix",
    "ConversionSoftwareVersion": "v1.0.20190410  (JP2:OpenJPEG) GCC6.3.0",
    "Dcm2bidsVersion": "2.1.4",
    "DeviceSerialNumber": "42451",
    "EchoTime": 0.0035,
    "EchoTrainLength": 240,
    "FlipAngle": 8,
    "ImageOrientationPatientDICOM": [
      -0.0139866,
      0.999879,
      0.00684701,
      -0.00233562,
      0.00681499,
      -0.999974
    ],
    "ImageType": [
      "ORIGINAL",
      "PRIMARY",
      "M",
      "FFE",
      "M",
      "FFE"
    ],
    "ImagingFrequency": 127.76,
    "InPlanePhaseEncodingDirectionDICOM": "ROW",
    "InstitutionAddress": "Calzada_Mexico_Xochimilco_No.101_Tlalpan",
    "InstitutionName": "I.N._Psiquiatria",
    "InstitutionalDepartmentName": "Imagenes_Cerebrales",
    "MRAcquisitionType": "3D",
    "MagneticFieldStrength": 3,
    "Manufacturer": "Philips",
    "ManufacturersModelName": "Ingenia",
    "Modality": "MR",
    "PatientPosition": "HFS",
    "PercentPhaseFOV": 100,
    "PhaseEncodingSteps": 240,
    "PhilipsRescaleIntercept": 0,
    "PhilipsRescaleSlope": 4.55433,
    "PhilipsScaleSlope": 0.00594469,
    "PixelBandwidth": 310,
    "ProcedureStepDescription": "EDUARDO_TMS",
    "ProtocolName": "WIP_sT1W_3D_TFE_32_channel",
    "ReconMatrixPE": 240,
    "RepetitionTime": 0.007,
    "SAR": 0.0382114,
    "ScanOptions": "OTHER",
    "ScanningSequence": "GR",
    "SequenceVariant": "MP",
    "SeriesDescription": "sT1W_3D_TFE_32_channel",
    "SeriesNumber": 401,
    "SliceThickness": 1,
    "SoftwareVersions": "5.3.1_5.3.1.0",
    "SpacingBetweenSlices": 1,
    "StationName": "PHILIPS-CTMFQSD",
    "UsePhilipsFloatNotDisplayScaling": 1,
    "dataset": "<unset>",
    "modality": "T1w",
    "session_id": "t4",
    "subject_id": "002"
  },
  "cjv": 0.42857109960667183,
  "cnr": 2.9955348180140278,
  "efc": 0.6850886636308314,
  "fber": 13542.464034613304,
  "fwhm_avg": 4.344493333333333,
  "fwhm_x": 4.28529,
  "fwhm_y": 4.48695,
  "fwhm_z": 4.26124,
  "icvs_csf": 0.21704690639130697,
  "icvs_gm": 0.39095908373968036,
  "icvs_wm": 0.39199400986901267,
  "inu_med": 1.5652377605438232,
  "inu_range": 0.5086420595645904,
  "provenance": {
    "md5sum": "bf838a0536ce4f2db7f45fafc3dbf0f1",
    "settings": {
      "testing": false
    },
    "software": "mriqc",
    "version": "21.0.0rc2",
    "warnings": {
      "large_rot_frame": true,
      "small_air_mask": false
    },
    "webapi_port": null,
    "webapi_url": "https://mriqc.nimh.nih.gov/api/v1"
  },
  "qi_1": 0.0,
  "qi_2": 7.450193317048343e-05,
  "rpve_csf": 27.835672490912284,
  "rpve_gm": 15.409069341828781,
  "rpve_wm": 18.788728334245576,
  "size_x": 180,
  "size_y": 240,
  "size_z": 240,
  "snr_csf": 3.5513180533897186,
  "snr_gm": 13.42467381442404,
  "snr_total": 13.86978289306793,
  "snr_wm": 24.63335681139003,
  "snrd_csf": 32.401311139544454,
  "snrd_gm": 67.76734738652898,
  "snrd_total": 62.18215467979178,
  "snrd_wm": 86.37780551330191,
  "spacing_x": 1.0,
  "spacing_y": 1.0,
  "spacing_z": 1.0,
  "summary_bg_k": 110.76767953139067,
  "summary_bg_mad": 7.584545373076942,
  "summary_bg_mean": 8.92272095521328,
  "summary_bg_median": 5.115698114037514,
  "summary_bg_n": 486557.0,
  "summary_bg_p05": 0.0,
  "summary_bg_p95": 28.612218521535397,
  "summary_bg_stdv": 10.495571004718158,
  "summary_csf_k": 3.070301614843383,
  "summary_csf_mad": 91.5436988052775,
  "summary_csf_mean": 391.73542713642496,
  "summary_csf_median": 375.11153845489025,
  "summary_csf_n": 26696.0,
  "summary_csf_p05": 251.94813211634755,
  "summary_csf_p95": 587.7253057118505,
  "summary_csf_stdv": 105.62402666747603,
  "summary_gm_k": 0.222102044062936,
  "summary_gm_mad": 56.88409029807706,
  "summary_gm_mean": 784.7677891415062,
  "summary_gm_median": 784.5458421632648,
  "summary_gm_n": 16035.0,
  "summary_gm_p05": 689.1975571982563,
  "summary_gm_p95": 881.2087425738573,
  "summary_gm_stdv": 58.43876648945877,
  "summary_wm_k": 1.378794603262091,
  "summary_wm_mad": 35.45333999973175,
  "summary_wm_mean": 1000.2331556885018,
  "summary_wm_median": 1000.0000115707517,
  "summary_wm_n": 195871.0,
  "summary_wm_p05": 933.5554209500551,
  "summary_wm_p95": 1065.7307838499546,
  "summary_wm_stdv": 40.59525733839819,
  "tpm_overlap_csf": 0.16293737292289734,
  "tpm_overlap_gm": 0.4347235858440399,
  "tpm_overlap_wm": 0.5090947151184082,
  "wm2max": 0.6593841800473521
}