{
  "bids_meta": {
    "AcquisitionMatrixPE": 240,
    "AcquisitionNumber": 4,
    "AcquisitionTime": "10:38:22.670000",
    "BodyPartExamined": "BRAIN",
    "CoilString": "MULTI_COIL",
    "ConversionSoftware": "dcm2niix",
    "ConversionSoftwareVersion": "v1.0.20190410  (JP2:OpenJPEG) GCC6.3.0",
    "Dcm2bidsVersion": "2.1.4",
    "DeviceSerialNumber": "42451",
    "EchoTime": 0.0035,
    "EchoTrainLength": 240,
    "FlipAngle": 8,
    "ImageOrientationPatientDICOM": [
      -0.0042116,
      0.999876,
      -0.015176,
      -0.00362181,
      -0.0151913,
      -0.999878
    ],
    "ImageType": [
      "ORIGINAL",
      "PRIMARY",
      "M",
      "FFE",
      "M",
      "FFE"
    ],
    "ImagingFrequency": 127.759,
    "InPlanePhaseEncodingDirectionDICOM": "ROW",
    "InstitutionAddress": "Calzada_Mexico_Xochimilco_No.101_Tlalpan",
    "InstitutionName": "I.N._Psiquiatria",
    "InstitutionalDepartmentName": "Imagenes_Cerebrales",
    "MRAcquisitionType": "3D",
    "MagneticFieldStrength": 3,
    "Manufacturer": "Philips",
    "ManufacturersModelName": "Ingenia",
    "Modality": "MR",
    "PatientPosition": "HFS",
    "PercentPhaseFOV": 100,
    "PhaseEncodingSteps": 240,
    "PhilipsRescaleIntercept": 0,
    "PhilipsRescaleSlope": 3.44835,
    "PhilipsScaleSlope": 0.00594596,
    "PixelBandwidth": 310,
    "ProcedureStepDescription": "EDUARDO_TMS",
    "ProtocolName": "WIP_sT1W_3D_TFE_32_channel",
    "ReconMatrixPE": 240,
    "RepetitionTime": 0.007,
    "SAR": 0.0382114,
    "ScanOptions": "OTHER",
    "ScanningSequence": "GR",
    "SequenceVariant": "MP",
    "SeriesDescription": "sT1W_3D_TFE_32_channel",
    "SeriesNumber": 401,
    "SliceThickness": 1,
    "SoftwareVersions": "5.3.1_5.3.1.0",
    "SpacingBetweenSlices": 1,
    "StationName": "PHILIPS-CTMFQSD",
    "UsePhilipsFloatNotDisplayScaling": 1,
    "dataset": "<unset>",
    "modality": "T1w",
    "session_id": "t4",
    "subject_id": "027"
  },
  "cjv": 0.4288316453646186,
  "cnr": 3.0201079056498945,
  "efc": 0.7321685427653635,
  "fber": 11068.579565734683,
  "fwhm_avg": 4.2128733333333335,
  "fwhm_x": 4.13032,
  "fwhm_y": 4.43096,
  "fwhm_z": 4.07734,
  "icvs_csf": 0.21763132184977932,
  "icvs_gm": 0.39145891050871573,
  "icvs_wm": 0.3909097676415049,
  "inu_med": 1.6343289613723755,
  "inu_range": 0.5252408742904664,
  "provenance": {
    "md5sum": "16674bd74a4acbbe405332f343d6cd39",
    "settings": {
      "testing": false
    },
    "software": "mriqc",
    "version": "21.0.0rc2",
    "warnings": {
      "large_rot_frame": true,
      "small_air_mask": false
    },
    "webapi_port": null,
    "webapi_url": "https://mriqc.nimh.nih.gov/api/v1"
  },
  "qi_1": 0.0,
  "qi_2": 9.465896480068941e-05,
  "rpve_csf": 24.666888692952025,
  "rpve_gm": 13.561290630822889,
  "rpve_wm": 16.44378730374336,
  "size_x": 180,
  "size_y": 240,
  "size_z": 240,
  "snr_csf": 3.8471311403822623,
  "snr_gm": 12.237901732475073,
  "snr_total": 14.25056204618456,
  "snr_wm": 26.666653265696347,
  "snrd_csf": 54.005104648348706,
  "snrd_gm": 116.04695220601235,
  "snrd_total": 106.51467044644794,
  "snrd_wm": 149.49195448498273,
  "spacing_x": 1.0,
  "spacing_y": 1.0,
  "spacing_z": 1.0,
  "summary_bg_k": 3.3720655962813826,
  "summary_bg_mad": 4.382419057268154,
  "summary_bg_mean": 7.26280715155958,
  "summary_bg_median": 5.407947435975075,
  "summary_bg_n": 481293.0,
  "summary_bg_p05": 0.0,
  "summary_bg_p95": 22.437943398952484,
  "summary_bg_stdv": 7.611909598027535,
  "summary_csf_k": 1.2703442295078347,
  "summary_csf_mad": 83.0169610052956,
  "summary_csf_mean": 374.6817061129898,
  "summary_csf_median": 361.25760667026043,
  "summary_csf_n": 37919.0,
  "summary_csf_p05": 249.26942808926105,
  "summary_csf_p95": 559.0339700430632,
  "summary_csf_stdv": 93.90187906605348,
  "summary_gm_k": 0.25170136441367497,
  "summary_gm_mad": 61.378766910034095,
  "summary_gm_mean": 778.517523325547,
  "summary_gm_median": 776.2755852118134,
  "summary_gm_n": 18150.0,
  "summary_gm_p05": 677.8375059828162,
  "summary_gm_p95": 886.3844180844724,
  "summary_gm_stdv": 63.43033445472061,
  "summary_wm_k": 0.700371150423758,
  "summary_wm_mad": 34.56135029254658,
  "summary_wm_mean": 1000.2987912407859,
  "summary_wm_median": 1000.0000193566084,
  "summary_wm_n": 210645.0,
  "summary_wm_p05": 939.0682389289141,
  "summary_wm_p95": 1062.0738507956266,
  "summary_wm_stdv": 37.499930558525755,
  "tpm_overlap_csf": 0.14786387979984283,
  "tpm_overlap_gm": 0.4188793897628784,
  "tpm_overlap_wm": 0.48065969347953796,
  "wm2max": 0.6626527330412875
}