{
  "aor": 0.0013690333333333333,
  "aqi": 0.023939426000000003,
  "bids_meta": {
    "AcquisitionMatrixPE": 70,
    "AcquisitionNumber": 3,
    "AcquisitionTime": "08:19:6.680000",
    "CoilString": "MULTI_COIL",
    "ConversionSoftware": "dcm2niix",
    "ConversionSoftwareVersion": "v1.0.20190410  (JP2:OpenJPEG) GCC6.3.0",
    "Dcm2bidsVersion": "2.1.4",
    "DeviceSerialNumber": "42451",
    "EchoTime": 0.03,
    "EchoTrainLength": 35,
    "EffectiveEchoSpacing": 0.000698,
    "FlipAngle": 75,
    "ImageOrientationPatientDICOM": [
      0.999996,
      0.00141609,
      -0.00257441,
      -0.00142035,
      0.999998,
      -0.0016539
    ],
    "ImageType": [
      "ORIGINAL",
      "PRIMARY",
      "M",
      "FFE",
      "M",
      "FFE"
    ],
    "ImagingFrequency": 127.766,
    "InPlanePhaseEncodingDirectionDICOM": "COL",
    "InstitutionAddress": "Calzada_Mexico_Xochimilco_No.101_Tlalpan",
    "InstitutionName": "I.N._Psiquiatria",
    "InstitutionalDepartmentName": "Imagenes_Cerebrales",
    "MRAcquisitionType": "2D",
    "MagneticFieldStrength": 3,
    "Manufacturer": "Philips",
    "ManufacturersModelName": "Ingenia",
    "Modality": "MR",
    "PartialFourier": 0.5,
    "PatientPosition": "HFS",
    "PercentPhaseFOV": 100,
    "PhaseEncodingAxis": "j",
    "PhaseEncodingDirection": "j-",
    "PhaseEncodingSteps": 70,
    "PhilipsRescaleIntercept": 0,
    "PhilipsRescaleSlope": 0.897436,
    "PhilipsScaleSlope": 0.0550826,
    "PixelBandwidth": 1819,
    "ProcedureStepDescription": "EDUARDO_TMS",
    "ProtocolName": "WIP_FE_EPI_32chSHC_AP_SENSE",
    "ReconMatrixPE": 80,
    "RepetitionTime": 2,
    "SAR": 0.119813,
    "ScanOptions": "FS",
    "ScanningSequence": "GR",
    "SequenceVariant": "SK",
    "SeriesDescription": "FE_EPI_32chSHC_AP",
    "SeriesNumber": 301,
    "SliceThickness": 3.33,
    "SliceTiming": [
      0.0,
      1.027027,
      0.054054,
      1.081081,
      0.108108,
      1.135135,
      0.162162,
      1.189189,
      0.216216,
      1.243244,
      0.27027,
      1.297298,
      0.324324,
      1.351352,
      0.378378,
      1.405406,
      0.432432,
      1.45946,
      0.486486,
      1.513514,
      0.540541,
      1.567568,
      0.594595,
      1.621622,
      0.648649,
      1.675676,
      0.702703,
      1.72973,
      0.756757,
      1.783784,
      0.810811,
      1.837838,
      0.864865,
      1.891892,
      0.918919,
      1.945947,
      0.972973
    ],
    "SoftwareVersions": "5.1.7_5.1.7.2",
    "SpacingBetweenSlices": 3.33,
    "StationName": "INGENIA",
    "TaskName": "rest",
    "TotalReadoutTime": 0.04884,
    "UsePhilipsFloatNotDisplayScaling": 1,
    "dataset": "<unset>",
    "modality": "bold",
    "session_id": "t14",
    "subject_id": "002",
    "task_id": "rest"
  },
  "dummy_trs": 0,
  "dvars_nstd": 27.053334692274248,
  "dvars_std": 1.1871112963879595,
  "dvars_vstd": 0.8894881587625416,
  "efc": 0.37514726981167396,
  "fber": 293336.28125,
  "fd_mean": 0.22316005767118471,
  "fd_num": 5,
  "fd_perc": 1.6666666666666667,
  "fwhm_avg": 1.9625021262050044,
  "fwhm_x": 1.9657433333333334,
  "fwhm_y": 2.076426666666667,
  "fwhm_z": 1.8453363786150128,
  "gcor": 0.0135131,
  "gsr_x": -0.012084037996828556,
  "gsr_y": 0.0024697117041796446,
  "provenance": {
    "md5sum": "ec31bf9577cf43f376474c159660a9f1",
    "settings": {
      "fd_thres": 0.5,
      "testing": false
    },
    "software": "mriqc",
    "version": "22.0.0rc1",
    "webapi_port": null,
    "webapi_url": "https://mriqc.nimh.nih.gov/api/v1"
  },
  "size_t": 300,
  "size_x": 80,
  "size_y": 80,
  "size_z": 37,
  "snr": 5.292574481420157,
  "spacing_tr": 1.9999995231628418,
  "spacing_x": 3.0,
  "spacing_y": 3.0,
  "spacing_z": 3.3299999237060547,
  "summary_bg_k": 245.82308491814254,
  "summary_bg_mad": 55.50040732375758,
  "summary_bg_mean": 397.0538024902344,
  "summary_bg_median": 48.15768814086914,
  "summary_bg_n": 169015.0,
  "summary_bg_p05": 2.9600105285644536,
  "summary_bg_p95": 1868.390893554687,
  "summary_bg_stdv": 1310.46484375,
  "summary_fg_k": 2.4580834598361108,
  "summary_fg_mad": 4119.921356484156,
  "summary_fg_mean": 27055.11328125,
  "summary_fg_median": 26765.67578125,
  "summary_fg_n": 28618.0,
  "summary_fg_p05": 19346.1755859375,
  "summary_fg_p95": 35611.640820312496,
  "summary_fg_stdv": 5057.12451171875,
  "tsnr": 39.07955551147461
}