{
  "aor": 0.0007467333333333333,
  "aqi": 0.006407182200000001,
  "bids_meta": {
    "AcquisitionMatrixPE": 70,
    "AcquisitionNumber": 4,
    "AcquisitionTime": "09:54:13.830000",
    "BodyPartExamined": "BRAIN",
    "CoilString": "MULTI_COIL",
    "ConversionSoftware": "dcm2niix",
    "ConversionSoftwareVersion": "v1.0.20190410  (JP2:OpenJPEG) GCC6.3.0",
    "Dcm2bidsVersion": "2.1.4",
    "DeviceSerialNumber": "42451",
    "EchoTime": 0.03,
    "EchoTrainLength": 35,
    "EffectiveEchoSpacing": 0.000698,
    "FlipAngle": 75,
    "ImageOrientationPatientDICOM": [
      0.999985,
      0.00409478,
      -0.00375338,
      -0.0042116,
      0.99949,
      -0.0316631
    ],
    "ImageType": [
      "ORIGINAL",
      "PRIMARY",
      "M",
      "FFE",
      "M",
      "FFE"
    ],
    "ImagingFrequency": 127.759,
    "InPlanePhaseEncodingDirectionDICOM": "COL",
    "InstitutionAddress": "Calzada_Mexico_Xochimilco_No.101_Tlalpan",
    "InstitutionName": "I.N._Psiquiatria",
    "InstitutionalDepartmentName": "Imagenes_Cerebrales",
    "MRAcquisitionType": "2D",
    "MagneticFieldStrength": 3,
    "Manufacturer": "Philips",
    "ManufacturersModelName": "Ingenia",
    "Modality": "MR",
    "PartialFourier": 0.5,
    "PatientPosition": "HFS",
    "PercentPhaseFOV": 100,
    "PhaseEncodingAxis": "j",
    "PhaseEncodingDirection": "j-",
    "PhaseEncodingSteps": 70,
    "PhilipsRescaleIntercept": 0,
    "PhilipsRescaleSlope": 0.748718,
    "PhilipsScaleSlope": 0.031568,
    "PixelBandwidth": 1819,
    "ProcedureStepDescription": "EDUARDO_TMS",
    "ProtocolName": "WIP_FE_EPI_32chSHC_AP",
    "ReconMatrixPE": 80,
    "RepetitionTime": 2,
    "SAR": 0.119138,
    "ScanOptions": "FS",
    "ScanningSequence": "GR",
    "SequenceVariant": "SK",
    "SeriesDescription": "FE_EPI_32chSHC_AP",
    "SeriesNumber": 401,
    "SliceThickness": 3.33,
    "SliceTiming": [
      0.0,
      1.027027,
      0.054054,
      1.081081,
      0.108108,
      1.135135,
      0.162162,
      1.189189,
      0.216216,
      1.243244,
      0.27027,
      1.297298,
      0.324324,
      1.351352,
      0.378378,
      1.405406,
      0.432432,
      1.45946,
      0.486486,
      1.513514,
      0.540541,
      1.567568,
      0.594595,
      1.621622,
      0.648649,
      1.675676,
      0.702703,
      1.72973,
      0.756757,
      1.783784,
      0.810811,
      1.837838,
      0.864865,
      1.891892,
      0.918919,
      1.945947,
      0.972973
    ],
    "SoftwareVersions": "5.3.1_5.3.1.0",
    "SpacingBetweenSlices": 3.33,
    "StationName": "PHILIPS-CTMFQSD",
    "TaskName": "rest",
    "TotalReadoutTime": 0.04884,
    "UsePhilipsFloatNotDisplayScaling": 1,
    "dataset": "<unset>",
    "modality": "bold",
    "session_id": "t0",
    "subject_id": "026",
    "task_id": "rest"
  },
  "dummy_trs": 0,
  "dvars_nstd": 22.072296333879596,
  "dvars_std": 1.2278608807023408,
  "dvars_vstd": 0.9376755180936457,
  "efc": 0.3900754772961771,
  "fber": 106017.640625,
  "fd_mean": 0.06780899130394812,
  "fd_num": 0,
  "fd_perc": 0.0,
  "fwhm_avg": 2.03549286731402,
  "fwhm_x": 2.0187666666666666,
  "fwhm_y": 2.1941533333333334,
  "fwhm_z": 1.893558601942059,
  "gcor": 0.151739,
  "gsr_x": -0.020411692559719086,
  "gsr_y": 0.006156571209430695,
  "provenance": {
    "md5sum": "2385ec4e6fbecb29f4b2c0f55ada1a5e",
    "settings": {
      "fd_thres": 0.5,
      "testing": false
    },
    "software": "mriqc",
    "version": "22.0.0rc1",
    "webapi_port": null,
    "webapi_url": "https://mriqc.nimh.nih.gov/api/v1"
  },
  "size_t": 300,
  "size_x": 80,
  "size_y": 80,
  "size_z": 37,
  "snr": 5.264071131866767,
  "spacing_tr": 2.0000016689300537,
  "spacing_x": 3.0,
  "spacing_y": 3.0,
  "spacing_z": 3.3299999237060547,
  "summary_bg_k": 38.936903363514475,
  "summary_bg_mad": 197.22998312740566,
  "summary_bg_mean": 1414.6478271484375,
  "summary_bg_median": 168.13258361816406,
  "summary_bg_n": 170307.0,
  "summary_bg_p05": 11.40629291534424,
  "summary_bg_p95": 7227.792480468745,
  "summary_bg_stdv": 3991.668212890625,
  "summary_fg_k": 1.607642623751854,
  "summary_fg_mad": 9419.62921975906,
  "summary_fg_mean": 56125.6875,
  "summary_fg_median": 55975.30859375,
  "summary_fg_n": 27128.0,
  "summary_fg_p05": 39035.3091796875,
  "summary_fg_p95": 73091.44609374998,
  "summary_fg_stdv": 10633.267578125,
  "tsnr": 55.88253402709961
}