{
  "bids_meta": {
    "AcquisitionMatrixPE": 240,
    "AcquisitionNumber": 5,
    "AcquisitionTime": "10:45:4.300000",
    "BodyPartExamined": "BRAIN",
    "CoilString": "MULTI_COIL",
    "ConversionSoftware": "dcm2niix",
    "ConversionSoftwareVersion": "v1.0.20190410  (JP2:OpenJPEG) GCC6.3.0",
    "Dcm2bidsVersion": "2.1.4",
    "DeviceSerialNumber": "42451",
    "EchoTime": 0.0035,
    "EchoTrainLength": 240,
    "FlipAngle": 8,
    "ImageOrientationPatientDICOM": [
      -0.00200333,
      0.999997,
      0.00140796,
      0.000552852,
      0.00140908,
      -0.999999
    ],
    "ImageType": [
      "ORIGINAL",
      "PRIMARY",
      "M",
      "FFE",
      "M",
      "FFE"
    ],
    "ImagingFrequency": 127.759,
    "InPlanePhaseEncodingDirectionDICOM": "ROW",
    "InstitutionAddress": "Calzada_Mexico_Xochimilco_No.101_Tlalpan",
    "InstitutionName": "I.N._Psiquiatria",
    "InstitutionalDepartmentName": "Imagenes_Cerebrales",
    "MRAcquisitionType": "3D",
    "MagneticFieldStrength": 3,
    "Manufacturer": "Philips",
    "ManufacturersModelName": "Ingenia",
    "Modality": "MR",
    "PatientPosition": "HFS",
    "PercentPhaseFOV": 100,
    "PhaseEncodingSteps": 240,
    "PhilipsRescaleIntercept": 0,
    "PhilipsRescaleSlope": 4.0188,
    "PhilipsScaleSlope": 0.00580155,
    "PixelBandwidth": 310,
    "ProcedureStepDescription": "PROTOCOLO_TMS",
    "ProtocolName": "WIP_sT1W_3D_TFE_32_channel",
    "ReconMatrixPE": 240,
    "RepetitionTime": 0.007,
    "SAR": 0.0382114,
    "ScanOptions": "OTHER",
    "ScanningSequence": "GR",
    "SequenceVariant": "MP",
    "SeriesDescription": "sT1W_3D_TFE_32_channel",
    "SeriesNumber": 501,
    "SliceThickness": 1,
    "SoftwareVersions": "5.3.1_5.3.1.0",
    "SpacingBetweenSlices": 1,
    "StationName": "PHILIPS-CTMFQSD",
    "UsePhilipsFloatNotDisplayScaling": 1,
    "dataset": "<unset>",
    "modality": "T1w",
    "session_id": "t4",
    "subject_id": "032"
  },
  "cjv": 0.8905201684314166,
  "cnr": 1.478169256376467,
  "efc": 0.7574108060511826,
  "fber": 2296.3518724958885,
  "fwhm_avg": 4.31052,
  "fwhm_x": 4.06957,
  "fwhm_y": 4.6699,
  "fwhm_z": 4.19209,
  "icvs_csf": 0.23325056721809811,
  "icvs_gm": 0.37290362799303917,
  "icvs_wm": 0.3938458047888627,
  "inu_med": 1.7708441019058228,
  "inu_range": 0.8704864680767059,
  "provenance": {
    "md5sum": "a7ccecc09fd644a09708a05a50a4c1e2",
    "settings": {
      "testing": false
    },
    "software": "mriqc",
    "version": "21.0.0rc2",
    "warnings": {
      "large_rot_frame": true,
      "small_air_mask": false
    },
    "webapi_port": null,
    "webapi_url": "https://mriqc.nimh.nih.gov/api/v1"
  },
  "qi_1": 0.0,
  "qi_2": 5.0082846210665205e-05,
  "rpve_csf": 22.146764717912507,
  "rpve_gm": 13.112891246411674,
  "rpve_wm": 15.319047420432167,
  "size_x": 180,
  "size_y": 240,
  "size_z": 240,
  "snr_csf": 3.603706612903191,
  "snr_gm": 8.538131679245335,
  "snr_total": 9.471165290078945,
  "snr_wm": 16.271657578088305,
  "snrd_csf": 23.779731141701152,
  "snrd_gm": 52.250442965182636,
  "snrd_total": 46.380132767022104,
  "snrd_wm": 63.110224194182514,
  "spacing_x": 1.0,
  "spacing_y": 1.0,
  "spacing_z": 1.0,
  "summary_bg_k": 9.31509359820963,
  "summary_bg_mad": 10.381309003486164,
  "summary_bg_mean": 14.342105755110099,
  "summary_bg_median": 7.002086516469717,
  "summary_bg_n": 375133.0,
  "summary_bg_p05": 0.0,
  "summary_bg_p95": 53.9763490408659,
  "summary_bg_stdv": 19.310235123351394,
  "summary_csf_k": 1.207170768854172,
  "summary_csf_mad": 91.57552048108326,
  "summary_csf_mean": 394.1343551820727,
  "summary_csf_median": 376.81427174061537,
  "summary_csf_n": 45598.0,
  "summary_csf_p05": 257.53998807612805,
  "summary_csf_p95": 598.1451256684959,
  "summary_csf_stdv": 104.56182488666522,
  "summary_gm_k": 0.05547919978581861,
  "summary_gm_mad": 94.39428650189738,
  "summary_gm_mean": 835.424754764985,
  "summary_gm_median": 827.9619519971311,
  "summary_gm_n": 12188.0,
  "summary_gm_p05": 686.5151672210544,
  "summary_gm_p95": 1008.7178012765944,
  "summary_gm_stdv": 96.96828488094111,
  "summary_wm_k": 0.7943217950330004,
  "summary_wm_mad": 58.850334483338784,
  "summary_wm_mean": 1004.6233902502016,
  "summary_wm_median": 1000.0463431403041,
  "summary_wm_n": 224643.0,
  "summary_wm_p05": 912.9144188724458,
  "summary_wm_p95": 1111.7551273666322,
  "summary_wm_stdv": 61.45926513520071,
  "tpm_overlap_csf": 0.17384611070156097,
  "tpm_overlap_gm": 0.4301576614379883,
  "tpm_overlap_wm": 0.5071479678153992,
  "wm2max": 0.585380410610711
}