{
  "aor": 0.0014301666666666668,
  "aqi": 0.010603963233333333,
  "bids_meta": {
    "AcquisitionMatrixPE": 70,
    "AcquisitionNumber": 3,
    "AcquisitionTime": "09:49:20.920000",
    "BodyPartExamined": "BRAIN",
    "CoilString": "MULTI_COIL",
    "ConversionSoftware": "dcm2niix",
    "ConversionSoftwareVersion": "v1.0.20190410  (JP2:OpenJPEG) GCC6.3.0",
    "Dcm2bidsVersion": "2.1.4",
    "DeviceSerialNumber": "42451",
    "EchoTime": 0.03,
    "EchoTrainLength": 35,
    "EffectiveEchoSpacing": 0.000698,
    "FlipAngle": 75,
    "ImageOrientationPatientDICOM": [
      0.999985,
      0.00418645,
      -0.00365086,
      -0.0042116,
      0.999967,
      -0.00690923
    ],
    "ImageType": [
      "ORIGINAL",
      "PRIMARY",
      "M",
      "FFE",
      "M",
      "FFE"
    ],
    "ImagingFrequency": 127.759,
    "InPlanePhaseEncodingDirectionDICOM": "COL",
    "InstitutionAddress": "Calzada_Mexico_Xochimilco_No.101_Tlalpan",
    "InstitutionName": "I.N._Psiquiatria",
    "InstitutionalDepartmentName": "Imagenes_Cerebrales",
    "MRAcquisitionType": "2D",
    "MagneticFieldStrength": 3,
    "Manufacturer": "Philips",
    "ManufacturersModelName": "Ingenia",
    "Modality": "MR",
    "PartialFourier": 0.5,
    "PatientPosition": "HFS",
    "PercentPhaseFOV": 100,
    "PhaseEncodingAxis": "j",
    "PhaseEncodingDirection": "j-",
    "PhaseEncodingSteps": 70,
    "PhilipsRescaleIntercept": 0,
    "PhilipsRescaleSlope": 0.767033,
    "PhilipsScaleSlope": 0.0285324,
    "PixelBandwidth": 1819,
    "ProcedureStepDescription": "EDUARDO_TMS",
    "ProtocolName": "WIP_FE_EPI_32chSHC_AP",
    "ReconMatrixPE": 80,
    "RepetitionTime": 2,
    "SAR": 0.119138,
    "ScanOptions": "FS",
    "ScanningSequence": "GR",
    "SequenceVariant": "SK",
    "SeriesDescription": "FE_EPI_32chSHC_AP",
    "SeriesNumber": 301,
    "SliceThickness": 3.33,
    "SliceTiming": [
      0.0,
      1.027027,
      0.054054,
      1.081081,
      0.108108,
      1.135135,
      0.162162,
      1.189189,
      0.216216,
      1.243244,
      0.27027,
      1.297298,
      0.324324,
      1.351352,
      0.378378,
      1.405406,
      0.432432,
      1.45946,
      0.486486,
      1.513514,
      0.540541,
      1.567568,
      0.594595,
      1.621622,
      0.648649,
      1.675676,
      0.702703,
      1.72973,
      0.756757,
      1.783784,
      0.810811,
      1.837838,
      0.864865,
      1.891892,
      0.918919,
      1.945947,
      0.972973
    ],
    "SoftwareVersions": "5.3.1_5.3.1.0",
    "SpacingBetweenSlices": 3.33,
    "StationName": "PHILIPS-CTMFQSD",
    "TaskName": "rest",
    "TotalReadoutTime": 0.04884,
    "UsePhilipsFloatNotDisplayScaling": 1,
    "dataset": "<unset>",
    "modality": "bold",
    "session_id": "t2",
    "subject_id": "027",
    "task_id": "rest"
  },
  "dummy_trs": 0,
  "dvars_nstd": 31.17432929204014,
  "dvars_std": 1.3222567221070236,
  "dvars_vstd": 0.9641247639464878,
  "efc": 0.40772267353498665,
  "fber": 115546.203125,
  "fd_mean": 0.13643722949725237,
  "fd_num": 3,
  "fd_perc": 1.0,
  "fwhm_avg": 1.7462783609192467,
  "fwhm_x": 1.7496,
  "fwhm_y": 1.8431899999999999,
  "fwhm_z": 1.6460450827577398,
  "gcor": 0.0281881,
  "gsr_x": -0.004158660303801298,
  "gsr_y": -0.00024361895339097828,
  "provenance": {
    "md5sum": "47ecea3b9f7ada8787d89dc88e66fcc4",
    "settings": {
      "fd_thres": 0.5,
      "testing": false
    },
    "software": "mriqc",
    "version": "22.0.0rc1",
    "webapi_port": null,
    "webapi_url": "https://mriqc.nimh.nih.gov/api/v1"
  },
  "size_t": 300,
  "size_x": 80,
  "size_y": 80,
  "size_z": 37,
  "snr": 5.209007010378102,
  "spacing_tr": 2.0000016689300537,
  "spacing_x": 3.0,
  "spacing_y": 3.0,
  "spacing_z": 3.3299999237060547,
  "summary_bg_k": 44.21506223513302,
  "summary_bg_mad": 200.82778653042138,
  "summary_bg_mean": 1188.45947265625,
  "summary_bg_median": 157.47593688964844,
  "summary_bg_n": 165029.0,
  "summary_bg_p05": 8.602079010009765,
  "summary_bg_p95": 5407.992871093751,
  "summary_bg_stdv": 2906.392578125,
  "summary_fg_k": 2.844257662735826,
  "summary_fg_mad": 8184.702651552718,
  "summary_fg_mean": 54278.11328125,
  "summary_fg_median": 52909.90234375,
  "summary_fg_n": 32156.0,
  "summary_fg_p05": 41319.9453125,
  "summary_fg_p95": 72751.013671875,
  "summary_fg_stdv": 10157.2294921875,
  "tsnr": 58.09334182739258
}