{
  "bids_meta": {
    "AcquisitionMatrixPE": 240,
    "AcquisitionNumber": 4,
    "AcquisitionTime": "10:33:20.700000",
    "CoilString": "MULTI_COIL",
    "ConversionSoftware": "dcm2niix",
    "ConversionSoftwareVersion": "v1.0.20190410  (JP2:OpenJPEG) GCC6.3.0",
    "Dcm2bidsVersion": "2.1.4",
    "DeviceSerialNumber": "42451",
    "EchoTime": 0.003501,
    "EchoTrainLength": 240,
    "FlipAngle": 8,
    "ImageOrientationPatientDICOM": [
      0.00836437,
      0.999964,
      -0.0010565,
      0.000634244,
      -0.00106184,
      -0.999999
    ],
    "ImageType": [
      "ORIGINAL",
      "PRIMARY",
      "M",
      "FFE",
      "M",
      "FFE"
    ],
    "ImagingFrequency": 127.766,
    "InPlanePhaseEncodingDirectionDICOM": "ROW",
    "InstitutionAddress": "Calzada_Mexico_Xochimilco_No.101_Tlalpan",
    "InstitutionName": "I.N._Psiquiatria",
    "InstitutionalDepartmentName": "Imagenes_Cerebrales",
    "MRAcquisitionType": "3D",
    "MagneticFieldStrength": 3,
    "Manufacturer": "Philips",
    "ManufacturersModelName": "Ingenia",
    "Modality": "MR",
    "PatientPosition": "HFS",
    "PercentPhaseFOV": 100,
    "PhaseEncodingSteps": 240,
    "PhilipsRescaleIntercept": 0,
    "PhilipsRescaleSlope": 11.5087,
    "PhilipsScaleSlope": 0.00557366,
    "PixelBandwidth": 310,
    "ProcedureStepDescription": "TLP",
    "ProtocolName": "WIP_sT1W_3D_TFE_32_channel_SENSE",
    "ReconMatrixPE": 240,
    "RepetitionTime": 0.007,
    "SAR": 0.0382114,
    "ScanOptions": "OTHER",
    "ScanningSequence": "GR",
    "SequenceVariant": "MP",
    "SeriesDescription": "sT1W_3D_TFE_32_channel",
    "SeriesNumber": 401,
    "SliceThickness": 1,
    "SoftwareVersions": "5.1.7_5.1.7.2",
    "SpacingBetweenSlices": 1,
    "StationName": "INGENIA",
    "UsePhilipsFloatNotDisplayScaling": 1,
    "dataset": "<unset>",
    "modality": "T1w",
    "session_id": "t1",
    "subject_id": "006"
  },
  "cjv": 0.4525093122140058,
  "cnr": 2.9127205275322408,
  "efc": 0.7992919304373844,
  "fber": 511.46829638919576,
  "fwhm_avg": 4.0886233333333335,
  "fwhm_x": 3.90353,
  "fwhm_y": 4.46692,
  "fwhm_z": 3.89542,
  "icvs_csf": 0.22518404784760163,
  "icvs_gm": 0.4015779601534239,
  "icvs_wm": 0.37323799199897445,
  "inu_med": 1.440420389175415,
  "inu_range": 0.47006086111068734,
  "provenance": {
    "md5sum": "ae77b49aae44088c4977e9fb1f8ccedc",
    "settings": {
      "testing": false
    },
    "software": "mriqc",
    "version": "21.0.0rc2",
    "warnings": {
      "large_rot_frame": true,
      "small_air_mask": true
    },
    "webapi_port": null,
    "webapi_url": "https://mriqc.nimh.nih.gov/api/v1"
  },
  "qi_1": 0.0,
  "qi_2": 0.0002029324694403848,
  "rpve_csf": 26.779129236489386,
  "rpve_gm": 15.061764987233166,
  "rpve_wm": 19.462984339782697,
  "size_x": 180,
  "size_y": 240,
  "size_z": 240,
  "snr_csf": 3.6026560051317675,
  "snr_gm": 10.738579865900014,
  "snr_total": 13.001948127348696,
  "snr_wm": 24.664608511014304,
  "snrd_csf": 17.366694326919784,
  "snrd_gm": 37.256095059163535,
  "snrd_total": 34.543230988439795,
  "snrd_wm": 49.006903579236074,
  "spacing_x": 1.0,
  "spacing_y": 1.0,
  "spacing_z": 1.0,
  "summary_bg_k": 1.4734653869193295,
  "summary_bg_mad": 13.368246584146917,
  "summary_bg_mean": 14.880461588415454,
  "summary_bg_median": 9.255283534526825,
  "summary_bg_n": 126134.0,
  "summary_bg_p05": 0.0,
  "summary_bg_p95": 36.73488825559616,
  "summary_bg_stdv": 11.02561737840635,
  "summary_csf_k": 0.811737224934248,
  "summary_csf_mad": 84.52409877278076,
  "summary_csf_mean": 376.4719624604239,
  "summary_csf_median": 354.37240254879,
  "summary_csf_n": 31143.0,
  "summary_csf_p05": 254.32946661114693,
  "summary_csf_p95": 572.439286610484,
  "summary_csf_stdv": 98.36262817189957,
  "summary_gm_k": 0.02752126693391288,
  "summary_gm_mad": 69.9534173106947,
  "summary_gm_mean": 764.442667737912,
  "summary_gm_median": 760.2213563024998,
  "summary_gm_n": 16647.0,
  "summary_gm_p05": 656.0278550684452,
  "summary_gm_p95": 890.353505256772,
  "summary_gm_stdv": 70.79134595713595,
  "summary_wm_k": 0.5118679322297885,
  "summary_wm_mad": 38.54864755746068,
  "summary_wm_mean": 999.7458984572883,
  "summary_wm_median": 999.9999905526638,
  "summary_wm_n": 173579.0,
  "summary_wm_p05": 932.8753311038017,
  "summary_wm_p95": 1065.407174706459,
  "summary_wm_stdv": 40.54380630323798,
  "tpm_overlap_csf": 0.18546420335769653,
  "tpm_overlap_gm": 0.45289096236228943,
  "tpm_overlap_wm": 0.5206327438354492,
  "wm2max": 0.6085883514313919
}