{
  "aor": 0.0007979264214046823,
  "aqi": 0.010545445518394649,
  "bids_meta": {
    "AcquisitionMatrixPE": 70,
    "AcquisitionNumber": 3,
    "AcquisitionTime": "09:42:8.360000",
    "BodyPartExamined": "BRAIN",
    "CoilString": "MULTI_COIL",
    "ConversionSoftware": "dcm2niix",
    "ConversionSoftwareVersion": "v1.0.20190410  (JP2:OpenJPEG) GCC6.3.0",
    "Dcm2bidsVersion": "2.1.4",
    "DeviceSerialNumber": "42451",
    "EchoTime": 0.03,
    "EchoTrainLength": 35,
    "EffectiveEchoSpacing": 0.000698,
    "FlipAngle": 75,
    "ImageOrientationPatientDICOM": [
      0.999985,
      0.00412655,
      -0.00371843,
      -0.0042116,
      0.999723,
      -0.0231628
    ],
    "ImageType": [
      "ORIGINAL",
      "PRIMARY",
      "M",
      "FFE",
      "M",
      "FFE"
    ],
    "ImagingFrequency": 127.759,
    "InPlanePhaseEncodingDirectionDICOM": "COL",
    "InstitutionAddress": "Calzada_Mexico_Xochimilco_No.101_Tlalpan",
    "InstitutionName": "I.N._Psiquiatria",
    "InstitutionalDepartmentName": "Imagenes_Cerebrales",
    "MRAcquisitionType": "2D",
    "MagneticFieldStrength": 3,
    "Manufacturer": "Philips",
    "ManufacturersModelName": "Ingenia",
    "Modality": "MR",
    "PartialFourier": 0.5,
    "PatientPosition": "HFS",
    "PercentPhaseFOV": 100,
    "PhaseEncodingAxis": "j",
    "PhaseEncodingDirection": "j-",
    "PhaseEncodingSteps": 70,
    "PhilipsRescaleIntercept": 0,
    "PhilipsRescaleSlope": 0.775824,
    "PhilipsScaleSlope": 0.0229195,
    "PixelBandwidth": 1819,
    "ProcedureStepDescription": "EDUARDO_TMS",
    "ProtocolName": "WIP_FE_EPI_32chSHC_AP",
    "ReconMatrixPE": 80,
    "RepetitionTime": 2,
    "SAR": 0.119138,
    "ScanOptions": "FS",
    "ScanningSequence": "GR",
    "SequenceVariant": "SK",
    "SeriesDescription": "FE_EPI_32chSHC_AP",
    "SeriesNumber": 301,
    "SliceThickness": 3.33,
    "SliceTiming": [
      0.0,
      1.027027,
      0.054054,
      1.081081,
      0.108108,
      1.135135,
      0.162162,
      1.189189,
      0.216216,
      1.243244,
      0.27027,
      1.297298,
      0.324324,
      1.351352,
      0.378378,
      1.405406,
      0.432432,
      1.45946,
      0.486486,
      1.513514,
      0.540541,
      1.567568,
      0.594595,
      1.621622,
      0.648649,
      1.675676,
      0.702703,
      1.72973,
      0.756757,
      1.783784,
      0.810811,
      1.837838,
      0.864865,
      1.891892,
      0.918919,
      1.945947,
      0.972973
    ],
    "SoftwareVersions": "5.3.1_5.3.1.0",
    "SpacingBetweenSlices": 3.33,
    "StationName": "PHILIPS-CTMFQSD",
    "TaskName": "rest",
    "TotalReadoutTime": 0.04884,
    "UsePhilipsFloatNotDisplayScaling": 1,
    "dataset": "<unset>",
    "modality": "bold",
    "session_id": "t0",
    "subject_id": "029",
    "task_id": "rest"
  },
  "dummy_trs": 1,
  "dvars_nstd": 29.21356877681206,
  "dvars_std": 1.29580251942953,
  "dvars_vstd": 0.9276238756711402,
  "efc": 0.42988863886046064,
  "fber": 102730.4609375,
  "fd_mean": 0.07801398526505615,
  "fd_num": 2,
  "fd_perc": 0.6688963210702341,
  "fwhm_avg": 2.0006757896343967,
  "fwhm_x": 1.9576066666666667,
  "fwhm_y": 2.22976,
  "fwhm_z": 1.8146607022365238,
  "gcor": 0.112265,
  "gsr_x": -0.011116073466837406,
  "gsr_y": 0.019937604665756226,
  "provenance": {
    "md5sum": "9460577f2bfe7d13592d2b8ec2eea57d",
    "settings": {
      "fd_thres": 0.5,
      "testing": false
    },
    "software": "mriqc",
    "version": "22.0.0rc1",
    "webapi_port": null,
    "webapi_url": "https://mriqc.nimh.nih.gov/api/v1"
  },
  "size_t": 299,
  "size_x": 80,
  "size_y": 80,
  "size_z": 37,
  "snr": 5.29138685602952,
  "spacing_tr": 2.0000016689300537,
  "spacing_x": 3.0,
  "spacing_y": 3.0,
  "spacing_z": 3.3299999237060547,
  "summary_bg_k": 60.909387802651246,
  "summary_bg_mad": 221.3835541117449,
  "summary_bg_mean": 1519.897705078125,
  "summary_bg_median": 187.81463623046875,
  "summary_bg_n": 159694.0,
  "summary_bg_p05": 11.205004358291626,
  "summary_bg_p95": 7410.078344726565,
  "summary_bg_stdv": 4336.27294921875,
  "summary_fg_k": 1.769905968797623,
  "summary_fg_mad": 10347.222772616038,
  "summary_fg_mean": 62386.97265625,
  "summary_fg_median": 61939.0859375,
  "summary_fg_n": 35778.0,
  "summary_fg_p05": 44345.719140625,
  "summary_fg_p95": 81670.29375000001,
  "summary_fg_stdv": 11705.4794921875,
  "tsnr": 47.428123474121094
}