{
  "aor": 0.002898666666666667,
  "aqi": 0.005414696566666668,
  "bids_meta": {
    "AcquisitionMatrixPE": 70,
    "AcquisitionNumber": 3,
    "AcquisitionTime": "08:26:22.000000",
    "CoilString": "MULTI_COIL",
    "ConversionSoftware": "dcm2niix",
    "ConversionSoftwareVersion": "v1.0.20190410  (JP2:OpenJPEG) GCC6.3.0",
    "Dcm2bidsVersion": "2.1.4",
    "DeviceSerialNumber": "42451",
    "EchoTime": 0.03,
    "EchoTrainLength": 35,
    "EffectiveEchoSpacing": 0.000698,
    "FlipAngle": 75,
    "ImageOrientationPatientDICOM": [
      0.999991,
      0.00421785,
      0.000549588,
      -0.00421879,
      0.99999,
      0.001719
    ],
    "ImageType": [
      "ORIGINAL",
      "PRIMARY",
      "M",
      "FFE",
      "M",
      "FFE"
    ],
    "ImagingFrequency": 127.766,
    "InPlanePhaseEncodingDirectionDICOM": "COL",
    "InstitutionAddress": "Calzada_Mexico_Xochimilco_No.101_Tlalpan",
    "InstitutionName": "I.N._Psiquiatria",
    "InstitutionalDepartmentName": "Imagenes_Cerebrales",
    "MRAcquisitionType": "2D",
    "MagneticFieldStrength": 3,
    "Manufacturer": "Philips",
    "ManufacturersModelName": "Ingenia",
    "Modality": "MR",
    "PartialFourier": 0.5,
    "PatientPosition": "HFS",
    "PercentPhaseFOV": 100,
    "PhaseEncodingAxis": "j",
    "PhaseEncodingDirection": "j-",
    "PhaseEncodingSteps": 70,
    "PhilipsRescaleIntercept": 0,
    "PhilipsRescaleSlope": 0.897436,
    "PhilipsScaleSlope": 0.0790095,
    "PixelBandwidth": 1819,
    "ProcedureStepDescription": "EDUARDO_TLP",
    "ProtocolName": "WIP_FE_EPI_32chSHC_AP_SENSE",
    "ReconMatrixPE": 80,
    "RepetitionTime": 2,
    "SAR": 0.119138,
    "ScanOptions": "FS",
    "ScanningSequence": "GR",
    "SequenceVariant": "SK",
    "SeriesDescription": "FE_EPI_32chSHC_AP",
    "SeriesNumber": 301,
    "SliceThickness": 3.33,
    "SliceTiming": [
      0.0,
      1.027027,
      0.054054,
      1.081081,
      0.108108,
      1.135135,
      0.162162,
      1.189189,
      0.216216,
      1.243244,
      0.27027,
      1.297298,
      0.324324,
      1.351352,
      0.378378,
      1.405406,
      0.432432,
      1.45946,
      0.486486,
      1.513514,
      0.540541,
      1.567568,
      0.594595,
      1.621622,
      0.648649,
      1.675676,
      0.702703,
      1.72973,
      0.756757,
      1.783784,
      0.810811,
      1.837838,
      0.864865,
      1.891892,
      0.918919,
      1.945947,
      0.972973
    ],
    "SoftwareVersions": "5.1.7_5.1.7.2",
    "SpacingBetweenSlices": 3.33,
    "StationName": "INGENIA",
    "TaskName": "rest",
    "TotalReadoutTime": 0.04884,
    "UsePhilipsFloatNotDisplayScaling": 1,
    "dataset": "<unset>",
    "modality": "bold",
    "session_id": "t1",
    "subject_id": "015",
    "task_id": "rest"
  },
  "dummy_trs": 0,
  "dvars_nstd": 16.8629499293311,
  "dvars_std": 1.1310086116053508,
  "dvars_vstd": 1.0064431714381272,
  "efc": 0.3822636449500773,
  "fber": 278629.15625,
  "fd_mean": 0.13762516788219786,
  "fd_num": 1,
  "fd_perc": 0.3333333333333333,
  "fwhm_avg": 1.968669183136085,
  "fwhm_x": 1.9724766666666669,
  "fwhm_y": 2.10469,
  "fwhm_z": 1.8288408827415874,
  "gcor": 0.0195982,
  "gsr_x": -0.008457568474113941,
  "gsr_y": 0.0048756105825304985,
  "provenance": {
    "md5sum": "0bcf14c0bae9e61e965271a43133730b",
    "settings": {
      "fd_thres": 0.5,
      "testing": false
    },
    "software": "mriqc",
    "version": "22.0.0rc1",
    "webapi_port": null,
    "webapi_url": "https://mriqc.nimh.nih.gov/api/v1"
  },
  "size_t": 300,
  "size_x": 80,
  "size_y": 80,
  "size_z": 37,
  "snr": 5.9605603976332056,
  "spacing_tr": 2.0000016689300537,
  "spacing_x": 3.0,
  "spacing_y": 3.0,
  "spacing_z": 3.3299999237060547,
  "summary_bg_k": 97.63874003316582,
  "summary_bg_mad": 44.04822366801114,
  "summary_bg_mean": 421.93048095703125,
  "summary_bg_median": 38.2791748046875,
  "summary_bg_n": 170193.0,
  "summary_bg_p05": 3.1587724685668945,
  "summary_bg_p95": 1955.059643554685,
  "summary_bg_stdv": 1259.90234375,
  "summary_fg_k": 1.3496753644449004,
  "summary_fg_mad": 3026.839570255133,
  "summary_fg_mean": 20741.29296875,
  "summary_fg_median": 20773.70703125,
  "summary_fg_n": 27239.0,
  "summary_fg_p05": 14911.166015625,
  "summary_fg_p95": 26334.641796874992,
  "summary_fg_stdv": 3485.129638671875,
  "tsnr": 83.07817077636719
}