{
  "bids_meta": {
    "AcquisitionMatrixPE": 240,
    "AcquisitionTime": "11:09:37.460000",
    "CoilString": "MULTI_COIL",
    "ConversionSoftware": "dcm2niix",
    "ConversionSoftwareVersion": "v1.0.20190410  (JP2:OpenJPEG) GCC6.3.0",
    "Dcm2bidsVersion": "2.1.4",
    "DeviceSerialNumber": "42451",
    "EchoTime": 0.003501,
    "EchoTrainLength": 240,
    "FlipAngle": 8,
    "ImageOrientationPatientDICOM": [
      -0.0139662,
      0.999879,
      0.00684701,
      -0.00233548,
      0.00681504,
      -0.999974
    ],
    "ImageType": [
      "ORIGINAL",
      "PRIMARY",
      "M",
      "FFE",
      "M",
      "FFE"
    ],
    "ImagingFrequency": 127.766,
    "InPlanePhaseEncodingDirectionDICOM": "ROW",
    "InstitutionAddress": "Calzada_Mexico_Xochimilco_No.101_Tlalpan",
    "InstitutionName": "I.N._Psiquiatria",
    "InstitutionalDepartmentName": "Imagenes_Cerebrales",
    "MRAcquisitionType": "3D",
    "MagneticFieldStrength": 3,
    "Manufacturer": "Philips",
    "ManufacturersModelName": "Ingenia",
    "Modality": "MR",
    "PatientPosition": "HFS",
    "PercentPhaseFOV": 100,
    "PhaseEncodingSteps": 240,
    "PhilipsRescaleIntercept": 0,
    "PhilipsRescaleSlope": 11.2484,
    "PhilipsScaleSlope": 0.00575588,
    "PixelBandwidth": 310,
    "ProcedureStepDescription": "EDUARDO_TMS",
    "ProtocolName": "WIP_sT1W_3D_TFE_32_channel_SENSE",
    "ReconMatrixPE": 240,
    "RepetitionTime": 0.007,
    "SAR": 0.0382114,
    "ScanOptions": "OTHER",
    "ScanningSequence": "GR",
    "SequenceVariant": "MP",
    "SeriesDescription": "sT1W_3D_TFE_32_channel",
    "SeriesNumber": 401,
    "SliceThickness": 1,
    "SoftwareVersions": "2.6.3_5.1.7.2",
    "SpacingBetweenSlices": 1,
    "StationName": "INGENIA",
    "UsePhilipsFloatNotDisplayScaling": 1,
    "dataset": "<unset>",
    "modality": "T1w",
    "session_id": "t1",
    "subject_id": "001"
  },
  "cjv": 0.51148473724543,
  "cnr": 2.553922918008352,
  "efc": 0.8180369598633674,
  "fber": 529.941755740393,
  "fwhm_avg": 4.302896666666666,
  "fwhm_x": 4.21453,
  "fwhm_y": 4.58842,
  "fwhm_z": 4.10574,
  "icvs_csf": 0.20291206619779267,
  "icvs_gm": 0.42848510592118677,
  "icvs_wm": 0.36860282788102056,
  "inu_med": 1.240441083908081,
  "inu_range": 0.5823991686105728,
  "provenance": {
    "md5sum": "ebda7ea2214e6d1b08153003f082731b",
    "settings": {
      "testing": false
    },
    "software": "mriqc",
    "version": "21.0.0rc2",
    "warnings": {
      "large_rot_frame": true,
      "small_air_mask": true
    },
    "webapi_port": null,
    "webapi_url": "https://mriqc.nimh.nih.gov/api/v1"
  },
  "qi_1": 0.0,
  "qi_2": 0.00018818486254234583,
  "rpve_csf": 22.420069548371895,
  "rpve_gm": 11.367962741564211,
  "rpve_wm": 15.557966815588534,
  "size_x": 180,
  "size_y": 240,
  "size_z": 240,
  "snr_csf": 3.4143413747394438,
  "snr_gm": 10.345646602991469,
  "snr_total": 11.442395538241259,
  "snr_wm": 20.567198636992867,
  "snrd_csf": 17.882224227173662,
  "snrd_gm": 33.4848944736329,
  "snrd_total": 31.609815199240103,
  "snrd_wm": 43.462326896913744,
  "spacing_x": 1.0,
  "spacing_y": 1.0,
  "spacing_z": 1.0,
  "summary_bg_k": 1.8808557197290803,
  "summary_bg_mad": 15.0742689859032,
  "summary_bg_mean": 18.705574397301064,
  "summary_bg_median": 20.536614764481783,
  "summary_bg_n": 142197.0,
  "summary_bg_p05": 0.0,
  "summary_bg_p95": 42.001210156828165,
  "summary_bg_stdv": 13.045599123664964,
  "summary_csf_k": 2.700923496085762,
  "summary_csf_mad": 106.2975237617063,
  "summary_csf_mean": 433.53668523278236,
  "summary_csf_median": 411.45854099839926,
  "summary_csf_n": 25352.0,
  "summary_csf_p05": 275.73128742724657,
  "summary_csf_p95": 656.162997867912,
  "summary_csf_stdv": 120.50652844779675,
  "summary_gm_k": 0.27861778381305236,
  "summary_gm_mad": 71.84205179392755,
  "summary_gm_mean": 777.5433598267371,
  "summary_gm_median": 770.4660030305386,
  "summary_gm_n": 33867.0,
  "summary_gm_p05": 668.6423199634999,
  "summary_gm_p95": 912.608427029103,
  "summary_gm_stdv": 74.47138469291484,
  "summary_wm_k": 0.4520754670732843,
  "summary_wm_mad": 45.58171812404063,
  "summary_wm_mean": 1000.88412047725,
  "summary_wm_median": 1000.0403409674764,
  "summary_wm_n": 229716.0,
  "summary_wm_p05": 921.6058044210076,
  "summary_wm_p95": 1081.9850651063025,
  "summary_wm_stdv": 48.622964261060154,
  "tpm_overlap_csf": 0.16507956385612488,
  "tpm_overlap_gm": 0.46317505836486816,
  "tpm_overlap_wm": 0.4999404847621918,
  "wm2max": 0.6257194710476529
}