{
  "aor": 0.002401766666666667,
  "aqi": 0.010728538366666667,
  "bids_meta": {
    "AcquisitionMatrixPE": 70,
    "AcquisitionNumber": 3,
    "AcquisitionTime": "07:40:59.150000",
    "BodyPartExamined": "BRAIN",
    "CoilString": "MULTI_COIL",
    "ConversionSoftware": "dcm2niix",
    "ConversionSoftwareVersion": "v1.0.20190410  (JP2:OpenJPEG) GCC6.3.0",
    "Dcm2bidsVersion": "2.1.4",
    "DeviceSerialNumber": "42451",
    "EchoTime": 0.03,
    "EchoTrainLength": 35,
    "EffectiveEchoSpacing": 0.000698,
    "FlipAngle": 75,
    "ImageOrientationPatientDICOM": [
      1,
      -0.000115917,
      0.000504247,
      0.000114917,
      0.999998,
      0.00198207
    ],
    "ImageType": [
      "ORIGINAL",
      "PRIMARY",
      "M",
      "FFE",
      "M",
      "FFE"
    ],
    "ImagingFrequency": 127.759,
    "InPlanePhaseEncodingDirectionDICOM": "COL",
    "InstitutionAddress": "Calzada_Mexico_Xochimilco_No.101_Tlalpan",
    "InstitutionName": "I.N._Psiquiatria",
    "InstitutionalDepartmentName": "Imagenes_Cerebrales",
    "MRAcquisitionType": "2D",
    "MagneticFieldStrength": 3,
    "Manufacturer": "Philips",
    "ManufacturersModelName": "Ingenia",
    "Modality": "MR",
    "PartialFourier": 0.5,
    "PatientPosition": "HFS",
    "PercentPhaseFOV": 100,
    "PhaseEncodingAxis": "j",
    "PhaseEncodingDirection": "j-",
    "PhaseEncodingSteps": 70,
    "PhilipsRescaleIntercept": 0,
    "PhilipsRescaleSlope": 0.773382,
    "PhilipsScaleSlope": 0.0231091,
    "PixelBandwidth": 1819,
    "ProcedureStepDescription": "PROTOCOLO_EDUARDO_TMS",
    "ProtocolName": "WIP_FE_EPI_32chSHC_AP",
    "ReconMatrixPE": 80,
    "RepetitionTime": 2,
    "SAR": 0.119138,
    "ScanOptions": "FS",
    "ScanningSequence": "GR",
    "SequenceVariant": "SK",
    "SeriesDescription": "FE_EPI_32chSHC_AP",
    "SeriesNumber": 301,
    "SliceThickness": 3.33,
    "SliceTiming": [
      0.0,
      1.027027,
      0.054054,
      1.081081,
      0.108108,
      1.135135,
      0.162162,
      1.189189,
      0.216216,
      1.243244,
      0.27027,
      1.297298,
      0.324324,
      1.351352,
      0.378378,
      1.405406,
      0.432432,
      1.45946,
      0.486486,
      1.513514,
      0.540541,
      1.567568,
      0.594595,
      1.621622,
      0.648649,
      1.675676,
      0.702703,
      1.72973,
      0.756757,
      1.783784,
      0.810811,
      1.837838,
      0.864865,
      1.891892,
      0.918919,
      1.945947,
      0.972973
    ],
    "SoftwareVersions": "5.3.1_5.3.1.0",
    "SpacingBetweenSlices": 3.33,
    "StationName": "PHILIPS-CTMFQSD",
    "TaskName": "rest",
    "TotalReadoutTime": 0.04884,
    "UsePhilipsFloatNotDisplayScaling": 1,
    "dataset": "<unset>",
    "modality": "bold",
    "session_id": "t1",
    "subject_id": "047",
    "task_id": "rest"
  },
  "dummy_trs": 0,
  "dvars_nstd": 23.118962814113704,
  "dvars_std": 1.1533027209364553,
  "dvars_vstd": 0.9998767759866218,
  "efc": 0.42069914932800584,
  "fber": 69553.921875,
  "fd_mean": 0.11703258268203916,
  "fd_num": 0,
  "fd_perc": 0.0,
  "fwhm_avg": 2.040590795484681,
  "fwhm_x": 1.96974,
  "fwhm_y": 2.22669,
  "fwhm_z": 1.925342386454044,
  "gcor": 0.184819,
  "gsr_x": -0.012668688781559467,
  "gsr_y": 0.023103628307580948,
  "provenance": {
    "md5sum": "a1b02e09a34ba01eff6fd91c8a17d22f",
    "settings": {
      "fd_thres": 0.5,
      "testing": false
    },
    "software": "mriqc",
    "version": "22.0.0rc1",
    "webapi_port": null,
    "webapi_url": "https://mriqc.nimh.nih.gov/api/v1"
  },
  "size_t": 300,
  "size_x": 80,
  "size_y": 80,
  "size_z": 37,
  "snr": 5.543323213481861,
  "spacing_tr": 2.0000016689300537,
  "spacing_x": 3.0,
  "spacing_y": 3.0,
  "spacing_z": 3.3299999237060547,
  "summary_bg_k": 96.08549947040676,
  "summary_bg_mad": 295.7354326795838,
  "summary_bg_mean": 1732.146484375,
  "summary_bg_median": 240.1138916015625,
  "summary_bg_n": 163130.0,
  "summary_bg_p05": 15.17159824371338,
  "summary_bg_p95": 8259.497509765619,
  "summary_bg_stdv": 4815.34814453125,
  "summary_fg_k": 1.5194986496020153,
  "summary_fg_mad": 10221.221853995268,
  "summary_fg_mean": 66252.0546875,
  "summary_fg_median": 66246.9921875,
  "summary_fg_n": 32618.0,
  "summary_fg_p05": 47021.975,
  "summary_fg_p95": 85921.675390625,
  "summary_fg_stdv": 11950.5888671875,
  "tsnr": 47.27400207519531
}