{
  "aor": 0.004001466666666667,
  "aqi": 0.01758265486666667,
  "bids_meta": {
    "AcquisitionMatrixPE": 70,
    "AcquisitionTime": "12:37:50.810000",
    "CoilString": "MULTI_COIL",
    "ConversionSoftware": "dcm2niix",
    "ConversionSoftwareVersion": "v1.0.20190410  (JP2:OpenJPEG) GCC6.3.0",
    "Dcm2bidsVersion": "2.1.4",
    "DeviceSerialNumber": "42451",
    "EchoTime": 0.03,
    "EchoTrainLength": 35,
    "EffectiveEchoSpacing": 0.000576,
    "FlipAngle": 75,
    "ImageOrientationPatientDICOM": [
      1,
      9.75794e-05,
      8.86017e-05,
      -9.3769e-05,
      0.999116,
      -0.042032
    ],
    "ImageType": [
      "ORIGINAL",
      "PRIMARY",
      "M",
      "FFE",
      "M",
      "FFE"
    ],
    "ImagingFrequency": 127.766,
    "InPlanePhaseEncodingDirectionDICOM": "COL",
    "InstitutionAddress": "Calzada_Mexico_Xochimilco_No.101_Tlalpan",
    "InstitutionName": "I.N._Psiquiatria",
    "InstitutionalDepartmentName": "Imagenes_Cerebrales",
    "MagneticFieldStrength": 3,
    "Manufacturer": "Philips",
    "ManufacturersModelName": "Ingenia",
    "Modality": "MR",
    "PartialFourier": 0.5,
    "PatientPosition": "HFS",
    "PercentPhaseFOV": 100,
    "PhaseEncodingAxis": "j",
    "PhaseEncodingDirection": "j-",
    "PhaseEncodingSteps": 70,
    "PhilipsRescaleIntercept": 0,
    "PhilipsRescaleSlope": 0.755556,
    "PhilipsScaleSlope": 0.0572371,
    "PixelBandwidth": 2308,
    "ProcedureStepDescription": "EDUARDO_TMS",
    "ProtocolName": "WIP_FE_EPI_32chSHC_AP_SENSE",
    "ReconMatrixPE": 80,
    "RepetitionTime": 2,
    "SAR": 0.126769,
    "ScanOptions": "FS",
    "ScanningSequence": "GR",
    "SequenceVariant": "SK",
    "SeriesDescription": "FE_EPI_32chSHC_AP",
    "SeriesNumber": 301,
    "SliceThickness": 3.3,
    "SliceTiming": [
      0.0,
      1.025641,
      0.051282,
      1.076923,
      0.102564,
      1.128205,
      0.153846,
      1.179487,
      0.205128,
      1.230769,
      0.25641,
      1.282052,
      0.307692,
      1.333334,
      0.358974,
      1.384616,
      0.410256,
      1.435898,
      0.461538,
      1.48718,
      0.51282,
      1.538462,
      0.564102,
      1.589744,
      0.615385,
      1.641026,
      0.666667,
      1.692308,
      0.717949,
      1.74359,
      0.769231,
      1.794873,
      0.820513,
      1.846155,
      0.871795,
      1.897437,
      0.923077,
      1.948719,
      0.974359
    ],
    "SoftwareVersions": "2.6.3_5.1.7.2",
    "SpacingBetweenSlices": 3.3,
    "StationName": "INGENIA",
    "TaskName": "rest",
    "TotalReadoutTime": 0.04033,
    "UsePhilipsFloatNotDisplayScaling": 1,
    "dataset": "<unset>",
    "modality": "bold",
    "session_id": "t0",
    "subject_id": "004",
    "task_id": "rest"
  },
  "dummy_trs": 0,
  "dvars_nstd": 42.99837607461541,
  "dvars_std": 1.2940169526086949,
  "dvars_vstd": 0.9888965262876251,
  "efc": 0.4284997714763416,
  "fber": 97583.2109375,
  "fd_mean": 0.47556205937455204,
  "fd_num": 104,
  "fd_perc": 34.666666666666664,
  "fwhm_avg": 2.0882358683633853,
  "fwhm_x": 1.99875,
  "fwhm_y": 2.2359666666666667,
  "fwhm_z": 2.0299909384234884,
  "gcor": 0.0664313,
  "gsr_x": -0.008850092068314552,
  "gsr_y": 0.014188464730978012,
  "provenance": {
    "md5sum": "289aec6e9a27f3ebbbc63b33e12430d5",
    "settings": {
      "fd_thres": 0.5,
      "testing": false
    },
    "software": "mriqc",
    "version": "22.0.0rc1",
    "webapi_port": null,
    "webapi_url": "https://mriqc.nimh.nih.gov/api/v1"
  },
  "size_t": 300,
  "size_x": 80,
  "size_y": 80,
  "size_z": 39,
  "snr": 4.078214175907726,
  "spacing_tr": 1.9999991655349731,
  "spacing_x": 3.0,
  "spacing_y": 3.0,
  "spacing_z": 3.299999952316284,
  "summary_bg_k": 108.20628274308534,
  "summary_bg_mad": 78.24241989668869,
  "summary_bg_mean": 512.4119873046875,
  "summary_bg_median": 71.24087524414062,
  "summary_bg_n": 168368.0,
  "summary_bg_p05": 11.843845891952515,
  "summary_bg_p95": 2291.5433105468733,
  "summary_bg_stdv": 1247.036865234375,
  "summary_fg_k": 2.414910725009327,
  "summary_fg_mad": 3865.3437874587075,
  "summary_fg_mean": 23362.044921875,
  "summary_fg_median": 22427.244140625,
  "summary_fg_n": 38920.0,
  "summary_fg_p05": 16506.2990234375,
  "summary_fg_p95": 35198.257421874914,
  "summary_fg_stdv": 5499.2099609375,
  "tsnr": 38.706214904785156
}