{
  "aor": 0.0014679333333333334,
  "aqi": 0.02275110933333333,
  "bids_meta": {
    "AcquisitionMatrixPE": 70,
    "AcquisitionNumber": 3,
    "AcquisitionTime": "09:55:18.940000",
    "BodyPartExamined": "BRAIN",
    "CoilString": "MULTI_COIL",
    "ConversionSoftware": "dcm2niix",
    "ConversionSoftwareVersion": "v1.0.20190410  (JP2:OpenJPEG) GCC6.3.0",
    "Dcm2bidsVersion": "2.1.4",
    "DeviceSerialNumber": "42451",
    "EchoTime": 0.03,
    "EchoTrainLength": 35,
    "EffectiveEchoSpacing": 0.000698,
    "FlipAngle": 75,
    "ImageOrientationPatientDICOM": [
      0.999673,
      -0.000185306,
      0.0255786,
      0.000233783,
      0.999998,
      -0.00189226
    ],
    "ImageType": [
      "ORIGINAL",
      "PRIMARY",
      "M",
      "FFE",
      "M",
      "FFE"
    ],
    "ImagingFrequency": 127.759,
    "InPlanePhaseEncodingDirectionDICOM": "COL",
    "InstitutionAddress": "Calzada_Mexico_Xochimilco_No.101_Tlalpan",
    "InstitutionName": "I.N._Psiquiatria",
    "InstitutionalDepartmentName": "Imagenes_Cerebrales",
    "MRAcquisitionType": "2D",
    "MagneticFieldStrength": 3,
    "Manufacturer": "Philips",
    "ManufacturersModelName": "Ingenia",
    "Modality": "MR",
    "PartialFourier": 0.5,
    "PatientPosition": "HFS",
    "PercentPhaseFOV": 100,
    "PhaseEncodingAxis": "j",
    "PhaseEncodingDirection": "j-",
    "PhaseEncodingSteps": 70,
    "PhilipsRescaleIntercept": 0,
    "PhilipsRescaleSlope": 0.817094,
    "PhilipsScaleSlope": 0.0290739,
    "PixelBandwidth": 1819,
    "ProcedureStepDescription": "PROTOCOLO_EDUARDO_TMS",
    "ProtocolName": "WIP_FE_EPI_32chSHC_AP",
    "ReconMatrixPE": 80,
    "RepetitionTime": 2,
    "SAR": 0.119138,
    "ScanOptions": "FS",
    "ScanningSequence": "GR",
    "SequenceVariant": "SK",
    "SeriesDescription": "FE_EPI_32chSHC_AP",
    "SeriesNumber": 301,
    "SliceThickness": 3.33,
    "SliceTiming": [
      0.0,
      1.027027,
      0.054054,
      1.081081,
      0.108108,
      1.135135,
      0.162162,
      1.189189,
      0.216216,
      1.243244,
      0.27027,
      1.297298,
      0.324324,
      1.351352,
      0.378378,
      1.405406,
      0.432432,
      1.45946,
      0.486486,
      1.513514,
      0.540541,
      1.567568,
      0.594595,
      1.621622,
      0.648649,
      1.675676,
      0.702703,
      1.72973,
      0.756757,
      1.783784,
      0.810811,
      1.837838,
      0.864865,
      1.891892,
      0.918919,
      1.945947,
      0.972973
    ],
    "SoftwareVersions": "5.3.1_5.3.1.0",
    "SpacingBetweenSlices": 3.33,
    "StationName": "PHILIPS-CTMFQSD",
    "TaskName": "rest",
    "TotalReadoutTime": 0.04884,
    "UsePhilipsFloatNotDisplayScaling": 1,
    "dataset": "<unset>",
    "modality": "bold",
    "session_id": "t14",
    "subject_id": "045",
    "task_id": "rest"
  },
  "dummy_trs": 0,
  "dvars_nstd": 25.86106817702343,
  "dvars_std": 1.1244274650167227,
  "dvars_vstd": 0.9265097408361208,
  "efc": 0.37723039807597736,
  "fber": 125908.21875,
  "fd_mean": 0.1461200637676475,
  "fd_num": 7,
  "fd_perc": 2.3333333333333335,
  "fwhm_avg": 1.9775828498354153,
  "fwhm_x": 1.9224134861130306,
  "fwhm_y": 2.22744,
  "fwhm_z": 1.782895063393215,
  "gcor": 0.0152615,
  "gsr_x": -0.02552414871752262,
  "gsr_y": 0.014962521381676197,
  "provenance": {
    "md5sum": "e7546ef03efd4cbd271455112479a3db",
    "settings": {
      "fd_thres": 0.5,
      "testing": false
    },
    "software": "mriqc",
    "version": "22.0.0rc1",
    "webapi_port": null,
    "webapi_url": "https://mriqc.nimh.nih.gov/api/v1"
  },
  "size_t": 300,
  "size_x": 80,
  "size_y": 80,
  "size_z": 37,
  "snr": 5.191426173351397,
  "spacing_tr": 2.0000016689300537,
  "spacing_x": 2.999999761581421,
  "spacing_y": 3.0,
  "spacing_z": 3.3299996852874756,
  "summary_bg_k": 88.55878447158254,
  "summary_bg_mad": 171.3618592326306,
  "summary_bg_mean": 1182.1737060546875,
  "summary_bg_median": 144.56094360351562,
  "summary_bg_n": 171847.0,
  "summary_bg_p05": 15.580664157867433,
  "summary_bg_p95": 4984.0924804687465,
  "summary_bg_stdv": 3449.570068359375,
  "summary_fg_k": 2.3543792106107215,
  "summary_fg_mad": 8522.449282333651,
  "summary_fg_mean": 53428.59375,
  "summary_fg_median": 52645.35546875,
  "summary_fg_n": 25961.0,
  "summary_fg_p05": 38434.1484375,
  "summary_fg_p95": 70557.609375,
  "summary_fg_stdv": 10140.6318359375,
  "tsnr": 35.54233169555664
}