{
  "bids_meta": {
    "AcquisitionMatrixPE": 240,
    "AcquisitionNumber": 4,
    "AcquisitionTime": "10:32:8.850000",
    "BodyPartExamined": "BRAIN",
    "CoilString": "MULTI_COIL",
    "ConversionSoftware": "dcm2niix",
    "ConversionSoftwareVersion": "v1.0.20190410  (JP2:OpenJPEG) GCC6.3.0",
    "Dcm2bidsVersion": "2.1.4",
    "DeviceSerialNumber": "42451",
    "EchoTime": 0.0035,
    "EchoTrainLength": 240,
    "FlipAngle": 8,
    "ImageOrientationPatientDICOM": [
      -0.0042193,
      0.999989,
      0.00180664,
      0.000620459,
      0.00180927,
      -0.999998
    ],
    "ImageType": [
      "ORIGINAL",
      "PRIMARY",
      "M",
      "FFE",
      "M",
      "FFE"
    ],
    "ImagingFrequency": 127.759,
    "InPlanePhaseEncodingDirectionDICOM": "ROW",
    "InstitutionAddress": "Calzada_Mexico_Xochimilco_No.101_Tlalpan",
    "InstitutionName": "I.N._Psiquiatria",
    "InstitutionalDepartmentName": "Imagenes_Cerebrales",
    "MRAcquisitionType": "3D",
    "MagneticFieldStrength": 3,
    "Manufacturer": "Philips",
    "ManufacturersModelName": "Ingenia",
    "Modality": "MR",
    "PatientPosition": "HFS",
    "PercentPhaseFOV": 100,
    "PhaseEncodingSteps": 240,
    "PhilipsRescaleIntercept": 0,
    "PhilipsRescaleSlope": 3.56752,
    "PhilipsScaleSlope": 0.00587794,
    "PixelBandwidth": 310,
    "ProcedureStepDescription": "PROTOCOLO_EDUARDO_TMS",
    "ProtocolName": "WIP_sT1W_3D_TFE_32_channel",
    "ReconMatrixPE": 240,
    "RepetitionTime": 0.007,
    "SAR": 0.0382114,
    "ScanOptions": "OTHER",
    "ScanningSequence": "GR",
    "SequenceVariant": "MP",
    "SeriesDescription": "sT1W_3D_TFE_32_channel",
    "SeriesNumber": 401,
    "SliceThickness": 1,
    "SoftwareVersions": "5.3.1_5.3.1.0",
    "SpacingBetweenSlices": 1,
    "StationName": "PHILIPS-CTMFQSD",
    "UsePhilipsFloatNotDisplayScaling": 1,
    "dataset": "<unset>",
    "modality": "T1w",
    "session_id": "t0",
    "subject_id": "047"
  },
  "cjv": 0.4547784765646295,
  "cnr": 2.7384682464145937,
  "efc": 0.7333671890976203,
  "fber": 11790.070171530408,
  "fwhm_avg": 4.05712,
  "fwhm_x": 3.90401,
  "fwhm_y": 4.36817,
  "fwhm_z": 3.89918,
  "icvs_csf": 0.20560062506775692,
  "icvs_gm": 0.40275778034367277,
  "icvs_wm": 0.3916415945885703,
  "inu_med": 1.777625322341919,
  "inu_range": 0.6689118146896362,
  "provenance": {
    "md5sum": "7a9957fc39c9b95b8b4de01a13bd1646",
    "settings": {
      "testing": false
    },
    "software": "mriqc",
    "version": "21.0.0rc2",
    "warnings": {
      "large_rot_frame": true,
      "small_air_mask": false
    },
    "webapi_port": null,
    "webapi_url": "https://mriqc.nimh.nih.gov/api/v1"
  },
  "qi_1": 0.0,
  "qi_2": 0.0001125501050199637,
  "rpve_csf": 23.27451095789326,
  "rpve_gm": 12.375583660183036,
  "rpve_wm": 15.537920328122853,
  "size_x": 180,
  "size_y": 240,
  "size_z": 240,
  "snr_csf": 3.529254005402993,
  "snr_gm": 10.959823540297224,
  "snr_total": 13.559374585076107,
  "snr_wm": 26.1890462095281,
  "snrd_csf": 58.45383589701657,
  "snrd_gm": 112.35034350735387,
  "snrd_total": 105.07796436006248,
  "snrd_wm": 144.429713675817,
  "spacing_x": 1.0,
  "spacing_y": 1.0,
  "spacing_z": 1.0,
  "summary_bg_k": 682.2652494740973,
  "summary_bg_mad": 4.536021953492786,
  "summary_bg_mean": 7.2253996211212845,
  "summary_bg_median": 3.059500314295292,
  "summary_bg_n": 542792.0,
  "summary_bg_p05": 0.0,
  "summary_bg_p95": 24.61299506574869,
  "summary_bg_stdv": 9.110946958712884,
  "summary_csf_k": 1.1591200483491786,
  "summary_csf_mad": 101.89123940308423,
  "summary_csf_mean": 431.332002586162,
  "summary_csf_median": 404.7216609790921,
  "summary_csf_n": 24440.0,
  "summary_csf_p05": 286.0861114785075,
  "summary_csf_p95": 644.004267276451,
  "summary_csf_stdv": 114.67391702942435,
  "summary_gm_k": 0.3792294596192778,
  "summary_gm_mad": 66.34778379735717,
  "summary_gm_mean": 783.6095663802859,
  "summary_gm_median": 777.8893709555268,
  "summary_gm_n": 22186.0,
  "summary_gm_p05": 678.2044577300549,
  "summary_gm_p95": 912.233399681747,
  "summary_gm_stdv": 70.97485071829567,
  "summary_wm_k": 1.157063560764695,
  "summary_wm_mad": 34.66333194310905,
  "summary_wm_mean": 1000.4098942697599,
  "summary_wm_median": 999.9999609366059,
  "summary_wm_n": 236034.0,
  "summary_wm_p05": 938.5816337317228,
  "summary_wm_p95": 1062.9708703905344,
  "summary_wm_stdv": 38.18382061702355,
  "tpm_overlap_csf": 0.16816386580467224,
  "tpm_overlap_gm": 0.4498858153820038,
  "tpm_overlap_wm": 0.5062163472175598,
  "wm2max": 0.5683918189368771
}