{
  "bids_meta": {
    "AcquisitionMatrixPE": 240,
    "AcquisitionTime": "08:51:45.160000",
    "CoilString": "MULTI_COIL",
    "ConversionSoftware": "dcm2niix",
    "ConversionSoftwareVersion": "v1.0.20190410  (JP2:OpenJPEG) GCC6.3.0",
    "Dcm2bidsVersion": "2.1.4",
    "DeviceSerialNumber": "42451",
    "EchoTime": 0.003501,
    "EchoTrainLength": 240,
    "FlipAngle": 8,
    "ImageOrientationPatientDICOM": [
      -0.0877119,
      0.996145,
      0.00148857,
      -0.0165733,
      3.48232e-05,
      -0.999863
    ],
    "ImageType": [
      "ORIGINAL",
      "PRIMARY",
      "M",
      "FFE",
      "M",
      "FFE"
    ],
    "ImagingFrequency": 127.766,
    "InPlanePhaseEncodingDirectionDICOM": "ROW",
    "InstitutionAddress": "Calzada_Mexico_Xochimilco_No.101_Tlalpan",
    "InstitutionName": "I.N._Psiquiatria",
    "InstitutionalDepartmentName": "Imagenes_Cerebrales",
    "MRAcquisitionType": "3D",
    "MagneticFieldStrength": 3,
    "Manufacturer": "Philips",
    "ManufacturersModelName": "Ingenia",
    "Modality": "MR",
    "PatientPosition": "HFS",
    "PercentPhaseFOV": 100,
    "PhaseEncodingSteps": 240,
    "PhilipsRescaleIntercept": 0,
    "PhilipsRescaleSlope": 12.0134,
    "PhilipsScaleSlope": 0.00529202,
    "PixelBandwidth": 310,
    "ProcedureStepDescription": "EDUARDO_TMS",
    "ProtocolName": "WIP_sT1W_3D_TFE_32_channel_SENSE",
    "ReconMatrixPE": 240,
    "RepetitionTime": 0.007,
    "SAR": 0.0382114,
    "ScanOptions": "OTHER",
    "ScanningSequence": "GR",
    "SequenceVariant": "MP",
    "SeriesDescription": "sT1W_3D_TFE_32_channel",
    "SeriesNumber": 501,
    "SliceThickness": 1,
    "SoftwareVersions": "2.6.3_5.1.7.2",
    "SpacingBetweenSlices": 1,
    "StationName": "INGENIA",
    "UsePhilipsFloatNotDisplayScaling": 1,
    "dataset": "<unset>",
    "modality": "T1w",
    "session_id": "t0",
    "subject_id": "001"
  },
  "cjv": 0.467087986546596,
  "cnr": 2.7763319531002435,
  "efc": 0.8144681987525887,
  "fber": 1001.866713823186,
  "fwhm_avg": 4.275316666666667,
  "fwhm_x": 4.19143,
  "fwhm_y": 4.54747,
  "fwhm_z": 4.08705,
  "icvs_csf": 0.20471642397653106,
  "icvs_gm": 0.42456636698596417,
  "icvs_wm": 0.37071720903750477,
  "inu_med": 1.5034730434417725,
  "inu_range": 0.6881577730178832,
  "provenance": {
    "md5sum": "9b2dc16f3f81315c5c82736bd1c4549c",
    "settings": {
      "testing": false
    },
    "software": "mriqc",
    "version": "21.0.0rc2",
    "warnings": {
      "large_rot_frame": true,
      "small_air_mask": true
    },
    "webapi_port": null,
    "webapi_url": "https://mriqc.nimh.nih.gov/api/v1"
  },
  "qi_1": 0.0,
  "qi_2": 0.00017664478804123982,
  "rpve_csf": 21.87203406067057,
  "rpve_gm": 11.224269043535163,
  "rpve_wm": 15.224949356741773,
  "size_x": 180,
  "size_y": 240,
  "size_z": 240,
  "snr_csf": 3.4669108021622206,
  "snr_gm": 10.555762478560748,
  "snr_total": 11.571411105524115,
  "snr_wm": 20.691560035849374,
  "snrd_csf": 17.810762368713693,
  "snrd_gm": 33.90728604541305,
  "snrd_total": 32.15751909035179,
  "snrd_wm": 44.754508856928624,
  "spacing_x": 1.0,
  "spacing_y": 1.0,
  "spacing_z": 1.0,
  "summary_bg_k": 1.314739527718408,
  "summary_bg_mad": 14.638444125017692,
  "summary_bg_mean": 16.460489999151918,
  "summary_bg_median": 10.270404361188412,
  "summary_bg_n": 112338.0,
  "summary_bg_p05": 0.0,
  "summary_bg_p95": 40.138923324644566,
  "summary_bg_stdv": 11.583023905247673,
  "summary_csf_k": 0.6652668689500709,
  "summary_csf_mad": 103.1679290720468,
  "summary_csf_mean": 417.49479733220943,
  "summary_csf_median": 397.9657651260495,
  "summary_csf_n": 24358.0,
  "summary_csf_p05": 264.1453732285649,
  "summary_csf_p95": 631.8531378731132,
  "summary_csf_stdv": 114.78737661674936,
  "summary_gm_k": 0.531066673765018,
  "summary_gm_mad": 66.71893880096003,
  "summary_gm_mean": 763.8424834890142,
  "summary_gm_median": 757.6283796876669,
  "summary_gm_n": 28969.0,
  "summary_gm_p05": 657.2066481560469,
  "summary_gm_p95": 894.6167199835181,
  "summary_gm_stdv": 71.77267436406709,
  "summary_wm_k": 0.34324208874015394,
  "summary_wm_mad": 46.4899331005587,
  "summary_wm_mean": 1000.4363494488038,
  "summary_wm_median": 999.9999995157123,
  "summary_wm_n": 232379.0,
  "summary_wm_p05": 921.4090791866183,
  "summary_wm_p95": 1079.980153284967,
  "summary_wm_stdv": 48.3287797596421,
  "tpm_overlap_csf": 0.16597120463848114,
  "tpm_overlap_gm": 0.4578370749950409,
  "tpm_overlap_wm": 0.4996074438095093,
  "wm2max": 0.5731388272763465
}