{
  "bids_meta": {
    "AcquisitionMatrixPE": 240,
    "AcquisitionTime": "08:55:5.660000",
    "CoilString": "MULTI_COIL",
    "ConversionSoftware": "dcm2niix",
    "ConversionSoftwareVersion": "v1.0.20190410  (JP2:OpenJPEG) GCC6.3.0",
    "Dcm2bidsVersion": "2.1.4",
    "DeviceSerialNumber": "42451",
    "EchoTime": 0.003501,
    "EchoTrainLength": 240,
    "FlipAngle": 8,
    "ImageOrientationPatientDICOM": [
      -0.0624931,
      0.998041,
      0.00281196,
      -0.0152312,
      0.00186344,
      -0.999882
    ],
    "ImageType": [
      "ORIGINAL",
      "PRIMARY",
      "M",
      "FFE",
      "M",
      "FFE"
    ],
    "ImagingFrequency": 127.766,
    "InPlanePhaseEncodingDirectionDICOM": "ROW",
    "InstitutionAddress": "Calzada_Mexico_Xochimilco_No.101_Tlalpan",
    "InstitutionName": "I.N._Psiquiatria",
    "InstitutionalDepartmentName": "Imagenes_Cerebrales",
    "MRAcquisitionType": "3D",
    "MagneticFieldStrength": 3,
    "Manufacturer": "Philips",
    "ManufacturersModelName": "Ingenia",
    "Modality": "MR",
    "PatientPosition": "HFS",
    "PercentPhaseFOV": 100,
    "PhaseEncodingSteps": 240,
    "PhilipsRescaleIntercept": 0,
    "PhilipsRescaleSlope": 11.42,
    "PhilipsScaleSlope": 0.00459006,
    "PixelBandwidth": 310,
    "ProcedureStepDescription": "EDUARDO_TMS",
    "ProtocolName": "WIP_sT1W_3D_TFE_32_channel_SENSE",
    "ReconMatrixPE": 240,
    "RepetitionTime": 0.007,
    "SAR": 0.0382114,
    "ScanOptions": "OTHER",
    "ScanningSequence": "GR",
    "SequenceVariant": "MP",
    "SeriesDescription": "sT1W_3D_TFE_32_channel",
    "SeriesNumber": 401,
    "SliceThickness": 1,
    "SoftwareVersions": "2.6.3_5.1.7.2",
    "SpacingBetweenSlices": 1,
    "StationName": "INGENIA",
    "UsePhilipsFloatNotDisplayScaling": 1,
    "dataset": "<unset>",
    "modality": "T1w",
    "session_id": "t1",
    "subject_id": "004"
  },
  "cjv": 0.43014856280067404,
  "cnr": 3.1003500563522177,
  "efc": 0.8077242259241424,
  "fber": 228.01545129612015,
  "fwhm_avg": 4.15301732520085,
  "fwhm_x": 3.98322,
  "fwhm_y": 4.542882895230066,
  "fwhm_z": 3.932949080372485,
  "icvs_csf": 0.260706655822054,
  "icvs_gm": 0.3831985992169099,
  "icvs_wm": 0.3560947449610361,
  "inu_med": 1.3365148305892944,
  "inu_range": 0.43810780048370357,
  "provenance": {
    "md5sum": "d03e3681c2fb49cc5cc91b717c73ddd0",
    "settings": {
      "testing": false
    },
    "software": "mriqc",
    "version": "21.0.0rc2",
    "warnings": {
      "large_rot_frame": true,
      "small_air_mask": true
    },
    "webapi_port": null,
    "webapi_url": "https://mriqc.nimh.nih.gov/api/v1"
  },
  "qi_1": 0.0,
  "qi_2": 7.270845066737376e-05,
  "rpve_csf": 17.86142966360856,
  "rpve_gm": 11.39198850870231,
  "rpve_wm": 14.576738143125013,
  "size_x": 180,
  "size_y": 240,
  "size_z": 240,
  "snr_csf": 3.8181833427229677,
  "snr_gm": 11.623878622159522,
  "snr_total": 12.65976043946504,
  "snr_wm": 22.537219353512636,
  "snrd_csf": 14.320215494220994,
  "snrd_gm": 33.02069439028741,
  "snrd_total": 30.39082237964165,
  "snrd_wm": 43.83155725441655,
  "spacing_x": 1.0,
  "spacing_y": 0.9999773502349854,
  "spacing_z": 0.9999773502349854,
  "summary_bg_k": 94.07974435209974,
  "summary_bg_mad": 14.947231220909863,
  "summary_bg_mean": 15.984035832569651,
  "summary_bg_median": 10.375041648745537,
  "summary_bg_n": 92752.0,
  "summary_bg_p05": 0.0,
  "summary_bg_p95": 31.434909758716714,
  "summary_bg_stdv": 12.642090852935423,
  "summary_csf_k": 1.9039853520644812,
  "summary_csf_mad": 61.69129976630071,
  "summary_csf_mean": 345.9934165795724,
  "summary_csf_median": 326.72215962409973,
  "summary_csf_n": 91299.0,
  "summary_csf_p05": 243.02526886761189,
  "summary_csf_p95": 523.6683124199507,
  "summary_csf_stdv": 85.56958663190235,
  "summary_gm_k": 0.2001401659604385,
  "summary_gm_mad": 63.97414962549422,
  "summary_gm_mean": 753.3707661363007,
  "summary_gm_median": 753.3819995820522,
  "summary_gm_n": 22277.0,
  "summary_gm_p05": 647.6372287988663,
  "summary_gm_p95": 859.6253589391708,
  "summary_gm_stdv": 64.81185105828604,
  "summary_wm_k": 0.639438631013888,
  "summary_wm_mad": 42.1240152589278,
  "summary_wm_mean": 1000.4789582770528,
  "summary_wm_median": 1000.0366999804974,
  "summary_wm_n": 225019.0,
  "summary_wm_p05": 929.0978109687567,
  "summary_wm_p95": 1073.1019226163626,
  "summary_wm_stdv": 44.37257596758632,
  "tpm_overlap_csf": 0.1625734269618988,
  "tpm_overlap_gm": 0.4145375192165375,
  "tpm_overlap_wm": 0.4736454486846924,
  "wm2max": 0.6122045918710864
}