{
  "bids_meta": {
    "AcquisitionMatrixPE": 240,
    "AcquisitionNumber": 5,
    "AcquisitionTime": "11:29:28.100000",
    "BodyPartExamined": "BRAIN",
    "CoilString": "MULTI_COIL",
    "ConversionSoftware": "dcm2niix",
    "ConversionSoftwareVersion": "v1.0.20190410  (JP2:OpenJPEG) GCC6.3.0",
    "Dcm2bidsVersion": "2.1.4",
    "DeviceSerialNumber": "42451",
    "EchoTime": 0.0035,
    "EchoTrainLength": 240,
    "FlipAngle": 8,
    "ImageOrientationPatientDICOM": [
      -0.0042116,
      0.999984,
      0.00375192,
      -0.00362181,
      0.00373668,
      -0.999986
    ],
    "ImageType": [
      "ORIGINAL",
      "PRIMARY",
      "M",
      "FFE",
      "M",
      "FFE"
    ],
    "ImagingFrequency": 127.76,
    "InPlanePhaseEncodingDirectionDICOM": "ROW",
    "InstitutionAddress": "Calzada_Mexico_Xochimilco_No.101_Tlalpan",
    "InstitutionName": "I.N._Psiquiatria",
    "InstitutionalDepartmentName": "Imagenes_Cerebrales",
    "MRAcquisitionType": "3D",
    "MagneticFieldStrength": 3,
    "Manufacturer": "Philips",
    "ManufacturersModelName": "Ingenia",
    "Modality": "MR",
    "PatientPosition": "HFS",
    "PercentPhaseFOV": 100,
    "PhaseEncodingSteps": 240,
    "PhilipsRescaleIntercept": 0,
    "PhilipsRescaleSlope": 3.81587,
    "PhilipsScaleSlope": 0.00588537,
    "PixelBandwidth": 310,
    "ProcedureStepDescription": "EDUARDO_TMS",
    "ProtocolName": "WIP_sT1W_3D_TFE_32_channel",
    "ReconMatrixPE": 240,
    "RepetitionTime": 0.007,
    "SAR": 0.0382114,
    "ScanOptions": "OTHER",
    "ScanningSequence": "GR",
    "SequenceVariant": "MP",
    "SeriesDescription": "sT1W_3D_TFE_32_channel",
    "SeriesNumber": 501,
    "SliceThickness": 1,
    "SoftwareVersions": "5.3.1_5.3.1.1",
    "SpacingBetweenSlices": 1,
    "StationName": "PHILIPS-CTMFQSD",
    "UsePhilipsFloatNotDisplayScaling": 1,
    "dataset": "<unset>",
    "modality": "T1w",
    "session_id": "t1",
    "subject_id": "018"
  },
  "cjv": 0.6166058132179678,
  "cnr": 2.1275957091243245,
  "efc": 0.7550199822353851,
  "fber": 4018.0173343549855,
  "fwhm_avg": 4.09666,
  "fwhm_x": 4.01268,
  "fwhm_y": 4.38026,
  "fwhm_z": 3.89704,
  "icvs_csf": 0.21131241097719317,
  "icvs_gm": 0.4057825719809839,
  "icvs_wm": 0.38290501704182295,
  "inu_med": 2.0069644451141357,
  "inu_range": 0.8069208621978758,
  "provenance": {
    "md5sum": "817f4d53ad5ae47f41228efbab0d1105",
    "settings": {
      "testing": false
    },
    "software": "mriqc",
    "version": "21.0.0rc2",
    "warnings": {
      "large_rot_frame": true,
      "small_air_mask": false
    },
    "webapi_port": null,
    "webapi_url": "https://mriqc.nimh.nih.gov/api/v1"
  },
  "qi_1": 0.0,
  "qi_2": 0.00013130462408219228,
  "rpve_csf": 24.86364778354874,
  "rpve_gm": 13.250166316742293,
  "rpve_wm": 16.750488271713444,
  "size_x": 180,
  "size_y": 240,
  "size_z": 240,
  "snr_csf": 3.8382428159888007,
  "snr_gm": 10.00241278157001,
  "snr_total": 11.618829563848296,
  "snr_wm": 21.01583309398608,
  "snrd_csf": 24.9741289273364,
  "snrd_gm": 52.625395582306986,
  "snrd_total": 47.77631358818967,
  "snrd_wm": 65.72941625492562,
  "spacing_x": 1.0,
  "spacing_y": 1.0,
  "spacing_z": 1.0,
  "summary_bg_k": 2.952126975710569,
  "summary_bg_mad": 9.967563166346356,
  "summary_bg_mean": 10.623911344285323,
  "summary_bg_median": 6.880282796919346,
  "summary_bg_n": 398803.0,
  "summary_bg_p05": 0.0,
  "summary_bg_p95": 31.25614184886217,
  "summary_bg_stdv": 10.459205090805606,
  "summary_csf_k": 1.348378749708628,
  "summary_csf_mad": 81.16860648618304,
  "summary_csf_mean": 401.8023278405576,
  "summary_csf_median": 379.96853194758296,
  "summary_csf_n": 32660.0,
  "summary_csf_p05": 281.5804879516363,
  "summary_csf_p95": 606.2531699579209,
  "summary_csf_stdv": 98.99392328391387,
  "summary_gm_k": 0.10074696109285819,
  "summary_gm_mad": 77.58378113688303,
  "summary_gm_mean": 806.3926038006638,
  "summary_gm_median": 800.6683380529284,
  "summary_gm_n": 21731.0,
  "summary_gm_p05": 685.2761665731668,
  "summary_gm_p95": 950.6585030257702,
  "summary_gm_stdv": 80.04567828419641,
  "summary_wm_k": 0.5183861163911407,
  "summary_wm_mad": 45.34949791472201,
  "summary_wm_mean": 1002.2217376124507,
  "summary_wm_median": 1000.0392755568027,
  "summary_wm_n": 204126.0,
  "summary_wm_p05": 927.9732277467847,
  "summary_wm_p95": 1083.4283030554652,
  "summary_wm_stdv": 47.58492425771524,
  "tpm_overlap_csf": 0.17166553437709808,
  "tpm_overlap_gm": 0.4379652142524719,
  "tpm_overlap_wm": 0.4934088885784149,
  "wm2max": 0.6084439587555892
}