{
  "aor": 0.007369433333333334,
  "aqi": 0.026269710999999998,
  "bids_meta": {
    "AcquisitionMatrixPE": 70,
    "AcquisitionNumber": 3,
    "AcquisitionTime": "09:20:43.730000",
    "BodyPartExamined": "BRAIN",
    "CoilString": "MULTI_COIL",
    "ConversionSoftware": "dcm2niix",
    "ConversionSoftwareVersion": "v1.0.20190410  (JP2:OpenJPEG) GCC6.3.0",
    "Dcm2bidsVersion": "2.1.4",
    "DeviceSerialNumber": "42451",
    "EchoTime": 0.03,
    "EchoTrainLength": 35,
    "EffectiveEchoSpacing": 0.000698,
    "FlipAngle": 75,
    "ImageOrientationPatientDICOM": [
      0.999998,
      0.00205696,
      0.000573616,
      -0.00205792,
      0.999996,
      0.00167671
    ],
    "ImageType": [
      "ORIGINAL",
      "PRIMARY",
      "M",
      "FFE",
      "M",
      "FFE"
    ],
    "ImagingFrequency": 127.759,
    "InPlanePhaseEncodingDirectionDICOM": "COL",
    "InstitutionAddress": "Calzada_Mexico_Xochimilco_No.101_Tlalpan",
    "InstitutionName": "I.N._Psiquiatria",
    "InstitutionalDepartmentName": "Imagenes_Cerebrales",
    "MRAcquisitionType": "2D",
    "MagneticFieldStrength": 3,
    "Manufacturer": "Philips",
    "ManufacturersModelName": "Ingenia",
    "Modality": "MR",
    "PartialFourier": 0.5,
    "PatientPosition": "HFS",
    "PercentPhaseFOV": 100,
    "PhaseEncodingAxis": "j",
    "PhaseEncodingDirection": "j-",
    "PhaseEncodingSteps": 70,
    "PhilipsRescaleIntercept": 0,
    "PhilipsRescaleSlope": 0.798779,
    "PhilipsScaleSlope": 0.0239654,
    "PixelBandwidth": 1819,
    "ProcedureStepDescription": "PROTOCOLO_EDUARDO_TMS",
    "ProtocolName": "WIP_FE_EPI_32chSHC_AP",
    "ReconMatrixPE": 80,
    "RepetitionTime": 2,
    "SAR": 0.119138,
    "ScanOptions": "FS",
    "ScanningSequence": "GR",
    "SequenceVariant": "SK",
    "SeriesDescription": "FE_EPI_32chSHC_AP",
    "SeriesNumber": 301,
    "SliceThickness": 3.33,
    "SliceTiming": [
      0.0,
      1.027027,
      0.054054,
      1.081081,
      0.108108,
      1.135135,
      0.162162,
      1.189189,
      0.216216,
      1.243244,
      0.27027,
      1.297298,
      0.324324,
      1.351352,
      0.378378,
      1.405406,
      0.432432,
      1.45946,
      0.486486,
      1.513514,
      0.540541,
      1.567568,
      0.594595,
      1.621622,
      0.648649,
      1.675676,
      0.702703,
      1.72973,
      0.756757,
      1.783784,
      0.810811,
      1.837838,
      0.864865,
      1.891892,
      0.918919,
      1.945947,
      0.972973
    ],
    "SoftwareVersions": "5.3.1_5.3.1.0",
    "SpacingBetweenSlices": 3.33,
    "StationName": "PHILIPS-CTMFQSD",
    "TaskName": "rest",
    "TotalReadoutTime": 0.04884,
    "UsePhilipsFloatNotDisplayScaling": 1,
    "dataset": "<unset>",
    "modality": "bold",
    "session_id": "t1",
    "subject_id": "053",
    "task_id": "rest"
  },
  "dummy_trs": 0,
  "dvars_nstd": 36.285471881103696,
  "dvars_std": 1.1391047851839469,
  "dvars_vstd": 0.9386848110033443,
  "efc": 0.4268719908535655,
  "fber": 88582.7109375,
  "fd_mean": 0.2508176345708441,
  "fd_num": 30,
  "fd_perc": 10.0,
  "fwhm_avg": 1.9401016050590496,
  "fwhm_x": 1.8918633333333332,
  "fwhm_y": 2.165,
  "fwhm_z": 1.7634414818438162,
  "gcor": 0.0240809,
  "gsr_x": -0.012531619518995285,
  "gsr_y": 0.01911259815096855,
  "provenance": {
    "md5sum": "a3755d82a506bd39300ff91d5363773c",
    "settings": {
      "fd_thres": 0.5,
      "testing": false
    },
    "software": "mriqc",
    "version": "22.0.0rc1",
    "webapi_port": null,
    "webapi_url": "https://mriqc.nimh.nih.gov/api/v1"
  },
  "size_t": 300,
  "size_x": 80,
  "size_y": 80,
  "size_z": 37,
  "snr": 4.3663977433132555,
  "spacing_tr": 2.0000016689300537,
  "spacing_x": 3.0,
  "spacing_y": 3.0,
  "spacing_z": 3.3299999237060547,
  "summary_bg_k": 93.67320802857144,
  "summary_bg_mad": 213.7986612900047,
  "summary_bg_mean": 1389.2017822265625,
  "summary_bg_median": 178.4964599609375,
  "summary_bg_n": 159830.0,
  "summary_bg_p05": 14.380505990982057,
  "summary_bg_p95": 6373.483862304671,
  "summary_bg_stdv": 4047.64111328125,
  "summary_fg_k": 3.6957512347579975,
  "summary_fg_mad": 9226.0309062383,
  "summary_fg_mean": 56368.4375,
  "summary_fg_median": 54686.0703125,
  "summary_fg_n": 36017.0,
  "summary_fg_p05": 39654.67578125,
  "summary_fg_p95": 79053.1703125,
  "summary_fg_stdv": 12524.125,
  "tsnr": 33.19432067871094
}