{
  "aor": 0.0034069666666666663,
  "aqi": 0.022670242666666666,
  "bids_meta": {
    "AcquisitionMatrixPE": 70,
    "AcquisitionNumber": 3,
    "AcquisitionTime": "11:17:20.270000",
    "BodyPartExamined": "BRAIN",
    "CoilString": "MULTI_COIL",
    "ConversionSoftware": "dcm2niix",
    "ConversionSoftwareVersion": "v1.0.20190410  (JP2:OpenJPEG) GCC6.3.0",
    "Dcm2bidsVersion": "2.1.4",
    "DeviceSerialNumber": "42451",
    "EchoTime": 0.03,
    "EchoTrainLength": 35,
    "EffectiveEchoSpacing": 0.000698,
    "FlipAngle": 75,
    "ImageOrientationPatientDICOM": [
      0.999993,
      -5.44005e-05,
      -0.00375338,
      -6.44707e-05,
      0.999499,
      -0.0316631
    ],
    "ImageType": [
      "ORIGINAL",
      "PRIMARY",
      "M",
      "FFE",
      "M",
      "FFE"
    ],
    "ImagingFrequency": 127.76,
    "InPlanePhaseEncodingDirectionDICOM": "COL",
    "InstitutionAddress": "Calzada_Mexico_Xochimilco_No.101_Tlalpan",
    "InstitutionName": "I.N._Psiquiatria",
    "InstitutionalDepartmentName": "Imagenes_Cerebrales",
    "MRAcquisitionType": "2D",
    "MagneticFieldStrength": 3,
    "Manufacturer": "Philips",
    "ManufacturersModelName": "Ingenia",
    "Modality": "MR",
    "PartialFourier": 0.5,
    "PatientPosition": "HFS",
    "PercentPhaseFOV": 100,
    "PhaseEncodingAxis": "j",
    "PhaseEncodingDirection": "j-",
    "PhaseEncodingSteps": 70,
    "PhilipsRescaleIntercept": 0,
    "PhilipsRescaleSlope": 0.751648,
    "PhilipsScaleSlope": 0.0212727,
    "PixelBandwidth": 1819,
    "ProcedureStepDescription": "EDUARDO_TMS",
    "ProtocolName": "WIP_FE_EPI_32chSHC_AP",
    "ReconMatrixPE": 80,
    "RepetitionTime": 2,
    "SAR": 0.119138,
    "ScanOptions": "FS",
    "ScanningSequence": "GR",
    "SequenceVariant": "SK",
    "SeriesDescription": "FE_EPI_32chSHC_AP",
    "SeriesNumber": 301,
    "SliceThickness": 3.33,
    "SliceTiming": [
      0.0,
      1.027027,
      0.054054,
      1.081081,
      0.108108,
      1.135135,
      0.162162,
      1.189189,
      0.216216,
      1.243244,
      0.27027,
      1.297298,
      0.324324,
      1.351352,
      0.378378,
      1.405406,
      0.432432,
      1.45946,
      0.486486,
      1.513514,
      0.540541,
      1.567568,
      0.594595,
      1.621622,
      0.648649,
      1.675676,
      0.702703,
      1.72973,
      0.756757,
      1.783784,
      0.810811,
      1.837838,
      0.864865,
      1.891892,
      0.918919,
      1.945947,
      0.972973
    ],
    "SoftwareVersions": "5.3.1_5.3.1.0",
    "SpacingBetweenSlices": 3.33,
    "StationName": "PHILIPS-CTMFQSD",
    "TaskName": "rest",
    "TotalReadoutTime": 0.04884,
    "UsePhilipsFloatNotDisplayScaling": 1,
    "dataset": "<unset>",
    "modality": "bold",
    "session_id": "t1",
    "subject_id": "022",
    "task_id": "rest"
  },
  "dummy_trs": 0,
  "dvars_nstd": 36.58678968287623,
  "dvars_std": 1.233249831906355,
  "dvars_vstd": 0.9118377615050167,
  "efc": 0.4406938481141658,
  "fber": 93455.6953125,
  "fd_mean": 0.269308583793596,
  "fd_num": 29,
  "fd_perc": 9.666666666666666,
  "fwhm_avg": 2.0244299142374063,
  "fwhm_x": 1.9827566666666667,
  "fwhm_y": 2.2131666666666665,
  "fwhm_z": 1.8773664093788858,
  "gcor": 0.0152976,
  "gsr_x": -0.007980925031006336,
  "gsr_y": 0.017012301832437515,
  "provenance": {
    "md5sum": "7998de9f2fa883241d0d694ac0556e44",
    "settings": {
      "fd_thres": 0.5,
      "testing": false
    },
    "software": "mriqc",
    "version": "22.0.0rc1",
    "webapi_port": null,
    "webapi_url": "https://mriqc.nimh.nih.gov/api/v1"
  },
  "size_t": 300,
  "size_x": 80,
  "size_y": 80,
  "size_z": 37,
  "snr": 4.878001944100079,
  "spacing_tr": 2.0000016689300537,
  "spacing_x": 3.0,
  "spacing_y": 3.0,
  "spacing_z": 3.3299999237060547,
  "summary_bg_k": 105.5152491955782,
  "summary_bg_mad": 223.84325116506187,
  "summary_bg_mean": 1473.8717041015625,
  "summary_bg_median": 204.57681274414062,
  "summary_bg_n": 156580.0,
  "summary_bg_p05": 26.736510276794437,
  "summary_bg_p95": 7707.495458984375,
  "summary_bg_stdv": 4256.1572265625,
  "summary_fg_k": 2.161812863066598,
  "summary_fg_mad": 10552.267817718346,
  "summary_fg_mean": 65126.44140625,
  "summary_fg_median": 64253.6015625,
  "summary_fg_n": 39086.0,
  "summary_fg_p05": 45148.5927734375,
  "summary_fg_p95": 88172.0625,
  "summary_fg_stdv": 13171.9462890625,
  "tsnr": 36.15286636352539
}