{
  "aor": 0.0010033,
  "aqi": 0.011881892266666666,
  "bids_meta": {
    "AcquisitionMatrixPE": 70,
    "AcquisitionNumber": 3,
    "AcquisitionTime": "13:38:55.620000",
    "BodyPartExamined": "BRAIN",
    "CoilString": "MULTI_COIL",
    "ConversionSoftware": "dcm2niix",
    "ConversionSoftwareVersion": "v1.0.20190410  (JP2:OpenJPEG) GCC6.3.0",
    "Dcm2bidsVersion": "2.1.4",
    "DeviceSerialNumber": "42451",
    "EchoTime": 0.03,
    "EchoTrainLength": 35,
    "EffectiveEchoSpacing": 0.000698,
    "FlipAngle": 75,
    "ImageOrientationPatientDICOM": [
      0.999224,
      0.0393149,
      -0.00224002,
      -0.0392988,
      0.999204,
      0.00684701
    ],
    "ImageType": [
      "ORIGINAL",
      "PRIMARY",
      "M",
      "FFE",
      "M",
      "FFE"
    ],
    "ImagingFrequency": 127.759,
    "InPlanePhaseEncodingDirectionDICOM": "COL",
    "InstitutionAddress": "Calzada_Mexico_Xochimilco_No.101_Tlalpan",
    "InstitutionName": "I.N._Psiquiatria",
    "InstitutionalDepartmentName": "Imagenes_Cerebrales",
    "MRAcquisitionType": "2D",
    "MagneticFieldStrength": 3,
    "Manufacturer": "Philips",
    "ManufacturersModelName": "Ingenia",
    "Modality": "MR",
    "PartialFourier": 0.5,
    "PatientPosition": "HFS",
    "PercentPhaseFOV": 100,
    "PhaseEncodingAxis": "j",
    "PhaseEncodingDirection": "j-",
    "PhaseEncodingSteps": 70,
    "PhilipsRescaleIntercept": 0,
    "PhilipsRescaleSlope": 0.758486,
    "PhilipsScaleSlope": 0.023534,
    "PixelBandwidth": 1819,
    "ProcedureStepDescription": "EDUARDO_TMS",
    "ProtocolName": "WIP_FE_EPI_32chSHC_AP",
    "ReconMatrixPE": 80,
    "RepetitionTime": 2,
    "SAR": 0.11996,
    "ScanOptions": "FS",
    "ScanningSequence": "GR",
    "SequenceVariant": "SK",
    "SeriesDescription": "FE_EPI_32chSHC_AP",
    "SeriesNumber": 301,
    "SliceThickness": 3.33,
    "SliceTiming": [
      0.0,
      1.027027,
      0.054054,
      1.081081,
      0.108108,
      1.135135,
      0.162162,
      1.189189,
      0.216216,
      1.243244,
      0.27027,
      1.297298,
      0.324324,
      1.351352,
      0.378378,
      1.405406,
      0.432432,
      1.45946,
      0.486486,
      1.513514,
      0.540541,
      1.567568,
      0.594595,
      1.621622,
      0.648649,
      1.675676,
      0.702703,
      1.72973,
      0.756757,
      1.783784,
      0.810811,
      1.837838,
      0.864865,
      1.891892,
      0.918919,
      1.945947,
      0.972973
    ],
    "SoftwareVersions": "5.3.1_5.3.1.0",
    "SpacingBetweenSlices": 3.33,
    "StationName": "PHILIPS-CTMFQSD",
    "TaskName": "rest",
    "TotalReadoutTime": 0.04884,
    "UsePhilipsFloatNotDisplayScaling": 1,
    "dataset": "<unset>",
    "modality": "bold",
    "session_id": "t5",
    "subject_id": "001",
    "task_id": "rest"
  },
  "dummy_trs": 0,
  "dvars_nstd": 23.752429065886293,
  "dvars_std": 1.1586096897324425,
  "dvars_vstd": 0.9391618860869566,
  "efc": 0.42313669562365364,
  "fber": 125867.703125,
  "fd_mean": 0.14589099098956274,
  "fd_num": 3,
  "fd_perc": 1.0,
  "fwhm_avg": 2.2589690849633146,
  "fwhm_x": 2.230983333333333,
  "fwhm_y": 2.4647166666666664,
  "fwhm_z": 2.081207254889944,
  "gcor": 0.0298543,
  "gsr_x": -0.004958613775670528,
  "gsr_y": 0.016110414639115334,
  "provenance": {
    "md5sum": "56bfe2e278dd69bcfadb9ee523ebbab0",
    "settings": {
      "fd_thres": 0.5,
      "testing": false
    },
    "software": "mriqc",
    "version": "22.0.0rc1",
    "webapi_port": null,
    "webapi_url": "https://mriqc.nimh.nih.gov/api/v1"
  },
  "size_t": 300,
  "size_x": 80,
  "size_y": 80,
  "size_z": 37,
  "snr": 5.741845882274692,
  "spacing_tr": 1.9999983310699463,
  "spacing_x": 3.0,
  "spacing_y": 3.0,
  "spacing_z": 3.3299999237060547,
  "summary_bg_k": 67.95709564064525,
  "summary_bg_mad": 220.45973294177887,
  "summary_bg_mean": 1570.849853515625,
  "summary_bg_median": 183.25869750976562,
  "summary_bg_n": 161325.0,
  "summary_bg_p05": 13.118136405944826,
  "summary_bg_p95": 7746.357324218745,
  "summary_bg_stdv": 4453.0146484375,
  "summary_fg_k": 0.6572776832001108,
  "summary_fg_mad": 10785.826894159765,
  "summary_fg_mean": 66899.21875,
  "summary_fg_median": 67299.578125,
  "summary_fg_n": 33819.0,
  "summary_fg_p05": 46789.782031250004,
  "summary_fg_p95": 85645.55078125,
  "summary_fg_stdv": 11720.72265625,
  "tsnr": 52.74847412109375
}