{
  "bids_meta": {
    "AcquisitionMatrixPE": 240,
    "AcquisitionNumber": 4,
    "AcquisitionTime": "08:27:49.710000",
    "BodyPartExamined": "BRAIN",
    "CoilString": "MULTI_COIL",
    "ConversionSoftware": "dcm2niix",
    "ConversionSoftwareVersion": "v1.0.20190410  (JP2:OpenJPEG) GCC6.3.0",
    "Dcm2bidsVersion": "2.1.4",
    "DeviceSerialNumber": "42451",
    "EchoTime": 0.0035,
    "EchoTrainLength": 240,
    "FlipAngle": 8,
    "ImageOrientationPatientDICOM": [
      2.71369e-05,
      0.999999,
      0.00154897,
      0.000495699,
      0.00154896,
      -0.999999
    ],
    "ImageType": [
      "ORIGINAL",
      "PRIMARY",
      "M",
      "FFE",
      "M",
      "FFE"
    ],
    "ImagingFrequency": 127.759,
    "InPlanePhaseEncodingDirectionDICOM": "ROW",
    "InstitutionAddress": "Calzada_Mexico_Xochimilco_No.101_Tlalpan",
    "InstitutionName": "I.N._Psiquiatria",
    "InstitutionalDepartmentName": "Imagenes_Cerebrales",
    "MRAcquisitionType": "3D",
    "MagneticFieldStrength": 3,
    "Manufacturer": "Philips",
    "ManufacturersModelName": "Ingenia",
    "Modality": "MR",
    "PatientPosition": "HFS",
    "PercentPhaseFOV": 100,
    "PhaseEncodingSteps": 240,
    "PhilipsRescaleIntercept": 0,
    "PhilipsRescaleSlope": 3.61026,
    "PhilipsScaleSlope": 0.00552945,
    "PixelBandwidth": 310,
    "ProcedureStepDescription": "PROTOCOLO_TMS",
    "ProtocolName": "WIP_sT1W_3D_TFE_32_channel",
    "ReconMatrixPE": 240,
    "RepetitionTime": 0.007,
    "SAR": 0.0382114,
    "ScanOptions": "OTHER",
    "ScanningSequence": "GR",
    "SequenceVariant": "MP",
    "SeriesDescription": "sT1W_3D_TFE_32_channel",
    "SeriesNumber": 401,
    "SliceThickness": 1,
    "SoftwareVersions": "5.3.1_5.3.1.0",
    "SpacingBetweenSlices": 1,
    "StationName": "PHILIPS-CTMFQSD",
    "UsePhilipsFloatNotDisplayScaling": 1,
    "dataset": "<unset>",
    "modality": "T1w",
    "session_id": "t3",
    "subject_id": "041"
  },
  "cjv": 0.4107665938476919,
  "cnr": 3.197827507917464,
  "efc": 0.7462188988777788,
  "fber": 6230.412315470803,
  "fwhm_avg": 4.12993,
  "fwhm_x": 3.95131,
  "fwhm_y": 4.48325,
  "fwhm_z": 3.95523,
  "icvs_csf": 0.1987817441370779,
  "icvs_gm": 0.39501664313509377,
  "icvs_wm": 0.40620161272782834,
  "inu_med": 1.5990588665008545,
  "inu_range": 0.5942390441894532,
  "provenance": {
    "md5sum": "3e202885ce3154c74336cbeb7964573e",
    "settings": {
      "testing": false
    },
    "software": "mriqc",
    "version": "21.0.0rc2",
    "warnings": {
      "large_rot_frame": true,
      "small_air_mask": false
    },
    "webapi_port": null,
    "webapi_url": "https://mriqc.nimh.nih.gov/api/v1"
  },
  "qi_1": 0.0,
  "qi_2": 6.675993268498022e-05,
  "rpve_csf": 22.83947431535749,
  "rpve_gm": 11.901790496193227,
  "rpve_wm": 14.014059492849627,
  "size_x": 180,
  "size_y": 240,
  "size_z": 240,
  "snr_csf": 3.057396781868316,
  "snr_gm": 12.38715153971982,
  "snr_total": 13.469733465616377,
  "snr_wm": 24.96465207526099,
  "snrd_csf": 56.468661057232985,
  "snrd_gm": 116.63067065359823,
  "snrd_total": 108.62182022022988,
  "snrd_wm": 152.7661289498584,
  "spacing_x": 1.0,
  "spacing_y": 1.0,
  "spacing_z": 1.0,
  "summary_bg_k": 6.04619371880908,
  "summary_bg_mad": 4.288492286068006,
  "summary_bg_mean": 7.341599313081876,
  "summary_bg_median": 2.8925440907478333,
  "summary_bg_n": 557324.0,
  "summary_bg_p05": 0.0,
  "summary_bg_p95": 23.744764924049377,
  "summary_bg_stdv": 8.273593539908468,
  "summary_csf_k": 1.1250566396754982,
  "summary_csf_mad": 98.95535931733042,
  "summary_csf_mean": 398.42584671653805,
  "summary_csf_median": 369.64123141765594,
  "summary_csf_n": 32465.0,
  "summary_csf_p05": 251.26278519630432,
  "summary_csf_p95": 632.1719868779182,
  "summary_csf_stdv": 120.89877919899155,
  "summary_gm_k": 0.2602433890318263,
  "summary_gm_mad": 59.97488465739884,
  "summary_gm_mean": 765.3178023253853,
  "summary_gm_median": 763.4589507579803,
  "summary_gm_n": 22676.0,
  "summary_gm_p05": 667.3574112653732,
  "summary_gm_p95": 868.5942939966917,
  "summary_gm_stdv": 61.63177337822911,
  "summary_wm_k": 0.6238670025002784,
  "summary_wm_mad": 37.18826892844048,
  "summary_wm_mean": 999.5560404307284,
  "summary_wm_median": 999.999981701374,
  "summary_wm_n": 265791.0,
  "summary_wm_p05": 932.6943662166595,
  "summary_wm_p95": 1064.3698807954788,
  "summary_wm_stdv": 40.05656067257122,
  "tpm_overlap_csf": 0.16793814301490784,
  "tpm_overlap_gm": 0.43898308277130127,
  "tpm_overlap_wm": 0.5053287148475647,
  "wm2max": 0.6266197754632761
}