{
  "bids_meta": {
    "AcquisitionMatrixPE": 240,
    "AcquisitionNumber": 4,
    "AcquisitionTime": "10:08:14.420000",
    "BodyPartExamined": "BRAIN",
    "CoilString": "MULTI_COIL",
    "ConversionSoftware": "dcm2niix",
    "ConversionSoftwareVersion": "v1.0.20190410  (JP2:OpenJPEG) GCC6.3.0",
    "Dcm2bidsVersion": "2.1.4",
    "DeviceSerialNumber": "42451",
    "EchoTime": 0.0035,
    "EchoTrainLength": 240,
    "FlipAngle": 8,
    "ImageOrientationPatientDICOM": [
      -4.18515e-05,
      0.999998,
      0.00199558,
      0.000498349,
      0.0019956,
      -0.999998
    ],
    "ImageType": [
      "ORIGINAL",
      "PRIMARY",
      "M",
      "FFE",
      "M",
      "FFE"
    ],
    "ImagingFrequency": 127.759,
    "InPlanePhaseEncodingDirectionDICOM": "ROW",
    "InstitutionAddress": "Calzada_Mexico_Xochimilco_No.101_Tlalpan",
    "InstitutionName": "I.N._Psiquiatria",
    "InstitutionalDepartmentName": "Imagenes_Cerebrales",
    "MRAcquisitionType": "3D",
    "MagneticFieldStrength": 3,
    "Manufacturer": "Philips",
    "ManufacturersModelName": "Ingenia",
    "Modality": "MR",
    "PatientPosition": "HFS",
    "PercentPhaseFOV": 100,
    "PhaseEncodingSteps": 240,
    "PhilipsRescaleIntercept": 0,
    "PhilipsRescaleSlope": 18.8078,
    "PhilipsScaleSlope": 0.00617201,
    "PixelBandwidth": 310,
    "ProcedureStepDescription": "PROTOCOLO_EDUARDO_TMS",
    "ProtocolName": "WIP_sT1W_3D_TFE_32_channel",
    "ReconMatrixPE": 240,
    "RepetitionTime": 0.007,
    "SAR": 0.0382114,
    "ScanOptions": "OTHER",
    "ScanningSequence": "GR",
    "SequenceVariant": "MP",
    "SeriesDescription": "sT1W_3D_TFE_32_channel",
    "SeriesNumber": 401,
    "SliceThickness": 1,
    "SoftwareVersions": "5.3.1_5.3.1.0",
    "SpacingBetweenSlices": 1,
    "StationName": "PHILIPS-CTMFQSD",
    "UsePhilipsFloatNotDisplayScaling": 1,
    "dataset": "<unset>",
    "modality": "T1w",
    "session_id": "t0",
    "subject_id": "045"
  },
  "cjv": 0.33688389776450817,
  "cnr": 3.7773476621986646,
  "efc": 0.7096705614108539,
  "fber": 14492.021545410156,
  "fwhm_avg": 3.93065,
  "fwhm_x": 3.75315,
  "fwhm_y": 4.35561,
  "fwhm_z": 3.68319,
  "icvs_csf": 0.20599878972371272,
  "icvs_gm": 0.42270041116623025,
  "icvs_wm": 0.37130079911005703,
  "inu_med": 1.810506820678711,
  "inu_range": 0.5012477159500126,
  "provenance": {
    "md5sum": "5416c00f9fe13d3a70704e05bdb70899",
    "settings": {
      "testing": false
    },
    "software": "mriqc",
    "version": "21.0.0rc2",
    "warnings": {
      "large_rot_frame": true,
      "small_air_mask": false
    },
    "webapi_port": null,
    "webapi_url": "https://mriqc.nimh.nih.gov/api/v1"
  },
  "qi_1": 0.0,
  "qi_2": 1.8531901961981773e-05,
  "rpve_csf": 29.262433889485376,
  "rpve_gm": 14.956938113604489,
  "rpve_wm": 20.028012146567544,
  "size_x": 180,
  "size_y": 240,
  "size_z": 240,
  "snr_csf": 3.8509387547934852,
  "snr_gm": 13.576452558787071,
  "snr_total": 14.738147739589683,
  "snr_wm": 26.78705190518849,
  "snrd_csf": 66.59173368707961,
  "snrd_gm": 132.81636476386853,
  "snrd_total": 125.76550197424241,
  "snrd_wm": 177.88840747177912,
  "spacing_x": 1.0,
  "spacing_y": 1.0,
  "spacing_z": 1.0,
  "summary_bg_k": 1739.2301374464676,
  "summary_bg_mad": 3.6828502561641767,
  "summary_bg_mean": 6.2170882985395295,
  "summary_bg_median": 2.484044749289751,
  "summary_bg_n": 548594.0,
  "summary_bg_p05": 0.0,
  "summary_bg_p95": 20.522031236439943,
  "summary_bg_stdv": 9.024714015686829,
  "summary_csf_k": 2.8254380614561088,
  "summary_csf_mad": 78.5580289257174,
  "summary_csf_mean": 392.5210232742103,
  "summary_csf_median": 374.3455437179655,
  "summary_csf_n": 24698.0,
  "summary_csf_p05": 270.75514526162294,
  "summary_csf_p95": 580.1104351235549,
  "summary_csf_stdv": 97.20693810480309,
  "summary_gm_k": 0.49800106140600375,
  "summary_gm_mad": 51.75821090778423,
  "summary_gm_mean": 747.9655233414672,
  "summary_gm_median": 746.6274194903672,
  "summary_gm_n": 20898.0,
  "summary_gm_p05": 661.2909283339977,
  "summary_gm_p95": 840.9064717441797,
  "summary_gm_stdv": 54.99297791041967,
  "summary_wm_k": 0.9257437532198294,
  "summary_wm_mad": 33.598926183159335,
  "summary_wm_mean": 999.1650532525922,
  "summary_wm_median": 999.9999839179218,
  "summary_wm_n": 164758.0,
  "summary_wm_p05": 936.1409258246422,
  "summary_wm_p95": 1058.126631051302,
  "summary_wm_stdv": 37.331355189768736,
  "tpm_overlap_csf": 0.16953884065151215,
  "tpm_overlap_gm": 0.4489686191082001,
  "tpm_overlap_wm": 0.5090237855911255,
  "wm2max": 0.6801746770294508
}