{
  "bids_meta": {
    "AcquisitionMatrixPE": 240,
    "AcquisitionNumber": 4,
    "AcquisitionTime": "09:26:38.580000",
    "BodyPartExamined": "BRAIN",
    "CoilString": "MULTI_COIL",
    "ConversionSoftware": "dcm2niix",
    "ConversionSoftwareVersion": "v1.0.20190410  (JP2:OpenJPEG) GCC6.3.0",
    "Dcm2bidsVersion": "2.1.4",
    "DeviceSerialNumber": "42451",
    "EchoTime": 0.0035,
    "EchoTrainLength": 240,
    "FlipAngle": 8,
    "ImageOrientationPatientDICOM": [
      -0.00419405,
      0.999985,
      -0.00353106,
      0.00136187,
      -0.00352538,
      -0.999993
    ],
    "ImageType": [
      "ORIGINAL",
      "PRIMARY",
      "M",
      "FFE",
      "M",
      "FFE"
    ],
    "ImagingFrequency": 127.759,
    "InPlanePhaseEncodingDirectionDICOM": "ROW",
    "InstitutionAddress": "Calzada_Mexico_Xochimilco_No.101_Tlalpan",
    "InstitutionName": "I.N._Psiquiatria",
    "InstitutionalDepartmentName": "Imagenes_Cerebrales",
    "MRAcquisitionType": "3D",
    "MagneticFieldStrength": 3,
    "Manufacturer": "Philips",
    "ManufacturersModelName": "Ingenia",
    "Modality": "MR",
    "PatientPosition": "HFS",
    "PercentPhaseFOV": 100,
    "PhaseEncodingSteps": 240,
    "PhilipsRescaleIntercept": 0,
    "PhilipsRescaleSlope": 5.91355,
    "PhilipsScaleSlope": 0.00579304,
    "PixelBandwidth": 310,
    "ProcedureStepDescription": "EDUARDO_TMS",
    "ProtocolName": "WIP_sT1W_3D_TFE_32_channel",
    "ReconMatrixPE": 240,
    "RepetitionTime": 0.007,
    "SAR": 0.0382114,
    "ScanOptions": "OTHER",
    "ScanningSequence": "GR",
    "SequenceVariant": "MP",
    "SeriesDescription": "sT1W_3D_TFE_32_channel",
    "SeriesNumber": 401,
    "SliceThickness": 1,
    "SoftwareVersions": "5.3.1_5.3.1.0",
    "SpacingBetweenSlices": 1,
    "StationName": "PHILIPS-CTMFQSD",
    "UsePhilipsFloatNotDisplayScaling": 1,
    "dataset": "<unset>",
    "modality": "T1w",
    "session_id": "t3",
    "subject_id": "027"
  },
  "cjv": 0.474278320924599,
  "cnr": 2.7624195506458364,
  "efc": 0.752230823096603,
  "fber": 4818.955796814066,
  "fwhm_avg": 4.173583333333334,
  "fwhm_x": 4.12032,
  "fwhm_y": 4.35469,
  "fwhm_z": 4.04574,
  "icvs_csf": 0.22641447605193074,
  "icvs_gm": 0.39000490591626985,
  "icvs_wm": 0.38358061803179944,
  "inu_med": 1.8338994979858398,
  "inu_range": 0.6043284654617307,
  "provenance": {
    "md5sum": "ff5e01376812ef68f40c9fab6b00a3b6",
    "settings": {
      "testing": false
    },
    "software": "mriqc",
    "version": "21.0.0rc2",
    "warnings": {
      "large_rot_frame": true,
      "small_air_mask": false
    },
    "webapi_port": null,
    "webapi_url": "https://mriqc.nimh.nih.gov/api/v1"
  },
  "qi_1": 0.0,
  "qi_2": 7.051327582134774e-05,
  "rpve_csf": 24.126510330602727,
  "rpve_gm": 13.72060796068664,
  "rpve_wm": 16.922280772424227,
  "size_x": 180,
  "size_y": 240,
  "size_z": 240,
  "snr_csf": 3.7282104919375576,
  "snr_gm": 11.826540286624333,
  "snr_total": 13.476021362008813,
  "snr_wm": 24.873313307464553,
  "snrd_csf": 28.541736256643322,
  "snrd_gm": 64.13136376419682,
  "snrd_total": 58.13954454615174,
  "snrd_wm": 81.74553361761507,
  "spacing_x": 1.0,
  "spacing_y": 1.0,
  "spacing_z": 1.0,
  "summary_bg_k": 3.314604143279883,
  "summary_bg_mad": 8.014338574213403,
  "summary_bg_mean": 8.787465739275323,
  "summary_bg_median": 5.541578888893127,
  "summary_bg_n": 439101.0,
  "summary_bg_p05": 0.0,
  "summary_bg_p95": 25.022098541259766,
  "summary_bg_stdv": 8.235827188515596,
  "summary_csf_k": 1.726395958265682,
  "summary_csf_mad": 77.84997438913587,
  "summary_csf_mean": 364.0644056886915,
  "summary_csf_median": 349.1534674167633,
  "summary_csf_n": 40184.0,
  "summary_csf_p05": 241.41565454006195,
  "summary_csf_p95": 548.2321391940116,
  "summary_csf_stdv": 93.65059288118,
  "summary_gm_k": 0.06408595549994844,
  "summary_gm_mad": 65.7528595601345,
  "summary_gm_mean": 786.4534782658292,
  "summary_gm_median": 784.5243830680847,
  "summary_gm_n": 19554.0,
  "summary_gm_p05": 681.3864206433296,
  "summary_gm_p95": 899.6532342910765,
  "summary_gm_stdv": 66.33421975834152,
  "summary_wm_k": 0.7706477173924369,
  "summary_wm_mad": 36.44255842236661,
  "summary_wm_mean": 998.2752312351234,
  "summary_wm_median": 1000.0000088214874,
  "summary_wm_n": 205275.0,
  "summary_wm_p05": 928.0614755153656,
  "summary_wm_p95": 1060.6513998508453,
  "summary_wm_stdv": 40.20363353689136,
  "tpm_overlap_csf": 0.14544157683849335,
  "tpm_overlap_gm": 0.41492822766304016,
  "tpm_overlap_wm": 0.48073384165763855,
  "wm2max": 0.6628506967565967
}