{
  "aor": 0.0021615333333333334,
  "aqi": 0.007732138133333333,
  "bids_meta": {
    "AcquisitionMatrixPE": 70,
    "AcquisitionTime": "12:18:57.960000",
    "CoilString": "MULTI_COIL",
    "ConversionSoftware": "dcm2niix",
    "ConversionSoftwareVersion": "v1.0.20190410  (JP2:OpenJPEG) GCC6.3.0",
    "Dcm2bidsVersion": "2.1.4",
    "DeviceSerialNumber": "42451",
    "EchoTime": 0.03,
    "EchoTrainLength": 35,
    "EffectiveEchoSpacing": 0.000698,
    "FlipAngle": 75,
    "ImageOrientationPatientDICOM": [
      0.999985,
      0.00399772,
      -0.00385659,
      -0.0042116,
      0.998357,
      -0.057143
    ],
    "ImageType": [
      "ORIGINAL",
      "PRIMARY",
      "M",
      "FFE",
      "M",
      "FFE"
    ],
    "ImagingFrequency": 127.766,
    "InPlanePhaseEncodingDirectionDICOM": "COL",
    "InstitutionAddress": "Calzada_Mexico_Xochimilco_No.101_Tlalpan",
    "InstitutionName": "I.N._Psiquiatria",
    "InstitutionalDepartmentName": "Imagenes_Cerebrales",
    "MagneticFieldStrength": 3,
    "Manufacturer": "Philips",
    "ManufacturersModelName": "Ingenia",
    "Modality": "MR",
    "PartialFourier": 0.5,
    "PatientPosition": "HFS",
    "PercentPhaseFOV": 100,
    "PhaseEncodingAxis": "j",
    "PhaseEncodingDirection": "j-",
    "PhaseEncodingSteps": 70,
    "PhilipsRescaleIntercept": 0,
    "PhilipsRescaleSlope": 0.801465,
    "PhilipsScaleSlope": 0.0808864,
    "PixelBandwidth": 1819,
    "ProcedureStepDescription": "EDUARDO_TMS",
    "ProtocolName": "WIP_FE_EPI_32chSHC_AP_SENSE",
    "ReconMatrixPE": 80,
    "RepetitionTime": 2,
    "SAR": 0.119138,
    "ScanOptions": "FS",
    "ScanningSequence": "GR",
    "SequenceVariant": "SK",
    "SeriesDescription": "FE_EPI_32chSHC_AP",
    "SeriesNumber": 301,
    "SliceThickness": 3.33,
    "SliceTiming": [
      0.0,
      1.027027,
      0.054054,
      1.081081,
      0.108108,
      1.135135,
      0.162162,
      1.189189,
      0.216216,
      1.243244,
      0.27027,
      1.297298,
      0.324324,
      1.351352,
      0.378378,
      1.405406,
      0.432432,
      1.45946,
      0.486486,
      1.513514,
      0.540541,
      1.567568,
      0.594595,
      1.621622,
      0.648649,
      1.675676,
      0.702703,
      1.72973,
      0.756757,
      1.783784,
      0.810811,
      1.837838,
      0.864865,
      1.891892,
      0.918919,
      1.945947,
      0.972973
    ],
    "SoftwareVersions": "2.6.3_5.1.7.2",
    "SpacingBetweenSlices": 3.33,
    "StationName": "INGENIA",
    "TaskName": "rest",
    "TotalReadoutTime": 0.04884,
    "UsePhilipsFloatNotDisplayScaling": 1,
    "dataset": "<unset>",
    "modality": "bold",
    "session_id": "t1",
    "subject_id": "008",
    "task_id": "rest"
  },
  "dummy_trs": 0,
  "dvars_nstd": 31.33191476792644,
  "dvars_std": 1.4586129278929776,
  "dvars_vstd": 0.995683532943144,
  "efc": 0.42506442646012094,
  "fber": 147299.5,
  "fd_mean": 0.1709690556895279,
  "fd_num": 6,
  "fd_perc": 2.0,
  "fwhm_avg": 2.0602132279168384,
  "fwhm_x": 2.0100866666666666,
  "fwhm_y": 2.2452466666666666,
  "fwhm_z": 1.9253063504171823,
  "gcor": 0.0794968,
  "gsr_x": -0.015027493238449097,
  "gsr_y": 0.015137430280447006,
  "provenance": {
    "md5sum": "369c31b3dbdb775895b8334b4357320a",
    "settings": {
      "fd_thres": 0.5,
      "testing": false
    },
    "software": "mriqc",
    "version": "22.0.0rc1",
    "webapi_port": null,
    "webapi_url": "https://mriqc.nimh.nih.gov/api/v1"
  },
  "size_t": 300,
  "size_x": 80,
  "size_y": 80,
  "size_z": 37,
  "snr": 5.593443601385235,
  "spacing_tr": 2.0000016689300537,
  "spacing_x": 3.0,
  "spacing_y": 3.0,
  "spacing_z": 3.3299999237060547,
  "summary_bg_k": 70.87598648350328,
  "summary_bg_mad": 64.39065339577232,
  "summary_bg_mean": 623.6726684570312,
  "summary_bg_median": 54.48384475708008,
  "summary_bg_n": 163019.0,
  "summary_bg_p05": 5.994063663482666,
  "summary_bg_p95": 3141.217626953125,
  "summary_bg_stdv": 1673.2186279296875,
  "summary_fg_k": 0.8628176082222749,
  "summary_fg_mad": 3428.768108989323,
  "summary_fg_mean": 21233.255859375,
  "summary_fg_median": 21373.58984375,
  "summary_fg_n": 32348.0,
  "summary_fg_p05": 14543.788134765626,
  "summary_fg_p95": 27172.933593749993,
  "summary_fg_stdv": 3821.127197265625,
  "tsnr": 66.74281311035156
}