{
  "bids_meta": {
    "AcquisitionMatrixPE": 240,
    "AcquisitionNumber": 6,
    "AcquisitionTime": "12:32:16.870000",
    "BodyPartExamined": "BRAIN",
    "CoilString": "MULTI_COIL",
    "ConversionSoftware": "dcm2niix",
    "ConversionSoftwareVersion": "v1.0.20190410  (JP2:OpenJPEG) GCC6.3.0",
    "Dcm2bidsVersion": "2.1.4",
    "DeviceSerialNumber": "42451",
    "EchoTime": 0.0035,
    "EchoTrainLength": 240,
    "FlipAngle": 8,
    "ImageOrientationPatientDICOM": [
      -0.0042116,
      0.999973,
      0.00599402,
      -0.00362181,
      0.00597878,
      -0.999976
    ],
    "ImageType": [
      "ORIGINAL",
      "PRIMARY",
      "M",
      "FFE",
      "M",
      "FFE"
    ],
    "ImagingFrequency": 127.759,
    "InPlanePhaseEncodingDirectionDICOM": "ROW",
    "InstitutionAddress": "Calzada_Mexico_Xochimilco_No.101_Tlalpan",
    "InstitutionName": "I.N._Psiquiatria",
    "InstitutionalDepartmentName": "Imagenes_Cerebrales",
    "MRAcquisitionType": "3D",
    "MagneticFieldStrength": 3,
    "Manufacturer": "Philips",
    "ManufacturersModelName": "Ingenia",
    "Modality": "MR",
    "PatientPosition": "HFS",
    "PercentPhaseFOV": 100,
    "PhaseEncodingSteps": 240,
    "PhilipsRescaleIntercept": 0,
    "PhilipsRescaleSlope": 85.6501,
    "PhilipsScaleSlope": 0.0054659,
    "PixelBandwidth": 310,
    "ProcedureStepDescription": "EDUARDO_TMS",
    "ProtocolName": "WIP_sT1W_3D_TFE_32_channel",
    "ReconMatrixPE": 240,
    "RepetitionTime": 0.007,
    "SAR": 0.0382114,
    "ScanOptions": "OTHER",
    "ScanningSequence": "GR",
    "SequenceVariant": "MP",
    "SeriesDescription": "sT1W_3D_TFE_32_channel",
    "SeriesNumber": 601,
    "SliceThickness": 1,
    "SoftwareVersions": "5.3.1_5.3.1.0",
    "SpacingBetweenSlices": 1,
    "StationName": "PHILIPS-CTMFQSD",
    "UsePhilipsFloatNotDisplayScaling": 1,
    "dataset": "<unset>",
    "modality": "T1w",
    "session_id": "t0",
    "subject_id": "034"
  },
  "cjv": 0.4136719627167661,
  "cnr": 3.0388812851366866,
  "efc": 0.7073590726982238,
  "fber": 66774.06377477736,
  "fwhm_avg": 4.20634,
  "fwhm_x": 4.08431,
  "fwhm_y": 4.40944,
  "fwhm_z": 4.12527,
  "icvs_csf": 0.23198071454772834,
  "icvs_gm": 0.3957763560482924,
  "icvs_wm": 0.37224292940397924,
  "inu_med": 1.8919601440429688,
  "inu_range": 0.7126298189163209,
  "provenance": {
    "md5sum": "97d7609aa314d021e51e4fdd861e5524",
    "settings": {
      "testing": false
    },
    "software": "mriqc",
    "version": "21.0.0rc2",
    "warnings": {
      "large_rot_frame": true,
      "small_air_mask": false
    },
    "webapi_port": null,
    "webapi_url": "https://mriqc.nimh.nih.gov/api/v1"
  },
  "qi_1": 7.485272221143265e-05,
  "qi_2": 9.793330376910541e-05,
  "rpve_csf": 21.992751484983387,
  "rpve_gm": 12.665682566156871,
  "rpve_wm": 16.238819683103983,
  "size_x": 180,
  "size_y": 240,
  "size_z": 240,
  "snr_csf": 4.397802783593111,
  "snr_gm": 11.236654993617465,
  "snr_total": 13.34384607131097,
  "snr_wm": 24.397080436722334,
  "snrd_csf": 69.03856591583906,
  "snrd_gm": 146.86236049508443,
  "snrd_total": 136.47187407931375,
  "snrd_wm": 193.51469582701776,
  "spacing_x": 1.0,
  "spacing_y": 1.0,
  "spacing_z": 1.0,
  "summary_bg_k": 12.478743830962832,
  "summary_bg_mad": 3.3853295482570416,
  "summary_bg_mean": 5.980518989420854,
  "summary_bg_median": 2.283370081335306,
  "summary_bg_n": 607465.0,
  "summary_bg_p05": 0.0,
  "summary_bg_p95": 20.976043798029423,
  "summary_bg_stdv": 7.2134180999275825,
  "summary_csf_k": 2.1624203602329075,
  "summary_csf_mad": 73.27230225634308,
  "summary_csf_mean": 368.06761878109813,
  "summary_csf_median": 356.74754931777716,
  "summary_csf_n": 50497.0,
  "summary_csf_p05": 260.7686035260558,
  "summary_csf_p95": 514.1530204162001,
  "summary_csf_stdv": 81.118693695724,
  "summary_gm_k": 0.40768413405194215,
  "summary_gm_mad": 63.05893514465235,
  "summary_gm_mean": 763.7906205940369,
  "summary_gm_median": 758.8915919475257,
  "summary_gm_n": 20889.0,
  "summary_gm_p05": 660.4125494226813,
  "summary_gm_p95": 885.5838003925978,
  "summary_gm_stdv": 67.53552790394247,
  "summary_wm_k": 0.8026702532518324,
  "summary_wm_mad": 36.66484036163135,
  "summary_wm_mean": 998.5110892204257,
  "summary_wm_median": 999.9612908735871,
  "summary_wm_n": 205530.0,
  "summary_wm_p05": 927.1256553977728,
  "summary_wm_p95": 1063.0829282067716,
  "summary_wm_stdv": 40.98682466631478,
  "tpm_overlap_csf": 0.16387324035167694,
  "tpm_overlap_gm": 0.4197940528392792,
  "tpm_overlap_wm": 0.4887256324291229,
  "wm2max": 0.7305886906832809
}