{
  "aor": 0.0011987666666666667,
  "aqi": 0.009849308633333335,
  "bids_meta": {
    "AcquisitionMatrixPE": 70,
    "AcquisitionNumber": 3,
    "AcquisitionTime": "12:02:34.120000",
    "BodyPartExamined": "BRAIN",
    "CoilString": "MULTI_COIL",
    "ConversionSoftware": "dcm2niix",
    "ConversionSoftwareVersion": "v1.0.20190410  (JP2:OpenJPEG) GCC6.3.0",
    "Dcm2bidsVersion": "2.1.4",
    "DeviceSerialNumber": "42451",
    "EchoTime": 0.03,
    "EchoTrainLength": 35,
    "EffectiveEchoSpacing": 0.000698,
    "FlipAngle": 75,
    "ImageOrientationPatientDICOM": [
      0.999836,
      0.00421813,
      0.0176339,
      -0.00424915,
      0.99999,
      0.00172197
    ],
    "ImageType": [
      "ORIGINAL",
      "PRIMARY",
      "M",
      "FFE",
      "M",
      "FFE"
    ],
    "ImagingFrequency": 127.766,
    "InPlanePhaseEncodingDirectionDICOM": "COL",
    "InstitutionAddress": "Calzada_Mexico_Xochimilco_No.101_Tlalpan",
    "InstitutionName": "I.N._Psiquiatria",
    "InstitutionalDepartmentName": "Imagenes_Cerebrales",
    "MRAcquisitionType": "2D",
    "MagneticFieldStrength": 3,
    "Manufacturer": "Philips",
    "ManufacturersModelName": "Ingenia",
    "Modality": "MR",
    "PartialFourier": 0.5,
    "PatientPosition": "HFS",
    "PercentPhaseFOV": 100,
    "PhaseEncodingAxis": "j",
    "PhaseEncodingDirection": "j-",
    "PhaseEncodingSteps": 70,
    "PhilipsRescaleIntercept": 0,
    "PhilipsRescaleSlope": 0.806593,
    "PhilipsScaleSlope": 0.0239405,
    "PixelBandwidth": 1819,
    "ProcedureStepDescription": "EDUARDO_TMS",
    "ProtocolName": "FE_EPI_32chSHC_AP",
    "ReconMatrixPE": 80,
    "RepetitionTime": 2,
    "SAR": 0.119138,
    "ScanOptions": "FS",
    "ScanningSequence": "GR",
    "SequenceVariant": "SK",
    "SeriesDescription": "FE_EPI_32chSHC_AP",
    "SeriesNumber": 301,
    "SliceThickness": 3.33,
    "SliceTiming": [
      0.0,
      1.027027,
      0.054054,
      1.081081,
      0.108108,
      1.135135,
      0.162162,
      1.189189,
      0.216216,
      1.243244,
      0.27027,
      1.297298,
      0.324324,
      1.351352,
      0.378378,
      1.405406,
      0.432432,
      1.45946,
      0.486486,
      1.513514,
      0.540541,
      1.567568,
      0.594595,
      1.621622,
      0.648649,
      1.675676,
      0.702703,
      1.72973,
      0.756757,
      1.783784,
      0.810811,
      1.837838,
      0.864865,
      1.891892,
      0.918919,
      1.945947,
      0.972973
    ],
    "SoftwareVersions": "5.3.1_5.3.1.0",
    "SpacingBetweenSlices": 3.33,
    "StationName": "PHILIPS-CTMFQSD",
    "TaskName": "rest",
    "TotalReadoutTime": 0.04884,
    "UsePhilipsFloatNotDisplayScaling": 1,
    "dataset": "<unset>",
    "modality": "bold",
    "session_id": "t0",
    "subject_id": "016",
    "task_id": "rest"
  },
  "dummy_trs": 0,
  "dvars_nstd": 31.549638556755845,
  "dvars_std": 1.3647947629096986,
  "dvars_vstd": 0.988394542809365,
  "efc": 0.41771075908453403,
  "fber": 81776.515625,
  "fd_mean": 0.11602949542459122,
  "fd_num": 3,
  "fd_perc": 1.0,
  "fwhm_avg": 1.831415008066933,
  "fwhm_x": 1.7990433333333333,
  "fwhm_y": 1.9835500000000001,
  "fwhm_z": 1.7116516908674655,
  "gcor": 0.0294275,
  "gsr_x": -0.007685063872486353,
  "gsr_y": 0.00854736752808094,
  "provenance": {
    "md5sum": "f608c8393e11985d45f761ac8a9a023f",
    "settings": {
      "fd_thres": 0.5,
      "testing": false
    },
    "software": "mriqc",
    "version": "22.0.0rc1",
    "webapi_port": null,
    "webapi_url": "https://mriqc.nimh.nih.gov/api/v1"
  },
  "size_t": 300,
  "size_x": 80,
  "size_y": 80,
  "size_z": 37,
  "snr": 6.2069000964954135,
  "spacing_tr": 2.0000016689300537,
  "spacing_x": 3.0,
  "spacing_y": 3.0,
  "spacing_z": 3.3299999237060547,
  "summary_bg_k": 70.02303998798112,
  "summary_bg_mad": 258.5210955795328,
  "summary_bg_mean": 1542.3460693359375,
  "summary_bg_median": 211.28082275390625,
  "summary_bg_n": 164408.0,
  "summary_bg_p05": 10.689448165893555,
  "summary_bg_p95": 7668.264916992182,
  "summary_bg_stdv": 3968.327392578125,
  "summary_fg_k": 2.915113051955313,
  "summary_fg_mad": 8079.840397375485,
  "summary_fg_mean": 62632.33203125,
  "summary_fg_median": 61737.03515625,
  "summary_fg_n": 32427.0,
  "summary_fg_p05": 48277.831640625,
  "summary_fg_p95": 79426.99453124998,
  "summary_fg_stdv": 9946.36328125,
  "tsnr": 65.32095336914062
}