{
  "bids_meta": {
    "AcquisitionMatrixPE": 240,
    "AcquisitionNumber": 5,
    "AcquisitionTime": "08:46:22.420000",
    "BodyPartExamined": "BRAIN",
    "CoilString": "MULTI_COIL",
    "ConversionSoftware": "dcm2niix",
    "ConversionSoftwareVersion": "v1.0.20190410  (JP2:OpenJPEG) GCC6.3.0",
    "Dcm2bidsVersion": "2.1.4",
    "DeviceSerialNumber": "42451",
    "EchoTime": 0.0035,
    "EchoTrainLength": 240,
    "FlipAngle": 8,
    "ImageOrientationPatientDICOM": [
      0.00112097,
      0.999999,
      -0.000804505,
      0.00151612,
      -0.000806204,
      -0.999999
    ],
    "ImageType": [
      "ORIGINAL",
      "PRIMARY",
      "M",
      "FFE",
      "M",
      "FFE"
    ],
    "ImagingFrequency": 127.759,
    "InPlanePhaseEncodingDirectionDICOM": "ROW",
    "InstitutionAddress": "Calzada_Mexico_Xochimilco_No.101_Tlalpan",
    "InstitutionName": "I.N._Psiquiatria",
    "InstitutionalDepartmentName": "Imagenes_Cerebrales",
    "MRAcquisitionType": "3D",
    "MagneticFieldStrength": 3,
    "Manufacturer": "Philips",
    "ManufacturersModelName": "Ingenia",
    "Modality": "MR",
    "PatientPosition": "HFS",
    "PercentPhaseFOV": 100,
    "PhaseEncodingSteps": 240,
    "PhilipsRescaleIntercept": 0,
    "PhilipsRescaleSlope": 10.5766,
    "PhilipsScaleSlope": 0.00581105,
    "PixelBandwidth": 310,
    "ProcedureStepDescription": "EDUARDO_TMS",
    "ProtocolName": "WIP_sT1W_3D_TFE_32_channel",
    "ReconMatrixPE": 240,
    "RepetitionTime": 0.007,
    "SAR": 0.0382114,
    "ScanOptions": "OTHER",
    "ScanningSequence": "GR",
    "SequenceVariant": "MP",
    "SeriesDescription": "sT1W_3D_TFE_32_channel",
    "SeriesNumber": 501,
    "SliceThickness": 1,
    "SoftwareVersions": "5.3.1_5.3.1.0",
    "SpacingBetweenSlices": 1,
    "StationName": "PHILIPS-CTMFQSD",
    "UsePhilipsFloatNotDisplayScaling": 1,
    "dataset": "<unset>",
    "modality": "T1w",
    "session_id": "t3",
    "subject_id": "025"
  },
  "cjv": 0.4689923981037887,
  "cnr": 2.7835111210096897,
  "efc": 0.708930595162815,
  "fber": 47812.50797193877,
  "fwhm_avg": 4.3641000000000005,
  "fwhm_x": 4.20742,
  "fwhm_y": 4.6244,
  "fwhm_z": 4.26048,
  "icvs_csf": 0.20778603980517743,
  "icvs_gm": 0.39318363469613893,
  "icvs_wm": 0.3990303254986836,
  "inu_med": 1.6307663917541504,
  "inu_range": 0.6140688359737396,
  "provenance": {
    "md5sum": "8c47fbd39275e2b61c09c55769de9b11",
    "settings": {
      "testing": false
    },
    "software": "mriqc",
    "version": "21.0.0rc2",
    "warnings": {
      "large_rot_frame": true,
      "small_air_mask": false
    },
    "webapi_port": null,
    "webapi_url": "https://mriqc.nimh.nih.gov/api/v1"
  },
  "qi_1": 0.0034877323546860456,
  "qi_2": 7.112038648248219e-05,
  "rpve_csf": 19.917795998789863,
  "rpve_gm": 10.759409066741084,
  "rpve_wm": 12.94857625345776,
  "size_x": 180,
  "size_y": 240,
  "size_z": 240,
  "snr_csf": 3.528113035915911,
  "snr_gm": 10.724693704229555,
  "snr_total": 12.281105690756581,
  "snr_wm": 22.59051033212427,
  "snrd_csf": 31.726333229635003,
  "snrd_gm": 69.44782598612349,
  "snrd_total": 64.0375946153273,
  "snrd_wm": 90.93862463022337,
  "spacing_x": 1.0,
  "spacing_y": 1.0,
  "spacing_z": 1.0,
  "summary_bg_k": 216.46081637558572,
  "summary_bg_mad": 7.20415991533299,
  "summary_bg_mean": 8.338718159349314,
  "summary_bg_median": 4.859132021665573,
  "summary_bg_n": 730191.0,
  "summary_bg_p05": 0.0,
  "summary_bg_p95": 25.977667346596718,
  "summary_bg_stdv": 13.352647980792108,
  "summary_csf_k": 2.3874852897590735,
  "summary_csf_mad": 78.55305138449624,
  "summary_csf_mean": 370.87638135525737,
  "summary_csf_median": 348.8763346709311,
  "summary_csf_n": 43477.0,
  "summary_csf_p05": 249.1239609569311,
  "summary_csf_p95": 564.5470405556262,
  "summary_csf_stdv": 98.8835445186039,
  "summary_gm_k": 0.18369051740022746,
  "summary_gm_mad": 69.89420533241334,
  "summary_gm_mean": 767.7058192179754,
  "summary_gm_median": 763.6780085973442,
  "summary_gm_n": 29605.0,
  "summary_gm_p05": 659.1599477082491,
  "summary_gm_p95": 893.043054189533,
  "summary_gm_stdv": 71.20623970823289,
  "summary_wm_k": 0.817316200804032,
  "summary_wm_mad": 40.939024134248044,
  "summary_wm_mean": 1000.5265998027331,
  "summary_wm_median": 1000.0000255741179,
  "summary_wm_n": 299858.0,
  "summary_wm_p05": 928.9352197572589,
  "summary_wm_p95": 1073.167340438813,
  "summary_wm_stdv": 44.26630223996017,
  "tpm_overlap_csf": 0.1758781373500824,
  "tpm_overlap_gm": 0.4401160478591919,
  "tpm_overlap_wm": 0.5169570446014404,
  "wm2max": 0.6824936224489796
}