{
  "bids_meta": {
    "AcquisitionMatrixPE": 240,
    "AcquisitionNumber": 4,
    "AcquisitionTime": "12:35:3.550000",
    "BodyPartExamined": "BRAIN",
    "CoilString": "MULTI_COIL",
    "ConversionSoftware": "dcm2niix",
    "ConversionSoftwareVersion": "v1.0.20190410  (JP2:OpenJPEG) GCC6.3.0",
    "Dcm2bidsVersion": "2.1.4",
    "DeviceSerialNumber": "42451",
    "EchoTime": 0.0035,
    "EchoTrainLength": 240,
    "FlipAngle": 8,
    "ImageOrientationPatientDICOM": [
      -0.0042116,
      0.99999,
      0.00145695,
      -0.00362181,
      0.0014417,
      -0.999992
    ],
    "ImageType": [
      "ORIGINAL",
      "PRIMARY",
      "M",
      "FFE",
      "M",
      "FFE"
    ],
    "ImagingFrequency": 127.76,
    "InPlanePhaseEncodingDirectionDICOM": "ROW",
    "InstitutionAddress": "Calzada_Mexico_Xochimilco_No.101_Tlalpan",
    "InstitutionName": "I.N._Psiquiatria",
    "InstitutionalDepartmentName": "Imagenes_Cerebrales",
    "MRAcquisitionType": "3D",
    "MagneticFieldStrength": 3,
    "Manufacturer": "Philips",
    "ManufacturersModelName": "Ingenia",
    "Modality": "MR",
    "PatientPosition": "HFS",
    "PercentPhaseFOV": 100,
    "PhaseEncodingSteps": 240,
    "PhilipsRescaleIntercept": 0,
    "PhilipsRescaleSlope": 3.45812,
    "PhilipsScaleSlope": 0.00585848,
    "PixelBandwidth": 310,
    "ProtocolName": "sT1W_3D_TFE_32_channel",
    "ReconMatrixPE": 240,
    "RepetitionTime": 0.007,
    "SAR": 0.0382114,
    "ScanOptions": "OTHER",
    "ScanningSequence": "GR",
    "SequenceVariant": "MP",
    "SeriesDescription": "sT1W_3D_TFE_32_channel",
    "SeriesNumber": 401,
    "SliceThickness": 1,
    "SoftwareVersions": "5.3.1_5.3.1.0",
    "SpacingBetweenSlices": 1,
    "StationName": "PHILIPS-CTMFQSD",
    "UsePhilipsFloatNotDisplayScaling": 1,
    "dataset": "<unset>",
    "modality": "T1w",
    "session_id": "t3",
    "subject_id": "008"
  },
  "cjv": 0.4200905079305495,
  "cnr": 3.0359624822325677,
  "efc": 0.731823174246034,
  "fber": 13270.744617028271,
  "fwhm_avg": 4.27851,
  "fwhm_x": 4.18232,
  "fwhm_y": 4.57517,
  "fwhm_z": 4.07804,
  "icvs_csf": 0.18595983914010475,
  "icvs_gm": 0.4123483303996989,
  "icvs_wm": 0.4016918304601963,
  "inu_med": 1.893669843673706,
  "inu_range": 0.8012464761734011,
  "provenance": {
    "md5sum": "51d395690cd5cff45f1096583c940780",
    "settings": {
      "testing": false
    },
    "software": "mriqc",
    "version": "21.0.0rc2",
    "warnings": {
      "large_rot_frame": true,
      "small_air_mask": false
    },
    "webapi_port": null,
    "webapi_url": "https://mriqc.nimh.nih.gov/api/v1"
  },
  "qi_1": 0.0,
  "qi_2": 0.0001045257555643156,
  "rpve_csf": 25.18403106092154,
  "rpve_gm": 12.322654213464823,
  "rpve_wm": 15.395386210704459,
  "size_x": 180,
  "size_y": 240,
  "size_z": 240,
  "snr_csf": 3.426808335228847,
  "snr_gm": 12.071750161736423,
  "snr_total": 13.149647549659214,
  "snr_wm": 23.95038415201237,
  "snrd_csf": 63.31627764225229,
  "snrd_gm": 113.17722488787834,
  "snrd_total": 107.99983174675724,
  "snrd_wm": 147.5059927101411,
  "spacing_x": 1.0,
  "spacing_y": 1.0,
  "spacing_z": 1.0,
  "summary_bg_k": 4.999276617190937,
  "summary_bg_mad": 4.441588236864283,
  "summary_bg_mean": 8.256848865325267,
  "summary_bg_median": 2.9958057403564453,
  "summary_bg_n": 469542.0,
  "summary_bg_p05": 0.0,
  "summary_bg_p95": 27.411622524261475,
  "summary_bg_stdv": 9.66248104676097,
  "summary_csf_k": 0.3791397880829064,
  "summary_csf_mad": 112.59426180450957,
  "summary_csf_mean": 454.14069109879057,
  "summary_csf_median": 429.26151502132416,
  "summary_csf_n": 16777.0,
  "summary_csf_p05": 282.9388731479645,
  "summary_csf_p95": 677.3366988658904,
  "summary_csf_stdv": 125.26195797502962,
  "summary_gm_k": 0.4525676636063456,
  "summary_gm_mad": 60.23904046247184,
  "summary_gm_mean": 771.781570466221,
  "summary_gm_median": 767.3007452487946,
  "summary_gm_n": 28523.0,
  "summary_gm_p05": 675.7039847373962,
  "summary_gm_p95": 884.0135921359059,
  "summary_gm_stdv": 63.560567795812325,
  "summary_wm_k": 1.2710563379835236,
  "summary_wm_mad": 37.53142060150319,
  "summary_wm_mean": 1001.2715585378488,
  "summary_wm_median": 1000.0374037027359,
  "summary_wm_n": 243184.0,
  "summary_wm_p05": 935.2531045675278,
  "summary_wm_p95": 1070.9631046056747,
  "summary_wm_stdv": 41.75445960366248,
  "tpm_overlap_csf": 0.14861038327217102,
  "tpm_overlap_gm": 0.44791096448898315,
  "tpm_overlap_wm": 0.5060281753540039,
  "wm2max": 0.6183000945034534
}