{
  "bids_meta": {
    "AcquisitionMatrixPE": 240,
    "AcquisitionNumber": 4,
    "AcquisitionTime": "12:13:7.300000",
    "BodyPartExamined": "BRAIN",
    "CoilString": "MULTI_COIL",
    "ConversionSoftware": "dcm2niix",
    "ConversionSoftwareVersion": "v1.0.20190410  (JP2:OpenJPEG) GCC6.3.0",
    "Dcm2bidsVersion": "2.1.4",
    "DeviceSerialNumber": "42451",
    "EchoTime": 0.003501,
    "EchoTrainLength": 240,
    "FlipAngle": 8,
    "ImageOrientationPatientDICOM": [
      -0.0372558,
      0.999304,
      0.00172197,
      0.0175575,
      0.00237748,
      -0.999843
    ],
    "ImageType": [
      "ORIGINAL",
      "PRIMARY",
      "M",
      "FFE",
      "M",
      "FFE"
    ],
    "ImagingFrequency": 127.766,
    "InPlanePhaseEncodingDirectionDICOM": "ROW",
    "InstitutionAddress": "Calzada_Mexico_Xochimilco_No.101_Tlalpan",
    "InstitutionName": "I.N._Psiquiatria",
    "InstitutionalDepartmentName": "Imagenes_Cerebrales",
    "MRAcquisitionType": "3D",
    "MagneticFieldStrength": 3,
    "Manufacturer": "Philips",
    "ManufacturersModelName": "Ingenia",
    "Modality": "MR",
    "PatientPosition": "HFS",
    "PercentPhaseFOV": 100,
    "PhaseEncodingSteps": 240,
    "PhilipsRescaleIntercept": 0,
    "PhilipsRescaleSlope": 9.61709,
    "PhilipsScaleSlope": 0.00594273,
    "PixelBandwidth": 310,
    "ProcedureStepDescription": "EDUARDO_TMS",
    "ProtocolName": "sT1W_3D_TFE_32_channel",
    "ReconMatrixPE": 240,
    "RepetitionTime": 0.007,
    "SAR": 0.0382114,
    "ScanOptions": "OTHER",
    "ScanningSequence": "GR",
    "SequenceVariant": "MP",
    "SeriesDescription": "sT1W_3D_TFE_32_channel",
    "SeriesNumber": 401,
    "SliceThickness": 1,
    "SoftwareVersions": "5.3.1_5.3.1.0",
    "SpacingBetweenSlices": 1,
    "StationName": "PHILIPS-CTMFQSD",
    "UsePhilipsFloatNotDisplayScaling": 1,
    "dataset": "<unset>",
    "modality": "T1w",
    "session_id": "t0",
    "subject_id": "016"
  },
  "cjv": 0.5262270296962864,
  "cnr": 2.512225555497883,
  "efc": 0.7408185005503565,
  "fber": 10590.280991735537,
  "fwhm_avg": 3.9995466666666672,
  "fwhm_x": 3.91222,
  "fwhm_y": 4.20952,
  "fwhm_z": 3.8769,
  "icvs_csf": 0.22072187593091983,
  "icvs_gm": 0.42076040321527136,
  "icvs_wm": 0.3585177208538088,
  "inu_med": 2.0443954467773438,
  "inu_range": 0.8941220164299009,
  "provenance": {
    "md5sum": "fd4db7ab7f519aafa6430a7064acc1c3",
    "settings": {
      "testing": false
    },
    "software": "mriqc",
    "version": "21.0.0rc2",
    "warnings": {
      "large_rot_frame": true,
      "small_air_mask": false
    },
    "webapi_port": null,
    "webapi_url": "https://mriqc.nimh.nih.gov/api/v1"
  },
  "qi_1": 0.0,
  "qi_2": 9.151371388746542e-05,
  "rpve_csf": 22.756015569709838,
  "rpve_gm": 12.207880195958623,
  "rpve_wm": 16.634363669882628,
  "size_x": 180,
  "size_y": 240,
  "size_z": 240,
  "snr_csf": 3.5688614054880783,
  "snr_gm": 11.456924316197306,
  "snr_total": 11.783421866965591,
  "snr_wm": 20.324479879211392,
  "snrd_csf": 27.341496495607505,
  "snrd_gm": 55.53223644297251,
  "snrd_total": 51.160588918275,
  "snrd_wm": 70.60803381624498,
  "spacing_x": 1.0,
  "spacing_y": 1.0,
  "spacing_z": 1.0,
  "summary_bg_k": 4.03440832966313,
  "summary_bg_mad": 9.27895025978456,
  "summary_bg_mean": 8.898729393276266,
  "summary_bg_median": 6.258556842803955,
  "summary_bg_n": 418113.0,
  "summary_bg_p05": 0.0,
  "summary_bg_p95": 28.60356057062745,
  "summary_bg_stdv": 9.501009925131536,
  "summary_csf_k": 1.321294802368965,
  "summary_csf_mad": 95.32671555950543,
  "summary_csf_mean": 405.67333335052257,
  "summary_csf_median": 387.2482046484947,
  "summary_csf_n": 34487.0,
  "summary_csf_p05": 267.40662010386586,
  "summary_csf_p95": 610.3119716215874,
  "summary_csf_stdv": 108.50592001244726,
  "summary_gm_k": 0.04027566239065772,
  "summary_gm_mad": 67.56235657905633,
  "summary_gm_mean": 789.417894756396,
  "summary_gm_median": 786.5245732292533,
  "summary_gm_n": 22272.0,
  "summary_gm_p05": 680.960321482271,
  "summary_gm_p95": 906.6595276258886,
  "summary_gm_stdv": 68.64904524755069,
  "summary_wm_k": 0.9123950404812282,
  "summary_wm_mad": 44.799931723022326,
  "summary_wm_mean": 998.5078672417584,
  "summary_wm_median": 1000.0489305146039,
  "summary_wm_n": 196831.0,
  "summary_wm_p05": 912.966979444027,
  "summary_wm_p95": 1075.2494025789201,
  "summary_wm_stdv": 49.20403356347138,
  "tpm_overlap_csf": 0.1631379872560501,
  "tpm_overlap_gm": 0.4474826753139496,
  "tpm_overlap_wm": 0.4938146770000458,
  "wm2max": 0.5767256936611775
}