{
  "aor": 0.0067094,
  "aqi": 0.013972690933333334,
  "bids_meta": {
    "AcquisitionMatrixPE": 70,
    "AcquisitionNumber": 3,
    "AcquisitionTime": "10:11:13.950000",
    "BodyPartExamined": "BRAIN",
    "CoilString": "MULTI_COIL",
    "ConversionSoftware": "dcm2niix",
    "ConversionSoftwareVersion": "v1.0.20190410  (JP2:OpenJPEG) GCC6.3.0",
    "Dcm2bidsVersion": "2.1.4",
    "DeviceSerialNumber": "42451",
    "EchoTime": 0.03,
    "EchoTrainLength": 35,
    "EffectiveEchoSpacing": 0.000698,
    "FlipAngle": 75,
    "ImageOrientationPatientDICOM": [
      0.999991,
      -0.00197925,
      -0.00365764,
      0.00197077,
      0.999995,
      -0.00232113
    ],
    "ImageType": [
      "ORIGINAL",
      "PRIMARY",
      "M",
      "FFE",
      "M",
      "FFE"
    ],
    "ImagingFrequency": 127.759,
    "InPlanePhaseEncodingDirectionDICOM": "COL",
    "InstitutionAddress": "Calzada_Mexico_Xochimilco_No.101_Tlalpan",
    "InstitutionName": "I.N._Psiquiatria",
    "InstitutionalDepartmentName": "Imagenes_Cerebrales",
    "MRAcquisitionType": "2D",
    "MagneticFieldStrength": 3,
    "Manufacturer": "Philips",
    "ManufacturersModelName": "Ingenia",
    "Modality": "MR",
    "PartialFourier": 0.5,
    "PatientPosition": "HFS",
    "PercentPhaseFOV": 100,
    "PhaseEncodingAxis": "j",
    "PhaseEncodingDirection": "j-",
    "PhaseEncodingSteps": 70,
    "PhilipsRescaleIntercept": 0,
    "PhilipsRescaleSlope": 0.756288,
    "PhilipsScaleSlope": 0.0255408,
    "PixelBandwidth": 1819,
    "ProcedureStepDescription": "PROTOCOLO_EDUARDO_TMS",
    "ProtocolName": "WIP_FE_EPI_32chSHC_AP",
    "ReconMatrixPE": 80,
    "RepetitionTime": 2,
    "SAR": 0.119138,
    "ScanOptions": "FS",
    "ScanningSequence": "GR",
    "SequenceVariant": "SK",
    "SeriesDescription": "FE_EPI_32chSHC_AP",
    "SeriesNumber": 301,
    "SliceThickness": 3.33,
    "SliceTiming": [
      0.0,
      1.027027,
      0.054054,
      1.081081,
      0.108108,
      1.135135,
      0.162162,
      1.189189,
      0.216216,
      1.243244,
      0.27027,
      1.297298,
      0.324324,
      1.351352,
      0.378378,
      1.405406,
      0.432432,
      1.45946,
      0.486486,
      1.513514,
      0.540541,
      1.567568,
      0.594595,
      1.621622,
      0.648649,
      1.675676,
      0.702703,
      1.72973,
      0.756757,
      1.783784,
      0.810811,
      1.837838,
      0.864865,
      1.891892,
      0.918919,
      1.945947,
      0.972973
    ],
    "SoftwareVersions": "5.3.1_5.3.1.0",
    "SpacingBetweenSlices": 3.33,
    "StationName": "PHILIPS-CTMFQSD",
    "TaskName": "rest",
    "TotalReadoutTime": 0.04884,
    "UsePhilipsFloatNotDisplayScaling": 1,
    "dataset": "<unset>",
    "modality": "bold",
    "session_id": "t14",
    "subject_id": "047",
    "task_id": "rest"
  },
  "dummy_trs": 0,
  "dvars_nstd": 24.55340046702342,
  "dvars_std": 1.2046856880267556,
  "dvars_vstd": 1.05572557735786,
  "efc": 0.42386024842683423,
  "fber": 91283.734375,
  "fd_mean": 0.19989878064669236,
  "fd_num": 4,
  "fd_perc": 1.3333333333333333,
  "fwhm_avg": 2.0322109553353926,
  "fwhm_x": 1.9551066666666665,
  "fwhm_y": 2.2567033333333333,
  "fwhm_z": 1.884822866006178,
  "gcor": 0.0270043,
  "gsr_x": -0.013873434625566006,
  "gsr_y": 0.02249106764793396,
  "provenance": {
    "md5sum": "db623c276c23aa284b8f992ca967ac9b",
    "settings": {
      "fd_thres": 0.5,
      "testing": false
    },
    "software": "mriqc",
    "version": "22.0.0rc1",
    "webapi_port": null,
    "webapi_url": "https://mriqc.nimh.nih.gov/api/v1"
  },
  "size_t": 300,
  "size_x": 80,
  "size_y": 80,
  "size_z": 37,
  "snr": 5.536647948560816,
  "spacing_tr": 2.0000016689300537,
  "spacing_x": 3.0,
  "spacing_y": 3.0,
  "spacing_z": 3.3299999237060547,
  "summary_bg_k": 109.26649689955987,
  "summary_bg_mad": 255.709852853998,
  "summary_bg_mean": 1612.592041015625,
  "summary_bg_median": 199.43203735351562,
  "summary_bg_n": 162311.0,
  "summary_bg_p05": 11.31818151473999,
  "summary_bg_p95": 7338.84765625,
  "summary_bg_stdv": 4567.57421875,
  "summary_fg_k": 1.7357250121095298,
  "summary_fg_mad": 9272.394078348638,
  "summary_fg_mean": 61471.6875,
  "summary_fg_median": 61640.921875,
  "summary_fg_n": 33398.0,
  "summary_fg_p05": 42417.071875,
  "summary_fg_p95": 78797.554296875,
  "summary_fg_stdv": 11133.08984375,
  "tsnr": 46.713531494140625
}