{
  "bids_meta": {
    "AcquisitionMatrixPE": 240,
    "AcquisitionNumber": 4,
    "AcquisitionTime": "08:36:36.570000",
    "CoilString": "MULTI_COIL",
    "ConversionSoftware": "dcm2niix",
    "ConversionSoftwareVersion": "v1.0.20190410  (JP2:OpenJPEG) GCC6.3.0",
    "Dcm2bidsVersion": "2.1.4",
    "DeviceSerialNumber": "42451",
    "EchoTime": 0.003501,
    "EchoTrainLength": 240,
    "FlipAngle": 8,
    "ImageOrientationPatientDICOM": [
      -0.00421879,
      0.99999,
      0.001719,
      0.000542332,
      0.00172131,
      -0.999998
    ],
    "ImageType": [
      "ORIGINAL",
      "PRIMARY",
      "M",
      "FFE",
      "M",
      "FFE"
    ],
    "ImagingFrequency": 127.766,
    "InPlanePhaseEncodingDirectionDICOM": "ROW",
    "InstitutionAddress": "Calzada_Mexico_Xochimilco_No.101_Tlalpan",
    "InstitutionName": "I.N._Psiquiatria",
    "InstitutionalDepartmentName": "Imagenes_Cerebrales",
    "MRAcquisitionType": "3D",
    "MagneticFieldStrength": 3,
    "Manufacturer": "Philips",
    "ManufacturersModelName": "Ingenia",
    "Modality": "MR",
    "PatientPosition": "HFS",
    "PercentPhaseFOV": 100,
    "PhaseEncodingSteps": 240,
    "PhilipsRescaleIntercept": 0,
    "PhilipsRescaleSlope": 11.7402,
    "PhilipsScaleSlope": 0.00572203,
    "PixelBandwidth": 310,
    "ProcedureStepDescription": "EDUARDO_TLP",
    "ProtocolName": "WIP_sT1W_3D_TFE_32_channel_SENSE",
    "ReconMatrixPE": 240,
    "RepetitionTime": 0.007,
    "SAR": 0.0382114,
    "ScanOptions": "OTHER",
    "ScanningSequence": "GR",
    "SequenceVariant": "MP",
    "SeriesDescription": "sT1W_3D_TFE_32_channel",
    "SeriesNumber": 401,
    "SliceThickness": 1,
    "SoftwareVersions": "5.1.7_5.1.7.2",
    "SpacingBetweenSlices": 1,
    "StationName": "INGENIA",
    "UsePhilipsFloatNotDisplayScaling": 1,
    "dataset": "<unset>",
    "modality": "T1w",
    "session_id": "t1",
    "subject_id": "015"
  },
  "cjv": 0.4629118908677008,
  "cnr": 2.814175938630979,
  "efc": 0.7917184633261929,
  "fber": 560.7643551817903,
  "fwhm_avg": 4.166746666666666,
  "fwhm_x": 4.02227,
  "fwhm_y": 4.45684,
  "fwhm_z": 4.02113,
  "icvs_csf": 0.2104754257502453,
  "icvs_gm": 0.3861434018462232,
  "icvs_wm": 0.40338117240353144,
  "inu_med": 1.3809815645217896,
  "inu_range": 0.4078674614429474,
  "provenance": {
    "md5sum": "3369b8af07fe0183f786e4a2b3c4bdd7",
    "settings": {
      "testing": false
    },
    "software": "mriqc",
    "version": "21.0.0rc2",
    "warnings": {
      "large_rot_frame": true,
      "small_air_mask": true
    },
    "webapi_port": null,
    "webapi_url": "https://mriqc.nimh.nih.gov/api/v1"
  },
  "qi_1": 0.0,
  "qi_2": 0.00018919698067942377,
  "rpve_csf": 27.564025467747637,
  "rpve_gm": 15.259780739627189,
  "rpve_wm": 18.266961170831323,
  "size_x": 180,
  "size_y": 240,
  "size_z": 240,
  "snr_csf": 3.5625980300865,
  "snr_gm": 12.426239227390663,
  "snr_total": 14.75708650507166,
  "snr_wm": 28.282422257737814,
  "snrd_csf": 21.232357256511566,
  "snrd_gm": 40.53010337347766,
  "snrd_total": 37.650903688904116,
  "snrd_wm": 51.19025043672311,
  "spacing_x": 1.0,
  "spacing_y": 1.0,
  "spacing_z": 1.0,
  "summary_bg_k": 2.950992186787876,
  "summary_bg_mad": 12.798069790543057,
  "summary_bg_mean": 19.10886584255596,
  "summary_bg_median": 17.26433379203081,
  "summary_bg_n": 141335.0,
  "summary_bg_p05": 0.0,
  "summary_bg_p95": 43.24672668799758,
  "summary_bg_stdv": 12.887649446433569,
  "summary_csf_k": 1.0891575446001545,
  "summary_csf_mad": 120.4674032025247,
  "summary_csf_mean": 434.079191256939,
  "summary_csf_median": 414.7734720483422,
  "summary_csf_n": 22179.0,
  "summary_csf_p05": 277.5563752848655,
  "summary_csf_p95": 630.3199678249657,
  "summary_csf_stdv": 116.42181291579831,
  "summary_gm_k": -0.04250231024129958,
  "summary_gm_mad": 63.162613095615484,
  "summary_gm_mean": 789.9255609193693,
  "summary_gm_median": 791.7543726116419,
  "summary_gm_n": 20619.0,
  "summary_gm_p05": 681.6405620574951,
  "summary_gm_p95": 892.6820115286856,
  "summary_gm_stdv": 63.714785967013384,
  "summary_wm_k": 0.5855662426444654,
  "summary_wm_mad": 33.23677826200734,
  "summary_wm_mean": 1000.79380031373,
  "summary_wm_median": 1000.0000307150185,
  "summary_wm_n": 217183.0,
  "summary_wm_p05": 944.4277721904218,
  "summary_wm_p95": 1059.9527918435633,
  "summary_wm_stdv": 35.357570132902374,
  "tpm_overlap_csf": 0.16315126419067383,
  "tpm_overlap_gm": 0.4369693994522095,
  "tpm_overlap_wm": 0.5185637474060059,
  "wm2max": 0.6788431725191022
}