{
  "bids_meta": {
    "AcquisitionMatrixPE": 240,
    "AcquisitionTime": "12:30:11.950000",
    "CoilString": "MULTI_COIL",
    "ConversionSoftware": "dcm2niix",
    "ConversionSoftwareVersion": "v1.0.20190410  (JP2:OpenJPEG) GCC6.3.0",
    "Dcm2bidsVersion": "2.1.4",
    "DeviceSerialNumber": "42451",
    "EchoTime": 0.003501,
    "EchoTrainLength": 240,
    "FlipAngle": 8,
    "ImageOrientationPatientDICOM": [
      0.00403534,
      0.999976,
      0.00569106,
      -0.00357488,
      0.00570549,
      -0.999977
    ],
    "ImageType": [
      "ORIGINAL",
      "PRIMARY",
      "M",
      "FFE",
      "M",
      "FFE"
    ],
    "ImagingFrequency": 127.766,
    "InPlanePhaseEncodingDirectionDICOM": "ROW",
    "InstitutionAddress": "Calzada_Mexico_Xochimilco_No.101_Tlalpan",
    "InstitutionName": "I.N._Psiquiatria",
    "InstitutionalDepartmentName": "Imagenes_Cerebrales",
    "MRAcquisitionType": "3D",
    "MagneticFieldStrength": 3,
    "Manufacturer": "Philips",
    "ManufacturersModelName": "Ingenia",
    "Modality": "MR",
    "PatientPosition": "HFS",
    "PercentPhaseFOV": 100,
    "PhaseEncodingSteps": 240,
    "PhilipsRescaleIntercept": 0,
    "PhilipsRescaleSlope": 9.9409,
    "PhilipsScaleSlope": 0.00577956,
    "PixelBandwidth": 310,
    "ProcedureStepDescription": "EDUARDO_TMS",
    "ProtocolName": "WIP_sT1W_3D_TFE_32_channel_SENSE",
    "ReconMatrixPE": 240,
    "RepetitionTime": 0.007,
    "SAR": 0.0382114,
    "ScanOptions": "OTHER",
    "ScanningSequence": "GR",
    "SequenceVariant": "MP",
    "SeriesDescription": "sT1W_3D_TFE_32_channel",
    "SeriesNumber": 401,
    "SliceThickness": 1,
    "SoftwareVersions": "2.6.3_5.1.7.2",
    "SpacingBetweenSlices": 1,
    "StationName": "INGENIA",
    "UsePhilipsFloatNotDisplayScaling": 1,
    "dataset": "<unset>",
    "modality": "T1w",
    "session_id": "t1",
    "subject_id": "008"
  },
  "cjv": 0.4130122828473395,
  "cnr": 3.133007049625737,
  "efc": 0.8164278696240618,
  "fber": 534.3136886314755,
  "fwhm_avg": 4.377273333333333,
  "fwhm_x": 4.29397,
  "fwhm_y": 4.78159,
  "fwhm_z": 4.05626,
  "icvs_csf": 0.18849522516801442,
  "icvs_gm": 0.41395567398663713,
  "icvs_wm": 0.39754910084534845,
  "inu_med": 1.4264428615570068,
  "inu_range": 0.6018168330192566,
  "provenance": {
    "md5sum": "acc5a9410a9b4ee79f46ce42072cd74a",
    "settings": {
      "testing": false
    },
    "software": "mriqc",
    "version": "21.0.0rc2",
    "warnings": {
      "large_rot_frame": true,
      "small_air_mask": true
    },
    "webapi_port": null,
    "webapi_url": "https://mriqc.nimh.nih.gov/api/v1"
  },
  "qi_1": 0.0,
  "qi_2": 0.00022533166070887723,
  "rpve_csf": 24.812874132302593,
  "rpve_gm": 12.132748467760832,
  "rpve_wm": 15.156741183925492,
  "size_x": 180,
  "size_y": 240,
  "size_z": 240,
  "snr_csf": 2.9101851886352383,
  "snr_gm": 11.125112010460438,
  "snr_total": 12.366248534113753,
  "snr_wm": 23.063448403245584,
  "snrd_csf": 19.09630318130699,
  "snrd_gm": 34.47235680381687,
  "snrd_total": 33.23471833551324,
  "snrd_wm": 46.135495021415885,
  "spacing_x": 1.0,
  "spacing_y": 1.0,
  "spacing_z": 1.0,
  "summary_bg_k": 1.547224397388053,
  "summary_bg_mad": 14.200832378980362,
  "summary_bg_mean": 16.111409781762255,
  "summary_bg_median": 9.975756376981735,
  "summary_bg_n": 95619.0,
  "summary_bg_p05": 0.0,
  "summary_bg_p95": 38.95314272940124,
  "summary_bg_stdv": 10.960621049486518,
  "summary_csf_k": 0.20053609200713973,
  "summary_csf_mad": 137.17650530400948,
  "summary_csf_mean": 433.112336649658,
  "summary_csf_median": 413.934273570776,
  "summary_csf_n": 24622.0,
  "summary_csf_p05": 220.34100937843323,
  "summary_csf_p95": 679.3052908182144,
  "summary_csf_stdv": 142.23351466463293,
  "summary_gm_k": 0.3952008933389344,
  "summary_gm_mad": 64.05105724461266,
  "summary_gm_mean": 751.9402234622586,
  "summary_gm_median": 747.2278710901737,
  "summary_gm_n": 33195.0,
  "summary_gm_p05": 649.2985335886478,
  "summary_gm_p95": 869.2937697380781,
  "summary_gm_stdv": 67.16486226619477,
  "summary_wm_k": 0.7940324956820417,
  "summary_wm_mad": 40.363361741085264,
  "summary_wm_mean": 1000.3063190487235,
  "summary_wm_median": 1000.039768755436,
  "summary_wm_n": 248510.0,
  "summary_wm_p05": 929.5338252782822,
  "summary_wm_p95": 1070.9034086763859,
  "summary_wm_stdv": 43.36028763769771,
  "tpm_overlap_csf": 0.14026007056236267,
  "tpm_overlap_gm": 0.44817113876342773,
  "tpm_overlap_wm": 0.5028877854347229,
  "wm2max": 0.5794358021941626
}