{
  "bids_meta": {
    "AcquisitionMatrixPE": 240,
    "AcquisitionTime": "10:05:30.080000",
    "CoilString": "MULTI_COIL",
    "ConversionSoftware": "dcm2niix",
    "ConversionSoftwareVersion": "v1.0.20190410  (JP2:OpenJPEG) GCC6.3.0",
    "Dcm2bidsVersion": "2.1.4",
    "DeviceSerialNumber": "42451",
    "EchoTime": 0.003501,
    "EchoTrainLength": 240,
    "FlipAngle": 8,
    "ImageOrientationPatientDICOM": [
      -0.0512784,
      0.998644,
      0.00895822,
      -0.0436116,
      0.00672227,
      -0.999026
    ],
    "ImageType": [
      "ORIGINAL",
      "PRIMARY",
      "M",
      "FFE",
      "M",
      "FFE"
    ],
    "ImagingFrequency": 127.766,
    "InPlanePhaseEncodingDirectionDICOM": "ROW",
    "InstitutionAddress": "Calzada_Mexico_Xochimilco_No.101_Tlalpan",
    "InstitutionName": "I.N._Psiquiatria",
    "InstitutionalDepartmentName": "Imagenes_Cerebrales",
    "MRAcquisitionType": "3D",
    "MagneticFieldStrength": 3,
    "Manufacturer": "Philips",
    "ManufacturersModelName": "Ingenia",
    "Modality": "MR",
    "PatientPosition": "HFS",
    "PercentPhaseFOV": 100,
    "PhaseEncodingSteps": 240,
    "PhilipsRescaleIntercept": 0,
    "PhilipsRescaleSlope": 9.67717,
    "PhilipsScaleSlope": 0.00552721,
    "PixelBandwidth": 310,
    "ProcedureStepDescription": "EDUARDO_TMS",
    "ProtocolName": "WIP_sT1W_3D_TFE_32_channel_SENSE",
    "ReconMatrixPE": 240,
    "RepetitionTime": 0.007,
    "SAR": 0.0382114,
    "ScanOptions": "OTHER",
    "ScanningSequence": "GR",
    "SequenceVariant": "MP",
    "SeriesDescription": "sT1W_3D_TFE_32_channel",
    "SeriesNumber": 601,
    "SliceThickness": 1,
    "SoftwareVersions": "2.6.3_5.1.7.2",
    "SpacingBetweenSlices": 1,
    "StationName": "INGENIA",
    "UsePhilipsFloatNotDisplayScaling": 1,
    "dataset": "<unset>",
    "modality": "T1w",
    "session_id": "t1",
    "subject_id": "002"
  },
  "cjv": 0.38434601895898207,
  "cnr": 3.410633580929379,
  "efc": 0.7774909172681973,
  "fber": 1490.9399422549304,
  "fwhm_avg": 4.201006666666667,
  "fwhm_x": 4.13488,
  "fwhm_y": 4.4094,
  "fwhm_z": 4.05874,
  "icvs_csf": 0.19774314400750315,
  "icvs_gm": 0.4026618194216563,
  "icvs_wm": 0.39959503657084056,
  "inu_med": 1.2793002128601074,
  "inu_range": 0.39057506322860713,
  "provenance": {
    "md5sum": "002998c16777ce553d7ef37df9d75f55",
    "settings": {
      "testing": false
    },
    "software": "mriqc",
    "version": "21.0.0rc2",
    "warnings": {
      "large_rot_frame": true,
      "small_air_mask": true
    },
    "webapi_port": null,
    "webapi_url": "https://mriqc.nimh.nih.gov/api/v1"
  },
  "qi_1": 0.0,
  "qi_2": 0.00023795566963070698,
  "rpve_csf": 29.32407475954283,
  "rpve_gm": 15.003338041203396,
  "rpve_wm": 18.393960069587084,
  "size_x": 180,
  "size_y": 240,
  "size_z": 240,
  "snr_csf": 3.628834156719059,
  "snr_gm": 13.47032808086368,
  "snr_total": 14.751994201813668,
  "snr_wm": 27.156820367858263,
  "snrd_csf": 21.135074629498547,
  "snrd_gm": 44.225926369377284,
  "snrd_total": 41.01583627939156,
  "snrd_wm": 57.68650783929886,
  "spacing_x": 1.0,
  "spacing_y": 1.0,
  "spacing_z": 1.0,
  "summary_bg_k": 1.7265972684401234,
  "summary_bg_mad": 11.356839253349952,
  "summary_bg_mean": 13.907267553842331,
  "summary_bg_median": 15.423193633556366,
  "summary_bg_n": 170740.0,
  "summary_bg_p05": 0.0,
  "summary_bg_p95": 31.121188044548035,
  "summary_bg_stdv": 9.254136886159879,
  "summary_csf_k": 1.3746466056360953,
  "summary_csf_mad": 83.11372942361938,
  "summary_csf_mean": 388.7205136870075,
  "summary_csf_median": 366.37813651561737,
  "summary_csf_n": 20841.0,
  "summary_csf_p05": 264.8735993504524,
  "summary_csf_p95": 582.68069845438,
  "summary_csf_stdv": 100.96062006338872,
  "summary_gm_k": 0.12469670450152925,
  "summary_gm_mad": 56.32584849419303,
  "summary_gm_mean": 766.9891298337282,
  "summary_gm_median": 766.6598189473152,
  "summary_gm_n": 17906.0,
  "summary_gm_p05": 674.7389588952065,
  "summary_gm_p95": 860.9078980833292,
  "summary_gm_stdv": 56.91312090865949,
  "summary_wm_k": 0.8730653488398361,
  "summary_wm_mad": 33.35753233607273,
  "summary_wm_mean": 999.1250418520003,
  "summary_wm_median": 1000.0000290870667,
  "summary_wm_n": 200750.0,
  "summary_wm_p05": 936.9332506656647,
  "summary_wm_p95": 1057.5707919597626,
  "summary_wm_stdv": 36.823071511251925,
  "tpm_overlap_csf": 0.16603167355060577,
  "tpm_overlap_gm": 0.4333626329898834,
  "tpm_overlap_wm": 0.5045056939125061,
  "wm2max": 0.6469908436305449
}