{
  "bids_meta": {
    "AcquisitionMatrixPE": 240,
    "AcquisitionNumber": 4,
    "AcquisitionTime": "08:47:52.660000",
    "BodyPartExamined": "BRAIN",
    "CoilString": "MULTI_COIL",
    "ConversionSoftware": "dcm2niix",
    "ConversionSoftwareVersion": "v1.0.20190410  (JP2:OpenJPEG) GCC6.3.0",
    "Dcm2bidsVersion": "2.1.4",
    "DeviceSerialNumber": "42451",
    "EchoTime": 0.0035,
    "EchoTrainLength": 240,
    "FlipAngle": 8,
    "ImageOrientationPatientDICOM": [
      -0.0042116,
      0.999988,
      -0.0024883,
      -0.00362181,
      -0.00250356,
      -0.99999
    ],
    "ImageType": [
      "ORIGINAL",
      "PRIMARY",
      "M",
      "FFE",
      "M",
      "FFE"
    ],
    "ImagingFrequency": 127.76,
    "InPlanePhaseEncodingDirectionDICOM": "ROW",
    "InstitutionAddress": "Calzada_Mexico_Xochimilco_No.101_Tlalpan",
    "InstitutionName": "I.N._Psiquiatria",
    "InstitutionalDepartmentName": "Imagenes_Cerebrales",
    "MRAcquisitionType": "3D",
    "MagneticFieldStrength": 3,
    "Manufacturer": "Philips",
    "ManufacturersModelName": "Ingenia",
    "Modality": "MR",
    "PatientPosition": "HFS",
    "PercentPhaseFOV": 100,
    "PhaseEncodingSteps": 240,
    "PhilipsRescaleIntercept": 0,
    "PhilipsRescaleSlope": 4.03321,
    "PhilipsScaleSlope": 0.00603954,
    "PixelBandwidth": 310,
    "ProcedureStepDescription": "PROTOCOLO_TMS",
    "ProtocolName": "WIP_sT1W_3D_TFE_32_channel",
    "ReconMatrixPE": 240,
    "RepetitionTime": 0.007,
    "SAR": 0.0382114,
    "ScanOptions": "OTHER",
    "ScanningSequence": "GR",
    "SequenceVariant": "MP",
    "SeriesDescription": "sT1W_3D_TFE_32_channel",
    "SeriesNumber": 401,
    "SliceThickness": 1,
    "SoftwareVersions": "5.3.1_5.3.1.0",
    "SpacingBetweenSlices": 1,
    "StationName": "PHILIPS-CTMFQSD",
    "UsePhilipsFloatNotDisplayScaling": 1,
    "dataset": "<unset>",
    "modality": "T1w",
    "session_id": "t1",
    "subject_id": "037"
  },
  "cjv": 0.5452222175062047,
  "cnr": 2.2661505321510527,
  "efc": 0.7471377958100077,
  "fber": 2850.21313205097,
  "fwhm_avg": 4.025060000000001,
  "fwhm_x": 3.87085,
  "fwhm_y": 4.35463,
  "fwhm_z": 3.8497,
  "icvs_csf": 0.19354581086771547,
  "icvs_gm": 0.3892727032238894,
  "icvs_wm": 0.41718148590839516,
  "inu_med": 1.806104063987732,
  "inu_range": 0.6522954702377319,
  "provenance": {
    "md5sum": "d568d3e392ada48186eaf5f28f335977",
    "settings": {
      "testing": false
    },
    "software": "mriqc",
    "version": "21.0.0rc2",
    "warnings": {
      "large_rot_frame": true,
      "small_air_mask": false
    },
    "webapi_port": null,
    "webapi_url": "https://mriqc.nimh.nih.gov/api/v1"
  },
  "qi_1": 0.0003249440643550911,
  "qi_2": 1.7373797543157653e-05,
  "rpve_csf": 23.996913313813096,
  "rpve_gm": 12.40310480729851,
  "rpve_wm": 14.258390605792245,
  "size_x": 180,
  "size_y": 240,
  "size_z": 240,
  "snr_csf": 3.500199777468761,
  "snr_gm": 10.40805718663192,
  "snr_total": 12.80195596057274,
  "snr_wm": 24.49761091761754,
  "snrd_csf": 30.004629271153693,
  "snrd_gm": 58.85720703051555,
  "snrd_total": 54.47520287835758,
  "snrd_wm": 74.56377233340349,
  "spacing_x": 1.0,
  "spacing_y": 1.0,
  "spacing_z": 1.0,
  "summary_bg_k": 28.332106752561156,
  "summary_bg_mad": 8.786720553741539,
  "summary_bg_mean": 17.440671769054354,
  "summary_bg_median": 5.926552951335907,
  "summary_bg_n": 347099.0,
  "summary_bg_p05": 0.0,
  "summary_bg_p95": 82.01925959438086,
  "summary_bg_stdv": 34.96522381286667,
  "summary_csf_k": 0.8253908141997832,
  "summary_csf_mad": 101.20419209220165,
  "summary_csf_mean": 424.0401954119234,
  "summary_csf_median": 402.4235285259783,
  "summary_csf_n": 25808.0,
  "summary_csf_p05": 271.24562882632017,
  "summary_csf_p95": 636.2392713690175,
  "summary_csf_stdv": 114.96936104984039,
  "summary_gm_k": -0.07690651274377691,
  "summary_gm_mad": 77.04071056941241,
  "summary_gm_mean": 793.6217210088682,
  "summary_gm_median": 789.3956868574023,
  "summary_gm_n": 25307.0,
  "summary_gm_p05": 677.2145059928298,
  "summary_gm_p95": 926.2355612516403,
  "summary_gm_stdv": 75.84317381798574,
  "summary_wm_k": 0.9848547499782412,
  "summary_wm_mad": 37.8142795259234,
  "summary_wm_mean": 1001.0547719081687,
  "summary_wm_median": 1000.0528948865831,
  "summary_wm_n": 271436.0,
  "summary_wm_p05": 936.7128602191806,
  "summary_wm_p95": 1068.4199164323509,
  "summary_wm_stdv": 40.82239105256635,
  "tpm_overlap_csf": 0.15204565227031708,
  "tpm_overlap_gm": 0.4258774220943451,
  "tpm_overlap_wm": 0.5019476413726807,
  "wm2max": 0.603320022293356
}