{
  "bids_meta": {
    "AcquisitionMatrixPE": 240,
    "AcquisitionNumber": 4,
    "AcquisitionTime": "09:39:11.240000",
    "BodyPartExamined": "BRAIN",
    "CoilString": "MULTI_COIL",
    "ConversionSoftware": "dcm2niix",
    "ConversionSoftwareVersion": "v1.0.20190410  (JP2:OpenJPEG) GCC6.3.0",
    "Dcm2bidsVersion": "2.1.4",
    "DeviceSerialNumber": "42451",
    "EchoTime": 0.0035,
    "EchoTrainLength": 240,
    "FlipAngle": 8,
    "ImageOrientationPatientDICOM": [
      -0.0042116,
      0.999989,
      -0.0021963,
      -0.00362181,
      -0.00221156,
      -0.999991
    ],
    "ImageType": [
      "ORIGINAL",
      "PRIMARY",
      "M",
      "FFE",
      "M",
      "FFE"
    ],
    "ImagingFrequency": 127.76,
    "InPlanePhaseEncodingDirectionDICOM": "ROW",
    "InstitutionAddress": "Calzada_Mexico_Xochimilco_No.101_Tlalpan",
    "InstitutionName": "I.N._Psiquiatria",
    "InstitutionalDepartmentName": "Imagenes_Cerebrales",
    "MRAcquisitionType": "3D",
    "MagneticFieldStrength": 3,
    "Manufacturer": "Philips",
    "ManufacturersModelName": "Ingenia",
    "Modality": "MR",
    "PatientPosition": "HFS",
    "PercentPhaseFOV": 100,
    "PhaseEncodingSteps": 240,
    "PhilipsRescaleIntercept": 0,
    "PhilipsRescaleSlope": 3.79609,
    "PhilipsScaleSlope": 0.00610696,
    "PixelBandwidth": 310,
    "ProcedureStepDescription": "EDUARDO_TMS",
    "ProtocolName": "WIP_sT1W_3D_TFE_32_channel",
    "ReconMatrixPE": 240,
    "RepetitionTime": 0.007,
    "SAR": 0.0382114,
    "ScanOptions": "OTHER",
    "ScanningSequence": "GR",
    "SequenceVariant": "MP",
    "SeriesDescription": "sT1W_3D_TFE_32_channel",
    "SeriesNumber": 401,
    "SliceThickness": 1,
    "SoftwareVersions": "5.3.1_5.3.1.1",
    "SpacingBetweenSlices": 1,
    "StationName": "PHILIPS-CTMFQSD",
    "UsePhilipsFloatNotDisplayScaling": 1,
    "dataset": "<unset>",
    "modality": "T1w",
    "session_id": "t2",
    "subject_id": "015"
  },
  "cjv": 0.475782757104423,
  "cnr": 2.6807540951708555,
  "efc": 0.7012290461931419,
  "fber": 11792.860278801474,
  "fwhm_avg": 4.129306666666667,
  "fwhm_x": 3.99351,
  "fwhm_y": 4.42812,
  "fwhm_z": 3.96629,
  "icvs_csf": 0.20792858864893038,
  "icvs_gm": 0.383179641905429,
  "icvs_wm": 0.4088917694456406,
  "inu_med": 1.523202657699585,
  "inu_range": 0.48310601711273193,
  "provenance": {
    "md5sum": "9d40542a608149618866aa7eefe247e4",
    "settings": {
      "testing": false
    },
    "software": "mriqc",
    "version": "21.0.0rc2",
    "warnings": {
      "large_rot_frame": true,
      "small_air_mask": false
    },
    "webapi_port": null,
    "webapi_url": "https://mriqc.nimh.nih.gov/api/v1"
  },
  "qi_1": 0.0,
  "qi_2": 0.00011478404064271083,
  "rpve_csf": 28.107968148154214,
  "rpve_gm": 15.380783100022697,
  "rpve_wm": 18.152410717903635,
  "size_x": 180,
  "size_y": 240,
  "size_z": 240,
  "snr_csf": 3.466673019178298,
  "snr_gm": 11.86548508740902,
  "snr_total": 15.501033317904977,
  "snr_wm": 31.170941847127608,
  "snrd_csf": 60.66886794416282,
  "snrd_gm": 117.96633400095106,
  "snrd_total": 108.77226283451857,
  "snrd_wm": 147.68158655844184,
  "spacing_x": 1.0,
  "spacing_y": 1.0,
  "spacing_z": 1.0,
  "summary_bg_k": 3.575124345775775,
  "summary_bg_mad": 4.436141437249079,
  "summary_bg_mean": 7.645460021681519,
  "summary_bg_median": 2.992131929844618,
  "summary_bg_n": 530970.0,
  "summary_bg_p05": 0.0,
  "summary_bg_p95": 24.158694840967655,
  "summary_bg_stdv": 8.527039257363686,
  "summary_csf_k": 1.3713030059588052,
  "summary_csf_mad": 111.4512077136034,
  "summary_csf_mean": 434.0010460537443,
  "summary_csf_median": 410.8086319975555,
  "summary_csf_n": 20419.0,
  "summary_csf_p05": 278.41233508698645,
  "summary_csf_p95": 644.2318624258041,
  "summary_csf_stdv": 118.49937104880317,
  "summary_gm_k": 0.01911652075597381,
  "summary_gm_mad": 66.15875131107268,
  "summary_gm_mean": 797.8345341513952,
  "summary_gm_median": 798.7884055674076,
  "summary_gm_n": 17913.0,
  "summary_gm_p05": 686.3433488458395,
  "summary_gm_p95": 909.9479537561533,
  "summary_gm_stdv": 67.31845373699899,
  "summary_wm_k": 0.8892415432253822,
  "summary_wm_mad": 29.57427624832719,
  "summary_wm_mean": 1000.1925959982117,
  "summary_wm_median": 1000.000042874366,
  "summary_wm_n": 213607.0,
  "summary_wm_p05": 948.3211222589016,
  "summary_wm_p95": 1052.6024609990418,
  "summary_wm_stdv": 32.08108715574199,
  "tpm_overlap_csf": 0.16694357991218567,
  "tpm_overlap_gm": 0.4336431622505188,
  "tpm_overlap_wm": 0.5179023146629333,
  "wm2max": 0.660784026557313
}