{
  "bids_meta": {
    "AcquisitionMatrixPE": 240,
    "AcquisitionNumber": 4,
    "AcquisitionTime": "09:06:32.800000",
    "BodyPartExamined": "BRAIN",
    "CoilString": "MULTI_COIL",
    "ConversionSoftware": "dcm2niix",
    "ConversionSoftwareVersion": "v1.0.20190410  (JP2:OpenJPEG) GCC6.3.0",
    "Dcm2bidsVersion": "2.1.4",
    "DeviceSerialNumber": "42451",
    "EchoTime": 0.0035,
    "EchoTrainLength": 240,
    "FlipAngle": 8,
    "ImageOrientationPatientDICOM": [
      -0.000111684,
      0.999998,
      0.00219479,
      -0.00282015,
      0.00219446,
      -0.999994
    ],
    "ImageType": [
      "ORIGINAL",
      "PRIMARY",
      "M",
      "FFE",
      "M",
      "FFE"
    ],
    "ImagingFrequency": 127.759,
    "InPlanePhaseEncodingDirectionDICOM": "ROW",
    "InstitutionAddress": "Calzada_Mexico_Xochimilco_No.101_Tlalpan",
    "InstitutionName": "I.N._Psiquiatria",
    "InstitutionalDepartmentName": "Imagenes_Cerebrales",
    "MRAcquisitionType": "3D",
    "MagneticFieldStrength": 3,
    "Manufacturer": "Philips",
    "ManufacturersModelName": "Ingenia",
    "Modality": "MR",
    "PatientPosition": "HFS",
    "PercentPhaseFOV": 100,
    "PhaseEncodingSteps": 240,
    "PhilipsRescaleIntercept": 0,
    "PhilipsRescaleSlope": 3.71209,
    "PhilipsScaleSlope": 0.00593501,
    "PixelBandwidth": 310,
    "ProcedureStepDescription": "PROTOCOLO_EDUARDO_TMS",
    "ProtocolName": "WIP_sT1W_3D_TFE_32_channel",
    "ReconMatrixPE": 240,
    "RepetitionTime": 0.007,
    "SAR": 0.0382114,
    "ScanOptions": "OTHER",
    "ScanningSequence": "GR",
    "SequenceVariant": "MP",
    "SeriesDescription": "sT1W_3D_TFE_32_channel",
    "SeriesNumber": 401,
    "SliceThickness": 1,
    "SoftwareVersions": "5.3.1_5.3.1.0",
    "SpacingBetweenSlices": 1,
    "StationName": "PHILIPS-CTMFQSD",
    "UsePhilipsFloatNotDisplayScaling": 1,
    "dataset": "<unset>",
    "modality": "T1w",
    "session_id": "t0",
    "subject_id": "054"
  },
  "cjv": 0.7371167498643791,
  "cnr": 1.7801075858196618,
  "efc": 0.6784727403272073,
  "fber": 62637.756983826934,
  "fwhm_avg": 4.3103066666666665,
  "fwhm_x": 4.24021,
  "fwhm_y": 4.54144,
  "fwhm_z": 4.14927,
  "icvs_csf": 0.20822556660816988,
  "icvs_gm": 0.39292439188622885,
  "icvs_wm": 0.39885004150560127,
  "inu_med": 1.9675865173339844,
  "inu_range": 0.8421833157539365,
  "provenance": {
    "md5sum": "0dd791debf3c080bde6826e8b67c071b",
    "settings": {
      "testing": false
    },
    "software": "mriqc",
    "version": "21.0.0rc2",
    "warnings": {
      "large_rot_frame": true,
      "small_air_mask": false
    },
    "webapi_port": null,
    "webapi_url": "https://mriqc.nimh.nih.gov/api/v1"
  },
  "qi_1": 0.0,
  "qi_2": 5.2289421169400334e-05,
  "rpve_csf": 29.178234787632977,
  "rpve_gm": 15.620045880031197,
  "rpve_wm": 18.73595989033879,
  "size_x": 180,
  "size_y": 240,
  "size_z": 240,
  "snr_csf": 3.19635632716561,
  "snr_gm": 10.166055899719678,
  "snr_total": 11.373042339231754,
  "snr_wm": 20.756714790809976,
  "snrd_csf": 65.91201401187092,
  "snrd_gm": 140.635690352451,
  "snrd_total": 125.32141978608577,
  "snrd_wm": 169.41655499393542,
  "spacing_x": 1.0,
  "spacing_y": 1.0,
  "spacing_z": 1.0,
  "summary_bg_k": 2995.536067677241,
  "summary_bg_mad": 3.8670152080430396,
  "summary_bg_mean": 6.4596703951306,
  "summary_bg_median": 2.6082621216773987,
  "summary_bg_n": 614143.0,
  "summary_bg_p05": 0.0,
  "summary_bg_p95": 24.049711033701897,
  "summary_bg_stdv": 10.921044291150187,
  "summary_csf_k": 1.5151026644679906,
  "summary_csf_mad": 107.99208647167254,
  "summary_csf_mean": 419.86033827300304,
  "summary_csf_median": 389.05298088490963,
  "summary_csf_n": 25880.0,
  "summary_csf_p05": 273.2902529977262,
  "summary_csf_p95": 645.9706355497241,
  "summary_csf_stdv": 121.71529845602349,
  "summary_gm_k": -0.008107917537736764,
  "summary_gm_mad": 80.52490492042564,
  "summary_gm_mean": 832.6971355704266,
  "summary_gm_median": 830.1177770197392,
  "summary_gm_n": 17419.0,
  "summary_gm_p05": 703.609392759204,
  "summary_gm_p95": 973.6489073038101,
  "summary_gm_stdv": 81.65349049089352,
  "summary_wm_k": 0.8569908895576575,
  "summary_wm_mad": 44.698146375321016,
  "summary_wm_mean": 999.719413895514,
  "summary_wm_median": 1000.0000260919333,
  "summary_wm_n": 194364.0,
  "summary_wm_p05": 920.4096745848656,
  "summary_wm_p95": 1076.7519747018814,
  "summary_wm_stdv": 48.17705805922897,
  "tpm_overlap_csf": 0.15233464539051056,
  "tpm_overlap_gm": 0.4184466600418091,
  "tpm_overlap_wm": 0.4847046434879303,
  "wm2max": 0.650603904838725
}