{
  "aor": 0.0027644666666666665,
  "aqi": 0.007418935333333332,
  "bids_meta": {
    "AcquisitionMatrixPE": 70,
    "AcquisitionNumber": 4,
    "AcquisitionTime": "11:32:58.370000",
    "BodyPartExamined": "BRAIN",
    "CoilString": "MULTI_COIL",
    "ConversionSoftware": "dcm2niix",
    "ConversionSoftwareVersion": "v1.0.20190410  (JP2:OpenJPEG) GCC6.3.0",
    "Dcm2bidsVersion": "2.1.4",
    "DeviceSerialNumber": "42451",
    "EchoTime": 0.03,
    "EchoTrainLength": 35,
    "EffectiveEchoSpacing": 0.000698,
    "FlipAngle": 75,
    "ImageOrientationPatientDICOM": [
      0.999985,
      0.0042485,
      -0.00357845,
      -0.0042116,
      0.999938,
      0.0102584
    ],
    "ImageType": [
      "ORIGINAL",
      "PRIMARY",
      "M",
      "FFE",
      "M",
      "FFE"
    ],
    "ImagingFrequency": 127.76,
    "InPlanePhaseEncodingDirectionDICOM": "COL",
    "InstitutionAddress": "Calzada_Mexico_Xochimilco_No.101_Tlalpan",
    "InstitutionName": "I.N._Psiquiatria",
    "InstitutionalDepartmentName": "Imagenes_Cerebrales",
    "MRAcquisitionType": "2D",
    "MagneticFieldStrength": 3,
    "Manufacturer": "Philips",
    "ManufacturersModelName": "Ingenia",
    "Modality": "MR",
    "PartialFourier": 0.5,
    "PatientPosition": "HFS",
    "PercentPhaseFOV": 100,
    "PhaseEncodingAxis": "j",
    "PhaseEncodingDirection": "j-",
    "PhaseEncodingSteps": 70,
    "PhilipsRescaleIntercept": 0,
    "PhilipsRescaleSlope": 0.850549,
    "PhilipsScaleSlope": 0.0307726,
    "PixelBandwidth": 1819,
    "ProcedureStepDescription": "EDUARDO_TMS",
    "ProtocolName": "WIP_FE_EPI_32chSHC_AP",
    "ReconMatrixPE": 80,
    "RepetitionTime": 2,
    "SAR": 0.119138,
    "ScanOptions": "FS",
    "ScanningSequence": "GR",
    "SequenceVariant": "SK",
    "SeriesDescription": "FE_EPI_32chSHC_AP",
    "SeriesNumber": 401,
    "SliceThickness": 3.33,
    "SliceTiming": [
      0.0,
      1.027027,
      0.054054,
      1.081081,
      0.108108,
      1.135135,
      0.162162,
      1.189189,
      0.216216,
      1.243244,
      0.27027,
      1.297298,
      0.324324,
      1.351352,
      0.378378,
      1.405406,
      0.432432,
      1.45946,
      0.486486,
      1.513514,
      0.540541,
      1.567568,
      0.594595,
      1.621622,
      0.648649,
      1.675676,
      0.702703,
      1.72973,
      0.756757,
      1.783784,
      0.810811,
      1.837838,
      0.864865,
      1.891892,
      0.918919,
      1.945947,
      0.972973
    ],
    "SoftwareVersions": "5.3.1_5.3.1.0",
    "SpacingBetweenSlices": 3.33,
    "StationName": "PHILIPS-CTMFQSD",
    "TaskName": "rest",
    "TotalReadoutTime": 0.04884,
    "UsePhilipsFloatNotDisplayScaling": 1,
    "dataset": "<unset>",
    "modality": "bold",
    "session_id": "t3",
    "subject_id": "024",
    "task_id": "rest"
  },
  "dummy_trs": 0,
  "dvars_nstd": 23.347332759933114,
  "dvars_std": 1.2059183830434783,
  "dvars_vstd": 0.9944738044816055,
  "efc": 0.4004736450222343,
  "fber": 90233.453125,
  "fd_mean": 0.1599901831715944,
  "fd_num": 13,
  "fd_perc": 4.333333333333333,
  "fwhm_avg": 1.8374897027011734,
  "fwhm_x": 1.8328633333333333,
  "fwhm_y": 1.9758699999999998,
  "fwhm_z": 1.7037357747701876,
  "gcor": 0.0176842,
  "gsr_x": -0.002453593537211418,
  "gsr_y": -0.00011676648864522576,
  "provenance": {
    "md5sum": "83fcbbc718f93e3c7b76a96c85497e2c",
    "settings": {
      "fd_thres": 0.5,
      "testing": false
    },
    "software": "mriqc",
    "version": "22.0.0rc1",
    "webapi_port": null,
    "webapi_url": "https://mriqc.nimh.nih.gov/api/v1"
  },
  "size_t": 300,
  "size_x": 80,
  "size_y": 80,
  "size_z": 37,
  "snr": 5.653511230306119,
  "spacing_tr": 2.0000016689300537,
  "spacing_x": 3.0,
  "spacing_y": 3.0,
  "spacing_z": 3.3299999237060547,
  "summary_bg_k": 39.396957570068,
  "summary_bg_mad": 210.92954683289923,
  "summary_bg_mean": 1279.2950439453125,
  "summary_bg_median": 172.72723388671875,
  "summary_bg_n": 167745.0,
  "summary_bg_p05": 11.402440452575684,
  "summary_bg_p95": 6192.7107421874925,
  "summary_bg_stdv": 3295.86279296875,
  "summary_fg_k": 2.636817348821843,
  "summary_fg_mad": 7342.6511927130705,
  "summary_fg_mean": 53191.59375,
  "summary_fg_median": 52519.140625,
  "summary_fg_n": 29432.0,
  "summary_fg_p05": 39761.275390625,
  "summary_fg_p95": 69322.38398437499,
  "summary_fg_stdv": 9289.4921875,
  "tsnr": 64.68653869628906
}