{
  "bids_meta": {
    "AcquisitionMatrixPE": 240,
    "AcquisitionNumber": 4,
    "AcquisitionTime": "10:21:48.260000",
    "BodyPartExamined": "BRAIN",
    "CoilString": "MULTI_COIL",
    "ConversionSoftware": "dcm2niix",
    "ConversionSoftwareVersion": "v1.0.20190410  (JP2:OpenJPEG) GCC6.3.0",
    "Dcm2bidsVersion": "2.1.4",
    "DeviceSerialNumber": "42451",
    "EchoTime": 0.0035,
    "EchoTrainLength": 240,
    "FlipAngle": 8,
    "ImageOrientationPatientDICOM": [
      0.00197077,
      0.999995,
      -0.00232113,
      -0.00366221,
      -0.0023139,
      -0.999991
    ],
    "ImageType": [
      "ORIGINAL",
      "PRIMARY",
      "M",
      "FFE",
      "M",
      "FFE"
    ],
    "ImagingFrequency": 127.759,
    "InPlanePhaseEncodingDirectionDICOM": "ROW",
    "InstitutionAddress": "Calzada_Mexico_Xochimilco_No.101_Tlalpan",
    "InstitutionName": "I.N._Psiquiatria",
    "InstitutionalDepartmentName": "Imagenes_Cerebrales",
    "MRAcquisitionType": "3D",
    "MagneticFieldStrength": 3,
    "Manufacturer": "Philips",
    "ManufacturersModelName": "Ingenia",
    "Modality": "MR",
    "PatientPosition": "HFS",
    "PercentPhaseFOV": 100,
    "PhaseEncodingSteps": 240,
    "PhilipsRescaleIntercept": 0,
    "PhilipsRescaleSlope": 3.33724,
    "PhilipsScaleSlope": 0.00567468,
    "PixelBandwidth": 310,
    "ProcedureStepDescription": "PROTOCOLO_EDUARDO_TMS",
    "ProtocolName": "WIP_sT1W_3D_TFE_32_channel",
    "ReconMatrixPE": 240,
    "RepetitionTime": 0.007,
    "SAR": 0.0382114,
    "ScanOptions": "OTHER",
    "ScanningSequence": "GR",
    "SequenceVariant": "MP",
    "SeriesDescription": "sT1W_3D_TFE_32_channel",
    "SeriesNumber": 401,
    "SliceThickness": 1,
    "SoftwareVersions": "5.3.1_5.3.1.0",
    "SpacingBetweenSlices": 1,
    "StationName": "PHILIPS-CTMFQSD",
    "UsePhilipsFloatNotDisplayScaling": 1,
    "dataset": "<unset>",
    "modality": "T1w",
    "session_id": "t14",
    "subject_id": "047"
  },
  "cjv": 0.5319019295961288,
  "cnr": 2.3551100849089006,
  "efc": 0.7201667850121369,
  "fber": 12380.271111111111,
  "fwhm_avg": 4.014896666666667,
  "fwhm_x": 3.86381,
  "fwhm_y": 4.31822,
  "fwhm_z": 3.86266,
  "icvs_csf": 0.2060169388450909,
  "icvs_gm": 0.4010434479246773,
  "icvs_wm": 0.3929396132302318,
  "inu_med": 1.760941505432129,
  "inu_range": 0.6493639349937439,
  "provenance": {
    "md5sum": "eac1c5d5f7ea2dc2ab43e8bafe7bc923",
    "settings": {
      "testing": false
    },
    "software": "mriqc",
    "version": "21.0.0rc2",
    "warnings": {
      "large_rot_frame": true,
      "small_air_mask": false
    },
    "webapi_port": null,
    "webapi_url": "https://mriqc.nimh.nih.gov/api/v1"
  },
  "qi_1": 0.0,
  "qi_2": 9.837565134979725e-05,
  "rpve_csf": 23.158227520199667,
  "rpve_gm": 12.352812047081159,
  "rpve_wm": 15.477700519313279,
  "size_x": 180,
  "size_y": 240,
  "size_z": 240,
  "snr_csf": 3.363602993933753,
  "snr_gm": 9.898978009448216,
  "snr_total": 12.571094128339686,
  "snr_wm": 24.45070138163709,
  "snrd_csf": 60.486386725501525,
  "snrd_gm": 116.06787468573044,
  "snrd_total": 107.93477678315377,
  "snrd_wm": 147.25006893822933,
  "spacing_x": 1.0,
  "spacing_y": 1.0,
  "spacing_z": 1.0,
  "summary_bg_k": 4.625090391812912,
  "summary_bg_mad": 4.449141550320699,
  "summary_bg_mean": 7.396308617233276,
  "summary_bg_median": 3.000900372862816,
  "summary_bg_n": 538742.0,
  "summary_bg_p05": 0.0,
  "summary_bg_p95": 24.257278013974428,
  "summary_bg_stdv": 8.484546431475426,
  "summary_csf_k": 7.417234992142356,
  "summary_csf_mad": 102.84932217158016,
  "summary_csf_mean": 437.4041146777307,
  "summary_csf_median": 410.7732460387051,
  "summary_csf_n": 24051.0,
  "summary_csf_p05": 286.1858655586839,
  "summary_csf_p95": 660.5982020795345,
  "summary_csf_stdv": 122.12044853732836,
  "summary_gm_k": 0.23665558346287252,
  "summary_gm_mad": 74.15235917201164,
  "summary_gm_mean": 796.8529473028746,
  "summary_gm_median": 788.236497938633,
  "summary_gm_n": 20535.0,
  "summary_gm_p05": 679.7589509602636,
  "summary_gm_p95": 944.883497402072,
  "summary_gm_stdv": 79.62612952972654,
  "summary_wm_k": 0.7100598879196642,
  "summary_wm_mad": 38.485074410274045,
  "summary_wm_mean": 1001.9097109803483,
  "summary_wm_median": 1000.000034250319,
  "summary_wm_n": 236600.0,
  "summary_wm_p05": 938.2315015755594,
  "summary_wm_p95": 1071.4239638747642,
  "summary_wm_stdv": 40.89853723900475,
  "tpm_overlap_csf": 0.1664879471063614,
  "tpm_overlap_gm": 0.44727441668510437,
  "tpm_overlap_wm": 0.5069185495376587,
  "wm2max": 0.5525952130893814
}