{
  "bids_meta": {
    "AcquisitionMatrixPE": 240,
    "AcquisitionNumber": 4,
    "AcquisitionTime": "10:54:29.170000",
    "BodyPartExamined": "BRAIN",
    "CoilString": "MULTI_COIL",
    "ConversionSoftware": "dcm2niix",
    "ConversionSoftwareVersion": "v1.0.20190410  (JP2:OpenJPEG) GCC6.3.0",
    "Dcm2bidsVersion": "2.1.4",
    "DeviceSerialNumber": "42451",
    "EchoTime": 0.0035,
    "EchoTrainLength": 240,
    "FlipAngle": 8,
    "ImageOrientationPatientDICOM": [
      -0.0692439,
      0.997463,
      -0.0165113,
      0.0811996,
      -0.0108608,
      -0.996639
    ],
    "ImageType": [
      "ORIGINAL",
      "PRIMARY",
      "M",
      "FFE",
      "M",
      "FFE"
    ],
    "ImagingFrequency": 127.759,
    "InPlanePhaseEncodingDirectionDICOM": "ROW",
    "InstitutionAddress": "Calzada_Mexico_Xochimilco_No.101_Tlalpan",
    "InstitutionName": "I.N._Psiquiatria",
    "InstitutionalDepartmentName": "Imagenes_Cerebrales",
    "MRAcquisitionType": "3D",
    "MagneticFieldStrength": 3,
    "Manufacturer": "Philips",
    "ManufacturersModelName": "Ingenia",
    "Modality": "MR",
    "PatientPosition": "HFS",
    "PercentPhaseFOV": 100,
    "PhaseEncodingSteps": 240,
    "PhilipsRescaleIntercept": 0,
    "PhilipsRescaleSlope": 129.078,
    "PhilipsScaleSlope": 0.00588256,
    "PixelBandwidth": 310,
    "ProcedureStepDescription": "EDUARDO_TMS",
    "ProtocolName": "WIP_sT1W_3D_TFE_32_channel",
    "ReconMatrixPE": 240,
    "RepetitionTime": 0.007,
    "SAR": 0.0382114,
    "ScanOptions": "OTHER",
    "ScanningSequence": "GR",
    "SequenceVariant": "MP",
    "SeriesDescription": "sT1W_3D_TFE_32_channel",
    "SeriesNumber": 401,
    "SliceThickness": 1,
    "SoftwareVersions": "5.3.1_5.3.1.0",
    "SpacingBetweenSlices": 1,
    "StationName": "PHILIPS-CTMFQSD",
    "UsePhilipsFloatNotDisplayScaling": 1,
    "dataset": "<unset>",
    "modality": "T1w",
    "session_id": "t0",
    "subject_id": "035"
  },
  "cjv": 0.4833106917269049,
  "cnr": 2.5868542507152155,
  "efc": 0.6984630734088512,
  "fber": 56384.6611570248,
  "fwhm_avg": 4.0661266666666664,
  "fwhm_x": 3.93273,
  "fwhm_y": 4.3766,
  "fwhm_z": 3.88905,
  "icvs_csf": 0.23337088073083212,
  "icvs_gm": 0.3808485583871382,
  "icvs_wm": 0.38578056088202967,
  "inu_med": 1.9964253902435303,
  "inu_range": 0.5950567364692687,
  "provenance": {
    "md5sum": "f5ad5ed815a0447a6aad4c9c241939da",
    "settings": {
      "testing": false
    },
    "software": "mriqc",
    "version": "21.0.0rc2",
    "warnings": {
      "large_rot_frame": true,
      "small_air_mask": false
    },
    "webapi_port": null,
    "webapi_url": "https://mriqc.nimh.nih.gov/api/v1"
  },
  "qi_1": 8.369061254354901e-06,
  "qi_2": 0.00011789140514844714,
  "rpve_csf": 24.382470600774504,
  "rpve_gm": 14.40905913523874,
  "rpve_wm": 17.605070623859767,
  "size_x": 180,
  "size_y": 240,
  "size_z": 240,
  "snr_csf": 4.163618644929636,
  "snr_gm": 11.264145870399414,
  "snr_total": 13.889587348784895,
  "snr_wm": 26.24099753102563,
  "snrd_csf": 34.84263051389658,
  "snrd_gm": 75.79159381707701,
  "snrd_total": 68.77366034927898,
  "snrd_wm": 95.68675671686337,
  "spacing_x": 1.0,
  "spacing_y": 1.0,
  "spacing_z": 1.0,
  "summary_bg_k": 4.852302184698285,
  "summary_bg_mad": 6.84667738226063,
  "summary_bg_mean": 6.929467556618221,
  "summary_bg_median": 4.618013717234135,
  "summary_bg_n": 474549.0,
  "summary_bg_p05": 0.0,
  "summary_bg_p95": 22.39918464422226,
  "summary_bg_stdv": 7.976904875369613,
  "summary_csf_k": 2.0975482958454164,
  "summary_csf_mad": 72.72573061944559,
  "summary_csf_mean": 377.20032615498155,
  "summary_csf_median": 364.1321997195482,
  "summary_csf_n": 38240.0,
  "summary_csf_p05": 262.172274813056,
  "summary_csf_p95": 544.203826725855,
  "summary_csf_stdv": 87.45456046726774,
  "summary_gm_k": 0.3220974788212052,
  "summary_gm_mad": 65.87905323718496,
  "summary_gm_mean": 792.4673231911185,
  "summary_gm_median": 792.0802582874894,
  "summary_gm_n": 13458.0,
  "summary_gm_p05": 675.4245046894997,
  "summary_gm_p95": 910.3359536457807,
  "summary_gm_stdv": 70.316101992518,
  "summary_wm_k": 0.834903853382361,
  "summary_wm_mad": 34.61076283001043,
  "summary_wm_mean": 1000.6693988539373,
  "summary_wm_median": 999.9999625012279,
  "summary_wm_n": 202560.0,
  "summary_wm_p05": 938.9476394206285,
  "summary_wm_p95": 1063.9612706005573,
  "summary_wm_stdv": 38.108211889106705,
  "tpm_overlap_csf": 0.1724931001663208,
  "tpm_overlap_gm": 0.4274384379386902,
  "tpm_overlap_wm": 0.5097953677177429,
  "wm2max": 0.6711980978790978
}