{
  "bids_meta": {
    "AcquisitionMatrixPE": 240,
    "AcquisitionNumber": 4,
    "AcquisitionTime": "13:49:16.770000",
    "BodyPartExamined": "BRAIN",
    "CoilString": "MULTI_COIL",
    "ConversionSoftware": "dcm2niix",
    "ConversionSoftwareVersion": "v1.0.20190410  (JP2:OpenJPEG) GCC6.3.0",
    "Dcm2bidsVersion": "2.1.4",
    "DeviceSerialNumber": "42451",
    "EchoTime": 0.0035,
    "EchoTrainLength": 240,
    "FlipAngle": 8,
    "ImageOrientationPatientDICOM": [
      -0.0392988,
      0.999204,
      0.00684701,
      -0.00250742,
      0.00675367,
      -0.999974
    ],
    "ImageType": [
      "ORIGINAL",
      "PRIMARY",
      "M",
      "FFE",
      "M",
      "FFE"
    ],
    "ImagingFrequency": 127.759,
    "InPlanePhaseEncodingDirectionDICOM": "ROW",
    "InstitutionAddress": "Calzada_Mexico_Xochimilco_No.101_Tlalpan",
    "InstitutionName": "I.N._Psiquiatria",
    "InstitutionalDepartmentName": "Imagenes_Cerebrales",
    "MRAcquisitionType": "3D",
    "MagneticFieldStrength": 3,
    "Manufacturer": "Philips",
    "ManufacturersModelName": "Ingenia",
    "Modality": "MR",
    "PatientPosition": "HFS",
    "PercentPhaseFOV": 100,
    "PhaseEncodingSteps": 240,
    "PhilipsRescaleIntercept": 0,
    "PhilipsRescaleSlope": 15.7372,
    "PhilipsScaleSlope": 0.00554268,
    "PixelBandwidth": 310,
    "ProcedureStepDescription": "EDUARDO_TMS",
    "ProtocolName": "WIP_sT1W_3D_TFE_32_channel",
    "ReconMatrixPE": 240,
    "RepetitionTime": 0.007,
    "SAR": 0.0382114,
    "ScanOptions": "OTHER",
    "ScanningSequence": "GR",
    "SequenceVariant": "MP",
    "SeriesDescription": "sT1W_3D_TFE_32_channel",
    "SeriesNumber": 401,
    "SliceThickness": 1,
    "SoftwareVersions": "5.3.1_5.3.1.0",
    "SpacingBetweenSlices": 1,
    "StationName": "PHILIPS-CTMFQSD",
    "UsePhilipsFloatNotDisplayScaling": 1,
    "dataset": "<unset>",
    "modality": "T1w",
    "session_id": "t5",
    "subject_id": "001"
  },
  "cjv": 0.45220315526565075,
  "cnr": 2.808789044774161,
  "efc": 0.7390105912804563,
  "fber": 12408.881958896982,
  "fwhm_avg": 4.211673333333334,
  "fwhm_x": 4.14549,
  "fwhm_y": 4.44627,
  "fwhm_z": 4.04326,
  "icvs_csf": 0.19726058385963396,
  "icvs_gm": 0.4270383659241953,
  "icvs_wm": 0.37570105021617073,
  "inu_med": 1.9339609146118164,
  "inu_range": 0.9004436731338501,
  "provenance": {
    "md5sum": "bd4c77065e69cb9273524dd12618b319",
    "settings": {
      "testing": false
    },
    "software": "mriqc",
    "version": "21.0.0rc2",
    "warnings": {
      "large_rot_frame": true,
      "small_air_mask": false
    },
    "webapi_port": null,
    "webapi_url": "https://mriqc.nimh.nih.gov/api/v1"
  },
  "qi_1": 0.0,
  "qi_2": 3.943031631046119e-05,
  "rpve_csf": 23.01690474537633,
  "rpve_gm": 11.410424889350566,
  "rpve_wm": 15.32382164503971,
  "size_x": 180,
  "size_y": 240,
  "size_z": 240,
  "snr_csf": 3.7823597987785917,
  "snr_gm": 11.235405494939492,
  "snr_total": 12.379330503263205,
  "snr_wm": 22.12022621607153,
  "snrd_csf": 32.49311314171591,
  "snrd_gm": 62.027452891617585,
  "snrd_total": 58.42242594627081,
  "snrd_wm": 80.74671180547897,
  "spacing_x": 1.0,
  "spacing_y": 1.0,
  "spacing_z": 1.0,
  "summary_bg_k": 10.104223709878191,
  "summary_bg_mad": 8.113474181245818,
  "summary_bg_mean": 8.095325914007491,
  "summary_bg_median": 5.47245517373085,
  "summary_bg_n": 428132.0,
  "summary_bg_p05": 0.0,
  "summary_bg_p95": 26.404596213251352,
  "summary_bg_stdv": 9.701042772420802,
  "summary_csf_k": 3.07920859060006,
  "summary_csf_mad": 90.33001255120344,
  "summary_csf_mean": 421.02054218206723,
  "summary_csf_median": 402.4078704416752,
  "summary_csf_n": 21525.0,
  "summary_csf_p05": 282.02297737821937,
  "summary_csf_p95": 619.3724765628575,
  "summary_csf_stdv": 106.3882190714946,
  "summary_gm_k": 0.47752613576902636,
  "summary_gm_mad": 63.724578465201525,
  "summary_gm_mean": 774.1990295099224,
  "summary_gm_median": 768.1730931159109,
  "summary_gm_n": 31696.0,
  "summary_gm_p05": 674.5143030071631,
  "summary_gm_p95": 898.9077670266852,
  "summary_gm_stdv": 68.36967081805895,
  "summary_wm_k": 0.7310096006043225,
  "summary_wm_mad": 41.10826918497881,
  "summary_wm_mean": 998.7481321815844,
  "summary_wm_median": 999.999975413084,
  "summary_wm_n": 229564.0,
  "summary_wm_p05": 921.9262816011906,
  "summary_wm_p95": 1070.7770623266697,
  "summary_wm_stdv": 45.20739469844844,
  "tpm_overlap_csf": 0.15631075203418732,
  "tpm_overlap_gm": 0.4495938718318939,
  "tpm_overlap_wm": 0.4961543679237366,
  "wm2max": 0.6436349760779594
}