{
  "bids_meta": {
    "AcquisitionMatrixPE": 240,
    "AcquisitionNumber": 4,
    "AcquisitionTime": "09:53:3.540000",
    "BodyPartExamined": "BRAIN",
    "CoilString": "MULTI_COIL",
    "ConversionSoftware": "dcm2niix",
    "ConversionSoftwareVersion": "v1.0.20190410  (JP2:OpenJPEG) GCC6.3.0",
    "Dcm2bidsVersion": "2.1.4",
    "DeviceSerialNumber": "42451",
    "EchoTime": 0.0035,
    "EchoTrainLength": 240,
    "FlipAngle": 8,
    "ImageOrientationPatientDICOM": [
      -0.00423541,
      0.999989,
      0.00186509,
      0.00896373,
      0.001903,
      -0.999958
    ],
    "ImageType": [
      "ORIGINAL",
      "PRIMARY",
      "M",
      "FFE",
      "M",
      "FFE"
    ],
    "ImagingFrequency": 127.759,
    "InPlanePhaseEncodingDirectionDICOM": "ROW",
    "InstitutionAddress": "Calzada_Mexico_Xochimilco_No.101_Tlalpan",
    "InstitutionName": "I.N._Psiquiatria",
    "InstitutionalDepartmentName": "Imagenes_Cerebrales",
    "MRAcquisitionType": "3D",
    "MagneticFieldStrength": 3,
    "Manufacturer": "Philips",
    "ManufacturersModelName": "Ingenia",
    "Modality": "MR",
    "PatientPosition": "HFS",
    "PercentPhaseFOV": 100,
    "PhaseEncodingSteps": 240,
    "PhilipsRescaleIntercept": 0,
    "PhilipsRescaleSlope": 6.69255,
    "PhilipsScaleSlope": 0.00571161,
    "PixelBandwidth": 310,
    "ProcedureStepDescription": "EDUARDO_TMS",
    "ProtocolName": "WIP_sT1W_3D_TFE_32_channel",
    "ReconMatrixPE": 240,
    "RepetitionTime": 0.007,
    "SAR": 0.0382114,
    "ScanOptions": "OTHER",
    "ScanningSequence": "GR",
    "SequenceVariant": "MP",
    "SeriesDescription": "sT1W_3D_TFE_32_channel",
    "SeriesNumber": 401,
    "SliceThickness": 1,
    "SoftwareVersions": "5.3.1_5.3.1.0",
    "SpacingBetweenSlices": 1,
    "StationName": "PHILIPS-CTMFQSD",
    "UsePhilipsFloatNotDisplayScaling": 1,
    "dataset": "<unset>",
    "modality": "T1w",
    "session_id": "t0",
    "subject_id": "029"
  },
  "cjv": 0.5136950530066101,
  "cnr": 2.4312068139004444,
  "efc": 0.7601973753328534,
  "fber": 4423.384885088935,
  "fwhm_avg": 4.165366666666666,
  "fwhm_x": 4.00667,
  "fwhm_y": 4.45864,
  "fwhm_z": 4.03079,
  "icvs_csf": 0.210841836086328,
  "icvs_gm": 0.4113358968006874,
  "icvs_wm": 0.3778222671129846,
  "inu_med": 1.642613410949707,
  "inu_range": 0.7305590152740478,
  "provenance": {
    "md5sum": "e3c44d7be95dece265f242b74bbf5aec",
    "settings": {
      "testing": false
    },
    "software": "mriqc",
    "version": "21.0.0rc2",
    "warnings": {
      "large_rot_frame": true,
      "small_air_mask": false
    },
    "webapi_port": null,
    "webapi_url": "https://mriqc.nimh.nih.gov/api/v1"
  },
  "qi_1": 0.0,
  "qi_2": 7.362582718568425e-05,
  "rpve_csf": 21.88661521621541,
  "rpve_gm": 11.611389369102202,
  "rpve_wm": 15.245305336552786,
  "size_x": 180,
  "size_y": 240,
  "size_z": 240,
  "snr_csf": 3.642779276374388,
  "snr_gm": 9.995640478326482,
  "snr_total": 12.759510852761077,
  "snr_wm": 24.640112803582362,
  "snrd_csf": 52.464373241908135,
  "snrd_gm": 103.62150995102967,
  "snrd_total": 96.09876262678927,
  "snrd_wm": 132.21040468743,
  "spacing_x": 1.0,
  "spacing_y": 1.0,
  "spacing_z": 1.0,
  "summary_bg_k": 15.01789547097799,
  "summary_bg_mad": 4.955255704380334,
  "summary_bg_mean": 8.893751195870543,
  "summary_bg_median": 3.3422691822052,
  "summary_bg_n": 326687.0,
  "summary_bg_p05": 0.0,
  "summary_bg_p95": 30.358945071697235,
  "summary_bg_stdv": 10.758833393255484,
  "summary_csf_k": 1.769297622111127,
  "summary_csf_mad": 86.14918511052893,
  "summary_csf_mean": 417.9795442793761,
  "summary_csf_median": 396.8248347789049,
  "summary_csf_n": 32197.0,
  "summary_csf_p05": 280.56957172453406,
  "summary_csf_p95": 633.8543873444198,
  "summary_csf_stdv": 108.93294437414978,
  "summary_gm_k": 0.247547317462248,
  "summary_gm_mad": 74.22560107186375,
  "summary_gm_mean": 792.4321119786007,
  "summary_gm_median": 783.7621232271194,
  "summary_gm_n": 26804.0,
  "summary_gm_p05": 678.5502745956182,
  "summary_gm_p95": 937.0434620656072,
  "summary_gm_stdv": 78.40893282872727,
  "summary_wm_k": 1.0159846056094581,
  "summary_wm_mad": 36.854714301328734,
  "summary_wm_mean": 1000.2149506802429,
  "summary_wm_median": 999.9999762549996,
  "summary_wm_n": 237530.0,
  "summary_wm_p05": 934.3731282502413,
  "summary_wm_p95": 1066.3927609473467,
  "summary_wm_stdv": 40.58414339362048,
  "tpm_overlap_csf": 0.17096643149852753,
  "tpm_overlap_gm": 0.4595246911048889,
  "tpm_overlap_wm": 0.5155565738677979,
  "wm2max": 0.61497451489128
}