{
  "bids_meta": {
    "AcquisitionMatrixPE": 240,
    "AcquisitionNumber": 4,
    "AcquisitionTime": "08:13:31.480000",
    "BodyPartExamined": "BRAIN",
    "CoilString": "MULTI_COIL",
    "ConversionSoftware": "dcm2niix",
    "ConversionSoftwareVersion": "v1.0.20190410  (JP2:OpenJPEG) GCC6.3.0",
    "Dcm2bidsVersion": "2.1.4",
    "DeviceSerialNumber": "42451",
    "EchoTime": 0.0035,
    "EchoTrainLength": 240,
    "FlipAngle": 8,
    "ImageOrientationPatientDICOM": [
      -2.29722e-05,
      0.999998,
      0.00174797,
      0.000516038,
      0.00174798,
      -0.999998
    ],
    "ImageType": [
      "ORIGINAL",
      "PRIMARY",
      "M",
      "FFE",
      "M",
      "FFE"
    ],
    "ImagingFrequency": 127.759,
    "InPlanePhaseEncodingDirectionDICOM": "ROW",
    "InstitutionAddress": "Calzada_Mexico_Xochimilco_No.101_Tlalpan",
    "InstitutionName": "I.N._Psiquiatria",
    "InstitutionalDepartmentName": "Imagenes_Cerebrales",
    "MRAcquisitionType": "3D",
    "MagneticFieldStrength": 3,
    "Manufacturer": "Philips",
    "ManufacturersModelName": "Ingenia",
    "Modality": "MR",
    "PatientPosition": "HFS",
    "PercentPhaseFOV": 100,
    "PhaseEncodingSteps": 240,
    "PhilipsRescaleIntercept": 0,
    "PhilipsRescaleSlope": 12.2857,
    "PhilipsScaleSlope": 0.00587317,
    "PixelBandwidth": 310,
    "ProcedureStepDescription": "PROTOCOLO_EDUARDO_TMS",
    "ProtocolName": "WIP_sT1W_3D_TFE_32_channel",
    "ReconMatrixPE": 240,
    "RepetitionTime": 0.007,
    "SAR": 0.0382114,
    "ScanOptions": "OTHER",
    "ScanningSequence": "GR",
    "SequenceVariant": "MP",
    "SeriesDescription": "sT1W_3D_TFE_32_channel",
    "SeriesNumber": 401,
    "SliceThickness": 1,
    "SoftwareVersions": "5.3.1_5.3.1.0",
    "SpacingBetweenSlices": 1,
    "StationName": "PHILIPS-CTMFQSD",
    "UsePhilipsFloatNotDisplayScaling": 1,
    "dataset": "<unset>",
    "modality": "T1w",
    "session_id": "t1",
    "subject_id": "043"
  },
  "cjv": 0.5227753794161933,
  "cnr": 2.475983648938189,
  "efc": 0.7328380565776673,
  "fber": 13451.329264447546,
  "fwhm_avg": 4.088576666666667,
  "fwhm_x": 3.87746,
  "fwhm_y": 4.41579,
  "fwhm_z": 3.97248,
  "icvs_csf": 0.21243659293960357,
  "icvs_gm": 0.3906626401178166,
  "icvs_wm": 0.39690076694257986,
  "inu_med": 1.8474149703979492,
  "inu_range": 0.7049337387084962,
  "provenance": {
    "md5sum": "1541cabb68783810ec00319147ad49cd",
    "settings": {
      "testing": false
    },
    "software": "mriqc",
    "version": "21.0.0rc2",
    "warnings": {
      "large_rot_frame": true,
      "small_air_mask": false
    },
    "webapi_port": null,
    "webapi_url": "https://mriqc.nimh.nih.gov/api/v1"
  },
  "qi_1": 0.0,
  "qi_2": 8.235869943982824e-05,
  "rpve_csf": 24.476073129308336,
  "rpve_gm": 13.416644010764509,
  "rpve_wm": 16.19505171575454,
  "size_x": 180,
  "size_y": 240,
  "size_z": 240,
  "snr_csf": 4.096781385003287,
  "snr_gm": 11.07704464145669,
  "snr_total": 13.186014882321707,
  "snr_wm": 24.384218620505145,
  "snrd_csf": 58.03781350752879,
  "snrd_gm": 118.40132581319537,
  "snrd_total": 108.50353934478726,
  "snrd_wm": 149.0714787136376,
  "spacing_x": 1.0,
  "spacing_y": 1.0,
  "spacing_z": 1.0,
  "summary_bg_k": 4.323025100460756,
  "summary_bg_mad": 4.394951466705031,
  "summary_bg_mean": 7.835121080732744,
  "summary_bg_median": 2.964349716901779,
  "summary_bg_n": 502190.0,
  "summary_bg_p05": 0.0,
  "summary_bg_p95": 26.718152053654194,
  "summary_bg_stdv": 9.047163421949474,
  "summary_csf_k": 2.521722171273094,
  "summary_csf_mad": 76.85382235856561,
  "summary_csf_mean": 404.5949369281965,
  "summary_csf_median": 389.3439325541258,
  "summary_csf_n": 30417.0,
  "summary_csf_p05": 283.5244485810399,
  "summary_csf_p95": 596.1853345111012,
  "summary_csf_stdv": 95.03497887942925,
  "summary_gm_k": 0.038911050961738525,
  "summary_gm_mad": 69.74094037955615,
  "summary_gm_mean": 797.8985201942356,
  "summary_gm_median": 794.2897057235241,
  "summary_gm_n": 19155.0,
  "summary_gm_p05": 685.0261154346168,
  "summary_gm_p95": 922.5992429435253,
  "summary_gm_stdv": 71.70405084936337,
  "summary_wm_k": 0.6232397676168846,
  "summary_wm_mad": 37.81971393717224,
  "summary_wm_mean": 998.8951279591914,
  "summary_wm_median": 1000.0389788374305,
  "summary_wm_n": 223877.0,
  "summary_wm_p05": 928.5825488194823,
  "summary_wm_p95": 1063.7334931492805,
  "summary_wm_stdv": 41.01163793445145,
  "tpm_overlap_csf": 0.18250155448913574,
  "tpm_overlap_gm": 0.42895039916038513,
  "tpm_overlap_wm": 0.508176863193512,
  "wm2max": 0.6039669123467496
}