{
  "bids_meta": {
    "AcquisitionMatrixPE": 240,
    "AcquisitionNumber": 4,
    "AcquisitionTime": "11:29:38.390000",
    "BodyPartExamined": "BRAIN",
    "CoilString": "MULTI_COIL",
    "ConversionSoftware": "dcm2niix",
    "ConversionSoftwareVersion": "v1.0.20190410  (JP2:OpenJPEG) GCC6.3.0",
    "Dcm2bidsVersion": "2.1.4",
    "DeviceSerialNumber": "42451",
    "EchoTime": 0.0035,
    "EchoTrainLength": 240,
    "FlipAngle": 8,
    "ImageOrientationPatientDICOM": [
      0.078993,
      0.996874,
      -0.00133029,
      0.0374985,
      -0.00430491,
      -0.999287
    ],
    "ImageType": [
      "ORIGINAL",
      "PRIMARY",
      "M",
      "FFE",
      "M",
      "FFE"
    ],
    "ImagingFrequency": 127.76,
    "InPlanePhaseEncodingDirectionDICOM": "ROW",
    "InstitutionAddress": "Calzada_Mexico_Xochimilco_No.101_Tlalpan",
    "InstitutionName": "I.N._Psiquiatria",
    "InstitutionalDepartmentName": "Imagenes_Cerebrales",
    "MRAcquisitionType": "3D",
    "MagneticFieldStrength": 3,
    "Manufacturer": "Philips",
    "ManufacturersModelName": "Ingenia",
    "Modality": "MR",
    "PatientPosition": "HFS",
    "PercentPhaseFOV": 100,
    "PhaseEncodingSteps": 240,
    "PhilipsRescaleIntercept": 0,
    "PhilipsRescaleSlope": 9.61954,
    "PhilipsScaleSlope": 0.00535328,
    "PixelBandwidth": 310,
    "ProcedureStepDescription": "EDUARDO_TMS",
    "ProtocolName": "sT1W_3D_TFE_32_channel",
    "ReconMatrixPE": 240,
    "RepetitionTime": 0.007,
    "SAR": 0.0382114,
    "ScanOptions": "OTHER",
    "ScanningSequence": "GR",
    "SequenceVariant": "MP",
    "SeriesDescription": "sT1W_3D_TFE_32_channel",
    "SeriesNumber": 401,
    "SliceThickness": 1,
    "SoftwareVersions": "5.3.1_5.3.1.1",
    "SpacingBetweenSlices": 1,
    "StationName": "PHILIPS-CTMFQSD",
    "UsePhilipsFloatNotDisplayScaling": 1,
    "dataset": "<unset>",
    "modality": "T1w",
    "session_id": "t0",
    "subject_id": "023"
  },
  "cjv": 0.5662085159630289,
  "cnr": 2.303808646104422,
  "efc": 0.7146664118549135,
  "fber": 13777.961585593264,
  "fwhm_avg": 4.048186666666667,
  "fwhm_x": 3.82501,
  "fwhm_y": 4.36913,
  "fwhm_z": 3.95042,
  "icvs_csf": 0.24568238063944398,
  "icvs_gm": 0.3812479266905515,
  "icvs_wm": 0.3730696926700045,
  "inu_med": 2.051957607269287,
  "inu_range": 0.8132650256156917,
  "provenance": {
    "md5sum": "18f7f84d3008d472d431b955f1cfa87e",
    "settings": {
      "testing": false
    },
    "software": "mriqc",
    "version": "21.0.0rc2",
    "warnings": {
      "large_rot_frame": true,
      "small_air_mask": false
    },
    "webapi_port": null,
    "webapi_url": "https://mriqc.nimh.nih.gov/api/v1"
  },
  "qi_1": 0.040205642828823794,
  "qi_2": 2.3111316514532753e-05,
  "rpve_csf": 21.965138655982113,
  "rpve_gm": 13.39077353728249,
  "rpve_wm": 16.50278853788225,
  "size_x": 180,
  "size_y": 240,
  "size_z": 240,
  "snr_csf": 3.774058116672378,
  "snr_gm": 11.529569344436975,
  "snr_total": 12.608074049979939,
  "snr_wm": 22.520594688830457,
  "snrd_csf": 59.21229140058838,
  "snrd_gm": 133.79950394404244,
  "snrd_total": 119.5292897302922,
  "snrd_wm": 165.5760738462458,
  "spacing_x": 1.0,
  "spacing_y": 1.0,
  "spacing_z": 1.0,
  "summary_bg_k": 7.674451777658232,
  "summary_bg_mad": 3.956709035176843,
  "summary_bg_mean": 5.731222191840725,
  "summary_bg_median": 2.6687596887350082,
  "summary_bg_n": 498349.0,
  "summary_bg_p05": 0.0,
  "summary_bg_p95": 21.9387745000422,
  "summary_bg_stdv": 7.469475622648642,
  "summary_csf_k": 1.8099278080222971,
  "summary_csf_mad": 77.15582618594844,
  "summary_csf_mean": 374.82364053865376,
  "summary_csf_median": 357.6137982904911,
  "summary_csf_n": 49848.0,
  "summary_csf_p05": 258.0592502841726,
  "summary_csf_p95": 564.048247184045,
  "summary_csf_stdv": 94.7548236340401,
  "summary_gm_k": 0.20094845520349525,
  "summary_gm_mad": 66.1294090952718,
  "summary_gm_mean": 811.6432363635893,
  "summary_gm_median": 808.0847351625562,
  "summary_gm_n": 14184.0,
  "summary_gm_p05": 698.3516161963344,
  "summary_gm_p95": 933.5164405331016,
  "summary_gm_stdv": 70.08555347870247,
  "summary_wm_k": 0.29151940520795305,
  "summary_wm_mad": 42.534622128151064,
  "summary_wm_mean": 999.4280262688369,
  "summary_wm_median": 999.9999539554119,
  "summary_wm_n": 203725.0,
  "summary_wm_p05": 924.7644786126912,
  "summary_wm_p95": 1071.3500291630626,
  "summary_wm_stdv": 44.40368975512055,
  "tpm_overlap_csf": 0.17376145720481873,
  "tpm_overlap_gm": 0.4297180473804474,
  "tpm_overlap_wm": 0.5068781971931458,
  "wm2max": 0.6243414689134947
}