{
  "aor": 0.0026603,
  "aqi": 0.008647409299999999,
  "bids_meta": {
    "AcquisitionMatrixPE": 70,
    "AcquisitionNumber": 3,
    "AcquisitionTime": "08:21:39.140000",
    "CoilString": "MULTI_COIL",
    "ConversionSoftware": "dcm2niix",
    "ConversionSoftwareVersion": "v1.0.20190410  (JP2:OpenJPEG) GCC6.3.0",
    "Dcm2bidsVersion": "2.1.4",
    "DeviceSerialNumber": "42451",
    "EchoTime": 0.03,
    "EchoTrainLength": 35,
    "EffectiveEchoSpacing": 0.000698,
    "FlipAngle": 75,
    "ImageOrientationPatientDICOM": [
      0.999247,
      0.0358258,
      0.0148814,
      -0.035473,
      0.999098,
      -0.0233331
    ],
    "ImageType": [
      "ORIGINAL",
      "PRIMARY",
      "M",
      "FFE",
      "M",
      "FFE"
    ],
    "ImagingFrequency": 127.766,
    "InPlanePhaseEncodingDirectionDICOM": "COL",
    "InstitutionAddress": "Calzada_Mexico_Xochimilco_No.101_Tlalpan",
    "InstitutionName": "I.N._Psiquiatria",
    "InstitutionalDepartmentName": "Imagenes_Cerebrales",
    "MRAcquisitionType": "2D",
    "MagneticFieldStrength": 3,
    "Manufacturer": "Philips",
    "ManufacturersModelName": "Ingenia",
    "Modality": "MR",
    "PartialFourier": 0.5,
    "PatientPosition": "HFS",
    "PercentPhaseFOV": 100,
    "PhaseEncodingAxis": "j",
    "PhaseEncodingDirection": "j-",
    "PhaseEncodingSteps": 70,
    "PhilipsRescaleIntercept": 0,
    "PhilipsRescaleSlope": 0.881563,
    "PhilipsScaleSlope": 0.0688173,
    "PixelBandwidth": 1819,
    "ProcedureStepDescription": "EDUARDO_TMS",
    "ProtocolName": "WIP_FE_EPI_32chSHC_AP_SENSE",
    "ReconMatrixPE": 80,
    "RepetitionTime": 2,
    "SAR": 0.119138,
    "ScanOptions": "FS",
    "ScanningSequence": "GR",
    "SequenceVariant": "SK",
    "SeriesDescription": "FE_EPI_32chSHC_AP",
    "SeriesNumber": 301,
    "SliceThickness": 3.33,
    "SliceTiming": [
      0.0,
      1.027027,
      0.054054,
      1.081081,
      0.108108,
      1.135135,
      0.162162,
      1.189189,
      0.216216,
      1.243244,
      0.27027,
      1.297298,
      0.324324,
      1.351352,
      0.378378,
      1.405406,
      0.432432,
      1.45946,
      0.486486,
      1.513514,
      0.540541,
      1.567568,
      0.594595,
      1.621622,
      0.648649,
      1.675676,
      0.702703,
      1.72973,
      0.756757,
      1.783784,
      0.810811,
      1.837838,
      0.864865,
      1.891892,
      0.918919,
      1.945947,
      0.972973
    ],
    "SoftwareVersions": "5.1.7_5.1.7.2",
    "SpacingBetweenSlices": 3.33,
    "StationName": "INGENIA",
    "TaskName": "rest",
    "TotalReadoutTime": 0.04884,
    "UsePhilipsFloatNotDisplayScaling": 1,
    "dataset": "<unset>",
    "modality": "bold",
    "session_id": "t14",
    "subject_id": "008",
    "task_id": "rest"
  },
  "dummy_trs": 0,
  "dvars_nstd": 26.33610336264215,
  "dvars_std": 1.3705720089297662,
  "dvars_vstd": 0.9811254978260865,
  "efc": 0.42477864600908605,
  "fber": 205834.234375,
  "fd_mean": 0.16225614778702097,
  "fd_num": 5,
  "fd_perc": 1.6666666666666667,
  "fwhm_avg": 1.9716043084066346,
  "fwhm_x": 1.9329933333333333,
  "fwhm_y": 2.1339366666666666,
  "fwhm_z": 1.8478829252199036,
  "gcor": 0.11059,
  "gsr_x": -0.016218401491642,
  "gsr_y": 0.00950216967612505,
  "provenance": {
    "md5sum": "fbb7c2a078f37c5be5f84435f89623a7",
    "settings": {
      "fd_thres": 0.5,
      "testing": false
    },
    "software": "mriqc",
    "version": "22.0.0rc1",
    "webapi_port": null,
    "webapi_url": "https://mriqc.nimh.nih.gov/api/v1"
  },
  "size_t": 300,
  "size_x": 80,
  "size_y": 80,
  "size_z": 37,
  "snr": 5.89880885484307,
  "spacing_tr": 2.0000016689300537,
  "spacing_x": 3.0,
  "spacing_y": 3.0,
  "spacing_z": 3.3299999237060547,
  "summary_bg_k": 39.08850153687971,
  "summary_bg_mad": 63.96158675050723,
  "summary_bg_mean": 682.7721557617188,
  "summary_bg_median": 52.08274841308594,
  "summary_bg_n": 163235.0,
  "summary_bg_p05": 4.307998704910278,
  "summary_bg_p95": 3430.7979248046768,
  "summary_bg_stdv": 1729.08935546875,
  "summary_fg_k": 1.4337925330032846,
  "summary_fg_mad": 3574.394684906815,
  "summary_fg_mean": 24205.25390625,
  "summary_fg_median": 24183.6640625,
  "summary_fg_n": 32344.0,
  "summary_fg_p05": 17340.81201171875,
  "summary_fg_p95": 30706.651367187496,
  "summary_fg_stdv": 4099.6904296875,
  "tsnr": 61.36573028564453
}