{
  "bids_meta": {
    "AcquisitionMatrixPE": 240,
    "AcquisitionTime": "10:07:14.540000",
    "CoilString": "MULTI_COIL",
    "ConversionSoftware": "dcm2niix",
    "ConversionSoftwareVersion": "v1.0.20190410  (JP2:OpenJPEG) GCC6.3.0",
    "Dcm2bidsVersion": "2.1.4",
    "DeviceSerialNumber": "42451",
    "EchoTime": 0.003501,
    "EchoTrainLength": 240,
    "FlipAngle": 8,
    "ImageOrientationPatientDICOM": [
      -9.33131e-05,
      1,
      2.83473e-05,
      -0.016439,
      2.68095e-05,
      -0.999865
    ],
    "ImageType": [
      "ORIGINAL",
      "PRIMARY",
      "M",
      "FFE",
      "M",
      "FFE"
    ],
    "ImagingFrequency": 127.766,
    "InPlanePhaseEncodingDirectionDICOM": "ROW",
    "InstitutionAddress": "Calzada_Mexico_Xochimilco_No.101_Tlalpan",
    "InstitutionName": "I.N._Psiquiatria",
    "InstitutionalDepartmentName": "Imagenes_Cerebrales",
    "MRAcquisitionType": "3D",
    "MagneticFieldStrength": 3,
    "Manufacturer": "Philips",
    "ManufacturersModelName": "Ingenia",
    "Modality": "MR",
    "PatientPosition": "HFS",
    "PercentPhaseFOV": 100,
    "PhaseEncodingSteps": 240,
    "PhilipsRescaleIntercept": 0,
    "PhilipsRescaleSlope": 10.9455,
    "PhilipsScaleSlope": 0.00507328,
    "PixelBandwidth": 310,
    "ProcedureStepDescription": "EDUARDO_TMS",
    "ProtocolName": "WIP_sT1W_3D_TFE_32_channel_SENSE",
    "ReconMatrixPE": 240,
    "RepetitionTime": 0.007,
    "SAR": 0.0382114,
    "ScanOptions": "OTHER",
    "ScanningSequence": "GR",
    "SequenceVariant": "MP",
    "SeriesDescription": "sT1W_3D_TFE_32_channel",
    "SeriesNumber": 401,
    "SliceThickness": 1,
    "SoftwareVersions": "2.6.3_5.1.7.2",
    "SpacingBetweenSlices": 1,
    "StationName": "INGENIA",
    "UsePhilipsFloatNotDisplayScaling": 1,
    "dataset": "<unset>",
    "modality": "T1w",
    "session_id": "t0",
    "subject_id": "002"
  },
  "cjv": 0.42356480836535215,
  "cnr": 3.1246584161119473,
  "efc": 0.786980700426066,
  "fber": 1250.1163514436998,
  "fwhm_avg": 4.197586666666667,
  "fwhm_x": 4.12771,
  "fwhm_y": 4.39393,
  "fwhm_z": 4.07112,
  "icvs_csf": 0.1992230372000431,
  "icvs_gm": 0.40563443658388754,
  "icvs_wm": 0.3951425262160693,
  "inu_med": 1.2302663326263428,
  "inu_range": 0.3897968530654907,
  "provenance": {
    "md5sum": "40f7bfd02bad7d659ed6a9c13c0ddd44",
    "settings": {
      "testing": false
    },
    "software": "mriqc",
    "version": "21.0.0rc2",
    "warnings": {
      "large_rot_frame": true,
      "small_air_mask": true
    },
    "webapi_port": null,
    "webapi_url": "https://mriqc.nimh.nih.gov/api/v1"
  },
  "qi_1": 0.0,
  "qi_2": 0.0001864763071448537,
  "rpve_csf": 29.14234220979844,
  "rpve_gm": 14.933319419349,
  "rpve_wm": 18.484229815905334,
  "size_x": 180,
  "size_y": 240,
  "size_z": 240,
  "snr_csf": 3.532092209385011,
  "snr_gm": 12.802210880887637,
  "snr_total": 13.9662533494688,
  "snr_wm": 25.564456958133754,
  "snrd_csf": 19.22993479882066,
  "snrd_gm": 40.46641909252558,
  "snrd_total": 37.34578939761216,
  "snrd_wm": 52.34101430149025,
  "spacing_x": 1.0,
  "spacing_y": 1.0,
  "spacing_z": 1.0,
  "summary_bg_k": 1.3303566620252374,
  "summary_bg_mad": 12.51669228387434,
  "summary_bg_mean": 14.917686950814538,
  "summary_bg_median": 16.99988467618823,
  "summary_bg_n": 119981.0,
  "summary_bg_p05": 0.0,
  "summary_bg_p95": 34.26839055493474,
  "summary_bg_stdv": 9.733322653459986,
  "summary_csf_k": 1.8129317246260417,
  "summary_csf_mad": 83.17910963192857,
  "summary_csf_mean": 389.60698635817323,
  "summary_csf_median": 367.3970561847091,
  "summary_csf_n": 22716.0,
  "summary_csf_p05": 260.06369853392243,
  "summary_csf_p95": 589.6619140729308,
  "summary_csf_stdv": 104.01454649832438,
  "summary_gm_k": -0.023458249458390146,
  "summary_gm_mad": 60.819745688462135,
  "summary_gm_mean": 773.6201606760483,
  "summary_gm_median": 773.1301954202354,
  "summary_gm_n": 20203.0,
  "summary_gm_p05": 675.4326640497893,
  "summary_gm_p95": 873.2453176137059,
  "summary_gm_stdv": 60.38887097956617,
  "summary_wm_k": 0.9764102214394708,
  "summary_wm_mad": 35.27431461819132,
  "summary_wm_mean": 999.2435703508446,
  "summary_wm_median": 999.9999882094562,
  "summary_wm_n": 200588.0,
  "summary_wm_p05": 933.8807979226112,
  "summary_wm_p95": 1061.514243595302,
  "summary_wm_stdv": 39.11671181486479,
  "tpm_overlap_csf": 0.16252897679805756,
  "tpm_overlap_gm": 0.4362471103668213,
  "tpm_overlap_wm": 0.5052116513252258,
  "wm2max": 0.6433844327162712
}