{
  "bids_meta": {
    "AcquisitionMatrixPE": 240,
    "AcquisitionNumber": 4,
    "AcquisitionTime": "14:08:53.230000",
    "BodyPartExamined": "BRAIN",
    "CoilString": "MULTI_COIL",
    "ConversionSoftware": "dcm2niix",
    "ConversionSoftwareVersion": "v1.0.20190410  (JP2:OpenJPEG) GCC6.3.0",
    "Dcm2bidsVersion": "2.1.4",
    "DeviceSerialNumber": "42451",
    "EchoTime": 0.0035,
    "EchoTrainLength": 240,
    "FlipAngle": 8,
    "ImageOrientationPatientDICOM": [
      -0.00921869,
      0.999957,
      -0.00129461,
      0.001392,
      -0.00128183,
      -0.999998
    ],
    "ImageType": [
      "ORIGINAL",
      "PRIMARY",
      "M",
      "FFE",
      "M",
      "FFE"
    ],
    "ImagingFrequency": 127.76,
    "InPlanePhaseEncodingDirectionDICOM": "ROW",
    "InstitutionAddress": "Calzada_Mexico_Xochimilco_No.101_Tlalpan",
    "InstitutionName": "I.N._Psiquiatria",
    "InstitutionalDepartmentName": "Imagenes_Cerebrales",
    "MRAcquisitionType": "3D",
    "MagneticFieldStrength": 3,
    "Manufacturer": "Philips",
    "ManufacturersModelName": "Ingenia",
    "Modality": "MR",
    "PatientPosition": "HFS",
    "PercentPhaseFOV": 100,
    "PhaseEncodingSteps": 240,
    "PhilipsRescaleIntercept": 0,
    "PhilipsRescaleSlope": 4.26032,
    "PhilipsScaleSlope": 0.00599757,
    "PixelBandwidth": 310,
    "ProcedureStepDescription": "EDUARDO_TMS",
    "ProtocolName": "sT1W_3D_TFE_32_channel",
    "ReconMatrixPE": 240,
    "RepetitionTime": 0.007,
    "SAR": 0.0382114,
    "ScanOptions": "OTHER",
    "ScanningSequence": "GR",
    "SequenceVariant": "MP",
    "SeriesDescription": "sT1W_3D_TFE_32_channel",
    "SeriesNumber": 401,
    "SliceThickness": 1,
    "SoftwareVersions": "5.3.1_5.3.1.1",
    "SpacingBetweenSlices": 1,
    "StationName": "PHILIPS-CTMFQSD",
    "UsePhilipsFloatNotDisplayScaling": 1,
    "dataset": "<unset>",
    "modality": "T1w",
    "session_id": "t0",
    "subject_id": "022"
  },
  "cjv": 0.7891043102287993,
  "cnr": 1.7438292659267507,
  "efc": 0.7786017841572932,
  "fber": 1553.392312621741,
  "fwhm_avg": 4.49168,
  "fwhm_x": 4.39623,
  "fwhm_y": 4.7172,
  "fwhm_z": 4.36161,
  "icvs_csf": 0.22210750373898389,
  "icvs_gm": 0.39890363703890036,
  "icvs_wm": 0.3789888592221157,
  "inu_med": 1.815946102142334,
  "inu_range": 0.9169001162052153,
  "provenance": {
    "md5sum": "566f4d008e290c2116e4a3ad8b769ab3",
    "settings": {
      "testing": false
    },
    "software": "mriqc",
    "version": "21.0.0rc2",
    "warnings": {
      "large_rot_frame": true,
      "small_air_mask": true
    },
    "webapi_port": null,
    "webapi_url": "https://mriqc.nimh.nih.gov/api/v1"
  },
  "qi_1": 0.0,
  "qi_2": 0.00010668452931664891,
  "rpve_csf": 19.87248697307188,
  "rpve_gm": 10.95318424822595,
  "rpve_wm": 13.729007296810954,
  "size_x": 180,
  "size_y": 240,
  "size_z": 240,
  "snr_csf": 3.917008400285854,
  "snr_gm": 9.048514822302781,
  "snr_total": 9.573448701283274,
  "snr_wm": 15.754822881261187,
  "snrd_csf": 49.59850853541439,
  "snrd_gm": 100.38103629229099,
  "snrd_total": 91.41874725710818,
  "snrd_wm": 124.27669694361913,
  "spacing_x": 1.0,
  "spacing_y": 1.0,
  "spacing_z": 1.0,
  "summary_bg_k": 726.1722850785662,
  "summary_bg_mad": 5.271835110335984,
  "summary_bg_mean": 8.798779301205741,
  "summary_bg_median": 3.5557987466454506,
  "summary_bg_n": 207495.0,
  "summary_bg_p05": 0.0,
  "summary_bg_p95": 32.73158333450556,
  "summary_bg_stdv": 12.68269308536603,
  "summary_csf_k": 1.4930583650142486,
  "summary_csf_mad": 90.09431028304957,
  "summary_csf_mean": 414.32065990004827,
  "summary_csf_median": 399.11561572924256,
  "summary_csf_n": 53008.0,
  "summary_csf_p05": 279.54048608243465,
  "summary_csf_p95": 609.5459620691836,
  "summary_csf_stdv": 101.8920079438573,
  "summary_gm_k": -0.01662002647411498,
  "summary_gm_mad": 90.77018657924648,
  "summary_gm_mean": 816.9809323907898,
  "summary_gm_median": 807.7589486129582,
  "summary_gm_n": 28429.0,
  "summary_gm_p05": 686.6065031118691,
  "summary_gm_p95": 976.2764569059013,
  "summary_gm_stdv": 89.26821227010501,
  "summary_wm_k": 0.5918408564026674,
  "summary_wm_mad": 60.96404191696227,
  "summary_wm_mean": 1003.8705618595842,
  "summary_wm_median": 1000.0456039123237,
  "summary_wm_n": 251045.0,
  "summary_wm_p05": 907.1389648653567,
  "summary_wm_p95": 1114.3782097660005,
  "summary_wm_stdv": 63.475395419022206,
  "tpm_overlap_csf": 0.17769455909729004,
  "tpm_overlap_gm": 0.45773637294769287,
  "tpm_overlap_wm": 0.5087988972663879,
  "wm2max": 0.6099371543966747
}