{
  "bids_meta": {
    "AcquisitionMatrixPE": 240,
    "AcquisitionTime": "12:18:50.450000",
    "CoilString": "MULTI_COIL",
    "ConversionSoftware": "dcm2niix",
    "ConversionSoftwareVersion": "v1.0.20190410  (JP2:OpenJPEG) GCC6.3.0",
    "Dcm2bidsVersion": "2.1.4",
    "DeviceSerialNumber": "42451",
    "EchoTime": 0.003501,
    "EchoTrainLength": 240,
    "FlipAngle": 8,
    "ImageOrientationPatientDICOM": [
      0.000667342,
      0.999999,
      0.000878108,
      -0.0359418,
      0.000901527,
      -0.999353
    ],
    "ImageType": [
      "ORIGINAL",
      "PRIMARY",
      "M",
      "FFE",
      "M",
      "FFE"
    ],
    "ImagingFrequency": 127.766,
    "InPlanePhaseEncodingDirectionDICOM": "ROW",
    "InstitutionAddress": "Calzada_Mexico_Xochimilco_No.101_Tlalpan",
    "InstitutionName": "I.N._Psiquiatria",
    "InstitutionalDepartmentName": "Imagenes_Cerebrales",
    "MRAcquisitionType": "3D",
    "MagneticFieldStrength": 3,
    "Manufacturer": "Philips",
    "ManufacturersModelName": "Ingenia",
    "Modality": "MR",
    "PatientPosition": "HFS",
    "PercentPhaseFOV": 100,
    "PhaseEncodingSteps": 240,
    "PhilipsRescaleIntercept": 0,
    "PhilipsRescaleSlope": 10.6794,
    "PhilipsScaleSlope": 0.00544992,
    "PixelBandwidth": 310,
    "ProcedureStepDescription": "EDUARDO_TMS",
    "ProtocolName": "WIP_sT1W_3D_TFE_32_channel_SENSE",
    "ReconMatrixPE": 240,
    "RepetitionTime": 0.007,
    "SAR": 0.0382114,
    "ScanOptions": "OTHER",
    "ScanningSequence": "GR",
    "SequenceVariant": "MP",
    "SeriesDescription": "sT1W_3D_TFE_32_channel",
    "SeriesNumber": 401,
    "SliceThickness": 1,
    "SoftwareVersions": "2.6.3_5.1.7.2",
    "SpacingBetweenSlices": 1,
    "StationName": "INGENIA",
    "UsePhilipsFloatNotDisplayScaling": 1,
    "dataset": "<unset>",
    "modality": "T1w",
    "session_id": "t1",
    "subject_id": "003"
  },
  "cjv": 0.42963227651903724,
  "cnr": 3.066142113136725,
  "efc": 0.803770004336849,
  "fber": 332.62587087823357,
  "fwhm_avg": 4.3099099999999995,
  "fwhm_x": 4.19469,
  "fwhm_y": 4.59538,
  "fwhm_z": 4.13966,
  "icvs_csf": 0.2113411638327888,
  "icvs_gm": 0.3942574801787915,
  "icvs_wm": 0.3944013559884197,
  "inu_med": 1.253422737121582,
  "inu_range": 0.47267016172409027,
  "provenance": {
    "md5sum": "b4c243bd518d3a4c5e10aa86e0a44c28",
    "settings": {
      "testing": false
    },
    "software": "mriqc",
    "version": "21.0.0rc2",
    "warnings": {
      "large_rot_frame": true,
      "small_air_mask": true
    },
    "webapi_port": null,
    "webapi_url": "https://mriqc.nimh.nih.gov/api/v1"
  },
  "qi_1": 0.0,
  "qi_2": 0.00032541283657914756,
  "rpve_csf": 19.56159587316222,
  "rpve_gm": 10.71826163338129,
  "rpve_wm": 13.108942168330373,
  "size_x": 180,
  "size_y": 240,
  "size_z": 240,
  "snr_csf": 3.373766530642877,
  "snr_gm": 11.944014563280039,
  "snr_total": 14.17999842656198,
  "snr_wm": 27.222214185763026,
  "snrd_csf": 19.543779641386713,
  "snrd_gm": 39.12793435835531,
  "snrd_total": 36.48560996749642,
  "snrd_wm": 50.78511590274723,
  "spacing_x": 1.0,
  "spacing_y": 1.0,
  "spacing_z": 1.0,
  "summary_bg_k": 1.745820860121401,
  "summary_bg_mad": 12.90016497995863,
  "summary_bg_mean": 14.064787103218267,
  "summary_bg_median": 8.877699695527554,
  "summary_bg_n": 105776.0,
  "summary_bg_p05": 0.0,
  "summary_bg_p95": 35.069122180342674,
  "summary_bg_stdv": 9.6992433915444,
  "summary_csf_k": 0.038090802757003495,
  "summary_csf_mad": 114.23521729714633,
  "summary_csf_mean": 407.97301453714965,
  "summary_csf_median": 384.8328231200576,
  "summary_csf_n": 34526.0,
  "summary_csf_p05": 258.78936289064586,
  "summary_csf_p95": 606.8967765737325,
  "summary_csf_stdv": 114.06457634135386,
  "summary_gm_k": 0.041329571752793726,
  "summary_gm_mad": 64.17340954497186,
  "summary_gm_mean": 771.5501613973007,
  "summary_gm_median": 770.4606641232967,
  "summary_gm_n": 32748.0,
  "summary_gm_p05": 668.1683631539345,
  "summary_gm_p95": 879.7601643797009,
  "summary_gm_stdv": 64.50502019023848,
  "summary_wm_k": 0.7270002425328554,
  "summary_wm_mad": 34.444095327199186,
  "summary_wm_mean": 1000.2157010323139,
  "summary_wm_median": 999.9999940618873,
  "summary_wm_n": 295158.0,
  "summary_wm_p05": 940.8153294250369,
  "summary_wm_p95": 1060.37718552351,
  "summary_wm_stdv": 36.734642275186324,
  "tpm_overlap_csf": 0.17008700966835022,
  "tpm_overlap_gm": 0.4376031756401062,
  "tpm_overlap_wm": 0.5044167637825012,
  "wm2max": 0.6490740209850353
}