{
  "bids_meta": {
    "AcquisitionMatrixPE": 240,
    "AcquisitionNumber": 4,
    "AcquisitionTime": "08:25:33.040000",
    "BodyPartExamined": "BRAIN",
    "CoilString": "MULTI_COIL",
    "ConversionSoftware": "dcm2niix",
    "ConversionSoftwareVersion": "v1.0.20190410  (JP2:OpenJPEG) GCC6.3.0",
    "Dcm2bidsVersion": "2.1.4",
    "DeviceSerialNumber": "42451",
    "EchoTime": 0.0035,
    "EchoTrainLength": 240,
    "FlipAngle": 8,
    "ImageOrientationPatientDICOM": [
      -0.0021618,
      0.999995,
      0.00222197,
      0.000686203,
      0.00222346,
      -0.999997
    ],
    "ImageType": [
      "ORIGINAL",
      "PRIMARY",
      "M",
      "FFE",
      "M",
      "FFE"
    ],
    "ImagingFrequency": 127.759,
    "InPlanePhaseEncodingDirectionDICOM": "ROW",
    "InstitutionAddress": "Calzada_Mexico_Xochimilco_No.101_Tlalpan",
    "InstitutionName": "I.N._Psiquiatria",
    "InstitutionalDepartmentName": "Imagenes_Cerebrales",
    "MRAcquisitionType": "3D",
    "MagneticFieldStrength": 3,
    "Manufacturer": "Philips",
    "ManufacturersModelName": "Ingenia",
    "Modality": "MR",
    "PatientPosition": "HFS",
    "PercentPhaseFOV": 100,
    "PhaseEncodingSteps": 240,
    "PhilipsRescaleIntercept": 0,
    "PhilipsRescaleSlope": 3.74823,
    "PhilipsScaleSlope": 0.0060744,
    "PixelBandwidth": 310,
    "ProcedureStepDescription": "PROTOCOLO_EDUARDO_TMS",
    "ProtocolName": "WIP_sT1W_3D_TFE_32_channel",
    "ReconMatrixPE": 240,
    "RepetitionTime": 0.007,
    "SAR": 0.0382114,
    "ScanOptions": "OTHER",
    "ScanningSequence": "GR",
    "SequenceVariant": "MP",
    "SeriesDescription": "sT1W_3D_TFE_32_channel",
    "SeriesNumber": 401,
    "SliceThickness": 1,
    "SoftwareVersions": "5.3.1_5.3.1.0",
    "SpacingBetweenSlices": 1,
    "StationName": "PHILIPS-CTMFQSD",
    "UsePhilipsFloatNotDisplayScaling": 1,
    "dataset": "<unset>",
    "modality": "T1w",
    "session_id": "t1",
    "subject_id": "054"
  },
  "cjv": 0.591510854153009,
  "cnr": 2.2589932176155347,
  "efc": 0.6901516510182697,
  "fber": 16479.168101469237,
  "fwhm_avg": 4.301046666666667,
  "fwhm_x": 4.23297,
  "fwhm_y": 4.53786,
  "fwhm_z": 4.13231,
  "icvs_csf": 0.20429624914012887,
  "icvs_gm": 0.3995532519394269,
  "icvs_wm": 0.39615049892044424,
  "inu_med": 1.5747312307357788,
  "inu_range": 0.6105239152908324,
  "provenance": {
    "md5sum": "1ca4055730922ea929e039340f4de494",
    "settings": {
      "testing": false
    },
    "software": "mriqc",
    "version": "21.0.0rc2",
    "warnings": {
      "large_rot_frame": true,
      "small_air_mask": false
    },
    "webapi_port": null,
    "webapi_url": "https://mriqc.nimh.nih.gov/api/v1"
  },
  "qi_1": 0.0,
  "qi_2": 5.421486741238147e-05,
  "rpve_csf": 29.419970241410134,
  "rpve_gm": 15.395819291319627,
  "rpve_wm": 18.79714903675041,
  "size_x": 180,
  "size_y": 240,
  "size_z": 240,
  "snr_csf": 3.0126544936021666,
  "snr_gm": 11.464552440524981,
  "snr_total": 13.18455997600381,
  "snr_wm": 25.07647299388428,
  "snrd_csf": 61.63953479413783,
  "snrd_gm": 132.49637078275447,
  "snrd_total": 118.92870258291396,
  "snrd_wm": 162.65020217184954,
  "spacing_x": 1.0,
  "spacing_y": 1.0,
  "spacing_z": 1.0,
  "summary_bg_k": 10.964481878191714,
  "summary_bg_mad": 4.027885469042782,
  "summary_bg_mean": 8.072434112514603,
  "summary_bg_median": 2.7167674638330936,
  "summary_bg_n": 568016.0,
  "summary_bg_p05": 0.0,
  "summary_bg_p95": 27.014617316424847,
  "summary_bg_stdv": 9.817334052369368,
  "summary_csf_k": 9.69985571597094,
  "summary_csf_mad": 106.88079188276905,
  "summary_csf_mean": 410.42005426725797,
  "summary_csf_median": 378.9699290394783,
  "summary_csf_n": 24564.0,
  "summary_csf_p05": 261.8045491203666,
  "summary_csf_p95": 635.6795825568959,
  "summary_csf_stdv": 125.7901348582259,
  "summary_gm_k": -0.07634481661163539,
  "summary_gm_mad": 72.44520766151595,
  "summary_gm_mean": 816.423036273298,
  "summary_gm_median": 814.6093315146863,
  "summary_gm_n": 19674.0,
  "summary_gm_p05": 702.7244292013347,
  "summary_gm_p95": 935.4633928917347,
  "summary_gm_stdv": 71.05280670923594,
  "summary_wm_k": 0.5745451205332999,
  "summary_wm_mad": 37.21539250270514,
  "summary_wm_mean": 999.1348735535249,
  "summary_wm_median": 1000.0000126734376,
  "summary_wm_n": 194312.0,
  "summary_wm_p05": 931.3155394680798,
  "summary_wm_p95": 1062.6387216635048,
  "summary_wm_stdv": 39.877914239881385,
  "tpm_overlap_csf": 0.14794893562793732,
  "tpm_overlap_gm": 0.4171338677406311,
  "tpm_overlap_wm": 0.4844621419906616,
  "wm2max": 0.6665476093374332
}