{
  "bids_meta": {
    "AcquisitionMatrixPE": 240,
    "AcquisitionNumber": 5,
    "AcquisitionTime": "09:58:51.150000",
    "BodyPartExamined": "BRAIN",
    "CoilString": "MULTI_COIL",
    "ConversionSoftware": "dcm2niix",
    "ConversionSoftwareVersion": "v1.0.20190410  (JP2:OpenJPEG) GCC6.3.0",
    "Dcm2bidsVersion": "2.1.4",
    "DeviceSerialNumber": "42451",
    "EchoTime": 0.0035,
    "EchoTrainLength": 240,
    "FlipAngle": 8,
    "ImageOrientationPatientDICOM": [
      3.30037e-05,
      0.999999,
      0.00168373,
      0.000551667,
      0.00168371,
      -0.999998
    ],
    "ImageType": [
      "ORIGINAL",
      "PRIMARY",
      "M",
      "FFE",
      "M",
      "FFE"
    ],
    "ImagingFrequency": 127.759,
    "InPlanePhaseEncodingDirectionDICOM": "ROW",
    "InstitutionAddress": "Calzada_Mexico_Xochimilco_No.101_Tlalpan",
    "InstitutionName": "I.N._Psiquiatria",
    "InstitutionalDepartmentName": "Imagenes_Cerebrales",
    "MRAcquisitionType": "3D",
    "MagneticFieldStrength": 3,
    "Manufacturer": "Philips",
    "ManufacturersModelName": "Ingenia",
    "Modality": "MR",
    "PatientPosition": "HFS",
    "PercentPhaseFOV": 100,
    "PhaseEncodingSteps": 240,
    "PhilipsRescaleIntercept": 0,
    "PhilipsRescaleSlope": 5.86447,
    "PhilipsScaleSlope": 0.00603104,
    "PixelBandwidth": 310,
    "ProcedureStepDescription": "PROTOCOLO_EDUARDO_TMS",
    "ProtocolName": "WIP_sT1W_3D_TFE_32_channel",
    "ReconMatrixPE": 240,
    "RepetitionTime": 0.007,
    "SAR": 0.0382114,
    "ScanOptions": "OTHER",
    "ScanningSequence": "GR",
    "SequenceVariant": "MP",
    "SeriesDescription": "sT1W_3D_TFE_32_channel",
    "SeriesNumber": 501,
    "SliceThickness": 1,
    "SoftwareVersions": "5.3.1_5.3.1.0",
    "SpacingBetweenSlices": 1,
    "StationName": "PHILIPS-CTMFQSD",
    "UsePhilipsFloatNotDisplayScaling": 1,
    "dataset": "<unset>",
    "modality": "T1w",
    "session_id": "t1",
    "subject_id": "041"
  },
  "cjv": 0.44636803409397785,
  "cnr": 2.924408511952712,
  "efc": 0.73400332261645,
  "fber": 11398.371883656511,
  "fwhm_avg": 4.126346666666667,
  "fwhm_x": 3.95257,
  "fwhm_y": 4.47434,
  "fwhm_z": 3.95213,
  "icvs_csf": 0.20230286833589642,
  "icvs_gm": 0.3902057094927287,
  "icvs_wm": 0.40749142217137485,
  "inu_med": 1.4989798069000244,
  "inu_range": 0.5682854056358337,
  "provenance": {
    "md5sum": "e790b5734f24cfe714a11bd9037d8555",
    "settings": {
      "testing": false
    },
    "software": "mriqc",
    "version": "21.0.0rc2",
    "warnings": {
      "large_rot_frame": true,
      "small_air_mask": false
    },
    "webapi_port": null,
    "webapi_url": "https://mriqc.nimh.nih.gov/api/v1"
  },
  "qi_1": 0.0,
  "qi_2": 7.710361642947669e-05,
  "rpve_csf": 22.41033151784216,
  "rpve_gm": 11.907340397582976,
  "rpve_wm": 13.93727616543086,
  "size_x": 180,
  "size_y": 240,
  "size_z": 240,
  "snr_csf": 3.2348962109530714,
  "snr_gm": 11.19683983046139,
  "snr_total": 12.97778338138385,
  "snr_wm": 24.501614102737086,
  "snrd_csf": 59.63839264467577,
  "snrd_gm": 120.1763323602027,
  "snrd_total": 112.28030807162033,
  "snrd_wm": 157.0261992099825,
  "spacing_x": 1.0,
  "spacing_y": 1.0,
  "spacing_z": 1.0,
  "summary_bg_k": 73.09217963078324,
  "summary_bg_mad": 4.17214697918759,
  "summary_bg_mean": 7.559505239753535,
  "summary_bg_median": 2.814070373773575,
  "summary_bg_n": 637137.0,
  "summary_bg_p05": 0.0,
  "summary_bg_p95": 26.331658497452736,
  "summary_bg_stdv": 10.09824766218045,
  "summary_csf_k": 1.1336837393705412,
  "summary_csf_mad": 101.99409311621092,
  "summary_csf_mean": 404.870599946585,
  "summary_csf_median": 379.79899794608355,
  "summary_csf_n": 31428.0,
  "summary_csf_p05": 256.6005045199767,
  "summary_csf_p95": 622.3618139140308,
  "summary_csf_stdv": 117.40498945388903,
  "summary_gm_k": 0.1097442217968978,
  "summary_gm_mad": 67.20136741477155,
  "summary_gm_mean": 769.9868140820506,
  "summary_gm_median": 765.3266391530633,
  "summary_gm_n": 20368.0,
  "summary_gm_p05": 664.2211107239127,
  "summary_gm_p95": 888.7939768023789,
  "summary_gm_stdv": 68.35034376074559,
  "summary_wm_k": 0.7934522758528764,
  "summary_wm_mad": 37.54932281268832,
  "summary_wm_mean": 1000.5391051731217,
  "summary_wm_median": 1000.0000078231096,
  "summary_wm_n": 268522.0,
  "summary_wm_p05": 934.4221178628504,
  "summary_wm_p95": 1067.8894555903971,
  "summary_wm_stdv": 40.813561979364785,
  "tpm_overlap_csf": 0.17546746134757996,
  "tpm_overlap_gm": 0.4383466839790344,
  "tpm_overlap_wm": 0.5061498880386353,
  "wm2max": 0.6069293551462336
}