{
  "aor": 0.004440866666666667,
  "aqi": 0.0187681733,
  "bids_meta": {
    "AcquisitionMatrixPE": 70,
    "AcquisitionNumber": 3,
    "AcquisitionTime": "09:08:33.740000",
    "BodyPartExamined": "BRAIN",
    "CoilString": "MULTI_COIL",
    "ConversionSoftware": "dcm2niix",
    "ConversionSoftwareVersion": "v1.0.20190410  (JP2:OpenJPEG) GCC6.3.0",
    "Dcm2bidsVersion": "2.1.4",
    "DeviceSerialNumber": "42451",
    "EchoTime": 0.03,
    "EchoTrainLength": 35,
    "EffectiveEchoSpacing": 0.000698,
    "FlipAngle": 75,
    "ImageOrientationPatientDICOM": [
      0.999576,
      0.00419028,
      -0.0288037,
      -0.00436879,
      0.999972,
      -0.00613722
    ],
    "ImageType": [
      "ORIGINAL",
      "PRIMARY",
      "M",
      "FFE",
      "M",
      "FFE"
    ],
    "ImagingFrequency": 127.759,
    "InPlanePhaseEncodingDirectionDICOM": "COL",
    "InstitutionAddress": "Calzada_Mexico_Xochimilco_No.101_Tlalpan",
    "InstitutionName": "I.N._Psiquiatria",
    "InstitutionalDepartmentName": "Imagenes_Cerebrales",
    "MRAcquisitionType": "2D",
    "MagneticFieldStrength": 3,
    "Manufacturer": "Philips",
    "ManufacturersModelName": "Ingenia",
    "Modality": "MR",
    "PartialFourier": 0.5,
    "PatientPosition": "HFS",
    "PercentPhaseFOV": 100,
    "PhaseEncodingAxis": "j",
    "PhaseEncodingDirection": "j-",
    "PhaseEncodingSteps": 70,
    "PhilipsRescaleIntercept": 0,
    "PhilipsRescaleSlope": 0.755556,
    "PhilipsScaleSlope": 0.0246249,
    "PixelBandwidth": 1819,
    "ProcedureStepDescription": "PROTOCOLO_EDUARDO_TMS",
    "ProtocolName": "WIP_FE_EPI_32chSHC_AP",
    "ReconMatrixPE": 80,
    "RepetitionTime": 2,
    "SAR": 0.119138,
    "ScanOptions": "FS",
    "ScanningSequence": "GR",
    "SequenceVariant": "SK",
    "SeriesDescription": "FE_EPI_32chSHC_AP",
    "SeriesNumber": 301,
    "SliceThickness": 3.33,
    "SliceTiming": [
      0.0,
      1.027027,
      0.054054,
      1.081081,
      0.108108,
      1.135135,
      0.162162,
      1.189189,
      0.216216,
      1.243244,
      0.27027,
      1.297298,
      0.324324,
      1.351352,
      0.378378,
      1.405406,
      0.432432,
      1.45946,
      0.486486,
      1.513514,
      0.540541,
      1.567568,
      0.594595,
      1.621622,
      0.648649,
      1.675676,
      0.702703,
      1.72973,
      0.756757,
      1.783784,
      0.810811,
      1.837838,
      0.864865,
      1.891892,
      0.918919,
      1.945947,
      0.972973
    ],
    "SoftwareVersions": "5.3.1_5.3.1.0",
    "SpacingBetweenSlices": 3.33,
    "StationName": "PHILIPS-CTMFQSD",
    "TaskName": "rest",
    "TotalReadoutTime": 0.04884,
    "UsePhilipsFloatNotDisplayScaling": 1,
    "dataset": "<unset>",
    "modality": "bold",
    "session_id": "t0",
    "subject_id": "039",
    "task_id": "rest"
  },
  "dummy_trs": 0,
  "dvars_nstd": 28.344374047424765,
  "dvars_std": 1.0790861273913035,
  "dvars_vstd": 0.9467090906688965,
  "efc": 0.4361986744626698,
  "fber": 65223.71484375,
  "fd_mean": 0.23744007995842878,
  "fd_num": 10,
  "fd_perc": 3.3333333333333335,
  "fwhm_avg": 1.9755679818360836,
  "fwhm_x": 1.9574633333333333,
  "fwhm_y": 2.1533366666666667,
  "fwhm_z": 1.8159039455082513,
  "gcor": 0.0185321,
  "gsr_x": -0.011655312031507492,
  "gsr_y": 0.022167034447193146,
  "provenance": {
    "md5sum": "33607d9f6c3f1f755b8181a6af9637d8",
    "settings": {
      "fd_thres": 0.5,
      "testing": false
    },
    "software": "mriqc",
    "version": "22.0.0rc1",
    "webapi_port": null,
    "webapi_url": "https://mriqc.nimh.nih.gov/api/v1"
  },
  "size_t": 300,
  "size_x": 80,
  "size_y": 80,
  "size_z": 37,
  "snr": 5.146570511236583,
  "spacing_tr": 2.0000016689300537,
  "spacing_x": 3.0,
  "spacing_y": 3.0,
  "spacing_z": 3.3299999237060547,
  "summary_bg_k": 127.62319496161197,
  "summary_bg_mad": 280.6900182369932,
  "summary_bg_mean": 1532.6246337890625,
  "summary_bg_median": 229.0738983154297,
  "summary_bg_n": 158378.0,
  "summary_bg_p05": 15.907971334457399,
  "summary_bg_p95": 7081.733862304686,
  "summary_bg_stdv": 4447.19677734375,
  "summary_fg_k": 2.0849670945950507,
  "summary_fg_mad": 9925.726490734287,
  "summary_fg_mean": 61093.90625,
  "summary_fg_median": 60122.58984375,
  "summary_fg_n": 36413.0,
  "summary_fg_p05": 43964.278125,
  "summary_fg_p95": 81443.5234375,
  "summary_fg_stdv": 11681.908203125,
  "tsnr": 39.93226623535156
}