{
  "bids_meta": {
    "AcquisitionMatrixPE": 240,
    "AcquisitionNumber": 4,
    "AcquisitionTime": "10:29:3.740000",
    "CoilString": "MULTI_COIL",
    "ConversionSoftware": "dcm2niix",
    "ConversionSoftwareVersion": "v1.0.20190410  (JP2:OpenJPEG) GCC6.3.0",
    "Dcm2bidsVersion": "2.1.4",
    "DeviceSerialNumber": "42451",
    "EchoTime": 0.003501,
    "EchoTrainLength": 240,
    "FlipAngle": 8,
    "ImageOrientationPatientDICOM": [
      0.0124226,
      0.999921,
      -0.00203739,
      0.0005786,
      -0.00204474,
      -0.999998
    ],
    "ImageType": [
      "ORIGINAL",
      "PRIMARY",
      "M",
      "FFE",
      "M",
      "FFE"
    ],
    "ImagingFrequency": 127.766,
    "InPlanePhaseEncodingDirectionDICOM": "ROW",
    "InstitutionAddress": "Calzada_Mexico_Xochimilco_No.101_Tlalpan",
    "InstitutionName": "I.N._Psiquiatria",
    "InstitutionalDepartmentName": "Imagenes_Cerebrales",
    "MRAcquisitionType": "3D",
    "MagneticFieldStrength": 3,
    "Manufacturer": "Philips",
    "ManufacturersModelName": "Ingenia",
    "Modality": "MR",
    "PatientPosition": "HFS",
    "PercentPhaseFOV": 100,
    "PhaseEncodingSteps": 240,
    "PhilipsRescaleIntercept": 0,
    "PhilipsRescaleSlope": 12.1375,
    "PhilipsScaleSlope": 0.00554829,
    "PixelBandwidth": 310,
    "ProcedureStepDescription": "EDUARDO_TDM",
    "ProtocolName": "WIP_sT1W_3D_TFE_32_channel_SENSE",
    "ReconMatrixPE": 240,
    "RepetitionTime": 0.007,
    "SAR": 0.0382114,
    "ScanOptions": "OTHER",
    "ScanningSequence": "GR",
    "SequenceVariant": "MP",
    "SeriesDescription": "sT1W_3D_TFE_32_channel",
    "SeriesNumber": 401,
    "SliceThickness": 1,
    "SoftwareVersions": "5.1.7_5.1.7.2",
    "SpacingBetweenSlices": 1,
    "StationName": "INGENIA",
    "UsePhilipsFloatNotDisplayScaling": 1,
    "dataset": "<unset>",
    "modality": "T1w",
    "session_id": "t14",
    "subject_id": "012"
  },
  "cjv": 0.6164533230358065,
  "cnr": 2.2374402526444195,
  "efc": 0.8186229054206193,
  "fber": 205.65096899934184,
  "fwhm_avg": 4.497936666666667,
  "fwhm_x": 4.36487,
  "fwhm_y": 4.82803,
  "fwhm_z": 4.30091,
  "icvs_csf": 0.22942384214619377,
  "icvs_gm": 0.38537065928733105,
  "icvs_wm": 0.3852054985664752,
  "inu_med": 1.3676923513412476,
  "inu_range": 0.6128300309181212,
  "provenance": {
    "md5sum": "57ea20dc41487d2487e8110632084c52",
    "settings": {
      "testing": false
    },
    "software": "mriqc",
    "version": "21.0.0rc2",
    "warnings": {
      "large_rot_frame": true,
      "small_air_mask": true
    },
    "webapi_port": null,
    "webapi_url": "https://mriqc.nimh.nih.gov/api/v1"
  },
  "qi_1": 0.0,
  "qi_2": 0.0002558586319933467,
  "rpve_csf": 21.40396223075882,
  "rpve_gm": 12.360559448022927,
  "rpve_wm": 15.043808974604786,
  "size_x": 180,
  "size_y": 240,
  "size_z": 240,
  "snr_csf": 3.3840546789190693,
  "snr_gm": 10.135817337283953,
  "snr_total": 11.029882766541919,
  "snr_wm": 19.569776283422733,
  "snrd_csf": 14.981349692500897,
  "snrd_gm": 30.380202417522668,
  "snrd_total": 27.955434197018217,
  "snrd_wm": 38.50475048103109,
  "spacing_x": 1.0,
  "spacing_y": 1.0,
  "spacing_z": 1.0,
  "summary_bg_k": 1.7980314217723228,
  "summary_bg_mad": 17.014429645270628,
  "summary_bg_mean": 22.230778670461863,
  "summary_bg_median": 23.031262032687664,
  "summary_bg_n": 113862.0,
  "summary_bg_p05": 0.0,
  "summary_bg_p95": 46.735258523374796,
  "summary_bg_stdv": 14.935634723969427,
  "summary_csf_k": 0.5665343249672312,
  "summary_csf_mad": 106.83888408288901,
  "summary_csf_mean": 408.57853892694175,
  "summary_csf_median": 389.07795241475105,
  "summary_csf_n": 38906.0,
  "summary_csf_p05": 255.08507742732763,
  "summary_csf_p95": 624.3272564848885,
  "summary_csf_stdv": 114.97241890789496,
  "summary_gm_k": -0.2652201983445739,
  "summary_gm_mad": 81.25856916793042,
  "summary_gm_mean": 793.6131454523392,
  "summary_gm_median": 788.9988013878465,
  "summary_gm_n": 21134.0,
  "summary_gm_p05": 671.3078652223572,
  "summary_gm_p95": 925.3541615013032,
  "summary_gm_stdv": 77.84080043447476,
  "summary_wm_k": 0.6121472212603529,
  "summary_wm_mad": 48.813811947810905,
  "summary_wm_mean": 1002.1144390846644,
  "summary_wm_median": 999.9999855086207,
  "summary_wm_n": 233827.0,
  "summary_wm_p05": 922.0815062262118,
  "summary_wm_p95": 1088.484353043139,
  "summary_wm_stdv": 51.09909447561788,
  "tpm_overlap_csf": 0.169125035405159,
  "tpm_overlap_gm": 0.4382021725177765,
  "tpm_overlap_wm": 0.5038301944732666,
  "wm2max": 0.5685167206403083
}