{
  "bids_meta": {
    "AcquisitionMatrixPE": 240,
    "AcquisitionNumber": 9,
    "AcquisitionTime": "10:26:49.110000",
    "CoilString": "MULTI_COIL",
    "ConversionSoftware": "dcm2niix",
    "ConversionSoftwareVersion": "v1.0.20190410  (JP2:OpenJPEG) GCC6.3.0",
    "Dcm2bidsVersion": "2.1.4",
    "DeviceSerialNumber": "42451",
    "EchoTime": 0.003501,
    "EchoTrainLength": 240,
    "FlipAngle": 8,
    "ImageOrientationPatientDICOM": [
      0.0943822,
      0.995533,
      -0.00257785,
      0.000299212,
      -0.00261777,
      -0.999997
    ],
    "ImageType": [
      "ORIGINAL",
      "PRIMARY",
      "M",
      "FFE",
      "M",
      "FFE"
    ],
    "ImagingFrequency": 127.766,
    "InPlanePhaseEncodingDirectionDICOM": "ROW",
    "InstitutionAddress": "Calzada_Mexico_Xochimilco_No.101_Tlalpan",
    "InstitutionName": "I.N._Psiquiatria",
    "InstitutionalDepartmentName": "Imagenes_Cerebrales",
    "MRAcquisitionType": "3D",
    "MagneticFieldStrength": 3,
    "Manufacturer": "Philips",
    "ManufacturersModelName": "Ingenia",
    "Modality": "MR",
    "PatientPosition": "HFS",
    "PercentPhaseFOV": 100,
    "PhaseEncodingSteps": 240,
    "PhilipsRescaleIntercept": 0,
    "PhilipsRescaleSlope": 9.60952,
    "PhilipsScaleSlope": 0.0058026,
    "PixelBandwidth": 310,
    "ProcedureStepDescription": "EDUARDO_TMS",
    "ProtocolName": "WIP_sT1W_3D_TFE_32_channel_SENSE",
    "ReconMatrixPE": 240,
    "RepetitionTime": 0.007,
    "SAR": 0.0382114,
    "ScanOptions": "OTHER",
    "ScanningSequence": "GR",
    "SequenceVariant": "MP",
    "SeriesDescription": "sT1W_3D_TFE_32_channel",
    "SeriesNumber": 901,
    "SliceThickness": 1,
    "SoftwareVersions": "5.1.7_5.1.7.2",
    "SpacingBetweenSlices": 1,
    "StationName": "INGENIA",
    "UsePhilipsFloatNotDisplayScaling": 1,
    "dataset": "<unset>",
    "modality": "T1w",
    "session_id": "t0",
    "subject_id": "010"
  },
  "cjv": 0.5131412159568328,
  "cnr": 2.6136855404823565,
  "efc": 0.7882077103890525,
  "fber": 739.2754769901316,
  "fwhm_avg": 4.173626666666667,
  "fwhm_x": 4.0258,
  "fwhm_y": 4.53366,
  "fwhm_z": 3.96142,
  "icvs_csf": 0.21117386029273616,
  "icvs_gm": 0.38800297773956477,
  "icvs_wm": 0.40082316196769907,
  "inu_med": 1.3674898147583008,
  "inu_range": 0.4794626474380492,
  "provenance": {
    "md5sum": "969a3244571913f8ab8f7a8edf63069f",
    "settings": {
      "testing": false
    },
    "software": "mriqc",
    "version": "21.0.0rc2",
    "warnings": {
      "large_rot_frame": true,
      "small_air_mask": true
    },
    "webapi_port": null,
    "webapi_url": "https://mriqc.nimh.nih.gov/api/v1"
  },
  "qi_1": 0.0,
  "qi_2": 0.00018220329485334433,
  "rpve_csf": 23.832603771487335,
  "rpve_gm": 12.92446029503365,
  "rpve_wm": 15.291605091715704,
  "size_x": 180,
  "size_y": 240,
  "size_z": 240,
  "snr_csf": 3.5346460775290742,
  "snr_gm": 10.649856188735214,
  "snr_total": 12.995462996971163,
  "snr_wm": 24.8018867246492,
  "snrd_csf": 21.700461203933404,
  "snrd_gm": 48.32858483107271,
  "snrd_total": 43.99456289906825,
  "snrd_wm": 61.95464266219862,
  "spacing_x": 1.0,
  "spacing_y": 1.0,
  "spacing_z": 1.0,
  "summary_bg_k": 1.6767047702178681,
  "summary_bg_mad": 10.574908505494767,
  "summary_bg_mean": 12.827338442879896,
  "summary_bg_median": 14.39501965418458,
  "summary_bg_n": 152532.0,
  "summary_bg_p05": 0.0,
  "summary_bg_p95": 29.611376766115427,
  "summary_bg_stdv": 9.511738247091461,
  "summary_csf_k": 2.4190774988005064,
  "summary_csf_mad": 79.02340719560634,
  "summary_csf_mean": 369.64940381309304,
  "summary_csf_median": 350.2788115851581,
  "summary_csf_n": 38119.0,
  "summary_csf_p05": 247.6116293668747,
  "summary_csf_p95": 565.9879649616778,
  "summary_csf_stdv": 99.09739457035867,
  "summary_gm_k": -0.07398784119681157,
  "summary_gm_mad": 74.4089016659359,
  "summary_gm_mean": 784.3458105262146,
  "summary_gm_median": 780.0976717099547,
  "summary_gm_n": 17873.0,
  "summary_gm_p05": 670.5139635317028,
  "summary_gm_p95": 912.6096634455024,
  "summary_gm_stdv": 73.2475475935666,
  "summary_wm_k": 0.494793171504043,
  "summary_wm_mad": 38.4542127472537,
  "summary_wm_mean": 1000.7854852749573,
  "summary_wm_median": 1000.0431972369552,
  "summary_wm_n": 226455.0,
  "summary_wm_p05": 935.7195058092475,
  "summary_wm_p95": 1067.4490655455734,
  "summary_wm_stdv": 40.32116589747476,
  "tpm_overlap_csf": 0.18207687139511108,
  "tpm_overlap_gm": 0.43725302815437317,
  "tpm_overlap_wm": 0.5141501426696777,
  "wm2max": 0.6377394900068918
}