{
  "bids_meta": {
    "AcquisitionMatrixPE": 240,
    "AcquisitionNumber": 4,
    "AcquisitionTime": "09:51:30.900000",
    "BodyPartExamined": "BRAIN",
    "CoilString": "MULTI_COIL",
    "ConversionSoftware": "dcm2niix",
    "ConversionSoftwareVersion": "v1.0.20190410  (JP2:OpenJPEG) GCC6.3.0",
    "Dcm2bidsVersion": "2.1.4",
    "DeviceSerialNumber": "42451",
    "EchoTime": 0.0035,
    "EchoTrainLength": 240,
    "FlipAngle": 8,
    "ImageOrientationPatientDICOM": [
      -0.00433737,
      0.999968,
      -0.00671301,
      -0.0222442,
      -0.00680789,
      -0.999729
    ],
    "ImageType": [
      "ORIGINAL",
      "PRIMARY",
      "M",
      "FFE",
      "M",
      "FFE"
    ],
    "ImagingFrequency": 127.759,
    "InPlanePhaseEncodingDirectionDICOM": "ROW",
    "InstitutionAddress": "Calzada_Mexico_Xochimilco_No.101_Tlalpan",
    "InstitutionName": "I.N._Psiquiatria",
    "InstitutionalDepartmentName": "Imagenes_Cerebrales",
    "MRAcquisitionType": "3D",
    "MagneticFieldStrength": 3,
    "Manufacturer": "Philips",
    "ManufacturersModelName": "Ingenia",
    "Modality": "MR",
    "PatientPosition": "HFS",
    "PercentPhaseFOV": 100,
    "PhaseEncodingSteps": 240,
    "PhilipsRescaleIntercept": 0,
    "PhilipsRescaleSlope": 3.98388,
    "PhilipsScaleSlope": 0.00558497,
    "PixelBandwidth": 310,
    "ProcedureStepDescription": "PROTOCOLO_EDUARDO",
    "ProtocolName": "WIP_sT1W_3D_TFE_32_channel",
    "ReconMatrixPE": 240,
    "RepetitionTime": 0.007,
    "SAR": 0.0382114,
    "ScanOptions": "OTHER",
    "ScanningSequence": "GR",
    "SequenceVariant": "MP",
    "SeriesDescription": "sT1W_3D_TFE_32_channel",
    "SeriesNumber": 401,
    "SliceThickness": 1,
    "SoftwareVersions": "5.3.1_5.3.1.0",
    "SpacingBetweenSlices": 1,
    "StationName": "PHILIPS-CTMFQSD",
    "UsePhilipsFloatNotDisplayScaling": 1,
    "dataset": "<unset>",
    "modality": "T1w",
    "session_id": "t0",
    "subject_id": "049"
  },
  "cjv": 0.48259119678790546,
  "cnr": 2.528501364865293,
  "efc": 0.7186510720232816,
  "fber": 51563.48678096458,
  "fwhm_avg": 4.092493333333333,
  "fwhm_x": 3.99224,
  "fwhm_y": 4.31943,
  "fwhm_z": 3.96581,
  "icvs_csf": 0.22098354526364844,
  "icvs_gm": 0.4044795662855763,
  "icvs_wm": 0.37453688845077526,
  "inu_med": 2.042619228363037,
  "inu_range": 0.8661615252494812,
  "provenance": {
    "md5sum": "db6375f471c3db3689d059d76e18b5d6",
    "settings": {
      "testing": false
    },
    "software": "mriqc",
    "version": "21.0.0rc2",
    "warnings": {
      "large_rot_frame": true,
      "small_air_mask": false
    },
    "webapi_port": null,
    "webapi_url": "https://mriqc.nimh.nih.gov/api/v1"
  },
  "qi_1": 0.023401164804611185,
  "qi_2": 4.0543021555680704e-05,
  "rpve_csf": 23.01923167295862,
  "rpve_gm": 12.623728452967603,
  "rpve_wm": 16.297633628304563,
  "size_x": 180,
  "size_y": 240,
  "size_z": 240,
  "snr_csf": 3.9161522734438705,
  "snr_gm": 10.408008917609854,
  "snr_total": 12.007865380584064,
  "snr_wm": 21.699434950698468,
  "snrd_csf": 65.40438894092902,
  "snrd_gm": 123.80177964575432,
  "snrd_total": 116.22473350510269,
  "snrd_wm": 159.46803192862473,
  "spacing_x": 1.0,
  "spacing_y": 1.0,
  "spacing_z": 1.0,
  "summary_bg_k": 1840.660216118395,
  "summary_bg_mad": 4.1082613005254665,
  "summary_bg_mean": 4.500842759315517,
  "summary_bg_median": 2.7709801383316517,
  "summary_bg_n": 504588.0,
  "summary_bg_p05": 0.0,
  "summary_bg_p95": 17.2016689106822,
  "summary_bg_stdv": 11.70594114268343,
  "summary_csf_k": 4.191260733931712,
  "summary_csf_mad": 84.03261751074818,
  "summary_csf_mean": 425.41387464928994,
  "summary_csf_median": 410.1410472281277,
  "summary_csf_n": 34075.0,
  "summary_csf_p05": 284.5472721271217,
  "summary_csf_p95": 631.2904529955238,
  "summary_csf_stdv": 104.72908108161363,
  "summary_gm_k": 0.9263749220134461,
  "summary_gm_mad": 66.26572123704713,
  "summary_gm_mean": 784.101762211285,
  "summary_gm_median": 776.342266548425,
  "summary_gm_n": 16430.0,
  "summary_gm_p05": 674.6958775909618,
  "summary_gm_p95": 921.0288145376369,
  "summary_gm_stdv": 74.58858332852982,
  "summary_wm_k": 0.5483189197277185,
  "summary_wm_mad": 41.669507476758305,
  "summary_wm_mean": 998.4751310132884,
  "summary_wm_median": 999.9999491423368,
  "summary_wm_n": 197364.0,
  "summary_wm_p05": 917.23041254282,
  "summary_wm_p95": 1071.8654989637434,
  "summary_wm_stdv": 46.08403020729289,
  "tpm_overlap_csf": 0.1483943611383438,
  "tpm_overlap_gm": 0.4308294951915741,
  "tpm_overlap_wm": 0.4846108555793762,
  "wm2max": 0.6571597182376233
}