{
  "bids_meta": {
    "AcquisitionMatrixPE": 240,
    "AcquisitionNumber": 4,
    "AcquisitionTime": "09:10:8.090000",
    "BodyPartExamined": "BRAIN",
    "CoilString": "MULTI_COIL",
    "ConversionSoftware": "dcm2niix",
    "ConversionSoftwareVersion": "v1.0.20190410  (JP2:OpenJPEG) GCC6.3.0",
    "Dcm2bidsVersion": "2.1.4",
    "DeviceSerialNumber": "42451",
    "EchoTime": 0.003501,
    "EchoTrainLength": 240,
    "FlipAngle": 8,
    "ImageOrientationPatientDICOM": [
      -0.00949942,
      0.999923,
      0.00796666,
      -0.0430976,
      0.00755021,
      -0.999042
    ],
    "ImageType": [
      "ORIGINAL",
      "PRIMARY",
      "M",
      "FFE",
      "M",
      "FFE"
    ],
    "ImagingFrequency": 127.766,
    "InPlanePhaseEncodingDirectionDICOM": "ROW",
    "InstitutionAddress": "Calzada_Mexico_Xochimilco_No.101_Tlalpan",
    "InstitutionName": "I.N._Psiquiatria",
    "InstitutionalDepartmentName": "Imagenes_Cerebrales",
    "MRAcquisitionType": "3D",
    "MagneticFieldStrength": 3,
    "Manufacturer": "Philips",
    "ManufacturersModelName": "Ingenia",
    "Modality": "MR",
    "PatientPosition": "HFS",
    "PercentPhaseFOV": 100,
    "PhaseEncodingSteps": 240,
    "PhilipsRescaleIntercept": 0,
    "PhilipsRescaleSlope": 3.49548,
    "PhilipsScaleSlope": 0.00555616,
    "PixelBandwidth": 310,
    "ProcedureStepDescription": "EDUARDO_TMS",
    "ProtocolName": "sT1W_3D_TFE_32_channel",
    "ReconMatrixPE": 240,
    "RepetitionTime": 0.007,
    "SAR": 0.0382114,
    "ScanOptions": "OTHER",
    "ScanningSequence": "GR",
    "SequenceVariant": "MP",
    "SeriesDescription": "sT1W_3D_TFE_32_channel",
    "SeriesNumber": 401,
    "SliceThickness": 1,
    "SoftwareVersions": "5.3.1_5.3.1.0",
    "SpacingBetweenSlices": 1,
    "StationName": "PHILIPS-CTMFQSD",
    "UsePhilipsFloatNotDisplayScaling": 1,
    "dataset": "<unset>",
    "modality": "T1w",
    "session_id": "t3",
    "subject_id": "004"
  },
  "cjv": 0.4158035728730057,
  "cnr": 3.1275147917086064,
  "efc": 0.7444256210556701,
  "fber": 4911.482128460091,
  "fwhm_avg": 4.122253333333333,
  "fwhm_x": 3.9861,
  "fwhm_y": 4.46806,
  "fwhm_z": 3.9126,
  "icvs_csf": 0.2561841236674402,
  "icvs_gm": 0.38203117900438455,
  "icvs_wm": 0.36178469732817525,
  "inu_med": 1.663975477218628,
  "inu_range": 0.6524479866027832,
  "provenance": {
    "md5sum": "6f55e39501ea55271e41b5cb892f8105",
    "settings": {
      "testing": false
    },
    "software": "mriqc",
    "version": "21.0.0rc2",
    "warnings": {
      "large_rot_frame": true,
      "small_air_mask": false
    },
    "webapi_port": null,
    "webapi_url": "https://mriqc.nimh.nih.gov/api/v1"
  },
  "qi_1": 0.00031027647742813935,
  "qi_2": 5.691847869103922e-05,
  "rpve_csf": 18.418477005370576,
  "rpve_gm": 11.540563452655693,
  "rpve_wm": 14.446443457589854,
  "size_x": 180,
  "size_y": 240,
  "size_z": 240,
  "snr_csf": 4.096342078294539,
  "snr_gm": 11.406074242468732,
  "snr_total": 12.9860956381233,
  "snr_wm": 23.455870593606626,
  "snrd_csf": 51.65118619686481,
  "snrd_gm": 118.35366334399896,
  "snrd_total": 109.06139600608954,
  "snrd_wm": 157.17933847740485,
  "spacing_x": 1.0,
  "spacing_y": 1.0,
  "spacing_z": 1.0,
  "summary_bg_k": 7.857733317765515,
  "summary_bg_mad": 4.168082236329221,
  "summary_bg_mean": 6.558125000713863,
  "summary_bg_median": 2.811328746378422,
  "summary_bg_n": 392273.0,
  "summary_bg_p05": 0.0,
  "summary_bg_p95": 23.15007745474577,
  "summary_bg_stdv": 7.908621656816045,
  "summary_csf_k": 2.3688639132842964,
  "summary_csf_mad": 58.97064497325046,
  "summary_csf_mean": 344.2264376560715,
  "summary_csf_median": 328.61309346556664,
  "summary_csf_n": 91130.0,
  "summary_csf_p05": 245.349171705544,
  "summary_csf_p95": 507.2539460286498,
  "summary_csf_stdv": 80.2206661916983,
  "summary_gm_k": 0.2004254738633513,
  "summary_gm_mad": 63.962052095768165,
  "summary_gm_mean": 755.1057497392536,
  "summary_gm_median": 752.9849031195045,
  "summary_gm_n": 19966.0,
  "summary_gm_p05": 649.3388479482383,
  "summary_gm_p95": 868.4315974730998,
  "summary_gm_stdv": 66.01447879419418,
  "summary_wm_k": 0.8900366526032433,
  "summary_wm_mad": 38.74772745624572,
  "summary_wm_mean": 999.7220624715752,
  "summary_wm_median": 1000.0000474154949,
  "summary_wm_n": 222752.0,
  "summary_wm_p05": 929.3350433707237,
  "summary_wm_p95": 1068.7908322960138,
  "summary_wm_stdv": 42.633156538503485,
  "tpm_overlap_csf": 0.16463220119476318,
  "tpm_overlap_gm": 0.4101620614528656,
  "tpm_overlap_wm": 0.47564035654067993,
  "wm2max": 0.6510450722963915
}