{
  "bids_meta": {
    "AcquisitionMatrixPE": 240,
    "AcquisitionNumber": 4,
    "AcquisitionTime": "13:52:15.060000",
    "BodyPartExamined": "BRAIN",
    "CoilString": "MULTI_COIL",
    "ConversionSoftware": "dcm2niix",
    "ConversionSoftwareVersion": "v1.0.20190410  (JP2:OpenJPEG) GCC6.3.0",
    "Dcm2bidsVersion": "2.1.4",
    "DeviceSerialNumber": "42451",
    "EchoTime": 0.0035,
    "EchoTrainLength": 240,
    "FlipAngle": 8,
    "ImageOrientationPatientDICOM": [
      -0.0042116,
      0.99949,
      -0.0316631,
      -0.00362181,
      -0.0316784,
      -0.999492
    ],
    "ImageType": [
      "ORIGINAL",
      "PRIMARY",
      "M",
      "FFE",
      "M",
      "FFE"
    ],
    "ImagingFrequency": 127.759,
    "InPlanePhaseEncodingDirectionDICOM": "ROW",
    "InstitutionAddress": "Calzada_Mexico_Xochimilco_No.101_Tlalpan",
    "InstitutionName": "I.N._Psiquiatria",
    "InstitutionalDepartmentName": "Imagenes_Cerebrales",
    "MRAcquisitionType": "3D",
    "MagneticFieldStrength": 3,
    "Manufacturer": "Philips",
    "ManufacturersModelName": "Ingenia",
    "Modality": "MR",
    "PatientPosition": "HFS",
    "PercentPhaseFOV": 100,
    "PhaseEncodingSteps": 240,
    "PhilipsRescaleIntercept": 0,
    "PhilipsRescaleSlope": 13.1932,
    "PhilipsScaleSlope": 0.00606148,
    "PixelBandwidth": 310,
    "ProcedureStepDescription": "EDUARDO_TMS",
    "ProtocolName": "WIP_sT1W_3D_TFE_32_channel",
    "ReconMatrixPE": 240,
    "RepetitionTime": 0.007,
    "SAR": 0.0382114,
    "ScanOptions": "OTHER",
    "ScanningSequence": "GR",
    "SequenceVariant": "MP",
    "SeriesDescription": "sT1W_3D_TFE_32_channel",
    "SeriesNumber": 401,
    "SliceThickness": 1,
    "SoftwareVersions": "5.3.1_5.3.1.0",
    "SpacingBetweenSlices": 1,
    "StationName": "PHILIPS-CTMFQSD",
    "UsePhilipsFloatNotDisplayScaling": 1,
    "dataset": "<unset>",
    "modality": "T1w",
    "session_id": "t0",
    "subject_id": "033"
  },
  "cjv": 0.4713433537897556,
  "cnr": 2.735558286160416,
  "efc": 0.7575182314952162,
  "fber": 11905.481986672221,
  "fwhm_avg": 4.10299,
  "fwhm_x": 3.99573,
  "fwhm_y": 4.40864,
  "fwhm_z": 3.9046,
  "icvs_csf": 0.2330634594338253,
  "icvs_gm": 0.4021957525776568,
  "icvs_wm": 0.36474078798851794,
  "inu_med": 1.8390594720840454,
  "inu_range": 0.7370349526405338,
  "provenance": {
    "md5sum": "f87fde89c83d34e839deedf86bba4b98",
    "settings": {
      "testing": false
    },
    "software": "mriqc",
    "version": "21.0.0rc2",
    "warnings": {
      "large_rot_frame": true,
      "small_air_mask": false
    },
    "webapi_port": null,
    "webapi_url": "https://mriqc.nimh.nih.gov/api/v1"
  },
  "qi_1": 0.0,
  "qi_2": 4.7099206337220026e-05,
  "rpve_csf": 20.9688720158056,
  "rpve_gm": 12.072174718616562,
  "rpve_wm": 15.81354887215733,
  "size_x": 180,
  "size_y": 240,
  "size_z": 240,
  "snr_csf": 3.6496483602539826,
  "snr_gm": 10.55202343828955,
  "snr_total": 12.466690612678166,
  "snr_wm": 23.198400039490966,
  "snrd_csf": 58.807232193246044,
  "snrd_gm": 124.72141229713485,
  "snrd_total": 115.35595244252272,
  "snrd_wm": 162.53921283718725,
  "spacing_x": 1.0,
  "spacing_y": 1.0,
  "spacing_z": 1.0,
  "summary_bg_k": 199.03211294571778,
  "summary_bg_mad": 4.030635758177929,
  "summary_bg_mean": 7.6628563976940045,
  "summary_bg_median": 2.7186225056648254,
  "summary_bg_n": 423324.0,
  "summary_bg_p05": 0.0,
  "summary_bg_p95": 25.147258177399635,
  "summary_bg_stdv": 9.3896209376706,
  "summary_csf_k": 1.100779574260467,
  "summary_csf_mad": 81.45243094651231,
  "summary_csf_mean": 382.5185230358451,
  "summary_csf_median": 361.80334512889385,
  "summary_csf_n": 42957.0,
  "summary_csf_p05": 257.6461203806102,
  "summary_csf_p95": 577.2541787028313,
  "summary_csf_stdv": 99.13260077810327,
  "summary_gm_k": 0.16431170866341027,
  "summary_gm_mad": 70.20023945493226,
  "summary_gm_mean": 771.5391133195338,
  "summary_gm_median": 767.331202223897,
  "summary_gm_n": 20527.0,
  "summary_gm_p05": 659.3225955925882,
  "summary_gm_p95": 898.9408504825086,
  "summary_gm_stdv": 72.71709693459323,
  "summary_wm_k": 0.6707550926748964,
  "summary_wm_mad": 39.46664179882555,
  "summary_wm_mean": 1000.5763288969861,
  "summary_wm_median": 999.9999783337116,
  "summary_wm_n": 214484.0,
  "summary_wm_p05": 930.1087247505784,
  "summary_wm_p95": 1072.4965784847736,
  "summary_wm_stdv": 43.106319636376504,
  "tpm_overlap_csf": 0.16913990676403046,
  "tpm_overlap_gm": 0.4439978003501892,
  "tpm_overlap_wm": 0.508245587348938,
  "wm2max": 0.6108074448211444
}