{
  "bids_meta": {
    "AcquisitionMatrixPE": 240,
    "AcquisitionNumber": 4,
    "AcquisitionTime": "10:25:48.590000",
    "BodyPartExamined": "BRAIN",
    "CoilString": "MULTI_COIL",
    "ConversionSoftware": "dcm2niix",
    "ConversionSoftwareVersion": "v1.0.20190410  (JP2:OpenJPEG) GCC6.3.0",
    "Dcm2bidsVersion": "2.1.4",
    "DeviceSerialNumber": "42451",
    "EchoTime": 0.0035,
    "EchoTrainLength": 240,
    "FlipAngle": 8,
    "ImageOrientationPatientDICOM": [
      -5.16762e-05,
      0.999999,
      0.00172077,
      0.00480956,
      0.001721,
      -0.999987
    ],
    "ImageType": [
      "ORIGINAL",
      "PRIMARY",
      "M",
      "FFE",
      "M",
      "FFE"
    ],
    "ImagingFrequency": 127.76,
    "InPlanePhaseEncodingDirectionDICOM": "ROW",
    "InstitutionAddress": "Calzada_Mexico_Xochimilco_No.101_Tlalpan",
    "InstitutionName": "I.N._Psiquiatria",
    "InstitutionalDepartmentName": "Imagenes_Cerebrales",
    "MRAcquisitionType": "3D",
    "MagneticFieldStrength": 3,
    "Manufacturer": "Philips",
    "ManufacturersModelName": "Ingenia",
    "Modality": "MR",
    "PatientPosition": "HFS",
    "PercentPhaseFOV": 100,
    "PhaseEncodingSteps": 240,
    "PhilipsRescaleIntercept": 0,
    "PhilipsRescaleSlope": 187.25,
    "PhilipsScaleSlope": 0.00564788,
    "PixelBandwidth": 310,
    "ProcedureStepDescription": "EDUARDO_TMS",
    "ProtocolName": "WIP_sT1W_3D_TFE_32_channel",
    "ReconMatrixPE": 240,
    "RepetitionTime": 0.007,
    "SAR": 0.0382114,
    "ScanOptions": "OTHER",
    "ScanningSequence": "GR",
    "SequenceVariant": "MP",
    "SeriesDescription": "sT1W_3D_TFE_32_channel",
    "SeriesNumber": 401,
    "SliceThickness": 1,
    "SoftwareVersions": "5.3.1_5.3.1.0",
    "SpacingBetweenSlices": 1,
    "StationName": "PHILIPS-CTMFQSD",
    "UsePhilipsFloatNotDisplayScaling": 1,
    "dataset": "<unset>",
    "modality": "T1w",
    "session_id": "t1",
    "subject_id": "023"
  },
  "cjv": 0.6067921731749627,
  "cnr": 2.156829748832445,
  "efc": 0.7427201099753155,
  "fber": 5013.283657024794,
  "fwhm_avg": 4.005983333333334,
  "fwhm_x": 3.79192,
  "fwhm_y": 4.36026,
  "fwhm_z": 3.86577,
  "icvs_csf": 0.2427777274204738,
  "icvs_gm": 0.38146213761122166,
  "icvs_wm": 0.3757601349683045,
  "inu_med": 1.9716957807540894,
  "inu_range": 0.7830622911453244,
  "provenance": {
    "md5sum": "8b1addd82c16011126a3d7a56e14cb99",
    "settings": {
      "testing": false
    },
    "software": "mriqc",
    "version": "21.0.0rc2",
    "warnings": {
      "large_rot_frame": true,
      "small_air_mask": false
    },
    "webapi_port": null,
    "webapi_url": "https://mriqc.nimh.nih.gov/api/v1"
  },
  "qi_1": 1.0151768945738795e-05,
  "qi_2": 5.63386015977731e-05,
  "rpve_csf": 21.583889972115646,
  "rpve_gm": 13.073847158051015,
  "rpve_wm": 15.935151992117666,
  "size_x": 180,
  "size_y": 240,
  "size_z": 240,
  "snr_csf": 3.6284224124175446,
  "snr_gm": 10.778242929130142,
  "snr_total": 12.497589252716649,
  "snr_wm": 23.086102416602255,
  "snrd_csf": 51.794552607221135,
  "snrd_gm": 112.74491624295116,
  "snrd_total": 101.15187623838489,
  "snrd_wm": 138.91615986498235,
  "spacing_x": 1.0,
  "spacing_y": 1.0,
  "spacing_z": 1.0,
  "summary_bg_k": 4.347213013380357,
  "summary_bg_mad": 4.716256048553948,
  "summary_bg_mean": 8.175685388930845,
  "summary_bg_median": 3.1810663640499115,
  "summary_bg_n": 378038.0,
  "summary_bg_p05": 0.0,
  "summary_bg_p95": 25.957501530647278,
  "summary_bg_stdv": 9.150201009472159,
  "summary_csf_k": 1.5473080385297386,
  "summary_csf_mad": 80.23923623939783,
  "summary_csf_mean": 394.0282031987938,
  "summary_csf_median": 372.86339208483696,
  "summary_csf_n": 52909.0,
  "summary_csf_p05": 269.28787127137184,
  "summary_csf_p95": 601.7559619545935,
  "summary_csf_stdv": 102.76087678297162,
  "summary_gm_k": 0.059816384013481105,
  "summary_gm_mad": 74.01377825530662,
  "summary_gm_mean": 816.7887247675335,
  "summary_gm_median": 811.6384792327881,
  "summary_gm_n": 16308.0,
  "summary_gm_p05": 700.1039303764701,
  "summary_gm_p95": 949.7667428925633,
  "summary_gm_stdv": 75.3011042259249,
  "summary_wm_k": 0.6029115101979414,
  "summary_wm_mad": 40.30826836164107,
  "summary_wm_mean": 999.8441197962985,
  "summary_wm_median": 1000.0424364209175,
  "summary_wm_n": 211441.0,
  "summary_wm_p05": 927.6413659751415,
  "summary_wm_p95": 1069.7289969027042,
  "summary_wm_stdv": 43.31783917205269,
  "tpm_overlap_csf": 0.1706591248512268,
  "tpm_overlap_gm": 0.4328268766403198,
  "tpm_overlap_wm": 0.5100101828575134,
  "wm2max": 0.5927993161361693
}