{
  "bids_meta": {
    "AcquisitionMatrixPE": 240,
    "AcquisitionNumber": 4,
    "AcquisitionTime": "08:20:45.710000",
    "CoilString": "MULTI_COIL",
    "ConversionSoftware": "dcm2niix",
    "ConversionSoftwareVersion": "v1.0.20190410  (JP2:OpenJPEG) GCC6.3.0",
    "Dcm2bidsVersion": "2.1.4",
    "DeviceSerialNumber": "42451",
    "EchoTime": 0.003501,
    "EchoTrainLength": 240,
    "FlipAngle": 8,
    "ImageOrientationPatientDICOM": [
      0.0606857,
      0.998044,
      -0.0149939,
      -0.000401419,
      -0.0149972,
      -0.999887
    ],
    "ImageType": [
      "ORIGINAL",
      "PRIMARY",
      "M",
      "FFE",
      "M",
      "FFE"
    ],
    "ImagingFrequency": 127.766,
    "InPlanePhaseEncodingDirectionDICOM": "ROW",
    "InstitutionAddress": "Calzada_Mexico_Xochimilco_No.101_Tlalpan",
    "InstitutionName": "I.N._Psiquiatria",
    "InstitutionalDepartmentName": "Imagenes_Cerebrales",
    "MRAcquisitionType": "3D",
    "MagneticFieldStrength": 3,
    "Manufacturer": "Philips",
    "ManufacturersModelName": "Ingenia",
    "Modality": "MR",
    "PatientPosition": "HFS",
    "PercentPhaseFOV": 100,
    "PhaseEncodingSteps": 240,
    "PhilipsRescaleIntercept": 0,
    "PhilipsRescaleSlope": 11.5985,
    "PhilipsScaleSlope": 0.00460232,
    "PixelBandwidth": 310,
    "ProcedureStepDescription": "EDUARDO_TMS",
    "ProtocolName": "WIP_sT1W_3D_TFE_32_channel_SENSE",
    "ReconMatrixPE": 240,
    "RepetitionTime": 0.007,
    "SAR": 0.0382114,
    "ScanOptions": "OTHER",
    "ScanningSequence": "GR",
    "SequenceVariant": "MP",
    "SeriesDescription": "sT1W_3D_TFE_32_channel",
    "SeriesNumber": 401,
    "SliceThickness": 1,
    "SoftwareVersions": "5.1.7_5.1.7.2",
    "SpacingBetweenSlices": 1,
    "StationName": "INGENIA",
    "UsePhilipsFloatNotDisplayScaling": 1,
    "dataset": "<unset>",
    "modality": "T1w",
    "session_id": "t14",
    "subject_id": "010"
  },
  "cjv": 0.4890673984872115,
  "cnr": 2.7057702364637937,
  "efc": 0.7978183316108878,
  "fber": 469.6199705017798,
  "fwhm_avg": 4.0944666666666665,
  "fwhm_x": 3.93121,
  "fwhm_y": 4.44304,
  "fwhm_z": 3.90915,
  "icvs_csf": 0.2119068162445712,
  "icvs_gm": 0.39075361940264697,
  "icvs_wm": 0.39733956435278184,
  "inu_med": 1.3058485984802246,
  "inu_range": 0.44706714153289795,
  "provenance": {
    "md5sum": "a90871d67a4a71e36caab1a039821260",
    "settings": {
      "testing": false
    },
    "software": "mriqc",
    "version": "21.0.0rc2",
    "warnings": {
      "large_rot_frame": true,
      "small_air_mask": true
    },
    "webapi_port": null,
    "webapi_url": "https://mriqc.nimh.nih.gov/api/v1"
  },
  "qi_1": 0.0,
  "qi_2": 0.0001976713419516564,
  "rpve_csf": 24.540783899567785,
  "rpve_gm": 13.239449104931591,
  "rpve_wm": 15.856081656934228,
  "size_x": 180,
  "size_y": 240,
  "size_z": 240,
  "snr_csf": 3.697315514458818,
  "snr_gm": 11.682024077692098,
  "snr_total": 13.798572870086758,
  "snr_wm": 26.016379018109358,
  "snrd_csf": 17.42604366132892,
  "snrd_gm": 38.27546483925738,
  "snrd_total": 34.75389115118091,
  "snrd_wm": 48.56016495295643,
  "spacing_x": 1.0,
  "spacing_y": 1.0,
  "spacing_z": 1.0,
  "summary_bg_k": 1.2531113720615474,
  "summary_bg_mad": 13.49123005603185,
  "summary_bg_mean": 14.351598167057114,
  "summary_bg_median": 9.233025275170803,
  "summary_bg_n": 114243.0,
  "summary_bg_p05": 0.0,
  "summary_bg_p95": 27.965733595192432,
  "summary_bg_stdv": 9.864070769371578,
  "summary_csf_k": 1.7932912148572084,
  "summary_csf_mad": 76.64797735130182,
  "summary_csf_mean": 381.50382882764285,
  "summary_csf_median": 358.8546935468912,
  "summary_csf_n": 38214.0,
  "summary_csf_p05": 265.4461434390396,
  "summary_csf_p95": 579.8156545590608,
  "summary_csf_stdv": 97.05690433577668,
  "summary_gm_k": -0.020741468584424272,
  "summary_gm_mad": 67.30789500481823,
  "summary_gm_mean": 790.0389608029926,
  "summary_gm_median": 788.2070349529386,
  "summary_gm_n": 17603.0,
  "summary_gm_p05": 682.1805725060403,
  "summary_gm_p95": 905.6697824969888,
  "summary_gm_stdv": 67.46987002971308,
  "summary_wm_k": 0.5205234355048578,
  "summary_wm_mad": 36.27312403343362,
  "summary_wm_mean": 999.7027382881264,
  "summary_wm_median": 999.999968521297,
  "summary_wm_n": 220326.0,
  "summary_wm_p05": 936.0437690746039,
  "summary_wm_p95": 1062.0645644143224,
  "summary_wm_stdv": 38.43723596040143,
  "tpm_overlap_csf": 0.189640074968338,
  "tpm_overlap_gm": 0.4412279427051544,
  "tpm_overlap_wm": 0.5206595063209534,
  "wm2max": 0.6434530831099196
}