{
  "bids_meta": {
    "AcquisitionMatrixPE": 240,
    "AcquisitionNumber": 4,
    "AcquisitionTime": "12:41:16.180000",
    "BodyPartExamined": "BRAIN",
    "CoilString": "MULTI_COIL",
    "ConversionSoftware": "dcm2niix",
    "ConversionSoftwareVersion": "v1.0.20190410  (JP2:OpenJPEG) GCC6.3.0",
    "Dcm2bidsVersion": "2.1.4",
    "DeviceSerialNumber": "42451",
    "EchoTime": 0.0035,
    "EchoTrainLength": 240,
    "FlipAngle": 8,
    "ImageOrientationPatientDICOM": [
      0.000338453,
      1,
      0.000487054,
      -0.00240733,
      0.000487867,
      -0.999997
    ],
    "ImageType": [
      "ORIGINAL",
      "PRIMARY",
      "M",
      "FFE",
      "M",
      "FFE"
    ],
    "ImagingFrequency": 127.76,
    "InPlanePhaseEncodingDirectionDICOM": "ROW",
    "InstitutionAddress": "Calzada_Mexico_Xochimilco_No.101_Tlalpan",
    "InstitutionName": "I.N._Psiquiatria",
    "InstitutionalDepartmentName": "Imagenes_Cerebrales",
    "MRAcquisitionType": "3D",
    "MagneticFieldStrength": 3,
    "Manufacturer": "Philips",
    "ManufacturersModelName": "Ingenia",
    "Modality": "MR",
    "PatientPosition": "HFS",
    "PercentPhaseFOV": 100,
    "PhaseEncodingSteps": 240,
    "PhilipsRescaleIntercept": 0,
    "PhilipsRescaleSlope": 18.4252,
    "PhilipsScaleSlope": 0.00519071,
    "PixelBandwidth": 310,
    "ProcedureStepDescription": "EDUARDO_TMS",
    "ProtocolName": "WIP_sT1W_3D_TFE_32_channel",
    "ReconMatrixPE": 240,
    "RepetitionTime": 0.007,
    "SAR": 0.0382114,
    "ScanOptions": "OTHER",
    "ScanningSequence": "GR",
    "SequenceVariant": "MP",
    "SeriesDescription": "sT1W_3D_TFE_32_channel",
    "SeriesNumber": 401,
    "SliceThickness": 1,
    "SoftwareVersions": "5.3.1_5.3.1.0",
    "SpacingBetweenSlices": 1,
    "StationName": "PHILIPS-CTMFQSD",
    "UsePhilipsFloatNotDisplayScaling": 1,
    "dataset": "<unset>",
    "modality": "T1w",
    "session_id": "t4",
    "subject_id": "004"
  },
  "cjv": 0.4246562203107514,
  "cnr": 3.0604516203395806,
  "efc": 0.7488148383929831,
  "fber": 4409.70669827906,
  "fwhm_avg": 4.0891866666666665,
  "fwhm_x": 3.96454,
  "fwhm_y": 4.42864,
  "fwhm_z": 3.87438,
  "icvs_csf": 0.2625762386223181,
  "icvs_gm": 0.37579598411581067,
  "icvs_wm": 0.36162777726187123,
  "inu_med": 1.876863718032837,
  "inu_range": 0.6337378621101375,
  "provenance": {
    "md5sum": "a8df958ee1bc857f13d83ca3de9c3f59",
    "settings": {
      "testing": false
    },
    "software": "mriqc",
    "version": "21.0.0rc2",
    "warnings": {
      "large_rot_frame": true,
      "small_air_mask": false
    },
    "webapi_port": null,
    "webapi_url": "https://mriqc.nimh.nih.gov/api/v1"
  },
  "qi_1": 0.0003452453742766383,
  "qi_2": 4.438786992140333e-05,
  "rpve_csf": 17.9988308617494,
  "rpve_gm": 11.601268278584344,
  "rpve_wm": 14.410890269964046,
  "size_x": 180,
  "size_y": 240,
  "size_z": 240,
  "snr_csf": 4.116698050888645,
  "snr_gm": 11.323261901236389,
  "snr_total": 12.74799702795744,
  "snr_wm": 22.80403113174729,
  "snrd_csf": 44.40673606296012,
  "snrd_gm": 103.96657571091067,
  "snrd_total": 95.40364889256854,
  "snrd_wm": 137.83763490383487,
  "spacing_x": 1.0,
  "spacing_y": 1.0,
  "spacing_z": 1.0,
  "summary_bg_k": 7.690797959895059,
  "summary_bg_mad": 4.752957431729874,
  "summary_bg_mean": 8.266981006630022,
  "summary_bg_median": 5.76327383518219,
  "summary_bg_n": 335379.0,
  "summary_bg_p05": 0.0,
  "summary_bg_p95": 26.979325640946627,
  "summary_bg_stdv": 9.326394954392805,
  "summary_csf_k": 2.398526441106803,
  "summary_csf_mad": 57.943357454234985,
  "summary_csf_mean": 336.3606773846623,
  "summary_csf_median": 322.1670073866844,
  "summary_csf_n": 97119.0,
  "summary_csf_p05": 238.1312707774341,
  "summary_csf_p95": 494.31239479742914,
  "summary_csf_stdv": 78.25819255628807,
  "summary_gm_k": 0.24979109046767833,
  "summary_gm_mad": 64.51205143291784,
  "summary_gm_mean": 756.1719855923394,
  "summary_gm_median": 754.2684631794691,
  "summary_gm_n": 17084.0,
  "summary_gm_p05": 649.8919719781727,
  "summary_gm_p95": 869.126908668503,
  "summary_gm_stdv": 66.61034551231177,
  "summary_wm_k": 0.8585402846629218,
  "summary_wm_mad": 39.83939600079198,
  "summary_wm_mean": 999.2954210616356,
  "summary_wm_median": 1000.0000513270497,
  "summary_wm_n": 221392.0,
  "summary_wm_p05": 925.9059620834887,
  "summary_wm_p95": 1069.2313782721758,
  "summary_wm_stdv": 43.8517991450505,
  "tpm_overlap_csf": 0.1572270393371582,
  "tpm_overlap_gm": 0.40112724900245667,
  "tpm_overlap_wm": 0.46892502903938293,
  "wm2max": 0.6452527525246478
}