{
  "bids_meta": {
    "AcquisitionMatrixPE": 240,
    "AcquisitionNumber": 5,
    "AcquisitionTime": "08:42:7.160000",
    "BodyPartExamined": "BRAIN",
    "CoilString": "MULTI_COIL",
    "ConversionSoftware": "dcm2niix",
    "ConversionSoftwareVersion": "v1.0.20190410  (JP2:OpenJPEG) GCC6.3.0",
    "Dcm2bidsVersion": "2.1.4",
    "DeviceSerialNumber": "42451",
    "EchoTime": 0.0035,
    "EchoTrainLength": 240,
    "FlipAngle": 8,
    "ImageOrientationPatientDICOM": [
      -0.0042116,
      0.999979,
      -0.00494287,
      -0.00362181,
      -0.00495813,
      -0.999981
    ],
    "ImageType": [
      "ORIGINAL",
      "PRIMARY",
      "M",
      "FFE",
      "M",
      "FFE"
    ],
    "ImagingFrequency": 127.76,
    "InPlanePhaseEncodingDirectionDICOM": "ROW",
    "InstitutionAddress": "Calzada_Mexico_Xochimilco_No.101_Tlalpan",
    "InstitutionName": "I.N._Psiquiatria",
    "InstitutionalDepartmentName": "Imagenes_Cerebrales",
    "MRAcquisitionType": "3D",
    "MagneticFieldStrength": 3,
    "Manufacturer": "Philips",
    "ManufacturersModelName": "Ingenia",
    "Modality": "MR",
    "PatientPosition": "HFS",
    "PercentPhaseFOV": 100,
    "PhaseEncodingSteps": 240,
    "PhilipsRescaleIntercept": 0,
    "PhilipsRescaleSlope": 3.29426,
    "PhilipsScaleSlope": 0.00611905,
    "PixelBandwidth": 310,
    "ProcedureStepDescription": "EDUARDO_TMS",
    "ProtocolName": "WIP_sT1W_3D_TFE_32_channel",
    "ReconMatrixPE": 240,
    "RepetitionTime": 0.007,
    "SAR": 0.0382114,
    "ScanOptions": "OTHER",
    "ScanningSequence": "GR",
    "SequenceVariant": "MP",
    "SeriesDescription": "sT1W_3D_TFE_32_channel",
    "SeriesNumber": 501,
    "SliceThickness": 1,
    "SoftwareVersions": "5.3.1_5.3.1.0",
    "SpacingBetweenSlices": 1,
    "StationName": "PHILIPS-CTMFQSD",
    "UsePhilipsFloatNotDisplayScaling": 1,
    "dataset": "<unset>",
    "modality": "T1w",
    "session_id": "t0",
    "subject_id": "030"
  },
  "cjv": 0.44570860152530606,
  "cnr": 2.9056095759418503,
  "efc": 0.7130245133127012,
  "fber": 59585.637460499864,
  "fwhm_avg": 4.17944,
  "fwhm_x": 4.03002,
  "fwhm_y": 4.49574,
  "fwhm_z": 4.01256,
  "icvs_csf": 0.19799640839695268,
  "icvs_gm": 0.41790327941695155,
  "icvs_wm": 0.38410031218609575,
  "inu_med": 1.9791251420974731,
  "inu_range": 0.6843597650527957,
  "provenance": {
    "md5sum": "a4c693589688ac1be72815079c21ca74",
    "settings": {
      "testing": false
    },
    "software": "mriqc",
    "version": "21.0.0rc2",
    "warnings": {
      "large_rot_frame": true,
      "small_air_mask": false
    },
    "webapi_port": null,
    "webapi_url": "https://mriqc.nimh.nih.gov/api/v1"
  },
  "qi_1": 0.0,
  "qi_2": 9.299859699297064e-05,
  "rpve_csf": 25.733457877546527,
  "rpve_gm": 12.89151421577477,
  "rpve_wm": 16.649974673957548,
  "size_x": 180,
  "size_y": 240,
  "size_z": 240,
  "snr_csf": 3.8060341933686113,
  "snr_gm": 12.14676594943636,
  "snr_total": 13.73638156776169,
  "snr_wm": 25.2563445604801,
  "snrd_csf": 32.57846827538432,
  "snrd_gm": 66.01426466327875,
  "snrd_total": 61.10445608943229,
  "snrd_wm": 84.72063532963378,
  "spacing_x": 1.0,
  "spacing_y": 1.0,
  "spacing_z": 1.0,
  "summary_bg_k": 38.207966164979155,
  "summary_bg_mad": 7.7329023898789115,
  "summary_bg_mean": 7.924817437449184,
  "summary_bg_median": 5.21576340124011,
  "summary_bg_n": 501635.0,
  "summary_bg_p05": 0.0,
  "summary_bg_p95": 24.875179298222065,
  "summary_bg_stdv": 9.59536307881708,
  "summary_csf_k": 1.4679811359337425,
  "summary_csf_mad": 88.56486497810036,
  "summary_csf_mean": 399.92339511978753,
  "summary_csf_median": 384.5399581119418,
  "summary_csf_n": 25503.0,
  "summary_csf_p05": 268.32205053046346,
  "summary_csf_p95": 595.0383615676312,
  "summary_csf_stdv": 101.03230801126182,
  "summary_gm_k": 0.30758590913747863,
  "summary_gm_mad": 62.25977821594816,
  "summary_gm_mean": 781.0355277024119,
  "summary_gm_median": 779.1993888057768,
  "summary_gm_n": 27493.0,
  "summary_gm_p05": 680.0820525124669,
  "summary_gm_p95": 889.8894787654281,
  "summary_gm_stdv": 64.14754520270698,
  "summary_wm_k": 0.6141598349304536,
  "summary_wm_mad": 36.1529710022544,
  "summary_wm_mean": 998.6401248109157,
  "summary_wm_median": 1000.0000394582748,
  "summary_wm_n": 206632.0,
  "summary_wm_p05": 929.6986814774573,
  "summary_wm_p95": 1060.939770821482,
  "summary_wm_stdv": 39.593917373904745,
  "tpm_overlap_csf": 0.1639028787612915,
  "tpm_overlap_gm": 0.45008111000061035,
  "tpm_overlap_wm": 0.5046337246894836,
  "wm2max": 0.6144238406968144
}