{
  "bids_meta": {
    "AcquisitionMatrixPE": 240,
    "AcquisitionTime": "12:48:26.150000",
    "CoilString": "MULTI_COIL",
    "ConversionSoftware": "dcm2niix",
    "ConversionSoftwareVersion": "v1.0.20190410  (JP2:OpenJPEG) GCC6.3.0",
    "Dcm2bidsVersion": "2.1.4",
    "DeviceSerialNumber": "42451",
    "EchoTime": 0.003501,
    "EchoTrainLength": 240,
    "FlipAngle": 8,
    "ImageOrientationPatientDICOM": [
      -0.0331725,
      0.99945,
      0.000152867,
      8.75172e-05,
      0.000155856,
      -1
    ],
    "ImageType": [
      "ORIGINAL",
      "PRIMARY",
      "M",
      "FFE",
      "M",
      "FFE"
    ],
    "ImagingFrequency": 127.766,
    "InPlanePhaseEncodingDirectionDICOM": "ROW",
    "InstitutionAddress": "Calzada_Mexico_Xochimilco_No.101_Tlalpan",
    "InstitutionName": "I.N._Psiquiatria",
    "InstitutionalDepartmentName": "Imagenes_Cerebrales",
    "MRAcquisitionType": "3D",
    "MagneticFieldStrength": 3,
    "Manufacturer": "Philips",
    "ManufacturersModelName": "Ingenia",
    "Modality": "MR",
    "PatientPosition": "HFS",
    "PercentPhaseFOV": 100,
    "PhaseEncodingSteps": 240,
    "PhilipsRescaleIntercept": 0,
    "PhilipsRescaleSlope": 11.6027,
    "PhilipsScaleSlope": 0.00390294,
    "PixelBandwidth": 310,
    "ProcedureStepDescription": "EDUARDO_TMS",
    "ProtocolName": "WIP_sT1W_3D_TFE_32_channel_SENSE",
    "ReconMatrixPE": 240,
    "RepetitionTime": 0.007,
    "SAR": 0.0382114,
    "ScanOptions": "OTHER",
    "ScanningSequence": "GR",
    "SequenceVariant": "MP",
    "SeriesDescription": "sT1W_3D_TFE_32_channel",
    "SeriesNumber": 401,
    "SliceThickness": 1,
    "SoftwareVersions": "2.6.3_5.1.7.2",
    "SpacingBetweenSlices": 1,
    "StationName": "INGENIA",
    "UsePhilipsFloatNotDisplayScaling": 1,
    "dataset": "<unset>",
    "modality": "T1w",
    "session_id": "t0",
    "subject_id": "004"
  },
  "cjv": 0.43412298187232723,
  "cnr": 3.0692331279554534,
  "efc": 0.8038666293323974,
  "fber": 220.32608461142485,
  "fwhm_avg": 4.180076666666667,
  "fwhm_x": 4.0571,
  "fwhm_y": 4.45725,
  "fwhm_z": 4.02588,
  "icvs_csf": 0.25207440689205013,
  "icvs_gm": 0.3816124443745959,
  "icvs_wm": 0.36631314873335397,
  "inu_med": 1.3879982233047485,
  "inu_range": 0.48020954132080096,
  "provenance": {
    "md5sum": "2477543c83340d1c0914ce73c41d67f2",
    "settings": {
      "testing": false
    },
    "software": "mriqc",
    "version": "21.0.0rc2",
    "warnings": {
      "large_rot_frame": true,
      "small_air_mask": true
    },
    "webapi_port": null,
    "webapi_url": "https://mriqc.nimh.nih.gov/api/v1"
  },
  "qi_1": 0.0,
  "qi_2": 0.00012161681360084603,
  "rpve_csf": 18.649947669999946,
  "rpve_gm": 11.593811463614678,
  "rpve_wm": 14.405075020642418,
  "size_x": 180,
  "size_y": 240,
  "size_z": 240,
  "snr_csf": 3.7218908602826835,
  "snr_gm": 11.596231123945579,
  "snr_total": 12.06208235236945,
  "snr_wm": 20.86812507288008,
  "snrd_csf": 13.557766857326037,
  "snrd_gm": 31.502559261942384,
  "snrd_total": 29.01362107467772,
  "snrd_wm": 41.980537104764736,
  "spacing_x": 1.0,
  "spacing_y": 1.0,
  "spacing_z": 1.0,
  "summary_bg_k": 2.2203744417282056,
  "summary_bg_mad": 15.605716382646516,
  "summary_bg_mean": 16.988123771998513,
  "summary_bg_median": 10.804991465061903,
  "summary_bg_n": 131705.0,
  "summary_bg_p05": 0.0,
  "summary_bg_p95": 32.65419929847121,
  "summary_bg_stdv": 11.372743966648638,
  "summary_csf_k": 2.2237639543228314,
  "summary_csf_mad": 62.30464040647511,
  "summary_csf_mean": 342.90502687153327,
  "summary_csf_median": 322.9536194354296,
  "summary_csf_n": 81791.0,
  "summary_csf_p05": 240.83967138268054,
  "summary_csf_p95": 525.2182751633227,
  "summary_csf_stdv": 86.77085312048102,
  "summary_gm_k": 0.24618326933671097,
  "summary_gm_mad": 62.8957660270299,
  "summary_gm_mean": 751.350500215743,
  "summary_gm_median": 750.4086507894099,
  "summary_gm_n": 19808.0,
  "summary_gm_p05": 646.2262054085732,
  "summary_gm_p95": 859.7344315908849,
  "summary_gm_stdv": 64.70979238597387,
  "summary_wm_k": 0.5314193060411654,
  "summary_wm_mad": 45.45756022066353,
  "summary_wm_mean": 999.6970897060838,
  "summary_wm_median": 999.9999665506184,
  "summary_wm_n": 226703.0,
  "summary_wm_p05": 920.6570402942598,
  "summary_wm_p95": 1077.3493519462645,
  "summary_wm_stdv": 47.9198661847692,
  "tpm_overlap_csf": 0.1652955263853073,
  "tpm_overlap_gm": 0.4176078736782074,
  "tpm_overlap_wm": 0.47948652505874634,
  "wm2max": 0.5932399759539101
}