{
  "bids_meta": {
    "AcquisitionMatrixPE": 240,
    "AcquisitionNumber": 4,
    "AcquisitionTime": "11:23:11.770000",
    "BodyPartExamined": "BRAIN",
    "CoilString": "MULTI_COIL",
    "ConversionSoftware": "dcm2niix",
    "ConversionSoftwareVersion": "v1.0.20190410  (JP2:OpenJPEG) GCC6.3.0",
    "Dcm2bidsVersion": "2.1.4",
    "DeviceSerialNumber": "42451",
    "EchoTime": 0.0035,
    "EchoTrainLength": 240,
    "FlipAngle": 8,
    "ImageOrientationPatientDICOM": [
      4.30813e-05,
      0.999997,
      -0.0025844,
      0.000585033,
      -0.00258443,
      -0.999996
    ],
    "ImageType": [
      "ORIGINAL",
      "PRIMARY",
      "M",
      "FFE",
      "M",
      "FFE"
    ],
    "ImagingFrequency": 127.759,
    "InPlanePhaseEncodingDirectionDICOM": "ROW",
    "InstitutionAddress": "Calzada_Mexico_Xochimilco_No.101_Tlalpan",
    "InstitutionName": "I.N._Psiquiatria",
    "InstitutionalDepartmentName": "Imagenes_Cerebrales",
    "MRAcquisitionType": "3D",
    "MagneticFieldStrength": 3,
    "Manufacturer": "Philips",
    "ManufacturersModelName": "Ingenia",
    "Modality": "MR",
    "PatientPosition": "HFS",
    "PercentPhaseFOV": 100,
    "PhaseEncodingSteps": 240,
    "PhilipsRescaleIntercept": 0,
    "PhilipsRescaleSlope": 14.9006,
    "PhilipsScaleSlope": 0.0057919,
    "PixelBandwidth": 310,
    "ProcedureStepDescription": "PROTOCOLO_EDUARDO_TMS",
    "ProtocolName": "WIP_sT1W_3D_TFE_32_channel",
    "ReconMatrixPE": 240,
    "RepetitionTime": 0.007,
    "SAR": 0.0382114,
    "ScanOptions": "OTHER",
    "ScanningSequence": "GR",
    "SequenceVariant": "MP",
    "SeriesDescription": "sT1W_3D_TFE_32_channel",
    "SeriesNumber": 401,
    "SliceThickness": 1,
    "SoftwareVersions": "5.3.1_5.3.1.0",
    "SpacingBetweenSlices": 1,
    "StationName": "PHILIPS-CTMFQSD",
    "UsePhilipsFloatNotDisplayScaling": 1,
    "dataset": "<unset>",
    "modality": "T1w",
    "session_id": "t0",
    "subject_id": "053"
  },
  "cjv": 0.3835837224778491,
  "cnr": 3.37581303416099,
  "efc": 0.7318576354383806,
  "fber": 11260.574397679953,
  "fwhm_avg": 4.16021,
  "fwhm_x": 4.03528,
  "fwhm_y": 4.42583,
  "fwhm_z": 4.01952,
  "icvs_csf": 0.22692751562992136,
  "icvs_gm": 0.37678836682303557,
  "icvs_wm": 0.39628411754704307,
  "inu_med": 1.5214495658874512,
  "inu_range": 0.5161093950271607,
  "provenance": {
    "md5sum": "4146737d6e3bb70795a823608a00687c",
    "settings": {
      "testing": false
    },
    "software": "mriqc",
    "version": "21.0.0rc2",
    "warnings": {
      "large_rot_frame": true,
      "small_air_mask": false
    },
    "webapi_port": null,
    "webapi_url": "https://mriqc.nimh.nih.gov/api/v1"
  },
  "qi_1": 0.0001234686458233301,
  "qi_2": 7.70889076616948e-05,
  "rpve_csf": 22.51489500493618,
  "rpve_gm": 13.128504300323039,
  "rpve_wm": 15.644068595405688,
  "size_x": 180,
  "size_y": 240,
  "size_z": 240,
  "snr_csf": 3.6676161836829895,
  "snr_gm": 11.863464159752105,
  "snr_total": 14.31404887091607,
  "snr_wm": 27.411066269313114,
  "snrd_csf": 51.781550079687634,
  "snrd_gm": 113.43689450512443,
  "snrd_total": 105.40343185584807,
  "snrd_wm": 150.99185098273213,
  "spacing_x": 1.0,
  "spacing_y": 1.0,
  "spacing_z": 1.0,
  "summary_bg_k": 534.9984925249546,
  "summary_bg_mad": 4.338885675062825,
  "summary_bg_mean": 7.635847511526092,
  "summary_bg_median": 5.415769658982754,
  "summary_bg_n": 559061.0,
  "summary_bg_p05": 0.0,
  "summary_bg_p95": 25.060549043118954,
  "summary_bg_stdv": 9.35465783293387,
  "summary_csf_k": 2.222363788319658,
  "summary_csf_mad": 76.7533914243872,
  "summary_csf_mean": 360.4371242850115,
  "summary_csf_median": 342.9426812008023,
  "summary_csf_n": 38889.0,
  "summary_csf_p05": 242.16227189451456,
  "summary_csf_p95": 541.314586995542,
  "summary_csf_stdv": 93.50440579025774,
  "summary_gm_k": 0.1279659550071819,
  "summary_gm_mad": 62.09095017762318,
  "summary_gm_mean": 750.7228256483907,
  "summary_gm_median": 751.2782581597567,
  "summary_gm_n": 11725.0,
  "summary_gm_p05": 647.9682471245527,
  "summary_gm_p95": 855.6916061192751,
  "summary_gm_stdv": 63.324355340738045,
  "summary_wm_k": 0.7815345562924918,
  "summary_wm_mad": 33.31466242462031,
  "summary_wm_mean": 998.9307625835711,
  "summary_wm_median": 1000.0000026226044,
  "summary_wm_n": 232699.0,
  "summary_wm_p05": 936.8575105302036,
  "summary_wm_p95": 1056.6805732771754,
  "summary_wm_stdv": 36.48153793423431,
  "tpm_overlap_csf": 0.16494148969650269,
  "tpm_overlap_gm": 0.41361290216445923,
  "tpm_overlap_wm": 0.499026358127594,
  "wm2max": 0.7187620802857406
}