{
  "aor": 0.006618700000000001,
  "aqi": 0.024035968766666665,
  "bids_meta": {
    "AcquisitionMatrixPE": 70,
    "AcquisitionNumber": 3,
    "AcquisitionTime": "11:56:20.580000",
    "CoilString": "MULTI_COIL",
    "ConversionSoftware": "dcm2niix",
    "ConversionSoftwareVersion": "v1.0.20190410  (JP2:OpenJPEG) GCC6.3.0",
    "Dcm2bidsVersion": "2.1.4",
    "DeviceSerialNumber": "42451",
    "EchoTime": 0.03,
    "EchoTrainLength": 35,
    "EffectiveEchoSpacing": 0.000698,
    "FlipAngle": 75,
    "ImageOrientationPatientDICOM": [
      0.999578,
      0.00411054,
      -0.0287592,
      -0.00489736,
      0.999614,
      -0.0273423
    ],
    "ImageType": [
      "ORIGINAL",
      "PRIMARY",
      "M",
      "FFE",
      "M",
      "FFE"
    ],
    "ImagingFrequency": 127.766,
    "InPlanePhaseEncodingDirectionDICOM": "COL",
    "InstitutionAddress": "Calzada_Mexico_Xochimilco_No.101_Tlalpan",
    "InstitutionName": "I.N._Psiquiatria",
    "InstitutionalDepartmentName": "Imagenes_Cerebrales",
    "MRAcquisitionType": "2D",
    "MagneticFieldStrength": 3,
    "Manufacturer": "Philips",
    "ManufacturersModelName": "Ingenia",
    "Modality": "MR",
    "PartialFourier": 0.5,
    "PatientPosition": "HFS",
    "PercentPhaseFOV": 100,
    "PhaseEncodingAxis": "j",
    "PhaseEncodingDirection": "j-",
    "PhaseEncodingSteps": 70,
    "PhilipsRescaleIntercept": 0,
    "PhilipsRescaleSlope": 0.777289,
    "PhilipsScaleSlope": 0.0662121,
    "PixelBandwidth": 1819,
    "ProcedureStepDescription": "EDUARDO_TMS",
    "ProtocolName": "WIP_FE_EPI_32chSHC_AP_SENSE",
    "ReconMatrixPE": 80,
    "RepetitionTime": 2,
    "SAR": 0.119138,
    "ScanOptions": "FS",
    "ScanningSequence": "GR",
    "SequenceVariant": "SK",
    "SeriesDescription": "FE_EPI_32chSHC_AP",
    "SeriesNumber": 301,
    "SliceThickness": 3.33,
    "SliceTiming": [
      0.0,
      1.027027,
      0.054054,
      1.081081,
      0.108108,
      1.135135,
      0.162162,
      1.189189,
      0.216216,
      1.243244,
      0.27027,
      1.297298,
      0.324324,
      1.351352,
      0.378378,
      1.405406,
      0.432432,
      1.45946,
      0.486486,
      1.513514,
      0.540541,
      1.567568,
      0.594595,
      1.621622,
      0.648649,
      1.675676,
      0.702703,
      1.72973,
      0.756757,
      1.783784,
      0.810811,
      1.837838,
      0.864865,
      1.891892,
      0.918919,
      1.945947,
      0.972973
    ],
    "SoftwareVersions": "5.1.7_5.1.7.2",
    "SpacingBetweenSlices": 3.33,
    "StationName": "INGENIA",
    "TaskName": "rest",
    "TotalReadoutTime": 0.04884,
    "UsePhilipsFloatNotDisplayScaling": 1,
    "dataset": "<unset>",
    "modality": "bold",
    "session_id": "t0",
    "subject_id": "013",
    "task_id": "rest"
  },
  "dummy_trs": 0,
  "dvars_nstd": 34.12094967177258,
  "dvars_std": 1.2834141591638795,
  "dvars_vstd": 0.935764582709031,
  "efc": 0.41945325359233365,
  "fber": 182195.828125,
  "fd_mean": 0.19137641940617398,
  "fd_num": 17,
  "fd_perc": 5.666666666666667,
  "fwhm_avg": 1.8067907135622419,
  "fwhm_x": 1.7979733333333332,
  "fwhm_y": 1.9382966666666668,
  "fwhm_z": 1.6841021406867258,
  "gcor": 0.0259763,
  "gsr_x": -0.009715267457067966,
  "gsr_y": 0.004708815366029739,
  "provenance": {
    "md5sum": "06889cd0c6d1debf1595277354b3aae2",
    "settings": {
      "fd_thres": 0.5,
      "testing": false
    },
    "software": "mriqc",
    "version": "22.0.0rc1",
    "webapi_port": null,
    "webapi_url": "https://mriqc.nimh.nih.gov/api/v1"
  },
  "size_t": 300,
  "size_x": 80,
  "size_y": 80,
  "size_z": 37,
  "snr": 5.647708300169803,
  "spacing_tr": 2.0000016689300537,
  "spacing_x": 3.0,
  "spacing_y": 3.0,
  "spacing_z": 3.3299999237060547,
  "summary_bg_k": 113.57006666497286,
  "summary_bg_mad": 57.318589233711506,
  "summary_bg_mean": 517.2781372070312,
  "summary_bg_median": 51.115394592285156,
  "summary_bg_n": 162578.0,
  "summary_bg_p05": 5.286272692680359,
  "summary_bg_p95": 2617.516735839843,
  "summary_bg_stdv": 1522.8104248046875,
  "summary_fg_k": 1.9883256030163583,
  "summary_fg_mad": 3365.9037479294648,
  "summary_fg_mean": 22677.1875,
  "summary_fg_median": 22339.6484375,
  "summary_fg_n": 33857.0,
  "summary_fg_p05": 16850.403515625,
  "summary_fg_p95": 29485.33203125,
  "summary_fg_stdv": 3955.466064453125,
  "tsnr": 40.238502502441406
}