{
  "bids_meta": {
    "AcquisitionMatrixPE": 240,
    "AcquisitionNumber": 4,
    "AcquisitionTime": "12:03:29.820000",
    "CoilString": "MULTI_COIL",
    "ConversionSoftware": "dcm2niix",
    "ConversionSoftwareVersion": "v1.0.20190410  (JP2:OpenJPEG) GCC6.3.0",
    "Dcm2bidsVersion": "2.1.4",
    "DeviceSerialNumber": "42451",
    "EchoTime": 0.003501,
    "EchoTrainLength": 240,
    "FlipAngle": 8,
    "ImageOrientationPatientDICOM": [
      -0.0042116,
      0.999988,
      -0.00249007,
      -0.00362181,
      -0.00250533,
      -0.99999
    ],
    "ImageType": [
      "ORIGINAL",
      "PRIMARY",
      "M",
      "FFE",
      "M",
      "FFE"
    ],
    "ImagingFrequency": 127.766,
    "InPlanePhaseEncodingDirectionDICOM": "ROW",
    "InstitutionAddress": "Calzada_Mexico_Xochimilco_No.101_Tlalpan",
    "InstitutionName": "I.N._Psiquiatria",
    "InstitutionalDepartmentName": "Imagenes_Cerebrales",
    "MRAcquisitionType": "3D",
    "MagneticFieldStrength": 3,
    "Manufacturer": "Philips",
    "ManufacturersModelName": "Ingenia",
    "Modality": "MR",
    "PatientPosition": "HFS",
    "PercentPhaseFOV": 100,
    "PhaseEncodingSteps": 240,
    "PhilipsRescaleIntercept": 0,
    "PhilipsRescaleSlope": 11.3939,
    "PhilipsScaleSlope": 0.00548887,
    "PixelBandwidth": 310,
    "ProcedureStepDescription": "EDUARDO_TMS",
    "ProtocolName": "WIP_sT1W_3D_TFE_32_channel_SENSE",
    "ReconMatrixPE": 240,
    "RepetitionTime": 0.007,
    "SAR": 0.0382114,
    "ScanOptions": "OTHER",
    "ScanningSequence": "GR",
    "SequenceVariant": "MP",
    "SeriesDescription": "sT1W_3D_TFE_32_channel",
    "SeriesNumber": 401,
    "SliceThickness": 1,
    "SoftwareVersions": "5.1.7_5.1.7.2",
    "SpacingBetweenSlices": 1,
    "StationName": "INGENIA",
    "UsePhilipsFloatNotDisplayScaling": 1,
    "dataset": "<unset>",
    "modality": "T1w",
    "session_id": "t1",
    "subject_id": "011"
  },
  "cjv": 0.4168005512091049,
  "cnr": 3.1362697387887306,
  "efc": 0.815297680496377,
  "fber": 339.4319501303993,
  "fwhm_avg": 4.074236666666667,
  "fwhm_x": 3.85889,
  "fwhm_y": 4.47449,
  "fwhm_z": 3.88933,
  "icvs_csf": 0.21086422057506357,
  "icvs_gm": 0.39640566659941884,
  "icvs_wm": 0.3927301128255176,
  "inu_med": 1.2182018756866455,
  "inu_range": 0.39672048091888423,
  "provenance": {
    "md5sum": "498177ddcf621093fa50b7e32bb6f7ba",
    "settings": {
      "testing": false
    },
    "software": "mriqc",
    "version": "21.0.0rc2",
    "warnings": {
      "large_rot_frame": true,
      "small_air_mask": true
    },
    "webapi_port": null,
    "webapi_url": "https://mriqc.nimh.nih.gov/api/v1"
  },
  "qi_1": 0.0,
  "qi_2": 0.0002384549568585905,
  "rpve_csf": 21.020942804760267,
  "rpve_gm": 11.379358567236732,
  "rpve_wm": 14.176722753150987,
  "size_x": 180,
  "size_y": 240,
  "size_z": 240,
  "snr_csf": 3.651132983434554,
  "snr_gm": 12.208780512684964,
  "snr_total": 14.369695053153736,
  "snr_wm": 27.24917166334169,
  "snrd_csf": 20.670682223053607,
  "snrd_gm": 40.16068162542414,
  "snrd_total": 37.680549073101695,
  "snrd_wm": 52.210283370827334,
  "spacing_x": 1.0,
  "spacing_y": 1.0,
  "spacing_z": 1.0,
  "summary_bg_k": 1.8675252990987472,
  "summary_bg_mad": 12.548033696462138,
  "summary_bg_mean": 14.923321148386693,
  "summary_bg_median": 17.094303470104933,
  "summary_bg_n": 84890.0,
  "summary_bg_p05": 0.0,
  "summary_bg_p95": 34.62349137291312,
  "summary_bg_stdv": 9.947064545502732,
  "summary_csf_k": 0.9535726072989217,
  "summary_csf_mad": 95.12699063167739,
  "summary_csf_mean": 414.95648218873686,
  "summary_csf_median": 395.9120970033109,
  "summary_csf_n": 24143.0,
  "summary_csf_p05": 272.341358083114,
  "summary_csf_p95": 620.2087610673159,
  "summary_csf_stdv": 108.4331629114059,
  "summary_gm_k": 0.024035520039055847,
  "summary_gm_mad": 62.07060937202516,
  "summary_gm_mean": 771.4366012598828,
  "summary_gm_median": 769.2102035060525,
  "summary_gm_n": 20128.0,
  "summary_gm_p05": 670.4362404121086,
  "summary_gm_p95": 879.7594989316538,
  "summary_gm_stdv": 63.003106207487846,
  "summary_wm_k": 0.6333709513989532,
  "summary_wm_mad": 34.122716138995855,
  "summary_wm_mean": 1000.4168504788192,
  "summary_wm_median": 1000.0000266768038,
  "summary_wm_n": 255676.0,
  "summary_wm_p05": 940.721933234483,
  "summary_wm_p95": 1060.9507525525987,
  "summary_wm_stdv": 36.69829246296248,
  "tpm_overlap_csf": 0.1651240587234497,
  "tpm_overlap_gm": 0.43628713488578796,
  "tpm_overlap_wm": 0.4991142451763153,
  "wm2max": 0.6934122013453955
}