{
  "bids_meta": {
    "AcquisitionMatrixPE": 239,
    "AcquisitionNumber": 4,
    "AcquisitionTime": "11:00:13.210000",
    "BodyPartExamined": "BRAIN",
    "CoilString": "MULTI_COIL",
    "ConversionSoftware": "dcm2niix",
    "ConversionSoftwareVersion": "v1.0.20190410  (JP2:OpenJPEG) GCC6.3.0",
    "Dcm2bidsVersion": "2.1.4",
    "DeviceSerialNumber": "42451",
    "EchoTime": 0.0035,
    "EchoTrainLength": 239,
    "FlipAngle": 8,
    "ImageOrientationPatientDICOM": [
      -0.0042116,
      0.999987,
      -0.0027594,
      -0.00362181,
      -0.00277466,
      -0.99999
    ],
    "ImageType": [
      "ORIGINAL",
      "PRIMARY",
      "M",
      "FFE",
      "M",
      "FFE"
    ],
    "ImagingFrequency": 127.759,
    "InPlanePhaseEncodingDirectionDICOM": "ROW",
    "InstitutionAddress": "Calzada_Mexico_Xochimilco_No.101_Tlalpan",
    "InstitutionName": "I.N._Psiquiatria",
    "InstitutionalDepartmentName": "Imagenes_Cerebrales",
    "MRAcquisitionType": "3D",
    "MagneticFieldStrength": 3,
    "Manufacturer": "Philips",
    "ManufacturersModelName": "Ingenia",
    "Modality": "MR",
    "PatientPosition": "HFS",
    "PercentPhaseFOV": 100,
    "PhaseEncodingSteps": 239,
    "PhilipsRescaleIntercept": 0,
    "PhilipsRescaleSlope": 6.84347,
    "PhilipsScaleSlope": 0.00611388,
    "PixelBandwidth": 310,
    "ProcedureStepDescription": "EDUARDO_TMS",
    "ProtocolName": "WIP_sT1W_3D_TFE_32_channel",
    "ReconMatrixPE": 240,
    "RepetitionTime": 0.007,
    "SAR": 0.0381122,
    "ScanOptions": "OTHER",
    "ScanningSequence": "GR",
    "SequenceVariant": "MP",
    "SeriesDescription": "sT1W_3D_TFE_32_channel",
    "SeriesNumber": 401,
    "SliceThickness": 1,
    "SoftwareVersions": "5.3.1_5.3.1.0",
    "SpacingBetweenSlices": 1,
    "StationName": "PHILIPS-CTMFQSD",
    "UsePhilipsFloatNotDisplayScaling": 1,
    "dataset": "<unset>",
    "modality": "T1w",
    "session_id": "t14",
    "subject_id": "030"
  },
  "cjv": 0.7221794544572832,
  "cnr": 1.9460676586076424,
  "efc": 0.7206459992110988,
  "fber": 23472.921875,
  "fwhm_avg": 5.16784,
  "fwhm_x": 4.64289,
  "fwhm_y": 5.7162,
  "fwhm_z": 5.14443,
  "icvs_csf": 0.2168587792149557,
  "icvs_gm": 0.39792527703173763,
  "icvs_wm": 0.38521594375330664,
  "inu_med": 0.9371971487998962,
  "inu_range": 0.4498103469610213,
  "provenance": {
    "md5sum": "1e1c5837a89daadb78f4acdc970097dc",
    "settings": {
      "testing": false
    },
    "software": "mriqc",
    "version": "21.0.0rc2",
    "warnings": {
      "large_rot_frame": true,
      "small_air_mask": false
    },
    "webapi_port": null,
    "webapi_url": "https://mriqc.nimh.nih.gov/api/v1"
  },
  "qi_1": 0.0009106637688552991,
  "qi_2": 3.167239472069298e-05,
  "rpve_csf": 23.871892446973007,
  "rpve_gm": 13.069210040759312,
  "rpve_wm": 16.407934828813687,
  "size_x": 180,
  "size_y": 238,
  "size_z": 238,
  "snr_csf": 3.7923444986841552,
  "snr_gm": 10.016089654269823,
  "snr_total": 11.167564197919674,
  "snr_wm": 19.694258440805044,
  "snrd_csf": 47.79750558348985,
  "snrd_gm": 96.40017922245977,
  "snrd_total": 87.59836064775381,
  "snrd_wm": 118.59739713731183,
  "spacing_x": 1.0,
  "spacing_y": 1.0,
  "spacing_z": 1.0,
  "summary_bg_k": 11.181875828213121,
  "summary_bg_mad": 5.524066397531616,
  "summary_bg_mean": 7.497922897338867,
  "summary_bg_median": 3.798401355743408,
  "summary_bg_n": 553578.0,
  "summary_bg_p05": 0.0,
  "summary_bg_p95": 26.459718418121355,
  "summary_bg_stdv": 9.275837898254395,
  "summary_csf_k": 0.6030652219819563,
  "summary_csf_mad": 95.97657223787195,
  "summary_csf_mean": 421.8289489746094,
  "summary_csf_median": 403.025390625,
  "summary_csf_n": 32140.0,
  "summary_csf_p05": 284.78160552978517,
  "summary_csf_p95": 634.6299285888672,
  "summary_csf_stdv": 106.27175903320312,
  "summary_gm_k": -0.39772846761721237,
  "summary_gm_mad": 87.23020097449887,
  "summary_gm_mean": 813.6405029296875,
  "summary_gm_median": 812.8399047851562,
  "summary_gm_n": 22755.0,
  "summary_gm_p05": 686.3377075195312,
  "summary_gm_p95": 950.2082580566406,
  "summary_gm_stdv": 81.1516342163086,
  "summary_wm_k": 0.2336330116476164,
  "summary_wm_mad": 47.93685337748437,
  "summary_wm_mean": 1001.6925048828125,
  "summary_wm_median": 1000.00537109375,
  "summary_wm_n": 208518.0,
  "summary_wm_p05": 917.159375,
  "summary_wm_p95": 1087.2004516601562,
  "summary_wm_stdv": 50.776371002197266,
  "tpm_overlap_csf": 0.1639394909143448,
  "tpm_overlap_gm": 0.4521169364452362,
  "tpm_overlap_wm": 0.5076888799667358,
  "wm2max": 0.5538813058351143
}