{
  "aor": 0.0057386,
  "aqi": 0.026629164666666663,
  "bids_meta": {
    "AcquisitionMatrixPE": 70,
    "AcquisitionNumber": 3,
    "AcquisitionTime": "09:59:34.870000",
    "BodyPartExamined": "BRAIN",
    "CoilString": "MULTI_COIL",
    "ConversionSoftware": "dcm2niix",
    "ConversionSoftwareVersion": "v1.0.20190410  (JP2:OpenJPEG) GCC6.3.0",
    "Dcm2bidsVersion": "2.1.4",
    "DeviceSerialNumber": "42451",
    "EchoTime": 0.03,
    "EchoTrainLength": 35,
    "EffectiveEchoSpacing": 0.000698,
    "FlipAngle": 75,
    "ImageOrientationPatientDICOM": [
      0.999993,
      0.00122889,
      -0.00363064,
      -0.00123649,
      0.999997,
      -0.00209028
    ],
    "ImageType": [
      "ORIGINAL",
      "PRIMARY",
      "M",
      "FFE",
      "M",
      "FFE"
    ],
    "ImagingFrequency": 127.759,
    "InPlanePhaseEncodingDirectionDICOM": "COL",
    "InstitutionAddress": "Calzada_Mexico_Xochimilco_No.101_Tlalpan",
    "InstitutionName": "I.N._Psiquiatria",
    "InstitutionalDepartmentName": "Imagenes_Cerebrales",
    "MRAcquisitionType": "2D",
    "MagneticFieldStrength": 3,
    "Manufacturer": "Philips",
    "ManufacturersModelName": "Ingenia",
    "Modality": "MR",
    "PartialFourier": 0.5,
    "PatientPosition": "HFS",
    "PercentPhaseFOV": 100,
    "PhaseEncodingAxis": "j",
    "PhaseEncodingDirection": "j-",
    "PhaseEncodingSteps": 70,
    "PhilipsRescaleIntercept": 0,
    "PhilipsRescaleSlope": 0.745055,
    "PhilipsScaleSlope": 0.0281194,
    "PixelBandwidth": 1819,
    "ProcedureStepDescription": "PROTOCOLO_EDUARDO_TMS",
    "ProtocolName": "WIP_FE_EPI_32chSHC_AP",
    "ReconMatrixPE": 80,
    "RepetitionTime": 2,
    "SAR": 0.119138,
    "ScanOptions": "FS",
    "ScanningSequence": "GR",
    "SequenceVariant": "SK",
    "SeriesDescription": "FE_EPI_32chSHC_AP",
    "SeriesNumber": 301,
    "SliceThickness": 3.33,
    "SliceTiming": [
      0.0,
      1.027027,
      0.054054,
      1.081081,
      0.108108,
      1.135135,
      0.162162,
      1.189189,
      0.216216,
      1.243244,
      0.27027,
      1.297298,
      0.324324,
      1.351352,
      0.378378,
      1.405406,
      0.432432,
      1.45946,
      0.486486,
      1.513514,
      0.540541,
      1.567568,
      0.594595,
      1.621622,
      0.648649,
      1.675676,
      0.702703,
      1.72973,
      0.756757,
      1.783784,
      0.810811,
      1.837838,
      0.864865,
      1.891892,
      0.918919,
      1.945947,
      0.972973
    ],
    "SoftwareVersions": "5.3.1_5.3.1.0",
    "SpacingBetweenSlices": 3.33,
    "StationName": "PHILIPS-CTMFQSD",
    "TaskName": "rest",
    "TotalReadoutTime": 0.04884,
    "UsePhilipsFloatNotDisplayScaling": 1,
    "dataset": "<unset>",
    "modality": "bold",
    "session_id": "t0",
    "subject_id": "041",
    "task_id": "rest"
  },
  "dummy_trs": 0,
  "dvars_nstd": 29.802712392709033,
  "dvars_std": 1.0770631849163883,
  "dvars_vstd": 0.9454440663210709,
  "efc": 0.4361635651038109,
  "fber": 72686.921875,
  "fd_mean": 0.2781068217957985,
  "fd_num": 36,
  "fd_perc": 12.0,
  "fwhm_avg": 1.9017254588739159,
  "fwhm_x": 1.7970899999999999,
  "fwhm_y": 2.14975,
  "fwhm_z": 1.7583363766217477,
  "gcor": 0.0523645,
  "gsr_x": -0.009731282480061054,
  "gsr_y": 0.01824832707643509,
  "provenance": {
    "md5sum": "386af301a1eb8bb8c4ca88ea3c4e0ce1",
    "settings": {
      "fd_thres": 0.5,
      "testing": false
    },
    "software": "mriqc",
    "version": "22.0.0rc1",
    "webapi_port": null,
    "webapi_url": "https://mriqc.nimh.nih.gov/api/v1"
  },
  "size_t": 300,
  "size_x": 80,
  "size_y": 80,
  "size_z": 37,
  "snr": 5.3457681720520105,
  "spacing_tr": 2.0000016689300537,
  "spacing_x": 3.0,
  "spacing_y": 3.0,
  "spacing_z": 3.3299999237060547,
  "summary_bg_k": 92.14971680031839,
  "summary_bg_mad": 251.58591863516762,
  "summary_bg_mean": 1606.8006591796875,
  "summary_bg_median": 200.0494842529297,
  "summary_bg_n": 160595.0,
  "summary_bg_p05": 16.867308616638184,
  "summary_bg_p95": 7072.386230468726,
  "summary_bg_stdv": 4109.021484375,
  "summary_fg_k": 2.9410339326581383,
  "summary_fg_mad": 7861.38822674255,
  "summary_fg_mean": 55354.9140625,
  "summary_fg_median": 54463.5,
  "summary_fg_n": 35270.0,
  "summary_fg_p05": 40570.1787109375,
  "summary_fg_p95": 73390.50195312499,
  "summary_fg_stdv": 10188.0078125,
  "tsnr": 35.634090423583984
}