{
  "aor": 0.004970866666666667,
  "aqi": 0.020037018066666665,
  "bids_meta": {
    "AcquisitionMatrixPE": 70,
    "AcquisitionNumber": 6,
    "AcquisitionTime": "08:33:21.720000",
    "BodyPartExamined": "BRAIN",
    "CoilString": "MULTI_COIL",
    "ConversionSoftware": "dcm2niix",
    "ConversionSoftwareVersion": "v1.0.20190410  (JP2:OpenJPEG) GCC6.3.0",
    "Dcm2bidsVersion": "2.1.4",
    "DeviceSerialNumber": "42451",
    "EchoTime": 0.03,
    "EchoTrainLength": 35,
    "EffectiveEchoSpacing": 0.000698,
    "FlipAngle": 75,
    "ImageOrientationPatientDICOM": [
      0.998517,
      -0.0430024,
      0.0333936,
      0.0428794,
      0.999071,
      0.00439337
    ],
    "ImageType": [
      "ORIGINAL",
      "PRIMARY",
      "M",
      "FFE",
      "M",
      "FFE"
    ],
    "ImagingFrequency": 127.759,
    "InPlanePhaseEncodingDirectionDICOM": "COL",
    "InstitutionAddress": "Calzada_Mexico_Xochimilco_No.101_Tlalpan",
    "InstitutionName": "I.N._Psiquiatria",
    "InstitutionalDepartmentName": "Imagenes_Cerebrales",
    "MRAcquisitionType": "2D",
    "MagneticFieldStrength": 3,
    "Manufacturer": "Philips",
    "ManufacturersModelName": "Ingenia",
    "Modality": "MR",
    "PartialFourier": 0.5,
    "PatientPosition": "HFS",
    "PercentPhaseFOV": 100,
    "PhaseEncodingAxis": "j",
    "PhaseEncodingDirection": "j-",
    "PhaseEncodingSteps": 70,
    "PhilipsRescaleIntercept": 0,
    "PhilipsRescaleSlope": 0.783883,
    "PhilipsScaleSlope": 0.0210912,
    "PixelBandwidth": 1819,
    "ProcedureStepDescription": "PROTOCOLO_EDUARDO_TMS",
    "ProtocolName": "WIP_FE_EPI_32chSHC_AP",
    "ReconMatrixPE": 80,
    "RepetitionTime": 2,
    "SAR": 0.119138,
    "ScanOptions": "FS",
    "ScanningSequence": "GR",
    "SequenceVariant": "SK",
    "SeriesDescription": "FE_EPI_32chSHC_AP",
    "SeriesNumber": 601,
    "SliceThickness": 3.33,
    "SliceTiming": [
      0.0,
      1.027027,
      0.054054,
      1.081081,
      0.108108,
      1.135135,
      0.162162,
      1.189189,
      0.216216,
      1.243244,
      0.27027,
      1.297298,
      0.324324,
      1.351352,
      0.378378,
      1.405406,
      0.432432,
      1.45946,
      0.486486,
      1.513514,
      0.540541,
      1.567568,
      0.594595,
      1.621622,
      0.648649,
      1.675676,
      0.702703,
      1.72973,
      0.756757,
      1.783784,
      0.810811,
      1.837838,
      0.864865,
      1.891892,
      0.918919,
      1.945947,
      0.972973
    ],
    "SoftwareVersions": "5.3.1_5.3.1.0",
    "SpacingBetweenSlices": 3.33,
    "StationName": "PHILIPS-CTMFQSD",
    "TaskName": "rest",
    "TotalReadoutTime": 0.04884,
    "UsePhilipsFloatNotDisplayScaling": 1,
    "dataset": "<unset>",
    "modality": "bold",
    "session_id": "t1",
    "subject_id": "046",
    "task_id": "rest"
  },
  "dummy_trs": 0,
  "dvars_nstd": 31.0480453464883,
  "dvars_std": 1.1063660538461533,
  "dvars_vstd": 0.9767289120735786,
  "efc": 0.40892595964460726,
  "fber": 67298.375,
  "fd_mean": 0.3639530010525891,
  "fd_num": 36,
  "fd_perc": 12.0,
  "fwhm_avg": 2.063797562406482,
  "fwhm_x": 2.0580700000000003,
  "fwhm_y": 2.18768,
  "fwhm_z": 1.9456426872194463,
  "gcor": 0.0642726,
  "gsr_x": -0.005451611243188381,
  "gsr_y": 0.02182810939848423,
  "provenance": {
    "md5sum": "59fd60cf9c7c6ef66a9bcdef3bd63109",
    "settings": {
      "fd_thres": 0.5,
      "testing": false
    },
    "software": "mriqc",
    "version": "22.0.0rc1",
    "webapi_port": null,
    "webapi_url": "https://mriqc.nimh.nih.gov/api/v1"
  },
  "size_t": 300,
  "size_x": 80,
  "size_y": 80,
  "size_z": 37,
  "snr": 4.663377970767146,
  "spacing_tr": 2.0000016689300537,
  "spacing_x": 3.0,
  "spacing_y": 3.0,
  "spacing_z": 3.3299999237060547,
  "summary_bg_k": 136.6318476391976,
  "summary_bg_mad": 265.87603981957744,
  "summary_bg_mean": 1299.3822021484375,
  "summary_bg_median": 240.23287963867188,
  "summary_bg_n": 163190.0,
  "summary_bg_p05": 30.38015956878662,
  "summary_bg_p95": 5813.063647460937,
  "summary_bg_stdv": 3959.869140625,
  "summary_fg_k": 2.657681422734121,
  "summary_fg_mad": 10748.816857138827,
  "summary_fg_mean": 63611.58984375,
  "summary_fg_median": 62233.34375,
  "summary_fg_n": 33658.0,
  "summary_fg_p05": 45258.8658203125,
  "summary_fg_p95": 87908.57734374997,
  "summary_fg_stdv": 13344.9228515625,
  "tsnr": 35.1494026184082
}