{
  "aor": 0.0034401000000000006,
  "aqi": 0.010690305566666669,
  "bids_meta": {
    "AcquisitionMatrixPE": 70,
    "AcquisitionNumber": 3,
    "AcquisitionTime": "09:22:59.420000",
    "BodyPartExamined": "BRAIN",
    "CoilString": "MULTI_COIL",
    "ConversionSoftware": "dcm2niix",
    "ConversionSoftwareVersion": "v1.0.20190410  (JP2:OpenJPEG) GCC6.3.0",
    "Dcm2bidsVersion": "2.1.4",
    "DeviceSerialNumber": "42451",
    "EchoTime": 0.03,
    "EchoTrainLength": 35,
    "EffectiveEchoSpacing": 0.000698,
    "FlipAngle": 75,
    "ImageOrientationPatientDICOM": [
      0.999985,
      0.00422213,
      -0.00360953,
      -0.0042116,
      0.999987,
      0.0029211
    ],
    "ImageType": [
      "ORIGINAL",
      "PRIMARY",
      "M",
      "FFE",
      "M",
      "FFE"
    ],
    "ImagingFrequency": 127.759,
    "InPlanePhaseEncodingDirectionDICOM": "COL",
    "InstitutionAddress": "Calzada_Mexico_Xochimilco_No.101_Tlalpan",
    "InstitutionName": "I.N._Psiquiatria",
    "InstitutionalDepartmentName": "Imagenes_Cerebrales",
    "MRAcquisitionType": "2D",
    "MagneticFieldStrength": 3,
    "Manufacturer": "Philips",
    "ManufacturersModelName": "Ingenia",
    "Modality": "MR",
    "PartialFourier": 0.5,
    "PatientPosition": "HFS",
    "PercentPhaseFOV": 100,
    "PhaseEncodingAxis": "j",
    "PhaseEncodingDirection": "j-",
    "PhaseEncodingSteps": 70,
    "PhilipsRescaleIntercept": 0,
    "PhilipsRescaleSlope": 0.810012,
    "PhilipsScaleSlope": 0.0219246,
    "PixelBandwidth": 1819,
    "ProcedureStepDescription": "EDUARDO_TMS",
    "ProtocolName": "WIP_FE_EPI_32chSHC_AP",
    "ReconMatrixPE": 80,
    "RepetitionTime": 2,
    "SAR": 0.119138,
    "ScanOptions": "FS",
    "ScanningSequence": "GR",
    "SequenceVariant": "SK",
    "SeriesDescription": "FE_EPI_32chSHC_AP",
    "SeriesNumber": 301,
    "SliceThickness": 3.33,
    "SliceTiming": [
      0.0,
      1.027027,
      0.054054,
      1.081081,
      0.108108,
      1.135135,
      0.162162,
      1.189189,
      0.216216,
      1.243244,
      0.27027,
      1.297298,
      0.324324,
      1.351352,
      0.378378,
      1.405406,
      0.432432,
      1.45946,
      0.486486,
      1.513514,
      0.540541,
      1.567568,
      0.594595,
      1.621622,
      0.648649,
      1.675676,
      0.702703,
      1.72973,
      0.756757,
      1.783784,
      0.810811,
      1.837838,
      0.864865,
      1.891892,
      0.918919,
      1.945947,
      0.972973
    ],
    "SoftwareVersions": "5.3.1_5.3.1.0",
    "SpacingBetweenSlices": 3.33,
    "StationName": "PHILIPS-CTMFQSD",
    "TaskName": "rest",
    "TotalReadoutTime": 0.04884,
    "UsePhilipsFloatNotDisplayScaling": 1,
    "dataset": "<unset>",
    "modality": "bold",
    "session_id": "t2",
    "subject_id": "025",
    "task_id": "rest"
  },
  "dummy_trs": 0,
  "dvars_nstd": 22.68586794742476,
  "dvars_std": 1.0618015564214054,
  "dvars_vstd": 0.9276780487625417,
  "efc": 0.4395755380047394,
  "fber": 105287.1015625,
  "fd_mean": 0.13013688674087975,
  "fd_num": 4,
  "fd_perc": 1.3333333333333333,
  "fwhm_avg": 2.0706168816618384,
  "fwhm_x": 2.0403933333333333,
  "fwhm_y": 2.23419,
  "fwhm_z": 1.9372673116521821,
  "gcor": 0.124282,
  "gsr_x": -0.005719272419810295,
  "gsr_y": 0.020304540172219276,
  "provenance": {
    "md5sum": "2e85e9554ba37f63ff12f223e3ef0fe9",
    "settings": {
      "fd_thres": 0.5,
      "testing": false
    },
    "software": "mriqc",
    "version": "22.0.0rc1",
    "webapi_port": null,
    "webapi_url": "https://mriqc.nimh.nih.gov/api/v1"
  },
  "size_t": 300,
  "size_x": 80,
  "size_y": 80,
  "size_z": 37,
  "snr": 4.650118411842528,
  "spacing_tr": 2.0000016689300537,
  "spacing_x": 3.0,
  "spacing_y": 3.0,
  "spacing_z": 3.3299999237060547,
  "summary_bg_k": 99.64164812874195,
  "summary_bg_mad": 228.91954510821995,
  "summary_bg_mean": 1547.3248291015625,
  "summary_bg_median": 180.22769165039062,
  "summary_bg_n": 157260.0,
  "summary_bg_p05": 10.45594120025635,
  "summary_bg_p95": 7200.034399414058,
  "summary_bg_stdv": 4188.85986328125,
  "summary_fg_k": 3.8672012414253727,
  "summary_fg_mad": 9974.029786841498,
  "summary_fg_mean": 61559.87109375,
  "summary_fg_median": 60213.0078125,
  "summary_fg_n": 38080.0,
  "summary_fg_p05": 43906.6474609375,
  "summary_fg_p95": 84781.00781249994,
  "summary_fg_stdv": 12948.5341796875,
  "tsnr": 46.42544937133789
}