{
  "bids_meta": {
    "AcquisitionMatrixPE": 240,
    "AcquisitionNumber": 5,
    "AcquisitionTime": "11:43:25.850000",
    "BodyPartExamined": "BRAIN",
    "CoilString": "MULTI_COIL",
    "ConversionSoftware": "dcm2niix",
    "ConversionSoftwareVersion": "v1.0.20190410  (JP2:OpenJPEG) GCC6.3.0",
    "Dcm2bidsVersion": "2.1.4",
    "DeviceSerialNumber": "42451",
    "EchoTime": 0.0035,
    "EchoTrainLength": 240,
    "FlipAngle": 8,
    "ImageOrientationPatientDICOM": [
      -0.0376868,
      0.999237,
      0.0102584,
      -0.00396272,
      0.0101161,
      -0.999941
    ],
    "ImageType": [
      "ORIGINAL",
      "PRIMARY",
      "M",
      "FFE",
      "M",
      "FFE"
    ],
    "ImagingFrequency": 127.76,
    "InPlanePhaseEncodingDirectionDICOM": "ROW",
    "InstitutionAddress": "Calzada_Mexico_Xochimilco_No.101_Tlalpan",
    "InstitutionName": "I.N._Psiquiatria",
    "InstitutionalDepartmentName": "Imagenes_Cerebrales",
    "MRAcquisitionType": "3D",
    "MagneticFieldStrength": 3,
    "Manufacturer": "Philips",
    "ManufacturersModelName": "Ingenia",
    "Modality": "MR",
    "PatientPosition": "HFS",
    "PercentPhaseFOV": 100,
    "PhaseEncodingSteps": 240,
    "PhilipsRescaleIntercept": 0,
    "PhilipsRescaleSlope": 9.97045,
    "PhilipsScaleSlope": 0.00620692,
    "PixelBandwidth": 310,
    "ProcedureStepDescription": "EDUARDO_TMS",
    "ProtocolName": "WIP_sT1W_3D_TFE_32_channel",
    "ReconMatrixPE": 240,
    "RepetitionTime": 0.007,
    "SAR": 0.0382114,
    "ScanOptions": "OTHER",
    "ScanningSequence": "GR",
    "SequenceVariant": "MP",
    "SeriesDescription": "sT1W_3D_TFE_32_channel",
    "SeriesNumber": 501,
    "SliceThickness": 1,
    "SoftwareVersions": "5.3.1_5.3.1.0",
    "SpacingBetweenSlices": 1,
    "StationName": "PHILIPS-CTMFQSD",
    "UsePhilipsFloatNotDisplayScaling": 1,
    "dataset": "<unset>",
    "modality": "T1w",
    "session_id": "t3",
    "subject_id": "024"
  },
  "cjv": 0.6110782310497791,
  "cnr": 2.175089739546615,
  "efc": 0.7399104631441431,
  "fber": 3762.2424385904496,
  "fwhm_avg": 4.0453866666666665,
  "fwhm_x": 3.94306,
  "fwhm_y": 4.27639,
  "fwhm_z": 3.91671,
  "icvs_csf": 0.22459543121815304,
  "icvs_gm": 0.401996309467304,
  "icvs_wm": 0.3734082593145429,
  "inu_med": 1.9987305402755737,
  "inu_range": 0.8122203350067139,
  "provenance": {
    "md5sum": "242425160b8c0f4464d75f857819c9ac",
    "settings": {
      "testing": false
    },
    "software": "mriqc",
    "version": "21.0.0rc2",
    "warnings": {
      "large_rot_frame": true,
      "small_air_mask": false
    },
    "webapi_port": null,
    "webapi_url": "https://mriqc.nimh.nih.gov/api/v1"
  },
  "qi_1": 0.0,
  "qi_2": 8.505764122160581e-05,
  "rpve_csf": 24.10989886119296,
  "rpve_gm": 13.431930234209219,
  "rpve_wm": 17.12536615892629,
  "size_x": 180,
  "size_y": 240,
  "size_z": 240,
  "snr_csf": 3.660727695687754,
  "snr_gm": 10.471796260684767,
  "snr_total": 11.003934903244522,
  "snr_wm": 18.879280753361048,
  "snrd_csf": 24.939863631710505,
  "snrd_gm": 52.14216705424946,
  "snrd_total": 47.51628569621629,
  "snrd_wm": 65.4668264026889,
  "spacing_x": 1.0,
  "spacing_y": 1.0,
  "spacing_z": 1.0,
  "summary_bg_k": 5.817679644503098,
  "summary_bg_mad": 10.007535961944221,
  "summary_bg_mean": 11.119886670869157,
  "summary_bg_median": 6.78855174779892,
  "summary_bg_n": 438007.0,
  "summary_bg_p05": 0.0,
  "summary_bg_p95": 37.95417568087578,
  "summary_bg_stdv": 12.886962662093856,
  "summary_csf_k": 0.9595007584577431,
  "summary_csf_mad": 91.49747165206145,
  "summary_csf_mean": 401.79649937120945,
  "summary_csf_median": 380.9688955284655,
  "summary_csf_n": 30357.0,
  "summary_csf_p05": 268.84207773953676,
  "summary_csf_p95": 599.8842608682808,
  "summary_csf_stdv": 104.06745661913524,
  "summary_gm_k": -0.005249494679792299,
  "summary_gm_mad": 75.42822819316817,
  "summary_gm_mean": 801.8730025647868,
  "summary_gm_median": 796.4976908639073,
  "summary_gm_n": 16973.0,
  "summary_gm_p05": 684.525158341974,
  "summary_gm_p95": 936.0255720712245,
  "summary_gm_stdv": 76.05898806874923,
  "summary_wm_k": 0.8432503320298594,
  "summary_wm_mad": 48.95114733385288,
  "summary_wm_mean": 1000.9265847177128,
  "summary_wm_median": 1000.0385293476284,
  "summary_wm_n": 196843.0,
  "summary_wm_p05": 915.3744890838861,
  "summary_wm_p95": 1088.7487007383254,
  "summary_wm_stdv": 52.97002582967007,
  "tpm_overlap_csf": 0.1723610758781433,
  "tpm_overlap_gm": 0.4404093623161316,
  "tpm_overlap_wm": 0.51229327917099,
  "wm2max": 0.586358181396755
}