{
  "bids_meta": {
    "AcquisitionMatrixPE": 240,
    "AcquisitionNumber": 4,
    "AcquisitionTime": "12:02:33.740000",
    "BodyPartExamined": "BRAIN",
    "CoilString": "MULTI_COIL",
    "ConversionSoftware": "dcm2niix",
    "ConversionSoftwareVersion": "v1.0.20190410  (JP2:OpenJPEG) GCC6.3.0",
    "Dcm2bidsVersion": "2.1.4",
    "DeviceSerialNumber": "42451",
    "EchoTime": 0.0035,
    "EchoTrainLength": 240,
    "FlipAngle": 8,
    "ImageOrientationPatientDICOM": [
      0.001582,
      0.999983,
      0.00555543,
      -0.00363849,
      0.00556115,
      -0.999978
    ],
    "ImageType": [
      "ORIGINAL",
      "PRIMARY",
      "M",
      "FFE",
      "M",
      "FFE"
    ],
    "ImagingFrequency": 127.759,
    "InPlanePhaseEncodingDirectionDICOM": "ROW",
    "InstitutionAddress": "Calzada_Mexico_Xochimilco_No.101_Tlalpan",
    "InstitutionName": "I.N._Psiquiatria",
    "InstitutionalDepartmentName": "Imagenes_Cerebrales",
    "MRAcquisitionType": "3D",
    "MagneticFieldStrength": 3,
    "Manufacturer": "Philips",
    "ManufacturersModelName": "Ingenia",
    "Modality": "MR",
    "PatientPosition": "HFS",
    "PercentPhaseFOV": 100,
    "PhaseEncodingSteps": 240,
    "PhilipsRescaleIntercept": 0,
    "PhilipsRescaleSlope": 144.718,
    "PhilipsScaleSlope": 0.0059037,
    "PixelBandwidth": 310,
    "ProcedureStepDescription": "PROTOCOLO_EDUARDO_TMS",
    "ProtocolName": "WIP_sT1W_3D_TFE_32_channel",
    "ReconMatrixPE": 240,
    "RepetitionTime": 0.007,
    "SAR": 0.0382114,
    "ScanOptions": "OTHER",
    "ScanningSequence": "GR",
    "SequenceVariant": "MP",
    "SeriesDescription": "sT1W_3D_TFE_32_channel",
    "SeriesNumber": 401,
    "SliceThickness": 1,
    "SoftwareVersions": "5.3.1_5.3.1.0",
    "SpacingBetweenSlices": 1,
    "StationName": "PHILIPS-CTMFQSD",
    "UsePhilipsFloatNotDisplayScaling": 1,
    "dataset": "<unset>",
    "modality": "T1w",
    "session_id": "t0",
    "subject_id": "052"
  },
  "cjv": 0.5898159941965617,
  "cnr": 2.317949418919774,
  "efc": 0.7270960379679063,
  "fber": 12469.444444444445,
  "fwhm_avg": 4.449303333333334,
  "fwhm_x": 4.36444,
  "fwhm_y": 4.67628,
  "fwhm_z": 4.30719,
  "icvs_csf": 0.21023425578455665,
  "icvs_gm": 0.38948810104174836,
  "icvs_wm": 0.400277643173695,
  "inu_med": 2.1411118507385254,
  "inu_range": 0.8609569668769836,
  "provenance": {
    "md5sum": "159b086dcc7163aa40591b8edc846c36",
    "settings": {
      "testing": false
    },
    "software": "mriqc",
    "version": "21.0.0rc2",
    "warnings": {
      "large_rot_frame": true,
      "small_air_mask": false
    },
    "webapi_port": null,
    "webapi_url": "https://mriqc.nimh.nih.gov/api/v1"
  },
  "qi_1": 0.0,
  "qi_2": 1.2626423536781099e-05,
  "rpve_csf": 24.5776392469637,
  "rpve_gm": 13.36475853643526,
  "rpve_wm": 15.990219315491965,
  "size_x": 180,
  "size_y": 240,
  "size_z": 240,
  "snr_csf": 3.239898276260492,
  "snr_gm": 10.270476556418185,
  "snr_total": 11.540015372257566,
  "snr_wm": 21.10967128409402,
  "snrd_csf": 61.59845836747776,
  "snrd_gm": 127.41935210846349,
  "snrd_total": 116.91563496614795,
  "snrd_wm": 161.72909442250258,
  "spacing_x": 1.0,
  "spacing_y": 1.0,
  "spacing_z": 1.0,
  "summary_bg_k": 271.8243158200611,
  "summary_bg_mad": 4.050825718984076,
  "summary_bg_mean": 10.071351576372546,
  "summary_bg_median": 2.732240427285433,
  "summary_bg_n": 454017.0,
  "summary_bg_p05": 0.0,
  "summary_bg_p95": 40.619307685643435,
  "summary_bg_stdv": 15.745288414421504,
  "summary_csf_k": 0.7399767319251809,
  "summary_csf_mad": 108.38209257015174,
  "summary_csf_mean": 400.0540098674251,
  "summary_csf_median": 380.87431556358933,
  "summary_csf_n": 29031.0,
  "summary_csf_p05": 240.07285887748003,
  "summary_csf_p95": 614.0254986919463,
  "summary_csf_stdv": 117.55546725384838,
  "summary_gm_k": -0.2306737281269391,
  "summary_gm_mad": 80.74645933174926,
  "summary_gm_mean": 789.9796902820341,
  "summary_gm_median": 787.8567063212395,
  "summary_gm_n": 22813.0,
  "summary_gm_p05": 670.6496636360883,
  "summary_gm_p95": 920.2185759097338,
  "summary_gm_stdv": 76.70914140064396,
  "summary_wm_k": 0.7485753163980746,
  "summary_wm_mad": 44.37904621020333,
  "summary_wm_mean": 1000.6253497098761,
  "summary_wm_median": 999.9999963864684,
  "summary_wm_n": 237738.0,
  "summary_wm_p05": 923.6794137842953,
  "summary_wm_p95": 1078.4456548765302,
  "summary_wm_stdv": 47.37155210854376,
  "tpm_overlap_csf": 0.1584092229604721,
  "tpm_overlap_gm": 0.43265146017074585,
  "tpm_overlap_wm": 0.49868205189704895,
  "wm2max": 0.6741159135559921
}