{
  "bids_meta": {
    "AcquisitionMatrixPE": 240,
    "AcquisitionNumber": 4,
    "AcquisitionTime": "10:10:5.050000",
    "BodyPartExamined": "BRAIN",
    "CoilString": "MULTI_COIL",
    "ConversionSoftware": "dcm2niix",
    "ConversionSoftwareVersion": "v1.0.20190410  (JP2:OpenJPEG) GCC6.3.0",
    "Dcm2bidsVersion": "2.1.4",
    "DeviceSerialNumber": "42451",
    "EchoTime": 0.0035,
    "EchoTrainLength": 240,
    "FlipAngle": 8,
    "ImageOrientationPatientDICOM": [
      -0.00123649,
      0.999997,
      -0.00209028,
      -0.00362806,
      -0.00209475,
      -0.999991
    ],
    "ImageType": [
      "ORIGINAL",
      "PRIMARY",
      "M",
      "FFE",
      "M",
      "FFE"
    ],
    "ImagingFrequency": 127.759,
    "InPlanePhaseEncodingDirectionDICOM": "ROW",
    "InstitutionAddress": "Calzada_Mexico_Xochimilco_No.101_Tlalpan",
    "InstitutionName": "I.N._Psiquiatria",
    "InstitutionalDepartmentName": "Imagenes_Cerebrales",
    "MRAcquisitionType": "3D",
    "MagneticFieldStrength": 3,
    "Manufacturer": "Philips",
    "ManufacturersModelName": "Ingenia",
    "Modality": "MR",
    "PatientPosition": "HFS",
    "PercentPhaseFOV": 100,
    "PhaseEncodingSteps": 240,
    "PhilipsRescaleIntercept": 0,
    "PhilipsRescaleSlope": 3.98901,
    "PhilipsScaleSlope": 0.00552234,
    "PixelBandwidth": 310,
    "ProcedureStepDescription": "PROTOCOLO_EDUARDO_TMS",
    "ProtocolName": "WIP_sT1W_3D_TFE_32_channel",
    "ReconMatrixPE": 240,
    "RepetitionTime": 0.007,
    "SAR": 0.0382114,
    "ScanOptions": "OTHER",
    "ScanningSequence": "GR",
    "SequenceVariant": "MP",
    "SeriesDescription": "sT1W_3D_TFE_32_channel",
    "SeriesNumber": 401,
    "SliceThickness": 1,
    "SoftwareVersions": "5.3.1_5.3.1.0",
    "SpacingBetweenSlices": 1,
    "StationName": "PHILIPS-CTMFQSD",
    "UsePhilipsFloatNotDisplayScaling": 1,
    "dataset": "<unset>",
    "modality": "T1w",
    "session_id": "t0",
    "subject_id": "041"
  },
  "cjv": 0.47081674605746276,
  "cnr": 2.784424995145486,
  "efc": 0.7519920689143352,
  "fber": 2106.0576081698464,
  "fwhm_avg": 4.098963333333333,
  "fwhm_x": 3.88997,
  "fwhm_y": 4.49172,
  "fwhm_z": 3.9152,
  "icvs_csf": 0.20325206598122456,
  "icvs_gm": 0.3903793652680093,
  "icvs_wm": 0.4063685687507661,
  "inu_med": 1.6835871934890747,
  "inu_range": 0.678978443145752,
  "provenance": {
    "md5sum": "bb73276dd180f8c761e6d5a035737ff0",
    "settings": {
      "testing": false
    },
    "software": "mriqc",
    "version": "21.0.0rc2",
    "warnings": {
      "large_rot_frame": true,
      "small_air_mask": false
    },
    "webapi_port": null,
    "webapi_url": "https://mriqc.nimh.nih.gov/api/v1"
  },
  "qi_1": 0.0,
  "qi_2": 9.434897972827595e-05,
  "rpve_csf": 23.02195993973274,
  "rpve_gm": 12.285861378793754,
  "rpve_wm": 14.44341399227348,
  "size_x": 180,
  "size_y": 240,
  "size_z": 240,
  "snr_csf": 3.3807308406500236,
  "snr_gm": 11.432391977375133,
  "snr_total": 12.419403495570597,
  "snr_wm": 22.445087668686632,
  "snrd_csf": 25.97158674410506,
  "snrd_gm": 51.58908199569894,
  "snrd_total": 48.12132646986632,
  "snrd_wm": 66.80331066979497,
  "spacing_x": 1.0,
  "spacing_y": 1.0,
  "spacing_z": 1.0,
  "summary_bg_k": 2.0954380079725663,
  "summary_bg_mad": 9.806944776354928,
  "summary_bg_mean": 12.231773233024239,
  "summary_bg_median": 9.943928524851799,
  "summary_bg_n": 539576.0,
  "summary_bg_p05": 0.0,
  "summary_bg_p95": 34.7818469107151,
  "summary_bg_stdv": 11.93464564635252,
  "summary_csf_k": 0.1115768029616766,
  "summary_csf_mad": 105.86304626131479,
  "summary_csf_mean": 414.52358218200044,
  "summary_csf_median": 388.77694122493267,
  "summary_csf_n": 26623.0,
  "summary_csf_p05": 267.3909238576889,
  "summary_csf_p95": 629.9982487797733,
  "summary_csf_stdv": 114.99573848290272,
  "summary_gm_k": 0.18068920220827733,
  "summary_gm_mad": 65.79096065197048,
  "summary_gm_mean": 774.5523841177525,
  "summary_gm_median": 772.2533742934465,
  "summary_gm_n": 17771.0,
  "summary_gm_p05": 667.6230955198407,
  "summary_gm_p95": 889.2369034811854,
  "summary_gm_stdv": 67.54768797344533,
  "summary_wm_k": 0.826959768403456,
  "summary_wm_mad": 41.43596534645327,
  "summary_wm_mean": 1000.2008412957579,
  "summary_wm_median": 1000.0000016093254,
  "summary_wm_n": 255455.0,
  "summary_wm_p05": 927.8517624884844,
  "summary_wm_p95": 1072.892940223217,
  "summary_wm_stdv": 44.55309148605479,
  "tpm_overlap_csf": 0.17011213302612305,
  "tpm_overlap_gm": 0.4307163953781128,
  "tpm_overlap_wm": 0.5023684501647949,
  "wm2max": 0.638206267997428
}