{
  "bids_meta": {
    "AcquisitionMatrixPE": 240,
    "AcquisitionNumber": 4,
    "AcquisitionTime": "07:51:30.050000",
    "BodyPartExamined": "BRAIN",
    "CoilString": "MULTI_COIL",
    "ConversionSoftware": "dcm2niix",
    "ConversionSoftwareVersion": "v1.0.20190410  (JP2:OpenJPEG) GCC6.3.0",
    "Dcm2bidsVersion": "2.1.4",
    "DeviceSerialNumber": "42451",
    "EchoTime": 0.0035,
    "EchoTrainLength": 240,
    "FlipAngle": 8,
    "ImageOrientationPatientDICOM": [
      0.000114917,
      0.999998,
      0.00198207,
      0.000504475,
      0.00198201,
      -0.999998
    ],
    "ImageType": [
      "ORIGINAL",
      "PRIMARY",
      "M",
      "FFE",
      "M",
      "FFE"
    ],
    "ImagingFrequency": 127.759,
    "InPlanePhaseEncodingDirectionDICOM": "ROW",
    "InstitutionAddress": "Calzada_Mexico_Xochimilco_No.101_Tlalpan",
    "InstitutionName": "I.N._Psiquiatria",
    "InstitutionalDepartmentName": "Imagenes_Cerebrales",
    "MRAcquisitionType": "3D",
    "MagneticFieldStrength": 3,
    "Manufacturer": "Philips",
    "ManufacturersModelName": "Ingenia",
    "Modality": "MR",
    "PatientPosition": "HFS",
    "PercentPhaseFOV": 100,
    "PhaseEncodingSteps": 240,
    "PhilipsRescaleIntercept": 0,
    "PhilipsRescaleSlope": 332.749,
    "PhilipsScaleSlope": 0.00552012,
    "PixelBandwidth": 310,
    "ProcedureStepDescription": "PROTOCOLO_EDUARDO_TMS",
    "ProtocolName": "WIP_sT1W_3D_TFE_32_channel",
    "ReconMatrixPE": 240,
    "RepetitionTime": 0.007,
    "SAR": 0.0382114,
    "ScanOptions": "OTHER",
    "ScanningSequence": "GR",
    "SequenceVariant": "MP",
    "SeriesDescription": "sT1W_3D_TFE_32_channel",
    "SeriesNumber": 401,
    "SliceThickness": 1,
    "SoftwareVersions": "5.3.1_5.3.1.0",
    "SpacingBetweenSlices": 1,
    "StationName": "PHILIPS-CTMFQSD",
    "UsePhilipsFloatNotDisplayScaling": 1,
    "dataset": "<unset>",
    "modality": "T1w",
    "session_id": "t1",
    "subject_id": "047"
  },
  "cjv": 0.4693337750814021,
  "cnr": 2.6320884325462046,
  "efc": 0.7109041147573163,
  "fber": 61544.49645980841,
  "fwhm_avg": 4.067623333333334,
  "fwhm_x": 3.90788,
  "fwhm_y": 4.3849,
  "fwhm_z": 3.91009,
  "icvs_csf": 0.20225278328393384,
  "icvs_gm": 0.40286997579303463,
  "icvs_wm": 0.39487724092303156,
  "inu_med": 1.8100800514221191,
  "inu_range": 0.7113333225250242,
  "provenance": {
    "md5sum": "8d382401a7e0bb280af9911b2d6651c3",
    "settings": {
      "testing": false
    },
    "software": "mriqc",
    "version": "21.0.0rc2",
    "warnings": {
      "large_rot_frame": true,
      "small_air_mask": false
    },
    "webapi_port": null,
    "webapi_url": "https://mriqc.nimh.nih.gov/api/v1"
  },
  "qi_1": 0.0,
  "qi_2": 1.598737645195055e-05,
  "rpve_csf": 23.693108780468695,
  "rpve_gm": 12.371666464523955,
  "rpve_wm": 15.464343485973721,
  "size_x": 180,
  "size_y": 240,
  "size_z": 240,
  "snr_csf": 3.194409676046354,
  "snr_gm": 10.426076889753347,
  "snr_total": 13.050152375303805,
  "snr_wm": 25.529970560111718,
  "snrd_csf": 69.62004093702079,
  "snrd_gm": 134.47338899692213,
  "snrd_total": 125.68587628985904,
  "snrd_wm": 172.96419893563422,
  "spacing_x": 1.0,
  "spacing_y": 1.0,
  "spacing_z": 1.0,
  "summary_bg_k": 6.063359873947357,
  "summary_bg_mad": 3.7876991866671847,
  "summary_bg_mean": 5.959090459377636,
  "summary_bg_median": 2.5547642782330513,
  "summary_bg_n": 623854.0,
  "summary_bg_p05": 0.0,
  "summary_bg_p95": 21.144751153886318,
  "summary_bg_stdv": 7.32824725401493,
  "summary_csf_k": 15.960681401344484,
  "summary_csf_mad": 101.70375262923378,
  "summary_csf_mean": 428.3552335321366,
  "summary_csf_median": 402.51126553863287,
  "summary_csf_n": 21905.0,
  "summary_csf_p05": 275.43620320558546,
  "summary_csf_p95": 647.5512095019221,
  "summary_csf_stdv": 126.00202184293957,
  "summary_gm_k": 0.40415460345000653,
  "summary_gm_mad": 69.2262468371726,
  "summary_gm_mean": 785.858719562211,
  "summary_gm_median": 777.4636908844113,
  "summary_gm_n": 22188.0,
  "summary_gm_p05": 678.3904757414014,
  "summary_gm_p95": 924.5501674521711,
  "summary_gm_stdv": 74.5674695280023,
  "summary_wm_k": 0.9352077267765568,
  "summary_wm_mad": 35.2175435015651,
  "summary_wm_mean": 999.7976584800434,
  "summary_wm_median": 999.9999665245414,
  "summary_wm_n": 235609.0,
  "summary_wm_p05": 934.935012459755,
  "summary_wm_p95": 1063.706003420055,
  "summary_wm_stdv": 39.169565119857516,
  "tpm_overlap_csf": 0.16477854549884796,
  "tpm_overlap_gm": 0.44632992148399353,
  "tpm_overlap_wm": 0.5060351490974426,
  "wm2max": 0.5759681823366621
}