{
  "aor": 0.0007170000000000001,
  "aqi": 0.011784623466666666,
  "bids_meta": {
    "AcquisitionMatrixPE": 70,
    "AcquisitionNumber": 3,
    "AcquisitionTime": "08:35:21.750000",
    "BodyPartExamined": "BRAIN",
    "CoilString": "MULTI_COIL",
    "ConversionSoftware": "dcm2niix",
    "ConversionSoftwareVersion": "v1.0.20190410  (JP2:OpenJPEG) GCC6.3.0",
    "Dcm2bidsVersion": "2.1.4",
    "DeviceSerialNumber": "42451",
    "EchoTime": 0.03,
    "EchoTrainLength": 35,
    "EffectiveEchoSpacing": 0.000698,
    "FlipAngle": 75,
    "ImageOrientationPatientDICOM": [
      0.999985,
      0.00409478,
      -0.00375338,
      -0.0042116,
      0.99949,
      -0.0316631
    ],
    "ImageType": [
      "ORIGINAL",
      "PRIMARY",
      "M",
      "FFE",
      "M",
      "FFE"
    ],
    "ImagingFrequency": 127.759,
    "InPlanePhaseEncodingDirectionDICOM": "COL",
    "InstitutionAddress": "Calzada_Mexico_Xochimilco_No.101_Tlalpan",
    "InstitutionName": "I.N._Psiquiatria",
    "InstitutionalDepartmentName": "Imagenes_Cerebrales",
    "MRAcquisitionType": "2D",
    "MagneticFieldStrength": 3,
    "Manufacturer": "Philips",
    "ManufacturersModelName": "Ingenia",
    "Modality": "MR",
    "PartialFourier": 0.5,
    "PatientPosition": "HFS",
    "PercentPhaseFOV": 100,
    "PhaseEncodingAxis": "j",
    "PhaseEncodingDirection": "j-",
    "PhaseEncodingSteps": 70,
    "PhilipsRescaleIntercept": 0,
    "PhilipsRescaleSlope": 0.775824,
    "PhilipsScaleSlope": 0.0227478,
    "PixelBandwidth": 1819,
    "ProcedureStepDescription": "EDUARDO_TMS",
    "ProtocolName": "WIP_FE_EPI_32chSHC_AP",
    "ReconMatrixPE": 80,
    "RepetitionTime": 2,
    "SAR": 0.119138,
    "ScanOptions": "FS",
    "ScanningSequence": "GR",
    "SequenceVariant": "SK",
    "SeriesDescription": "FE_EPI_32chSHC_AP",
    "SeriesNumber": 301,
    "SliceThickness": 3.33,
    "SliceTiming": [
      0.0,
      1.027027,
      0.054054,
      1.081081,
      0.108108,
      1.135135,
      0.162162,
      1.189189,
      0.216216,
      1.243244,
      0.27027,
      1.297298,
      0.324324,
      1.351352,
      0.378378,
      1.405406,
      0.432432,
      1.45946,
      0.486486,
      1.513514,
      0.540541,
      1.567568,
      0.594595,
      1.621622,
      0.648649,
      1.675676,
      0.702703,
      1.72973,
      0.756757,
      1.783784,
      0.810811,
      1.837838,
      0.864865,
      1.891892,
      0.918919,
      1.945947,
      0.972973
    ],
    "SoftwareVersions": "5.3.1_5.3.1.0",
    "SpacingBetweenSlices": 3.33,
    "StationName": "PHILIPS-CTMFQSD",
    "TaskName": "rest",
    "TotalReadoutTime": 0.04884,
    "UsePhilipsFloatNotDisplayScaling": 1,
    "dataset": "<unset>",
    "modality": "bold",
    "session_id": "t2",
    "subject_id": "020",
    "task_id": "rest"
  },
  "dummy_trs": 0,
  "dvars_nstd": 19.71885667769231,
  "dvars_std": 1.092073203110368,
  "dvars_vstd": 0.9474842849163883,
  "efc": 0.3818673065064233,
  "fber": 138666.96875,
  "fd_mean": 0.13615507192177825,
  "fd_num": 2,
  "fd_perc": 0.6666666666666666,
  "fwhm_avg": 2.0057695334919163,
  "fwhm_x": 1.9615266666666666,
  "fwhm_y": 2.2262233333333334,
  "fwhm_z": 1.829558600475749,
  "gcor": 0.0958803,
  "gsr_x": -0.02219756878912449,
  "gsr_y": 0.013952991925179958,
  "provenance": {
    "md5sum": "83580631ebdcef3e4839c330c0df327e",
    "settings": {
      "fd_thres": 0.5,
      "testing": false
    },
    "software": "mriqc",
    "version": "22.0.0rc1",
    "webapi_port": null,
    "webapi_url": "https://mriqc.nimh.nih.gov/api/v1"
  },
  "size_t": 300,
  "size_x": 80,
  "size_y": 80,
  "size_z": 37,
  "snr": 5.486292539583025,
  "spacing_tr": 2.0000016689300537,
  "spacing_x": 3.0,
  "spacing_y": 3.0,
  "spacing_z": 3.3299999237060547,
  "summary_bg_k": 152.67520596158968,
  "summary_bg_mad": 202.92563750681757,
  "summary_bg_mean": 1388.3568115234375,
  "summary_bg_median": 158.93959045410156,
  "summary_bg_n": 171470.0,
  "summary_bg_p05": 9.060154056549072,
  "summary_bg_p95": 6515.689111328124,
  "summary_bg_stdv": 4179.07470703125,
  "summary_fg_k": 3.5472197947395685,
  "summary_fg_mad": 8454.857678848577,
  "summary_fg_mean": 61720.890625,
  "summary_fg_median": 61103.36328125,
  "summary_fg_n": 26405.0,
  "summary_fg_p05": 45085.1953125,
  "summary_fg_p95": 79006.9484375,
  "summary_fg_stdv": 11137.2490234375,
  "tsnr": 51.380435943603516
}