{
  "aor": 0.0037278000000000003,
  "aqi": 0.0163046144,
  "bids_meta": {
    "AcquisitionMatrixPE": 70,
    "AcquisitionNumber": 3,
    "AcquisitionTime": "08:27:41.390000",
    "BodyPartExamined": "BRAIN",
    "CoilString": "MULTI_COIL",
    "ConversionSoftware": "dcm2niix",
    "ConversionSoftwareVersion": "v1.0.20190410  (JP2:OpenJPEG) GCC6.3.0",
    "Dcm2bidsVersion": "2.1.4",
    "DeviceSerialNumber": "42451",
    "EchoTime": 0.03,
    "EchoTrainLength": 35,
    "EffectiveEchoSpacing": 0.000698,
    "FlipAngle": 75,
    "ImageOrientationPatientDICOM": [
      0.999985,
      0.00415741,
      -0.00368389,
      -0.0042116,
      0.999881,
      -0.0148267
    ],
    "ImageType": [
      "ORIGINAL",
      "PRIMARY",
      "M",
      "FFE",
      "M",
      "FFE"
    ],
    "ImagingFrequency": 127.759,
    "InPlanePhaseEncodingDirectionDICOM": "COL",
    "InstitutionAddress": "Calzada_Mexico_Xochimilco_No.101_Tlalpan",
    "InstitutionName": "I.N._Psiquiatria",
    "InstitutionalDepartmentName": "Imagenes_Cerebrales",
    "MRAcquisitionType": "2D",
    "MagneticFieldStrength": 3,
    "Manufacturer": "Philips",
    "ManufacturersModelName": "Ingenia",
    "Modality": "MR",
    "PartialFourier": 0.5,
    "PatientPosition": "HFS",
    "PercentPhaseFOV": 100,
    "PhaseEncodingAxis": "j",
    "PhaseEncodingDirection": "j-",
    "PhaseEncodingSteps": 70,
    "PhilipsRescaleIntercept": 0,
    "PhilipsRescaleSlope": 0.751648,
    "PhilipsScaleSlope": 0.0289679,
    "PixelBandwidth": 1819,
    "ProcedureStepDescription": "EDUAARDO_TMS",
    "ProtocolName": "WIP_FE_EPI_32chSHC_AP",
    "ReconMatrixPE": 80,
    "RepetitionTime": 2,
    "SAR": 0.119138,
    "ScanOptions": "FS",
    "ScanningSequence": "GR",
    "SequenceVariant": "SK",
    "SeriesDescription": "FE_EPI_32chSHC_AP",
    "SeriesNumber": 301,
    "SliceThickness": 3.33,
    "SliceTiming": [
      0.0,
      1.027027,
      0.054054,
      1.081081,
      0.108108,
      1.135135,
      0.162162,
      1.189189,
      0.216216,
      1.243244,
      0.27027,
      1.297298,
      0.324324,
      1.351352,
      0.378378,
      1.405406,
      0.432432,
      1.45946,
      0.486486,
      1.513514,
      0.540541,
      1.567568,
      0.594595,
      1.621622,
      0.648649,
      1.675676,
      0.702703,
      1.72973,
      0.756757,
      1.783784,
      0.810811,
      1.837838,
      0.864865,
      1.891892,
      0.918919,
      1.945947,
      0.972973
    ],
    "SoftwareVersions": "5.3.1_5.3.1.0",
    "SpacingBetweenSlices": 3.33,
    "StationName": "PHILIPS-CTMFQSD",
    "TaskName": "rest",
    "TotalReadoutTime": 0.04884,
    "UsePhilipsFloatNotDisplayScaling": 1,
    "dataset": "<unset>",
    "modality": "bold",
    "session_id": "t2",
    "subject_id": "031",
    "task_id": "rest"
  },
  "dummy_trs": 0,
  "dvars_nstd": 32.616758340100354,
  "dvars_std": 1.288043747458194,
  "dvars_vstd": 1.028824229632107,
  "efc": 0.4214213237037023,
  "fber": 104065.0,
  "fd_mean": 0.16153256869875418,
  "fd_num": 12,
  "fd_perc": 4.0,
  "fwhm_avg": 1.9764053491889568,
  "fwhm_x": 1.93395,
  "fwhm_y": 2.18126,
  "fwhm_z": 1.8140060475668702,
  "gcor": 0.0837605,
  "gsr_x": -0.016370557248592377,
  "gsr_y": 0.022256724536418915,
  "provenance": {
    "md5sum": "6e0a3fdaafec81320c0471a4c798df82",
    "settings": {
      "fd_thres": 0.5,
      "testing": false
    },
    "software": "mriqc",
    "version": "22.0.0rc1",
    "webapi_port": null,
    "webapi_url": "https://mriqc.nimh.nih.gov/api/v1"
  },
  "size_t": 300,
  "size_x": 80,
  "size_y": 80,
  "size_z": 37,
  "snr": 5.106675882470167,
  "spacing_tr": 2.0000016689300537,
  "spacing_x": 3.0,
  "spacing_y": 3.0,
  "spacing_z": 3.3299999237060547,
  "summary_bg_k": 110.36503071908542,
  "summary_bg_mad": 234.10323756070238,
  "summary_bg_mean": 1625.092529296875,
  "summary_bg_median": 193.09735107421875,
  "summary_bg_n": 162360.0,
  "summary_bg_p05": 14.291922903060915,
  "summary_bg_p95": 8064.313354492166,
  "summary_bg_stdv": 4439.86181640625,
  "summary_fg_k": 3.188027282363872,
  "summary_fg_mad": 10403.22865056158,
  "summary_fg_mean": 65807.859375,
  "summary_fg_median": 65191.07421875,
  "summary_fg_n": 32913.0,
  "summary_fg_p05": 46736.4125,
  "summary_fg_p95": 86712.69062499999,
  "summary_fg_stdv": 12765.6591796875,
  "tsnr": 38.78472137451172
}