{
  "bids_meta": {
    "AcquisitionMatrixPE": 240,
    "AcquisitionNumber": 4,
    "AcquisitionTime": "09:49:7.690000",
    "BodyPartExamined": "BRAIN",
    "CoilString": "MULTI_COIL",
    "ConversionSoftware": "dcm2niix",
    "ConversionSoftwareVersion": "v1.0.20190410  (JP2:OpenJPEG) GCC6.3.0",
    "Dcm2bidsVersion": "2.1.4",
    "DeviceSerialNumber": "42451",
    "EchoTime": 0.0035,
    "EchoTrainLength": 240,
    "FlipAngle": 8,
    "ImageOrientationPatientDICOM": [
      -0.00446054,
      0.999882,
      -0.0146806,
      -0.0205332,
      -0.0147692,
      -0.99968
    ],
    "ImageType": [
      "ORIGINAL",
      "PRIMARY",
      "M",
      "FFE",
      "M",
      "FFE"
    ],
    "ImagingFrequency": 127.759,
    "InPlanePhaseEncodingDirectionDICOM": "ROW",
    "InstitutionAddress": "Calzada_Mexico_Xochimilco_No.101_Tlalpan",
    "InstitutionName": "I.N._Psiquiatria",
    "InstitutionalDepartmentName": "Imagenes_Cerebrales",
    "MRAcquisitionType": "3D",
    "MagneticFieldStrength": 3,
    "Manufacturer": "Philips",
    "ManufacturersModelName": "Ingenia",
    "Modality": "MR",
    "PatientPosition": "HFS",
    "PercentPhaseFOV": 100,
    "PhaseEncodingSteps": 240,
    "PhilipsRescaleIntercept": 0,
    "PhilipsRescaleSlope": 12.7377,
    "PhilipsScaleSlope": 0.00583731,
    "PixelBandwidth": 310,
    "ProcedureStepDescription": "EDUARDO_TMS",
    "ProtocolName": "WIP_sT1W_3D_TFE_32_channel",
    "ReconMatrixPE": 240,
    "RepetitionTime": 0.007,
    "SAR": 0.0382114,
    "ScanOptions": "OTHER",
    "ScanningSequence": "GR",
    "SequenceVariant": "MP",
    "SeriesDescription": "sT1W_3D_TFE_32_channel",
    "SeriesNumber": 401,
    "SliceThickness": 1,
    "SoftwareVersions": "5.3.1_5.3.1.0",
    "SpacingBetweenSlices": 1,
    "StationName": "PHILIPS-CTMFQSD",
    "UsePhilipsFloatNotDisplayScaling": 1,
    "dataset": "<unset>",
    "modality": "T1w",
    "session_id": "t2",
    "subject_id": "032"
  },
  "cjv": 0.697755432482595,
  "cnr": 1.8697924182497334,
  "efc": 0.7544593583908555,
  "fber": 2266.2781248553842,
  "fwhm_avg": 4.0402,
  "fwhm_x": 3.88866,
  "fwhm_y": 4.38148,
  "fwhm_z": 3.85046,
  "icvs_csf": 0.2291162465058505,
  "icvs_gm": 0.37423940256775046,
  "icvs_wm": 0.39664435092639905,
  "inu_med": 2.052260398864746,
  "inu_range": 0.925321465730667,
  "provenance": {
    "md5sum": "40998d00ed07cdc4dd8e1b833a49f157",
    "settings": {
      "testing": false
    },
    "software": "mriqc",
    "version": "21.0.0rc2",
    "warnings": {
      "large_rot_frame": true,
      "small_air_mask": false
    },
    "webapi_port": null,
    "webapi_url": "https://mriqc.nimh.nih.gov/api/v1"
  },
  "qi_1": 0.0,
  "qi_2": 6.245189723204561e-05,
  "rpve_csf": 22.538875879759132,
  "rpve_gm": 13.158195899278907,
  "rpve_wm": 15.25885651970712,
  "size_x": 180,
  "size_y": 240,
  "size_z": 240,
  "snr_csf": 3.3796518738533834,
  "snr_gm": 8.943664538900764,
  "snr_total": 9.76298850231534,
  "snr_wm": 16.96564909419187,
  "snrd_csf": 23.98878663060026,
  "snrd_gm": 51.85766718757316,
  "snrd_total": 46.94752232546821,
  "snrd_wm": 64.99611315823121,
  "spacing_x": 1.0,
  "spacing_y": 1.0,
  "spacing_z": 1.0,
  "summary_bg_k": 10.369107518946562,
  "summary_bg_mad": 10.0796240757404,
  "summary_bg_mean": 13.668104105900582,
  "summary_bg_median": 6.984866224229336,
  "summary_bg_n": 325412.0,
  "summary_bg_p05": 0.0,
  "summary_bg_p95": 45.2153673581779,
  "summary_bg_stdv": 15.994652865789673,
  "summary_csf_k": 0.7261055991480321,
  "summary_csf_mad": 99.34643181500299,
  "summary_csf_mean": 389.31162710973524,
  "summary_csf_median": 369.0803312882781,
  "summary_csf_n": 43640.0,
  "summary_csf_p05": 249.0780012672767,
  "summary_csf_p95": 600.0465744361281,
  "summary_csf_stdv": 109.20536089125986,
  "summary_gm_k": 0.16075008153970405,
  "summary_gm_mad": 85.33161203845982,
  "summary_gm_mean": 807.3669983033315,
  "summary_gm_median": 797.8579859063029,
  "summary_gm_n": 11129.0,
  "summary_gm_p05": 672.3166569694877,
  "summary_gm_p95": 967.7764982543886,
  "summary_gm_stdv": 89.20528444838308,
  "summary_wm_k": 0.7816363119888705,
  "summary_wm_mad": 55.71408650083906,
  "summary_wm_mean": 1003.8680332647423,
  "summary_wm_median": 1000.0000144354999,
  "summary_wm_n": 221344.0,
  "summary_wm_p05": 914.4121203012764,
  "summary_wm_p95": 1106.6356387920678,
  "summary_wm_stdv": 58.942499043433635,
  "tpm_overlap_csf": 0.17378270626068115,
  "tpm_overlap_gm": 0.4272076487541199,
  "tpm_overlap_wm": 0.49997568130493164,
  "wm2max": 0.6191080231787125
}