{
  "bids_meta": {
    "AcquisitionMatrixPE": 240,
    "AcquisitionNumber": 4,
    "AcquisitionTime": "09:14:4.150000",
    "BodyPartExamined": "BRAIN",
    "CoilString": "MULTI_COIL",
    "ConversionSoftware": "dcm2niix",
    "ConversionSoftwareVersion": "v1.0.20190410  (JP2:OpenJPEG) GCC6.3.0",
    "Dcm2bidsVersion": "2.1.4",
    "DeviceSerialNumber": "42451",
    "EchoTime": 0.0035,
    "EchoTrainLength": 240,
    "FlipAngle": 8,
    "ImageOrientationPatientDICOM": [
      -3.72637e-05,
      0.999997,
      -0.0024739,
      0.000490735,
      -0.00247388,
      -0.999997
    ],
    "ImageType": [
      "ORIGINAL",
      "PRIMARY",
      "M",
      "FFE",
      "M",
      "FFE"
    ],
    "ImagingFrequency": 127.759,
    "InPlanePhaseEncodingDirectionDICOM": "ROW",
    "InstitutionAddress": "Calzada_Mexico_Xochimilco_No.101_Tlalpan",
    "InstitutionName": "I.N._Psiquiatria",
    "InstitutionalDepartmentName": "Imagenes_Cerebrales",
    "MRAcquisitionType": "3D",
    "MagneticFieldStrength": 3,
    "Manufacturer": "Philips",
    "ManufacturersModelName": "Ingenia",
    "Modality": "MR",
    "PatientPosition": "HFS",
    "PercentPhaseFOV": 100,
    "PhaseEncodingSteps": 240,
    "PhilipsRescaleIntercept": 0,
    "PhilipsRescaleSlope": 3.29841,
    "PhilipsScaleSlope": 0.00565683,
    "PixelBandwidth": 310,
    "ProcedureStepDescription": "PROTOCOLO_EDUARDO_TMS",
    "ProtocolName": "WIP_sT1W_3D_TFE_32_channel",
    "ReconMatrixPE": 240,
    "RepetitionTime": 0.007,
    "SAR": 0.0382114,
    "ScanOptions": "OTHER",
    "ScanningSequence": "GR",
    "SequenceVariant": "MP",
    "SeriesDescription": "sT1W_3D_TFE_32_channel",
    "SeriesNumber": 401,
    "SliceThickness": 1,
    "SoftwareVersions": "5.3.1_5.3.1.0",
    "SpacingBetweenSlices": 1,
    "StationName": "PHILIPS-CTMFQSD",
    "UsePhilipsFloatNotDisplayScaling": 1,
    "dataset": "<unset>",
    "modality": "T1w",
    "session_id": "t0",
    "subject_id": "050"
  },
  "cjv": 0.4131435470814774,
  "cnr": 3.089622725915922,
  "efc": 0.7124313634214303,
  "fber": 61730.453678054786,
  "fwhm_avg": 4.02993,
  "fwhm_x": 3.91114,
  "fwhm_y": 4.18866,
  "fwhm_z": 3.98999,
  "icvs_csf": 0.20733751790976385,
  "icvs_gm": 0.4029832876906814,
  "icvs_wm": 0.38967919439955473,
  "inu_med": 2.0420093536376953,
  "inu_range": 0.6771350085735319,
  "provenance": {
    "md5sum": "eb4feceea666662e659246914a1a4f98",
    "settings": {
      "testing": false
    },
    "software": "mriqc",
    "version": "21.0.0rc2",
    "warnings": {
      "large_rot_frame": true,
      "small_air_mask": false
    },
    "webapi_port": null,
    "webapi_url": "https://mriqc.nimh.nih.gov/api/v1"
  },
  "qi_1": 0.0,
  "qi_2": 2.7553411628826516e-05,
  "rpve_csf": 24.50653770672967,
  "rpve_gm": 13.026722152362053,
  "rpve_wm": 16.313385142835404,
  "size_x": 180,
  "size_y": 240,
  "size_z": 240,
  "snr_csf": 3.590454261910008,
  "snr_gm": 13.060718655140883,
  "snr_total": 14.935117569354723,
  "snr_wm": 28.15417979101328,
  "snrd_csf": 70.7173119278126,
  "snrd_gm": 138.59853988487788,
  "snrd_total": 128.77267388990916,
  "snrd_wm": 177.00216985703696,
  "spacing_x": 1.0,
  "spacing_y": 1.0,
  "spacing_z": 1.0,
  "summary_bg_k": 1713.5937805713581,
  "summary_bg_mad": 3.701458184475093,
  "summary_bg_mean": 6.096584111397704,
  "summary_bg_median": 2.4965956062078476,
  "summary_bg_n": 536899.0,
  "summary_bg_p05": 0.0,
  "summary_bg_p95": 20.744439855217934,
  "summary_bg_stdv": 8.698821316618513,
  "summary_csf_k": 1.4018097306261152,
  "summary_csf_mad": 104.04462460360898,
  "summary_csf_mean": 416.3501868722895,
  "summary_csf_median": 399.5460822880268,
  "summary_csf_n": 25286.0,
  "summary_csf_p05": 264.32138572633266,
  "summary_csf_p95": 612.2106352895498,
  "summary_csf_stdv": 111.27789202302708,
  "summary_gm_k": 0.3274632029326012,
  "summary_gm_mad": 57.47355071894054,
  "summary_gm_mean": 784.713399652931,
  "summary_gm_median": 783.0685600489378,
  "summary_gm_n": 22331.0,
  "summary_gm_p05": 689.1511726081371,
  "summary_gm_p95": 887.290078446269,
  "summary_gm_stdv": 59.954666149011956,
  "summary_wm_k": 0.8588942968126991,
  "summary_wm_mad": 32.169036585074444,
  "summary_wm_mean": 999.0771965837371,
  "summary_wm_median": 1000.0454145520926,
  "summary_wm_n": 222034.0,
  "summary_wm_p05": 938.9923038184643,
  "summary_wm_p95": 1055.33365906775,
  "summary_wm_stdv": 35.520237846145044,
  "tpm_overlap_csf": 0.17457163333892822,
  "tpm_overlap_gm": 0.4483729302883148,
  "tpm_overlap_wm": 0.5235064625740051,
  "wm2max": 0.5945004966673404
}