{
  "bids_meta": {
    "AcquisitionMatrixPE": 240,
    "AcquisitionNumber": 5,
    "AcquisitionTime": "11:02:16.840000",
    "CoilString": "MULTI_COIL",
    "ConversionSoftware": "dcm2niix",
    "ConversionSoftwareVersion": "v1.0.20190410  (JP2:OpenJPEG) GCC6.3.0",
    "Dcm2bidsVersion": "2.1.4",
    "DeviceSerialNumber": "42451",
    "EchoTime": 0.003501,
    "EchoTrainLength": 240,
    "FlipAngle": 8,
    "ImageOrientationPatientDICOM": [
      0.00635218,
      0.999977,
      0.00258171,
      -0.00363168,
      0.00260481,
      -0.99999
    ],
    "ImageType": [
      "ORIGINAL",
      "PRIMARY",
      "M",
      "FFE",
      "M",
      "FFE"
    ],
    "ImagingFrequency": 127.766,
    "InPlanePhaseEncodingDirectionDICOM": "ROW",
    "InstitutionAddress": "Calzada_Mexico_Xochimilco_No.101_Tlalpan",
    "InstitutionName": "I.N._Psiquiatria",
    "InstitutionalDepartmentName": "Imagenes_Cerebrales",
    "MRAcquisitionType": "3D",
    "MagneticFieldStrength": 3,
    "Manufacturer": "Philips",
    "ManufacturersModelName": "Ingenia",
    "Modality": "MR",
    "PatientPosition": "HFS",
    "PercentPhaseFOV": 100,
    "PhaseEncodingSteps": 240,
    "PhilipsRescaleIntercept": 0,
    "PhilipsRescaleSlope": 10.4801,
    "PhilipsScaleSlope": 0.00552858,
    "PixelBandwidth": 310,
    "ProcedureStepDescription": "EDUARDO_TMS",
    "ProtocolName": "WIP_sT1W_3D_TFE_32_channel_SENSE",
    "ReconMatrixPE": 240,
    "RepetitionTime": 0.007,
    "SAR": 0.0382114,
    "ScanOptions": "OTHER",
    "ScanningSequence": "GR",
    "SequenceVariant": "MP",
    "SeriesDescription": "sT1W_3D_TFE_32_channel",
    "SeriesNumber": 501,
    "SliceThickness": 1,
    "SoftwareVersions": "5.1.7_5.1.7.2",
    "SpacingBetweenSlices": 1,
    "StationName": "INGENIA",
    "UsePhilipsFloatNotDisplayScaling": 1,
    "dataset": "<unset>",
    "modality": "T1w",
    "session_id": "t0",
    "subject_id": "011"
  },
  "cjv": 0.4393343716877825,
  "cnr": 2.9282731582585213,
  "efc": 0.8054998432056966,
  "fber": 354.0568046658737,
  "fwhm_avg": 4.06304,
  "fwhm_x": 3.86154,
  "fwhm_y": 4.51321,
  "fwhm_z": 3.81437,
  "icvs_csf": 0.2165562296897074,
  "icvs_gm": 0.3929799988078912,
  "icvs_wm": 0.3904637715024014,
  "inu_med": 1.3846313953399658,
  "inu_range": 0.4806823968887328,
  "provenance": {
    "md5sum": "bbe35dda901e7f8cd71a9a96d96d7c04",
    "settings": {
      "testing": false
    },
    "software": "mriqc",
    "version": "21.0.0rc2",
    "warnings": {
      "large_rot_frame": true,
      "small_air_mask": true
    },
    "webapi_port": null,
    "webapi_url": "https://mriqc.nimh.nih.gov/api/v1"
  },
  "qi_1": 0.0,
  "qi_2": 0.00017665893179040463,
  "rpve_csf": 19.926366275008924,
  "rpve_gm": 11.01431883562496,
  "rpve_wm": 13.683153843183879,
  "size_x": 180,
  "size_y": 240,
  "size_z": 240,
  "snr_csf": 3.1571662995739103,
  "snr_gm": 10.8893933389898,
  "snr_total": 12.886082226460685,
  "snr_wm": 24.611687040818342,
  "snrd_csf": 20.85160631251352,
  "snrd_gm": 41.10982718881646,
  "snrd_total": 38.65316939883113,
  "snrd_wm": 53.99807469516343,
  "spacing_x": 1.0,
  "spacing_y": 1.0,
  "spacing_z": 1.0,
  "summary_bg_k": 2.1004256991691364,
  "summary_bg_mad": 12.132587532564523,
  "summary_bg_mean": 15.189226679137452,
  "summary_bg_median": 16.600420609116554,
  "summary_bg_n": 76932.0,
  "summary_bg_p05": 0.0,
  "summary_bg_p95": 33.902267441153526,
  "summary_bg_stdv": 10.2502872046604,
  "summary_csf_k": 0.9073206021761284,
  "summary_csf_mad": 103.79139762977222,
  "summary_csf_mean": 407.0313387649366,
  "summary_csf_median": 386.1546197794378,
  "summary_csf_n": 30440.0,
  "summary_csf_p05": 245.3433055281639,
  "summary_csf_p95": 643.4864685010164,
  "summary_csf_stdv": 122.30850079010904,
  "summary_gm_k": 0.3281176325768653,
  "summary_gm_mad": 67.24919946621479,
  "summary_gm_mean": 765.1790641692509,
  "summary_gm_median": 761.3202287331223,
  "summary_gm_n": 20679.0,
  "summary_gm_p05": 658.1521217785776,
  "summary_gm_p95": 888.1263994000851,
  "summary_gm_stdv": 69.9122344798003,
  "summary_wm_k": 0.7465938422785872,
  "summary_wm_mad": 37.611021350950026,
  "summary_wm_mean": 1001.4430086285045,
  "summary_wm_median": 999.9999851435423,
  "summary_wm_n": 264179.0,
  "summary_wm_p05": 937.3782106861472,
  "summary_wm_p95": 1070.4933205470443,
  "summary_wm_stdv": 40.631025854797045,
  "tpm_overlap_csf": 0.1637289822101593,
  "tpm_overlap_gm": 0.44148603081703186,
  "tpm_overlap_wm": 0.4998064637184143,
  "wm2max": 0.6462514795134604
}