{
  "aor": 0.0018808333333333335,
  "aqi": 0.019639304766666664,
  "bids_meta": {
    "AcquisitionMatrixPE": 70,
    "AcquisitionNumber": 3,
    "AcquisitionTime": "09:39:34.400000",
    "BodyPartExamined": "BRAIN",
    "CoilString": "MULTI_COIL",
    "ConversionSoftware": "dcm2niix",
    "ConversionSoftwareVersion": "v1.0.20190410  (JP2:OpenJPEG) GCC6.3.0",
    "Dcm2bidsVersion": "2.1.4",
    "DeviceSerialNumber": "42451",
    "EchoTime": 0.03,
    "EchoTrainLength": 35,
    "EffectiveEchoSpacing": 0.000698,
    "FlipAngle": 75,
    "ImageOrientationPatientDICOM": [
      0.999991,
      0.00420143,
      0.00060462,
      -0.00420245,
      0.99999,
      0.00170259
    ],
    "ImageType": [
      "ORIGINAL",
      "PRIMARY",
      "M",
      "FFE",
      "M",
      "FFE"
    ],
    "ImagingFrequency": 127.759,
    "InPlanePhaseEncodingDirectionDICOM": "COL",
    "InstitutionAddress": "Calzada_Mexico_Xochimilco_No.101_Tlalpan",
    "InstitutionName": "I.N._Psiquiatria",
    "InstitutionalDepartmentName": "Imagenes_Cerebrales",
    "MRAcquisitionType": "2D",
    "MagneticFieldStrength": 3,
    "Manufacturer": "Philips",
    "ManufacturersModelName": "Ingenia",
    "Modality": "MR",
    "PartialFourier": 0.5,
    "PatientPosition": "HFS",
    "PercentPhaseFOV": 100,
    "PhaseEncodingAxis": "j",
    "PhaseEncodingDirection": "j-",
    "PhaseEncodingSteps": 70,
    "PhilipsRescaleIntercept": 0,
    "PhilipsRescaleSlope": 0.838095,
    "PhilipsScaleSlope": 0.0235242,
    "PixelBandwidth": 1819,
    "ProcedureStepDescription": "PROTOCOLO_EDUARDO_TMS",
    "ProtocolName": "WIP_FE_EPI_32chSHC_AP",
    "ReconMatrixPE": 80,
    "RepetitionTime": 2,
    "SAR": 0.119138,
    "ScanOptions": "FS",
    "ScanningSequence": "GR",
    "SequenceVariant": "SK",
    "SeriesDescription": "FE_EPI_32chSHC_AP",
    "SeriesNumber": 301,
    "SliceThickness": 3.33,
    "SliceTiming": [
      0.0,
      1.027027,
      0.054054,
      1.081081,
      0.108108,
      1.135135,
      0.162162,
      1.189189,
      0.216216,
      1.243244,
      0.27027,
      1.297298,
      0.324324,
      1.351352,
      0.378378,
      1.405406,
      0.432432,
      1.45946,
      0.486486,
      1.513514,
      0.540541,
      1.567568,
      0.594595,
      1.621622,
      0.648649,
      1.675676,
      0.702703,
      1.72973,
      0.756757,
      1.783784,
      0.810811,
      1.837838,
      0.864865,
      1.891892,
      0.918919,
      1.945947,
      0.972973
    ],
    "SoftwareVersions": "5.3.1_5.3.1.0",
    "SpacingBetweenSlices": 3.33,
    "StationName": "PHILIPS-CTMFQSD",
    "TaskName": "rest",
    "TotalReadoutTime": 0.04884,
    "UsePhilipsFloatNotDisplayScaling": 1,
    "dataset": "<unset>",
    "modality": "bold",
    "session_id": "t0",
    "subject_id": "040",
    "task_id": "rest"
  },
  "dummy_trs": 0,
  "dvars_nstd": 27.435280318294296,
  "dvars_std": 1.1271540578260864,
  "dvars_vstd": 0.9173796990969904,
  "efc": 0.42091552190101944,
  "fber": 119718.2421875,
  "fd_mean": 0.09684980879163049,
  "fd_num": 7,
  "fd_perc": 2.3333333333333335,
  "fwhm_avg": 1.9609959796023793,
  "fwhm_x": 1.9385166666666667,
  "fwhm_y": 2.1589066666666668,
  "fwhm_z": 1.7855646054738041,
  "gcor": 0.0232224,
  "gsr_x": -0.009439527988433838,
  "gsr_y": 0.01757584698498249,
  "provenance": {
    "md5sum": "51cbad27b0c2fecd17967e5dded048a0",
    "settings": {
      "fd_thres": 0.5,
      "testing": false
    },
    "software": "mriqc",
    "version": "22.0.0rc1",
    "webapi_port": null,
    "webapi_url": "https://mriqc.nimh.nih.gov/api/v1"
  },
  "size_t": 300,
  "size_x": 80,
  "size_y": 80,
  "size_z": 37,
  "snr": 5.039149646020136,
  "spacing_tr": 2.0000016689300537,
  "spacing_x": 3.0,
  "spacing_y": 3.0,
  "spacing_z": 3.3299999237060547,
  "summary_bg_k": 109.23898756288148,
  "summary_bg_mad": 180.75021223285358,
  "summary_bg_mean": 1310.1640625,
  "summary_bg_median": 158.29017639160156,
  "summary_bg_n": 161562.0,
  "summary_bg_p05": 14.029974222183228,
  "summary_bg_p95": 6369.107373046854,
  "summary_bg_stdv": 3822.3076171875,
  "summary_fg_k": 2.360920512044226,
  "summary_fg_mad": 9055.369491492505,
  "summary_fg_mean": 57531.02734375,
  "summary_fg_median": 56802.17578125,
  "summary_fg_n": 34763.0,
  "summary_fg_p05": 40464.3296875,
  "summary_fg_p95": 76864.55234375002,
  "summary_fg_stdv": 11272.0126953125,
  "tsnr": 43.32477951049805
}