{
  "bids_meta": {
    "AcquisitionMatrixPE": 240,
    "AcquisitionNumber": 4,
    "AcquisitionTime": "08:28:36.620000",
    "BodyPartExamined": "BRAIN",
    "CoilString": "MULTI_COIL",
    "ConversionSoftware": "dcm2niix",
    "ConversionSoftwareVersion": "v1.0.20190410  (JP2:OpenJPEG) GCC6.3.0",
    "Dcm2bidsVersion": "2.1.4",
    "DeviceSerialNumber": "42451",
    "EchoTime": 0.0035,
    "EchoTrainLength": 240,
    "FlipAngle": 8,
    "ImageOrientationPatientDICOM": [
      -0.00202278,
      0.999996,
      -0.00194985,
      0.000568925,
      -0.0019487,
      -0.999998
    ],
    "ImageType": [
      "ORIGINAL",
      "PRIMARY",
      "M",
      "FFE",
      "M",
      "FFE"
    ],
    "ImagingFrequency": 127.759,
    "InPlanePhaseEncodingDirectionDICOM": "ROW",
    "InstitutionAddress": "Calzada_Mexico_Xochimilco_No.101_Tlalpan",
    "InstitutionName": "I.N._Psiquiatria",
    "InstitutionalDepartmentName": "Imagenes_Cerebrales",
    "MRAcquisitionType": "3D",
    "MagneticFieldStrength": 3,
    "Manufacturer": "Philips",
    "ManufacturersModelName": "Ingenia",
    "Modality": "MR",
    "PatientPosition": "HFS",
    "PercentPhaseFOV": 100,
    "PhaseEncodingSteps": 240,
    "PhilipsRescaleIntercept": 0,
    "PhilipsRescaleSlope": 16.5788,
    "PhilipsScaleSlope": 0.00566271,
    "PixelBandwidth": 310,
    "ProcedureStepDescription": "PROTOCOLO_EDUARDO_TMS",
    "ProtocolName": "WIP_sT1W_3D_TFE_32_channel",
    "ReconMatrixPE": 240,
    "RepetitionTime": 0.007,
    "SAR": 0.0382114,
    "ScanOptions": "OTHER",
    "ScanningSequence": "GR",
    "SequenceVariant": "MP",
    "SeriesDescription": "sT1W_3D_TFE_32_channel",
    "SeriesNumber": 401,
    "SliceThickness": 1,
    "SoftwareVersions": "5.3.1_5.3.1.0",
    "SpacingBetweenSlices": 1,
    "StationName": "PHILIPS-CTMFQSD",
    "UsePhilipsFloatNotDisplayScaling": 1,
    "dataset": "<unset>",
    "modality": "T1w",
    "session_id": "t14",
    "subject_id": "042"
  },
  "cjv": 0.4216957406204804,
  "cnr": 2.9942974350825597,
  "efc": 0.7396779319722071,
  "fber": 13854.087977592646,
  "fwhm_avg": 4.142656666666666,
  "fwhm_x": 4.00224,
  "fwhm_y": 4.47743,
  "fwhm_z": 3.9483,
  "icvs_csf": 0.2264400994818325,
  "icvs_gm": 0.39237901276642606,
  "icvs_wm": 0.3811808877517414,
  "inu_med": 1.9497973918914795,
  "inu_range": 0.7710736811161041,
  "provenance": {
    "md5sum": "2bcbfe5470bd54a6fb22b106828fb70b",
    "settings": {
      "testing": false
    },
    "software": "mriqc",
    "version": "21.0.0rc2",
    "warnings": {
      "large_rot_frame": true,
      "small_air_mask": false
    },
    "webapi_port": null,
    "webapi_url": "https://mriqc.nimh.nih.gov/api/v1"
  },
  "qi_1": 2.2582168298741556e-05,
  "qi_2": 8.704627163255901e-05,
  "rpve_csf": 20.67133174949651,
  "rpve_gm": 11.66470352027841,
  "rpve_wm": 14.430983063793699,
  "size_x": 180,
  "size_y": 240,
  "size_z": 240,
  "snr_csf": 3.8778386211113274,
  "snr_gm": 11.48917291387471,
  "snr_total": 13.174526810340423,
  "snr_wm": 24.15656889603523,
  "snrd_csf": 57.69829960921047,
  "snrd_gm": 125.16872805367831,
  "snrd_total": 115.56562541522548,
  "snrd_wm": 163.8298485827877,
  "spacing_x": 1.0,
  "spacing_y": 1.0,
  "spacing_z": 1.0,
  "summary_bg_k": 5.957968856483479,
  "summary_bg_mad": 3.998882878400504,
  "summary_bg_mean": 7.496781768564829,
  "summary_bg_median": 2.697205513715744,
  "summary_bg_n": 610853.0,
  "summary_bg_p05": 0.0,
  "summary_bg_p95": 24.717014461755753,
  "summary_bg_stdv": 8.696736394900551,
  "summary_csf_k": 2.0550369772932138,
  "summary_csf_mad": 74.14322189296672,
  "summary_csf_mean": 369.3941367442339,
  "summary_csf_median": 352.1842937171459,
  "summary_csf_n": 47601.0,
  "summary_csf_p05": 254.7753798365593,
  "summary_csf_p95": 546.1620082855225,
  "summary_csf_stdv": 90.81878560992169,
  "summary_gm_k": 0.37701681744309523,
  "summary_gm_mad": 62.408795085857044,
  "summary_gm_mean": 769.1343380199588,
  "summary_gm_median": 764.016624122858,
  "summary_gm_n": 18632.0,
  "summary_gm_p05": 669.7470805943012,
  "summary_gm_p95": 888.8839744627476,
  "summary_gm_stdv": 66.49705133408474,
  "summary_wm_k": 0.8345764923785048,
  "summary_wm_mad": 37.10438867499484,
  "summary_wm_mean": 998.2930439708945,
  "summary_wm_median": 999.99999833107,
  "summary_wm_n": 244114.0,
  "summary_wm_p05": 926.7332846224308,
  "summary_wm_p95": 1062.9355305925,
  "summary_wm_stdv": 41.39652259430488,
  "tpm_overlap_csf": 0.16146373748779297,
  "tpm_overlap_gm": 0.4366493821144104,
  "tpm_overlap_wm": 0.5110925436019897,
  "wm2max": 0.6288685506093787
}