{
  "bids_meta": {
    "AcquisitionMatrixPE": 240,
    "AcquisitionNumber": 5,
    "AcquisitionTime": "10:13:6.460000",
    "BodyPartExamined": "BRAIN",
    "CoilString": "MULTI_COIL",
    "ConversionSoftware": "dcm2niix",
    "ConversionSoftwareVersion": "v1.0.20190410  (JP2:OpenJPEG) GCC6.3.0",
    "Dcm2bidsVersion": "2.1.4",
    "DeviceSerialNumber": "42451",
    "EchoTime": 0.0035,
    "EchoTrainLength": 240,
    "FlipAngle": 8,
    "ImageOrientationPatientDICOM": [
      -0.00422686,
      0.999991,
      -0.000497689,
      0.000545494,
      -0.000495388,
      -1
    ],
    "ImageType": [
      "ORIGINAL",
      "PRIMARY",
      "M",
      "FFE",
      "M",
      "FFE"
    ],
    "ImagingFrequency": 127.759,
    "InPlanePhaseEncodingDirectionDICOM": "ROW",
    "InstitutionAddress": "Calzada_Mexico_Xochimilco_No.101_Tlalpan",
    "InstitutionName": "I.N._Psiquiatria",
    "InstitutionalDepartmentName": "Imagenes_Cerebrales",
    "MRAcquisitionType": "3D",
    "MagneticFieldStrength": 3,
    "Manufacturer": "Philips",
    "ManufacturersModelName": "Ingenia",
    "Modality": "MR",
    "PatientPosition": "HFS",
    "PercentPhaseFOV": 100,
    "PhaseEncodingSteps": 240,
    "PhilipsRescaleIntercept": 0,
    "PhilipsRescaleSlope": 13.8479,
    "PhilipsScaleSlope": 0.00598226,
    "PixelBandwidth": 310,
    "ProcedureStepDescription": "PROTOCOLO_EDUARDO_TMS",
    "ProtocolName": "WIP_sT1W_3D_TFE_32_channel",
    "ReconMatrixPE": 240,
    "RepetitionTime": 0.007,
    "SAR": 0.0382114,
    "ScanOptions": "OTHER",
    "ScanningSequence": "GR",
    "SequenceVariant": "MP",
    "SeriesDescription": "sT1W_3D_TFE_32_channel",
    "SeriesNumber": 501,
    "SliceThickness": 1,
    "SoftwareVersions": "5.3.1_5.3.1.0",
    "SpacingBetweenSlices": 1,
    "StationName": "PHILIPS-CTMFQSD",
    "UsePhilipsFloatNotDisplayScaling": 1,
    "dataset": "<unset>",
    "modality": "T1w",
    "session_id": "t0",
    "subject_id": "051"
  },
  "cjv": 0.5180098897122438,
  "cnr": 2.4094686390421156,
  "efc": 0.7416460692430156,
  "fber": 13492.337542533081,
  "fwhm_avg": 4.168546666666667,
  "fwhm_x": 4.07372,
  "fwhm_y": 4.43461,
  "fwhm_z": 3.99731,
  "icvs_csf": 0.24030703754294178,
  "icvs_gm": 0.3859983344755663,
  "icvs_wm": 0.37369462798149194,
  "inu_med": 1.8927758932113647,
  "inu_range": 0.7491843700408936,
  "provenance": {
    "md5sum": "96de47f7c9311c63600b75cdcb910313",
    "settings": {
      "testing": false
    },
    "software": "mriqc",
    "version": "21.0.0rc2",
    "warnings": {
      "large_rot_frame": true,
      "small_air_mask": false
    },
    "webapi_port": null,
    "webapi_url": "https://mriqc.nimh.nih.gov/api/v1"
  },
  "qi_1": 0.0,
  "qi_2": 6.788872081336199e-05,
  "rpve_csf": 20.38431824893323,
  "rpve_gm": 12.28472137793726,
  "rpve_wm": 15.32083477929316,
  "size_x": 180,
  "size_y": 240,
  "size_z": 240,
  "snr_csf": 3.434012708350384,
  "snr_gm": 9.498306571780931,
  "snr_total": 12.755820977371371,
  "snr_wm": 25.3351436519828,
  "snrd_csf": 59.67703017766454,
  "snrd_gm": 124.07001614238057,
  "snrd_total": 114.30796226762239,
  "snrd_wm": 159.17684048282206,
  "spacing_x": 1.0,
  "spacing_y": 1.0,
  "spacing_z": 1.0,
  "summary_bg_k": 764.9270860674378,
  "summary_bg_mad": 4.115777018079121,
  "summary_bg_mean": 6.732059928382566,
  "summary_bg_median": 2.7760494127869606,
  "summary_bg_n": 500212.0,
  "summary_bg_p05": 0.0,
  "summary_bg_p95": 24.457952585071325,
  "summary_bg_stdv": 9.327017652512275,
  "summary_csf_k": 1.2600982516202972,
  "summary_csf_mad": 88.77305257960312,
  "summary_csf_mean": 396.6031220607822,
  "summary_csf_median": 374.91025948897004,
  "summary_csf_n": 62413.0,
  "summary_csf_p05": 260.6614672765136,
  "summary_csf_p95": 612.7411134913564,
  "summary_csf_stdv": 109.17468508558296,
  "summary_gm_k": 0.2735060375944047,
  "summary_gm_mad": 78.1288016707778,
  "summary_gm_mean": 788.2639363576288,
  "summary_gm_median": 779.4476670213044,
  "summary_gm_n": 23488.0,
  "summary_gm_p05": 668.0562911871821,
  "summary_gm_p95": 939.5970003865659,
  "summary_gm_stdv": 82.06000390582128,
  "summary_wm_k": 1.0931643618364912,
  "summary_wm_mad": 36.119491417280564,
  "summary_wm_mean": 1001.48892385554,
  "summary_wm_median": 1000.0000065751374,
  "summary_wm_n": 232546.0,
  "summary_wm_p05": 939.9799037538469,
  "summary_wm_p95": 1067.8217655047774,
  "summary_wm_stdv": 39.470779017363625,
  "tpm_overlap_csf": 0.1705447882413864,
  "tpm_overlap_gm": 0.4429931938648224,
  "tpm_overlap_wm": 0.5155022144317627,
  "wm2max": 0.6176244531157621
}