{
  "aor": 0.0013007333333333335,
  "aqi": 0.0094646423,
  "bids_meta": {
    "AcquisitionMatrixPE": 70,
    "AcquisitionTime": "08:44:38.330000",
    "CoilString": "MULTI_COIL",
    "ConversionSoftware": "dcm2niix",
    "ConversionSoftwareVersion": "v1.0.20190410  (JP2:OpenJPEG) GCC6.3.0",
    "Dcm2bidsVersion": "2.1.4",
    "DeviceSerialNumber": "42451",
    "EchoTime": 0.03,
    "EchoTrainLength": 35,
    "EffectiveEchoSpacing": 0.000698,
    "FlipAngle": 75,
    "ImageOrientationPatientDICOM": [
      0.999999,
      0.000167995,
      0.0016653,
      0.000209086,
      0.974618,
      -0.223874
    ],
    "ImageType": [
      "ORIGINAL",
      "PRIMARY",
      "M",
      "FFE",
      "M",
      "FFE"
    ],
    "ImagingFrequency": 127.766,
    "InPlanePhaseEncodingDirectionDICOM": "COL",
    "InstitutionAddress": "Calzada_Mexico_Xochimilco_No.101_Tlalpan",
    "InstitutionName": "I.N._Psiquiatria",
    "InstitutionalDepartmentName": "Imagenes_Cerebrales",
    "MagneticFieldStrength": 3,
    "Manufacturer": "Philips",
    "ManufacturersModelName": "Ingenia",
    "Modality": "MR",
    "PartialFourier": 0.5,
    "PatientPosition": "HFS",
    "PercentPhaseFOV": 100,
    "PhaseEncodingAxis": "j",
    "PhaseEncodingDirection": "j-",
    "PhaseEncodingSteps": 70,
    "PhilipsRescaleIntercept": 0,
    "PhilipsRescaleSlope": 0.764591,
    "PhilipsScaleSlope": 0.0575645,
    "PixelBandwidth": 1819,
    "ProcedureStepDescription": "EDUARDO_TMS",
    "ProtocolName": "WIP_FE_EPI_32chSHC_AP_SENSE",
    "ReconMatrixPE": 80,
    "RepetitionTime": 2,
    "SAR": 0.120028,
    "ScanOptions": "FS",
    "ScanningSequence": "GR",
    "SequenceVariant": "SK",
    "SeriesDescription": "FE_EPI_32chSHC_AP",
    "SeriesNumber": 301,
    "SliceThickness": 3.33,
    "SliceTiming": [
      0.0,
      1.027027,
      0.054054,
      1.081081,
      0.108108,
      1.135135,
      0.162162,
      1.189189,
      0.216216,
      1.243244,
      0.27027,
      1.297298,
      0.324324,
      1.351352,
      0.378378,
      1.405406,
      0.432432,
      1.45946,
      0.486486,
      1.513514,
      0.540541,
      1.567568,
      0.594595,
      1.621622,
      0.648649,
      1.675676,
      0.702703,
      1.72973,
      0.756757,
      1.783784,
      0.810811,
      1.837838,
      0.864865,
      1.891892,
      0.918919,
      1.945947,
      0.972973
    ],
    "SoftwareVersions": "2.6.3_5.1.7.2",
    "SpacingBetweenSlices": 3.33,
    "StationName": "INGENIA",
    "TaskName": "rest",
    "TotalReadoutTime": 0.04884,
    "UsePhilipsFloatNotDisplayScaling": 1,
    "dataset": "<unset>",
    "modality": "bold",
    "session_id": "t1",
    "subject_id": "004",
    "task_id": "rest"
  },
  "dummy_trs": 0,
  "dvars_nstd": 32.87832330334447,
  "dvars_std": 1.2536812012040126,
  "dvars_vstd": 0.9919542765886291,
  "efc": 0.4304207118693104,
  "fber": 161546.140625,
  "fd_mean": 0.3169774961439381,
  "fd_num": 38,
  "fd_perc": 12.666666666666666,
  "fwhm_avg": 2.0446180031039445,
  "fwhm_x": 1.9752533333333335,
  "fwhm_y": 2.1793033333333334,
  "fwhm_z": 1.979297342645166,
  "gcor": 0.0525663,
  "gsr_x": -0.006136330310255289,
  "gsr_y": 0.013880650512874126,
  "provenance": {
    "md5sum": "353b51da5c50e46556fb1c90847ccc67",
    "settings": {
      "fd_thres": 0.5,
      "testing": false
    },
    "software": "mriqc",
    "version": "22.0.0rc1",
    "webapi_port": null,
    "webapi_url": "https://mriqc.nimh.nih.gov/api/v1"
  },
  "size_t": 300,
  "size_x": 80,
  "size_y": 80,
  "size_z": 37,
  "snr": 3.9548141548949016,
  "spacing_tr": 1.9999995231628418,
  "spacing_x": 3.0,
  "spacing_y": 3.0,
  "spacing_z": 3.3299999237060547,
  "summary_bg_k": 117.33016902646379,
  "summary_bg_mad": 63.842514920492775,
  "summary_bg_mean": 488.17291259765625,
  "summary_bg_median": 56.164669036865234,
  "summary_bg_n": 157479.0,
  "summary_bg_p05": 6.105541324615478,
  "summary_bg_p95": 2266.5113525390634,
  "summary_bg_stdv": 1218.1683349609375,
  "summary_fg_k": 2.335999018081396,
  "summary_fg_mad": 3839.4025921960465,
  "summary_fg_mean": 23879.81640625,
  "summary_fg_median": 22601.734375,
  "summary_fg_n": 38192.0,
  "summary_fg_p05": 17233.152734375,
  "summary_fg_p95": 36664.41894531249,
  "summary_fg_stdv": 5714.91796875,
  "tsnr": 53.81056213378906
}