{
  "bids_meta": {
    "AcquisitionMatrixPE": 240,
    "AcquisitionNumber": 4,
    "AcquisitionTime": "08:40:53.450000",
    "BodyPartExamined": "BRAIN",
    "CoilString": "MULTI_COIL",
    "ConversionSoftware": "dcm2niix",
    "ConversionSoftwareVersion": "v1.0.20190410  (JP2:OpenJPEG) GCC6.3.0",
    "Dcm2bidsVersion": "2.1.4",
    "DeviceSerialNumber": "42451",
    "EchoTime": 0.003501,
    "EchoTrainLength": 240,
    "FlipAngle": 8,
    "ImageOrientationPatientDICOM": [
      -0.000140625,
      0.999999,
      -0.00157397,
      0.00204972,
      -0.00157368,
      -0.999997
    ],
    "ImageType": [
      "ORIGINAL",
      "PRIMARY",
      "M",
      "FFE",
      "M",
      "FFE"
    ],
    "ImagingFrequency": 127.766,
    "InPlanePhaseEncodingDirectionDICOM": "ROW",
    "InstitutionAddress": "Calzada_Mexico_Xochimilco_No.101_Tlalpan",
    "InstitutionName": "I.N._Psiquiatria",
    "InstitutionalDepartmentName": "Imagenes_Cerebrales",
    "MRAcquisitionType": "3D",
    "MagneticFieldStrength": 3,
    "Manufacturer": "Philips",
    "ManufacturersModelName": "Ingenia",
    "Modality": "MR",
    "PatientPosition": "HFS",
    "PercentPhaseFOV": 100,
    "PhaseEncodingSteps": 240,
    "PhilipsRescaleIntercept": 0,
    "PhilipsRescaleSlope": 7.04982,
    "PhilipsScaleSlope": 0.00632261,
    "PixelBandwidth": 310,
    "ProcedureStepDescription": "EDUARDO_TMS",
    "ProtocolName": "sT1W_3D_TFE_32_channel",
    "ReconMatrixPE": 240,
    "RepetitionTime": 0.007,
    "SAR": 0.0382114,
    "ScanOptions": "OTHER",
    "ScanningSequence": "GR",
    "SequenceVariant": "MP",
    "SeriesDescription": "sT1W_3D_TFE_32_channel",
    "SeriesNumber": 401,
    "SliceThickness": 1,
    "SoftwareVersions": "5.3.1_5.3.1.0",
    "SpacingBetweenSlices": 1,
    "StationName": "PHILIPS-CTMFQSD",
    "UsePhilipsFloatNotDisplayScaling": 1,
    "dataset": "<unset>",
    "modality": "T1w",
    "session_id": "t3",
    "subject_id": "002"
  },
  "cjv": 0.4408813277913568,
  "cnr": 2.8557857354321645,
  "efc": 0.7152567107450652,
  "fber": 5271.640036730946,
  "fwhm_avg": 4.078023333333333,
  "fwhm_x": 4.01685,
  "fwhm_y": 4.2955,
  "fwhm_z": 3.92172,
  "icvs_csf": 0.1987778263049094,
  "icvs_gm": 0.40295792455634855,
  "icvs_wm": 0.39826424913874203,
  "inu_med": 1.794843077659607,
  "inu_range": 0.552347719669342,
  "provenance": {
    "md5sum": "a71c7ccedb76745d234ef931dc15d5b3",
    "settings": {
      "testing": false
    },
    "software": "mriqc",
    "version": "21.0.0rc2",
    "warnings": {
      "large_rot_frame": true,
      "small_air_mask": false
    },
    "webapi_port": null,
    "webapi_url": "https://mriqc.nimh.nih.gov/api/v1"
  },
  "qi_1": 4.08885072628211e-05,
  "qi_2": 0.00012016659232923193,
  "rpve_csf": 29.707141106417335,
  "rpve_gm": 15.235761914684607,
  "rpve_wm": 18.655421337631527,
  "size_x": 180,
  "size_y": 240,
  "size_z": 240,
  "snr_csf": 3.7663552936790174,
  "snr_gm": 12.50649942140315,
  "snr_total": 13.750293832460647,
  "snr_wm": 24.978026782299775,
  "snrd_csf": 61.93723515907317,
  "snrd_gm": 127.87150084349135,
  "snrd_total": 117.5184999461851,
  "snrd_wm": 162.74676383599078,
  "spacing_x": 1.0,
  "spacing_y": 1.0,
  "spacing_z": 1.0,
  "summary_bg_k": 3.9542036135856495,
  "summary_bg_mad": 4.025495574772768,
  "summary_bg_mean": 7.802603221195451,
  "summary_bg_median": 2.715155504643917,
  "summary_bg_n": 431355.0,
  "summary_bg_p05": 0.0,
  "summary_bg_p95": 26.90472272783518,
  "summary_bg_stdv": 9.010396259848187,
  "summary_csf_k": 1.1388274693809297,
  "summary_csf_mad": 85.93823128567927,
  "summary_csf_mean": 400.3790466098097,
  "summary_csf_median": 380.57429656758904,
  "summary_csf_n": 21408.0,
  "summary_csf_p05": 271.0362843791023,
  "summary_csf_p95": 592.8356920151039,
  "summary_csf_stdv": 101.04341682859938,
  "summary_gm_k": 0.5165221079641791,
  "summary_gm_mad": 59.28457119210805,
  "summary_gm_mean": 786.5530234347171,
  "summary_gm_median": 785.7084088362753,
  "summary_gm_n": 20232.0,
  "summary_gm_p05": 686.4818167574704,
  "summary_gm_p95": 892.0108607150614,
  "summary_gm_stdv": 62.82245452185758,
  "summary_wm_k": 1.039731859525011,
  "summary_wm_mad": 35.192590100664965,
  "summary_wm_mean": 999.4989868832381,
  "summary_wm_median": 1000.0000001043081,
  "summary_wm_n": 200303.0,
  "summary_wm_p05": 931.8742801696062,
  "summary_wm_p95": 1064.2175416611135,
  "summary_wm_stdv": 40.03508814361561,
  "tpm_overlap_csf": 0.16656352579593658,
  "tpm_overlap_gm": 0.4320582151412964,
  "tpm_overlap_wm": 0.5077216029167175,
  "wm2max": 0.6796398719504383
}