{
  "bids_meta": {
    "AcquisitionMatrixPE": 240,
    "AcquisitionNumber": 4,
    "AcquisitionTime": "12:55:7.280000",
    "BodyPartExamined": "BRAIN",
    "CoilString": "MULTI_COIL",
    "ConversionSoftware": "dcm2niix",
    "ConversionSoftwareVersion": "v1.0.20190410  (JP2:OpenJPEG) GCC6.3.0",
    "Dcm2bidsVersion": "2.1.4",
    "DeviceSerialNumber": "42451",
    "EchoTime": 0.0035,
    "EchoTrainLength": 240,
    "FlipAngle": 8,
    "ImageOrientationPatientDICOM": [
      -0.0042116,
      0.999988,
      -0.00261787,
      -0.00362181,
      -0.00263313,
      -0.99999
    ],
    "ImageType": [
      "ORIGINAL",
      "PRIMARY",
      "M",
      "FFE",
      "M",
      "FFE"
    ],
    "ImagingFrequency": 127.759,
    "InPlanePhaseEncodingDirectionDICOM": "ROW",
    "InstitutionAddress": "Calzada_Mexico_Xochimilco_No.101_Tlalpan",
    "InstitutionName": "I.N._Psiquiatria",
    "InstitutionalDepartmentName": "Imagenes_Cerebrales",
    "MRAcquisitionType": "3D",
    "MagneticFieldStrength": 3,
    "Manufacturer": "Philips",
    "ManufacturersModelName": "Ingenia",
    "Modality": "MR",
    "PatientPosition": "HFS",
    "PercentPhaseFOV": 100,
    "PhaseEncodingSteps": 240,
    "PhilipsRescaleIntercept": 0,
    "PhilipsRescaleSlope": 3.7177,
    "PhilipsScaleSlope": 0.0061525,
    "PixelBandwidth": 310,
    "ProcedureStepDescription": "EDUARDO_TMS",
    "ProtocolName": "WIP_sT1W_3D_TFE_32_channel",
    "ReconMatrixPE": 240,
    "RepetitionTime": 0.007,
    "SAR": 0.0382114,
    "ScanOptions": "OTHER",
    "ScanningSequence": "GR",
    "SequenceVariant": "MP",
    "SeriesDescription": "sT1W_3D_TFE_32_channel",
    "SeriesNumber": 401,
    "SliceThickness": 1,
    "SoftwareVersions": "5.3.1_5.3.1.0",
    "SpacingBetweenSlices": 1,
    "StationName": "PHILIPS-CTMFQSD",
    "UsePhilipsFloatNotDisplayScaling": 1,
    "dataset": "<unset>",
    "modality": "T1w",
    "session_id": "t1",
    "subject_id": "030"
  },
  "cjv": 0.43424680037247854,
  "cnr": 2.994986952170441,
  "efc": 0.7325604262455436,
  "fber": 11320.960000000001,
  "fwhm_avg": 4.123026666666667,
  "fwhm_x": 3.99119,
  "fwhm_y": 4.4329,
  "fwhm_z": 3.94499,
  "icvs_csf": 0.1965286210398829,
  "icvs_gm": 0.4137197890940405,
  "icvs_wm": 0.38975158986607666,
  "inu_med": 1.927572250366211,
  "inu_range": 0.7086446642875668,
  "provenance": {
    "md5sum": "af2b9dff4e7659e8a760b9ebd2fa8392",
    "settings": {
      "testing": false
    },
    "software": "mriqc",
    "version": "21.0.0rc2",
    "warnings": {
      "large_rot_frame": true,
      "small_air_mask": false
    },
    "webapi_port": null,
    "webapi_url": "https://mriqc.nimh.nih.gov/api/v1"
  },
  "qi_1": 0.0,
  "qi_2": 2.2705868958505968e-05,
  "rpve_csf": 25.876912130019814,
  "rpve_gm": 12.868666666666666,
  "rpve_wm": 16.225815509307825,
  "size_x": 180,
  "size_y": 240,
  "size_z": 240,
  "snr_csf": 3.547087574962354,
  "snr_gm": 11.936218598797302,
  "snr_total": 13.360726462348369,
  "snr_wm": 24.598873213285454,
  "snrd_csf": 53.818515981605614,
  "snrd_gm": 110.80736549946637,
  "snrd_total": 102.83477157717283,
  "snrd_wm": 143.8784332504465,
  "spacing_x": 1.0,
  "spacing_y": 1.0,
  "spacing_z": 1.0,
  "summary_bg_k": 3.815252921558524,
  "summary_bg_mad": 4.553402229491937,
  "summary_bg_mean": 7.81582873704108,
  "summary_bg_median": 3.071223132312298,
  "summary_bg_n": 421206.0,
  "summary_bg_p05": 0.0,
  "summary_bg_p95": 24.76478335261345,
  "summary_bg_stdv": 8.631906181342973,
  "summary_csf_k": 1.2291096249577755,
  "summary_csf_mad": 87.77947631298345,
  "summary_csf_mean": 397.7520653703795,
  "summary_csf_median": 374.05547768622637,
  "summary_csf_n": 25652.0,
  "summary_csf_p05": 268.83196070306,
  "summary_csf_p95": 606.9273154757914,
  "summary_csf_stdv": 105.45219951550108,
  "summary_gm_k": 0.16112800628643908,
  "summary_gm_mad": 62.95259272837265,
  "summary_gm_mean": 772.7649216077423,
  "summary_gm_median": 770.1457626074553,
  "summary_gm_n": 24869.0,
  "summary_gm_p05": 670.9598803058267,
  "summary_gm_p95": 883.2252733647823,
  "summary_gm_stdv": 64.52045696261894,
  "summary_wm_k": 0.7492764651082529,
  "summary_wm_mad": 36.8608751911252,
  "summary_wm_mean": 997.6993306652993,
  "summary_wm_median": 1000.0000017955899,
  "summary_wm_n": 210289.0,
  "summary_wm_p05": 924.8769089877605,
  "summary_wm_p95": 1059.523231074214,
  "summary_wm_stdv": 40.65217196909801,
  "tpm_overlap_csf": 0.16239798069000244,
  "tpm_overlap_gm": 0.4498206079006195,
  "tpm_overlap_wm": 0.5071799755096436,
  "wm2max": 0.5940287183767242
}