{
  "bids_meta": {
    "AcquisitionMatrixPE": 240,
    "AcquisitionNumber": 4,
    "AcquisitionTime": "08:57:3.140000",
    "BodyPartExamined": "BRAIN",
    "CoilString": "MULTI_COIL",
    "ConversionSoftware": "dcm2niix",
    "ConversionSoftwareVersion": "v1.0.20190410  (JP2:OpenJPEG) GCC6.3.0",
    "Dcm2bidsVersion": "2.1.4",
    "DeviceSerialNumber": "42451",
    "EchoTime": 0.0035,
    "EchoTrainLength": 240,
    "FlipAngle": 8,
    "ImageOrientationPatientDICOM": [
      4.02848e-05,
      0.999998,
      0.0021975,
      0.000535658,
      0.00219747,
      -0.999997
    ],
    "ImageType": [
      "ORIGINAL",
      "PRIMARY",
      "M",
      "FFE",
      "M",
      "FFE"
    ],
    "ImagingFrequency": 127.759,
    "InPlanePhaseEncodingDirectionDICOM": "ROW",
    "InstitutionAddress": "Calzada_Mexico_Xochimilco_No.101_Tlalpan",
    "InstitutionName": "I.N._Psiquiatria",
    "InstitutionalDepartmentName": "Imagenes_Cerebrales",
    "MRAcquisitionType": "3D",
    "MagneticFieldStrength": 3,
    "Manufacturer": "Philips",
    "ManufacturersModelName": "Ingenia",
    "Modality": "MR",
    "PatientPosition": "HFS",
    "PercentPhaseFOV": 100,
    "PhaseEncodingSteps": 240,
    "PhilipsRescaleIntercept": 0,
    "PhilipsRescaleSlope": 170.112,
    "PhilipsScaleSlope": 0.00585873,
    "PixelBandwidth": 310,
    "ProcedureStepDescription": "PROTOCOLO_EDUARDO_TMS",
    "ProtocolName": "WIP_sT1W_3D_TFE_32_channel",
    "ReconMatrixPE": 240,
    "RepetitionTime": 0.007,
    "SAR": 0.0382114,
    "ScanOptions": "OTHER",
    "ScanningSequence": "GR",
    "SequenceVariant": "MP",
    "SeriesDescription": "sT1W_3D_TFE_32_channel",
    "SeriesNumber": 401,
    "SliceThickness": 1,
    "SoftwareVersions": "5.3.1_5.3.1.0",
    "SpacingBetweenSlices": 1,
    "StationName": "PHILIPS-CTMFQSD",
    "UsePhilipsFloatNotDisplayScaling": 1,
    "dataset": "<unset>",
    "modality": "T1w",
    "session_id": "t0",
    "subject_id": "043"
  },
  "cjv": 0.6230906492080174,
  "cnr": 2.1155546476227487,
  "efc": 0.7431603266051015,
  "fber": 10426.21592854829,
  "fwhm_avg": 4.0182633333333335,
  "fwhm_x": 3.79124,
  "fwhm_y": 4.38254,
  "fwhm_z": 3.88101,
  "icvs_csf": 0.20786443416837055,
  "icvs_gm": 0.39676237546579307,
  "icvs_wm": 0.39537319036583635,
  "inu_med": 1.9107770919799805,
  "inu_range": 0.7376432776451107,
  "provenance": {
    "md5sum": "0bb8d8758d991956f832c99064e5d9d2",
    "settings": {
      "testing": false
    },
    "software": "mriqc",
    "version": "21.0.0rc2",
    "warnings": {
      "large_rot_frame": true,
      "small_air_mask": false
    },
    "webapi_port": null,
    "webapi_url": "https://mriqc.nimh.nih.gov/api/v1"
  },
  "qi_1": 5.5081750498030824e-05,
  "qi_2": 6.764205265283095e-05,
  "rpve_csf": 24.59951860678014,
  "rpve_gm": 13.169908356212057,
  "rpve_wm": 16.034846620032095,
  "size_x": 180,
  "size_y": 240,
  "size_z": 240,
  "snr_csf": 3.855396766787032,
  "snr_gm": 10.796352708335524,
  "snr_total": 12.473385276997623,
  "snr_wm": 22.768406355870315,
  "snrd_csf": 49.12162591655844,
  "snrd_gm": 106.62691811708896,
  "snrd_total": 95.5818665554853,
  "snrd_wm": 130.99705563280853,
  "spacing_x": 1.0,
  "spacing_y": 1.0,
  "spacing_z": 1.0,
  "summary_bg_k": 310.33254842187966,
  "summary_bg_mad": 5.001153563440589,
  "summary_bg_mean": 8.08741693119106,
  "summary_bg_median": 3.3732268176972866,
  "summary_bg_n": 440411.0,
  "summary_bg_p05": 0.0,
  "summary_bg_p95": 29.619703974574804,
  "summary_bg_stdv": 10.963432936702784,
  "summary_csf_k": 2.5948924567774725,
  "summary_csf_mad": 78.51126005072486,
  "summary_csf_mean": 394.06708877655956,
  "summary_csf_median": 374.9826798029244,
  "summary_csf_n": 30251.0,
  "summary_csf_p05": 275.19523716159165,
  "summary_csf_p95": 590.0605458710343,
  "summary_csf_stdv": 97.26015364386521,
  "summary_gm_k": -0.016532907920339568,
  "summary_gm_mad": 75.01730345160883,
  "summary_gm_mean": 814.6751079694376,
  "summary_gm_median": 813.9642519690096,
  "summary_gm_n": 19211.0,
  "summary_gm_p05": 691.6039148010314,
  "summary_gm_p95": 942.2161839213222,
  "summary_gm_stdv": 75.39055909282406,
  "summary_wm_k": 0.552983364644954,
  "summary_wm_mad": 40.89984489553468,
  "summary_wm_mean": 1001.5802642610414,
  "summary_wm_median": 1000.0000213943422,
  "summary_wm_n": 226480.0,
  "summary_wm_p05": 931.2878532037139,
  "summary_wm_p95": 1076.0593548454344,
  "summary_wm_stdv": 43.92041314009543,
  "tpm_overlap_csf": 0.19239376485347748,
  "tpm_overlap_gm": 0.4403117299079895,
  "tpm_overlap_wm": 0.5141317248344421,
  "wm2max": 0.5667260252448542
}