{
  "bids_meta": {
    "AcquisitionMatrixPE": 240,
    "AcquisitionNumber": 7,
    "AcquisitionTime": "08:21:56.470000",
    "BodyPartExamined": "BRAIN",
    "CoilString": "MULTI_COIL",
    "ConversionSoftware": "dcm2niix",
    "ConversionSoftwareVersion": "v1.0.20190410  (JP2:OpenJPEG) GCC6.3.0",
    "Dcm2bidsVersion": "2.1.4",
    "DeviceSerialNumber": "42451",
    "EchoTime": 0.0035,
    "EchoTrainLength": 240,
    "FlipAngle": 8,
    "ImageOrientationPatientDICOM": [
      -0.0042116,
      0.999797,
      -0.019698,
      -0.00362181,
      -0.0197133,
      -0.999799
    ],
    "ImageType": [
      "ORIGINAL",
      "PRIMARY",
      "M",
      "FFE",
      "M",
      "FFE"
    ],
    "ImagingFrequency": 127.76,
    "InPlanePhaseEncodingDirectionDICOM": "ROW",
    "InstitutionAddress": "Calzada_Mexico_Xochimilco_No.101_Tlalpan",
    "InstitutionName": "I.N._Psiquiatria",
    "InstitutionalDepartmentName": "Imagenes_Cerebrales",
    "MRAcquisitionType": "3D",
    "MagneticFieldStrength": 3,
    "Manufacturer": "Philips",
    "ManufacturersModelName": "Ingenia",
    "Modality": "MR",
    "PatientPosition": "HFS",
    "PercentPhaseFOV": 100,
    "PhaseEncodingSteps": 240,
    "PhilipsRescaleIntercept": 0,
    "PhilipsRescaleSlope": 10.8713,
    "PhilipsScaleSlope": 0.0055008,
    "PixelBandwidth": 310,
    "ProcedureStepDescription": "EDUARDO_TMS",
    "ProtocolName": "WIP_sT1W_3D_TFE_32_channel",
    "ReconMatrixPE": 240,
    "RepetitionTime": 0.007,
    "SAR": 0.0382114,
    "ScanOptions": "OTHER",
    "ScanningSequence": "GR",
    "SequenceVariant": "MP",
    "SeriesDescription": "sT1W_3D_TFE_32_channel",
    "SeriesNumber": 701,
    "SliceThickness": 1,
    "SoftwareVersions": "5.3.1_5.3.1.1",
    "SpacingBetweenSlices": 1,
    "StationName": "PHILIPS-CTMFQSD",
    "UsePhilipsFloatNotDisplayScaling": 1,
    "dataset": "<unset>",
    "modality": "T1w",
    "session_id": "t0",
    "subject_id": "019"
  },
  "cjv": 0.5734441950232935,
  "cnr": 2.213286769203939,
  "efc": 0.7437358718740659,
  "fber": 11624.279272836764,
  "fwhm_avg": 4.05651,
  "fwhm_x": 3.96471,
  "fwhm_y": 4.27746,
  "fwhm_z": 3.92736,
  "icvs_csf": 0.20619824141625764,
  "icvs_gm": 0.4048536481640103,
  "icvs_wm": 0.38894811041973204,
  "inu_med": 2.046982765197754,
  "inu_range": 0.8923216521739956,
  "provenance": {
    "md5sum": "c92ef8b57cd63694a4df75a4ae205030",
    "settings": {
      "testing": false
    },
    "software": "mriqc",
    "version": "21.0.0rc2",
    "warnings": {
      "large_rot_frame": true,
      "small_air_mask": false
    },
    "webapi_port": null,
    "webapi_url": "https://mriqc.nimh.nih.gov/api/v1"
  },
  "qi_1": 0.0,
  "qi_2": 6.492974219957411e-05,
  "rpve_csf": 24.39281278149149,
  "rpve_gm": 12.772934821497822,
  "rpve_wm": 15.91195532800198,
  "size_x": 180,
  "size_y": 240,
  "size_z": 240,
  "snr_csf": 3.7263106943042534,
  "snr_gm": 9.793344575218399,
  "snr_total": 11.302092963880833,
  "snr_wm": 20.38662362211985,
  "snrd_csf": 55.72087197029756,
  "snrd_gm": 113.6129703988072,
  "snrd_total": 104.38616717521575,
  "snrd_wm": 143.82465915654248,
  "spacing_x": 1.0,
  "spacing_y": 1.0,
  "spacing_z": 1.0,
  "summary_bg_k": 8.26249823975871,
  "summary_bg_mad": 4.5551046329442375,
  "summary_bg_mean": 8.099595259184916,
  "summary_bg_median": 3.0723713859915733,
  "summary_bg_n": 488889.0,
  "summary_bg_p05": 0.0,
  "summary_bg_p95": 27.9547865614295,
  "summary_bg_stdv": 9.78161534752337,
  "summary_csf_k": 2.120368753204958,
  "summary_csf_mad": 85.36603497295498,
  "summary_csf_mean": 402.8407531112538,
  "summary_csf_median": 387.4222387224436,
  "summary_csf_n": 29207.0,
  "summary_csf_p05": 266.0825342312455,
  "summary_csf_p95": 608.105744411796,
  "summary_csf_stdv": 103.96760713092151,
  "summary_gm_k": 0.586623464174826,
  "summary_gm_mad": 74.17509889942531,
  "summary_gm_mean": 798.015140027025,
  "summary_gm_median": 789.9408207982779,
  "summary_gm_n": 17863.0,
  "summary_gm_p05": 679.794410084933,
  "summary_gm_p95": 947.731746301055,
  "summary_gm_stdv": 80.65872729497573,
  "summary_wm_k": 0.4477587891257646,
  "summary_wm_mad": 46.282112505100095,
  "summary_wm_mean": 1001.5263840739658,
  "summary_wm_median": 999.9999903738499,
  "summary_wm_n": 219253.0,
  "summary_wm_p05": 923.1907057240605,
  "summary_wm_p95": 1084.6381324812767,
  "summary_wm_stdv": 49.051658991523716,
  "tpm_overlap_csf": 0.17032860219478607,
  "tpm_overlap_gm": 0.4408108592033386,
  "tpm_overlap_wm": 0.4990154504776001,
  "wm2max": 0.6188296598831068
}