{
  "bids_meta": {
    "AcquisitionMatrixPE": 240,
    "AcquisitionNumber": 4,
    "AcquisitionTime": "13:53:10.720000",
    "BodyPartExamined": "BRAIN",
    "CoilString": "MULTI_COIL",
    "ConversionSoftware": "dcm2niix",
    "ConversionSoftwareVersion": "v1.0.20190410  (JP2:OpenJPEG) GCC6.3.0",
    "Dcm2bidsVersion": "2.1.4",
    "DeviceSerialNumber": "42451",
    "EchoTime": 0.0035,
    "EchoTrainLength": 240,
    "FlipAngle": 8,
    "ImageOrientationPatientDICOM": [
      0.0170633,
      0.999852,
      0.0024145,
      -0.0617948,
      0.00346481,
      -0.998083
    ],
    "ImageType": [
      "ORIGINAL",
      "PRIMARY",
      "M",
      "FFE",
      "M",
      "FFE"
    ],
    "ImagingFrequency": 127.76,
    "InPlanePhaseEncodingDirectionDICOM": "ROW",
    "InstitutionAddress": "Calzada_Mexico_Xochimilco_No.101_Tlalpan",
    "InstitutionName": "I.N._Psiquiatria",
    "InstitutionalDepartmentName": "Imagenes_Cerebrales",
    "MRAcquisitionType": "3D",
    "MagneticFieldStrength": 3,
    "Manufacturer": "Philips",
    "ManufacturersModelName": "Ingenia",
    "Modality": "MR",
    "PatientPosition": "HFS",
    "PercentPhaseFOV": 100,
    "PhaseEncodingSteps": 240,
    "PhilipsRescaleIntercept": 0,
    "PhilipsRescaleSlope": 14.36,
    "PhilipsScaleSlope": 0.00588429,
    "PixelBandwidth": 310,
    "ProcedureStepDescription": "EDUARDO_TMS",
    "ProtocolName": "WIP_sT1W_3D_TFE_32_channel",
    "ReconMatrixPE": 240,
    "RepetitionTime": 0.007,
    "SAR": 0.0382114,
    "ScanOptions": "OTHER",
    "ScanningSequence": "GR",
    "SequenceVariant": "MP",
    "SeriesDescription": "sT1W_3D_TFE_32_channel",
    "SeriesNumber": 401,
    "SliceThickness": 1,
    "SoftwareVersions": "5.3.1_5.3.1.0",
    "SpacingBetweenSlices": 1,
    "StationName": "PHILIPS-CTMFQSD",
    "UsePhilipsFloatNotDisplayScaling": 1,
    "dataset": "<unset>",
    "modality": "T1w",
    "session_id": "t1",
    "subject_id": "024"
  },
  "cjv": 0.7176567342496794,
  "cnr": 1.8729143787653062,
  "efc": 0.7372063485571573,
  "fber": 9031.590798222462,
  "fwhm_avg": 4.053663333333334,
  "fwhm_x": 3.98965,
  "fwhm_y": 4.27453,
  "fwhm_z": 3.89681,
  "icvs_csf": 0.20758250622273663,
  "icvs_gm": 0.4111333475395746,
  "icvs_wm": 0.38128414623768875,
  "inu_med": 2.026397943496704,
  "inu_range": 0.9031722545623779,
  "provenance": {
    "md5sum": "273822e4563e919931ca07294eef42a7",
    "settings": {
      "testing": false
    },
    "software": "mriqc",
    "version": "21.0.0rc2",
    "warnings": {
      "large_rot_frame": true,
      "small_air_mask": false
    },
    "webapi_port": null,
    "webapi_url": "https://mriqc.nimh.nih.gov/api/v1"
  },
  "qi_1": 0.00010008494050872122,
  "qi_2": 4.621169589783661e-05,
  "rpve_csf": 25.60806408292382,
  "rpve_gm": 13.266028283258404,
  "rpve_wm": 16.781218703003532,
  "size_x": 180,
  "size_y": 240,
  "size_z": 240,
  "snr_csf": 3.6595794145526477,
  "snr_gm": 9.941009563529235,
  "snr_total": 10.929953501198526,
  "snr_wm": 19.18927152551369,
  "snrd_csf": 45.77525400042276,
  "snrd_gm": 94.32534174967746,
  "snrd_total": 85.19309780232304,
  "snrd_wm": 115.47869765686887,
  "spacing_x": 1.0,
  "spacing_y": 1.0,
  "spacing_z": 1.0,
  "summary_bg_k": 5.51845490603494,
  "summary_bg_mad": 5.673339634271474,
  "summary_bg_mean": 9.09651390649525,
  "summary_bg_median": 6.994877457618713,
  "summary_bg_n": 440689.0,
  "summary_bg_p05": 0.0,
  "summary_bg_p95": 28.720143914222717,
  "summary_bg_stdv": 9.951352318229015,
  "summary_csf_k": 1.882234792398764,
  "summary_csf_mad": 90.04139032456662,
  "summary_csf_mean": 416.4458743383399,
  "summary_csf_median": 396.4038201570511,
  "summary_csf_n": 25942.0,
  "summary_csf_p05": 282.55396026670934,
  "summary_csf_p95": 631.509880775213,
  "summary_csf_stdv": 108.31741437642253,
  "summary_gm_k": -0.004641431428877407,
  "summary_gm_mad": 82.04991191500143,
  "summary_gm_mean": 824.5903176063624,
  "summary_gm_median": 816.8371016979218,
  "summary_gm_n": 19671.0,
  "summary_gm_p05": 703.4583673775196,
  "summary_gm_p95": 972.5348446369171,
  "summary_gm_stdv": 82.16633670291756,
  "summary_wm_k": 0.3958558098383955,
  "summary_wm_mad": 49.4129581049451,
  "summary_wm_mean": 1001.0022857029224,
  "summary_wm_median": 1000.0205984115601,
  "summary_wm_n": 201648.0,
  "summary_wm_p05": 916.3700932860374,
  "summary_wm_p95": 1088.4440787434578,
  "summary_wm_stdv": 52.1133966685212,
  "tpm_overlap_csf": 0.1704714000225067,
  "tpm_overlap_gm": 0.4438762366771698,
  "tpm_overlap_wm": 0.513570249080658,
  "wm2max": 0.5436041960231721
}