{
  "bids_meta": {
    "AcquisitionMatrixPE": 240,
    "AcquisitionNumber": 5,
    "AcquisitionTime": "10:04:40.550000",
    "BodyPartExamined": "BRAIN",
    "CoilString": "MULTI_COIL",
    "ConversionSoftware": "dcm2niix",
    "ConversionSoftwareVersion": "v1.0.20190410  (JP2:OpenJPEG) GCC6.3.0",
    "Dcm2bidsVersion": "2.1.4",
    "DeviceSerialNumber": "42451",
    "EchoTime": 0.0035,
    "EchoTrainLength": 240,
    "FlipAngle": 8,
    "ImageOrientationPatientDICOM": [
      -0.0042116,
      0.999991,
      0.000990204,
      -0.00362181,
      0.000974953,
      -0.999993
    ],
    "ImageType": [
      "ORIGINAL",
      "PRIMARY",
      "M",
      "FFE",
      "M",
      "FFE"
    ],
    "ImagingFrequency": 127.759,
    "InPlanePhaseEncodingDirectionDICOM": "ROW",
    "InstitutionAddress": "Calzada_Mexico_Xochimilco_No.101_Tlalpan",
    "InstitutionName": "I.N._Psiquiatria",
    "InstitutionalDepartmentName": "Imagenes_Cerebrales",
    "MRAcquisitionType": "3D",
    "MagneticFieldStrength": 3,
    "Manufacturer": "Philips",
    "ManufacturersModelName": "Ingenia",
    "Modality": "MR",
    "PatientPosition": "HFS",
    "PercentPhaseFOV": 100,
    "PhaseEncodingSteps": 240,
    "PhilipsRescaleIntercept": 0,
    "PhilipsRescaleSlope": 106.188,
    "PhilipsScaleSlope": 0.00607587,
    "PixelBandwidth": 310,
    "ProcedureStepDescription": "EDUARDO_TMS",
    "ProtocolName": "WIP_sT1W_3D_TFE_32_channel",
    "ReconMatrixPE": 240,
    "RepetitionTime": 0.007,
    "SAR": 0.0382114,
    "ScanOptions": "OTHER",
    "ScanningSequence": "GR",
    "SequenceVariant": "MP",
    "SeriesDescription": "sT1W_3D_TFE_32_channel",
    "SeriesNumber": 501,
    "SliceThickness": 1,
    "SoftwareVersions": "5.3.1_5.3.1.0",
    "SpacingBetweenSlices": 1,
    "StationName": "PHILIPS-CTMFQSD",
    "UsePhilipsFloatNotDisplayScaling": 1,
    "dataset": "<unset>",
    "modality": "T1w",
    "session_id": "t0",
    "subject_id": "026"
  },
  "cjv": 0.4919094232377054,
  "cnr": 2.5474721977958374,
  "efc": 0.7273051396845417,
  "fber": 11464.382408835023,
  "fwhm_avg": 4.069653333333333,
  "fwhm_x": 4.02682,
  "fwhm_y": 4.30971,
  "fwhm_z": 3.87243,
  "icvs_csf": 0.2010426135068157,
  "icvs_gm": 0.3987520495359013,
  "icvs_wm": 0.400205336957283,
  "inu_med": 1.77841055393219,
  "inu_range": 0.6597424745559692,
  "provenance": {
    "md5sum": "c6bbe98577ab9adb0ec9942e8c101d2d",
    "settings": {
      "testing": false
    },
    "software": "mriqc",
    "version": "21.0.0rc2",
    "warnings": {
      "large_rot_frame": true,
      "small_air_mask": false
    },
    "webapi_port": null,
    "webapi_url": "https://mriqc.nimh.nih.gov/api/v1"
  },
  "qi_1": 0.0,
  "qi_2": 9.227967881288377e-05,
  "rpve_csf": 29.118030228494852,
  "rpve_gm": 15.213767534235986,
  "rpve_wm": 18.62288008445317,
  "size_x": 180,
  "size_y": 240,
  "size_z": 240,
  "snr_csf": 3.435138977401647,
  "snr_gm": 10.581981919491776,
  "snr_total": 13.005526690863606,
  "snr_wm": 24.999459175697396,
  "snrd_csf": 30.728473721530495,
  "snrd_gm": 60.521674092030736,
  "snrd_total": 56.145317725808944,
  "snrd_wm": 77.18580536386558,
  "spacing_x": 1.0,
  "spacing_y": 1.0,
  "spacing_z": 1.0,
  "summary_bg_k": 205.96410344610538,
  "summary_bg_mad": 8.487783523618376,
  "summary_bg_mean": 9.395622098537315,
  "summary_bg_median": 5.795167442411184,
  "summary_bg_n": 359421.0,
  "summary_bg_p05": 0.0,
  "summary_bg_p95": 26.83338136970997,
  "summary_bg_stdv": 9.600975163955736,
  "summary_csf_k": 0.870589180190243,
  "summary_csf_mad": 102.37412519897991,
  "summary_csf_mean": 424.6032788011343,
  "summary_csf_median": 398.1104421801865,
  "summary_csf_n": 16233.0,
  "summary_csf_p05": 270.6378317832947,
  "summary_csf_p95": 630.56338885203,
  "summary_csf_stdv": 115.8899777359374,
  "summary_gm_k": 0.28444934338342254,
  "summary_gm_mad": 70.1153405800745,
  "summary_gm_mean": 789.0917347075258,
  "summary_gm_median": 784.1037160716951,
  "summary_gm_n": 17126.0,
  "summary_gm_p05": 674.9174931226298,
  "summary_gm_p95": 922.5204123780131,
  "summary_gm_stdv": 74.09583852065256,
  "summary_wm_k": 0.848489548792041,
  "summary_wm_mad": 36.08609804826708,
  "summary_wm_mean": 998.4105638369058,
  "summary_wm_median": 1000.0000449717045,
  "summary_wm_n": 201189.0,
  "summary_wm_p05": 929.383295518905,
  "summary_wm_p95": 1060.726375322789,
  "summary_wm_stdv": 40.00076772521911,
  "tpm_overlap_csf": 0.15575739741325378,
  "tpm_overlap_gm": 0.4381677508354187,
  "tpm_overlap_wm": 0.5047398209571838,
  "wm2max": 0.7378077126482352
}