{
  "bids_meta": {
    "AcquisitionMatrixPE": 240,
    "AcquisitionTime": "10:38:51.190000",
    "CoilString": "MULTI_COIL",
    "ConversionSoftware": "dcm2niix",
    "ConversionSoftwareVersion": "v1.0.20190410  (JP2:OpenJPEG) GCC6.3.0",
    "Dcm2bidsVersion": "2.1.4",
    "DeviceSerialNumber": "42451",
    "EchoTime": 0.003501,
    "EchoTrainLength": 240,
    "FlipAngle": 8,
    "ImageOrientationPatientDICOM": [
      -0.0042116,
      0.999967,
      -0.00688377,
      -0.00362181,
      -0.00689904,
      -0.99997
    ],
    "ImageType": [
      "ORIGINAL",
      "PRIMARY",
      "M",
      "FFE",
      "M",
      "FFE"
    ],
    "ImagingFrequency": 127.766,
    "InPlanePhaseEncodingDirectionDICOM": "ROW",
    "InstitutionAddress": "Calzada_Mexico_Xochimilco_No.101_Tlalpan",
    "InstitutionName": "I.N._Psiquiatria",
    "InstitutionalDepartmentName": "Imagenes_Cerebrales",
    "MRAcquisitionType": "3D",
    "MagneticFieldStrength": 3,
    "Manufacturer": "Philips",
    "ManufacturersModelName": "Ingenia",
    "Modality": "MR",
    "PatientPosition": "HFS",
    "PercentPhaseFOV": 100,
    "PhaseEncodingSteps": 240,
    "PhilipsRescaleIntercept": 0,
    "PhilipsRescaleSlope": 10.0044,
    "PhilipsScaleSlope": 0.00519071,
    "PixelBandwidth": 310,
    "ProcedureStepDescription": "EDUARDO_TMS",
    "ProtocolName": "WIP_sT1W_3D_TFE_32_channel_SENSE",
    "ReconMatrixPE": 240,
    "RepetitionTime": 0.007,
    "SAR": 0.0382114,
    "ScanOptions": "OTHER",
    "ScanningSequence": "GR",
    "SequenceVariant": "MP",
    "SeriesDescription": "sT1W_3D_TFE_32_channel",
    "SeriesNumber": 401,
    "SliceThickness": 1,
    "SoftwareVersions": "2.6.3_5.1.7.2",
    "SpacingBetweenSlices": 1,
    "StationName": "INGENIA",
    "UsePhilipsFloatNotDisplayScaling": 1,
    "dataset": "<unset>",
    "modality": "T1w",
    "session_id": "t1",
    "subject_id": "007"
  },
  "cjv": 0.5050086906463827,
  "cnr": 2.615193369542392,
  "efc": 0.8191191638571362,
  "fber": 567.005003340447,
  "fwhm_avg": 3.95608,
  "fwhm_x": 3.73557,
  "fwhm_y": 4.28971,
  "fwhm_z": 3.84296,
  "icvs_csf": 0.20249851881713368,
  "icvs_gm": 0.4024089803298793,
  "icvs_wm": 0.39509250085298697,
  "inu_med": 1.339876651763916,
  "inu_range": 0.466947215795517,
  "provenance": {
    "md5sum": "e7bc401d5a91b48764714127e986b841",
    "settings": {
      "testing": false
    },
    "software": "mriqc",
    "version": "21.0.0rc2",
    "warnings": {
      "large_rot_frame": true,
      "small_air_mask": true
    },
    "webapi_port": null,
    "webapi_url": "https://mriqc.nimh.nih.gov/api/v1"
  },
  "qi_1": 0.0,
  "qi_2": 0.00021081735810935315,
  "rpve_csf": 26.199574301237888,
  "rpve_gm": 13.68825029037016,
  "rpve_wm": 16.953427125812805,
  "size_x": 180,
  "size_y": 240,
  "size_z": 240,
  "snr_csf": 3.048300891260548,
  "snr_gm": 10.729416645858551,
  "snr_total": 12.633737100840014,
  "snr_wm": 24.123493765400937,
  "snrd_csf": 16.721879119817903,
  "snrd_gm": 36.351824588172164,
  "snrd_total": 33.23675009436011,
  "snrd_wm": 46.63654657509028,
  "spacing_x": 1.0,
  "spacing_y": 1.0,
  "spacing_z": 1.0,
  "summary_bg_k": 1.5932760968312634,
  "summary_bg_mad": 14.047703068517173,
  "summary_bg_mean": 16.699313978004316,
  "summary_bg_median": 19.206145405769348,
  "summary_bg_n": 55262.0,
  "summary_bg_p05": 0.0,
  "summary_bg_p95": 38.71105307340622,
  "summary_bg_stdv": 10.72396010913536,
  "summary_csf_k": 0.8566121869633703,
  "summary_csf_mad": 97.19491852811882,
  "summary_csf_mean": 389.54814583736743,
  "summary_csf_median": 358.55739456415176,
  "summary_csf_n": 25864.0,
  "summary_csf_p05": 252.49679160118103,
  "summary_csf_p95": 621.967544788122,
  "summary_csf_stdv": 117.62305484115487,
  "summary_gm_k": 0.0024108210668960517,
  "summary_gm_mad": 73.52896831358989,
  "summary_gm_mean": 781.7439512126317,
  "summary_gm_median": 779.470741212368,
  "summary_gm_n": 25460.0,
  "summary_gm_p05": 667.0913164108991,
  "summary_gm_p95": 903.1156373023987,
  "summary_gm_stdv": 72.64658080089856,
  "summary_wm_k": 1.0512480440715413,
  "summary_wm_mad": 37.84020916654626,
  "summary_wm_mean": 1000.8512919359443,
  "summary_wm_median": 999.9999707937241,
  "summary_wm_n": 209898.0,
  "summary_wm_p05": 934.6137157678604,
  "summary_wm_p95": 1069.1847745776176,
  "summary_wm_stdv": 41.45326536887435,
  "tpm_overlap_csf": 0.17254728078842163,
  "tpm_overlap_gm": 0.44416797161102295,
  "tpm_overlap_wm": 0.4963877499103546,
  "wm2max": 0.5804245970665919
}