{
  "aor": 0.004619766666666668,
  "aqi": 0.0074039437,
  "bids_meta": {
    "AcquisitionMatrixPE": 70,
    "AcquisitionNumber": 4,
    "AcquisitionTime": "11:01:42.210000",
    "CoilString": "MULTI_COIL",
    "ConversionSoftware": "dcm2niix",
    "ConversionSoftwareVersion": "v1.0.20190410  (JP2:OpenJPEG) GCC6.3.0",
    "Dcm2bidsVersion": "2.1.4",
    "DeviceSerialNumber": "42451",
    "EchoTime": 0.03,
    "EchoTrainLength": 35,
    "EffectiveEchoSpacing": 0.000698,
    "FlipAngle": 75,
    "ImageOrientationPatientDICOM": [
      0.999985,
      0.00409478,
      -0.00375338,
      -0.0042116,
      0.99949,
      -0.0316631
    ],
    "ImageType": [
      "ORIGINAL",
      "PRIMARY",
      "M",
      "FFE",
      "M",
      "FFE"
    ],
    "ImagingFrequency": 127.766,
    "InPlanePhaseEncodingDirectionDICOM": "COL",
    "InstitutionAddress": "Calzada_Mexico_Xochimilco_No.101_Tlalpan",
    "InstitutionName": "I.N._Psiquiatria",
    "InstitutionalDepartmentName": "Imagenes_Cerebrales",
    "MRAcquisitionType": "2D",
    "MagneticFieldStrength": 3,
    "Manufacturer": "Philips",
    "ManufacturersModelName": "Ingenia",
    "Modality": "MR",
    "PartialFourier": 0.5,
    "PatientPosition": "HFS",
    "PercentPhaseFOV": 100,
    "PhaseEncodingAxis": "j",
    "PhaseEncodingDirection": "j-",
    "PhaseEncodingSteps": 70,
    "PhilipsRescaleIntercept": 0,
    "PhilipsRescaleSlope": 0.915995,
    "PhilipsScaleSlope": 0.0595771,
    "PixelBandwidth": 1819,
    "ProcedureStepDescription": "EDUARDO_TMS",
    "ProtocolName": "WIP_FE_EPI_32chSHC_AP_SENSE",
    "ReconMatrixPE": 80,
    "RepetitionTime": 2,
    "SAR": 0.119138,
    "ScanOptions": "FS",
    "ScanningSequence": "GR",
    "SequenceVariant": "SK",
    "SeriesDescription": "FE_EPI_32chSHC_AP",
    "SeriesNumber": 401,
    "SliceThickness": 3.33,
    "SliceTiming": [
      0.0,
      1.027027,
      0.054054,
      1.081081,
      0.108108,
      1.135135,
      0.162162,
      1.189189,
      0.216216,
      1.243244,
      0.27027,
      1.297298,
      0.324324,
      1.351352,
      0.378378,
      1.405406,
      0.432432,
      1.45946,
      0.486486,
      1.513514,
      0.540541,
      1.567568,
      0.594595,
      1.621622,
      0.648649,
      1.675676,
      0.702703,
      1.72973,
      0.756757,
      1.783784,
      0.810811,
      1.837838,
      0.864865,
      1.891892,
      0.918919,
      1.945947,
      0.972973
    ],
    "SoftwareVersions": "5.1.7_5.1.7.2",
    "SpacingBetweenSlices": 3.33,
    "StationName": "INGENIA",
    "TaskName": "rest",
    "TotalReadoutTime": 0.04884,
    "UsePhilipsFloatNotDisplayScaling": 1,
    "dataset": "<unset>",
    "modality": "bold",
    "session_id": "t14",
    "subject_id": "006",
    "task_id": "rest"
  },
  "dummy_trs": 0,
  "dvars_nstd": 24.349402998394645,
  "dvars_std": 1.3094066878260875,
  "dvars_vstd": 0.9977896903344476,
  "efc": 0.3910700127259312,
  "fber": 210696.765625,
  "fd_mean": 0.1107334043561828,
  "fd_num": 1,
  "fd_perc": 0.3333333333333333,
  "fwhm_avg": 1.9136693630072745,
  "fwhm_x": 1.8622166666666666,
  "fwhm_y": 2.09041,
  "fwhm_z": 1.7883814223551575,
  "gcor": 0.183391,
  "gsr_x": -0.02774021029472351,
  "gsr_y": 0.019804293289780617,
  "provenance": {
    "md5sum": "f985ee0f2645433ae275e5bc1bb05894",
    "settings": {
      "fd_thres": 0.5,
      "testing": false
    },
    "software": "mriqc",
    "version": "22.0.0rc1",
    "webapi_port": null,
    "webapi_url": "https://mriqc.nimh.nih.gov/api/v1"
  },
  "size_t": 300,
  "size_x": 80,
  "size_y": 80,
  "size_z": 37,
  "snr": 4.562792589238383,
  "spacing_tr": 2.0000016689300537,
  "spacing_x": 3.0,
  "spacing_y": 3.0,
  "spacing_z": 3.3299999237060547,
  "summary_bg_k": 118.6141270482804,
  "summary_bg_mad": 58.290557195845736,
  "summary_bg_mean": 601.0067138671875,
  "summary_bg_median": 49.35017013549805,
  "summary_bg_n": 169348.0,
  "summary_bg_p05": 4.1188102006912235,
  "summary_bg_p95": 2981.264880371092,
  "summary_bg_stdv": 1790.5487060546875,
  "summary_fg_k": 1.6130516966918043,
  "summary_fg_mad": 4487.308448805368,
  "summary_fg_mean": 23766.12109375,
  "summary_fg_median": 23478.79296875,
  "summary_fg_n": 27942.0,
  "summary_fg_p05": 15927.116357421875,
  "summary_fg_p95": 32608.079296875,
  "summary_fg_stdv": 5145.61474609375,
  "tsnr": 47.092994689941406
}