{
  "bids_meta": {
    "AcquisitionMatrixPE": 240,
    "AcquisitionNumber": 4,
    "AcquisitionTime": "09:29:17.650000",
    "BodyPartExamined": "BRAIN",
    "CoilString": "MULTI_COIL",
    "ConversionSoftware": "dcm2niix",
    "ConversionSoftwareVersion": "v1.0.20190410  (JP2:OpenJPEG) GCC6.3.0",
    "Dcm2bidsVersion": "2.1.4",
    "DeviceSerialNumber": "42451",
    "EchoTime": 0.0035,
    "EchoTrainLength": 240,
    "FlipAngle": 8,
    "ImageOrientationPatientDICOM": [
      0.000110351,
      0.999997,
      -0.00222534,
      0.00053224,
      -0.0022254,
      -0.999997
    ],
    "ImageType": [
      "ORIGINAL",
      "PRIMARY",
      "M",
      "FFE",
      "M",
      "FFE"
    ],
    "ImagingFrequency": 127.759,
    "InPlanePhaseEncodingDirectionDICOM": "ROW",
    "InstitutionAddress": "Calzada_Mexico_Xochimilco_No.101_Tlalpan",
    "InstitutionName": "I.N._Psiquiatria",
    "InstitutionalDepartmentName": "Imagenes_Cerebrales",
    "MRAcquisitionType": "3D",
    "MagneticFieldStrength": 3,
    "Manufacturer": "Philips",
    "ManufacturersModelName": "Ingenia",
    "Modality": "MR",
    "PatientPosition": "HFS",
    "PercentPhaseFOV": 100,
    "PhaseEncodingSteps": 240,
    "PhilipsRescaleIntercept": 0,
    "PhilipsRescaleSlope": 3.74725,
    "PhilipsScaleSlope": 0.00589403,
    "PixelBandwidth": 310,
    "ProcedureStepDescription": "PROTOCOLO_TMS",
    "ProtocolName": "WIP_sT1W_3D_TFE_32_channel",
    "ReconMatrixPE": 240,
    "RepetitionTime": 0.007,
    "SAR": 0.0382114,
    "ScanOptions": "OTHER",
    "ScanningSequence": "GR",
    "SequenceVariant": "MP",
    "SeriesDescription": "sT1W_3D_TFE_32_channel",
    "SeriesNumber": 401,
    "SliceThickness": 1,
    "SoftwareVersions": "5.3.1_5.3.1.0",
    "SpacingBetweenSlices": 1,
    "StationName": "PHILIPS-CTMFQSD",
    "UsePhilipsFloatNotDisplayScaling": 1,
    "dataset": "<unset>",
    "modality": "T1w",
    "session_id": "t2",
    "subject_id": "054"
  },
  "cjv": 0.5340754606774808,
  "cnr": 2.4361947110888242,
  "efc": 0.6686249228671423,
  "fber": 58268.9440040479,
  "fwhm_avg": 4.33417,
  "fwhm_x": 4.25086,
  "fwhm_y": 4.56624,
  "fwhm_z": 4.18541,
  "icvs_csf": 0.2100393471695014,
  "icvs_gm": 0.3858873439697671,
  "icvs_wm": 0.4040733088607315,
  "inu_med": 1.869520664215088,
  "inu_range": 0.6846895515918732,
  "provenance": {
    "md5sum": "1e98028a9e199901c614bdd70e181263",
    "settings": {
      "testing": false
    },
    "software": "mriqc",
    "version": "21.0.0rc2",
    "warnings": {
      "large_rot_frame": true,
      "small_air_mask": false
    },
    "webapi_port": null,
    "webapi_url": "https://mriqc.nimh.nih.gov/api/v1"
  },
  "qi_1": 0.013063489425654438,
  "qi_2": 5.813310806317585e-05,
  "rpve_csf": 28.90840457359685,
  "rpve_gm": 15.751974777043785,
  "rpve_wm": 18.550323143097994,
  "size_x": 180,
  "size_y": 240,
  "size_z": 240,
  "snr_csf": 3.1535215807882375,
  "snr_gm": 12.341070080020687,
  "snr_total": 13.64107322256047,
  "snr_wm": 25.428628006872486,
  "snrd_csf": 64.0817232591894,
  "snrd_gm": 136.5737547971446,
  "snrd_total": 122.93062422256874,
  "snrd_wm": 168.13639461137222,
  "spacing_x": 1.0,
  "spacing_y": 1.0,
  "spacing_z": 1.0,
  "summary_bg_k": 6.607516169952461,
  "summary_bg_mad": 3.8964580744879607,
  "summary_bg_mean": 5.806239239452683,
  "summary_bg_median": 2.62812103331089,
  "summary_bg_n": 586084.0,
  "summary_bg_p05": 0.0,
  "summary_bg_p95": 21.820320684462786,
  "summary_bg_stdv": 7.683811559357559,
  "summary_csf_k": 9.73088510388607,
  "summary_csf_mad": 104.07644593698106,
  "summary_csf_mean": 411.52599572197005,
  "summary_csf_median": 381.12942063994706,
  "summary_csf_n": 24040.0,
  "summary_csf_p05": 270.17602930534633,
  "summary_csf_p95": 625.496263981983,
  "summary_csf_stdv": 120.85583808740722,
  "summary_gm_k": 0.09083114759506072,
  "summary_gm_mad": 64.11211608088415,
  "summary_gm_mean": 812.9502031371542,
  "summary_gm_median": 812.279592262581,
  "summary_gm_n": 15586.0,
  "summary_gm_p05": 704.6303715165704,
  "summary_gm_p95": 923.3263510549441,
  "summary_gm_stdv": 65.81710731647878,
  "summary_wm_k": 0.7766285163088829,
  "summary_wm_mad": 36.1447755593949,
  "summary_wm_mean": 999.575723452597,
  "summary_wm_median": 1000.0000531747937,
  "summary_wm_n": 198459.0,
  "summary_wm_p05": 934.0203830227256,
  "summary_wm_p95": 1062.7637331150472,
  "summary_wm_stdv": 39.325658210468575,
  "tpm_overlap_csf": 0.14882731437683105,
  "tpm_overlap_gm": 0.40977948904037476,
  "tpm_overlap_wm": 0.48329582810401917,
  "wm2max": 0.6562280089837141
}