{
  "bids_meta": {
    "AcquisitionMatrixPE": 240,
    "AcquisitionNumber": 4,
    "AcquisitionTime": "08:45:52.840000",
    "BodyPartExamined": "BRAIN",
    "CoilString": "MULTI_COIL",
    "ConversionSoftware": "dcm2niix",
    "ConversionSoftwareVersion": "v1.0.20190410  (JP2:OpenJPEG) GCC6.3.0",
    "Dcm2bidsVersion": "2.1.4",
    "DeviceSerialNumber": "42451",
    "EchoTime": 0.0035,
    "EchoTrainLength": 240,
    "FlipAngle": 8,
    "ImageOrientationPatientDICOM": [
      -0.0042116,
      0.999991,
      0.000485134,
      -0.00362181,
      0.000469881,
      -0.999993
    ],
    "ImageType": [
      "ORIGINAL",
      "PRIMARY",
      "M",
      "FFE",
      "M",
      "FFE"
    ],
    "ImagingFrequency": 127.759,
    "InPlanePhaseEncodingDirectionDICOM": "ROW",
    "InstitutionAddress": "Calzada_Mexico_Xochimilco_No.101_Tlalpan",
    "InstitutionName": "I.N._Psiquiatria",
    "InstitutionalDepartmentName": "Imagenes_Cerebrales",
    "MRAcquisitionType": "3D",
    "MagneticFieldStrength": 3,
    "Manufacturer": "Philips",
    "ManufacturersModelName": "Ingenia",
    "Modality": "MR",
    "PatientPosition": "HFS",
    "PercentPhaseFOV": 100,
    "PhaseEncodingSteps": 240,
    "PhilipsRescaleIntercept": 0,
    "PhilipsRescaleSlope": 223.85,
    "PhilipsScaleSlope": 0.00616502,
    "PixelBandwidth": 310,
    "ProcedureStepDescription": "EDUARDO_TMS",
    "ProtocolName": "WIP_sT1W_3D_TFE_32_channel",
    "ReconMatrixPE": 240,
    "RepetitionTime": 0.007,
    "SAR": 0.0382114,
    "ScanOptions": "OTHER",
    "ScanningSequence": "GR",
    "SequenceVariant": "MP",
    "SeriesDescription": "sT1W_3D_TFE_32_channel",
    "SeriesNumber": 401,
    "SliceThickness": 1,
    "SoftwareVersions": "5.3.1_5.3.1.0",
    "SpacingBetweenSlices": 1,
    "StationName": "PHILIPS-CTMFQSD",
    "UsePhilipsFloatNotDisplayScaling": 1,
    "dataset": "<unset>",
    "modality": "T1w",
    "session_id": "t2",
    "subject_id": "020"
  },
  "cjv": 0.5151899600984717,
  "cnr": 2.52341830621474,
  "efc": 0.747250686173176,
  "fber": 5169.221358655954,
  "fwhm_avg": 3.6494400000000002,
  "fwhm_x": 3.46714,
  "fwhm_y": 4.04237,
  "fwhm_z": 3.43881,
  "icvs_csf": 0.196558647572836,
  "icvs_gm": 0.4303977479050529,
  "icvs_wm": 0.37304360452211105,
  "inu_med": 2.1103692054748535,
  "inu_range": 0.7918895184993746,
  "provenance": {
    "md5sum": "f8407f13e6b3f773c67f9e92649a2d4e",
    "settings": {
      "testing": false
    },
    "software": "mriqc",
    "version": "21.0.0rc2",
    "warnings": {
      "large_rot_frame": true,
      "small_air_mask": false
    },
    "webapi_port": null,
    "webapi_url": "https://mriqc.nimh.nih.gov/api/v1"
  },
  "qi_1": 0.028636119327087404,
  "qi_2": 3.843782044877783e-05,
  "rpve_csf": 28.266166321364377,
  "rpve_gm": 13.868949642316343,
  "rpve_wm": 18.524360688241845,
  "size_x": 180,
  "size_y": 240,
  "size_z": 240,
  "snr_csf": 3.0315891313170726,
  "snr_gm": 10.620005671448837,
  "snr_total": 12.288357491045625,
  "snr_wm": 23.213477670370967,
  "snrd_csf": 49.85435463975875,
  "snrd_gm": 113.5139823227216,
  "snrd_total": 102.75437440451968,
  "snrd_wm": 144.89478625107867,
  "spacing_x": 1.0,
  "spacing_y": 1.0,
  "spacing_z": 1.0,
  "summary_bg_k": 8.158707511753464,
  "summary_bg_mad": 4.521462634996025,
  "summary_bg_mean": 6.224936401401872,
  "summary_bg_median": 3.0496802031993866,
  "summary_bg_n": 304371.0,
  "summary_bg_p05": 0.0,
  "summary_bg_p95": 24.64338357746601,
  "summary_bg_stdv": 8.299930241510246,
  "summary_csf_k": 4.6700251933240295,
  "summary_csf_mad": 70.59315855929279,
  "summary_csf_mean": 382.50192673414557,
  "summary_csf_median": 344.07279066741467,
  "summary_csf_n": 22867.0,
  "summary_csf_p05": 266.74864099919796,
  "summary_csf_p95": 614.7909347698093,
  "summary_csf_stdv": 113.493370088654,
  "summary_gm_k": 0.05653813305067468,
  "summary_gm_mad": 71.39535354292111,
  "summary_gm_mean": 791.2096521771475,
  "summary_gm_median": 783.4234934896231,
  "summary_gm_n": 23369.0,
  "summary_gm_p05": 681.3772588193417,
  "summary_gm_p95": 924.6236868977546,
  "summary_gm_stdv": 73.76707277964063,
  "summary_wm_k": 0.6056636136327369,
  "summary_wm_mad": 40.182675998109836,
  "summary_wm_mean": 1000.4429130256841,
  "summary_wm_median": 999.9999763071537,
  "summary_wm_n": 180272.0,
  "summary_wm_p05": 929.8081432431936,
  "summary_wm_p95": 1071.32314234972,
  "summary_wm_stdv": 43.07830205006987,
  "tpm_overlap_csf": 0.1680014729499817,
  "tpm_overlap_gm": 0.4476058781147003,
  "tpm_overlap_wm": 0.48867928981781006,
  "wm2max": 0.5690851928931154
}