{
  "bids_meta": {
    "AcquisitionMatrixPE": 240,
    "AcquisitionNumber": 4,
    "AcquisitionTime": "08:29:34.680000",
    "CoilString": "MULTI_COIL",
    "ConversionSoftware": "dcm2niix",
    "ConversionSoftwareVersion": "v1.0.20190410  (JP2:OpenJPEG) GCC6.3.0",
    "Dcm2bidsVersion": "2.1.4",
    "DeviceSerialNumber": "42451",
    "EchoTime": 0.003501,
    "EchoTrainLength": 240,
    "FlipAngle": 8,
    "ImageOrientationPatientDICOM": [
      -0.0269248,
      0.999636,
      -0.00161767,
      -0.0276578,
      -0.00236259,
      -0.999615
    ],
    "ImageType": [
      "ORIGINAL",
      "PRIMARY",
      "M",
      "FFE",
      "M",
      "FFE"
    ],
    "ImagingFrequency": 127.766,
    "InPlanePhaseEncodingDirectionDICOM": "ROW",
    "InstitutionAddress": "Calzada_Mexico_Xochimilco_No.101_Tlalpan",
    "InstitutionName": "I.N._Psiquiatria",
    "InstitutionalDepartmentName": "Imagenes_Cerebrales",
    "MRAcquisitionType": "3D",
    "MagneticFieldStrength": 3,
    "Manufacturer": "Philips",
    "ManufacturersModelName": "Ingenia",
    "Modality": "MR",
    "PatientPosition": "HFS",
    "PercentPhaseFOV": 100,
    "PhaseEncodingSteps": 240,
    "PhilipsRescaleIntercept": 0,
    "PhilipsRescaleSlope": 10.2921,
    "PhilipsScaleSlope": 0.00490486,
    "PixelBandwidth": 310,
    "ProcedureStepDescription": "EDUARDO_TMS",
    "ProtocolName": "WIP_sT1W_3D_TFE_32_channel_SENSE",
    "ReconMatrixPE": 240,
    "RepetitionTime": 0.007,
    "SAR": 0.0382114,
    "ScanOptions": "OTHER",
    "ScanningSequence": "GR",
    "SequenceVariant": "MP",
    "SeriesDescription": "sT1W_3D_TFE_32_channel",
    "SeriesNumber": 401,
    "SliceThickness": 1,
    "SoftwareVersions": "5.1.7_5.1.7.2",
    "SpacingBetweenSlices": 1,
    "StationName": "INGENIA",
    "UsePhilipsFloatNotDisplayScaling": 1,
    "dataset": "<unset>",
    "modality": "T1w",
    "session_id": "t14",
    "subject_id": "002"
  },
  "cjv": 0.3691216483904637,
  "cnr": 3.5560143470429106,
  "efc": 0.7717226001295012,
  "fber": 1467.6279827034762,
  "fwhm_avg": 4.2822233333333335,
  "fwhm_x": 4.22837,
  "fwhm_y": 4.46141,
  "fwhm_z": 4.15689,
  "icvs_csf": 0.20364887318153035,
  "icvs_gm": 0.4012580647204969,
  "icvs_wm": 0.3950930620979727,
  "inu_med": 1.5915069580078125,
  "inu_range": 0.47188270092010476,
  "provenance": {
    "md5sum": "f9243736563fa032c3002a39cfccd539",
    "settings": {
      "testing": false
    },
    "software": "mriqc",
    "version": "21.0.0rc2",
    "warnings": {
      "large_rot_frame": true,
      "small_air_mask": true
    },
    "webapi_port": null,
    "webapi_url": "https://mriqc.nimh.nih.gov/api/v1"
  },
  "qi_1": 0.0,
  "qi_2": 0.00019150958035300805,
  "rpve_csf": 28.902482344127474,
  "rpve_gm": 15.131310039276926,
  "rpve_wm": 18.560712258157537,
  "size_x": 180,
  "size_y": 240,
  "size_z": 240,
  "snr_csf": 3.661961174817572,
  "snr_gm": 14.055576170853183,
  "snr_total": 14.47294412767029,
  "snr_wm": 25.701295037340117,
  "snrd_csf": 21.440738464993412,
  "snrd_gm": 45.191413883189384,
  "snrd_total": 42.013069081759575,
  "snrd_wm": 59.40705489709593,
  "spacing_x": 1.0,
  "spacing_y": 1.0,
  "spacing_z": 1.0,
  "summary_bg_k": 7.67438960290974,
  "summary_bg_mad": 11.027921752494068,
  "summary_bg_mean": 13.363248633369937,
  "summary_bg_median": 15.017449289560318,
  "summary_bg_n": 158471.0,
  "summary_bg_p05": 0.0,
  "summary_bg_p95": 30.49317754805088,
  "summary_bg_stdv": 9.242020712872225,
  "summary_csf_k": 1.3995138804676062,
  "summary_csf_mad": 82.16063030768093,
  "summary_csf_mean": 378.4493304001421,
  "summary_csf_median": 360.9123141467571,
  "summary_csf_n": 26001.0,
  "summary_csf_p05": 249.44476801156998,
  "summary_csf_p95": 564.1766629815102,
  "summary_csf_stdv": 98.55521577000725,
  "summary_gm_k": 0.1812921932460556,
  "summary_gm_mad": 53.885247994414144,
  "summary_gm_mean": 760.4101046829651,
  "summary_gm_median": 760.7078361958265,
  "summary_gm_n": 17530.0,
  "summary_gm_p05": 671.5355618990958,
  "summary_gm_p95": 848.8031549155712,
  "summary_gm_stdv": 54.11988305037249,
  "summary_wm_k": 1.0329593328463451,
  "summary_wm_mad": 34.442656089543085,
  "summary_wm_mean": 998.7492337335746,
  "summary_wm_median": 999.9999624341726,
  "summary_wm_n": 199440.0,
  "summary_wm_p05": 931.963161662221,
  "summary_wm_p95": 1059.6819850802422,
  "summary_wm_stdv": 38.908446207034444,
  "tpm_overlap_csf": 0.15621641278266907,
  "tpm_overlap_gm": 0.425944447517395,
  "tpm_overlap_wm": 0.5022500157356262,
  "wm2max": 0.6718694488524668
}